{
  "aor": 0.0012416847826086956,
  "aqi": 0.0020360752717391304,
  "bids_meta": {
    "AcquisitionNumber": 1,
    "AcquisitionTime": "17:34:34.755000",
    "BandwidthPerPixelPhaseEncode": 28.409,
    "ConversionSoftware": "dcm2niix",
    "ConversionSoftwareVersion": "v1.0.20170724 GCC4.4.7",
    "DeviceSerialNumber": "35414",
    "EchoTime": 0.03,
    "EffectiveEchoSpacing": 0.000550002,
    "FlipAngle": 80,
    "ImageType": [
      "ORIGINAL",
      "PRIMARY",
      "FMRI",
      "NONE",
      "ND",
      "MOSAIC"
    ],
    "InstitutionAddress": "Mikeletegi_69_San_Sebastian_District_ES_20009",
    "InstitutionName": "BCBL",
    "MagneticFieldStrength": 3,
    "Manufacturer": "Siemens",
    "ManufacturersModelName": "TrioTim",
    "PhaseEncodingDirection": "j-",
    "PhaseEncodingLines": 64,
    "ProcedureStepDescription": "CRANEO_FUNCIONAL",
    "ProtocolName": "ep2d_PiN_L2_Run3",
    "RepetitionTime": 2,
    "ScanningSequence": "EP",
    "SequenceName": "_epfid2d1_64",
    "SequenceVariant": "SK",
    "SeriesDescription": "ep2d_PiN_L2_Run3",
    "SliceTiming": [
      1.9275,
      1.865,
      1.8025,
      1.74,
      1.6775,
      1.615,
      1.5525,
      1.4925,
      1.43,
      1.3675,
      1.305,
      1.2425,
      1.18,
      1.12,
      1.0575,
      0.995,
      0.9325,
      0.87,
      0.8075,
      0.7475,
      0.685,
      0.6225,
      0.56,
      0.4975,
      0.435,
      0.3725,
      0.3125,
      0.25,
      0.1875,
      0.125,
      0.0625,
      0
    ],
    "SoftwareVersions": "syngo_MR_B17",
    "TaskName": "compLn",
    "TotalReadoutTime": 0.0346501,
    "dataset": "ds003542",
    "modality": "bold",
    "run_id": 3,
    "subject_id": "19",
    "task_id": "compLn"
  },
  "dummy_trs": 2,
  "dvars_nstd": 20.535431981967207,
  "dvars_std": 1.2343566171584703,
  "dvars_vstd": 1.0038262813661203,
  "efc": 0.5369119048751471,
  "fber": 692.31982421875,
  "fd_mean": 0.1473877508368323,
  "fd_num": 25,
  "fd_perc": 13.58695652173913,
  "fwhm_avg": 3.0553751515151517,
  "fwhm_x": 2.930298181818182,
  "fwhm_y": 3.306327272727273,
  "fwhm_z": 2.9295,
  "gcor": 0.0514046,
  "gsr_x": -0.03933796286582947,
  "gsr_y": 0.1091931089758873,
  "provenance": {
    "md5sum": "110955d4c4e4979cba53e54025e6e7fd",
    "settings": {
      "fd_thres": 0.2,
      "testing": false
    },
    "software": "mriqc",
    "version": "22.0.1",
    "webapi_port": null,
    "webapi_url": "https://mriqc.nimh.nih.gov/api/v1"
  },
  "size_t": 184,
  "size_x": 64,
  "size_y": 64,
  "size_z": 32,
  "snr": 2.458122142943722,
  "spacing_tr": 2.0,
  "spacing_x": 3.4375,
  "spacing_y": 3.4375,
  "spacing_z": 4.0,
  "summary_bg_k": 28.35968165185939,
  "summary_bg_mad": 9.838355553852786,
  "summary_bg_mean": 52.15141677856445,
  "summary_bg_median": 20.853261947631836,
  "summary_bg_n": 77215.0,
  "summary_bg_p05": 13.80434799194336,
  "summary_bg_p95": 211.4836975097658,
  "summary_bg_stdv": 85.34616088867188,
  "summary_fg_k": 2.1809026183492266,
  "summary_fg_mad": 182.56955921260507,
  "summary_fg_mean": 609.1738891601562,
  "summary_fg_median": 557.9728393554688,
  "summary_fg_n": 24377.0,
  "summary_fg_p05": 339.965234375,
  "summary_fg_p95": 1070.1011474609375,
  "summary_fg_stdv": 226.98684692382812,
  "tsnr": 94.64630252029747
}