{
  "aor": 0.001496290322580645,
  "aqi": 0.002813210053763441,
  "bids_meta": {
    "AcquisitionNumber": 1,
    "AcquisitionTime": "15:57:29.590000",
    "BandwidthPerPixelPhaseEncode": 28.409,
    "ConversionSoftware": "dcm2niix",
    "ConversionSoftwareVersion": "v1.0.20170724 GCC4.4.7",
    "DeviceSerialNumber": "35414",
    "EchoTime": 0.03,
    "EffectiveEchoSpacing": 0.000550002,
    "FlipAngle": 80,
    "ImageType": [
      "ORIGINAL",
      "PRIMARY",
      "FMRI",
      "NONE",
      "ND",
      "MOSAIC"
    ],
    "InstitutionAddress": "Mikeletegi_69_San_Sebastian_District_ES_20009",
    "InstitutionName": "BCBL",
    "MagneticFieldStrength": 3,
    "Manufacturer": "Siemens",
    "ManufacturersModelName": "TrioTim",
    "PhaseEncodingDirection": "j-",
    "PhaseEncodingLines": 64,
    "ProcedureStepDescription": "CRANEO_FUNCIONAL",
    "ProtocolName": "ep2d_PiN_L1_Run3",
    "RepetitionTime": 2,
    "ScanningSequence": "EP",
    "SequenceName": "_epfid2d1_64",
    "SequenceVariant": "SK",
    "SeriesDescription": "ep2d_PiN_L1_Run3",
    "SliceTiming": [
      1.925,
      1.8625,
      1.8,
      1.7375,
      1.675,
      1.6125,
      1.5525,
      1.49,
      1.4275,
      1.365,
      1.3025,
      1.24,
      1.18,
      1.1175,
      1.055,
      0.9925,
      0.93,
      0.8675,
      0.8075,
      0.745,
      0.6825,
      0.62,
      0.5575,
      0.495,
      0.4325,
      0.3725,
      0.31,
      0.2475,
      0.185,
      0.1225,
      0.06,
      0
    ],
    "SoftwareVersions": "syngo_MR_B17",
    "TaskName": "compL1",
    "TotalReadoutTime": 0.0346501,
    "dataset": "ds003542",
    "modality": "bold",
    "run_id": 3,
    "subject_id": "19",
    "task_id": "compL1"
  },
  "dummy_trs": 0,
  "dvars_nstd": 20.592441754324305,
  "dvars_std": 1.259611276810811,
  "dvars_vstd": 1.0028714144864859,
  "efc": 0.5306996032087515,
  "fber": 788.9176025390625,
  "fd_mean": 0.15166278761197152,
  "fd_num": 30,
  "fd_perc": 16.129032258064516,
  "fwhm_avg": 3.0284481818181823,
  "fwhm_x": 2.9495563636363635,
  "fwhm_y": 3.249338181818182,
  "fwhm_z": 2.88645,
  "gcor": 0.0417154,
  "gsr_x": -0.04046546667814255,
  "gsr_y": 0.10592960566282272,
  "provenance": {
    "md5sum": "98b5f62c400603a0c8d816179e180752",
    "settings": {
      "fd_thres": 0.2,
      "testing": false
    },
    "software": "mriqc",
    "version": "22.0.1",
    "webapi_port": null,
    "webapi_url": "https://mriqc.nimh.nih.gov/api/v1"
  },
  "size_t": 186,
  "size_x": 64,
  "size_y": 64,
  "size_z": 32,
  "snr": 2.45719972555583,
  "spacing_tr": 2.0,
  "spacing_x": 3.4375,
  "spacing_y": 3.4375,
  "spacing_z": 4.0,
  "summary_bg_k": 27.11265040748832,
  "summary_bg_mad": 9.77242165239657,
  "summary_bg_mean": 51.552364349365234,
  "summary_bg_median": 20.408601760864258,
  "summary_bg_n": 77341.0,
  "summary_bg_p05": 13.403225898742676,
  "summary_bg_p95": 208.65591430664062,
  "summary_bg_stdv": 84.90948486328125,
  "summary_fg_k": 2.207274550963522,
  "summary_fg_mad": 193.9977401682503,
  "summary_fg_mean": 637.9140625,
  "summary_fg_median": 585.3171997070312,
  "summary_fg_n": 24373.0,
  "summary_fg_p05": 354.059130859375,
  "summary_fg_p95": 1122.9365478515608,
  "summary_fg_stdv": 238.20008850097656,
  "tsnr": 84.54346319893375
}