{
  "aor": 0.0013702688172043012,
  "aqi": 0.002047870053763441,
  "bids_meta": {
    "AcquisitionNumber": 1,
    "AcquisitionTime": "17:27:26.050000",
    "BandwidthPerPixelPhaseEncode": 28.409,
    "ConversionSoftware": "dcm2niix",
    "ConversionSoftwareVersion": "v1.0.20170724 GCC4.4.7",
    "DeviceSerialNumber": "35414",
    "EchoTime": 0.03,
    "EffectiveEchoSpacing": 0.000550002,
    "FlipAngle": 80,
    "ImageType": [
      "ORIGINAL",
      "PRIMARY",
      "FMRI",
      "NONE",
      "ND",
      "MOSAIC"
    ],
    "InstitutionAddress": "Mikeletegi_69_San_Sebastian_District_ES_20009",
    "InstitutionName": "BCBL",
    "MagneticFieldStrength": 3,
    "Manufacturer": "Siemens",
    "ManufacturersModelName": "TrioTim",
    "PhaseEncodingDirection": "j-",
    "PhaseEncodingLines": 64,
    "ProcedureStepDescription": "CRANEO_FUNCIONAL",
    "ProtocolName": "ep2d_PiN_L2_Run2",
    "RepetitionTime": 2,
    "ScanningSequence": "EP",
    "SequenceName": "_epfid2d1_64",
    "SequenceVariant": "SK",
    "SeriesDescription": "ep2d_PiN_L2_Run2",
    "SliceTiming": [
      1.925,
      1.8625,
      1.8,
      1.7375,
      1.6775,
      1.615,
      1.5525,
      1.49,
      1.4275,
      1.365,
      1.305,
      1.2425,
      1.18,
      1.1175,
      1.055,
      0.9925,
      0.93,
      0.87,
      0.8075,
      0.745,
      0.6825,
      0.62,
      0.5575,
      0.4975,
      0.435,
      0.3725,
      0.31,
      0.2475,
      0.185,
      0.125,
      0.0625,
      0
    ],
    "SoftwareVersions": "syngo_MR_B17",
    "TaskName": "compLn",
    "TotalReadoutTime": 0.0346501,
    "dataset": "ds003542",
    "modality": "bold",
    "run_id": 2,
    "subject_id": "19",
    "task_id": "compLn"
  },
  "dummy_trs": 0,
  "dvars_nstd": 20.818738442324328,
  "dvars_std": 1.2609556310270278,
  "dvars_vstd": 1.0185459312432432,
  "efc": 0.5365400927287617,
  "fber": 689.6817626953125,
  "fd_mean": 0.1498713070001431,
  "fd_num": 35,
  "fd_perc": 18.817204301075268,
  "fwhm_avg": 3.0483583333333333,
  "fwhm_x": 2.9265745454545455,
  "fwhm_y": 3.2942254545454546,
  "fwhm_z": 2.924275,
  "gcor": 0.0458723,
  "gsr_x": -0.0401691310107708,
  "gsr_y": 0.10942075401544571,
  "provenance": {
    "md5sum": "2af9fd4bcfb0fe863c4761bd8287b0d0",
    "settings": {
      "fd_thres": 0.2,
      "testing": false
    },
    "software": "mriqc",
    "version": "22.0.1",
    "webapi_port": null,
    "webapi_url": "https://mriqc.nimh.nih.gov/api/v1"
  },
  "size_t": 186,
  "size_x": 64,
  "size_y": 64,
  "size_z": 32,
  "snr": 2.4720731970009444,
  "spacing_tr": 2.0,
  "spacing_x": 3.4375,
  "spacing_y": 3.4375,
  "spacing_z": 4.0,
  "summary_bg_k": 29.297623614322504,
  "summary_bg_mad": 9.66481246904333,
  "summary_bg_mean": 51.98003387451172,
  "summary_bg_median": 20.879032135009766,
  "summary_bg_n": 77286.0,
  "summary_bg_p05": 13.97311782836914,
  "summary_bg_p95": 210.12635040283203,
  "summary_bg_stdv": 85.19744110107422,
  "summary_fg_k": 2.1112512657354294,
  "summary_fg_mad": 183.07743915348416,
  "summary_fg_mean": 609.3248901367188,
  "summary_fg_median": 558.268798828125,
  "summary_fg_n": 24313.0,
  "summary_fg_p05": 341.2720397949219,
  "summary_fg_p95": 1071.1441162109372,
  "summary_fg_stdv": 225.8255615234375,
  "tsnr": 93.50549823371693
}