{
  "aor": 0.0021253749999999997,
  "aqi": 0.0044469715416666665,
  "bids_meta": {
    "AcquisitionNumber": 1,
    "AcquisitionTime": "15:25:50.667500",
    "BandwidthPerPixelPhaseEncode": 29.481,
    "ConversionSoftware": "dcm2niix",
    "ConversionSoftwareVersion": "v1.0.20170724 GCC4.4.7",
    "DeviceSerialNumber": "35414",
    "EchoTime": 0.025,
    "EffectiveEchoSpacing": 0.000530002,
    "FlipAngle": 90,
    "ImageType": [
      "ORIGINAL",
      "PRIMARY",
      "M",
      "ND",
      "MOSAIC"
    ],
    "InstitutionAddress": "Mikeletegi_69_San_Sebastian_District_ES_20009",
    "InstitutionName": "BCBL",
    "MagneticFieldStrength": 3,
    "Manufacturer": "Siemens",
    "ManufacturersModelName": "TrioTim",
    "PhaseEncodingDirection": "j-",
    "PhaseEncodingLines": 64,
    "ProcedureStepDescription": "CRANEO_FUNCIONAL",
    "ProtocolName": "ep2d_Didak_VF_L1_Run2",
    "RepetitionTime": 3,
    "ScanningSequence": "EP",
    "SequenceName": "_epfid2d1_64",
    "SequenceVariant": "SK",
    "SeriesDescription": "ep2d_Didak_VF_L1_Run2",
    "SliceTiming": [
      2.9225,
      2.8525,
      2.7825,
      2.7125,
      2.645,
      2.575,
      2.505,
      2.435,
      2.365,
      2.295,
      2.2275,
      2.1575,
      2.0875,
      2.0175,
      1.9475,
      1.8775,
      1.81,
      1.74,
      1.67,
      1.6,
      1.53,
      1.46,
      1.3925,
      1.3225,
      1.2525,
      1.1825,
      1.1125,
      1.045,
      0.975,
      0.905,
      0.835,
      0.765,
      0.695,
      0.6275,
      0.5575,
      0.4875,
      0.4175,
      0.3475,
      0.2775,
      0.21,
      0.14,
      0.07,
      0
    ],
    "SoftwareVersions": "syngo_MR_B17",
    "TaskName": "prodL1",
    "TotalReadoutTime": 0.0333901,
    "dataset": "ds003542",
    "modality": "bold",
    "run_id": 2,
    "subject_id": "19",
    "task_id": "prodL1"
  },
  "dummy_trs": 0,
  "dvars_nstd": 27.501767649330546,
  "dvars_std": 1.2820356044351462,
  "dvars_vstd": 1.0195830970711302,
  "efc": 0.6066269488393399,
  "fber": 271.61407470703125,
  "fd_mean": 0.15818516129141,
  "fd_num": 59,
  "fd_perc": 24.583333333333332,
  "fwhm_avg": 3.1396496109512864,
  "fwhm_x": 3.00225,
  "fwhm_y": 3.3041533333333333,
  "fwhm_z": 3.1125454995205257,
  "gcor": 0.0475548,
  "gsr_x": -0.04613276198506355,
  "gsr_y": 0.15332934260368347,
  "provenance": {
    "md5sum": "7d6ff98613fbac8c98426b44995506f4",
    "settings": {
      "fd_thres": 0.2,
      "testing": false
    },
    "software": "mriqc",
    "version": "22.0.1",
    "webapi_port": null,
    "webapi_url": "https://mriqc.nimh.nih.gov/api/v1"
  },
  "size_t": 240,
  "size_x": 64,
  "size_y": 64,
  "size_z": 43,
  "snr": 2.3045298346894487,
  "spacing_tr": 3.0,
  "spacing_x": 3.0,
  "spacing_y": 3.0,
  "spacing_z": 3.299999952316284,
  "summary_bg_k": 14.271549526649654,
  "summary_bg_mad": 24.86447282096149,
  "summary_bg_mean": 103.3763198852539,
  "summary_bg_median": 43.51250076293945,
  "summary_bg_n": 94177.0,
  "summary_bg_p05": 25.65416717529297,
  "summary_bg_p95": 390.1533569335937,
  "summary_bg_stdv": 140.4280548095703,
  "summary_fg_k": 2.2677508443020384,
  "summary_fg_mad": 263.49544308756487,
  "summary_fg_mean": 824.5807495117188,
  "summary_fg_median": 752.058349609375,
  "summary_fg_n": 41815.0,
  "summary_fg_p05": 443.34961547851566,
  "summary_fg_p95": 1496.118835449218,
  "summary_fg_stdv": 326.33526611328125,
  "tsnr": 64.92472494940739
}