{
  "aor": 0.0016305833333333335,
  "aqi": 0.004666666833333334,
  "bids_meta": {
    "AcquisitionNumber": 1,
    "AcquisitionTime": "15:12:9.412500",
    "BandwidthPerPixelPhaseEncode": 29.481,
    "ConversionSoftware": "dcm2niix",
    "ConversionSoftwareVersion": "v1.0.20170724 GCC4.4.7",
    "DeviceSerialNumber": "35414",
    "EchoTime": 0.025,
    "EffectiveEchoSpacing": 0.000530002,
    "FlipAngle": 90,
    "ImageType": [
      "ORIGINAL",
      "PRIMARY",
      "M",
      "ND",
      "MOSAIC"
    ],
    "InstitutionAddress": "Mikeletegi_69_San_Sebastian_District_ES_20009",
    "InstitutionName": "BCBL",
    "MagneticFieldStrength": 3,
    "Manufacturer": "Siemens",
    "ManufacturersModelName": "TrioTim",
    "PhaseEncodingDirection": "j-",
    "PhaseEncodingLines": 64,
    "ProcedureStepDescription": "CRANEO_FUNCIONAL",
    "ProtocolName": "ep2d_Didak_VF_L1_Run1",
    "RepetitionTime": 3,
    "ScanningSequence": "EP",
    "SequenceName": "_epfid2d1_64",
    "SequenceVariant": "SK",
    "SeriesDescription": "ep2d_Didak_VF_L1_Run1",
    "SliceTiming": [
      2.9225,
      2.8525,
      2.7825,
      2.715,
      2.645,
      2.575,
      2.505,
      2.435,
      2.365,
      2.2975,
      2.2275,
      2.1575,
      2.0875,
      2.0175,
      1.9475,
      1.88,
      1.81,
      1.74,
      1.67,
      1.6,
      1.53,
      1.4625,
      1.3925,
      1.3225,
      1.2525,
      1.1825,
      1.1125,
      1.045,
      0.975,
      0.905,
      0.835,
      0.765,
      0.6975,
      0.6275,
      0.5575,
      0.4875,
      0.4175,
      0.3475,
      0.28,
      0.21,
      0.14,
      0.07,
      0
    ],
    "SoftwareVersions": "syngo_MR_B17",
    "TaskName": "prodL1",
    "TotalReadoutTime": 0.0333901,
    "dataset": "ds003542",
    "modality": "bold",
    "run_id": 1,
    "subject_id": "19",
    "task_id": "prodL1"
  },
  "dummy_trs": 0,
  "dvars_nstd": 28.184391225271987,
  "dvars_std": 1.23634982292887,
  "dvars_vstd": 0.9914922527615062,
  "efc": 0.6052467490409438,
  "fber": 268.319091796875,
  "fd_mean": 0.16952484917811853,
  "fd_num": 65,
  "fd_perc": 27.083333333333332,
  "fwhm_avg": 3.1855935505869284,
  "fwhm_x": 3.022186666666667,
  "fwhm_y": 3.371866666666667,
  "fwhm_z": 3.1627273184274514,
  "gcor": 0.0411133,
  "gsr_x": -0.04422648623585701,
  "gsr_y": 0.14823292195796967,
  "provenance": {
    "md5sum": "f6be47d8e22edc13f35d5f38941496be",
    "settings": {
      "fd_thres": 0.2,
      "testing": false
    },
    "software": "mriqc",
    "version": "22.0.1",
    "webapi_port": null,
    "webapi_url": "https://mriqc.nimh.nih.gov/api/v1"
  },
  "size_t": 240,
  "size_x": 64,
  "size_y": 64,
  "size_z": 43,
  "snr": 2.2719113616241193,
  "spacing_tr": 3.0,
  "spacing_x": 3.0,
  "spacing_y": 3.0,
  "spacing_z": 3.299999952316284,
  "summary_bg_k": 13.931495682479394,
  "summary_bg_mad": 24.537065585131987,
  "summary_bg_mean": 102.2705307006836,
  "summary_bg_median": 43.60000228881836,
  "summary_bg_n": 94185.0,
  "summary_bg_p05": 26.03750228881836,
  "summary_bg_p95": 384.23002929687505,
  "summary_bg_stdv": 137.68153381347656,
  "summary_fg_k": 2.327247813242307,
  "summary_fg_mad": 265.76264629090645,
  "summary_fg_mean": 825.4561767578125,
  "summary_fg_median": 751.0083618164062,
  "summary_fg_n": 41942.0,
  "summary_fg_p05": 442.05565643310547,
  "summary_fg_p95": 1507.2032592773412,
  "summary_fg_stdv": 330.55841064453125,
  "tsnr": 63.02009956445545
}