{
  "aor": 0.0017976666666666664,
  "aqi": 0.005330667,
  "bids_meta": {
    "AcquisitionNumber": 1,
    "AcquisitionTime": "16:51:1.307500",
    "BandwidthPerPixelPhaseEncode": 29.481,
    "ConversionSoftware": "dcm2niix",
    "ConversionSoftwareVersion": "v1.0.20170724 GCC4.4.7",
    "DeviceSerialNumber": "35414",
    "EchoTime": 0.025,
    "EffectiveEchoSpacing": 0.000530002,
    "FlipAngle": 90,
    "ImageType": [
      "ORIGINAL",
      "PRIMARY",
      "M",
      "ND",
      "MOSAIC"
    ],
    "InstitutionAddress": "Mikeletegi_69_San_Sebastian_District_ES_20009",
    "InstitutionName": "BCBL",
    "MagneticFieldStrength": 3,
    "Manufacturer": "Siemens",
    "ManufacturersModelName": "TrioTim",
    "PhaseEncodingDirection": "j-",
    "PhaseEncodingLines": 64,
    "ProcedureStepDescription": "CRANEO_FUNCIONAL",
    "ProtocolName": "ep2d_Didak_VF_L2_Run1",
    "RepetitionTime": 3,
    "ScanningSequence": "EP",
    "SequenceName": "_epfid2d1_64",
    "SequenceVariant": "SK",
    "SeriesDescription": "ep2d_Didak_VF_L2_Run1",
    "SliceTiming": [
      2.9225,
      2.8525,
      2.7825,
      2.7125,
      2.6425,
      2.575,
      2.505,
      2.435,
      2.365,
      2.295,
      2.225,
      2.1575,
      2.0875,
      2.0175,
      1.9475,
      1.8775,
      1.81,
      1.74,
      1.67,
      1.6,
      1.53,
      1.46,
      1.3925,
      1.3225,
      1.2525,
      1.1825,
      1.1125,
      1.0425,
      0.975,
      0.905,
      0.835,
      0.765,
      0.695,
      0.625,
      0.5575,
      0.4875,
      0.4175,
      0.3475,
      0.2775,
      0.2075,
      0.14,
      0.07,
      0
    ],
    "SoftwareVersions": "syngo_MR_B17",
    "TaskName": "prodLn",
    "TotalReadoutTime": 0.0333901,
    "dataset": "ds003542",
    "modality": "bold",
    "run_id": 1,
    "subject_id": "19",
    "task_id": "prodLn"
  },
  "dummy_trs": 0,
  "dvars_nstd": 28.85231358050208,
  "dvars_std": 1.215976811046025,
  "dvars_vstd": 0.9893600564853556,
  "efc": 0.6102487572432403,
  "fber": 250.3116912841797,
  "fd_mean": 0.15932293989706328,
  "fd_num": 63,
  "fd_perc": 26.25,
  "fwhm_avg": 3.195025192268919,
  "fwhm_x": 3.0735333333333332,
  "fwhm_y": 3.3839666666666663,
  "fwhm_z": 3.1275755768067577,
  "gcor": 0.0344379,
  "gsr_x": -0.03274541348218918,
  "gsr_y": 0.15033647418022156,
  "provenance": {
    "md5sum": "4c5ed896a9c135a1fcb6184aa01b2628",
    "settings": {
      "fd_thres": 0.2,
      "testing": false
    },
    "software": "mriqc",
    "version": "22.0.1",
    "webapi_port": null,
    "webapi_url": "https://mriqc.nimh.nih.gov/api/v1"
  },
  "size_t": 240,
  "size_x": 64,
  "size_y": 64,
  "size_z": 43,
  "snr": 2.251305902258331,
  "spacing_tr": 3.0,
  "spacing_x": 3.0,
  "spacing_y": 3.0,
  "spacing_z": 3.3000001907348633,
  "summary_bg_k": 15.810494262421738,
  "summary_bg_mad": 22.84443125722265,
  "summary_bg_mean": 103.40673065185547,
  "summary_bg_median": 43.4083366394043,
  "summary_bg_n": 93979.0,
  "summary_bg_p05": 26.679168701171875,
  "summary_bg_p95": 391.712939453125,
  "summary_bg_stdv": 141.89642333984375,
  "summary_fg_k": 2.392107992708789,
  "summary_fg_mad": 249.37986462916214,
  "summary_fg_mean": 783.295654296875,
  "summary_fg_median": 708.8500366210938,
  "summary_fg_n": 42055.0,
  "summary_fg_p05": 420.59502868652345,
  "summary_fg_p95": 1431.3979858398436,
  "summary_fg_stdv": 314.85797119140625,
  "tsnr": 60.92863397032488
}