{
  "aor": 0.0008966847826086956,
  "aqi": 0.0015199950380434782,
  "bids_meta": {
    "AcquisitionNumber": 1,
    "AcquisitionTime": "15:16:36.452500",
    "BandwidthPerPixelPhaseEncode": 28.409,
    "ConversionSoftware": "dcm2niix",
    "ConversionSoftwareVersion": "v1.0.20170724 GCC4.4.7",
    "DeviceSerialNumber": "35414",
    "EchoTime": 0.03,
    "EffectiveEchoSpacing": 0.000550002,
    "FlipAngle": 80,
    "ImageType": [
      "ORIGINAL",
      "PRIMARY",
      "FMRI",
      "NONE",
      "ND",
      "MOSAIC"
    ],
    "InstitutionAddress": "Mikeletegi_69_San_Sebastian_District_ES_20009",
    "InstitutionName": "BCBL",
    "MagneticFieldStrength": 3,
    "Manufacturer": "Siemens",
    "ManufacturersModelName": "TrioTim",
    "PhaseEncodingDirection": "j-",
    "PhaseEncodingLines": 64,
    "ProcedureStepDescription": "CRANEO_FUNCIONAL",
    "ProtocolName": "ep2d_PiN_L1_Run3",
    "RepetitionTime": 2,
    "ScanningSequence": "EP",
    "SequenceName": "_epfid2d1_64",
    "SequenceVariant": "SK",
    "SeriesDescription": "ep2d_PiN_L1_Run3",
    "SliceTiming": [
      1.925,
      1.865,
      1.8025,
      1.74,
      1.6775,
      1.615,
      1.5525,
      1.49,
      1.43,
      1.3675,
      1.305,
      1.2425,
      1.18,
      1.1175,
      1.0575,
      0.995,
      0.9325,
      0.87,
      0.8075,
      0.745,
      0.685,
      0.6225,
      0.56,
      0.4975,
      0.435,
      0.3725,
      0.31,
      0.25,
      0.1875,
      0.125,
      0.0625,
      0
    ],
    "SoftwareVersions": "syngo_MR_B17",
    "TaskName": "compL1",
    "TotalReadoutTime": 0.0346501,
    "dataset": "ds003542",
    "modality": "bold",
    "run_id": 3,
    "subject_id": "15",
    "task_id": "compL1"
  },
  "dummy_trs": 2,
  "dvars_nstd": 19.70699879409836,
  "dvars_std": 1.2066571449180326,
  "dvars_vstd": 0.992105024754098,
  "efc": 0.512255614747269,
  "fber": 710.2949829101562,
  "fd_mean": 0.1669210638708963,
  "fd_num": 59,
  "fd_perc": 32.06521739130435,
  "fwhm_avg": 3.022124090909091,
  "fwhm_x": 2.9673890909090908,
  "fwhm_y": 3.211258181818182,
  "fwhm_z": 2.887725,
  "gcor": 0.0209357,
  "gsr_x": -0.0201400239020586,
  "gsr_y": 0.10184266418218613,
  "provenance": {
    "md5sum": "ea17bbefa61dfc5a3312613ef4acc7d5",
    "settings": {
      "fd_thres": 0.2,
      "testing": false
    },
    "software": "mriqc",
    "version": "22.0.1",
    "webapi_port": null,
    "webapi_url": "https://mriqc.nimh.nih.gov/api/v1"
  },
  "size_t": 184,
  "size_x": 64,
  "size_y": 64,
  "size_z": 32,
  "snr": 2.06833757542796,
  "spacing_tr": 2.0,
  "spacing_x": 3.4375,
  "spacing_y": 3.4375,
  "spacing_z": 4.0,
  "summary_bg_k": 44.895776760528655,
  "summary_bg_mad": 9.475761513433314,
  "summary_bg_mean": 50.80350112915039,
  "summary_bg_median": 21.646739959716797,
  "summary_bg_n": 77455.0,
  "summary_bg_p05": 14.831521987915039,
  "summary_bg_p95": 179.26521453857433,
  "summary_bg_stdv": 87.90412139892578,
  "summary_fg_k": 4.704303248274732,
  "summary_fg_mad": 176.2282313521182,
  "summary_fg_mean": 658.951171875,
  "summary_fg_median": 580.6902465820312,
  "summary_fg_n": 23607.0,
  "summary_fg_p05": 374.37500915527346,
  "summary_fg_p95": 1254.2271850585937,
  "summary_fg_stdv": 280.7462158203125,
  "tsnr": 108.57270518923178
}