{
  "aor": 0.003474833333333333,
  "aqi": 0.014472298708333333,
  "bids_meta": {
    "AcquisitionNumber": 1,
    "AcquisitionTime": "17:15:51.245000",
    "BandwidthPerPixelPhaseEncode": 29.481,
    "ConversionSoftware": "dcm2niix",
    "ConversionSoftwareVersion": "v1.0.20170724 GCC4.4.7",
    "DeviceSerialNumber": "35414",
    "EchoTime": 0.025,
    "EffectiveEchoSpacing": 0.000530002,
    "FlipAngle": 90,
    "ImageType": [
      "ORIGINAL",
      "PRIMARY",
      "M",
      "ND",
      "MOSAIC"
    ],
    "InstitutionAddress": "Mikeletegi_69_San_Sebastian_District_ES_20009",
    "InstitutionName": "BCBL",
    "MagneticFieldStrength": 3,
    "Manufacturer": "Siemens",
    "ManufacturersModelName": "TrioTim",
    "PhaseEncodingDirection": "j-",
    "PhaseEncodingLines": 64,
    "ProcedureStepDescription": "CRANEO_FUNCIONAL",
    "ProtocolName": "ep2d_Didak_VF_L2_Run2",
    "RepetitionTime": 3,
    "ScanningSequence": "EP",
    "SequenceName": "_epfid2d1_64",
    "SequenceVariant": "SK",
    "SeriesDescription": "ep2d_Didak_VF_L2_Run2",
    "SliceTiming": [
      2.92,
      2.85,
      2.7825,
      2.7125,
      2.6425,
      2.5725,
      2.5025,
      2.435,
      2.365,
      2.295,
      2.225,
      2.155,
      2.085,
      2.0175,
      1.9475,
      1.8775,
      1.8075,
      1.7375,
      1.6675,
      1.6,
      1.53,
      1.46,
      1.39,
      1.32,
      1.25,
      1.1825,
      1.1125,
      1.0425,
      0.9725,
      0.9025,
      0.8325,
      0.765,
      0.695,
      0.625,
      0.555,
      0.485,
      0.4175,
      0.3475,
      0.2775,
      0.2075,
      0.1375,
      0.0675,
      0
    ],
    "SoftwareVersions": "syngo_MR_B17",
    "TaskName": "prodLn",
    "TotalReadoutTime": 0.0333901,
    "dataset": "ds003542",
    "modality": "bold",
    "run_id": 2,
    "subject_id": "15",
    "task_id": "prodLn"
  },
  "dummy_trs": 0,
  "dvars_nstd": 25.595127879999982,
  "dvars_std": 1.0754953047280338,
  "dvars_vstd": 0.9126477702510457,
  "efc": 0.6012960968857889,
  "fber": 211.6466064453125,
  "fd_mean": 0.1485905771575096,
  "fd_num": 60,
  "fd_perc": 25.0,
  "fwhm_avg": 3.0978933481875335,
  "fwhm_x": 2.929296666666667,
  "fwhm_y": 3.2803833333333334,
  "fwhm_z": 3.0840000445626004,
  "gcor": 0.0174649,
  "gsr_x": -0.027489418163895607,
  "gsr_y": 0.15781104564666748,
  "provenance": {
    "md5sum": "250fef7b8e9b02e1bfdc07de5dd00334",
    "settings": {
      "fd_thres": 0.2,
      "testing": false
    },
    "software": "mriqc",
    "version": "22.0.1",
    "webapi_port": null,
    "webapi_url": "https://mriqc.nimh.nih.gov/api/v1"
  },
  "size_t": 240,
  "size_x": 64,
  "size_y": 64,
  "size_z": 43,
  "snr": 1.9973407080334298,
  "spacing_tr": 3.0,
  "spacing_x": 3.0,
  "spacing_y": 3.0,
  "spacing_z": 3.299999952316284,
  "summary_bg_k": 25.71228107768015,
  "summary_bg_mad": 28.96943223799178,
  "summary_bg_mean": 107.48524475097656,
  "summary_bg_median": 48.95625305175781,
  "summary_bg_n": 93718.0,
  "summary_bg_p05": 26.808334350585938,
  "summary_bg_p95": 371.7743865966792,
  "summary_bg_stdv": 151.3597869873047,
  "summary_fg_k": 5.839550360302734,
  "summary_fg_mad": 238.5074332783114,
  "summary_fg_mean": 818.7642822265625,
  "summary_fg_median": 721.8250732421875,
  "summary_fg_n": 42042.0,
  "summary_fg_p05": 448.1133514404297,
  "summary_fg_p95": 1553.758392333984,
  "summary_fg_stdv": 361.3887634277344,
  "tsnr": 40.176402010023594
}