{
  "aor": 0.0009091351351351352,
  "aqi": 0.001876910843243243,
  "bids_meta": {
    "AcquisitionNumber": 1,
    "AcquisitionTime": "16:53:40.385000",
    "BandwidthPerPixelPhaseEncode": 28.409,
    "ConversionSoftware": "dcm2niix",
    "ConversionSoftwareVersion": "v1.0.20170724 GCC4.4.7",
    "DeviceSerialNumber": "35414",
    "EchoTime": 0.03,
    "EffectiveEchoSpacing": 0.000550002,
    "FlipAngle": 80,
    "ImageType": [
      "ORIGINAL",
      "PRIMARY",
      "FMRI",
      "NONE",
      "ND",
      "MOSAIC"
    ],
    "InstitutionAddress": "Mikeletegi_69_San_Sebastian_District_ES_20009",
    "InstitutionName": "BCBL",
    "MagneticFieldStrength": 3,
    "Manufacturer": "Siemens",
    "ManufacturersModelName": "TrioTim",
    "PhaseEncodingDirection": "j-",
    "PhaseEncodingLines": 64,
    "ProcedureStepDescription": "CRANEO_FUNCIONAL",
    "ProtocolName": "ep2d_PiN_L2_Run3",
    "RepetitionTime": 2,
    "ScanningSequence": "EP",
    "SequenceName": "_epfid2d1_64",
    "SequenceVariant": "SK",
    "SeriesDescription": "ep2d_PiN_L2_Run3",
    "SliceTiming": [
      1.925,
      1.8625,
      1.8,
      1.74,
      1.6775,
      1.615,
      1.5525,
      1.49,
      1.4275,
      1.365,
      1.305,
      1.2425,
      1.18,
      1.1175,
      1.055,
      0.9925,
      0.9325,
      0.87,
      0.8075,
      0.745,
      0.6825,
      0.62,
      0.56,
      0.4975,
      0.435,
      0.3725,
      0.31,
      0.2475,
      0.185,
      0.125,
      0.0625,
      0
    ],
    "SoftwareVersions": "syngo_MR_B17",
    "TaskName": "compLn",
    "TotalReadoutTime": 0.0346501,
    "dataset": "ds003542",
    "modality": "bold",
    "run_id": 3,
    "subject_id": "15",
    "task_id": "compLn"
  },
  "dummy_trs": 1,
  "dvars_nstd": 17.41167320434782,
  "dvars_std": 1.1725663939130428,
  "dvars_vstd": 0.9920977435326084,
  "efc": 0.5193956440887536,
  "fber": 627.3856811523438,
  "fd_mean": 0.16645725456367777,
  "fd_num": 55,
  "fd_perc": 29.72972972972973,
  "fwhm_avg": 3.1141512121212123,
  "fwhm_x": 2.9865890909090913,
  "fwhm_y": 3.3736145454545454,
  "fwhm_z": 2.98225,
  "gcor": 0.0218613,
  "gsr_x": -0.025946950539946556,
  "gsr_y": 0.10311057418584824,
  "provenance": {
    "md5sum": "591b334aaa88e3d25d11c42666878144",
    "settings": {
      "fd_thres": 0.2,
      "testing": false
    },
    "software": "mriqc",
    "version": "22.0.1",
    "webapi_port": null,
    "webapi_url": "https://mriqc.nimh.nih.gov/api/v1"
  },
  "size_t": 185,
  "size_x": 64,
  "size_y": 64,
  "size_z": 32,
  "snr": 2.0411368997856525,
  "spacing_tr": 2.0,
  "spacing_x": 3.4375,
  "spacing_y": 3.4375,
  "spacing_z": 4.0,
  "summary_bg_k": 40.98204840605927,
  "summary_bg_mad": 10.987285458527673,
  "summary_bg_mean": 54.25774002075195,
  "summary_bg_median": 22.79459571838379,
  "summary_bg_n": 77060.0,
  "summary_bg_p05": 14.794594764709473,
  "summary_bg_p95": 198.62729949951174,
  "summary_bg_stdv": 93.95124053955078,
  "summary_fg_k": 4.615041859734708,
  "summary_fg_mad": 181.87124126093224,
  "summary_fg_mean": 660.8967895507812,
  "summary_fg_median": 581.5946044921875,
  "summary_fg_n": 24133.0,
  "summary_fg_p05": 368.94053955078124,
  "summary_fg_p95": 1265.616235351562,
  "summary_fg_stdv": 284.9306945800781,
  "tsnr": 104.29516177251935
}