{
  "aor": 0.0007656756756756756,
  "aqi": 0.0013031396054054053,
  "bids_meta": {
    "AcquisitionNumber": 1,
    "AcquisitionTime": "15:08:47.270000",
    "BandwidthPerPixelPhaseEncode": 28.409,
    "ConversionSoftware": "dcm2niix",
    "ConversionSoftwareVersion": "v1.0.20170724 GCC4.4.7",
    "DeviceSerialNumber": "35414",
    "EchoTime": 0.03,
    "EffectiveEchoSpacing": 0.000550002,
    "FlipAngle": 80,
    "ImageType": [
      "ORIGINAL",
      "PRIMARY",
      "FMRI",
      "NONE",
      "ND",
      "MOSAIC"
    ],
    "InstitutionAddress": "Mikeletegi_69_San_Sebastian_District_ES_20009",
    "InstitutionName": "BCBL",
    "MagneticFieldStrength": 3,
    "Manufacturer": "Siemens",
    "ManufacturersModelName": "TrioTim",
    "PhaseEncodingDirection": "j-",
    "PhaseEncodingLines": 64,
    "ProcedureStepDescription": "CRANEO_FUNCIONAL",
    "ProtocolName": "ep2d_PiN_L1_Run2",
    "RepetitionTime": 2,
    "ScanningSequence": "EP",
    "SequenceName": "_epfid2d1_64",
    "SequenceVariant": "SK",
    "SeriesDescription": "ep2d_PiN_L1_Run2",
    "SliceTiming": [
      1.925,
      1.865,
      1.8025,
      1.74,
      1.6775,
      1.615,
      1.5525,
      1.49,
      1.43,
      1.3675,
      1.305,
      1.2425,
      1.18,
      1.1175,
      1.0575,
      0.995,
      0.9325,
      0.87,
      0.8075,
      0.745,
      0.6825,
      0.6225,
      0.56,
      0.4975,
      0.435,
      0.3725,
      0.31,
      0.25,
      0.1875,
      0.125,
      0.0625,
      0
    ],
    "SoftwareVersions": "syngo_MR_B17",
    "TaskName": "compL1",
    "TotalReadoutTime": 0.0346501,
    "dataset": "ds003542",
    "modality": "bold",
    "run_id": 2,
    "subject_id": "15",
    "task_id": "compL1"
  },
  "dummy_trs": 1,
  "dvars_nstd": 19.078174217934773,
  "dvars_std": 1.220265283532609,
  "dvars_vstd": 1.0016455817934784,
  "efc": 0.5100338983940332,
  "fber": 670.1111450195312,
  "fd_mean": 0.15335205473631663,
  "fd_num": 40,
  "fd_perc": 21.62162162162162,
  "fwhm_avg": 3.2696554545454544,
  "fwhm_x": 3.122181818181818,
  "fwhm_y": 3.5579345454545455,
  "fwhm_z": 3.12885,
  "gcor": 0.0307968,
  "gsr_x": -0.022986451163887978,
  "gsr_y": 0.10053474456071854,
  "provenance": {
    "md5sum": "aee0e2381c865132e633a2f73cb75ff7",
    "settings": {
      "fd_thres": 0.2,
      "testing": false
    },
    "software": "mriqc",
    "version": "22.0.1",
    "webapi_port": null,
    "webapi_url": "https://mriqc.nimh.nih.gov/api/v1"
  },
  "size_t": 185,
  "size_x": 64,
  "size_y": 64,
  "size_z": 32,
  "snr": 1.9746984685950695,
  "spacing_tr": 2.0,
  "spacing_x": 3.4375,
  "spacing_y": 3.4375,
  "spacing_z": 4.0,
  "summary_bg_k": 44.369407603694455,
  "summary_bg_mad": 10.233963204349054,
  "summary_bg_mean": 52.048580169677734,
  "summary_bg_median": 22.47027015686035,
  "summary_bg_n": 77384.0,
  "summary_bg_p05": 15.124324798583984,
  "summary_bg_p95": 184.09784317016573,
  "summary_bg_stdv": 89.5013656616211,
  "summary_fg_k": 4.619631004953873,
  "summary_fg_mad": 182.864921373323,
  "summary_fg_mean": 672.02197265625,
  "summary_fg_median": 586.264892578125,
  "summary_fg_n": 23825.0,
  "summary_fg_p05": 375.81947021484376,
  "summary_fg_p95": 1309.2843505859375,
  "summary_fg_stdv": 296.882080078125,
  "tsnr": 118.77052872162312
}