{
  "bids_meta": {
    "AccelFactPE": 2,
    "AcquisitionNumber": 1,
    "AcquisitionTime": "16:12:3.032500",
    "ConversionSoftware": "dcm2niix",
    "ConversionSoftwareVersion": "v1.0.20170724 GCC4.4.7",
    "DeviceSerialNumber": "35414",
    "EchoTime": 0.0035,
    "FlipAngle": 7,
    "ImageType": [
      "ORIGINAL",
      "PRIMARY",
      "M",
      "ND",
      "NORM"
    ],
    "InstitutionAddress": "Mikeletegi_69_San_Sebastian_District_ES_20009",
    "InstitutionName": "BCBL",
    "InversionTime": 1.1,
    "MagneticFieldStrength": 3,
    "Manufacturer": "Siemens",
    "ManufacturersModelName": "TrioTim",
    "PhaseEncodingDirection": "i-",
    "PhaseEncodingLines": 256,
    "ProcedureStepDescription": "CRANEO_FUNCIONAL",
    "ProtocolName": "t1_mpr_sag_p2_1mm_iso_MGH",
    "RepetitionTime": 2.53,
    "ScanningSequence": "GR_IR",
    "SequenceName": "_tfl3d1_ns",
    "SequenceVariant": "SP_MP",
    "SeriesDescription": "t1_mpr_sag_p2_1mm_iso_MGH",
    "SoftwareVersions": "syngo_MR_B17",
    "dataset": "ds003542",
    "modality": "T1w",
    "subject_id": "28"
  },
  "cjv": 0.39127078940169624,
  "cnr": 3.3599264527339456,
  "efc": 0.5428430800136608,
  "fber": 10391.187193333517,
  "fwhm_avg": 3.6714866666666666,
  "fwhm_x": 3.78035,
  "fwhm_y": 3.87412,
  "fwhm_z": 3.35999,
  "icvs_csf": 0.2514530628369368,
  "icvs_gm": 0.407673063527241,
  "icvs_wm": 0.3408738736358223,
  "inu_med": 0.5898041725158691,
  "inu_range": 0.21374894976615905,
  "provenance": {
    "md5sum": "25b7e2e591714a6ac119547a046967cd",
    "settings": {
      "testing": false
    },
    "software": "mriqc",
    "version": "22.0.1",
    "warnings": {
      "large_rot_frame": true,
      "small_air_mask": false
    },
    "webapi_port": null,
    "webapi_url": "https://mriqc.nimh.nih.gov/api/v1"
  },
  "qi_1": 0.0,
  "qi_2": 0.015904581635821147,
  "rpve_csf": 22.711310154864407,
  "rpve_gm": 13.65832375284867,
  "rpve_wm": 18.96274630440032,
  "size_x": 176,
  "size_y": 256,
  "size_z": 256,
  "snr_csf": 1.7109051165946654,
  "snr_gm": 10.076074402010315,
  "snr_total": 11.198155496250566,
  "snr_wm": 21.807486970146716,
  "snrd_csf": 16.858497835044652,
  "snrd_gm": 67.55182674998672,
  "snrd_total": 59.672030065319554,
  "snrd_wm": 94.60576561092732,
  "spacing_x": 1.0,
  "spacing_y": 1.0,
  "spacing_z": 1.0,
  "summary_bg_k": 5.622501164982429,
  "summary_bg_mad": 6.92490987171353,
  "summary_bg_mean": 8.312852219124848,
  "summary_bg_median": 4.6707807295024395,
  "summary_bg_n": 3058869.0,
  "summary_bg_p05": 0.0,
  "summary_bg_p95": 30.232689812779427,
  "summary_bg_stdv": 10.932754706937546,
  "summary_csf_k": 2.0989254407632405,
  "summary_csf_mad": 78.77609593458362,
  "summary_csf_mean": 198.97232829954686,
  "summary_csf_median": 178.1973617710173,
  "summary_csf_n": 47415.0,
  "summary_csf_p05": 68.02355207875371,
  "summary_csf_p95": 415.1503143429754,
  "summary_csf_stdv": 104.15275570128513,
  "summary_gm_k": 0.22623334940084483,
  "summary_gm_mad": 68.53562315459513,
  "summary_gm_mean": 712.5940192240457,
  "summary_gm_median": 714.0349886119366,
  "summary_gm_n": 21305.0,
  "summary_gm_p05": 594.2988169170916,
  "summary_gm_p95": 828.7663479857147,
  "summary_gm_stdv": 70.86273904664726,
  "summary_wm_k": 0.6089981260525863,
  "summary_wm_mad": 43.35413271200047,
  "summary_wm_mean": 999.7829525373124,
  "summary_wm_median": 1000.0000003054738,
  "summary_wm_n": 182226.0,
  "summary_wm_p05": 924.1918136775494,
  "summary_wm_p95": 1073.7134125456214,
  "summary_wm_stdv": 45.85568515185161,
  "tpm_overlap_csf": 0.15363945747069283,
  "tpm_overlap_gm": 0.4521388711003808,
  "tpm_overlap_wm": 0.5120907887563344,
  "wm2max": 0.6478169941747924
}