{
  "aor": 0.004398648648648649,
  "aqi": 0.002209114827027027,
  "bids_meta": {
    "AcquisitionNumber": 1,
    "AcquisitionTime": "16:05:43.330000",
    "BandwidthPerPixelPhaseEncode": 28.409,
    "ConversionSoftware": "dcm2niix",
    "ConversionSoftwareVersion": "v1.0.20170724 GCC4.4.7",
    "DeviceSerialNumber": "35414",
    "EchoTime": 0.03,
    "EffectiveEchoSpacing": 0.000550002,
    "FlipAngle": 80,
    "ImageType": [
      "ORIGINAL",
      "PRIMARY",
      "FMRI",
      "NONE",
      "ND",
      "MOSAIC"
    ],
    "InstitutionAddress": "Mikeletegi_69_San_Sebastian_District_ES_20009",
    "InstitutionName": "BCBL",
    "MagneticFieldStrength": 3,
    "Manufacturer": "Siemens",
    "ManufacturersModelName": "TrioTim",
    "PhaseEncodingDirection": "j-",
    "PhaseEncodingLines": 64,
    "ProcedureStepDescription": "CRANEO_FUNCIONAL",
    "ProtocolName": "ep2d_PiN_L1_Run3",
    "RepetitionTime": 2,
    "ScanningSequence": "EP",
    "SequenceName": "_epfid2d1_64",
    "SequenceVariant": "SK",
    "SeriesDescription": "ep2d_PiN_L1_Run3",
    "SliceTiming": [
      1.925,
      1.865,
      1.8025,
      1.74,
      1.6775,
      1.615,
      1.5525,
      1.4925,
      1.43,
      1.3675,
      1.305,
      1.2425,
      1.18,
      1.12,
      1.0575,
      0.995,
      0.9325,
      0.87,
      0.8075,
      0.745,
      0.685,
      0.6225,
      0.56,
      0.4975,
      0.435,
      0.3725,
      0.3125,
      0.25,
      0.1875,
      0.125,
      0.0625,
      0
    ],
    "SoftwareVersions": "syngo_MR_B17",
    "TaskName": "compL1",
    "TotalReadoutTime": 0.0346501,
    "dataset": "ds003542",
    "modality": "bold",
    "run_id": 3,
    "subject_id": "04",
    "task_id": "compL1"
  },
  "dummy_trs": 1,
  "dvars_nstd": 20.33645980701088,
  "dvars_std": 1.236566009728261,
  "dvars_vstd": 1.014232493369566,
  "efc": 0.4771323577338028,
  "fber": 1249.3870849609375,
  "fd_mean": 0.18698019570335855,
  "fd_num": 54,
  "fd_perc": 29.18918918918919,
  "fwhm_avg": 2.6562454393939396,
  "fwhm_x": 2.6414952727272727,
  "fwhm_y": 2.842318545454545,
  "fwhm_z": 2.4849225,
  "gcor": 0.0427532,
  "gsr_x": -0.010931825265288353,
  "gsr_y": 0.03340466693043709,
  "provenance": {
    "md5sum": "529ffe92a996a4991b3cc4867cb16368",
    "settings": {
      "fd_thres": 0.2,
      "testing": false
    },
    "software": "mriqc",
    "version": "22.0.1",
    "webapi_port": null,
    "webapi_url": "https://mriqc.nimh.nih.gov/api/v1"
  },
  "size_t": 185,
  "size_x": 64,
  "size_y": 64,
  "size_z": 32,
  "snr": 3.105226947575396,
  "spacing_tr": 2.0,
  "spacing_x": 3.4375,
  "spacing_y": 3.4375,
  "spacing_z": 4.0,
  "summary_bg_k": 39.86341868407588,
  "summary_bg_mad": 5.826227031918308,
  "summary_bg_mean": 33.54503631591797,
  "summary_bg_median": 16.72432518005371,
  "summary_bg_n": 83631.0,
  "summary_bg_p05": 12.30810832977295,
  "summary_bg_p95": 107.55946350097656,
  "summary_bg_stdv": 54.10673522949219,
  "summary_fg_k": 1.89654444663699,
  "summary_fg_mad": 153.3451746376992,
  "summary_fg_mean": 635.4539184570312,
  "summary_fg_median": 595.5621337890625,
  "summary_fg_n": 18796.0,
  "summary_fg_p05": 396.24595642089844,
  "summary_fg_p95": 1025.2960205078125,
  "summary_fg_stdv": 191.788330078125,
  "tsnr": 86.75206269440241
}