{
  "aor": 0.006569999999999999,
  "aqi": 0.008273939749999999,
  "bids_meta": {
    "AcquisitionNumber": 1,
    "AcquisitionTime": "16:17:0.660000",
    "BandwidthPerPixelPhaseEncode": 29.481,
    "ConversionSoftware": "dcm2niix",
    "ConversionSoftwareVersion": "v1.0.20170724 GCC4.4.7",
    "DeviceSerialNumber": "35414",
    "EchoTime": 0.025,
    "EffectiveEchoSpacing": 0.000530002,
    "FlipAngle": 90,
    "ImageType": [
      "ORIGINAL",
      "PRIMARY",
      "M",
      "ND",
      "MOSAIC"
    ],
    "InstitutionAddress": "Mikeletegi_69_San_Sebastian_District_ES_20009",
    "InstitutionName": "BCBL",
    "MagneticFieldStrength": 3,
    "Manufacturer": "Siemens",
    "ManufacturersModelName": "TrioTim",
    "PhaseEncodingDirection": "j-",
    "PhaseEncodingLines": 64,
    "ProcedureStepDescription": "CRANEO_FUNCIONAL",
    "ProtocolName": "ep2d_Didak_VF_L1_Run1",
    "RepetitionTime": 3,
    "ScanningSequence": "EP",
    "SequenceName": "_epfid2d1_64",
    "SequenceVariant": "SK",
    "SeriesDescription": "ep2d_Didak_VF_L1_Run1",
    "SliceTiming": [
      2.9225,
      2.8525,
      2.7825,
      2.715,
      2.645,
      2.575,
      2.505,
      2.435,
      2.365,
      2.2975,
      2.2275,
      2.1575,
      2.0875,
      2.0175,
      1.95,
      1.88,
      1.81,
      1.74,
      1.67,
      1.6,
      1.5325,
      1.4625,
      1.3925,
      1.3225,
      1.2525,
      1.1825,
      1.115,
      1.045,
      0.975,
      0.905,
      0.835,
      0.765,
      0.6975,
      0.6275,
      0.5575,
      0.4875,
      0.4175,
      0.3475,
      0.28,
      0.21,
      0.14,
      0.07,
      0
    ],
    "SoftwareVersions": "syngo_MR_B17",
    "TaskName": "prodL1",
    "TotalReadoutTime": 0.0333901,
    "dataset": "ds003542",
    "modality": "bold",
    "run_id": 1,
    "subject_id": "04",
    "task_id": "prodL1"
  },
  "dummy_trs": 0,
  "dvars_nstd": 33.67535434694561,
  "dvars_std": 1.1311345642259414,
  "dvars_vstd": 0.973841439414226,
  "efc": 0.5510796622011563,
  "fber": 461.2989196777344,
  "fd_mean": 0.39719932573857963,
  "fd_num": 148,
  "fd_perc": 61.666666666666664,
  "fwhm_avg": 2.6547509612927382,
  "fwhm_x": 2.616573333333333,
  "fwhm_y": 2.8143100000000003,
  "fwhm_z": 2.5333695505448803,
  "gcor": 0.0267087,
  "gsr_x": 0.0019040241604670882,
  "gsr_y": 0.06280941516160965,
  "provenance": {
    "md5sum": "7da024a7b632d380ff4e3283e64fd5f7",
    "settings": {
      "fd_thres": 0.2,
      "testing": false
    },
    "software": "mriqc",
    "version": "22.0.1",
    "webapi_port": null,
    "webapi_url": "https://mriqc.nimh.nih.gov/api/v1"
  },
  "size_t": 240,
  "size_x": 64,
  "size_y": 64,
  "size_z": 43,
  "snr": 3.065218989249198,
  "spacing_tr": 3.0,
  "spacing_x": 3.0,
  "spacing_y": 3.0,
  "spacing_z": 3.3000001907348633,
  "summary_bg_k": 26.580332974397365,
  "summary_bg_mad": 12.880106773267418,
  "summary_bg_mean": 64.6386489868164,
  "summary_bg_median": 33.60000228881836,
  "summary_bg_n": 105823.0,
  "summary_bg_p05": 23.975000381469727,
  "summary_bg_p95": 214.07042999267577,
  "summary_bg_stdv": 85.29090881347656,
  "summary_fg_k": 1.9409611954346255,
  "summary_fg_mad": 193.7020160441001,
  "summary_fg_mean": 773.5776977539062,
  "summary_fg_median": 726.1583862304688,
  "summary_fg_n": 32809.0,
  "summary_fg_p05": 475.7508544921875,
  "summary_fg_p95": 1248.3142089843745,
  "summary_fg_stdv": 236.8990020751953,
  "tsnr": 41.730876366607845
}