{
  "aor": 0.022116344086021502,
  "aqi": 0.00310633873655914,
  "bids_meta": {
    "AcquisitionNumber": 1,
    "AcquisitionTime": "15:47:41.950000",
    "BandwidthPerPixelPhaseEncode": 28.409,
    "ConversionSoftware": "dcm2niix",
    "ConversionSoftwareVersion": "v1.0.20170724 GCC4.4.7",
    "DeviceSerialNumber": "35414",
    "EchoTime": 0.03,
    "EffectiveEchoSpacing": 0.000550002,
    "FlipAngle": 80,
    "ImageType": [
      "ORIGINAL",
      "PRIMARY",
      "FMRI",
      "NONE",
      "ND",
      "MOSAIC"
    ],
    "InstitutionAddress": "Mikeletegi_69_San_Sebastian_District_ES_20009",
    "InstitutionName": "BCBL",
    "MagneticFieldStrength": 3,
    "Manufacturer": "Siemens",
    "ManufacturersModelName": "TrioTim",
    "PhaseEncodingDirection": "j-",
    "PhaseEncodingLines": 64,
    "ProcedureStepDescription": "CRANEO_FUNCIONAL",
    "ProtocolName": "ep2d_PiN_L1_Run1",
    "RepetitionTime": 2,
    "ScanningSequence": "EP",
    "SequenceName": "_epfid2d1_64",
    "SequenceVariant": "SK",
    "SeriesDescription": "ep2d_PiN_L1_Run1",
    "SliceTiming": [
      1.925,
      1.8625,
      1.8025,
      1.74,
      1.6775,
      1.615,
      1.5525,
      1.49,
      1.43,
      1.3675,
      1.305,
      1.2425,
      1.18,
      1.1175,
      1.0575,
      0.995,
      0.9325,
      0.87,
      0.8075,
      0.745,
      0.6825,
      0.6225,
      0.56,
      0.4975,
      0.435,
      0.3725,
      0.31,
      0.25,
      0.1875,
      0.125,
      0.0625,
      0
    ],
    "SoftwareVersions": "syngo_MR_B17",
    "TaskName": "compL1",
    "TotalReadoutTime": 0.0346501,
    "dataset": "ds003542",
    "modality": "bold",
    "run_id": 1,
    "subject_id": "04",
    "task_id": "compL1"
  },
  "dummy_trs": 0,
  "dvars_nstd": 20.143844836648633,
  "dvars_std": 1.3740546130270264,
  "dvars_vstd": 1.2026988134594587,
  "efc": 0.47774833434417974,
  "fber": 1231.3853759765625,
  "fd_mean": 0.194105533303067,
  "fd_num": 62,
  "fd_perc": 33.333333333333336,
  "fwhm_avg": 2.5987501818181817,
  "fwhm_x": 2.5893963636363635,
  "fwhm_y": 2.779674181818182,
  "fwhm_z": 2.42718,
  "gcor": 0.0309611,
  "gsr_x": -0.010037491098046303,
  "gsr_y": 0.033562030643224716,
  "provenance": {
    "md5sum": "4d8c09f1fd85922b45d424a43b18f9eb",
    "settings": {
      "fd_thres": 0.2,
      "testing": false
    },
    "software": "mriqc",
    "version": "22.0.1",
    "webapi_port": null,
    "webapi_url": "https://mriqc.nimh.nih.gov/api/v1"
  },
  "size_t": 186,
  "size_x": 64,
  "size_y": 64,
  "size_z": 32,
  "snr": 3.174371498160437,
  "spacing_tr": 2.0,
  "spacing_x": 3.4375,
  "spacing_y": 3.4375,
  "spacing_z": 4.0,
  "summary_bg_k": 40.14728927434386,
  "summary_bg_mad": 5.946349404238084,
  "summary_bg_mean": 33.146690368652344,
  "summary_bg_median": 16.66666603088379,
  "summary_bg_n": 83662.0,
  "summary_bg_p05": 12.0591402053833,
  "summary_bg_p95": 104.246508026123,
  "summary_bg_stdv": 53.37189483642578,
  "summary_fg_k": 1.9428378418407952,
  "summary_fg_mad": 148.47545435646325,
  "summary_fg_mean": 625.7197265625,
  "summary_fg_median": 588.241943359375,
  "summary_fg_n": 18751.0,
  "summary_fg_p05": 394.76612854003906,
  "summary_fg_p95": 997.4623413085938,
  "summary_fg_stdv": 185.30479431152344,
  "tsnr": 72.1651570815593
}