{
  "aor": 0.011740376344086022,
  "aqi": 0.007117039623655914,
  "bids_meta": {
    "AcquisitionNumber": 1,
    "AcquisitionTime": "17:23:1.005000",
    "BandwidthPerPixelPhaseEncode": 28.409,
    "ConversionSoftware": "dcm2niix",
    "ConversionSoftwareVersion": "v1.0.20170724 GCC4.4.7",
    "DeviceSerialNumber": "35414",
    "EchoTime": 0.03,
    "EffectiveEchoSpacing": 0.000550002,
    "FlipAngle": 80,
    "ImageType": [
      "ORIGINAL",
      "PRIMARY",
      "FMRI",
      "NONE",
      "ND",
      "MOSAIC"
    ],
    "InstitutionAddress": "Mikeletegi_69_San_Sebastian_District_ES_20009",
    "InstitutionName": "BCBL",
    "MagneticFieldStrength": 3,
    "Manufacturer": "Siemens",
    "ManufacturersModelName": "TrioTim",
    "PhaseEncodingDirection": "j-",
    "PhaseEncodingLines": 64,
    "ProcedureStepDescription": "CRANEO_FUNCIONAL",
    "ProtocolName": "ep2d_PiN_L2_Run1",
    "RepetitionTime": 2,
    "ScanningSequence": "EP",
    "SequenceName": "_epfid2d1_64",
    "SequenceVariant": "SK",
    "SeriesDescription": "ep2d_PiN_L2_Run1",
    "SliceTiming": [
      1.925,
      1.865,
      1.8025,
      1.74,
      1.6775,
      1.615,
      1.5525,
      1.49,
      1.43,
      1.3675,
      1.305,
      1.2425,
      1.18,
      1.1175,
      1.0575,
      0.995,
      0.9325,
      0.87,
      0.8075,
      0.745,
      0.6825,
      0.6225,
      0.56,
      0.4975,
      0.435,
      0.3725,
      0.31,
      0.25,
      0.1875,
      0.125,
      0.0625,
      0
    ],
    "SoftwareVersions": "syngo_MR_B17",
    "TaskName": "compLn",
    "TotalReadoutTime": 0.0346501,
    "dataset": "ds003542",
    "modality": "bold",
    "run_id": 1,
    "subject_id": "04",
    "task_id": "compLn"
  },
  "dummy_trs": 0,
  "dvars_nstd": 27.572567408648663,
  "dvars_std": 1.0705431715135132,
  "dvars_vstd": 0.9593111108108112,
  "efc": 0.48442498628851455,
  "fber": 1122.464599609375,
  "fd_mean": 0.3139413730247315,
  "fd_num": 64,
  "fd_perc": 34.40860215053763,
  "fwhm_avg": 2.512143681818182,
  "fwhm_x": 2.4714501818181818,
  "fwhm_y": 2.718708363636364,
  "fwhm_z": 2.3462725,
  "gcor": 0.0294626,
  "gsr_x": -0.006741390097886324,
  "gsr_y": 0.03261571377515793,
  "provenance": {
    "md5sum": "da4e7d36263ac9ce3a7e84ed1e3cb6c9",
    "settings": {
      "fd_thres": 0.2,
      "testing": false
    },
    "software": "mriqc",
    "version": "22.0.1",
    "webapi_port": null,
    "webapi_url": "https://mriqc.nimh.nih.gov/api/v1"
  },
  "size_t": 186,
  "size_x": 64,
  "size_y": 64,
  "size_z": 32,
  "snr": 3.4979797535214154,
  "spacing_tr": 2.0,
  "spacing_x": 3.4375,
  "spacing_y": 3.4375,
  "spacing_z": 4.0,
  "summary_bg_k": 40.43498227568078,
  "summary_bg_mad": 5.8427288882379065,
  "summary_bg_mean": 32.750728607177734,
  "summary_bg_median": 16.870967864990234,
  "summary_bg_n": 83658.0,
  "summary_bg_p05": 12.446236610412598,
  "summary_bg_p95": 103.71586303710934,
  "summary_bg_stdv": 51.014034271240234,
  "summary_fg_k": 1.4389789930200552,
  "summary_fg_mad": 135.92111467222293,
  "summary_fg_mean": 599.0795288085938,
  "summary_fg_median": 568.5913696289062,
  "summary_fg_n": 18713.0,
  "summary_fg_p05": 385.9795654296875,
  "summary_fg_p95": 921.1386962890625,
  "summary_fg_stdv": 162.54415893554688,
  "tsnr": 48.29381632991135
}