{
  "aor": 0.001450054054054054,
  "aqi": 0.0017619258702702705,
  "bids_meta": {
    "AcquisitionNumber": 1,
    "AcquisitionTime": "15:57:34.435000",
    "BandwidthPerPixelPhaseEncode": 28.409,
    "ConversionSoftware": "dcm2niix",
    "ConversionSoftwareVersion": "v1.0.20170724 GCC4.4.7",
    "DeviceSerialNumber": "35414",
    "EchoTime": 0.03,
    "EffectiveEchoSpacing": 0.000550002,
    "FlipAngle": 80,
    "ImageType": [
      "ORIGINAL",
      "PRIMARY",
      "FMRI",
      "NONE",
      "ND",
      "MOSAIC"
    ],
    "InstitutionAddress": "Mikeletegi_69_San_Sebastian_District_ES_20009",
    "InstitutionName": "BCBL",
    "MagneticFieldStrength": 3,
    "Manufacturer": "Siemens",
    "ManufacturersModelName": "TrioTim",
    "PhaseEncodingDirection": "j-",
    "PhaseEncodingLines": 64,
    "ProcedureStepDescription": "CRANEO_FUNCIONAL",
    "ProtocolName": "ep2d_PiN_L1_Run2",
    "RepetitionTime": 2,
    "ScanningSequence": "EP",
    "SequenceName": "_epfid2d1_64",
    "SequenceVariant": "SK",
    "SeriesDescription": "ep2d_PiN_L1_Run2",
    "SliceTiming": [
      1.925,
      1.865,
      1.8025,
      1.74,
      1.6775,
      1.615,
      1.5525,
      1.4925,
      1.43,
      1.3675,
      1.305,
      1.2425,
      1.18,
      1.12,
      1.0575,
      0.995,
      0.9325,
      0.87,
      0.8075,
      0.745,
      0.685,
      0.6225,
      0.56,
      0.4975,
      0.435,
      0.3725,
      0.3125,
      0.25,
      0.1875,
      0.125,
      0.0625,
      0
    ],
    "SoftwareVersions": "syngo_MR_B17",
    "TaskName": "compL1",
    "TotalReadoutTime": 0.0346501,
    "dataset": "ds003542",
    "modality": "bold",
    "run_id": 2,
    "subject_id": "04",
    "task_id": "compL1"
  },
  "dummy_trs": 1,
  "dvars_nstd": 19.232000242228256,
  "dvars_std": 1.2474227348913032,
  "dvars_vstd": 1.0096820535326085,
  "efc": 0.47689540403330893,
  "fber": 1239.208984375,
  "fd_mean": 0.16573201172536312,
  "fd_num": 52,
  "fd_perc": 28.10810810810811,
  "fwhm_avg": 2.666508181818182,
  "fwhm_x": 2.6548974545454547,
  "fwhm_y": 2.8372770909090907,
  "fwhm_z": 2.50735,
  "gcor": 0.0692036,
  "gsr_x": -0.009961537085473537,
  "gsr_y": 0.03348929062485695,
  "provenance": {
    "md5sum": "02750b55f546fab3232a95b3704d5371",
    "settings": {
      "fd_thres": 0.2,
      "testing": false
    },
    "software": "mriqc",
    "version": "22.0.1",
    "webapi_port": null,
    "webapi_url": "https://mriqc.nimh.nih.gov/api/v1"
  },
  "size_t": 185,
  "size_x": 64,
  "size_y": 64,
  "size_z": 32,
  "snr": 3.1064475310047635,
  "spacing_tr": 2.0,
  "spacing_x": 3.4375,
  "spacing_y": 3.4375,
  "spacing_z": 4.0,
  "summary_bg_k": 39.94688041038349,
  "summary_bg_mad": 5.689987389425704,
  "summary_bg_mean": 33.273529052734375,
  "summary_bg_median": 16.686487197875977,
  "summary_bg_n": 83647.0,
  "summary_bg_p05": 12.567567825317383,
  "summary_bg_p95": 106.33892288208006,
  "summary_bg_stdv": 53.49424362182617,
  "summary_fg_k": 1.8668496463360569,
  "summary_fg_mad": 151.44984361556786,
  "summary_fg_mean": 632.28662109375,
  "summary_fg_median": 591.5567626953125,
  "summary_fg_n": 18782.0,
  "summary_fg_p05": 395.8124435424805,
  "summary_fg_p95": 1019.6999969482422,
  "summary_fg_stdv": 190.4236297607422,
  "tsnr": 94.68953245971352
}