{
  "aor": 0.012221567567567568,
  "aqi": 0.004526779713513514,
  "bids_meta": {
    "AcquisitionNumber": 1,
    "AcquisitionTime": "15:56:1.672500",
    "BandwidthPerPixelPhaseEncode": 28.409,
    "ConversionSoftware": "dcm2niix",
    "ConversionSoftwareVersion": "v1.0.20170724 GCC4.4.7",
    "DeviceSerialNumber": "35414",
    "EchoTime": 0.03,
    "EffectiveEchoSpacing": 0.000550002,
    "FlipAngle": 80,
    "ImageType": [
      "ORIGINAL",
      "PRIMARY",
      "FMRI",
      "NONE",
      "ND",
      "MOSAIC"
    ],
    "InstitutionAddress": "Mikeletegi_69_San_Sebastian_District_ES_20009",
    "InstitutionName": "BCBL",
    "MagneticFieldStrength": 3,
    "Manufacturer": "Siemens",
    "ManufacturersModelName": "TrioTim",
    "PhaseEncodingDirection": "j-",
    "PhaseEncodingLines": 64,
    "ProcedureStepDescription": "CRANEO_FUNCIONAL",
    "ProtocolName": "ep2d_PiN_L1_Run3",
    "RepetitionTime": 2,
    "ScanningSequence": "EP",
    "SequenceName": "_epfid2d1_64",
    "SequenceVariant": "SK",
    "SeriesDescription": "ep2d_PiN_L1_Run3",
    "SliceTiming": [
      1.925,
      1.8625,
      1.8,
      1.74,
      1.6775,
      1.615,
      1.5525,
      1.49,
      1.4275,
      1.3675,
      1.305,
      1.2425,
      1.18,
      1.1175,
      1.055,
      0.9925,
      0.9325,
      0.87,
      0.8075,
      0.745,
      0.6825,
      0.62,
      0.56,
      0.4975,
      0.435,
      0.3725,
      0.31,
      0.2475,
      0.185,
      0.125,
      0.0625,
      0
    ],
    "SoftwareVersions": "syngo_MR_B17",
    "TaskName": "compL1",
    "TotalReadoutTime": 0.0346501,
    "dataset": "ds003542",
    "modality": "bold",
    "run_id": 3,
    "subject_id": "33",
    "task_id": "compL1"
  },
  "dummy_trs": 1,
  "dvars_nstd": 16.87938584423913,
  "dvars_std": 1.027863065434783,
  "dvars_vstd": 0.898030184402174,
  "efc": 0.5198088322828283,
  "fber": 701.409423828125,
  "fd_mean": 0.15357933498599763,
  "fd_num": 31,
  "fd_perc": 16.756756756756758,
  "fwhm_avg": 3.185502727272727,
  "fwhm_x": 3.0815418181818184,
  "fwhm_y": 3.4209163636363633,
  "fwhm_z": 3.05405,
  "gcor": 0.0396753,
  "gsr_x": -0.02169812098145485,
  "gsr_y": 0.08146218210458755,
  "provenance": {
    "md5sum": "c2ecda93958d3a7a516bb38fee90929f",
    "settings": {
      "fd_thres": 0.2,
      "testing": false
    },
    "software": "mriqc",
    "version": "22.0.1",
    "webapi_port": null,
    "webapi_url": "https://mriqc.nimh.nih.gov/api/v1"
  },
  "size_t": 185,
  "size_x": 64,
  "size_y": 64,
  "size_z": 32,
  "snr": 1.9605266772010965,
  "spacing_tr": 2.0,
  "spacing_x": 3.4375,
  "spacing_y": 3.4375,
  "spacing_z": 4.0,
  "summary_bg_k": 33.80720490642703,
  "summary_bg_mad": 11.756634492021059,
  "summary_bg_mean": 54.488182067871094,
  "summary_bg_median": 23.654054641723633,
  "summary_bg_n": 75351.0,
  "summary_bg_p05": 14.729729652404785,
  "summary_bg_p95": 199.10271453857422,
  "summary_bg_stdv": 92.43852996826172,
  "summary_fg_k": 3.8798453737350114,
  "summary_fg_mad": 221.66106695070988,
  "summary_fg_mean": 725.01904296875,
  "summary_fg_median": 635.032470703125,
  "summary_fg_n": 25509.0,
  "summary_fg_p05": 384.71892700195315,
  "summary_fg_p95": 1414.1935302734373,
  "summary_fg_stdv": 323.90277099609375,
  "tsnr": 65.82544156350195
}