{
  "aor": 0.003892956989247312,
  "aqi": 0.0022523665268817205,
  "bids_meta": {
    "AcquisitionNumber": 1,
    "AcquisitionTime": "17:39:26.257500",
    "BandwidthPerPixelPhaseEncode": 28.409,
    "ConversionSoftware": "dcm2niix",
    "ConversionSoftwareVersion": "v1.0.20170724 GCC4.4.7",
    "DeviceSerialNumber": "35414",
    "EchoTime": 0.03,
    "EffectiveEchoSpacing": 0.000550002,
    "FlipAngle": 80,
    "ImageType": [
      "ORIGINAL",
      "PRIMARY",
      "FMRI",
      "NONE",
      "ND",
      "MOSAIC"
    ],
    "InstitutionAddress": "Mikeletegi_69_San_Sebastian_District_ES_20009",
    "InstitutionName": "BCBL",
    "MagneticFieldStrength": 3,
    "Manufacturer": "Siemens",
    "ManufacturersModelName": "TrioTim",
    "PhaseEncodingDirection": "j-",
    "PhaseEncodingLines": 64,
    "ProcedureStepDescription": "CRANEO_FUNCIONAL",
    "ProtocolName": "ep2d_PiN_L2_Run3",
    "RepetitionTime": 2,
    "ScanningSequence": "EP",
    "SequenceName": "_epfid2d1_64",
    "SequenceVariant": "SK",
    "SeriesDescription": "ep2d_PiN_L2_Run3",
    "SliceTiming": [
      1.925,
      1.865,
      1.8025,
      1.74,
      1.6775,
      1.615,
      1.5525,
      1.4925,
      1.43,
      1.3675,
      1.305,
      1.2425,
      1.18,
      1.12,
      1.0575,
      0.995,
      0.9325,
      0.87,
      0.8075,
      0.745,
      0.685,
      0.6225,
      0.56,
      0.4975,
      0.435,
      0.3725,
      0.3125,
      0.25,
      0.1875,
      0.125,
      0.0625,
      0
    ],
    "SoftwareVersions": "syngo_MR_B17",
    "TaskName": "compLn",
    "TotalReadoutTime": 0.0346501,
    "dataset": "ds003542",
    "modality": "bold",
    "run_id": 3,
    "subject_id": "33",
    "task_id": "compLn"
  },
  "dummy_trs": 0,
  "dvars_nstd": 19.226044427675685,
  "dvars_std": 1.259223548810811,
  "dvars_vstd": 1.0150418569189186,
  "efc": 0.5225183625095117,
  "fber": 797.468017578125,
  "fd_mean": 0.14189663576331007,
  "fd_num": 27,
  "fd_perc": 14.516129032258064,
  "fwhm_avg": 2.9840776666666664,
  "fwhm_x": 2.8381207272727274,
  "fwhm_y": 3.182487272727273,
  "fwhm_z": 2.931625,
  "gcor": 0.056768,
  "gsr_x": -0.01811808906495571,
  "gsr_y": 0.08653964847326279,
  "provenance": {
    "md5sum": "00cd60c58491a213cbd9dc5238a44091",
    "settings": {
      "fd_thres": 0.2,
      "testing": false
    },
    "software": "mriqc",
    "version": "22.0.1",
    "webapi_port": null,
    "webapi_url": "https://mriqc.nimh.nih.gov/api/v1"
  },
  "size_t": 186,
  "size_x": 64,
  "size_y": 64,
  "size_z": 32,
  "snr": 2.1118623098098377,
  "spacing_tr": 2.0,
  "spacing_x": 3.4375,
  "spacing_y": 3.4375,
  "spacing_z": 4.0,
  "summary_bg_k": 31.989060306996258,
  "summary_bg_mad": 10.091259121183567,
  "summary_bg_mean": 51.56656265258789,
  "summary_bg_median": 21.97311782836914,
  "summary_bg_n": 75458.0,
  "summary_bg_p05": 14.392473220825195,
  "summary_bg_p95": 194.27903900146467,
  "summary_bg_stdv": 87.1279296875,
  "summary_fg_k": 3.646850191716074,
  "summary_fg_mad": 210.2704623238754,
  "summary_fg_mean": 704.0762939453125,
  "summary_fg_median": 626.981201171875,
  "summary_fg_n": 25392.0,
  "summary_fg_p05": 382.48548431396483,
  "summary_fg_p95": 1330.59384765625,
  "summary_fg_stdv": 296.8796081542969,
  "tsnr": 87.86649001878686
}