{
  "aor": 0.001462216216216216,
  "aqi": 0.0022388305783783784,
  "bids_meta": {
    "AcquisitionNumber": 1,
    "AcquisitionTime": "17:32:4.870000",
    "BandwidthPerPixelPhaseEncode": 28.409,
    "ConversionSoftware": "dcm2niix",
    "ConversionSoftwareVersion": "v1.0.20170724 GCC4.4.7",
    "DeviceSerialNumber": "35414",
    "EchoTime": 0.03,
    "EffectiveEchoSpacing": 0.000550002,
    "FlipAngle": 80,
    "ImageType": [
      "ORIGINAL",
      "PRIMARY",
      "FMRI",
      "NONE",
      "ND",
      "MOSAIC"
    ],
    "InstitutionAddress": "Mikeletegi_69_San_Sebastian_District_ES_20009",
    "InstitutionName": "BCBL",
    "MagneticFieldStrength": 3,
    "Manufacturer": "Siemens",
    "ManufacturersModelName": "TrioTim",
    "PhaseEncodingDirection": "j-",
    "PhaseEncodingLines": 64,
    "ProcedureStepDescription": "CRANEO_FUNCIONAL",
    "ProtocolName": "ep2d_PiN_L2_Run2",
    "RepetitionTime": 2,
    "ScanningSequence": "EP",
    "SequenceName": "_epfid2d1_64",
    "SequenceVariant": "SK",
    "SeriesDescription": "ep2d_PiN_L2_Run2",
    "SliceTiming": [
      1.925,
      1.8625,
      1.8,
      1.7375,
      1.675,
      1.615,
      1.5525,
      1.49,
      1.4275,
      1.365,
      1.3025,
      1.24,
      1.18,
      1.1175,
      1.055,
      0.9925,
      0.93,
      0.8675,
      0.8075,
      0.745,
      0.6825,
      0.62,
      0.5575,
      0.495,
      0.435,
      0.3725,
      0.31,
      0.2475,
      0.185,
      0.1225,
      0.06,
      0
    ],
    "SoftwareVersions": "syngo_MR_B17",
    "TaskName": "compLn",
    "TotalReadoutTime": 0.0346501,
    "dataset": "ds003542",
    "modality": "bold",
    "run_id": 2,
    "subject_id": "33",
    "task_id": "compLn"
  },
  "dummy_trs": 1,
  "dvars_nstd": 20.18099077923913,
  "dvars_std": 1.2216658603260873,
  "dvars_vstd": 0.9829105646739128,
  "efc": 0.5227347426427243,
  "fber": 781.7452392578125,
  "fd_mean": 0.1641008131707662,
  "fd_num": 36,
  "fd_perc": 19.45945945945946,
  "fwhm_avg": 2.979610575757576,
  "fwhm_x": 2.832689454545455,
  "fwhm_y": 3.1869672727272724,
  "fwhm_z": 2.919175,
  "gcor": 0.0402703,
  "gsr_x": -0.018134435638785362,
  "gsr_y": 0.08737728744745255,
  "provenance": {
    "md5sum": "81098b4b4ff2fa3dc91d2d8d33b7e73d",
    "settings": {
      "fd_thres": 0.2,
      "testing": false
    },
    "software": "mriqc",
    "version": "22.0.1",
    "webapi_port": null,
    "webapi_url": "https://mriqc.nimh.nih.gov/api/v1"
  },
  "size_t": 185,
  "size_x": 64,
  "size_y": 64,
  "size_z": 32,
  "snr": 2.10617858588441,
  "spacing_tr": 2.0,
  "spacing_x": 3.4375,
  "spacing_y": 3.4375,
  "spacing_z": 4.0,
  "summary_bg_k": 31.573327377656597,
  "summary_bg_mad": 10.410271916008062,
  "summary_bg_mean": 52.0500373840332,
  "summary_bg_median": 22.200000762939453,
  "summary_bg_n": 75372.0,
  "summary_bg_p05": 14.421622276306152,
  "summary_bg_p95": 196.73540649414048,
  "summary_bg_stdv": 88.14810180664062,
  "summary_fg_k": 3.75052805068122,
  "summary_fg_mad": 210.60964468261034,
  "summary_fg_mean": 706.3902587890625,
  "summary_fg_median": 628.2946166992188,
  "summary_fg_n": 25378.0,
  "summary_fg_p05": 382.6051330566406,
  "summary_fg_p95": 1334.6049377441402,
  "summary_fg_stdv": 298.3043518066406,
  "tsnr": 86.84824854321778
}