{
  "aor": 0.001278,
  "aqi": 0.0029089254583333332,
  "bids_meta": {
    "AcquisitionNumber": 1,
    "AcquisitionTime": "14:46:6.952500",
    "BandwidthPerPixelPhaseEncode": 29.481,
    "ConversionSoftware": "dcm2niix",
    "ConversionSoftwareVersion": "v1.0.20170724 GCC4.4.7",
    "DeviceSerialNumber": "35414",
    "EchoTime": 0.025,
    "EffectiveEchoSpacing": 0.000530002,
    "FlipAngle": 90,
    "ImageType": [
      "ORIGINAL",
      "PRIMARY",
      "M",
      "ND",
      "MOSAIC"
    ],
    "InstitutionAddress": "Mikeletegi_69_San_Sebastian_District_ES_20009",
    "InstitutionName": "BCBL",
    "MagneticFieldStrength": 3,
    "Manufacturer": "Siemens",
    "ManufacturersModelName": "TrioTim",
    "PhaseEncodingDirection": "j-",
    "PhaseEncodingLines": 64,
    "ProcedureStepDescription": "CRANEO_FUNCIONAL",
    "ProtocolName": "ep2d_Didak_VF_L1_Run1",
    "RepetitionTime": 3,
    "ScanningSequence": "EP",
    "SequenceName": "_epfid2d1_64",
    "SequenceVariant": "SK",
    "SeriesDescription": "ep2d_Didak_VF_L1_Run1",
    "SliceTiming": [
      2.9225,
      2.8525,
      2.7825,
      2.7125,
      2.6425,
      2.575,
      2.505,
      2.435,
      2.365,
      2.295,
      2.225,
      2.1575,
      2.0875,
      2.0175,
      1.9475,
      1.8775,
      1.8075,
      1.74,
      1.67,
      1.6,
      1.53,
      1.46,
      1.3925,
      1.3225,
      1.2525,
      1.1825,
      1.1125,
      1.0425,
      0.975,
      0.905,
      0.835,
      0.765,
      0.695,
      0.625,
      0.5575,
      0.4875,
      0.4175,
      0.3475,
      0.2775,
      0.2075,
      0.14,
      0.07,
      0
    ],
    "SoftwareVersions": "syngo_MR_B17",
    "TaskName": "prodL1",
    "TotalReadoutTime": 0.0333901,
    "dataset": "ds003542",
    "modality": "bold",
    "run_id": 1,
    "subject_id": "33",
    "task_id": "prodL1"
  },
  "dummy_trs": 0,
  "dvars_nstd": 26.30290734133892,
  "dvars_std": 1.2951964613389122,
  "dvars_vstd": 0.9918089227615061,
  "efc": 0.5946622954819691,
  "fber": 236.3812713623047,
  "fd_mean": 0.13071916588733165,
  "fd_num": 47,
  "fd_perc": 19.583333333333332,
  "fwhm_avg": 3.252394134496411,
  "fwhm_x": 3.0107366666666664,
  "fwhm_y": 3.4905666666666666,
  "fwhm_z": 3.2558790701559013,
  "gcor": 0.0368505,
  "gsr_x": -0.02256302535533905,
  "gsr_y": 0.12814399600028992,
  "provenance": {
    "md5sum": "c44e71b28784865228f67875eb048b4a",
    "settings": {
      "fd_thres": 0.2,
      "testing": false
    },
    "software": "mriqc",
    "version": "22.0.1",
    "webapi_port": null,
    "webapi_url": "https://mriqc.nimh.nih.gov/api/v1"
  },
  "size_t": 240,
  "size_x": 64,
  "size_y": 64,
  "size_z": 43,
  "snr": 1.8631979878071856,
  "spacing_tr": 3.0,
  "spacing_x": 3.0,
  "spacing_y": 3.0,
  "spacing_z": 3.299999713897705,
  "summary_bg_k": 21.68591788020148,
  "summary_bg_mad": 28.44125406651343,
  "summary_bg_mean": 107.67793273925781,
  "summary_bg_median": 49.89167022705078,
  "summary_bg_n": 90574.0,
  "summary_bg_p05": 28.866668701171875,
  "summary_bg_p95": 379.72023620605427,
  "summary_bg_stdv": 152.60238647460938,
  "summary_fg_k": 4.781611216097109,
  "summary_fg_mad": 287.3777451021455,
  "summary_fg_mean": 903.5322875976562,
  "summary_fg_median": 788.9625244140625,
  "summary_fg_n": 44406.0,
  "summary_fg_p05": 466.09378814697266,
  "summary_fg_p95": 1788.4886169433594,
  "summary_fg_stdv": 423.4405822753906,
  "tsnr": 74.70475016627461
}