{
  "aor": 0.001859958333333333,
  "aqi": 0.0038674535833333338,
  "bids_meta": {
    "AcquisitionNumber": 1,
    "AcquisitionTime": "14:59:55.725000",
    "BandwidthPerPixelPhaseEncode": 29.481,
    "ConversionSoftware": "dcm2niix",
    "ConversionSoftwareVersion": "v1.0.20170724 GCC4.4.7",
    "DeviceSerialNumber": "35414",
    "EchoTime": 0.025,
    "EffectiveEchoSpacing": 0.000530002,
    "FlipAngle": 90,
    "ImageType": [
      "ORIGINAL",
      "PRIMARY",
      "M",
      "ND",
      "MOSAIC"
    ],
    "InstitutionAddress": "Mikeletegi_69_San_Sebastian_District_ES_20009",
    "InstitutionName": "BCBL",
    "MagneticFieldStrength": 3,
    "Manufacturer": "Siemens",
    "ManufacturersModelName": "TrioTim",
    "PhaseEncodingDirection": "j-",
    "PhaseEncodingLines": 64,
    "ProcedureStepDescription": "CRANEO_FUNCIONAL",
    "ProtocolName": "ep2d_Didak_VF_L1_Run2",
    "RepetitionTime": 3,
    "ScanningSequence": "EP",
    "SequenceName": "_epfid2d1_64",
    "SequenceVariant": "SK",
    "SeriesDescription": "ep2d_Didak_VF_L1_Run2",
    "SliceTiming": [
      2.9225,
      2.8525,
      2.7825,
      2.7125,
      2.645,
      2.575,
      2.505,
      2.435,
      2.365,
      2.295,
      2.2275,
      2.1575,
      2.0875,
      2.0175,
      1.9475,
      1.8775,
      1.81,
      1.74,
      1.67,
      1.6,
      1.53,
      1.46,
      1.3925,
      1.3225,
      1.2525,
      1.1825,
      1.1125,
      1.0425,
      0.975,
      0.905,
      0.835,
      0.765,
      0.695,
      0.6275,
      0.5575,
      0.4875,
      0.4175,
      0.3475,
      0.2775,
      0.21,
      0.14,
      0.07,
      0
    ],
    "SoftwareVersions": "syngo_MR_B17",
    "TaskName": "prodL1",
    "TotalReadoutTime": 0.0333901,
    "dataset": "ds003542",
    "modality": "bold",
    "run_id": 2,
    "subject_id": "33",
    "task_id": "prodL1"
  },
  "dummy_trs": 0,
  "dvars_nstd": 26.866614193933056,
  "dvars_std": 1.3020226405439328,
  "dvars_vstd": 0.9927665507949791,
  "efc": 0.5954602280055167,
  "fber": 236.813720703125,
  "fd_mean": 0.1485400901751199,
  "fd_num": 61,
  "fd_perc": 25.416666666666668,
  "fwhm_avg": 3.232549790851016,
  "fwhm_x": 3.00494,
  "fwhm_y": 3.4441333333333333,
  "fwhm_z": 3.248576039219715,
  "gcor": 0.0320225,
  "gsr_x": -0.025622960180044174,
  "gsr_y": 0.1321822702884674,
  "provenance": {
    "md5sum": "6684ab6c86def0c8c4d3d54cf5114305",
    "settings": {
      "fd_thres": 0.2,
      "testing": false
    },
    "software": "mriqc",
    "version": "22.0.1",
    "webapi_port": null,
    "webapi_url": "https://mriqc.nimh.nih.gov/api/v1"
  },
  "size_t": 240,
  "size_x": 64,
  "size_y": 64,
  "size_z": 43,
  "snr": 1.868678735748335,
  "spacing_tr": 3.0,
  "spacing_x": 3.0,
  "spacing_y": 3.0,
  "spacing_z": 3.299999713897705,
  "summary_bg_k": 20.891500911300213,
  "summary_bg_mad": 28.65128900375648,
  "summary_bg_mean": 108.1234359741211,
  "summary_bg_median": 49.63333511352539,
  "summary_bg_n": 90669.0,
  "summary_bg_p05": 28.345834732055664,
  "summary_bg_p95": 382.7325134277332,
  "summary_bg_stdv": 152.40499877929688,
  "summary_fg_k": 5.06805403327005,
  "summary_fg_mad": 285.5152622614911,
  "summary_fg_mean": 901.1906127929688,
  "summary_fg_median": 787.875,
  "summary_fg_n": 44280.0,
  "summary_fg_p05": 465.2693862915039,
  "summary_fg_p95": 1783.6034484863276,
  "summary_fg_stdv": 421.6166687011719,
  "tsnr": 69.24328917637467
}