{
  "aor": 0.0014346739130434783,
  "aqi": 0.0028608152717391304,
  "bids_meta": {
    "AcquisitionNumber": 1,
    "AcquisitionTime": "15:15:42.690000",
    "BandwidthPerPixelPhaseEncode": 28.409,
    "ConversionSoftware": "dcm2niix",
    "ConversionSoftwareVersion": "v1.0.20170724 GCC4.4.7",
    "DeviceSerialNumber": "35414",
    "EchoTime": 0.03,
    "EffectiveEchoSpacing": 0.000550002,
    "FlipAngle": 80,
    "ImageType": [
      "ORIGINAL",
      "PRIMARY",
      "FMRI",
      "NONE",
      "ND",
      "MOSAIC"
    ],
    "InstitutionAddress": "Mikeletegi_69_San_Sebastian_District_ES_20009",
    "InstitutionName": "BCBL",
    "MagneticFieldStrength": 3,
    "Manufacturer": "Siemens",
    "ManufacturersModelName": "TrioTim",
    "PhaseEncodingDirection": "j-",
    "PhaseEncodingLines": 64,
    "ProcedureStepDescription": "CRANEO_FUNCIONAL",
    "ProtocolName": "ep2d_PiN_L1_Run1",
    "RepetitionTime": 2,
    "ScanningSequence": "EP",
    "SequenceName": "_epfid2d1_64",
    "SequenceVariant": "SK",
    "SeriesDescription": "ep2d_PiN_L1_Run1",
    "SliceTiming": [
      1.925,
      1.8625,
      1.8025,
      1.74,
      1.6775,
      1.615,
      1.5525,
      1.49,
      1.43,
      1.3675,
      1.305,
      1.2425,
      1.18,
      1.1175,
      1.055,
      0.995,
      0.9325,
      0.87,
      0.8075,
      0.745,
      0.6825,
      0.6225,
      0.56,
      0.4975,
      0.435,
      0.3725,
      0.31,
      0.25,
      0.1875,
      0.125,
      0.0625,
      0
    ],
    "SoftwareVersions": "syngo_MR_B17",
    "TaskName": "compL1",
    "TotalReadoutTime": 0.0346501,
    "dataset": "ds003542",
    "modality": "bold",
    "run_id": 1,
    "subject_id": "33",
    "task_id": "compL1"
  },
  "dummy_trs": 2,
  "dvars_nstd": 18.069068257103826,
  "dvars_std": 1.1797418726229507,
  "dvars_vstd": 0.976459171639344,
  "efc": 0.5252622297052317,
  "fber": 661.421875,
  "fd_mean": 0.15412077001389554,
  "fd_num": 30,
  "fd_perc": 16.304347826086957,
  "fwhm_avg": 3.083778939393939,
  "fwhm_x": 2.912901818181818,
  "fwhm_y": 3.3625599999999998,
  "fwhm_z": 2.975875,
  "gcor": 0.0242675,
  "gsr_x": -0.024021606892347336,
  "gsr_y": 0.085596963763237,
  "provenance": {
    "md5sum": "1ef622cfb575b17091fcf7ff1f913404",
    "settings": {
      "fd_thres": 0.2,
      "testing": false
    },
    "software": "mriqc",
    "version": "22.0.1",
    "webapi_port": null,
    "webapi_url": "https://mriqc.nimh.nih.gov/api/v1"
  },
  "size_t": 184,
  "size_x": 64,
  "size_y": 64,
  "size_z": 32,
  "snr": 2.053244409449897,
  "spacing_tr": 2.0,
  "spacing_x": 3.4375,
  "spacing_y": 3.4375,
  "spacing_z": 4.0,
  "summary_bg_k": 34.0611812361608,
  "summary_bg_mad": 11.804413665078368,
  "summary_bg_mean": 53.3458137512207,
  "summary_bg_median": 23.6141300201416,
  "summary_bg_n": 75312.0,
  "summary_bg_p05": 14.869565963745117,
  "summary_bg_p95": 194.51332397460936,
  "summary_bg_stdv": 88.13187408447266,
  "summary_fg_k": 4.557192356862387,
  "summary_fg_mad": 205.3685951653125,
  "summary_fg_mean": 698.191162109375,
  "summary_fg_median": 618.3614501953125,
  "summary_fg_n": 25508.0,
  "summary_fg_p05": 377.5690185546875,
  "summary_fg_p95": 1333.1913085937488,
  "summary_fg_stdv": 301.1571960449219,
  "tsnr": 91.29915962694213
}