{
  "aor": 0.004575541666666667,
  "aqi": 0.005412738666666667,
  "bids_meta": {
    "AcquisitionNumber": 1,
    "AcquisitionTime": "16:53:28.145000",
    "BandwidthPerPixelPhaseEncode": 29.481,
    "ConversionSoftware": "dcm2niix",
    "ConversionSoftwareVersion": "v1.0.20170724 GCC4.4.7",
    "DeviceSerialNumber": "35414",
    "EchoTime": 0.025,
    "EffectiveEchoSpacing": 0.000530002,
    "FlipAngle": 90,
    "ImageType": [
      "ORIGINAL",
      "PRIMARY",
      "M",
      "ND",
      "MOSAIC"
    ],
    "InstitutionAddress": "Mikeletegi_69_San_Sebastian_District_ES_20009",
    "InstitutionName": "BCBL",
    "MagneticFieldStrength": 3,
    "Manufacturer": "Siemens",
    "ManufacturersModelName": "TrioTim",
    "PhaseEncodingDirection": "j-",
    "PhaseEncodingLines": 64,
    "ProcedureStepDescription": "CRANEO_FUNCIONAL",
    "ProtocolName": "ep2d_Didak_VF_L2_Run1",
    "RepetitionTime": 3,
    "ScanningSequence": "EP",
    "SequenceName": "_epfid2d1_64",
    "SequenceVariant": "SK",
    "SeriesDescription": "ep2d_Didak_VF_L2_Run1",
    "SliceTiming": [
      2.9225,
      2.8525,
      2.785,
      2.715,
      2.645,
      2.575,
      2.505,
      2.435,
      2.3675,
      2.2975,
      2.2275,
      2.1575,
      2.0875,
      2.0175,
      1.95,
      1.88,
      1.81,
      1.74,
      1.67,
      1.6,
      1.5325,
      1.4625,
      1.3925,
      1.3225,
      1.2525,
      1.185,
      1.115,
      1.045,
      0.975,
      0.905,
      0.835,
      0.7675,
      0.6975,
      0.6275,
      0.5575,
      0.4875,
      0.4175,
      0.35,
      0.28,
      0.21,
      0.14,
      0.07,
      0
    ],
    "SoftwareVersions": "syngo_MR_B17",
    "TaskName": "prodLn",
    "TotalReadoutTime": 0.0333901,
    "dataset": "ds003542",
    "modality": "bold",
    "run_id": 1,
    "subject_id": "33",
    "task_id": "prodLn"
  },
  "dummy_trs": 0,
  "dvars_nstd": 24.72578727054393,
  "dvars_std": 1.1921597970711293,
  "dvars_vstd": 0.9876334798326362,
  "efc": 0.5930153315449969,
  "fber": 236.29379272460938,
  "fd_mean": 0.15497801224439064,
  "fd_num": 58,
  "fd_perc": 24.166666666666668,
  "fwhm_avg": 3.245766378938064,
  "fwhm_x": 3.013756666666667,
  "fwhm_y": 3.5466333333333337,
  "fwhm_z": 3.1769091368141917,
  "gcor": 0.0272169,
  "gsr_x": -0.021212724968791008,
  "gsr_y": 0.12733332812786102,
  "provenance": {
    "md5sum": "fe646e5e54a80743966af95785ef1895",
    "settings": {
      "fd_thres": 0.2,
      "testing": false
    },
    "software": "mriqc",
    "version": "22.0.1",
    "webapi_port": null,
    "webapi_url": "https://mriqc.nimh.nih.gov/api/v1"
  },
  "size_t": 240,
  "size_x": 64,
  "size_y": 64,
  "size_z": 43,
  "snr": 1.8171885100703127,
  "spacing_tr": 3.0,
  "spacing_x": 3.0,
  "spacing_y": 3.0,
  "spacing_z": 3.299999952316284,
  "summary_bg_k": 18.326347609990325,
  "summary_bg_mad": 31.770930229248915,
  "summary_bg_mean": 114.83484649658203,
  "summary_bg_median": 52.03750228881836,
  "summary_bg_n": 91253.0,
  "summary_bg_p05": 27.594167709350586,
  "summary_bg_p95": 410.36336669921855,
  "summary_bg_stdv": 160.93470764160156,
  "summary_fg_k": 4.318227038956746,
  "summary_fg_mad": 309.11016531086335,
  "summary_fg_mean": 935.3631591796875,
  "summary_fg_median": 812.1666870117188,
  "summary_fg_n": 44151.0,
  "summary_fg_p05": 468.8791809082031,
  "summary_fg_p95": 1872.998046875,
  "summary_fg_stdv": 446.9307861328125,
  "tsnr": 59.172465056180954
}