{
  "aor": 0.004509875,
  "aqi": 0.005774125083333333,
  "bids_meta": {
    "AcquisitionNumber": 1,
    "AcquisitionTime": "17:06:52.255000",
    "BandwidthPerPixelPhaseEncode": 29.481,
    "ConversionSoftware": "dcm2niix",
    "ConversionSoftwareVersion": "v1.0.20170724 GCC4.4.7",
    "DeviceSerialNumber": "35414",
    "EchoTime": 0.025,
    "EffectiveEchoSpacing": 0.000530002,
    "FlipAngle": 90,
    "ImageType": [
      "ORIGINAL",
      "PRIMARY",
      "M",
      "ND",
      "MOSAIC"
    ],
    "InstitutionAddress": "Mikeletegi_69_San_Sebastian_District_ES_20009",
    "InstitutionName": "BCBL",
    "MagneticFieldStrength": 3,
    "Manufacturer": "Siemens",
    "ManufacturersModelName": "TrioTim",
    "PhaseEncodingDirection": "j-",
    "PhaseEncodingLines": 64,
    "ProcedureStepDescription": "CRANEO_FUNCIONAL",
    "ProtocolName": "ep2d_Didak_VF_L2_Run2",
    "RepetitionTime": 3,
    "ScanningSequence": "EP",
    "SequenceName": "_epfid2d1_64",
    "SequenceVariant": "SK",
    "SeriesDescription": "ep2d_Didak_VF_L2_Run2",
    "SliceTiming": [
      2.9225,
      2.8525,
      2.7825,
      2.7125,
      2.6425,
      2.575,
      2.505,
      2.435,
      2.365,
      2.295,
      2.225,
      2.1575,
      2.0875,
      2.0175,
      1.9475,
      1.8775,
      1.8075,
      1.74,
      1.67,
      1.6,
      1.53,
      1.46,
      1.39,
      1.3225,
      1.2525,
      1.1825,
      1.1125,
      1.0425,
      0.9725,
      0.905,
      0.835,
      0.765,
      0.695,
      0.625,
      0.5575,
      0.4875,
      0.4175,
      0.3475,
      0.2775,
      0.2075,
      0.14,
      0.07,
      0
    ],
    "SoftwareVersions": "syngo_MR_B17",
    "TaskName": "prodLn",
    "TotalReadoutTime": 0.0333901,
    "dataset": "ds003542",
    "modality": "bold",
    "run_id": 2,
    "subject_id": "33",
    "task_id": "prodLn"
  },
  "dummy_trs": 0,
  "dvars_nstd": 23.87983870414224,
  "dvars_std": 1.167496855062761,
  "dvars_vstd": 0.9667569419246862,
  "efc": 0.59514722924462,
  "fber": 236.7520294189453,
  "fd_mean": 0.13381026289976547,
  "fd_num": 48,
  "fd_perc": 20.0,
  "fwhm_avg": 3.229293752653982,
  "fwhm_x": 2.9904933333333332,
  "fwhm_y": 3.5249333333333333,
  "fwhm_z": 3.1724545912952795,
  "gcor": 0.0232872,
  "gsr_x": -0.02089441753923893,
  "gsr_y": 0.1298505663871765,
  "provenance": {
    "md5sum": "826a9a93edacfa725c1a1eb7fa63249f",
    "settings": {
      "fd_thres": 0.2,
      "testing": false
    },
    "software": "mriqc",
    "version": "22.0.1",
    "webapi_port": null,
    "webapi_url": "https://mriqc.nimh.nih.gov/api/v1"
  },
  "size_t": 240,
  "size_x": 64,
  "size_y": 64,
  "size_z": 43,
  "snr": 1.8477611672095142,
  "spacing_tr": 3.0,
  "spacing_x": 3.0,
  "spacing_y": 3.0,
  "spacing_z": 3.299999952316284,
  "summary_bg_k": 18.02825662982128,
  "summary_bg_mad": 30.55396109674819,
  "summary_bg_mean": 114.8017807006836,
  "summary_bg_median": 51.41250228881836,
  "summary_bg_n": 91288.0,
  "summary_bg_p05": 28.33333396911621,
  "summary_bg_p95": 414.59689178466783,
  "summary_bg_stdv": 161.58978271484375,
  "summary_fg_k": 4.53244637112242,
  "summary_fg_mad": 305.65079029796965,
  "summary_fg_mean": 922.5022583007812,
  "summary_fg_median": 805.5042114257812,
  "summary_fg_n": 44087.0,
  "summary_fg_p05": 464.8970977783203,
  "summary_fg_p95": 1831.2863769531245,
  "summary_fg_stdv": 435.9302978515625,
  "tsnr": 53.52740731090307
}