{
  "aor": 0.00220570652173913,
  "aqi": 0.0038684467391304346,
  "bids_meta": {
    "AcquisitionNumber": 1,
    "AcquisitionTime": "17:22:40.765000",
    "BandwidthPerPixelPhaseEncode": 28.409,
    "ConversionSoftware": "dcm2niix",
    "ConversionSoftwareVersion": "v1.0.20170724 GCC4.4.7",
    "DeviceSerialNumber": "35414",
    "EchoTime": 0.03,
    "EffectiveEchoSpacing": 0.000550002,
    "FlipAngle": 80,
    "ImageType": [
      "ORIGINAL",
      "PRIMARY",
      "FMRI",
      "NONE",
      "ND",
      "MOSAIC"
    ],
    "InstitutionAddress": "Mikeletegi_69_San_Sebastian_District_ES_20009",
    "InstitutionName": "BCBL",
    "MagneticFieldStrength": 3,
    "Manufacturer": "Siemens",
    "ManufacturersModelName": "TrioTim",
    "PhaseEncodingDirection": "j-",
    "PhaseEncodingLines": 64,
    "ProcedureStepDescription": "CRANEO_FUNCIONAL",
    "ProtocolName": "ep2d_PiN_L2_Run1",
    "RepetitionTime": 2,
    "ScanningSequence": "EP",
    "SequenceName": "_epfid2d1_64",
    "SequenceVariant": "SK",
    "SeriesDescription": "ep2d_PiN_L2_Run1",
    "SliceTiming": [
      1.925,
      1.865,
      1.8025,
      1.74,
      1.6775,
      1.615,
      1.5525,
      1.4925,
      1.43,
      1.3675,
      1.305,
      1.2425,
      1.18,
      1.1175,
      1.0575,
      0.995,
      0.9325,
      0.87,
      0.8075,
      0.745,
      0.685,
      0.6225,
      0.56,
      0.4975,
      0.435,
      0.3725,
      0.3125,
      0.25,
      0.1875,
      0.125,
      0.0625,
      0
    ],
    "SoftwareVersions": "syngo_MR_B17",
    "TaskName": "compLn",
    "TotalReadoutTime": 0.0346501,
    "dataset": "ds003542",
    "modality": "bold",
    "run_id": 1,
    "subject_id": "33",
    "task_id": "compLn"
  },
  "dummy_trs": 2,
  "dvars_nstd": 20.343525870874313,
  "dvars_std": 1.1738912225683058,
  "dvars_vstd": 0.9457625859562842,
  "efc": 0.5267332826870443,
  "fber": 683.3897094726562,
  "fd_mean": 0.14606760012166695,
  "fd_num": 26,
  "fd_perc": 14.130434782608695,
  "fwhm_avg": 3.066092575757576,
  "fwhm_x": 2.9438254545454545,
  "fwhm_y": 3.338327272727273,
  "fwhm_z": 2.916125,
  "gcor": 0.0215905,
  "gsr_x": -0.019064482301473618,
  "gsr_y": 0.08034814149141312,
  "provenance": {
    "md5sum": "0a7ce1371e83b4c73d696fb14b3694d1",
    "settings": {
      "fd_thres": 0.2,
      "testing": false
    },
    "software": "mriqc",
    "version": "22.0.1",
    "webapi_port": null,
    "webapi_url": "https://mriqc.nimh.nih.gov/api/v1"
  },
  "size_t": 184,
  "size_x": 64,
  "size_y": 64,
  "size_z": 32,
  "snr": 2.116411676774504,
  "spacing_tr": 2.0,
  "spacing_x": 3.4375,
  "spacing_y": 3.4375,
  "spacing_z": 4.0,
  "summary_bg_k": 29.82808476500449,
  "summary_bg_mad": 12.021970654897913,
  "summary_bg_mean": 55.69393539428711,
  "summary_bg_median": 23.7608699798584,
  "summary_bg_n": 75558.0,
  "summary_bg_p05": 14.739130973815918,
  "summary_bg_p95": 207.62663192749017,
  "summary_bg_stdv": 93.98538970947266,
  "summary_fg_k": 3.7612591915885476,
  "summary_fg_mad": 207.99948112720966,
  "summary_fg_mean": 702.9810791015625,
  "summary_fg_median": 626.6358642578125,
  "summary_fg_n": 25390.0,
  "summary_fg_p05": 381.19457550048827,
  "summary_fg_p95": 1334.2809814453121,
  "summary_fg_stdv": 296.0782775878906,
  "tsnr": 75.59746485901996
}