{
  "aor": 0.0022876216216216215,
  "aqi": 0.003389268,
  "bids_meta": {
    "AcquisitionNumber": 1,
    "AcquisitionTime": "15:23:43.310000",
    "BandwidthPerPixelPhaseEncode": 28.409,
    "ConversionSoftware": "dcm2niix",
    "ConversionSoftwareVersion": "v1.0.20170724 GCC4.4.7",
    "DeviceSerialNumber": "35414",
    "EchoTime": 0.03,
    "EffectiveEchoSpacing": 0.000550002,
    "FlipAngle": 80,
    "ImageType": [
      "ORIGINAL",
      "PRIMARY",
      "FMRI",
      "NONE",
      "ND",
      "MOSAIC"
    ],
    "InstitutionAddress": "Mikeletegi_69_San_Sebastian_District_ES_20009",
    "InstitutionName": "BCBL",
    "MagneticFieldStrength": 3,
    "Manufacturer": "Siemens",
    "ManufacturersModelName": "TrioTim",
    "PhaseEncodingDirection": "j-",
    "PhaseEncodingLines": 64,
    "ProcedureStepDescription": "CRANEO_FUNCIONAL",
    "ProtocolName": "ep2d_PiN_L1_Run2",
    "RepetitionTime": 2,
    "ScanningSequence": "EP",
    "SequenceName": "_epfid2d1_64",
    "SequenceVariant": "SK",
    "SeriesDescription": "ep2d_PiN_L1_Run2",
    "SliceTiming": [
      1.925,
      1.8625,
      1.8,
      1.7375,
      1.6775,
      1.615,
      1.5525,
      1.49,
      1.4275,
      1.365,
      1.305,
      1.2425,
      1.18,
      1.1175,
      1.055,
      0.9925,
      0.9325,
      0.87,
      0.8075,
      0.745,
      0.6825,
      0.62,
      0.5575,
      0.4975,
      0.435,
      0.3725,
      0.31,
      0.2475,
      0.185,
      0.125,
      0.0625,
      0
    ],
    "SoftwareVersions": "syngo_MR_B17",
    "TaskName": "compL1",
    "TotalReadoutTime": 0.0346501,
    "dataset": "ds003542",
    "modality": "bold",
    "run_id": 2,
    "subject_id": "33",
    "task_id": "compL1"
  },
  "dummy_trs": 1,
  "dvars_nstd": 19.894641062608702,
  "dvars_std": 1.2025588389130437,
  "dvars_vstd": 0.9986556692934778,
  "efc": 0.5260696063038472,
  "fber": 665.0662231445312,
  "fd_mean": 0.19191177291133965,
  "fd_num": 69,
  "fd_perc": 37.2972972972973,
  "fwhm_avg": 3.067659090909091,
  "fwhm_x": 2.9179636363636363,
  "fwhm_y": 3.3307636363636366,
  "fwhm_z": 2.95425,
  "gcor": 0.0369789,
  "gsr_x": -0.022794390097260475,
  "gsr_y": 0.08672431111335754,
  "provenance": {
    "md5sum": "a06b0cc9b2a001e88c616344f1f8876d",
    "settings": {
      "fd_thres": 0.2,
      "testing": false
    },
    "software": "mriqc",
    "version": "22.0.1",
    "webapi_port": null,
    "webapi_url": "https://mriqc.nimh.nih.gov/api/v1"
  },
  "size_t": 185,
  "size_x": 64,
  "size_y": 64,
  "size_z": 32,
  "snr": 2.0624509981721273,
  "spacing_tr": 2.0,
  "spacing_x": 3.4375,
  "spacing_y": 3.4375,
  "spacing_z": 4.0,
  "summary_bg_k": 32.87092704961553,
  "summary_bg_mad": 11.748620395403847,
  "summary_bg_mean": 53.678035736083984,
  "summary_bg_median": 23.491891860961914,
  "summary_bg_n": 75351.0,
  "summary_bg_p05": 14.681081771850586,
  "summary_bg_p95": 197.8648681640625,
  "summary_bg_stdv": 89.35675048828125,
  "summary_fg_k": 4.635928532426742,
  "summary_fg_mad": 203.57330178676995,
  "summary_fg_mean": 694.5557250976562,
  "summary_fg_median": 615.802734375,
  "summary_fg_n": 25516.0,
  "summary_fg_p05": 378.2729797363281,
  "summary_fg_p95": 1319.0972900390625,
  "summary_fg_stdv": 298.572265625,
  "tsnr": 79.57000203011557
}