{
  "aor": 0.0009313440860215053,
  "aqi": 0.004314546075268817,
  "bids_meta": {
    "AcquisitionNumber": 1,
    "AcquisitionTime": "15:21:34.452500",
    "BandwidthPerPixelPhaseEncode": 28.409,
    "ConversionSoftware": "dcm2niix",
    "ConversionSoftwareVersion": "v1.0.20170724 GCC4.4.7",
    "DeviceSerialNumber": "35414",
    "EchoTime": 0.03,
    "EffectiveEchoSpacing": 0.000550002,
    "FlipAngle": 80,
    "ImageType": [
      "ORIGINAL",
      "PRIMARY",
      "FMRI",
      "NONE",
      "ND",
      "MOSAIC"
    ],
    "InstitutionAddress": "Mikeletegi_69_San_Sebastian_District_ES_20009",
    "InstitutionName": "BCBL",
    "MagneticFieldStrength": 3,
    "Manufacturer": "Siemens",
    "ManufacturersModelName": "TrioTim",
    "PhaseEncodingDirection": "j-",
    "PhaseEncodingLines": 64,
    "ProcedureStepDescription": "CRANEO_FUNCIONAL",
    "ProtocolName": "ep2d_PiN_L1_Run3",
    "RepetitionTime": 2,
    "ScanningSequence": "EP",
    "SequenceName": "_epfid2d1_64",
    "SequenceVariant": "SK",
    "SeriesDescription": "ep2d_PiN_L1_Run3",
    "SliceTiming": [
      1.925,
      1.8625,
      1.8025,
      1.74,
      1.6775,
      1.615,
      1.5525,
      1.49,
      1.43,
      1.3675,
      1.305,
      1.2425,
      1.18,
      1.1175,
      1.055,
      0.995,
      0.9325,
      0.87,
      0.8075,
      0.745,
      0.6825,
      0.6225,
      0.56,
      0.4975,
      0.435,
      0.3725,
      0.31,
      0.2475,
      0.1875,
      0.125,
      0.0625,
      0
    ],
    "SoftwareVersions": "syngo_MR_B17",
    "TaskName": "compL1",
    "TotalReadoutTime": 0.0346501,
    "dataset": "ds003542",
    "modality": "bold",
    "run_id": 3,
    "subject_id": "16",
    "task_id": "compL1"
  },
  "dummy_trs": 0,
  "dvars_nstd": 23.48750840237838,
  "dvars_std": 1.2134631135675673,
  "dvars_vstd": 0.9885004138378373,
  "efc": 0.49973927447886823,
  "fber": 911.86669921875,
  "fd_mean": 0.2503067070218155,
  "fd_num": 121,
  "fd_perc": 65.05376344086021,
  "fwhm_avg": 2.5510958333333336,
  "fwhm_x": 2.526167272727273,
  "fwhm_y": 2.7101527272727273,
  "fwhm_z": 2.4169675,
  "gcor": 0.0547564,
  "gsr_x": -0.02135877124965191,
  "gsr_y": 0.06684111803770065,
  "provenance": {
    "md5sum": "eb673228bcd76b8bfe4729142883fb4d",
    "settings": {
      "fd_thres": 0.2,
      "testing": false
    },
    "software": "mriqc",
    "version": "22.0.1",
    "webapi_port": null,
    "webapi_url": "https://mriqc.nimh.nih.gov/api/v1"
  },
  "size_t": 186,
  "size_x": 64,
  "size_y": 64,
  "size_z": 32,
  "snr": 3.1494223582986702,
  "spacing_tr": 2.0,
  "spacing_x": 3.4375,
  "spacing_y": 3.4375,
  "spacing_z": 4.0,
  "summary_bg_k": 48.03338279312588,
  "summary_bg_mad": 5.643453879586419,
  "summary_bg_mean": 38.91445541381836,
  "summary_bg_median": 17.962366104125977,
  "summary_bg_n": 82526.0,
  "summary_bg_p05": 13.870967864990234,
  "summary_bg_p95": 131.97042846679688,
  "summary_bg_stdv": 63.919639587402344,
  "summary_fg_k": 2.429409139484476,
  "summary_fg_mad": 137.20848286445744,
  "summary_fg_mean": 578.8505249023438,
  "summary_fg_median": 545.72314453125,
  "summary_fg_n": 19870.0,
  "summary_fg_p05": 364.11719512939453,
  "summary_fg_p95": 921.7809295654295,
  "summary_fg_stdv": 173.27285766601562,
  "tsnr": 78.62774293124676
}