{
  "aor": 0.0008416756756756756,
  "aqi": 0.003908911567567568,
  "bids_meta": {
    "AcquisitionNumber": 1,
    "AcquisitionTime": "15:05:15.592500",
    "BandwidthPerPixelPhaseEncode": 28.409,
    "ConversionSoftware": "dcm2niix",
    "ConversionSoftwareVersion": "v1.0.20170724 GCC4.4.7",
    "DeviceSerialNumber": "35414",
    "EchoTime": 0.03,
    "EffectiveEchoSpacing": 0.000550002,
    "FlipAngle": 80,
    "ImageType": [
      "ORIGINAL",
      "PRIMARY",
      "FMRI",
      "NONE",
      "ND",
      "MOSAIC"
    ],
    "InstitutionAddress": "Mikeletegi_69_San_Sebastian_District_ES_20009",
    "InstitutionName": "BCBL",
    "MagneticFieldStrength": 3,
    "Manufacturer": "Siemens",
    "ManufacturersModelName": "TrioTim",
    "PhaseEncodingDirection": "j-",
    "PhaseEncodingLines": 64,
    "ProcedureStepDescription": "CRANEO_FUNCIONAL",
    "ProtocolName": "ep2d_PiN_L1_Run1",
    "RepetitionTime": 2,
    "ScanningSequence": "EP",
    "SequenceName": "_epfid2d1_64",
    "SequenceVariant": "SK",
    "SeriesDescription": "ep2d_PiN_L1_Run1",
    "SliceTiming": [
      1.925,
      1.8625,
      1.8,
      1.7375,
      1.6775,
      1.615,
      1.5525,
      1.49,
      1.4275,
      1.365,
      1.305,
      1.2425,
      1.18,
      1.1175,
      1.055,
      0.9925,
      0.9325,
      0.87,
      0.8075,
      0.745,
      0.6825,
      0.62,
      0.5575,
      0.4975,
      0.435,
      0.3725,
      0.31,
      0.2475,
      0.185,
      0.125,
      0.0625,
      0
    ],
    "SoftwareVersions": "syngo_MR_B17",
    "TaskName": "compL1",
    "TotalReadoutTime": 0.0346501,
    "dataset": "ds003542",
    "modality": "bold",
    "run_id": 1,
    "subject_id": "16",
    "task_id": "compL1"
  },
  "dummy_trs": 1,
  "dvars_nstd": 22.170476986249994,
  "dvars_std": 1.1548368866847822,
  "dvars_vstd": 0.9514852525543477,
  "efc": 0.49863579875059316,
  "fber": 924.8386840820312,
  "fd_mean": 0.20923368293073738,
  "fd_num": 87,
  "fd_perc": 47.027027027027025,
  "fwhm_avg": 2.6040700454545456,
  "fwhm_x": 2.5670574545454548,
  "fwhm_y": 2.758170181818182,
  "fwhm_z": 2.4869825,
  "gcor": 0.0472759,
  "gsr_x": -0.021614691242575645,
  "gsr_y": 0.06514015048742294,
  "provenance": {
    "md5sum": "659986acb511f2a8e96e4c85ac74af5b",
    "settings": {
      "fd_thres": 0.2,
      "testing": false
    },
    "software": "mriqc",
    "version": "22.0.1",
    "webapi_port": null,
    "webapi_url": "https://mriqc.nimh.nih.gov/api/v1"
  },
  "size_t": 185,
  "size_x": 64,
  "size_y": 64,
  "size_z": 32,
  "snr": 3.1040860050068937,
  "spacing_tr": 2.0,
  "spacing_x": 3.4375,
  "spacing_y": 3.4375,
  "spacing_z": 4.0,
  "summary_bg_k": 47.81625931870951,
  "summary_bg_mad": 5.770128355597824,
  "summary_bg_mean": 38.40778732299805,
  "summary_bg_median": 17.832433700561523,
  "summary_bg_n": 82461.0,
  "summary_bg_p05": 13.62702751159668,
  "summary_bg_p95": 130.60000610351562,
  "summary_bg_stdv": 62.38903045654297,
  "summary_fg_k": 2.384571876838959,
  "summary_fg_mad": 140.5907596662814,
  "summary_fg_mean": 581.130126953125,
  "summary_fg_median": 547.3945922851562,
  "summary_fg_n": 19865.0,
  "summary_fg_p05": 362.72974853515626,
  "summary_fg_p95": 931.2010864257812,
  "summary_fg_stdv": 176.34202575683594,
  "tsnr": 75.59919042140245
}