{
  "aor": 0.003627583333333333,
  "aqi": 0.008528167541666666,
  "bids_meta": {
    "AcquisitionNumber": 1,
    "AcquisitionTime": "17:29:53.307500",
    "BandwidthPerPixelPhaseEncode": 29.481,
    "ConversionSoftware": "dcm2niix",
    "ConversionSoftwareVersion": "v1.0.20170724 GCC4.4.7",
    "DeviceSerialNumber": "35414",
    "EchoTime": 0.025,
    "EffectiveEchoSpacing": 0.000530002,
    "FlipAngle": 90,
    "ImageType": [
      "ORIGINAL",
      "PRIMARY",
      "M",
      "ND",
      "MOSAIC"
    ],
    "InstitutionAddress": "Mikeletegi_69_San_Sebastian_District_ES_20009",
    "InstitutionName": "BCBL",
    "MagneticFieldStrength": 3,
    "Manufacturer": "Siemens",
    "ManufacturersModelName": "TrioTim",
    "PhaseEncodingDirection": "j-",
    "PhaseEncodingLines": 64,
    "ProcedureStepDescription": "CRANEO_FUNCIONAL",
    "ProtocolName": "ep2d_Didak_VF_L2_Run2",
    "RepetitionTime": 3,
    "ScanningSequence": "EP",
    "SequenceName": "_epfid2d1_64",
    "SequenceVariant": "SK",
    "SeriesDescription": "ep2d_Didak_VF_L2_Run2",
    "SliceTiming": [
      2.92,
      2.85,
      2.7825,
      2.7125,
      2.6425,
      2.5725,
      2.5025,
      2.4325,
      2.365,
      2.295,
      2.225,
      2.155,
      2.085,
      2.0175,
      1.9475,
      1.8775,
      1.8075,
      1.7375,
      1.6675,
      1.6,
      1.53,
      1.46,
      1.39,
      1.32,
      1.25,
      1.1825,
      1.1125,
      1.0425,
      0.9725,
      0.9025,
      0.8325,
      0.765,
      0.695,
      0.625,
      0.555,
      0.485,
      0.415,
      0.3475,
      0.2775,
      0.2075,
      0.1375,
      0.0675,
      0
    ],
    "SoftwareVersions": "syngo_MR_B17",
    "TaskName": "prodLn",
    "TotalReadoutTime": 0.0333901,
    "dataset": "ds003542",
    "modality": "bold",
    "run_id": 2,
    "subject_id": "16",
    "task_id": "prodLn"
  },
  "dummy_trs": 0,
  "dvars_nstd": 35.66471938635982,
  "dvars_std": 1.1788320472384937,
  "dvars_vstd": 0.9668726891213391,
  "efc": 0.5684654695087977,
  "fber": 412.9425048828125,
  "fd_mean": 0.3939675529476782,
  "fd_num": 157,
  "fd_perc": 65.41666666666667,
  "fwhm_avg": 2.7283192047693476,
  "fwhm_x": 2.670693333333333,
  "fwhm_y": 2.84634,
  "fwhm_z": 2.66792428097471,
  "gcor": 0.0369814,
  "gsr_x": 0.0003478430153336376,
  "gsr_y": 0.11735863983631134,
  "provenance": {
    "md5sum": "aa39d4a4b1fdc661b1de8b2753c104c2",
    "settings": {
      "fd_thres": 0.2,
      "testing": false
    },
    "software": "mriqc",
    "version": "22.0.1",
    "webapi_port": null,
    "webapi_url": "https://mriqc.nimh.nih.gov/api/v1"
  },
  "size_t": 240,
  "size_x": 64,
  "size_y": 64,
  "size_z": 43,
  "snr": 2.859785794733521,
  "spacing_tr": 3.0,
  "spacing_x": 3.0,
  "spacing_y": 3.0,
  "spacing_z": 3.299999952316284,
  "summary_bg_k": 19.909953043768986,
  "summary_bg_mad": 13.664654029156429,
  "summary_bg_mean": 80.60111236572266,
  "summary_bg_median": 34.7208366394043,
  "summary_bg_n": 105278.0,
  "summary_bg_p05": 24.741668701171875,
  "summary_bg_p95": 303.86751708984355,
  "summary_bg_stdv": 116.11689758300781,
  "summary_fg_k": 2.4226086790623427,
  "summary_fg_mad": 201.05634381517422,
  "summary_fg_mean": 759.9983520507812,
  "summary_fg_median": 709.9896240234375,
  "summary_fg_n": 34266.0,
  "summary_fg_p05": 455.16668701171875,
  "summary_fg_p95": 1251.8094177246094,
  "summary_fg_stdv": 248.26309204101562,
  "tsnr": 45.220158437266946
}