{
  "aor": 0.005756833333333333,
  "aqi": 0.009949523,
  "bids_meta": {
    "AcquisitionNumber": 1,
    "AcquisitionTime": "17:16:42.985000",
    "BandwidthPerPixelPhaseEncode": 29.481,
    "ConversionSoftware": "dcm2niix",
    "ConversionSoftwareVersion": "v1.0.20170724 GCC4.4.7",
    "DeviceSerialNumber": "35414",
    "EchoTime": 0.025,
    "EffectiveEchoSpacing": 0.000530002,
    "FlipAngle": 90,
    "ImageType": [
      "ORIGINAL",
      "PRIMARY",
      "M",
      "ND",
      "MOSAIC"
    ],
    "InstitutionAddress": "Mikeletegi_69_San_Sebastian_District_ES_20009",
    "InstitutionName": "BCBL",
    "MagneticFieldStrength": 3,
    "Manufacturer": "Siemens",
    "ManufacturersModelName": "TrioTim",
    "PhaseEncodingDirection": "j-",
    "PhaseEncodingLines": 64,
    "ProcedureStepDescription": "CRANEO_FUNCIONAL",
    "ProtocolName": "ep2d_Didak_VF_L2_Run1",
    "RepetitionTime": 3,
    "ScanningSequence": "EP",
    "SequenceName": "_epfid2d1_64",
    "SequenceVariant": "SK",
    "SeriesDescription": "ep2d_Didak_VF_L2_Run1",
    "SliceTiming": [
      2.9225,
      2.8525,
      2.7825,
      2.7125,
      2.6425,
      2.575,
      2.505,
      2.435,
      2.365,
      2.295,
      2.225,
      2.1575,
      2.0875,
      2.0175,
      1.9475,
      1.8775,
      1.8075,
      1.74,
      1.67,
      1.6,
      1.53,
      1.46,
      1.3925,
      1.3225,
      1.2525,
      1.1825,
      1.1125,
      1.0425,
      0.975,
      0.905,
      0.835,
      0.765,
      0.695,
      0.625,
      0.5575,
      0.4875,
      0.4175,
      0.3475,
      0.2775,
      0.2075,
      0.14,
      0.07,
      0
    ],
    "SoftwareVersions": "syngo_MR_B17",
    "TaskName": "prodLn",
    "TotalReadoutTime": 0.0333901,
    "dataset": "ds003542",
    "modality": "bold",
    "run_id": 1,
    "subject_id": "16",
    "task_id": "prodLn"
  },
  "dummy_trs": 0,
  "dvars_nstd": 34.09170261694559,
  "dvars_std": 1.120281567866109,
  "dvars_vstd": 0.9515291912552301,
  "efc": 0.5675865300740595,
  "fber": 418.34173583984375,
  "fd_mean": 0.36875179077183734,
  "fd_num": 129,
  "fd_perc": 53.75,
  "fwhm_avg": 2.692842335949251,
  "fwhm_x": 2.6587166666666664,
  "fwhm_y": 2.7795466666666666,
  "fwhm_z": 2.640263674514419,
  "gcor": 0.0314769,
  "gsr_x": 0.00037717761006206274,
  "gsr_y": 0.11706645041704178,
  "provenance": {
    "md5sum": "5b1f0da16c766ffb5e5248c4d7e1b8a8",
    "settings": {
      "fd_thres": 0.2,
      "testing": false
    },
    "software": "mriqc",
    "version": "22.0.1",
    "webapi_port": null,
    "webapi_url": "https://mriqc.nimh.nih.gov/api/v1"
  },
  "size_t": 240,
  "size_x": 64,
  "size_y": 64,
  "size_z": 43,
  "snr": 2.848085309494232,
  "spacing_tr": 3.0,
  "spacing_x": 3.0,
  "spacing_y": 3.0,
  "spacing_z": 3.299999952316284,
  "summary_bg_k": 19.36098792623388,
  "summary_bg_mad": 13.399015287472926,
  "summary_bg_mean": 79.58014678955078,
  "summary_bg_median": 34.45417022705078,
  "summary_bg_n": 105396.0,
  "summary_bg_p05": 24.278125762939453,
  "summary_bg_p95": 296.26043701171875,
  "summary_bg_stdv": 113.6631088256836,
  "summary_fg_k": 2.6418030642445824,
  "summary_fg_mad": 199.84860757803523,
  "summary_fg_mean": 759.0286254882812,
  "summary_fg_median": 708.42919921875,
  "summary_fg_n": 34367.0,
  "summary_fg_p05": 455.2571166992188,
  "summary_fg_p95": 1251.8334228515623,
  "summary_fg_stdv": 248.73513793945312,
  "tsnr": 40.18132901843637
}