{
  "bids_meta": {
    "AccelFactPE": 2,
    "AcquisitionNumber": 1,
    "AcquisitionTime": "14:33:38.285000",
    "ConversionSoftware": "dcm2niix",
    "ConversionSoftwareVersion": "v1.0.20170724 GCC4.4.7",
    "DeviceSerialNumber": "35414",
    "EchoTime": 0.0035,
    "FlipAngle": 7,
    "ImageType": [
      "ORIGINAL",
      "PRIMARY",
      "M",
      "ND",
      "NORM"
    ],
    "InstitutionAddress": "Mikeletegi_69_San_Sebastian_District_ES_20009",
    "InstitutionName": "BCBL",
    "InversionTime": 1.1,
    "MagneticFieldStrength": 3,
    "Manufacturer": "Siemens",
    "ManufacturersModelName": "TrioTim",
    "PhaseEncodingDirection": "i-",
    "PhaseEncodingLines": 256,
    "ProcedureStepDescription": "CRANEO_FUNCIONAL",
    "ProtocolName": "t1_mpr_sag_p2_1mm_iso_MGH",
    "RepetitionTime": 2.53,
    "ScanningSequence": "GR_IR",
    "SequenceName": "_tfl3d1_ns",
    "SequenceVariant": "SP_MP",
    "SeriesDescription": "t1_mpr_sag_p2_1mm_iso_MGH",
    "SoftwareVersions": "syngo_MR_B17",
    "dataset": "ds003542",
    "modality": "T1w",
    "subject_id": "11"
  },
  "cjv": 0.40492560962101304,
  "cnr": 3.1816877975397535,
  "efc": 0.5189143023314301,
  "fber": 12629.417645919422,
  "fwhm_avg": 3.9153233333333333,
  "fwhm_x": 3.96995,
  "fwhm_y": 4.15027,
  "fwhm_z": 3.62575,
  "icvs_csf": 0.2461431458119805,
  "icvs_gm": 0.3809516978998398,
  "icvs_wm": 0.3729051562881797,
  "inu_med": 0.5129057765007019,
  "inu_range": 0.16312193274497983,
  "provenance": {
    "md5sum": "a722964d1f087d022a377557c61d444c",
    "settings": {
      "testing": false
    },
    "software": "mriqc",
    "version": "22.0.1",
    "warnings": {
      "large_rot_frame": true,
      "small_air_mask": false
    },
    "webapi_port": null,
    "webapi_url": "https://mriqc.nimh.nih.gov/api/v1"
  },
  "qi_1": 0.0,
  "qi_2": 0.022700777901252703,
  "rpve_csf": 23.156661803986857,
  "rpve_gm": 14.070809632333413,
  "rpve_wm": 17.462408569000132,
  "size_x": 176,
  "size_y": 256,
  "size_z": 256,
  "snr_csf": 1.9663728046999311,
  "snr_gm": 8.35646801412173,
  "snr_total": 11.47568087075994,
  "snr_wm": 24.104201793458163,
  "snrd_csf": 17.15171063482398,
  "snrd_gm": 71.98300862596368,
  "snrd_total": 63.9120901459571,
  "snrd_wm": 102.60155117708364,
  "spacing_x": 1.0,
  "spacing_y": 1.0,
  "spacing_z": 1.0,
  "summary_bg_k": 5.693214823319829,
  "summary_bg_mad": 6.385248468892089,
  "summary_bg_mean": 4.5059918248124715,
  "summary_bg_median": 4.3067846447229385,
  "summary_bg_n": 3274685.0,
  "summary_bg_p05": 0.0,
  "summary_bg_p95": 14.601769857108593,
  "summary_bg_stdv": 5.289107685717582,
  "summary_csf_k": 2.9247133545344095,
  "summary_csf_mad": 60.091310933272126,
  "summary_csf_mean": 181.4177933640951,
  "summary_csf_median": 167.1681409701705,
  "summary_csf_n": 65725.0,
  "summary_csf_p05": 69.26843632012607,
  "summary_csf_p95": 360.0825945287942,
  "summary_csf_stdv": 85.01280573125186,
  "summary_gm_k": 0.033589391311209305,
  "summary_gm_mad": 81.78366189608361,
  "summary_gm_mean": 699.0695177539033,
  "summary_gm_median": 701.5781684778631,
  "summary_gm_n": 13338.0,
  "summary_gm_p05": 558.3436557371169,
  "summary_gm_p95": 839.3008818291128,
  "summary_gm_stdv": 83.9531566234685,
  "summary_wm_k": 0.5497387483888994,
  "summary_wm_mad": 39.05497864877148,
  "summary_wm_mean": 999.1378274463688,
  "summary_wm_median": 999.9999962747097,
  "summary_wm_n": 206181.0,
  "summary_wm_p05": 930.0294950604439,
  "summary_wm_p95": 1065.2802320197225,
  "summary_wm_stdv": 41.48644206461385,
  "tpm_overlap_csf": 0.14915438265690575,
  "tpm_overlap_gm": 0.41019400573479176,
  "tpm_overlap_wm": 0.48643756432847335,
  "wm2max": 0.6376515462838217
}