{
  "aor": 0.00920021505376344,
  "aqi": 0.0045641487634408605,
  "bids_meta": {
    "AcquisitionNumber": 1,
    "AcquisitionTime": "16:58:53.635000",
    "BandwidthPerPixelPhaseEncode": 28.409,
    "ConversionSoftware": "dcm2niix",
    "ConversionSoftwareVersion": "v1.0.20170724 GCC4.4.7",
    "DeviceSerialNumber": "35414",
    "EchoTime": 0.03,
    "EffectiveEchoSpacing": 0.000550002,
    "FlipAngle": 80,
    "ImageType": [
      "ORIGINAL",
      "PRIMARY",
      "FMRI",
      "NONE",
      "ND",
      "MOSAIC"
    ],
    "InstitutionAddress": "Mikeletegi_69_San_Sebastian_District_ES_20009",
    "InstitutionName": "BCBL",
    "MagneticFieldStrength": 3,
    "Manufacturer": "Siemens",
    "ManufacturersModelName": "TrioTim",
    "PhaseEncodingDirection": "j-",
    "PhaseEncodingLines": 64,
    "ProcedureStepDescription": "CRANEO_FUNCIONAL",
    "ProtocolName": "ep2d_PiN_L2_Run2",
    "RepetitionTime": 2,
    "ScanningSequence": "EP",
    "SequenceName": "_epfid2d1_64",
    "SequenceVariant": "SK",
    "SeriesDescription": "ep2d_PiN_L2_Run2",
    "SliceTiming": [
      1.925,
      1.8625,
      1.8,
      1.7375,
      1.675,
      1.615,
      1.5525,
      1.49,
      1.4275,
      1.365,
      1.3025,
      1.2425,
      1.18,
      1.1175,
      1.055,
      0.9925,
      0.93,
      0.87,
      0.8075,
      0.745,
      0.6825,
      0.62,
      0.5575,
      0.495,
      0.435,
      0.3725,
      0.31,
      0.2475,
      0.185,
      0.1225,
      0.0625,
      0
    ],
    "SoftwareVersions": "syngo_MR_B17",
    "TaskName": "compLn",
    "TotalReadoutTime": 0.0346501,
    "dataset": "ds003542",
    "modality": "bold",
    "run_id": 2,
    "subject_id": "16",
    "task_id": "compLn"
  },
  "dummy_trs": 0,
  "dvars_nstd": 26.15876854562163,
  "dvars_std": 1.3117970950810807,
  "dvars_vstd": 1.0468388449729729,
  "efc": 0.4957995078798827,
  "fber": 983.7509765625,
  "fd_mean": 0.28973876301599505,
  "fd_num": 101,
  "fd_perc": 54.30107526881721,
  "fwhm_avg": 2.6960875454545454,
  "fwhm_x": 2.689067636363636,
  "fwhm_y": 2.84032,
  "fwhm_z": 2.558875,
  "gcor": 0.053448,
  "gsr_x": -0.020149733871221542,
  "gsr_y": 0.06656437367200851,
  "provenance": {
    "md5sum": "06e91855dc46be7e4cea60e2ae4d9c87",
    "settings": {
      "fd_thres": 0.2,
      "testing": false
    },
    "software": "mriqc",
    "version": "22.0.1",
    "webapi_port": null,
    "webapi_url": "https://mriqc.nimh.nih.gov/api/v1"
  },
  "size_t": 186,
  "size_x": 64,
  "size_y": 64,
  "size_z": 32,
  "snr": 2.8697211581681645,
  "spacing_tr": 2.0,
  "spacing_x": 3.4375,
  "spacing_y": 3.4375,
  "spacing_z": 4.0,
  "summary_bg_k": 34.68603887099212,
  "summary_bg_mad": 7.1499683073351905,
  "summary_bg_mean": 41.872745513916016,
  "summary_bg_median": 18.33333396911621,
  "summary_bg_n": 82638.0,
  "summary_bg_p05": 13.177419662475586,
  "summary_bg_p95": 151.7266075134277,
  "summary_bg_stdv": 67.01941680908203,
  "summary_fg_k": 2.344397443932583,
  "summary_fg_mad": 159.58293571113288,
  "summary_fg_mean": 620.6582641601562,
  "summary_fg_median": 580.698974609375,
  "summary_fg_n": 19824.0,
  "summary_fg_p05": 374.3440856933594,
  "summary_fg_p95": 1027.7218017578125,
  "summary_fg_stdv": 202.34869384765625,
  "tsnr": 65.78645362087991
}