{
  "aor": 0.0004982795698924732,
  "aqi": 0.004367992741935484,
  "bids_meta": {
    "AcquisitionNumber": 1,
    "AcquisitionTime": "15:14:12.490000",
    "BandwidthPerPixelPhaseEncode": 28.409,
    "ConversionSoftware": "dcm2niix",
    "ConversionSoftwareVersion": "v1.0.20170724 GCC4.4.7",
    "DeviceSerialNumber": "35414",
    "EchoTime": 0.03,
    "EffectiveEchoSpacing": 0.000550002,
    "FlipAngle": 80,
    "ImageType": [
      "ORIGINAL",
      "PRIMARY",
      "FMRI",
      "NONE",
      "ND",
      "MOSAIC"
    ],
    "InstitutionAddress": "Mikeletegi_69_San_Sebastian_District_ES_20009",
    "InstitutionName": "BCBL",
    "MagneticFieldStrength": 3,
    "Manufacturer": "Siemens",
    "ManufacturersModelName": "TrioTim",
    "PhaseEncodingDirection": "j-",
    "PhaseEncodingLines": 64,
    "ProcedureStepDescription": "CRANEO_FUNCIONAL",
    "ProtocolName": "ep2d_PiN_L1_Run2",
    "RepetitionTime": 2,
    "ScanningSequence": "EP",
    "SequenceName": "_epfid2d1_64",
    "SequenceVariant": "SK",
    "SeriesDescription": "ep2d_PiN_L1_Run2",
    "SliceTiming": [
      1.925,
      1.8625,
      1.8,
      1.7375,
      1.6775,
      1.615,
      1.5525,
      1.49,
      1.4275,
      1.365,
      1.3025,
      1.2425,
      1.18,
      1.1175,
      1.055,
      0.9925,
      0.93,
      0.87,
      0.8075,
      0.745,
      0.6825,
      0.62,
      0.5575,
      0.4975,
      0.435,
      0.3725,
      0.31,
      0.2475,
      0.185,
      0.1225,
      0.0625,
      0
    ],
    "SoftwareVersions": "syngo_MR_B17",
    "TaskName": "compL1",
    "TotalReadoutTime": 0.0346501,
    "dataset": "ds003542",
    "modality": "bold",
    "run_id": 2,
    "subject_id": "16",
    "task_id": "compL1"
  },
  "dummy_trs": 0,
  "dvars_nstd": 23.054154927027042,
  "dvars_std": 1.172010713081081,
  "dvars_vstd": 0.9641538752432434,
  "efc": 0.49873257177499486,
  "fber": 945.7261962890625,
  "fd_mean": 0.2328259459681413,
  "fd_num": 109,
  "fd_perc": 58.60215053763441,
  "fwhm_avg": 2.5744106212121216,
  "fwhm_x": 2.545888,
  "fwhm_y": 2.7236363636363636,
  "fwhm_z": 2.4537075,
  "gcor": 0.0588865,
  "gsr_x": -0.021172113716602325,
  "gsr_y": 0.06750183552503586,
  "provenance": {
    "md5sum": "670030d95702ed5ad6ede41f902b95f5",
    "settings": {
      "fd_thres": 0.2,
      "testing": false
    },
    "software": "mriqc",
    "version": "22.0.1",
    "webapi_port": null,
    "webapi_url": "https://mriqc.nimh.nih.gov/api/v1"
  },
  "size_t": 186,
  "size_x": 64,
  "size_y": 64,
  "size_z": 32,
  "snr": 3.128911266946752,
  "spacing_tr": 2.0,
  "spacing_x": 3.4375,
  "spacing_y": 3.4375,
  "spacing_z": 4.0,
  "summary_bg_k": 48.31678958760798,
  "summary_bg_mad": 5.571714424017593,
  "summary_bg_mean": 38.51799392700195,
  "summary_bg_median": 17.629032135009766,
  "summary_bg_n": 82518.0,
  "summary_bg_p05": 13.5591402053833,
  "summary_bg_p95": 130.5016136169433,
  "summary_bg_stdv": 63.43319320678711,
  "summary_fg_k": 2.4656054443226,
  "summary_fg_mad": 138.32835247841714,
  "summary_fg_mean": 580.2179565429688,
  "summary_fg_median": 546.5806274414062,
  "summary_fg_n": 19889.0,
  "summary_fg_p05": 363.3150573730469,
  "summary_fg_p95": 922.5451538085932,
  "summary_fg_stdv": 174.68276977539062,
  "tsnr": 77.1171629615128
}