{
  "aor": 0.002331625,
  "aqi": 0.005908511041666666,
  "bids_meta": {
    "AcquisitionNumber": 1,
    "AcquisitionTime": "15:47:39.830000",
    "BandwidthPerPixelPhaseEncode": 29.481,
    "ConversionSoftware": "dcm2niix",
    "ConversionSoftwareVersion": "v1.0.20170724 GCC4.4.7",
    "DeviceSerialNumber": "35414",
    "EchoTime": 0.025,
    "EffectiveEchoSpacing": 0.000530002,
    "FlipAngle": 90,
    "ImageType": [
      "ORIGINAL",
      "PRIMARY",
      "M",
      "ND",
      "MOSAIC"
    ],
    "InstitutionAddress": "Mikeletegi_69_San_Sebastian_District_ES_20009",
    "InstitutionName": "BCBL",
    "MagneticFieldStrength": 3,
    "Manufacturer": "Siemens",
    "ManufacturersModelName": "TrioTim",
    "PhaseEncodingDirection": "j-",
    "PhaseEncodingLines": 64,
    "ProcedureStepDescription": "CRANEO_FUNCIONAL",
    "ProtocolName": "ep2d_Didak_VF_L1_Run2",
    "RepetitionTime": 3,
    "ScanningSequence": "EP",
    "SequenceName": "_epfid2d1_64",
    "SequenceVariant": "SK",
    "SeriesDescription": "ep2d_Didak_VF_L1_Run2",
    "SliceTiming": [
      2.9225,
      2.8525,
      2.7825,
      2.715,
      2.645,
      2.575,
      2.505,
      2.435,
      2.3675,
      2.2975,
      2.2275,
      2.1575,
      2.0875,
      2.0175,
      1.95,
      1.88,
      1.81,
      1.74,
      1.67,
      1.6,
      1.5325,
      1.4625,
      1.3925,
      1.3225,
      1.2525,
      1.1825,
      1.115,
      1.045,
      0.975,
      0.905,
      0.835,
      0.765,
      0.6975,
      0.6275,
      0.5575,
      0.4875,
      0.4175,
      0.35,
      0.28,
      0.21,
      0.14,
      0.07,
      0
    ],
    "SoftwareVersions": "syngo_MR_B17",
    "TaskName": "prodL1",
    "TotalReadoutTime": 0.0333901,
    "dataset": "ds003542",
    "modality": "bold",
    "run_id": 2,
    "subject_id": "16",
    "task_id": "prodL1"
  },
  "dummy_trs": 0,
  "dvars_nstd": 28.681637935522996,
  "dvars_std": 1.1730413352301265,
  "dvars_vstd": 0.9810032423849366,
  "efc": 0.5704482605514373,
  "fber": 384.0276184082031,
  "fd_mean": 0.26079659002112904,
  "fd_num": 113,
  "fd_perc": 47.083333333333336,
  "fwhm_avg": 2.6289542549570615,
  "fwhm_x": 2.5489666666666664,
  "fwhm_y": 2.735856666666667,
  "fwhm_z": 2.6020394315378508,
  "gcor": 0.0296678,
  "gsr_x": -0.00897280965000391,
  "gsr_y": 0.11396182328462601,
  "provenance": {
    "md5sum": "9f9285510fa83e89c155f36b78e08615",
    "settings": {
      "fd_thres": 0.2,
      "testing": false
    },
    "software": "mriqc",
    "version": "22.0.1",
    "webapi_port": null,
    "webapi_url": "https://mriqc.nimh.nih.gov/api/v1"
  },
  "size_t": 240,
  "size_x": 64,
  "size_y": 64,
  "size_z": 43,
  "snr": 3.0568802907073858,
  "spacing_tr": 3.0,
  "spacing_x": 3.0,
  "spacing_y": 3.0,
  "spacing_z": 3.299999952316284,
  "summary_bg_k": 23.53855522144796,
  "summary_bg_mad": 13.584346220464756,
  "summary_bg_mean": 76.1519775390625,
  "summary_bg_median": 34.8458366394043,
  "summary_bg_n": 105094.0,
  "summary_bg_p05": 25.120834350585938,
  "summary_bg_p95": 276.1731338500972,
  "summary_bg_stdv": 109.26306915283203,
  "summary_fg_k": 2.518205574083824,
  "summary_fg_mad": 181.40566579619767,
  "summary_fg_mean": 731.9533081054688,
  "summary_fg_median": 686.90625,
  "summary_fg_n": 34168.0,
  "summary_fg_p05": 453.9850189208984,
  "summary_fg_p95": 1170.3909301757812,
  "summary_fg_stdv": 224.70497131347656,
  "tsnr": 55.8442675229162
}