{
  "aor": 0.0031776666666666667,
  "aqi": 0.005108972708333334,
  "bids_meta": {
    "AcquisitionNumber": 1,
    "AcquisitionTime": "15:33:14.467500",
    "BandwidthPerPixelPhaseEncode": 29.481,
    "ConversionSoftware": "dcm2niix",
    "ConversionSoftwareVersion": "v1.0.20170724 GCC4.4.7",
    "DeviceSerialNumber": "35414",
    "EchoTime": 0.025,
    "EffectiveEchoSpacing": 0.000530002,
    "FlipAngle": 90,
    "ImageType": [
      "ORIGINAL",
      "PRIMARY",
      "M",
      "ND",
      "MOSAIC"
    ],
    "InstitutionAddress": "Mikeletegi_69_San_Sebastian_District_ES_20009",
    "InstitutionName": "BCBL",
    "MagneticFieldStrength": 3,
    "Manufacturer": "Siemens",
    "ManufacturersModelName": "TrioTim",
    "PhaseEncodingDirection": "j-",
    "PhaseEncodingLines": 64,
    "ProcedureStepDescription": "CRANEO_FUNCIONAL",
    "ProtocolName": "ep2d_Didak_VF_L1_Run1",
    "RepetitionTime": 3,
    "ScanningSequence": "EP",
    "SequenceName": "_epfid2d1_64",
    "SequenceVariant": "SK",
    "SeriesDescription": "ep2d_Didak_VF_L1_Run1",
    "SliceTiming": [
      2.9225,
      2.8525,
      2.7825,
      2.715,
      2.645,
      2.575,
      2.505,
      2.435,
      2.3675,
      2.2975,
      2.2275,
      2.1575,
      2.0875,
      2.0175,
      1.95,
      1.88,
      1.81,
      1.74,
      1.67,
      1.6,
      1.5325,
      1.4625,
      1.3925,
      1.3225,
      1.2525,
      1.1825,
      1.115,
      1.045,
      0.975,
      0.905,
      0.835,
      0.7675,
      0.6975,
      0.6275,
      0.5575,
      0.4875,
      0.4175,
      0.35,
      0.28,
      0.21,
      0.14,
      0.07,
      0
    ],
    "SoftwareVersions": "syngo_MR_B17",
    "TaskName": "prodL1",
    "TotalReadoutTime": 0.0333901,
    "dataset": "ds003542",
    "modality": "bold",
    "run_id": 1,
    "subject_id": "16",
    "task_id": "prodL1"
  },
  "dummy_trs": 0,
  "dvars_nstd": 29.554319397907943,
  "dvars_std": 1.2272459191213387,
  "dvars_vstd": 1.0065680544351463,
  "efc": 0.5728822726112858,
  "fber": 349.0350646972656,
  "fd_mean": 0.23515074607012315,
  "fd_num": 109,
  "fd_perc": 45.416666666666664,
  "fwhm_avg": 2.662959709578311,
  "fwhm_x": 2.60361,
  "fwhm_y": 2.767493333333333,
  "fwhm_z": 2.617775795401599,
  "gcor": 0.0487827,
  "gsr_x": -0.00866410881280899,
  "gsr_y": 0.11413827538490295,
  "provenance": {
    "md5sum": "95901cbb07256938ea2f0f4ef551d627",
    "settings": {
      "fd_thres": 0.2,
      "testing": false
    },
    "software": "mriqc",
    "version": "22.0.1",
    "webapi_port": null,
    "webapi_url": "https://mriqc.nimh.nih.gov/api/v1"
  },
  "size_t": 240,
  "size_x": 64,
  "size_y": 64,
  "size_z": 43,
  "snr": 2.9449742765411933,
  "spacing_tr": 3.0,
  "spacing_x": 3.0,
  "spacing_y": 3.0,
  "spacing_z": 3.299999952316284,
  "summary_bg_k": 24.36009629922828,
  "summary_bg_mad": 13.741868181638072,
  "summary_bg_mean": 77.91313171386719,
  "summary_bg_median": 36.57083511352539,
  "summary_bg_n": 104642.0,
  "summary_bg_p05": 26.729167938232422,
  "summary_bg_p95": 276.5035552978515,
  "summary_bg_stdv": 109.43540954589844,
  "summary_fg_k": 2.8376041027171945,
  "summary_fg_mad": 187.34838142691666,
  "summary_fg_mean": 738.0012817382812,
  "summary_fg_median": 689.8187866210938,
  "summary_fg_n": 34286.0,
  "summary_fg_p05": 454.57918548583984,
  "summary_fg_p95": 1194.6385803222656,
  "summary_fg_stdv": 234.23251342773438,
  "tsnr": 60.13586547970772
}