{
  "aor": 0.00639016129032258,
  "aqi": 0.005140231290322581,
  "bids_meta": {
    "AcquisitionNumber": 1,
    "AcquisitionTime": "17:06:3.330000",
    "BandwidthPerPixelPhaseEncode": 28.409,
    "ConversionSoftware": "dcm2niix",
    "ConversionSoftwareVersion": "v1.0.20170724 GCC4.4.7",
    "DeviceSerialNumber": "35414",
    "EchoTime": 0.03,
    "EffectiveEchoSpacing": 0.000550002,
    "FlipAngle": 80,
    "ImageType": [
      "ORIGINAL",
      "PRIMARY",
      "FMRI",
      "NONE",
      "ND",
      "MOSAIC"
    ],
    "InstitutionAddress": "Mikeletegi_69_San_Sebastian_District_ES_20009",
    "InstitutionName": "BCBL",
    "MagneticFieldStrength": 3,
    "Manufacturer": "Siemens",
    "ManufacturersModelName": "TrioTim",
    "PhaseEncodingDirection": "j-",
    "PhaseEncodingLines": 64,
    "ProcedureStepDescription": "CRANEO_FUNCIONAL",
    "ProtocolName": "ep2d_PiN_L2_Run3",
    "RepetitionTime": 2,
    "ScanningSequence": "EP",
    "SequenceName": "_epfid2d1_64",
    "SequenceVariant": "SK",
    "SeriesDescription": "ep2d_PiN_L2_Run3",
    "SliceTiming": [
      1.925,
      1.8625,
      1.8,
      1.74,
      1.6775,
      1.615,
      1.5525,
      1.49,
      1.4275,
      1.3675,
      1.305,
      1.2425,
      1.18,
      1.1175,
      1.055,
      0.9925,
      0.9325,
      0.87,
      0.8075,
      0.745,
      0.6825,
      0.62,
      0.56,
      0.4975,
      0.435,
      0.3725,
      0.31,
      0.2475,
      0.185,
      0.125,
      0.0625,
      0
    ],
    "SoftwareVersions": "syngo_MR_B17",
    "TaskName": "compLn",
    "TotalReadoutTime": 0.0346501,
    "dataset": "ds003542",
    "modality": "bold",
    "run_id": 3,
    "subject_id": "16",
    "task_id": "compLn"
  },
  "dummy_trs": 0,
  "dvars_nstd": 23.5379620268108,
  "dvars_std": 1.250040875675676,
  "dvars_vstd": 1.0256805649189191,
  "efc": 0.4967300969690581,
  "fber": 980.3324584960938,
  "fd_mean": 0.2617706963626713,
  "fd_num": 103,
  "fd_perc": 55.376344086021504,
  "fwhm_avg": 2.722130606060606,
  "fwhm_x": 2.6789934545454543,
  "fwhm_y": 2.868148363636364,
  "fwhm_z": 2.61925,
  "gcor": 0.0641716,
  "gsr_x": -0.019938401877880096,
  "gsr_y": 0.06874559074640274,
  "provenance": {
    "md5sum": "b0258983cca7a70949166c2e023bffcd",
    "settings": {
      "fd_thres": 0.2,
      "testing": false
    },
    "software": "mriqc",
    "version": "22.0.1",
    "webapi_port": null,
    "webapi_url": "https://mriqc.nimh.nih.gov/api/v1"
  },
  "size_t": 186,
  "size_x": 64,
  "size_y": 64,
  "size_z": 32,
  "snr": 2.86366784439697,
  "spacing_tr": 2.0,
  "spacing_x": 3.4375,
  "spacing_y": 3.4375,
  "spacing_z": 4.0,
  "summary_bg_k": 34.80841863596195,
  "summary_bg_mad": 7.141998042227353,
  "summary_bg_mean": 42.26844024658203,
  "summary_bg_median": 18.327957153320312,
  "summary_bg_n": 82645.0,
  "summary_bg_p05": 13.166666984558105,
  "summary_bg_p95": 152.08924560546885,
  "summary_bg_stdv": 68.3462905883789,
  "summary_fg_k": 2.3423437437004155,
  "summary_fg_mad": 159.79425448742467,
  "summary_fg_mean": 620.4837036132812,
  "summary_fg_median": 580.1666870117188,
  "summary_fg_n": 19912.0,
  "summary_fg_p05": 374.35054779052734,
  "summary_fg_p95": 1028.3543090820315,
  "summary_fg_stdv": 202.590576171875,
  "tsnr": 61.05143648944795
}