{
  "aor": 0.003982918918918919,
  "aqi": 0.004433231783783784,
  "bids_meta": {
    "AcquisitionNumber": 1,
    "AcquisitionTime": "16:51:41.495000",
    "BandwidthPerPixelPhaseEncode": 28.409,
    "ConversionSoftware": "dcm2niix",
    "ConversionSoftwareVersion": "v1.0.20170724 GCC4.4.7",
    "DeviceSerialNumber": "35414",
    "EchoTime": 0.03,
    "EffectiveEchoSpacing": 0.000550002,
    "FlipAngle": 80,
    "ImageType": [
      "ORIGINAL",
      "PRIMARY",
      "FMRI",
      "NONE",
      "ND",
      "MOSAIC"
    ],
    "InstitutionAddress": "Mikeletegi_69_San_Sebastian_District_ES_20009",
    "InstitutionName": "BCBL",
    "MagneticFieldStrength": 3,
    "Manufacturer": "Siemens",
    "ManufacturersModelName": "TrioTim",
    "PhaseEncodingDirection": "j-",
    "PhaseEncodingLines": 64,
    "ProcedureStepDescription": "CRANEO_FUNCIONAL",
    "ProtocolName": "ep2d_PiN_L2_Run1",
    "RepetitionTime": 2,
    "ScanningSequence": "EP",
    "SequenceName": "_epfid2d1_64",
    "SequenceVariant": "SK",
    "SeriesDescription": "ep2d_PiN_L2_Run1",
    "SliceTiming": [
      1.9275,
      1.865,
      1.8025,
      1.74,
      1.6775,
      1.615,
      1.555,
      1.4925,
      1.43,
      1.3675,
      1.305,
      1.2425,
      1.18,
      1.12,
      1.0575,
      0.995,
      0.9325,
      0.87,
      0.8075,
      0.7475,
      0.685,
      0.6225,
      0.56,
      0.4975,
      0.435,
      0.3725,
      0.3125,
      0.25,
      0.1875,
      0.125,
      0.0625,
      0
    ],
    "SoftwareVersions": "syngo_MR_B17",
    "TaskName": "compLn",
    "TotalReadoutTime": 0.0346501,
    "dataset": "ds003542",
    "modality": "bold",
    "run_id": 1,
    "subject_id": "16",
    "task_id": "compLn"
  },
  "dummy_trs": 1,
  "dvars_nstd": 24.210990439076088,
  "dvars_std": 1.229748034891304,
  "dvars_vstd": 0.989681353043477,
  "efc": 0.49618253676948676,
  "fber": 942.265625,
  "fd_mean": 0.24832637712045508,
  "fd_num": 88,
  "fd_perc": 47.567567567567565,
  "fwhm_avg": 2.734838575757576,
  "fwhm_x": 2.721408,
  "fwhm_y": 2.9082327272727273,
  "fwhm_z": 2.574875,
  "gcor": 0.0416207,
  "gsr_x": -0.020881278440356255,
  "gsr_y": 0.06763717532157898,
  "provenance": {
    "md5sum": "1fe7c816036c35a9d7835c1ecf0321cd",
    "settings": {
      "fd_thres": 0.2,
      "testing": false
    },
    "software": "mriqc",
    "version": "22.0.1",
    "webapi_port": null,
    "webapi_url": "https://mriqc.nimh.nih.gov/api/v1"
  },
  "size_t": 185,
  "size_x": 64,
  "size_y": 64,
  "size_z": 32,
  "snr": 2.7990585129954124,
  "spacing_tr": 2.0,
  "spacing_x": 3.4375,
  "spacing_y": 3.4375,
  "spacing_z": 4.0,
  "summary_bg_k": 36.60848164403222,
  "summary_bg_mad": 7.30882925042391,
  "summary_bg_mean": 42.215049743652344,
  "summary_bg_median": 18.854055404663086,
  "summary_bg_n": 82335.0,
  "summary_bg_p05": 13.524324417114258,
  "summary_bg_p95": 151.35783538818364,
  "summary_bg_stdv": 66.6816177368164,
  "summary_fg_k": 2.5512021990436278,
  "summary_fg_mad": 163.4749248937117,
  "summary_fg_mean": 627.4932861328125,
  "summary_fg_median": 585.2054443359375,
  "summary_fg_n": 19882.0,
  "summary_fg_p05": 375.6170227050781,
  "summary_fg_p95": 1052.119000244141,
  "summary_fg_stdv": 209.06698608398438,
  "tsnr": 62.926136588677764
}