{
  "aor": 0.015062131147540986,
  "aqi": 0.008485403879781422,
  "bids_meta": {
    "AcquisitionNumber": 1,
    "AcquisitionTime": "18:09:17.072500",
    "BandwidthPerPixelPhaseEncode": 28.409,
    "ConversionSoftware": "dcm2niix",
    "ConversionSoftwareVersion": "v1.0.20170724 GCC4.4.7",
    "DeviceSerialNumber": "35414",
    "EchoTime": 0.03,
    "EffectiveEchoSpacing": 0.000550002,
    "FlipAngle": 80,
    "ImageType": [
      "ORIGINAL",
      "PRIMARY",
      "FMRI",
      "NONE",
      "ND",
      "MOSAIC"
    ],
    "InstitutionAddress": "Mikeletegi_69_San_Sebastian_District_ES_20009",
    "InstitutionName": "BCBL",
    "MagneticFieldStrength": 3,
    "Manufacturer": "Siemens",
    "ManufacturersModelName": "TrioTim",
    "PhaseEncodingDirection": "j-",
    "PhaseEncodingLines": 64,
    "ProcedureStepDescription": "CRANEO_FUNCIONAL",
    "ProtocolName": "ep2d_PiN_L2_Run2",
    "RepetitionTime": 2,
    "ScanningSequence": "EP",
    "SequenceName": "_epfid2d1_64",
    "SequenceVariant": "SK",
    "SeriesDescription": "ep2d_PiN_L2_Run2",
    "SliceTiming": [
      1.925,
      1.8625,
      1.8,
      1.7375,
      1.675,
      1.615,
      1.5525,
      1.49,
      1.4275,
      1.365,
      1.3025,
      1.2425,
      1.18,
      1.1175,
      1.055,
      0.9925,
      0.93,
      0.8675,
      0.8075,
      0.745,
      0.6825,
      0.62,
      0.5575,
      0.495,
      0.435,
      0.3725,
      0.31,
      0.2475,
      0.185,
      0.1225,
      0.0625,
      0
    ],
    "SoftwareVersions": "syngo_MR_B17",
    "TaskName": "compLn",
    "TotalReadoutTime": 0.0346501,
    "dataset": "ds003542",
    "modality": "bold",
    "run_id": 2,
    "subject_id": "28",
    "task_id": "compLn"
  },
  "dummy_trs": 3,
  "dvars_nstd": 32.25139633609891,
  "dvars_std": 1.2751992866483524,
  "dvars_vstd": 1.057914808901099,
  "efc": 0.5060049701321159,
  "fber": 759.8797607421875,
  "fd_mean": 0.34365933243212565,
  "fd_num": 98,
  "fd_perc": 53.55191256830601,
  "fwhm_avg": 2.872919696969697,
  "fwhm_x": 2.8727854545454545,
  "fwhm_y": 2.994123636363636,
  "fwhm_z": 2.75185,
  "gcor": 0.0190376,
  "gsr_x": -0.030064892023801804,
  "gsr_y": 0.09446505457162857,
  "provenance": {
    "md5sum": "8c2b94c878ec821650dda012b93b5b0c",
    "settings": {
      "fd_thres": 0.2,
      "testing": false
    },
    "software": "mriqc",
    "version": "22.0.1",
    "webapi_port": null,
    "webapi_url": "https://mriqc.nimh.nih.gov/api/v1"
  },
  "size_t": 183,
  "size_x": 64,
  "size_y": 64,
  "size_z": 32,
  "snr": 2.353004410963517,
  "spacing_tr": 2.0,
  "spacing_x": 3.4375,
  "spacing_y": 3.4375,
  "spacing_z": 4.0,
  "summary_bg_k": 43.27582228317754,
  "summary_bg_mad": 9.252085079337252,
  "summary_bg_mean": 47.73964309692383,
  "summary_bg_median": 21.229507446289062,
  "summary_bg_n": 80091.0,
  "summary_bg_p05": 14.491803169250488,
  "summary_bg_p95": 167.18305206298828,
  "summary_bg_stdv": 78.26329040527344,
  "summary_fg_k": 6.6797506648869085,
  "summary_fg_mad": 173.15656442059577,
  "summary_fg_mean": 650.6219482421875,
  "summary_fg_median": 590.3606567382812,
  "summary_fg_n": 21842.0,
  "summary_fg_p05": 382.03086547851564,
  "summary_fg_p95": 1130.5502380371095,
  "summary_fg_stdv": 250.8907928466797,
  "tsnr": 53.043142549693584
}