{
  "aor": 0.00973048387096774,
  "aqi": 0.012506891827956989,
  "bids_meta": {
    "AcquisitionNumber": 1,
    "AcquisitionTime": "18:00:25.650000",
    "BandwidthPerPixelPhaseEncode": 28.409,
    "ConversionSoftware": "dcm2niix",
    "ConversionSoftwareVersion": "v1.0.20170724 GCC4.4.7",
    "DeviceSerialNumber": "35414",
    "EchoTime": 0.03,
    "EffectiveEchoSpacing": 0.000550002,
    "FlipAngle": 80,
    "ImageType": [
      "ORIGINAL",
      "PRIMARY",
      "FMRI",
      "NONE",
      "ND",
      "MOSAIC"
    ],
    "InstitutionAddress": "Mikeletegi_69_San_Sebastian_District_ES_20009",
    "InstitutionName": "BCBL",
    "MagneticFieldStrength": 3,
    "Manufacturer": "Siemens",
    "ManufacturersModelName": "TrioTim",
    "PhaseEncodingDirection": "j-",
    "PhaseEncodingLines": 64,
    "ProcedureStepDescription": "CRANEO_FUNCIONAL",
    "ProtocolName": "ep2d_PiN_L2_Run1",
    "RepetitionTime": 2,
    "ScanningSequence": "EP",
    "SequenceName": "_epfid2d1_64",
    "SequenceVariant": "SK",
    "SeriesDescription": "ep2d_PiN_L2_Run1",
    "SliceTiming": [
      1.925,
      1.8625,
      1.8,
      1.7375,
      1.675,
      1.6125,
      1.5525,
      1.49,
      1.4275,
      1.365,
      1.3025,
      1.24,
      1.18,
      1.1175,
      1.055,
      0.9925,
      0.93,
      0.8675,
      0.8075,
      0.745,
      0.6825,
      0.62,
      0.5575,
      0.495,
      0.4325,
      0.3725,
      0.31,
      0.2475,
      0.185,
      0.1225,
      0.06,
      0
    ],
    "SoftwareVersions": "syngo_MR_B17",
    "TaskName": "compLn",
    "TotalReadoutTime": 0.0346501,
    "dataset": "ds003542",
    "modality": "bold",
    "run_id": 1,
    "subject_id": "28",
    "task_id": "compLn"
  },
  "dummy_trs": 0,
  "dvars_nstd": 27.628575015567574,
  "dvars_std": 0.9576444774594598,
  "dvars_vstd": 0.8892175704324323,
  "efc": 0.5028531225159584,
  "fber": 806.6067504882812,
  "fd_mean": 0.34537785011319955,
  "fd_num": 89,
  "fd_perc": 47.8494623655914,
  "fwhm_avg": 2.8439030303030304,
  "fwhm_x": 2.878298181818182,
  "fwhm_y": 2.943010909090909,
  "fwhm_z": 2.7104,
  "gcor": 0.0109892,
  "gsr_x": -0.026707906275987625,
  "gsr_y": 0.08471500873565674,
  "provenance": {
    "md5sum": "e6a459d583d9a02853ecad44c40f5977",
    "settings": {
      "fd_thres": 0.2,
      "testing": false
    },
    "software": "mriqc",
    "version": "22.0.1",
    "webapi_port": null,
    "webapi_url": "https://mriqc.nimh.nih.gov/api/v1"
  },
  "size_t": 186,
  "size_x": 64,
  "size_y": 64,
  "size_z": 32,
  "snr": 2.3337315687015296,
  "spacing_tr": 2.0,
  "spacing_x": 3.4375,
  "spacing_y": 3.4375,
  "spacing_z": 4.0,
  "summary_bg_k": 40.46946027285491,
  "summary_bg_mad": 9.063003017494777,
  "summary_bg_mean": 45.73123550415039,
  "summary_bg_median": 20.887096405029297,
  "summary_bg_n": 79988.0,
  "summary_bg_p05": 13.930107116699219,
  "summary_bg_p95": 158.6037635803222,
  "summary_bg_stdv": 72.626708984375,
  "summary_fg_k": 6.512376896108702,
  "summary_fg_mad": 176.70466571982035,
  "summary_fg_mean": 657.9570922851562,
  "summary_fg_median": 596.8763427734375,
  "summary_fg_n": 21834.0,
  "summary_fg_p05": 384.14489288330077,
  "summary_fg_p95": 1150.0647644042967,
  "summary_fg_stdv": 255.754638671875,
  "tsnr": 40.27549226814881
}