{
  "aor": 0.013921837837837837,
  "aqi": 0.005672179837837838,
  "bids_meta": {
    "AcquisitionNumber": 1,
    "AcquisitionTime": "16:41:1.437500",
    "BandwidthPerPixelPhaseEncode": 28.409,
    "ConversionSoftware": "dcm2niix",
    "ConversionSoftwareVersion": "v1.0.20170724 GCC4.4.7",
    "DeviceSerialNumber": "35414",
    "EchoTime": 0.03,
    "EffectiveEchoSpacing": 0.000550002,
    "FlipAngle": 80,
    "ImageType": [
      "ORIGINAL",
      "PRIMARY",
      "FMRI",
      "NONE",
      "ND",
      "MOSAIC"
    ],
    "InstitutionAddress": "Mikeletegi_69_San_Sebastian_District_ES_20009",
    "InstitutionName": "BCBL",
    "MagneticFieldStrength": 3,
    "Manufacturer": "Siemens",
    "ManufacturersModelName": "TrioTim",
    "PhaseEncodingDirection": "j-",
    "PhaseEncodingLines": 64,
    "ProcedureStepDescription": "CRANEO_FUNCIONAL",
    "ProtocolName": "ep2d_PiN_L1_Run3",
    "RepetitionTime": 2,
    "ScanningSequence": "EP",
    "SequenceName": "_epfid2d1_64",
    "SequenceVariant": "SK",
    "SeriesDescription": "ep2d_PiN_L1_Run3",
    "SliceTiming": [
      1.925,
      1.8625,
      1.8025,
      1.74,
      1.6775,
      1.615,
      1.5525,
      1.49,
      1.43,
      1.3675,
      1.305,
      1.2425,
      1.18,
      1.1175,
      1.055,
      0.995,
      0.9325,
      0.87,
      0.8075,
      0.745,
      0.6825,
      0.6225,
      0.56,
      0.4975,
      0.435,
      0.3725,
      0.31,
      0.2475,
      0.1875,
      0.125,
      0.0625,
      0
    ],
    "SoftwareVersions": "syngo_MR_B17",
    "TaskName": "compL1",
    "TotalReadoutTime": 0.0346501,
    "dataset": "ds003542",
    "modality": "bold",
    "run_id": 3,
    "subject_id": "28",
    "task_id": "compL1"
  },
  "dummy_trs": 1,
  "dvars_nstd": 25.466200040706532,
  "dvars_std": 1.259603491902174,
  "dvars_vstd": 1.0519788362500002,
  "efc": 0.4888212056625608,
  "fber": 925.1240844726562,
  "fd_mean": 0.31245780153539515,
  "fd_num": 100,
  "fd_perc": 54.054054054054056,
  "fwhm_avg": 2.9265457575757576,
  "fwhm_x": 2.9706181818181814,
  "fwhm_y": 2.999069090909091,
  "fwhm_z": 2.80995,
  "gcor": 0.0369121,
  "gsr_x": -0.02356431446969509,
  "gsr_y": 0.07628054171800613,
  "provenance": {
    "md5sum": "99ea098531038a805cbc41a9300efdd6",
    "settings": {
      "fd_thres": 0.2,
      "testing": false
    },
    "software": "mriqc",
    "version": "22.0.1",
    "webapi_port": null,
    "webapi_url": "https://mriqc.nimh.nih.gov/api/v1"
  },
  "size_t": 185,
  "size_x": 64,
  "size_y": 64,
  "size_z": 32,
  "snr": 2.2007473885968905,
  "spacing_tr": 2.0,
  "spacing_x": 3.4375,
  "spacing_y": 3.4375,
  "spacing_z": 4.0,
  "summary_bg_k": 51.51438283080509,
  "summary_bg_mad": 7.885842792943521,
  "summary_bg_mean": 43.181400299072266,
  "summary_bg_median": 20.367568969726562,
  "summary_bg_n": 80100.0,
  "summary_bg_p05": 14.421622276306152,
  "summary_bg_p95": 141.5516311645508,
  "summary_bg_stdv": 70.58647155761719,
  "summary_fg_k": 5.947276628265101,
  "summary_fg_mad": 187.49309893167407,
  "summary_fg_mean": 694.2606201171875,
  "summary_fg_median": 622.3297119140625,
  "summary_fg_n": 21624.0,
  "summary_fg_p05": 400.7546142578125,
  "summary_fg_p95": 1263.483312988281,
  "summary_fg_stdv": 282.7745361328125,
  "tsnr": 61.27505378238857
}