{
  "aor": 0.0019419459459459455,
  "aqi": 0.005258988162162162,
  "bids_meta": {
    "AcquisitionNumber": 1,
    "AcquisitionTime": "16:33:36.462500",
    "BandwidthPerPixelPhaseEncode": 28.409,
    "ConversionSoftware": "dcm2niix",
    "ConversionSoftwareVersion": "v1.0.20170724 GCC4.4.7",
    "DeviceSerialNumber": "35414",
    "EchoTime": 0.03,
    "EffectiveEchoSpacing": 0.000550002,
    "FlipAngle": 80,
    "ImageType": [
      "ORIGINAL",
      "PRIMARY",
      "FMRI",
      "NONE",
      "ND",
      "MOSAIC"
    ],
    "InstitutionAddress": "Mikeletegi_69_San_Sebastian_District_ES_20009",
    "InstitutionName": "BCBL",
    "MagneticFieldStrength": 3,
    "Manufacturer": "Siemens",
    "ManufacturersModelName": "TrioTim",
    "PhaseEncodingDirection": "j-",
    "PhaseEncodingLines": 64,
    "ProcedureStepDescription": "CRANEO_FUNCIONAL",
    "ProtocolName": "ep2d_PiN_L1_Run2",
    "RepetitionTime": 2,
    "ScanningSequence": "EP",
    "SequenceName": "_epfid2d1_64",
    "SequenceVariant": "SK",
    "SeriesDescription": "ep2d_PiN_L1_Run2",
    "SliceTiming": [
      1.925,
      1.8625,
      1.8,
      1.7375,
      1.675,
      1.615,
      1.5525,
      1.49,
      1.4275,
      1.365,
      1.3025,
      1.2425,
      1.18,
      1.1175,
      1.055,
      0.9925,
      0.93,
      0.87,
      0.8075,
      0.745,
      0.6825,
      0.62,
      0.5575,
      0.495,
      0.435,
      0.3725,
      0.31,
      0.2475,
      0.185,
      0.1225,
      0.0625,
      0
    ],
    "SoftwareVersions": "syngo_MR_B17",
    "TaskName": "compL1",
    "TotalReadoutTime": 0.0346501,
    "dataset": "ds003542",
    "modality": "bold",
    "run_id": 2,
    "subject_id": "28",
    "task_id": "compL1"
  },
  "dummy_trs": 1,
  "dvars_nstd": 18.223986864130445,
  "dvars_std": 1.1263250455434792,
  "dvars_vstd": 0.9563134045108701,
  "efc": 0.4882423415928843,
  "fber": 884.8978271484375,
  "fd_mean": 0.18071061836922436,
  "fd_num": 63,
  "fd_perc": 34.054054054054056,
  "fwhm_avg": 3.038945454545454,
  "fwhm_x": 3.0475927272727277,
  "fwhm_y": 3.1560436363636364,
  "fwhm_z": 2.9132,
  "gcor": 0.0419147,
  "gsr_x": -0.02275669574737549,
  "gsr_y": 0.07485676556825638,
  "provenance": {
    "md5sum": "0eecf0d56874107e6f79f19844c4fa8e",
    "settings": {
      "fd_thres": 0.2,
      "testing": false
    },
    "software": "mriqc",
    "version": "22.0.1",
    "webapi_port": null,
    "webapi_url": "https://mriqc.nimh.nih.gov/api/v1"
  },
  "size_t": 185,
  "size_x": 64,
  "size_y": 64,
  "size_z": 32,
  "snr": 2.153521106422629,
  "spacing_tr": 2.0,
  "spacing_x": 3.4375,
  "spacing_y": 3.4375,
  "spacing_z": 4.0,
  "summary_bg_k": 50.33095486452079,
  "summary_bg_mad": 6.924154026717389,
  "summary_bg_mean": 43.342811584472656,
  "summary_bg_median": 20.81081199645996,
  "summary_bg_n": 80191.0,
  "summary_bg_p05": 15.345946311950684,
  "summary_bg_p95": 140.32432556152344,
  "summary_bg_stdv": 69.23167419433594,
  "summary_fg_k": 5.793693316726282,
  "summary_fg_mad": 191.03131410465522,
  "summary_fg_mean": 698.87548828125,
  "summary_fg_median": 623.5621948242188,
  "summary_fg_n": 21567.0,
  "summary_fg_p05": 400.42218017578125,
  "summary_fg_p95": 1283.8508056640626,
  "summary_fg_stdv": 289.5480041503906,
  "tsnr": 79.12226341944188
}