{
  "aor": 0.013833833333333333,
  "aqi": 0.017300936916666666,
  "bids_meta": {
    "AcquisitionNumber": 1,
    "AcquisitionTime": "18:25:37.665000",
    "BandwidthPerPixelPhaseEncode": 29.481,
    "ConversionSoftware": "dcm2niix",
    "ConversionSoftwareVersion": "v1.0.20170724 GCC4.4.7",
    "DeviceSerialNumber": "35414",
    "EchoTime": 0.025,
    "EffectiveEchoSpacing": 0.000530002,
    "FlipAngle": 90,
    "ImageType": [
      "ORIGINAL",
      "PRIMARY",
      "M",
      "ND",
      "MOSAIC"
    ],
    "InstitutionAddress": "Mikeletegi_69_San_Sebastian_District_ES_20009",
    "InstitutionName": "BCBL",
    "MagneticFieldStrength": 3,
    "Manufacturer": "Siemens",
    "ManufacturersModelName": "TrioTim",
    "PhaseEncodingDirection": "j-",
    "PhaseEncodingLines": 64,
    "ProcedureStepDescription": "CRANEO_FUNCIONAL",
    "ProtocolName": "ep2d_Didak_VF_L2_Run1",
    "RepetitionTime": 3,
    "ScanningSequence": "EP",
    "SequenceName": "_epfid2d1_64",
    "SequenceVariant": "SK",
    "SeriesDescription": "ep2d_Didak_VF_L2_Run1",
    "SliceTiming": [
      2.9225,
      2.8525,
      2.7825,
      2.7125,
      2.645,
      2.575,
      2.505,
      2.435,
      2.365,
      2.295,
      2.2275,
      2.1575,
      2.0875,
      2.0175,
      1.9475,
      1.8775,
      1.81,
      1.74,
      1.67,
      1.6,
      1.53,
      1.4625,
      1.3925,
      1.3225,
      1.2525,
      1.1825,
      1.1125,
      1.045,
      0.975,
      0.905,
      0.835,
      0.765,
      0.695,
      0.6275,
      0.5575,
      0.4875,
      0.4175,
      0.3475,
      0.2775,
      0.21,
      0.14,
      0.07,
      0
    ],
    "SoftwareVersions": "syngo_MR_B17",
    "TaskName": "prodLn",
    "TotalReadoutTime": 0.0333901,
    "dataset": "ds003542",
    "modality": "bold",
    "run_id": 1,
    "subject_id": "28",
    "task_id": "prodLn"
  },
  "dummy_trs": 0,
  "dvars_nstd": 55.154491480418386,
  "dvars_std": 1.3657542156485352,
  "dvars_vstd": 1.0954119744769868,
  "efc": 0.5831816608270158,
  "fber": 257.7972717285156,
  "fd_mean": 0.6576781919179879,
  "fd_num": 194,
  "fd_perc": 80.83333333333333,
  "fwhm_avg": 2.9025675895605154,
  "fwhm_x": 2.8947333333333334,
  "fwhm_y": 2.94723,
  "fwhm_z": 2.8657394353482135,
  "gcor": 0.0127048,
  "gsr_x": -0.033901114016771317,
  "gsr_y": 0.15494635701179504,
  "provenance": {
    "md5sum": "9786b2405beadc75e320b6efe57f7348",
    "settings": {
      "fd_thres": 0.2,
      "testing": false
    },
    "software": "mriqc",
    "version": "22.0.1",
    "webapi_port": null,
    "webapi_url": "https://mriqc.nimh.nih.gov/api/v1"
  },
  "size_t": 240,
  "size_x": 64,
  "size_y": 64,
  "size_z": 43,
  "snr": 2.1764808076941695,
  "spacing_tr": 3.0,
  "spacing_x": 3.0,
  "spacing_y": 3.0,
  "spacing_z": 3.299999952316284,
  "summary_bg_k": 29.002736162250123,
  "summary_bg_mad": 26.70537359196788,
  "summary_bg_mean": 102.02071380615234,
  "summary_bg_median": 46.50416946411133,
  "summary_bg_n": 98816.0,
  "summary_bg_p05": 25.745834350585938,
  "summary_bg_p95": 350.2989807128906,
  "summary_bg_stdv": 145.0699920654297,
  "summary_fg_k": 8.815897568350108,
  "summary_fg_mad": 239.20552500283907,
  "summary_fg_mean": 836.3723754882812,
  "summary_fg_median": 753.5521240234375,
  "summary_fg_n": 37906.0,
  "summary_fg_p05": 474.6771011352539,
  "summary_fg_p95": 1476.1886596679688,
  "summary_fg_stdv": 346.220458984375,
  "tsnr": 35.61813984531909
}