{
  "aor": 0.014702972972972976,
  "aqi": 0.006567894486486487,
  "bids_meta": {
    "AcquisitionNumber": 1,
    "AcquisitionTime": "17:04:25.345000",
    "BandwidthPerPixelPhaseEncode": 28.409,
    "ConversionSoftware": "dcm2niix",
    "ConversionSoftwareVersion": "v1.0.20170724 GCC4.4.7",
    "DeviceSerialNumber": "35414",
    "EchoTime": 0.03,
    "EffectiveEchoSpacing": 0.000550002,
    "FlipAngle": 80,
    "ImageType": [
      "ORIGINAL",
      "PRIMARY",
      "FMRI",
      "NONE",
      "ND",
      "MOSAIC"
    ],
    "InstitutionAddress": "Mikeletegi_69_San_Sebastian_District_ES_20009",
    "InstitutionName": "bcbl",
    "MagneticFieldStrength": 3,
    "Manufacturer": "Siemens",
    "ManufacturersModelName": "TrioTim",
    "PhaseEncodingDirection": "j-",
    "PhaseEncodingLines": 64,
    "ProcedureStepDescription": "CRANEO_FUNCIONAL",
    "ProtocolName": "ep2d_PiN_L2_Run3",
    "RepetitionTime": 2,
    "ScanningSequence": "EP",
    "SequenceName": "_epfid2d1_64",
    "SequenceVariant": "SK",
    "SeriesDescription": "ep2d_PiN_L2_Run3",
    "SliceTiming": [
      1.925,
      1.8625,
      1.8,
      1.7375,
      1.675,
      1.615,
      1.5525,
      1.49,
      1.4275,
      1.365,
      1.3025,
      1.2425,
      1.18,
      1.1175,
      1.055,
      0.9925,
      0.93,
      0.8675,
      0.8075,
      0.745,
      0.6825,
      0.62,
      0.5575,
      0.495,
      0.435,
      0.3725,
      0.31,
      0.2475,
      0.185,
      0.1225,
      0.0625,
      0
    ],
    "SoftwareVersions": "syngo_MR_B17",
    "TaskName": "compLn",
    "TotalReadoutTime": 0.0346501,
    "dataset": "ds003542",
    "modality": "bold",
    "run_id": 3,
    "subject_id": "02",
    "task_id": "compLn"
  },
  "dummy_trs": 1,
  "dvars_nstd": 22.358076271902174,
  "dvars_std": 1.0588338527173915,
  "dvars_vstd": 0.9805932503260866,
  "efc": 0.47591642843193266,
  "fber": 1046.949462890625,
  "fd_mean": 0.3010991660856681,
  "fd_num": 112,
  "fd_perc": 60.54054054054054,
  "fwhm_avg": 2.9538774242424246,
  "fwhm_x": 2.92384,
  "fwhm_y": 3.1357672727272727,
  "fwhm_z": 2.802025,
  "gcor": 0.027532,
  "gsr_x": -0.01952570490539074,
  "gsr_y": 0.05515746772289276,
  "provenance": {
    "md5sum": "36c902e1767952fc8571c26d1b867a6d",
    "settings": {
      "fd_thres": 0.2,
      "testing": false
    },
    "software": "mriqc",
    "version": "22.0.1",
    "webapi_port": null,
    "webapi_url": "https://mriqc.nimh.nih.gov/api/v1"
  },
  "size_t": 185,
  "size_x": 64,
  "size_y": 64,
  "size_z": 32,
  "snr": 2.5954838661635473,
  "spacing_tr": 2.0,
  "spacing_x": 3.4375,
  "spacing_y": 3.4375,
  "spacing_z": 4.0,
  "summary_bg_k": 66.30944835908807,
  "summary_bg_mad": 7.132519124845245,
  "summary_bg_mean": 36.03314208984375,
  "summary_bg_median": 17.62702751159668,
  "summary_bg_n": 83718.0,
  "summary_bg_p05": 12.491891860961914,
  "summary_bg_p95": 107.90270233154297,
  "summary_bg_stdv": 58.14554214477539,
  "summary_fg_k": 2.4401378506964146,
  "summary_fg_mad": 167.9828401016969,
  "summary_fg_mean": 626.7616577148438,
  "summary_fg_median": 577.96484375,
  "summary_fg_n": 18830.0,
  "summary_fg_p05": 356.60729827880857,
  "summary_fg_p95": 1080.6546325683591,
  "summary_fg_stdv": 222.675048828125,
  "tsnr": 47.572415207047015
}