{
  "aor": 0.004988208333333333,
  "aqi": 0.006860853958333333,
  "bids_meta": {
    "AcquisitionNumber": 1,
    "AcquisitionTime": "15:45:3.570000",
    "BandwidthPerPixelPhaseEncode": 29.481,
    "ConversionSoftware": "dcm2niix",
    "ConversionSoftwareVersion": "v1.0.20170724 GCC4.4.7",
    "DeviceSerialNumber": "35414",
    "EchoTime": 0.025,
    "EffectiveEchoSpacing": 0.000530002,
    "FlipAngle": 90,
    "ImageType": [
      "ORIGINAL",
      "PRIMARY",
      "M",
      "ND",
      "MOSAIC"
    ],
    "InstitutionAddress": "Mikeletegi_69_San_Sebastian_District_ES_20009",
    "InstitutionName": "bcbl",
    "MagneticFieldStrength": 3,
    "Manufacturer": "Siemens",
    "ManufacturersModelName": "TrioTim",
    "PhaseEncodingDirection": "j-",
    "PhaseEncodingLines": 64,
    "ProcedureStepDescription": "CRANEO_FUNCIONAL",
    "ProtocolName": "ep2d_Didak_VF_L1_Run2",
    "RepetitionTime": 3,
    "ScanningSequence": "EP",
    "SequenceName": "_epfid2d1_64",
    "SequenceVariant": "SK",
    "SeriesDescription": "ep2d_Didak_VF_L1_Run2",
    "SliceTiming": [
      2.9225,
      2.8525,
      2.7825,
      2.7125,
      2.6425,
      2.575,
      2.505,
      2.435,
      2.365,
      2.295,
      2.225,
      2.1575,
      2.0875,
      2.0175,
      1.9475,
      1.8775,
      1.8075,
      1.74,
      1.67,
      1.6,
      1.53,
      1.46,
      1.3925,
      1.3225,
      1.2525,
      1.1825,
      1.1125,
      1.0425,
      0.975,
      0.905,
      0.835,
      0.765,
      0.695,
      0.625,
      0.5575,
      0.4875,
      0.4175,
      0.3475,
      0.2775,
      0.2075,
      0.14,
      0.07,
      0
    ],
    "SoftwareVersions": "syngo_MR_B17",
    "TaskName": "prodL1",
    "TotalReadoutTime": 0.0333901,
    "dataset": "ds003542",
    "modality": "bold",
    "run_id": 2,
    "subject_id": "02",
    "task_id": "prodL1"
  },
  "dummy_trs": 0,
  "dvars_nstd": 41.04806336995815,
  "dvars_std": 1.2706440233472795,
  "dvars_vstd": 1.0176734735983262,
  "efc": 0.5428813004424375,
  "fber": 444.2011413574219,
  "fd_mean": 0.5054140524627196,
  "fd_num": 202,
  "fd_perc": 84.16666666666667,
  "fwhm_avg": 3.0118623374263223,
  "fwhm_x": 2.9636,
  "fwhm_y": 3.125056666666667,
  "fwhm_z": 2.9469303456122997,
  "gcor": 0.051706,
  "gsr_x": -0.005154491402208805,
  "gsr_y": 0.08545613288879395,
  "provenance": {
    "md5sum": "cc1ac885414ed89683efbac886dff0ac",
    "settings": {
      "fd_thres": 0.2,
      "testing": false
    },
    "software": "mriqc",
    "version": "22.0.1",
    "webapi_port": null,
    "webapi_url": "https://mriqc.nimh.nih.gov/api/v1"
  },
  "size_t": 240,
  "size_x": 64,
  "size_y": 64,
  "size_z": 43,
  "snr": 2.5683424761977958,
  "spacing_tr": 3.0,
  "spacing_x": 3.0,
  "spacing_y": 3.0,
  "spacing_z": 3.299999952316284,
  "summary_bg_k": 40.93270608966765,
  "summary_bg_mad": 13.707891692274698,
  "summary_bg_mean": 68.5323715209961,
  "summary_bg_median": 34.6875,
  "summary_bg_n": 105945.0,
  "summary_bg_p05": 24.866668701171875,
  "summary_bg_p95": 212.8616821289062,
  "summary_bg_stdv": 97.8299331665039,
  "summary_fg_k": 2.7026988370588008,
  "summary_fg_mad": 231.99942125727233,
  "summary_fg_mean": 800.9624633789062,
  "summary_fg_median": 743.4937744140625,
  "summary_fg_n": 33132.0,
  "summary_fg_p05": 446.154606628418,
  "summary_fg_p95": 1382.887158203125,
  "summary_fg_stdv": 289.4795227050781,
  "tsnr": 44.65522202977445
}