{
  "aor": 0.005846888888888889,
  "aqi": 0.0013863963333333334,
  "bids_meta": {
    "AcquisitionNumber": 1,
    "AcquisitionTime": "15:22:29.825000",
    "BandwidthPerPixelPhaseEncode": 28.409,
    "ConversionSoftware": "dcm2niix",
    "ConversionSoftwareVersion": "v1.0.20170724 GCC4.4.7",
    "DeviceSerialNumber": "35414",
    "EchoTime": 0.03,
    "EffectiveEchoSpacing": 0.000550002,
    "FlipAngle": 80,
    "ImageType": [
      "ORIGINAL",
      "PRIMARY",
      "FMRI",
      "NONE",
      "ND",
      "MOSAIC"
    ],
    "InstitutionAddress": "Mikeletegi_69_San_Sebastian_District_ES_20009",
    "InstitutionName": "bcbl",
    "MagneticFieldStrength": 3,
    "Manufacturer": "Siemens",
    "ManufacturersModelName": "TrioTim",
    "PhaseEncodingDirection": "j-",
    "PhaseEncodingLines": 64,
    "ProcedureStepDescription": "CRANEO_FUNCIONAL",
    "ProtocolName": "ep2d_PiN_L1_Run3",
    "RepetitionTime": 2,
    "ScanningSequence": "EP",
    "SequenceName": "_epfid2d1_64",
    "SequenceVariant": "SK",
    "SeriesDescription": "ep2d_PiN_L1_Run3",
    "SliceTiming": [
      1.9275,
      1.865,
      1.8025,
      1.74,
      1.6775,
      1.615,
      1.5525,
      1.4925,
      1.43,
      1.3675,
      1.305,
      1.2425,
      1.18,
      1.12,
      1.0575,
      0.995,
      0.9325,
      0.87,
      0.8075,
      0.7475,
      0.685,
      0.6225,
      0.56,
      0.4975,
      0.435,
      0.3725,
      0.3125,
      0.25,
      0.1875,
      0.125,
      0.0625,
      0
    ],
    "SoftwareVersions": "syngo_MR_B17",
    "TaskName": "compL1",
    "TotalReadoutTime": 0.0346501,
    "dataset": "ds003542",
    "modality": "bold",
    "run_id": 3,
    "subject_id": "02",
    "task_id": "compL1"
  },
  "dummy_trs": 6,
  "dvars_nstd": 16.53052818564246,
  "dvars_std": 1.2126334795530722,
  "dvars_vstd": 1.0434085011173186,
  "efc": 0.4748646584561987,
  "fber": 1152.1641845703125,
  "fd_mean": 0.17253552071929784,
  "fd_num": 40,
  "fd_perc": 22.22222222222222,
  "fwhm_avg": 2.8582182727272727,
  "fwhm_x": 2.7973643636363636,
  "fwhm_y": 3.0308654545454545,
  "fwhm_z": 2.746425,
  "gcor": 0.0285335,
  "gsr_x": -0.01678679883480072,
  "gsr_y": 0.04855016991496086,
  "provenance": {
    "md5sum": "cd151b78fcbe3f1c5e415eadab568ea6",
    "settings": {
      "fd_thres": 0.2,
      "testing": false
    },
    "software": "mriqc",
    "version": "22.0.1",
    "webapi_port": null,
    "webapi_url": "https://mriqc.nimh.nih.gov/api/v1"
  },
  "size_t": 180,
  "size_x": 64,
  "size_y": 64,
  "size_z": 32,
  "snr": 2.7986390253520983,
  "spacing_tr": 2.0,
  "spacing_x": 3.4375,
  "spacing_y": 3.4375,
  "spacing_z": 4.0,
  "summary_bg_k": 71.62813494927188,
  "summary_bg_mad": 6.416373060214324,
  "summary_bg_mean": 34.827369689941406,
  "summary_bg_median": 17.177778244018555,
  "summary_bg_n": 83636.0,
  "summary_bg_p05": 12.44444465637207,
  "summary_bg_p95": 106.00833892822266,
  "summary_bg_stdv": 56.61360168457031,
  "summary_fg_k": 1.98650151867336,
  "summary_fg_mad": 170.9728616565319,
  "summary_fg_mean": 631.531005859375,
  "summary_fg_median": 591.8500366210938,
  "summary_fg_n": 18862.0,
  "summary_fg_p05": 365.1080612182617,
  "summary_fg_p95": 1057.887469482422,
  "summary_fg_stdv": 211.47219848632812,
  "tsnr": 103.42747036274523
}