{
  "aor": 0.002394108108108108,
  "aqi": 0.0033932201351351355,
  "bids_meta": {
    "AcquisitionNumber": 1,
    "AcquisitionTime": "16:50:7.665000",
    "BandwidthPerPixelPhaseEncode": 28.409,
    "ConversionSoftware": "dcm2niix",
    "ConversionSoftwareVersion": "v1.0.20170724 GCC4.4.7",
    "DeviceSerialNumber": "35414",
    "EchoTime": 0.03,
    "EffectiveEchoSpacing": 0.000550002,
    "FlipAngle": 80,
    "ImageType": [
      "ORIGINAL",
      "PRIMARY",
      "FMRI",
      "NONE",
      "ND",
      "MOSAIC"
    ],
    "InstitutionAddress": "Mikeletegi_69_San_Sebastian_District_ES_20009",
    "InstitutionName": "bcbl",
    "MagneticFieldStrength": 3,
    "Manufacturer": "Siemens",
    "ManufacturersModelName": "TrioTim",
    "PhaseEncodingDirection": "j-",
    "PhaseEncodingLines": 64,
    "ProcedureStepDescription": "CRANEO_FUNCIONAL",
    "ProtocolName": "ep2d_PiN_L2_Run1",
    "RepetitionTime": 2,
    "ScanningSequence": "EP",
    "SequenceName": "_epfid2d1_64",
    "SequenceVariant": "SK",
    "SeriesDescription": "ep2d_PiN_L2_Run1",
    "SliceTiming": [
      1.925,
      1.8625,
      1.8025,
      1.74,
      1.6775,
      1.615,
      1.5525,
      1.49,
      1.43,
      1.3675,
      1.305,
      1.2425,
      1.18,
      1.1175,
      1.055,
      0.995,
      0.9325,
      0.87,
      0.8075,
      0.745,
      0.6825,
      0.6225,
      0.56,
      0.4975,
      0.435,
      0.3725,
      0.31,
      0.25,
      0.1875,
      0.125,
      0.0625,
      0
    ],
    "SoftwareVersions": "syngo_MR_B17",
    "TaskName": "compLn",
    "TotalReadoutTime": 0.0346501,
    "dataset": "ds003542",
    "modality": "bold",
    "run_id": 1,
    "subject_id": "02",
    "task_id": "compLn"
  },
  "dummy_trs": 1,
  "dvars_nstd": 18.168003848804354,
  "dvars_std": 1.0286668095108695,
  "dvars_vstd": 0.9019852301630434,
  "efc": 0.4750693354057981,
  "fber": 1033.4931640625,
  "fd_mean": 0.19645240965314226,
  "fd_num": 69,
  "fd_perc": 37.2972972972973,
  "fwhm_avg": 3.011640151515151,
  "fwhm_x": 2.956130909090909,
  "fwhm_y": 3.2152145454545455,
  "fwhm_z": 2.863575,
  "gcor": 0.0346751,
  "gsr_x": -0.018879301846027374,
  "gsr_y": 0.055145952850580215,
  "provenance": {
    "md5sum": "b537c75aaba8311512562adab713e570",
    "settings": {
      "fd_thres": 0.2,
      "testing": false
    },
    "software": "mriqc",
    "version": "22.0.1",
    "webapi_port": null,
    "webapi_url": "https://mriqc.nimh.nih.gov/api/v1"
  },
  "size_t": 185,
  "size_x": 64,
  "size_y": 64,
  "size_z": 32,
  "snr": 2.552601937804202,
  "spacing_tr": 2.0,
  "spacing_x": 3.4375,
  "spacing_y": 3.4375,
  "spacing_z": 4.0,
  "summary_bg_k": 67.32102077730322,
  "summary_bg_mad": 7.004293578969852,
  "summary_bg_mean": 36.20228958129883,
  "summary_bg_median": 17.572973251342773,
  "summary_bg_n": 83600.0,
  "summary_bg_p05": 12.583784103393555,
  "summary_bg_p95": 110.20135574340829,
  "summary_bg_stdv": 59.93514633178711,
  "summary_fg_k": 2.2896645942436695,
  "summary_fg_mad": 168.84833991364127,
  "summary_fg_mean": 627.3294677734375,
  "summary_fg_median": 575.4513549804688,
  "summary_fg_n": 18926.0,
  "summary_fg_p05": 356.2000045776367,
  "summary_fg_p95": 1090.9648742675781,
  "summary_fg_stdv": 225.43121337890625,
  "tsnr": 69.69787764921784
}