{
  "aor": 0.003859958333333333,
  "aqi": 0.0073238785,
  "bids_meta": {
    "AcquisitionNumber": 1,
    "AcquisitionTime": "15:31:53.927500",
    "BandwidthPerPixelPhaseEncode": 29.481,
    "ConversionSoftware": "dcm2niix",
    "ConversionSoftwareVersion": "v1.0.20170724 GCC4.4.7",
    "DeviceSerialNumber": "35414",
    "EchoTime": 0.025,
    "EffectiveEchoSpacing": 0.000530002,
    "FlipAngle": 90,
    "ImageType": [
      "ORIGINAL",
      "PRIMARY",
      "M",
      "ND",
      "MOSAIC"
    ],
    "InstitutionAddress": "Mikeletegi_69_San_Sebastian_District_ES_20009",
    "InstitutionName": "bcbl",
    "MagneticFieldStrength": 3,
    "Manufacturer": "Siemens",
    "ManufacturersModelName": "TrioTim",
    "PhaseEncodingDirection": "j-",
    "PhaseEncodingLines": 64,
    "ProcedureStepDescription": "CRANEO_FUNCIONAL",
    "ProtocolName": "ep2d_Didak_VF_L1_Run1",
    "RepetitionTime": 3,
    "ScanningSequence": "EP",
    "SequenceName": "_epfid2d1_64",
    "SequenceVariant": "SK",
    "SeriesDescription": "ep2d_Didak_VF_L1_Run1",
    "SliceTiming": [
      2.9225,
      2.8525,
      2.7825,
      2.7125,
      2.6425,
      2.5725,
      2.505,
      2.435,
      2.365,
      2.295,
      2.225,
      2.155,
      2.0875,
      2.0175,
      1.9475,
      1.8775,
      1.8075,
      1.7375,
      1.67,
      1.6,
      1.53,
      1.46,
      1.39,
      1.3225,
      1.2525,
      1.1825,
      1.1125,
      1.0425,
      0.9725,
      0.905,
      0.835,
      0.765,
      0.695,
      0.625,
      0.555,
      0.4875,
      0.4175,
      0.3475,
      0.2775,
      0.2075,
      0.1375,
      0.07,
      0
    ],
    "SoftwareVersions": "syngo_MR_B17",
    "TaskName": "prodL1",
    "TotalReadoutTime": 0.0333901,
    "dataset": "ds003542",
    "modality": "bold",
    "run_id": 1,
    "subject_id": "02",
    "task_id": "prodL1"
  },
  "dummy_trs": 0,
  "dvars_nstd": 38.411704115230116,
  "dvars_std": 1.1956834297489543,
  "dvars_vstd": 0.9816256376987446,
  "efc": 0.541605417510652,
  "fber": 450.10321044921875,
  "fd_mean": 0.441577532314116,
  "fd_num": 178,
  "fd_perc": 74.16666666666667,
  "fwhm_avg": 3.048781428399604,
  "fwhm_x": 2.98495,
  "fwhm_y": 3.2011366666666667,
  "fwhm_z": 2.9602576185321463,
  "gcor": 0.0282464,
  "gsr_x": -0.004558224696666002,
  "gsr_y": 0.0848475992679596,
  "provenance": {
    "md5sum": "4dccdcaaca18748bf3c15b498a3d1574",
    "settings": {
      "fd_thres": 0.2,
      "testing": false
    },
    "software": "mriqc",
    "version": "22.0.1",
    "webapi_port": null,
    "webapi_url": "https://mriqc.nimh.nih.gov/api/v1"
  },
  "size_t": 240,
  "size_x": 64,
  "size_y": 64,
  "size_z": 43,
  "snr": 2.5400369007764967,
  "spacing_tr": 3.0,
  "spacing_x": 3.0,
  "spacing_y": 3.0,
  "spacing_z": 3.299999952316284,
  "summary_bg_k": 40.685005855224006,
  "summary_bg_mad": 14.093990733076057,
  "summary_bg_mean": 68.11878967285156,
  "summary_bg_median": 34.51875305175781,
  "summary_bg_n": 105968.0,
  "summary_bg_p05": 23.983335494995117,
  "summary_bg_p95": 211.6589752197263,
  "summary_bg_stdv": 96.91570281982422,
  "summary_fg_k": 2.697058261247644,
  "summary_fg_mad": 235.09438958474598,
  "summary_fg_mean": 800.853515625,
  "summary_fg_median": 743.7875366210938,
  "summary_fg_n": 33206.0,
  "summary_fg_p05": 441.0489807128906,
  "summary_fg_p95": 1389.799072265625,
  "summary_fg_stdv": 292.8210754394531,
  "tsnr": 41.90394436893985
}