{
  "aor": 0.0011785945945945947,
  "aqi": 0.0016971568054054054,
  "bids_meta": {
    "AcquisitionNumber": 1,
    "AcquisitionTime": "15:07:43.217500",
    "BandwidthPerPixelPhaseEncode": 28.409,
    "ConversionSoftware": "dcm2niix",
    "ConversionSoftwareVersion": "v1.0.20170724 GCC4.4.7",
    "DeviceSerialNumber": "35414",
    "EchoTime": 0.03,
    "EffectiveEchoSpacing": 0.000550002,
    "FlipAngle": 80,
    "ImageType": [
      "ORIGINAL",
      "PRIMARY",
      "FMRI",
      "NONE",
      "ND",
      "MOSAIC"
    ],
    "InstitutionAddress": "Mikeletegi_69_San_Sebastian_District_ES_20009",
    "InstitutionName": "bcbl",
    "MagneticFieldStrength": 3,
    "Manufacturer": "Siemens",
    "ManufacturersModelName": "TrioTim",
    "PhaseEncodingDirection": "j-",
    "PhaseEncodingLines": 64,
    "ProcedureStepDescription": "CRANEO_FUNCIONAL",
    "ProtocolName": "ep2d_PiN_L1_Run1",
    "RepetitionTime": 2,
    "ScanningSequence": "EP",
    "SequenceName": "_epfid2d1_64",
    "SequenceVariant": "SK",
    "SeriesDescription": "ep2d_PiN_L1_Run1",
    "SliceTiming": [
      1.925,
      1.8625,
      1.8025,
      1.74,
      1.6775,
      1.615,
      1.5525,
      1.49,
      1.43,
      1.3675,
      1.305,
      1.2425,
      1.18,
      1.1175,
      1.055,
      0.995,
      0.9325,
      0.87,
      0.8075,
      0.745,
      0.6825,
      0.6225,
      0.56,
      0.4975,
      0.435,
      0.3725,
      0.31,
      0.2475,
      0.1875,
      0.125,
      0.0625,
      0
    ],
    "SoftwareVersions": "syngo_MR_B17",
    "TaskName": "compL1",
    "TotalReadoutTime": 0.0346501,
    "dataset": "ds003542",
    "modality": "bold",
    "run_id": 1,
    "subject_id": "02",
    "task_id": "compL1"
  },
  "dummy_trs": 1,
  "dvars_nstd": 17.122880738695653,
  "dvars_std": 1.1610209285326083,
  "dvars_vstd": 0.9839681188043481,
  "efc": 0.47389043280220583,
  "fber": 1145.753662109375,
  "fd_mean": 0.17766353513651922,
  "fd_num": 62,
  "fd_perc": 33.513513513513516,
  "fwhm_avg": 2.926435909090909,
  "fwhm_x": 2.868247272727273,
  "fwhm_y": 3.0775854545454546,
  "fwhm_z": 2.833475,
  "gcor": 0.0363894,
  "gsr_x": -0.016004331409931183,
  "gsr_y": 0.046864405274391174,
  "provenance": {
    "md5sum": "5e2748db1dfcf9b8f934dec3dfd7dd3e",
    "settings": {
      "fd_thres": 0.2,
      "testing": false
    },
    "software": "mriqc",
    "version": "22.0.1",
    "webapi_port": null,
    "webapi_url": "https://mriqc.nimh.nih.gov/api/v1"
  },
  "size_t": 185,
  "size_x": 64,
  "size_y": 64,
  "size_z": 32,
  "snr": 2.7471056583012636,
  "spacing_tr": 2.0,
  "spacing_x": 3.4375,
  "spacing_y": 3.4375,
  "spacing_z": 4.0,
  "summary_bg_k": 64.03158957290894,
  "summary_bg_mad": 6.57954787217727,
  "summary_bg_mean": 35.27217102050781,
  "summary_bg_median": 17.399999618530273,
  "summary_bg_n": 83636.0,
  "summary_bg_p05": 12.508108139038086,
  "summary_bg_p95": 105.62838363647461,
  "summary_bg_stdv": 57.72866439819336,
  "summary_fg_k": 2.001173071115513,
  "summary_fg_mad": 174.3299593770998,
  "summary_fg_mean": 637.5987548828125,
  "summary_fg_median": 596.9324340820312,
  "summary_fg_n": 18800.0,
  "summary_fg_p05": 364.6213684082031,
  "summary_fg_p95": 1076.5203369140622,
  "summary_fg_stdv": 217.2892608642578,
  "tsnr": 94.18869622051716
}