{
  "aor": 0.0029369166666666667,
  "aqi": 0.008831132208333333,
  "bids_meta": {
    "AcquisitionNumber": 1,
    "AcquisitionTime": "17:26:57.805000",
    "BandwidthPerPixelPhaseEncode": 29.481,
    "ConversionSoftware": "dcm2niix",
    "ConversionSoftwareVersion": "v1.0.20170724 GCC4.4.7",
    "DeviceSerialNumber": "35414",
    "EchoTime": 0.025,
    "EffectiveEchoSpacing": 0.000530002,
    "FlipAngle": 90,
    "ImageType": [
      "ORIGINAL",
      "PRIMARY",
      "M",
      "ND",
      "MOSAIC"
    ],
    "InstitutionAddress": "Mikeletegi_69_San_Sebastian_District_ES_20009",
    "InstitutionName": "bcbl",
    "MagneticFieldStrength": 3,
    "Manufacturer": "Siemens",
    "ManufacturersModelName": "TrioTim",
    "PhaseEncodingDirection": "j-",
    "PhaseEncodingLines": 64,
    "ProcedureStepDescription": "CRANEO_FUNCIONAL",
    "ProtocolName": "ep2d_Didak_VF_L2_Run2",
    "RepetitionTime": 3,
    "ScanningSequence": "EP",
    "SequenceName": "_epfid2d1_64",
    "SequenceVariant": "SK",
    "SeriesDescription": "ep2d_Didak_VF_L2_Run2",
    "SliceTiming": [
      2.9225,
      2.8525,
      2.7825,
      2.715,
      2.645,
      2.575,
      2.505,
      2.435,
      2.365,
      2.2975,
      2.2275,
      2.1575,
      2.0875,
      2.0175,
      1.95,
      1.88,
      1.81,
      1.74,
      1.67,
      1.6,
      1.5325,
      1.4625,
      1.3925,
      1.3225,
      1.2525,
      1.1825,
      1.115,
      1.045,
      0.975,
      0.905,
      0.835,
      0.765,
      0.6975,
      0.6275,
      0.5575,
      0.4875,
      0.4175,
      0.3475,
      0.28,
      0.21,
      0.14,
      0.07,
      0
    ],
    "SoftwareVersions": "syngo_MR_B17",
    "TaskName": "prodLn",
    "TotalReadoutTime": 0.0333901,
    "dataset": "ds003542",
    "modality": "bold",
    "run_id": 2,
    "subject_id": "02",
    "task_id": "prodLn"
  },
  "dummy_trs": 0,
  "dvars_nstd": 39.78008311782429,
  "dvars_std": 1.123159843472804,
  "dvars_vstd": 0.9401660183682007,
  "efc": 0.5477796660330324,
  "fber": 433.806640625,
  "fd_mean": 0.4787604210281646,
  "fd_num": 194,
  "fd_perc": 80.83333333333333,
  "fwhm_avg": 2.8914206195731524,
  "fwhm_x": 2.8051166666666667,
  "fwhm_y": 3.063696666666667,
  "fwhm_z": 2.805448525386124,
  "gcor": 0.020221,
  "gsr_x": -0.005669315345585346,
  "gsr_y": 0.09956864267587662,
  "provenance": {
    "md5sum": "c8776e93aae78506a0f48b6b66dc97bd",
    "settings": {
      "fd_thres": 0.2,
      "testing": false
    },
    "software": "mriqc",
    "version": "22.0.1",
    "webapi_port": null,
    "webapi_url": "https://mriqc.nimh.nih.gov/api/v1"
  },
  "size_t": 240,
  "size_x": 64,
  "size_y": 64,
  "size_z": 43,
  "snr": 2.7317856958722344,
  "spacing_tr": 3.0,
  "spacing_x": 3.0,
  "spacing_y": 3.0,
  "spacing_z": 3.299999952316284,
  "summary_bg_k": 44.91807315721446,
  "summary_bg_mad": 13.98279443555241,
  "summary_bg_mean": 67.01838684082031,
  "summary_bg_median": 33.82708740234375,
  "summary_bg_n": 106064.0,
  "summary_bg_p05": 23.57083511352539,
  "summary_bg_p95": 204.5268814086908,
  "summary_bg_stdv": 96.41899871826172,
  "summary_fg_k": 2.663976549010761,
  "summary_fg_mad": 204.29641423355204,
  "summary_fg_mean": 759.4376220703125,
  "summary_fg_median": 707.558349609375,
  "summary_fg_n": 33121.0,
  "summary_fg_p05": 439.4083557128906,
  "summary_fg_p95": 1279.0875244140625,
  "summary_fg_stdv": 259.00555419921875,
  "tsnr": 39.62035542726517
}