{
  "aor": 0.004391351351351352,
  "aqi": 0.0012835143621621624,
  "bids_meta": {
    "AcquisitionNumber": 1,
    "AcquisitionTime": "15:15:24.002500",
    "BandwidthPerPixelPhaseEncode": 28.409,
    "ConversionSoftware": "dcm2niix",
    "ConversionSoftwareVersion": "v1.0.20170724 GCC4.4.7",
    "DeviceSerialNumber": "35414",
    "EchoTime": 0.03,
    "EffectiveEchoSpacing": 0.000550002,
    "FlipAngle": 80,
    "ImageType": [
      "ORIGINAL",
      "PRIMARY",
      "FMRI",
      "NONE",
      "ND",
      "MOSAIC"
    ],
    "InstitutionAddress": "Mikeletegi_69_San_Sebastian_District_ES_20009",
    "InstitutionName": "bcbl",
    "MagneticFieldStrength": 3,
    "Manufacturer": "Siemens",
    "ManufacturersModelName": "TrioTim",
    "PhaseEncodingDirection": "j-",
    "PhaseEncodingLines": 64,
    "ProcedureStepDescription": "CRANEO_FUNCIONAL",
    "ProtocolName": "ep2d_PiN_L1_Run2",
    "RepetitionTime": 2,
    "ScanningSequence": "EP",
    "SequenceName": "_epfid2d1_64",
    "SequenceVariant": "SK",
    "SeriesDescription": "ep2d_PiN_L1_Run2",
    "SliceTiming": [
      1.925,
      1.8625,
      1.8,
      1.74,
      1.6775,
      1.615,
      1.5525,
      1.49,
      1.4275,
      1.365,
      1.305,
      1.2425,
      1.18,
      1.1175,
      1.055,
      0.9925,
      0.9325,
      0.87,
      0.8075,
      0.745,
      0.6825,
      0.62,
      0.5575,
      0.4975,
      0.435,
      0.3725,
      0.31,
      0.2475,
      0.185,
      0.125,
      0.0625,
      0
    ],
    "SoftwareVersions": "syngo_MR_B17",
    "TaskName": "compL1",
    "TotalReadoutTime": 0.0346501,
    "dataset": "ds003542",
    "modality": "bold",
    "run_id": 2,
    "subject_id": "02",
    "task_id": "compL1"
  },
  "dummy_trs": 1,
  "dvars_nstd": 16.909424610489133,
  "dvars_std": 1.2094451646739133,
  "dvars_vstd": 1.0349070020652174,
  "efc": 0.47467526145782063,
  "fber": 1140.487060546875,
  "fd_mean": 0.1803365738630052,
  "fd_num": 56,
  "fd_perc": 30.27027027027027,
  "fwhm_avg": 2.866761787878788,
  "fwhm_x": 2.8075985454545456,
  "fwhm_y": 3.024261818181818,
  "fwhm_z": 2.768425,
  "gcor": 0.043403,
  "gsr_x": -0.016025537624955177,
  "gsr_y": 0.04781432822346687,
  "provenance": {
    "md5sum": "a2d2f384352a63e7a04c288ddbdb0f7e",
    "settings": {
      "fd_thres": 0.2,
      "testing": false
    },
    "software": "mriqc",
    "version": "22.0.1",
    "webapi_port": null,
    "webapi_url": "https://mriqc.nimh.nih.gov/api/v1"
  },
  "size_t": 185,
  "size_x": 64,
  "size_y": 64,
  "size_z": 32,
  "snr": 2.768885212110982,
  "spacing_tr": 2.0,
  "spacing_x": 3.4375,
  "spacing_y": 3.4375,
  "spacing_z": 4.0,
  "summary_bg_k": 66.67272991937101,
  "summary_bg_mad": 6.3150855116485864,
  "summary_bg_mean": 35.200069427490234,
  "summary_bg_median": 17.25405502319336,
  "summary_bg_n": 83643.0,
  "summary_bg_p05": 12.735135078430176,
  "summary_bg_p95": 106.2421669006347,
  "summary_bg_stdv": 57.88960647583008,
  "summary_fg_k": 1.982655676872838,
  "summary_fg_mad": 172.8233770812075,
  "summary_fg_mean": 632.6357421875,
  "summary_fg_median": 592.5027465820312,
  "summary_fg_n": 18835.0,
  "summary_fg_p05": 365.0621612548828,
  "summary_fg_p95": 1064.454028320312,
  "summary_fg_stdv": 213.9803466796875,
  "tsnr": 104.60137872793712
}