{
  "aor": 0.0024309166666666667,
  "aqi": 0.008320589333333333,
  "bids_meta": {
    "AcquisitionNumber": 1,
    "AcquisitionTime": "17:13:59.377500",
    "BandwidthPerPixelPhaseEncode": 29.481,
    "ConversionSoftware": "dcm2niix",
    "ConversionSoftwareVersion": "v1.0.20170724 GCC4.4.7",
    "DeviceSerialNumber": "35414",
    "EchoTime": 0.025,
    "EffectiveEchoSpacing": 0.000530002,
    "FlipAngle": 90,
    "ImageType": [
      "ORIGINAL",
      "PRIMARY",
      "M",
      "ND",
      "MOSAIC"
    ],
    "InstitutionAddress": "Mikeletegi_69_San_Sebastian_District_ES_20009",
    "InstitutionName": "bcbl",
    "MagneticFieldStrength": 3,
    "Manufacturer": "Siemens",
    "ManufacturersModelName": "TrioTim",
    "PhaseEncodingDirection": "j-",
    "PhaseEncodingLines": 64,
    "ProcedureStepDescription": "CRANEO_FUNCIONAL",
    "ProtocolName": "ep2d_Didak_VF_L2_Run1",
    "RepetitionTime": 3,
    "ScanningSequence": "EP",
    "SequenceName": "_epfid2d1_64",
    "SequenceVariant": "SK",
    "SeriesDescription": "ep2d_Didak_VF_L2_Run1",
    "SliceTiming": [
      2.9225,
      2.8525,
      2.7825,
      2.715,
      2.645,
      2.575,
      2.505,
      2.435,
      2.365,
      2.2975,
      2.2275,
      2.1575,
      2.0875,
      2.0175,
      1.9475,
      1.88,
      1.81,
      1.74,
      1.67,
      1.6,
      1.53,
      1.4625,
      1.3925,
      1.3225,
      1.2525,
      1.1825,
      1.115,
      1.045,
      0.975,
      0.905,
      0.835,
      0.765,
      0.6975,
      0.6275,
      0.5575,
      0.4875,
      0.4175,
      0.3475,
      0.28,
      0.21,
      0.14,
      0.07,
      0
    ],
    "SoftwareVersions": "syngo_MR_B17",
    "TaskName": "prodLn",
    "TotalReadoutTime": 0.0333901,
    "dataset": "ds003542",
    "modality": "bold",
    "run_id": 1,
    "subject_id": "02",
    "task_id": "prodLn"
  },
  "dummy_trs": 0,
  "dvars_nstd": 35.606874497907945,
  "dvars_std": 1.1300347084518831,
  "dvars_vstd": 0.9485162992887024,
  "efc": 0.5470043210489309,
  "fber": 421.2058410644531,
  "fd_mean": 0.43228011086954793,
  "fd_num": 184,
  "fd_perc": 76.66666666666667,
  "fwhm_avg": 2.9289797108442577,
  "fwhm_x": 2.8277866666666664,
  "fwhm_y": 3.0785433333333336,
  "fwhm_z": 2.880609132532772,
  "gcor": 0.0229014,
  "gsr_x": -0.006111998576670885,
  "gsr_y": 0.09649895131587982,
  "provenance": {
    "md5sum": "d9dd2f9a01afa0eb67ee7d0429efe254",
    "settings": {
      "fd_thres": 0.2,
      "testing": false
    },
    "software": "mriqc",
    "version": "22.0.1",
    "webapi_port": null,
    "webapi_url": "https://mriqc.nimh.nih.gov/api/v1"
  },
  "size_t": 240,
  "size_x": 64,
  "size_y": 64,
  "size_z": 43,
  "snr": 2.658494328141077,
  "spacing_tr": 3.0,
  "spacing_x": 3.0,
  "spacing_y": 3.0,
  "spacing_z": 3.299999952316284,
  "summary_bg_k": 44.88925783036012,
  "summary_bg_mad": 15.073121612193848,
  "summary_bg_mean": 67.62052917480469,
  "summary_bg_median": 34.46666717529297,
  "summary_bg_n": 105676.0,
  "summary_bg_p05": 23.229167938232422,
  "summary_bg_p95": 207.6000099182129,
  "summary_bg_stdv": 96.9692153930664,
  "summary_fg_k": 3.044908153186549,
  "summary_fg_mad": 208.6176241786386,
  "summary_fg_mean": 770.5435791015625,
  "summary_fg_median": 715.05419921875,
  "summary_fg_n": 33288.0,
  "summary_fg_p05": 443.1421096801758,
  "summary_fg_p95": 1312.24400024414,
  "summary_fg_stdv": 268.965576171875,
  "tsnr": 41.088273933157325
}