{
  "aor": 0.0014275675675675676,
  "aqi": 0.0019423908,
  "bids_meta": {
    "AcquisitionNumber": 1,
    "AcquisitionTime": "17:19:43.045000",
    "BandwidthPerPixelPhaseEncode": 28.409,
    "ConversionSoftware": "dcm2niix",
    "ConversionSoftwareVersion": "v1.0.20170724 GCC4.4.7",
    "DeviceSerialNumber": "35414",
    "EchoTime": 0.03,
    "EffectiveEchoSpacing": 0.000550002,
    "FlipAngle": 80,
    "ImageType": [
      "ORIGINAL",
      "PRIMARY",
      "FMRI",
      "NONE",
      "ND",
      "MOSAIC"
    ],
    "InstitutionAddress": "Mikeletegi_69_San_Sebastian_District_ES_20009",
    "InstitutionName": "BCBL",
    "MagneticFieldStrength": 3,
    "Manufacturer": "Siemens",
    "ManufacturersModelName": "TrioTim",
    "PhaseEncodingDirection": "j-",
    "PhaseEncodingLines": 64,
    "ProcedureStepDescription": "CRANEO_FUNCIONAL",
    "ProtocolName": "ep2d_PiN_L2_Run1",
    "RepetitionTime": 2,
    "ScanningSequence": "EP",
    "SequenceName": "_epfid2d1_64",
    "SequenceVariant": "SK",
    "SeriesDescription": "ep2d_PiN_L2_Run1",
    "SliceTiming": [
      1.925,
      1.8625,
      1.8,
      1.74,
      1.6775,
      1.615,
      1.5525,
      1.49,
      1.4275,
      1.365,
      1.305,
      1.2425,
      1.18,
      1.1175,
      1.055,
      0.9925,
      0.9325,
      0.87,
      0.8075,
      0.745,
      0.6825,
      0.62,
      0.56,
      0.4975,
      0.435,
      0.3725,
      0.31,
      0.2475,
      0.185,
      0.125,
      0.0625,
      0
    ],
    "SoftwareVersions": "syngo_MR_B17",
    "TaskName": "compLn",
    "TotalReadoutTime": 0.0346501,
    "dataset": "ds003542",
    "modality": "bold",
    "run_id": 1,
    "subject_id": "19",
    "task_id": "compLn"
  },
  "dummy_trs": 1,
  "dvars_nstd": 20.23240139184782,
  "dvars_std": 1.2544393076630438,
  "dvars_vstd": 1.016888516467391,
  "efc": 0.5365668755646102,
  "fber": 694.9112548828125,
  "fd_mean": 0.16445189978275912,
  "fd_num": 47,
  "fd_perc": 25.405405405405407,
  "fwhm_avg": 3.0275874242424243,
  "fwhm_x": 2.9099345454545458,
  "fwhm_y": 3.280552727272727,
  "fwhm_z": 2.892275,
  "gcor": 0.0368026,
  "gsr_x": -0.03934839367866516,
  "gsr_y": 0.10869719088077545,
  "provenance": {
    "md5sum": "f1102006d9e86ca5b6f2cbc9d04fe468",
    "settings": {
      "fd_thres": 0.2,
      "testing": false
    },
    "software": "mriqc",
    "version": "22.0.1",
    "webapi_port": null,
    "webapi_url": "https://mriqc.nimh.nih.gov/api/v1"
  },
  "size_t": 185,
  "size_x": 64,
  "size_y": 64,
  "size_z": 32,
  "snr": 2.4834441620431686,
  "spacing_tr": 2.0,
  "spacing_x": 3.4375,
  "spacing_y": 3.4375,
  "spacing_z": 4.0,
  "summary_bg_k": 29.114261590163615,
  "summary_bg_mad": 9.648936979131888,
  "summary_bg_mean": 51.86682891845703,
  "summary_bg_median": 20.864866256713867,
  "summary_bg_n": 77298.0,
  "summary_bg_p05": 13.913514137268066,
  "summary_bg_p95": 208.39459228515625,
  "summary_bg_stdv": 84.61305236816406,
  "summary_fg_k": 2.1679747733439534,
  "summary_fg_mad": 181.2181008701474,
  "summary_fg_mean": 610.7188110351562,
  "summary_fg_median": 560.19189453125,
  "summary_fg_n": 24288.0,
  "summary_fg_p05": 343.7891845703125,
  "summary_fg_p95": 1072.1981811523435,
  "summary_fg_stdv": 225.56591796875,
  "tsnr": 97.23173895478249
}