{
  "aor": 0.0008682702702702702,
  "aqi": 0.002580952216216216,
  "bids_meta": {
    "AcquisitionNumber": 1,
    "AcquisitionTime": "15:50:13.602500",
    "BandwidthPerPixelPhaseEncode": 28.409,
    "ConversionSoftware": "dcm2niix",
    "ConversionSoftwareVersion": "v1.0.20170724 GCC4.4.7",
    "DeviceSerialNumber": "35414",
    "EchoTime": 0.03,
    "EffectiveEchoSpacing": 0.000550002,
    "FlipAngle": 80,
    "ImageType": [
      "ORIGINAL",
      "PRIMARY",
      "FMRI",
      "NONE",
      "ND",
      "MOSAIC"
    ],
    "InstitutionAddress": "Mikeletegi_69_San_Sebastian_District_ES_20009",
    "InstitutionName": "BCBL",
    "MagneticFieldStrength": 3,
    "Manufacturer": "Siemens",
    "ManufacturersModelName": "TrioTim",
    "PhaseEncodingDirection": "j-",
    "PhaseEncodingLines": 64,
    "ProcedureStepDescription": "CRANEO_FUNCIONAL",
    "ProtocolName": "ep2d_PiN_L1_Run2",
    "RepetitionTime": 2,
    "ScanningSequence": "EP",
    "SequenceName": "_epfid2d1_64",
    "SequenceVariant": "SK",
    "SeriesDescription": "ep2d_PiN_L1_Run2",
    "SliceTiming": [
      1.925,
      1.8625,
      1.8,
      1.7375,
      1.675,
      1.615,
      1.5525,
      1.49,
      1.4275,
      1.365,
      1.3025,
      1.2425,
      1.18,
      1.1175,
      1.055,
      0.9925,
      0.93,
      0.8675,
      0.8075,
      0.745,
      0.6825,
      0.62,
      0.5575,
      0.495,
      0.435,
      0.3725,
      0.31,
      0.2475,
      0.185,
      0.1225,
      0.0625,
      0
    ],
    "SoftwareVersions": "syngo_MR_B17",
    "TaskName": "compL1",
    "TotalReadoutTime": 0.0346501,
    "dataset": "ds003542",
    "modality": "bold",
    "run_id": 2,
    "subject_id": "19",
    "task_id": "compL1"
  },
  "dummy_trs": 1,
  "dvars_nstd": 20.35287072358694,
  "dvars_std": 1.239787114782609,
  "dvars_vstd": 0.9817019625000001,
  "efc": 0.5316101051710405,
  "fber": 761.747314453125,
  "fd_mean": 0.14678690522995944,
  "fd_num": 28,
  "fd_perc": 15.135135135135135,
  "fwhm_avg": 3.040158333333333,
  "fwhm_x": 2.95488,
  "fwhm_y": 3.2595199999999998,
  "fwhm_z": 2.906075,
  "gcor": 0.0500313,
  "gsr_x": -0.04142678529024124,
  "gsr_y": 0.10517226159572601,
  "provenance": {
    "md5sum": "eb604d07fa9a9f56cfc416472e9b3519",
    "settings": {
      "fd_thres": 0.2,
      "testing": false
    },
    "software": "mriqc",
    "version": "22.0.1",
    "webapi_port": null,
    "webapi_url": "https://mriqc.nimh.nih.gov/api/v1"
  },
  "size_t": 185,
  "size_x": 64,
  "size_y": 64,
  "size_z": 32,
  "snr": 2.435249791515504,
  "spacing_tr": 2.0,
  "spacing_x": 3.4375,
  "spacing_y": 3.4375,
  "spacing_z": 4.0,
  "summary_bg_k": 26.787976152396627,
  "summary_bg_mad": 10.081695368622025,
  "summary_bg_mean": 51.72058868408203,
  "summary_bg_median": 20.675676345825195,
  "summary_bg_n": 77245.0,
  "summary_bg_p05": 13.459460258483887,
  "summary_bg_p95": 208.94486999511727,
  "summary_bg_stdv": 84.35035705566406,
  "summary_fg_k": 2.2234112119766767,
  "summary_fg_mad": 195.14249476817736,
  "summary_fg_mean": 639.9091796875,
  "summary_fg_median": 586.1243896484375,
  "summary_fg_n": 24386.0,
  "summary_fg_p05": 353.93785095214844,
  "summary_fg_p95": 1132.4337768554688,
  "summary_fg_stdv": 240.6785430908203,
  "tsnr": 88.42426381492987
}