{
  "aor": 0.0019229166666666667,
  "aqi": 0.004399975958333333,
  "bids_meta": {
    "AcquisitionNumber": 1,
    "AcquisitionTime": "17:04:52.795000",
    "BandwidthPerPixelPhaseEncode": 29.481,
    "ConversionSoftware": "dcm2niix",
    "ConversionSoftwareVersion": "v1.0.20170724 GCC4.4.7",
    "DeviceSerialNumber": "35414",
    "EchoTime": 0.025,
    "EffectiveEchoSpacing": 0.000530002,
    "FlipAngle": 90,
    "ImageType": [
      "ORIGINAL",
      "PRIMARY",
      "M",
      "ND",
      "MOSAIC"
    ],
    "InstitutionAddress": "Mikeletegi_69_San_Sebastian_District_ES_20009",
    "InstitutionName": "BCBL",
    "MagneticFieldStrength": 3,
    "Manufacturer": "Siemens",
    "ManufacturersModelName": "TrioTim",
    "PhaseEncodingDirection": "j-",
    "PhaseEncodingLines": 64,
    "ProcedureStepDescription": "CRANEO_FUNCIONAL",
    "ProtocolName": "ep2d_Didak_VF_L2_Run2",
    "RepetitionTime": 3,
    "ScanningSequence": "EP",
    "SequenceName": "_epfid2d1_64",
    "SequenceVariant": "SK",
    "SeriesDescription": "ep2d_Didak_VF_L2_Run2",
    "SliceTiming": [
      2.9225,
      2.8525,
      2.7825,
      2.715,
      2.645,
      2.575,
      2.505,
      2.435,
      2.365,
      2.2975,
      2.2275,
      2.1575,
      2.0875,
      2.0175,
      1.9475,
      1.88,
      1.81,
      1.74,
      1.67,
      1.6,
      1.53,
      1.4625,
      1.3925,
      1.3225,
      1.2525,
      1.1825,
      1.115,
      1.045,
      0.975,
      0.905,
      0.835,
      0.765,
      0.6975,
      0.6275,
      0.5575,
      0.4875,
      0.4175,
      0.3475,
      0.28,
      0.21,
      0.14,
      0.07,
      0
    ],
    "SoftwareVersions": "syngo_MR_B17",
    "TaskName": "prodLn",
    "TotalReadoutTime": 0.0333901,
    "dataset": "ds003542",
    "modality": "bold",
    "run_id": 2,
    "subject_id": "19",
    "task_id": "prodLn"
  },
  "dummy_trs": 0,
  "dvars_nstd": 30.07202891468617,
  "dvars_std": 1.2655171684518831,
  "dvars_vstd": 1.0089070913389122,
  "efc": 0.6116713869398284,
  "fber": 247.73826599121094,
  "fd_mean": 0.16833188439697028,
  "fd_num": 58,
  "fd_perc": 24.166666666666668,
  "fwhm_avg": 3.126097012289779,
  "fwhm_x": 3.0279000000000003,
  "fwhm_y": 3.31827,
  "fwhm_z": 3.032121036869336,
  "gcor": 0.0417193,
  "gsr_x": -0.03205433487892151,
  "gsr_y": 0.15022259950637817,
  "provenance": {
    "md5sum": "8254346b4f44e68aff63045a70cf82b9",
    "settings": {
      "fd_thres": 0.2,
      "testing": false
    },
    "software": "mriqc",
    "version": "22.0.1",
    "webapi_port": null,
    "webapi_url": "https://mriqc.nimh.nih.gov/api/v1"
  },
  "size_t": 240,
  "size_x": 64,
  "size_y": 64,
  "size_z": 43,
  "snr": 2.278733715624689,
  "spacing_tr": 3.0,
  "spacing_x": 3.0,
  "spacing_y": 3.0,
  "spacing_z": 3.3000001907348633,
  "summary_bg_k": 15.675095477833946,
  "summary_bg_mad": 22.18343795666152,
  "summary_bg_mean": 103.64432525634766,
  "summary_bg_median": 43.61250305175781,
  "summary_bg_n": 94035.0,
  "summary_bg_p05": 27.533334732055664,
  "summary_bg_p95": 390.11711120605474,
  "summary_bg_stdv": 141.21072387695312,
  "summary_fg_k": 2.3390628701678313,
  "summary_fg_mad": 248.08874106631805,
  "summary_fg_mean": 778.921875,
  "summary_fg_median": 706.7750244140625,
  "summary_fg_n": 42115.0,
  "summary_fg_p05": 419.6779449462891,
  "summary_fg_p95": 1414.503784179685,
  "summary_fg_stdv": 310.1576232910156,
  "tsnr": 60.32897025346756
}