{
  "aor": 0.0013947027027027025,
  "aqi": 0.001575018918918919,
  "bids_meta": {
    "AcquisitionNumber": 1,
    "AcquisitionTime": "15:43:10.190000",
    "BandwidthPerPixelPhaseEncode": 28.409,
    "ConversionSoftware": "dcm2niix",
    "ConversionSoftwareVersion": "v1.0.20170724 GCC4.4.7",
    "DeviceSerialNumber": "35414",
    "EchoTime": 0.03,
    "EffectiveEchoSpacing": 0.000550002,
    "FlipAngle": 80,
    "ImageType": [
      "ORIGINAL",
      "PRIMARY",
      "FMRI",
      "NONE",
      "ND",
      "MOSAIC"
    ],
    "InstitutionAddress": "Mikeletegi_69_San_Sebastian_District_ES_20009",
    "InstitutionName": "BCBL",
    "MagneticFieldStrength": 3,
    "Manufacturer": "Siemens",
    "ManufacturersModelName": "TrioTim",
    "PhaseEncodingDirection": "j-",
    "PhaseEncodingLines": 64,
    "ProcedureStepDescription": "CRANEO_FUNCIONAL",
    "ProtocolName": "ep2d_PiN_L1_Run1",
    "RepetitionTime": 2,
    "ScanningSequence": "EP",
    "SequenceName": "_epfid2d1_64",
    "SequenceVariant": "SK",
    "SeriesDescription": "ep2d_PiN_L1_Run1",
    "SliceTiming": [
      1.925,
      1.8625,
      1.8,
      1.7375,
      1.675,
      1.615,
      1.5525,
      1.49,
      1.4275,
      1.365,
      1.3025,
      1.2425,
      1.18,
      1.1175,
      1.055,
      0.9925,
      0.93,
      0.87,
      0.8075,
      0.745,
      0.6825,
      0.62,
      0.5575,
      0.495,
      0.435,
      0.3725,
      0.31,
      0.2475,
      0.185,
      0.1225,
      0.0625,
      0
    ],
    "SoftwareVersions": "syngo_MR_B17",
    "TaskName": "compL1",
    "TotalReadoutTime": 0.0346501,
    "dataset": "ds003542",
    "modality": "bold",
    "run_id": 1,
    "subject_id": "19",
    "task_id": "compL1"
  },
  "dummy_trs": 1,
  "dvars_nstd": 19.599503786739135,
  "dvars_std": 1.3055069153804346,
  "dvars_vstd": 1.0178491908695644,
  "efc": 0.5304764129100131,
  "fber": 773.47802734375,
  "fd_mean": 0.13343009481223406,
  "fd_num": 12,
  "fd_perc": 6.486486486486487,
  "fwhm_avg": 3.0567839393939393,
  "fwhm_x": 2.9663999999999997,
  "fwhm_y": 3.2793018181818185,
  "fwhm_z": 2.92465,
  "gcor": 0.0368694,
  "gsr_x": -0.040180664509534836,
  "gsr_y": 0.10094665735960007,
  "provenance": {
    "md5sum": "53759dc1236d37d745f3d0d431815bd8",
    "settings": {
      "fd_thres": 0.2,
      "testing": false
    },
    "software": "mriqc",
    "version": "22.0.1",
    "webapi_port": null,
    "webapi_url": "https://mriqc.nimh.nih.gov/api/v1"
  },
  "size_t": 185,
  "size_x": 64,
  "size_y": 64,
  "size_z": 32,
  "snr": 2.4392513012915527,
  "spacing_tr": 2.0,
  "spacing_x": 3.4375,
  "spacing_y": 3.4375,
  "spacing_z": 4.0,
  "summary_bg_k": 26.961936287013696,
  "summary_bg_mad": 9.913399339660572,
  "summary_bg_mean": 50.67447280883789,
  "summary_bg_median": 20.53513526916504,
  "summary_bg_n": 77128.0,
  "summary_bg_p05": 13.443243980407715,
  "summary_bg_p95": 203.77649078369137,
  "summary_bg_stdv": 82.16730499267578,
  "summary_fg_k": 2.269667256154298,
  "summary_fg_mad": 194.27699495623295,
  "summary_fg_mean": 642.0950317382812,
  "summary_fg_median": 587.54052734375,
  "summary_fg_n": 24333.0,
  "summary_fg_p05": 357.01947631835935,
  "summary_fg_p95": 1135.9610595703125,
  "summary_fg_stdv": 240.8642578125,
  "tsnr": 110.41389258345589
}