{
  "aor": 0.004739675675675676,
  "aqi": 0.0036555974054054054,
  "bids_meta": {
    "AcquisitionNumber": 1,
    "AcquisitionTime": "15:26:6.617500",
    "BandwidthPerPixelPhaseEncode": 28.409,
    "ConversionSoftware": "dcm2niix",
    "ConversionSoftwareVersion": "v1.0.20170724 GCC4.4.7",
    "DeviceSerialNumber": "35414",
    "EchoTime": 0.03,
    "EffectiveEchoSpacing": 0.000550002,
    "FlipAngle": 80,
    "ImageType": [
      "ORIGINAL",
      "PRIMARY",
      "FMRI",
      "NONE",
      "ND",
      "MOSAIC"
    ],
    "InstitutionAddress": "Mikeletegi_69_San_Sebastian_District_ES_20009",
    "InstitutionName": "BCBL",
    "MagneticFieldStrength": 3,
    "Manufacturer": "Siemens",
    "ManufacturersModelName": "TrioTim",
    "PhaseEncodingDirection": "j-",
    "PhaseEncodingLines": 64,
    "ProcedureStepDescription": "CRANEO_FUNCIONAL",
    "ProtocolName": "ep2d_PiN_L1_Run3",
    "RepetitionTime": 2,
    "ScanningSequence": "EP",
    "SequenceName": "_epfid2d1_64",
    "SequenceVariant": "SK",
    "SeriesDescription": "ep2d_PiN_L1_Run3",
    "SliceTiming": [
      1.925,
      1.8625,
      1.8,
      1.7375,
      1.675,
      1.615,
      1.5525,
      1.49,
      1.4275,
      1.365,
      1.3025,
      1.2425,
      1.18,
      1.1175,
      1.055,
      0.9925,
      0.93,
      0.87,
      0.8075,
      0.745,
      0.6825,
      0.62,
      0.5575,
      0.495,
      0.435,
      0.3725,
      0.31,
      0.2475,
      0.185,
      0.1225,
      0.0625,
      0
    ],
    "SoftwareVersions": "syngo_MR_B17",
    "TaskName": "compL1",
    "TotalReadoutTime": 0.0346501,
    "dataset": "ds003542",
    "modality": "bold",
    "run_id": 3,
    "subject_id": "09",
    "task_id": "compL1"
  },
  "dummy_trs": 1,
  "dvars_nstd": 21.08274338532608,
  "dvars_std": 1.1686915107065217,
  "dvars_vstd": 0.9997994014673914,
  "efc": 0.5015187878991935,
  "fber": 1136.8463134765625,
  "fd_mean": 0.2431458908569295,
  "fd_num": 117,
  "fd_perc": 63.24324324324324,
  "fwhm_avg": 2.986307181818182,
  "fwhm_x": 2.888759272727273,
  "fwhm_y": 2.980887272727273,
  "fwhm_z": 3.089275,
  "gcor": 0.015216,
  "gsr_x": -0.020645834505558014,
  "gsr_y": 0.0701860785484314,
  "provenance": {
    "md5sum": "2d3be67dc485edea98bd8f8c0dd7a4b1",
    "settings": {
      "fd_thres": 0.2,
      "testing": false
    },
    "software": "mriqc",
    "version": "22.0.1",
    "webapi_port": null,
    "webapi_url": "https://mriqc.nimh.nih.gov/api/v1"
  },
  "size_t": 185,
  "size_x": 64,
  "size_y": 64,
  "size_z": 32,
  "snr": 2.1224836971655097,
  "spacing_tr": 2.0,
  "spacing_x": 3.4375,
  "spacing_y": 3.4375,
  "spacing_z": 4.0,
  "summary_bg_k": 25.068180657220232,
  "summary_bg_mad": 6.924154026717389,
  "summary_bg_mean": 39.08912658691406,
  "summary_bg_median": 18.221622467041016,
  "summary_bg_n": 76825.0,
  "summary_bg_p05": 12.94594669342041,
  "summary_bg_p95": 143.7708160400391,
  "summary_bg_stdv": 57.96819305419922,
  "summary_fg_k": 3.3124920135972706,
  "summary_fg_mad": 220.0983350773894,
  "summary_fg_mean": 700.16455078125,
  "summary_fg_median": 629.1784057617188,
  "summary_fg_n": 24245.0,
  "summary_fg_p05": 366.49623413085936,
  "summary_fg_p95": 1316.2367919921874,
  "summary_fg_stdv": 296.4288635253906,
  "tsnr": 66.10555820725858
}