{
  "aor": 0.0015143010752688172,
  "aqi": 0.0018059370430107526,
  "bids_meta": {
    "AcquisitionNumber": 1,
    "AcquisitionTime": "16:53:57.562500",
    "BandwidthPerPixelPhaseEncode": 28.409,
    "ConversionSoftware": "dcm2niix",
    "ConversionSoftwareVersion": "v1.0.20170724 GCC4.4.7",
    "DeviceSerialNumber": "35414",
    "EchoTime": 0.03,
    "EffectiveEchoSpacing": 0.000550002,
    "FlipAngle": 80,
    "ImageType": [
      "ORIGINAL",
      "PRIMARY",
      "FMRI",
      "NONE",
      "ND",
      "MOSAIC"
    ],
    "InstitutionAddress": "Mikeletegi_69_San_Sebastian_District_ES_20009",
    "InstitutionName": "BCBL",
    "MagneticFieldStrength": 3,
    "Manufacturer": "Siemens",
    "ManufacturersModelName": "TrioTim",
    "PhaseEncodingDirection": "j-",
    "PhaseEncodingLines": 64,
    "ProcedureStepDescription": "CRANEO_FUNCIONAL",
    "ProtocolName": "ep2d_PiN_L2_Run2",
    "RepetitionTime": 2,
    "ScanningSequence": "EP",
    "SequenceName": "_epfid2d1_64",
    "SequenceVariant": "SK",
    "SeriesDescription": "ep2d_PiN_L2_Run2",
    "SliceTiming": [
      1.925,
      1.8625,
      1.8025,
      1.74,
      1.6775,
      1.615,
      1.5525,
      1.49,
      1.43,
      1.3675,
      1.305,
      1.2425,
      1.18,
      1.1175,
      1.055,
      0.995,
      0.9325,
      0.87,
      0.8075,
      0.745,
      0.6825,
      0.6225,
      0.56,
      0.4975,
      0.435,
      0.3725,
      0.31,
      0.25,
      0.1875,
      0.125,
      0.0625,
      0
    ],
    "SoftwareVersions": "syngo_MR_B17",
    "TaskName": "compLn",
    "TotalReadoutTime": 0.0346501,
    "dataset": "ds003542",
    "modality": "bold",
    "run_id": 2,
    "subject_id": "09",
    "task_id": "compLn"
  },
  "dummy_trs": 0,
  "dvars_nstd": 20.95935539529728,
  "dvars_std": 1.2294907708648644,
  "dvars_vstd": 1.0111525369189194,
  "efc": 0.516421261374234,
  "fber": 1058.301025390625,
  "fd_mean": 0.19953137022290532,
  "fd_num": 78,
  "fd_perc": 41.935483870967744,
  "fwhm_avg": 2.753459878787879,
  "fwhm_x": 2.6534690909090908,
  "fwhm_y": 2.8089105454545455,
  "fwhm_z": 2.798,
  "gcor": 0.0347187,
  "gsr_x": -0.022236894816160202,
  "gsr_y": 0.07166489213705063,
  "provenance": {
    "md5sum": "e7020a97e619cc863b1f90b41306db96",
    "settings": {
      "fd_thres": 0.2,
      "testing": false
    },
    "software": "mriqc",
    "version": "22.0.1",
    "webapi_port": null,
    "webapi_url": "https://mriqc.nimh.nih.gov/api/v1"
  },
  "size_t": 186,
  "size_x": 64,
  "size_y": 64,
  "size_z": 32,
  "snr": 2.5110969839213486,
  "spacing_tr": 2.0,
  "spacing_x": 3.4375,
  "spacing_y": 3.4375,
  "spacing_z": 4.0,
  "summary_bg_k": 29.543565526970298,
  "summary_bg_mad": 6.4963485977865485,
  "summary_bg_mean": 37.874420166015625,
  "summary_bg_median": 17.655914306640625,
  "summary_bg_n": 76403.0,
  "summary_bg_p05": 12.919354438781738,
  "summary_bg_p95": 140.56290130615224,
  "summary_bg_stdv": 57.34660720825195,
  "summary_fg_k": 2.64409878421959,
  "summary_fg_mad": 186.06662366788208,
  "summary_fg_mean": 637.9218139648438,
  "summary_fg_median": 588.6666259765625,
  "summary_fg_n": 24412.0,
  "summary_fg_p05": 354.83333282470704,
  "summary_fg_p95": 1106.8145629882815,
  "summary_fg_stdv": 234.42127990722656,
  "tsnr": 93.49935625679791
}