{
  "aor": 0.0014125405405405406,
  "aqi": 0.003617131567567568,
  "bids_meta": {
    "AcquisitionNumber": 1,
    "AcquisitionTime": "15:18:31.817500",
    "BandwidthPerPixelPhaseEncode": 28.409,
    "ConversionSoftware": "dcm2niix",
    "ConversionSoftwareVersion": "v1.0.20170724 GCC4.4.7",
    "DeviceSerialNumber": "35414",
    "EchoTime": 0.03,
    "EffectiveEchoSpacing": 0.000550002,
    "FlipAngle": 80,
    "ImageType": [
      "ORIGINAL",
      "PRIMARY",
      "FMRI",
      "NONE",
      "ND",
      "MOSAIC"
    ],
    "InstitutionAddress": "Mikeletegi_69_San_Sebastian_District_ES_20009",
    "InstitutionName": "BCBL",
    "MagneticFieldStrength": 3,
    "Manufacturer": "Siemens",
    "ManufacturersModelName": "TrioTim",
    "PhaseEncodingDirection": "j-",
    "PhaseEncodingLines": 64,
    "ProcedureStepDescription": "CRANEO_FUNCIONAL",
    "ProtocolName": "ep2d_PiN_L1_Run2",
    "RepetitionTime": 2,
    "ScanningSequence": "EP",
    "SequenceName": "_epfid2d1_64",
    "SequenceVariant": "SK",
    "SeriesDescription": "ep2d_PiN_L1_Run2",
    "SliceTiming": [
      1.925,
      1.8625,
      1.8,
      1.7375,
      1.6775,
      1.615,
      1.5525,
      1.49,
      1.4275,
      1.365,
      1.3025,
      1.2425,
      1.18,
      1.1175,
      1.055,
      0.9925,
      0.93,
      0.87,
      0.8075,
      0.745,
      0.6825,
      0.62,
      0.5575,
      0.4975,
      0.435,
      0.3725,
      0.31,
      0.2475,
      0.185,
      0.1225,
      0.0625,
      0
    ],
    "SoftwareVersions": "syngo_MR_B17",
    "TaskName": "compL1",
    "TotalReadoutTime": 0.0346501,
    "dataset": "ds003542",
    "modality": "bold",
    "run_id": 2,
    "subject_id": "09",
    "task_id": "compL1"
  },
  "dummy_trs": 1,
  "dvars_nstd": 20.77086950940218,
  "dvars_std": 1.1424879618478259,
  "dvars_vstd": 0.9514401390760867,
  "efc": 0.501265152154576,
  "fber": 1125.8382568359375,
  "fd_mean": 0.21283744825048184,
  "fd_num": 98,
  "fd_perc": 52.972972972972975,
  "fwhm_avg": 2.988195272727273,
  "fwhm_x": 2.894973090909091,
  "fwhm_y": 2.975912727272727,
  "fwhm_z": 3.0937,
  "gcor": 0.0273095,
  "gsr_x": -0.020871125161647797,
  "gsr_y": 0.06983062624931335,
  "provenance": {
    "md5sum": "58e28ff27c0c90e8c8cd0e177a92b229",
    "settings": {
      "fd_thres": 0.2,
      "testing": false
    },
    "software": "mriqc",
    "version": "22.0.1",
    "webapi_port": null,
    "webapi_url": "https://mriqc.nimh.nih.gov/api/v1"
  },
  "size_t": 185,
  "size_x": 64,
  "size_y": 64,
  "size_z": 32,
  "snr": 2.133343994807636,
  "spacing_tr": 2.0,
  "spacing_x": 3.4375,
  "spacing_y": 3.4375,
  "spacing_z": 4.0,
  "summary_bg_k": 24.807487160160385,
  "summary_bg_mad": 7.228688284251789,
  "summary_bg_mean": 38.754600524902344,
  "summary_bg_median": 18.302703857421875,
  "summary_bg_n": 76813.0,
  "summary_bg_p05": 12.745945930480957,
  "summary_bg_p95": 142.57946472167959,
  "summary_bg_stdv": 57.33567428588867,
  "summary_fg_k": 3.4054937304508917,
  "summary_fg_mad": 220.3988099715879,
  "summary_fg_mean": 698.9765014648438,
  "summary_fg_median": 629.4865112304688,
  "summary_fg_n": 24234.0,
  "summary_fg_p05": 366.48406982421875,
  "summary_fg_p95": 1312.6365051269522,
  "summary_fg_stdv": 295.0642395019531,
  "tsnr": 68.15129345981404
}