{
  "aor": 0.00292172972972973,
  "aqi": 0.0024177151351351353,
  "bids_meta": {
    "AcquisitionNumber": 1,
    "AcquisitionTime": "17:02:17.505000",
    "BandwidthPerPixelPhaseEncode": 28.409,
    "ConversionSoftware": "dcm2niix",
    "ConversionSoftwareVersion": "v1.0.20170724 GCC4.4.7",
    "DeviceSerialNumber": "35414",
    "EchoTime": 0.03,
    "EffectiveEchoSpacing": 0.000550002,
    "FlipAngle": 80,
    "ImageType": [
      "ORIGINAL",
      "PRIMARY",
      "FMRI",
      "NONE",
      "ND",
      "MOSAIC"
    ],
    "InstitutionAddress": "Mikeletegi_69_San_Sebastian_District_ES_20009",
    "InstitutionName": "BCBL",
    "MagneticFieldStrength": 3,
    "Manufacturer": "Siemens",
    "ManufacturersModelName": "TrioTim",
    "PhaseEncodingDirection": "j-",
    "PhaseEncodingLines": 64,
    "ProcedureStepDescription": "CRANEO_FUNCIONAL",
    "ProtocolName": "ep2d_PiN_L2_Run3",
    "RepetitionTime": 2,
    "ScanningSequence": "EP",
    "SequenceName": "_epfid2d1_64",
    "SequenceVariant": "SK",
    "SeriesDescription": "ep2d_PiN_L2_Run3",
    "SliceTiming": [
      1.925,
      1.865,
      1.8025,
      1.74,
      1.6775,
      1.615,
      1.5525,
      1.4925,
      1.43,
      1.3675,
      1.305,
      1.2425,
      1.18,
      1.1175,
      1.0575,
      0.995,
      0.9325,
      0.87,
      0.8075,
      0.745,
      0.685,
      0.6225,
      0.56,
      0.4975,
      0.435,
      0.3725,
      0.3125,
      0.25,
      0.1875,
      0.125,
      0.0625,
      0
    ],
    "SoftwareVersions": "syngo_MR_B17",
    "TaskName": "compLn",
    "TotalReadoutTime": 0.0346501,
    "dataset": "ds003542",
    "modality": "bold",
    "run_id": 3,
    "subject_id": "09",
    "task_id": "compLn"
  },
  "dummy_trs": 1,
  "dvars_nstd": 20.142070127771746,
  "dvars_std": 1.2022982108152174,
  "dvars_vstd": 1.0034839141847829,
  "efc": 0.5169938875612022,
  "fber": 1024.4349365234375,
  "fd_mean": 0.2031274411511219,
  "fd_num": 81,
  "fd_perc": 43.78378378378378,
  "fwhm_avg": 2.7920576666666665,
  "fwhm_x": 2.678789818181818,
  "fwhm_y": 2.8424581818181816,
  "fwhm_z": 2.854925,
  "gcor": 0.0230252,
  "gsr_x": -0.023795878514647484,
  "gsr_y": 0.07267583906650543,
  "provenance": {
    "md5sum": "7c3a4aae2699fe1b4eb8a3b74fff7af9",
    "settings": {
      "fd_thres": 0.2,
      "testing": false
    },
    "software": "mriqc",
    "version": "22.0.1",
    "webapi_port": null,
    "webapi_url": "https://mriqc.nimh.nih.gov/api/v1"
  },
  "size_t": 185,
  "size_x": 64,
  "size_y": 64,
  "size_z": 32,
  "snr": 2.4718194237264655,
  "spacing_tr": 2.0,
  "spacing_x": 3.4375,
  "spacing_y": 3.4375,
  "spacing_z": 4.0,
  "summary_bg_k": 38.526600569608085,
  "summary_bg_mad": 7.212658677097708,
  "summary_bg_mean": 38.78378677368164,
  "summary_bg_median": 18.0,
  "summary_bg_n": 76310.0,
  "summary_bg_p05": 12.464864730834961,
  "summary_bg_p95": 143.86892776489265,
  "summary_bg_stdv": 59.83952713012695,
  "summary_fg_k": 2.763019144014172,
  "summary_fg_mad": 187.0242431733347,
  "summary_fg_mean": 638.762939453125,
  "summary_fg_median": 587.7135009765625,
  "summary_fg_n": 24425.0,
  "summary_fg_p05": 353.00108032226564,
  "summary_fg_p95": 1115.36865234375,
  "summary_fg_stdv": 237.76068115234375,
  "tsnr": 77.97499351669103
}