{
  "aor": 0.003697875,
  "aqi": 0.0073519090833333335,
  "bids_meta": {
    "AcquisitionNumber": 1,
    "AcquisitionTime": "13:04:30.707500",
    "BandwidthPerPixelPhaseEncode": 29.481,
    "ConversionSoftware": "dcm2niix",
    "ConversionSoftwareVersion": "v1.0.20170724 GCC4.4.7",
    "DeviceSerialNumber": "35414",
    "EchoTime": 0.025,
    "EffectiveEchoSpacing": 0.000530002,
    "FlipAngle": 90,
    "ImageType": [
      "ORIGINAL",
      "PRIMARY",
      "M",
      "ND",
      "MOSAIC"
    ],
    "InstitutionAddress": "Mikeletegi_69_San_Sebastian_District_ES_20009",
    "InstitutionName": "BCBL",
    "MagneticFieldStrength": 3,
    "Manufacturer": "Siemens",
    "ManufacturersModelName": "TrioTim",
    "PhaseEncodingDirection": "j-",
    "PhaseEncodingLines": 64,
    "ProcedureStepDescription": "CRANEO_FUNCIONAL",
    "ProtocolName": "ep2d_Didak_VF_L2_Run2",
    "RepetitionTime": 3,
    "ScanningSequence": "EP",
    "SequenceName": "_epfid2d1_64",
    "SequenceVariant": "SK",
    "SeriesDescription": "ep2d_Didak_VF_L2_Run2",
    "SliceTiming": [
      2.9225,
      2.8525,
      2.785,
      2.715,
      2.645,
      2.575,
      2.505,
      2.435,
      2.3675,
      2.2975,
      2.2275,
      2.1575,
      2.0875,
      2.0175,
      1.95,
      1.88,
      1.81,
      1.74,
      1.67,
      1.6,
      1.5325,
      1.4625,
      1.3925,
      1.3225,
      1.2525,
      1.1825,
      1.115,
      1.045,
      0.975,
      0.905,
      0.835,
      0.7675,
      0.6975,
      0.6275,
      0.5575,
      0.4875,
      0.4175,
      0.35,
      0.28,
      0.21,
      0.14,
      0.07,
      0
    ],
    "SoftwareVersions": "syngo_MR_B17",
    "TaskName": "prodLn",
    "TotalReadoutTime": 0.0333901,
    "dataset": "ds003542",
    "modality": "bold",
    "run_id": 2,
    "subject_id": "20",
    "task_id": "prodLn"
  },
  "dummy_trs": 0,
  "dvars_nstd": 41.72451311397488,
  "dvars_std": 1.2262028011297068,
  "dvars_vstd": 0.9889212461924681,
  "efc": 0.5555301298880215,
  "fber": 482.0354309082031,
  "fd_mean": 0.5093789003916773,
  "fd_num": 199,
  "fd_perc": 82.91666666666667,
  "fwhm_avg": 2.959705468726799,
  "fwhm_x": 2.8754899999999997,
  "fwhm_y": 3.0593233333333334,
  "fwhm_z": 2.944303072847064,
  "gcor": 0.0255467,
  "gsr_x": -0.028657423332333565,
  "gsr_y": 0.11362551152706146,
  "provenance": {
    "md5sum": "07e2267a461e1c83e0c9d1c1fed90883",
    "settings": {
      "fd_thres": 0.2,
      "testing": false
    },
    "software": "mriqc",
    "version": "22.0.1",
    "webapi_port": null,
    "webapi_url": "https://mriqc.nimh.nih.gov/api/v1"
  },
  "size_t": 240,
  "size_x": 64,
  "size_y": 64,
  "size_z": 43,
  "snr": 2.5505366681115187,
  "spacing_tr": 3.0,
  "spacing_x": 3.0,
  "spacing_y": 3.0,
  "spacing_z": 3.299999952316284,
  "summary_bg_k": 71.2722575170423,
  "summary_bg_mad": 14.504790950289323,
  "summary_bg_mean": 78.02000427246094,
  "summary_bg_median": 38.37083435058594,
  "summary_bg_n": 101122.0,
  "summary_bg_p05": 27.754167556762695,
  "summary_bg_p95": 251.60918502807598,
  "summary_bg_stdv": 114.52059173583984,
  "summary_fg_k": 4.5907742242451945,
  "summary_fg_mad": 289.9352429781535,
  "summary_fg_mean": 922.7727661132812,
  "summary_fg_median": 864.3125610351562,
  "summary_fg_n": 37287.0,
  "summary_fg_p05": 511.9804412841797,
  "summary_fg_p95": 1538.9442749023426,
  "summary_fg_stdv": 338.8702392578125,
  "tsnr": 45.782900765771046
}