{
  "aor": 0.0035132500000000003,
  "aqi": 0.005349447791666667,
  "bids_meta": {
    "AcquisitionNumber": 1,
    "AcquisitionTime": "11:17:24.427500",
    "BandwidthPerPixelPhaseEncode": 29.481,
    "ConversionSoftware": "dcm2niix",
    "ConversionSoftwareVersion": "v1.0.20170724 GCC4.4.7",
    "DeviceSerialNumber": "35414",
    "EchoTime": 0.025,
    "EffectiveEchoSpacing": 0.000530002,
    "FlipAngle": 90,
    "ImageType": [
      "ORIGINAL",
      "PRIMARY",
      "M",
      "ND",
      "MOSAIC"
    ],
    "InstitutionAddress": "Mikeletegi_69_San_Sebastian_District_ES_20009",
    "InstitutionName": "BCBL",
    "MagneticFieldStrength": 3,
    "Manufacturer": "Siemens",
    "ManufacturersModelName": "TrioTim",
    "PhaseEncodingDirection": "j-",
    "PhaseEncodingLines": 64,
    "ProcedureStepDescription": "CRANEO_FUNCIONAL",
    "ProtocolName": "ep2d_Didak_VF_L1_Run2",
    "RepetitionTime": 3,
    "ScanningSequence": "EP",
    "SequenceName": "_epfid2d1_64",
    "SequenceVariant": "SK",
    "SeriesDescription": "ep2d_Didak_VF_L1_Run2",
    "SliceTiming": [
      2.9225,
      2.8525,
      2.7825,
      2.7125,
      2.6425,
      2.5725,
      2.505,
      2.435,
      2.365,
      2.295,
      2.225,
      2.1575,
      2.0875,
      2.0175,
      1.9475,
      1.8775,
      1.8075,
      1.74,
      1.67,
      1.6,
      1.53,
      1.46,
      1.39,
      1.3225,
      1.2525,
      1.1825,
      1.1125,
      1.0425,
      0.9725,
      0.905,
      0.835,
      0.765,
      0.695,
      0.625,
      0.5575,
      0.4875,
      0.4175,
      0.3475,
      0.2775,
      0.2075,
      0.14,
      0.07,
      0
    ],
    "SoftwareVersions": "syngo_MR_B17",
    "TaskName": "prodL1",
    "TotalReadoutTime": 0.0333901,
    "dataset": "ds003542",
    "modality": "bold",
    "run_id": 2,
    "subject_id": "20",
    "task_id": "prodL1"
  },
  "dummy_trs": 0,
  "dvars_nstd": 37.650752981297096,
  "dvars_std": 1.2545927706694557,
  "dvars_vstd": 1.0237686666945607,
  "efc": 0.5583802535487543,
  "fber": 475.9107666015625,
  "fd_mean": 0.4144443149959197,
  "fd_num": 183,
  "fd_perc": 76.25,
  "fwhm_avg": 2.9558678930433686,
  "fwhm_x": 2.848323333333333,
  "fwhm_y": 3.0595833333333338,
  "fwhm_z": 2.9596970124634394,
  "gcor": 0.0417463,
  "gsr_x": -0.027899745851755142,
  "gsr_y": 0.11509621143341064,
  "provenance": {
    "md5sum": "60b69a005ea88e6312f4be0fce81bf1e",
    "settings": {
      "fd_thres": 0.2,
      "testing": false
    },
    "software": "mriqc",
    "version": "22.0.1",
    "webapi_port": null,
    "webapi_url": "https://mriqc.nimh.nih.gov/api/v1"
  },
  "size_t": 240,
  "size_x": 64,
  "size_y": 64,
  "size_z": 43,
  "snr": 2.6081746504819288,
  "spacing_tr": 3.0,
  "spacing_x": 3.0,
  "spacing_y": 3.0,
  "spacing_z": 3.299999952316284,
  "summary_bg_k": 74.12444734975746,
  "summary_bg_mad": 13.07161370732205,
  "summary_bg_mean": 76.30235290527344,
  "summary_bg_median": 37.875003814697266,
  "summary_bg_n": 100855.0,
  "summary_bg_p05": 28.400001525878906,
  "summary_bg_p95": 241.29834136962833,
  "summary_bg_stdv": 113.56684112548828,
  "summary_fg_k": 4.6018122166731175,
  "summary_fg_mad": 272.35404563765064,
  "summary_fg_mean": 904.578125,
  "summary_fg_median": 845.5604248046875,
  "summary_fg_n": 37534.0,
  "summary_fg_p05": 515.6581573486328,
  "summary_fg_p95": 1501.7053100585936,
  "summary_fg_stdv": 324.1919250488281,
  "tsnr": 51.254853076301515
}