{
  "aor": 0.0017058378378378377,
  "aqi": 0.0021819806594594597,
  "bids_meta": {
    "AcquisitionNumber": 1,
    "AcquisitionTime": "10:28:39.505000",
    "BandwidthPerPixelPhaseEncode": 28.409,
    "ConversionSoftware": "dcm2niix",
    "ConversionSoftwareVersion": "v1.0.20170724 GCC4.4.7",
    "DeviceSerialNumber": "35414",
    "EchoTime": 0.03,
    "EffectiveEchoSpacing": 0.000550002,
    "FlipAngle": 80,
    "ImageType": [
      "ORIGINAL",
      "PRIMARY",
      "FMRI",
      "NONE",
      "ND",
      "MOSAIC"
    ],
    "InstitutionAddress": "Mikeletegi_69_San_Sebastian_District_ES_20009",
    "InstitutionName": "BCBL",
    "MagneticFieldStrength": 3,
    "Manufacturer": "Siemens",
    "ManufacturersModelName": "TrioTim",
    "PhaseEncodingDirection": "j-",
    "PhaseEncodingLines": 64,
    "ProcedureStepDescription": "CRANEO_FUNCIONAL",
    "ProtocolName": "ep2d_PiN_L1_Run1",
    "RepetitionTime": 2,
    "ScanningSequence": "EP",
    "SequenceName": "_epfid2d1_64",
    "SequenceVariant": "SK",
    "SeriesDescription": "ep2d_PiN_L1_Run1",
    "SliceTiming": [
      1.925,
      1.8625,
      1.8025,
      1.74,
      1.6775,
      1.615,
      1.5525,
      1.49,
      1.43,
      1.3675,
      1.305,
      1.2425,
      1.18,
      1.1175,
      1.055,
      0.995,
      0.9325,
      0.87,
      0.8075,
      0.745,
      0.6825,
      0.6225,
      0.56,
      0.4975,
      0.435,
      0.3725,
      0.31,
      0.25,
      0.1875,
      0.125,
      0.0625,
      0
    ],
    "SoftwareVersions": "syngo_MR_B17",
    "TaskName": "compL1",
    "TotalReadoutTime": 0.0346501,
    "dataset": "ds003542",
    "modality": "bold",
    "run_id": 1,
    "subject_id": "20",
    "task_id": "compL1"
  },
  "dummy_trs": 1,
  "dvars_nstd": 22.79186656152174,
  "dvars_std": 1.2031153972282604,
  "dvars_vstd": 1.0101167650543483,
  "efc": 0.4903885738425212,
  "fber": 1182.19921875,
  "fd_mean": 0.2748680387238741,
  "fd_num": 128,
  "fd_perc": 69.1891891891892,
  "fwhm_avg": 2.7773951212121215,
  "fwhm_x": 2.733885090909091,
  "fwhm_y": 2.8915752727272728,
  "fwhm_z": 2.706725,
  "gcor": 0.0339916,
  "gsr_x": -0.029405519366264343,
  "gsr_y": 0.06732919812202454,
  "provenance": {
    "md5sum": "de4c07bed6fcf6f4714173a5fc18ec00",
    "settings": {
      "fd_thres": 0.2,
      "testing": false
    },
    "software": "mriqc",
    "version": "22.0.1",
    "webapi_port": null,
    "webapi_url": "https://mriqc.nimh.nih.gov/api/v1"
  },
  "size_t": 185,
  "size_x": 64,
  "size_y": 64,
  "size_z": 32,
  "snr": 2.8142077254310163,
  "spacing_tr": 2.0,
  "spacing_x": 3.4375,
  "spacing_y": 3.4375,
  "spacing_z": 4.0,
  "summary_bg_k": 100.03314552420147,
  "summary_bg_mad": 7.148545904160012,
  "summary_bg_mean": 39.68495178222656,
  "summary_bg_median": 19.518918991088867,
  "summary_bg_n": 80689.0,
  "summary_bg_p05": 14.286486625671387,
  "summary_bg_p95": 124.61081542968726,
  "summary_bg_stdv": 67.43275451660156,
  "summary_fg_k": 3.949884769948955,
  "summary_fg_mad": 207.78872791878072,
  "summary_fg_mean": 726.1181030273438,
  "summary_fg_median": 684.30810546875,
  "summary_fg_n": 21743.0,
  "summary_fg_p05": 423.6551452636719,
  "summary_fg_p95": 1173.963806152341,
  "summary_fg_stdv": 243.15631103515625,
  "tsnr": 91.13800559937954
}