{
  "aor": 0.0026784782608695657,
  "aqi": 0.0036886073913043483,
  "bids_meta": {
    "AcquisitionNumber": 1,
    "AcquisitionTime": "12:08:6.820000",
    "BandwidthPerPixelPhaseEncode": 28.409,
    "ConversionSoftware": "dcm2niix",
    "ConversionSoftwareVersion": "v1.0.20170724 GCC4.4.7",
    "DeviceSerialNumber": "35414",
    "EchoTime": 0.03,
    "EffectiveEchoSpacing": 0.000550002,
    "FlipAngle": 80,
    "ImageType": [
      "ORIGINAL",
      "PRIMARY",
      "FMRI",
      "NONE",
      "ND",
      "MOSAIC"
    ],
    "InstitutionAddress": "Mikeletegi_69_San_Sebastian_District_ES_20009",
    "InstitutionName": "BCBL",
    "MagneticFieldStrength": 3,
    "Manufacturer": "Siemens",
    "ManufacturersModelName": "TrioTim",
    "PhaseEncodingDirection": "j-",
    "PhaseEncodingLines": 64,
    "ProcedureStepDescription": "CRANEO_FUNCIONAL",
    "ProtocolName": "ep2d_PiN_L2_Run1",
    "RepetitionTime": 2,
    "ScanningSequence": "EP",
    "SequenceName": "_epfid2d1_64",
    "SequenceVariant": "SK",
    "SeriesDescription": "ep2d_PiN_L2_Run1",
    "SliceTiming": [
      1.925,
      1.8625,
      1.8025,
      1.74,
      1.6775,
      1.615,
      1.5525,
      1.49,
      1.43,
      1.3675,
      1.305,
      1.2425,
      1.18,
      1.1175,
      1.0575,
      0.995,
      0.9325,
      0.87,
      0.8075,
      0.745,
      0.6825,
      0.6225,
      0.56,
      0.4975,
      0.435,
      0.3725,
      0.31,
      0.25,
      0.1875,
      0.125,
      0.0625,
      0
    ],
    "SoftwareVersions": "syngo_MR_B17",
    "TaskName": "compLn",
    "TotalReadoutTime": 0.0346501,
    "dataset": "ds003542",
    "modality": "bold",
    "run_id": 1,
    "subject_id": "20",
    "task_id": "compLn"
  },
  "dummy_trs": 2,
  "dvars_nstd": 28.16961378098361,
  "dvars_std": 1.2171147815846999,
  "dvars_vstd": 1.0022611606010932,
  "efc": 0.48258395246533187,
  "fber": 1218.7027587890625,
  "fd_mean": 0.3933036099828559,
  "fd_num": 149,
  "fd_perc": 80.97826086956522,
  "fwhm_avg": 2.8183054187467564,
  "fwhm_x": 2.7675461818181817,
  "fwhm_y": 2.9892947527864457,
  "fwhm_z": 2.698075321635642,
  "gcor": 0.0449117,
  "gsr_x": -0.029923778027296066,
  "gsr_y": 0.06425894051790237,
  "provenance": {
    "md5sum": "95be6458e7ad4019aab6164e7e579d94",
    "settings": {
      "fd_thres": 0.2,
      "testing": false
    },
    "software": "mriqc",
    "version": "22.0.1",
    "webapi_port": null,
    "webapi_url": "https://mriqc.nimh.nih.gov/api/v1"
  },
  "size_t": 184,
  "size_x": 64,
  "size_y": 64,
  "size_z": 32,
  "snr": 2.613632922212867,
  "spacing_tr": 2.0,
  "spacing_x": 3.4375,
  "spacing_y": 3.437499761581421,
  "spacing_z": 3.999999523162842,
  "summary_bg_k": 122.18891896168402,
  "summary_bg_mad": 6.438038551122148,
  "summary_bg_mean": 39.14984130859375,
  "summary_bg_median": 19.76630401611328,
  "summary_bg_n": 81001.0,
  "summary_bg_p05": 14.97282600402832,
  "summary_bg_p95": 119.63587188720703,
  "summary_bg_stdv": 66.84529876708984,
  "summary_fg_k": 4.860830653239375,
  "summary_fg_mad": 223.01073809872082,
  "summary_fg_mean": 748.2807006835938,
  "summary_fg_median": 699.9837036132812,
  "summary_fg_n": 21567.0,
  "summary_fg_p05": 425.7000030517578,
  "summary_fg_p95": 1236.379931640625,
  "summary_fg_stdv": 267.8139953613281,
  "tsnr": 71.54235146567225
}