{
  "aor": 0.0035962083333333328,
  "aqi": 0.013967203499999999,
  "bids_meta": {
    "AcquisitionNumber": 1,
    "AcquisitionTime": "12:46:53.942500",
    "BandwidthPerPixelPhaseEncode": 29.481,
    "ConversionSoftware": "dcm2niix",
    "ConversionSoftwareVersion": "v1.0.20170724 GCC4.4.7",
    "DeviceSerialNumber": "35414",
    "EchoTime": 0.025,
    "EffectiveEchoSpacing": 0.000530002,
    "FlipAngle": 90,
    "ImageType": [
      "ORIGINAL",
      "PRIMARY",
      "M",
      "ND",
      "MOSAIC"
    ],
    "InstitutionAddress": "Mikeletegi_69_San_Sebastian_District_ES_20009",
    "InstitutionName": "BCBL",
    "MagneticFieldStrength": 3,
    "Manufacturer": "Siemens",
    "ManufacturersModelName": "TrioTim",
    "PhaseEncodingDirection": "j-",
    "PhaseEncodingLines": 64,
    "ProcedureStepDescription": "CRANEO_FUNCIONAL",
    "ProtocolName": "ep2d_Didak_VF_L2_Run2",
    "RepetitionTime": 3,
    "ScanningSequence": "EP",
    "SequenceName": "_epfid2d1_64",
    "SequenceVariant": "SK",
    "SeriesDescription": "ep2d_Didak_VF_L2_Run2",
    "SliceTiming": [
      2.92,
      2.8525,
      2.7825,
      2.7125,
      2.6425,
      2.5725,
      2.505,
      2.435,
      2.365,
      2.295,
      2.225,
      2.155,
      2.0875,
      2.0175,
      1.9475,
      1.8775,
      1.8075,
      1.7375,
      1.67,
      1.6,
      1.53,
      1.46,
      1.39,
      1.32,
      1.2525,
      1.1825,
      1.1125,
      1.0425,
      0.9725,
      0.9025,
      0.835,
      0.765,
      0.695,
      0.625,
      0.555,
      0.4875,
      0.4175,
      0.3475,
      0.2775,
      0.2075,
      0.1375,
      0.07,
      0
    ],
    "SoftwareVersions": "syngo_MR_B17",
    "TaskName": "prodLn",
    "TotalReadoutTime": 0.0333901,
    "dataset": "ds003542",
    "modality": "bold",
    "run_id": 2,
    "subject_id": "17",
    "task_id": "prodLn"
  },
  "dummy_trs": 0,
  "dvars_nstd": 37.93072137468616,
  "dvars_std": 1.0763255829707112,
  "dvars_vstd": 0.9405547794142255,
  "efc": 0.5761405131361266,
  "fber": 335.6328430175781,
  "fd_mean": 0.44646070435512136,
  "fd_num": 174,
  "fd_perc": 72.5,
  "fwhm_avg": 2.4552512244166924,
  "fwhm_x": 2.3140033333333334,
  "fwhm_y": 2.4989866666666667,
  "fwhm_z": 2.552763673250078,
  "gcor": 0.010661,
  "gsr_x": -0.0051041254773736,
  "gsr_y": 0.09337544441223145,
  "provenance": {
    "md5sum": "fe880a59d6adcc69da7b4949ec652db1",
    "settings": {
      "fd_thres": 0.2,
      "testing": false
    },
    "software": "mriqc",
    "version": "22.0.1",
    "webapi_port": null,
    "webapi_url": "https://mriqc.nimh.nih.gov/api/v1"
  },
  "size_t": 240,
  "size_x": 64,
  "size_y": 64,
  "size_z": 43,
  "snr": 3.3923215203479806,
  "spacing_tr": 3.0,
  "spacing_x": 3.0,
  "spacing_y": 3.0,
  "spacing_z": 3.299999952316284,
  "summary_bg_k": 31.1369688319879,
  "summary_bg_mad": 13.695539690149086,
  "summary_bg_mean": 65.67936706542969,
  "summary_bg_median": 33.0333366394043,
  "summary_bg_n": 104470.0,
  "summary_bg_p05": 22.816667556762695,
  "summary_bg_p95": 211.16063156127925,
  "summary_bg_stdv": 87.46106719970703,
  "summary_fg_k": 1.2428818136761093,
  "summary_fg_mad": 161.4924737979801,
  "summary_fg_mean": 637.7431640625,
  "summary_fg_median": 607.1625366210938,
  "summary_fg_n": 33589.0,
  "summary_fg_p05": 397.1516845703125,
  "summary_fg_p95": 972.4042114257812,
  "summary_fg_stdv": 178.978759765625,
  "tsnr": 34.98576552863233
}