{
  "aor": 0.005720166666666667,
  "aqi": 0.007593485791666666,
  "bids_meta": {
    "AcquisitionNumber": 1,
    "AcquisitionTime": "10:38:36.772500",
    "BandwidthPerPixelPhaseEncode": 29.481,
    "ConversionSoftware": "dcm2niix",
    "ConversionSoftwareVersion": "v1.0.20170724 GCC4.4.7",
    "DeviceSerialNumber": "35414",
    "EchoTime": 0.025,
    "EffectiveEchoSpacing": 0.000530002,
    "FlipAngle": 90,
    "ImageType": [
      "ORIGINAL",
      "PRIMARY",
      "M",
      "ND",
      "MOSAIC"
    ],
    "InstitutionAddress": "Mikeletegi_69_San_Sebastian_District_ES_20009",
    "InstitutionName": "BCBL",
    "MagneticFieldStrength": 3,
    "Manufacturer": "Siemens",
    "ManufacturersModelName": "TrioTim",
    "PhaseEncodingDirection": "j-",
    "PhaseEncodingLines": 64,
    "ProcedureStepDescription": "CRANEO_FUNCIONAL",
    "ProtocolName": "ep2d_Didak_VF_L1_Run1",
    "RepetitionTime": 3,
    "ScanningSequence": "EP",
    "SequenceName": "_epfid2d1_64",
    "SequenceVariant": "SK",
    "SeriesDescription": "ep2d_Didak_VF_L1_Run1",
    "SliceTiming": [
      2.9225,
      2.8525,
      2.7825,
      2.7125,
      2.6425,
      2.5725,
      2.505,
      2.435,
      2.365,
      2.295,
      2.225,
      2.155,
      2.0875,
      2.0175,
      1.9475,
      1.8775,
      1.8075,
      1.74,
      1.67,
      1.6,
      1.53,
      1.46,
      1.39,
      1.3225,
      1.2525,
      1.1825,
      1.1125,
      1.0425,
      0.9725,
      0.905,
      0.835,
      0.765,
      0.695,
      0.625,
      0.555,
      0.4875,
      0.4175,
      0.3475,
      0.2775,
      0.2075,
      0.1375,
      0.07,
      0
    ],
    "SoftwareVersions": "syngo_MR_B17",
    "TaskName": "prodL1",
    "TotalReadoutTime": 0.0333901,
    "dataset": "ds003542",
    "modality": "bold",
    "run_id": 1,
    "subject_id": "17",
    "task_id": "prodL1"
  },
  "dummy_trs": 0,
  "dvars_nstd": 33.6446589623431,
  "dvars_std": 1.2032133116736405,
  "dvars_vstd": 1.0246060044769878,
  "efc": 0.5715831278851453,
  "fber": 299.2626647949219,
  "fd_mean": 0.3099174636745764,
  "fd_num": 128,
  "fd_perc": 53.333333333333336,
  "fwhm_avg": 2.7319744577820777,
  "fwhm_x": 2.65908,
  "fwhm_y": 2.7677099999999997,
  "fwhm_z": 2.769133373346233,
  "gcor": 0.0166553,
  "gsr_x": -0.016019001603126526,
  "gsr_y": 0.10394414514303207,
  "provenance": {
    "md5sum": "7af500b2d6bb24d10812430a6afc9f78",
    "settings": {
      "fd_thres": 0.2,
      "testing": false
    },
    "software": "mriqc",
    "version": "22.0.1",
    "webapi_port": null,
    "webapi_url": "https://mriqc.nimh.nih.gov/api/v1"
  },
  "size_t": 240,
  "size_x": 64,
  "size_y": 64,
  "size_z": 43,
  "snr": 2.7469039356020994,
  "spacing_tr": 3.0,
  "spacing_x": 3.0,
  "spacing_y": 3.0,
  "spacing_z": 3.299999952316284,
  "summary_bg_k": 34.07142106825676,
  "summary_bg_mad": 16.651474469887454,
  "summary_bg_mean": 76.2311782836914,
  "summary_bg_median": 38.33958435058594,
  "summary_bg_n": 103718.0,
  "summary_bg_p05": 26.150001525878906,
  "summary_bg_p95": 253.0083465576172,
  "summary_bg_stdv": 102.85899353027344,
  "summary_fg_k": 4.414686114247878,
  "summary_fg_mad": 192.6888803972258,
  "summary_fg_mean": 738.08154296875,
  "summary_fg_median": 683.5375366210938,
  "summary_fg_n": 33473.0,
  "summary_fg_p05": 447.70252075195316,
  "summary_fg_p95": 1208.640869140625,
  "summary_fg_stdv": 248.83554077148438,
  "tsnr": 46.42246985784732
}