{
  "aor": 0.0017239459459459459,
  "aqi": 0.0022467984972972975,
  "bids_meta": {
    "AcquisitionNumber": 1,
    "AcquisitionTime": "13:17:35.817500",
    "BandwidthPerPixelPhaseEncode": 28.409,
    "ConversionSoftware": "dcm2niix",
    "ConversionSoftwareVersion": "v1.0.20170724 GCC4.4.7",
    "DeviceSerialNumber": "35414",
    "EchoTime": 0.03,
    "EffectiveEchoSpacing": 0.000550002,
    "FlipAngle": 80,
    "ImageType": [
      "ORIGINAL",
      "PRIMARY",
      "FMRI",
      "NONE",
      "ND",
      "MOSAIC"
    ],
    "InstitutionAddress": "Mikeletegi_69_San_Sebastian_District_ES_20009",
    "InstitutionName": "BCBL",
    "MagneticFieldStrength": 3,
    "Manufacturer": "Siemens",
    "ManufacturersModelName": "TrioTim",
    "PhaseEncodingDirection": "j-",
    "PhaseEncodingLines": 64,
    "ProcedureStepDescription": "CRANEO_FUNCIONAL",
    "ProtocolName": "ep2d_PiN_L2_Run3",
    "RepetitionTime": 2,
    "ScanningSequence": "EP",
    "SequenceName": "_epfid2d1_64",
    "SequenceVariant": "SK",
    "SeriesDescription": "ep2d_PiN_L2_Run3",
    "SliceTiming": [
      1.9275,
      1.865,
      1.8025,
      1.74,
      1.6775,
      1.615,
      1.555,
      1.4925,
      1.43,
      1.3675,
      1.305,
      1.2425,
      1.18,
      1.12,
      1.0575,
      0.995,
      0.9325,
      0.87,
      0.8075,
      0.7475,
      0.685,
      0.6225,
      0.56,
      0.4975,
      0.435,
      0.375,
      0.3125,
      0.25,
      0.1875,
      0.125,
      0.0625,
      0
    ],
    "SoftwareVersions": "syngo_MR_B17",
    "TaskName": "compLn",
    "TotalReadoutTime": 0.0346501,
    "dataset": "ds003542",
    "modality": "bold",
    "run_id": 3,
    "subject_id": "17",
    "task_id": "compLn"
  },
  "dummy_trs": 1,
  "dvars_nstd": 14.534616252717393,
  "dvars_std": 1.1261786313586963,
  "dvars_vstd": 1.0050315755978263,
  "efc": 0.5022658458888679,
  "fber": 921.1746826171875,
  "fd_mean": 0.10999373581132282,
  "fd_num": 12,
  "fd_perc": 6.486486486486487,
  "fwhm_avg": 2.333110272727273,
  "fwhm_x": 2.1835549090909088,
  "fwhm_y": 2.4409309090909095,
  "fwhm_z": 2.374845,
  "gcor": 0.0300978,
  "gsr_x": -0.015447842888534069,
  "gsr_y": 0.05366533249616623,
  "provenance": {
    "md5sum": "3b7400a94308738fd7de5434d2ce717c",
    "settings": {
      "fd_thres": 0.2,
      "testing": false
    },
    "software": "mriqc",
    "version": "22.0.1",
    "webapi_port": null,
    "webapi_url": "https://mriqc.nimh.nih.gov/api/v1"
  },
  "size_t": 185,
  "size_x": 64,
  "size_y": 64,
  "size_z": 32,
  "snr": 3.7707228458968727,
  "spacing_tr": 2.0,
  "spacing_x": 3.4375,
  "spacing_y": 3.4375,
  "spacing_z": 4.0,
  "summary_bg_k": 49.21875136951661,
  "summary_bg_mad": 5.577790036784735,
  "summary_bg_mean": 34.43370056152344,
  "summary_bg_median": 15.7783784866333,
  "summary_bg_n": 83801.0,
  "summary_bg_p05": 11.745945930480957,
  "summary_bg_p95": 118.5027084350586,
  "summary_bg_stdv": 56.19548416137695,
  "summary_fg_k": 0.9019521846940188,
  "summary_fg_mad": 118.57614371669382,
  "summary_fg_mean": 502.870361328125,
  "summary_fg_median": 484.33245849609375,
  "summary_fg_n": 19340.0,
  "summary_fg_p05": 323.11865692138673,
  "summary_fg_p95": 740.660025024414,
  "summary_fg_stdv": 128.44219970703125,
  "tsnr": 105.57143276953138
}