{
  "aor": 0.005916108108108107,
  "aqi": 0.002890311081081081,
  "bids_meta": {
    "AcquisitionNumber": 1,
    "AcquisitionTime": "13:02:57.172500",
    "BandwidthPerPixelPhaseEncode": 28.409,
    "ConversionSoftware": "dcm2niix",
    "ConversionSoftwareVersion": "v1.0.20170724 GCC4.4.7",
    "DeviceSerialNumber": "35414",
    "EchoTime": 0.03,
    "EffectiveEchoSpacing": 0.000550002,
    "FlipAngle": 80,
    "ImageType": [
      "ORIGINAL",
      "PRIMARY",
      "FMRI",
      "NONE",
      "ND",
      "MOSAIC"
    ],
    "InstitutionAddress": "Mikeletegi_69_San_Sebastian_District_ES_20009",
    "InstitutionName": "BCBL",
    "MagneticFieldStrength": 3,
    "Manufacturer": "Siemens",
    "ManufacturersModelName": "TrioTim",
    "PhaseEncodingDirection": "j-",
    "PhaseEncodingLines": 64,
    "ProcedureStepDescription": "CRANEO_FUNCIONAL",
    "ProtocolName": "ep2d_PiN_L2_Run1",
    "RepetitionTime": 2,
    "ScanningSequence": "EP",
    "SequenceName": "_epfid2d1_64",
    "SequenceVariant": "SK",
    "SeriesDescription": "ep2d_PiN_L2_Run1",
    "SliceTiming": [
      1.925,
      1.8625,
      1.8,
      1.7375,
      1.6775,
      1.615,
      1.5525,
      1.49,
      1.4275,
      1.365,
      1.3025,
      1.2425,
      1.18,
      1.1175,
      1.055,
      0.9925,
      0.93,
      0.87,
      0.8075,
      0.745,
      0.6825,
      0.62,
      0.5575,
      0.495,
      0.435,
      0.3725,
      0.31,
      0.2475,
      0.185,
      0.1225,
      0.0625,
      0
    ],
    "SoftwareVersions": "syngo_MR_B17",
    "TaskName": "compLn",
    "TotalReadoutTime": 0.0346501,
    "dataset": "ds003542",
    "modality": "bold",
    "run_id": 1,
    "subject_id": "17",
    "task_id": "compLn"
  },
  "dummy_trs": 1,
  "dvars_nstd": 14.36731694554349,
  "dvars_std": 1.0986372495652181,
  "dvars_vstd": 0.9974799607065222,
  "efc": 0.5028217614175716,
  "fber": 888.17333984375,
  "fd_mean": 0.11325660089337802,
  "fd_num": 11,
  "fd_perc": 5.945945945945946,
  "fwhm_avg": 2.3564936212121217,
  "fwhm_x": 2.232861090909091,
  "fwhm_y": 2.449367272727273,
  "fwhm_z": 2.3872525,
  "gcor": 0.0153679,
  "gsr_x": -0.014962757006287575,
  "gsr_y": 0.05478717014193535,
  "provenance": {
    "md5sum": "e533e92a30dd68eced91001b73a145af",
    "settings": {
      "fd_thres": 0.2,
      "testing": false
    },
    "software": "mriqc",
    "version": "22.0.1",
    "webapi_port": null,
    "webapi_url": "https://mriqc.nimh.nih.gov/api/v1"
  },
  "size_t": 185,
  "size_x": 64,
  "size_y": 64,
  "size_z": 32,
  "snr": 3.717664268682252,
  "spacing_tr": 2.0,
  "spacing_x": 3.4375,
  "spacing_y": 3.4375,
  "spacing_z": 4.0,
  "summary_bg_k": 47.491018474043535,
  "summary_bg_mad": 6.0185639368117405,
  "summary_bg_mean": 34.59626388549805,
  "summary_bg_median": 16.027027130126953,
  "summary_bg_n": 83854.0,
  "summary_bg_p05": 11.40540599822998,
  "summary_bg_p95": 120.64703330993643,
  "summary_bg_stdv": 55.84646987915039,
  "summary_fg_k": 0.9706406929423652,
  "summary_fg_mad": 118.06319628776322,
  "summary_fg_mean": 500.5408020019531,
  "summary_fg_median": 481.1783752441406,
  "summary_fg_n": 19395.0,
  "summary_fg_p05": 320.4005554199219,
  "summary_fg_p95": 741.6362365722656,
  "summary_fg_stdv": 129.4269561767578,
  "tsnr": 85.8864761358127
}