{
  "aor": 0.011593405405405405,
  "aqi": 0.004252312486486486,
  "bids_meta": {
    "AcquisitionNumber": 1,
    "AcquisitionTime": "11:13:1.492500",
    "BandwidthPerPixelPhaseEncode": 28.409,
    "ConversionSoftware": "dcm2niix",
    "ConversionSoftwareVersion": "v1.0.20170724 GCC4.4.7",
    "DeviceSerialNumber": "35414",
    "EchoTime": 0.03,
    "EffectiveEchoSpacing": 0.000550002,
    "FlipAngle": 80,
    "ImageType": [
      "ORIGINAL",
      "PRIMARY",
      "FMRI",
      "NONE",
      "ND",
      "MOSAIC"
    ],
    "InstitutionAddress": "Mikeletegi_69_San_Sebastian_District_ES_20009",
    "InstitutionName": "BCBL",
    "MagneticFieldStrength": 3,
    "Manufacturer": "Siemens",
    "ManufacturersModelName": "TrioTim",
    "PhaseEncodingDirection": "j-",
    "PhaseEncodingLines": 64,
    "ProcedureStepDescription": "CRANEO_FUNCIONAL",
    "ProtocolName": "ep2d_PiN_L1_Run1",
    "RepetitionTime": 2,
    "ScanningSequence": "EP",
    "SequenceName": "_epfid2d1_64",
    "SequenceVariant": "SK",
    "SeriesDescription": "ep2d_PiN_L1_Run1",
    "SliceTiming": [
      1.925,
      1.8625,
      1.8025,
      1.74,
      1.6775,
      1.615,
      1.5525,
      1.49,
      1.4275,
      1.3675,
      1.305,
      1.2425,
      1.18,
      1.1175,
      1.055,
      0.995,
      0.9325,
      0.87,
      0.8075,
      0.745,
      0.6825,
      0.6225,
      0.56,
      0.4975,
      0.435,
      0.3725,
      0.31,
      0.2475,
      0.1875,
      0.125,
      0.0625,
      0
    ],
    "SoftwareVersions": "syngo_MR_B17",
    "TaskName": "compL1",
    "TotalReadoutTime": 0.0346501,
    "dataset": "ds003542",
    "modality": "bold",
    "run_id": 1,
    "subject_id": "17",
    "task_id": "compL1"
  },
  "dummy_trs": 1,
  "dvars_nstd": 18.560565995326087,
  "dvars_std": 1.1173653148913043,
  "dvars_vstd": 1.0219736197282607,
  "efc": 0.498528839092044,
  "fber": 829.735107421875,
  "fd_mean": 0.19334826243175582,
  "fd_num": 32,
  "fd_perc": 17.2972972972973,
  "fwhm_avg": 2.6022747272727274,
  "fwhm_x": 2.5454283636363635,
  "fwhm_y": 2.7502458181818183,
  "fwhm_z": 2.51115,
  "gcor": 0.0430446,
  "gsr_x": -0.025876954197883606,
  "gsr_y": 0.06246325001120567,
  "provenance": {
    "md5sum": "d9c0b9a9ac3e7f163fd772f429b0b179",
    "settings": {
      "fd_thres": 0.2,
      "testing": false
    },
    "software": "mriqc",
    "version": "22.0.1",
    "webapi_port": null,
    "webapi_url": "https://mriqc.nimh.nih.gov/api/v1"
  },
  "size_t": 185,
  "size_x": 64,
  "size_y": 64,
  "size_z": 32,
  "snr": 3.107427832969839,
  "spacing_tr": 2.0,
  "spacing_x": 3.4375,
  "spacing_y": 3.4375,
  "spacing_z": 4.0,
  "summary_bg_k": 50.5597451105527,
  "summary_bg_mad": 7.252730574103426,
  "summary_bg_mean": 40.64116668701172,
  "summary_bg_median": 18.778379440307617,
  "summary_bg_n": 83784.0,
  "summary_bg_p05": 13.513513565063477,
  "summary_bg_p95": 141.7256828308103,
  "summary_bg_stdv": 67.10896301269531,
  "summary_fg_k": 2.969379698353939,
  "summary_fg_mad": 141.10366184978298,
  "summary_fg_mean": 580.819580078125,
  "summary_fg_median": 546.6432495117188,
  "summary_fg_n": 19463.0,
  "summary_fg_p05": 364.93947448730466,
  "summary_fg_p95": 919.9189453125,
  "summary_fg_stdv": 175.91050720214844,
  "tsnr": 68.38326826575212
}