{
  "aor": 0.011564247311827957,
  "aqi": 0.006365696075268817,
  "bids_meta": {
    "AcquisitionNumber": 1,
    "AcquisitionTime": "11:21:10.080000",
    "BandwidthPerPixelPhaseEncode": 28.409,
    "ConversionSoftware": "dcm2niix",
    "ConversionSoftwareVersion": "v1.0.20170724 GCC4.4.7",
    "DeviceSerialNumber": "35414",
    "EchoTime": 0.03,
    "EffectiveEchoSpacing": 0.000550002,
    "FlipAngle": 80,
    "ImageType": [
      "ORIGINAL",
      "PRIMARY",
      "FMRI",
      "NONE",
      "ND",
      "MOSAIC"
    ],
    "InstitutionAddress": "Mikeletegi_69_San_Sebastian_District_ES_20009",
    "InstitutionName": "BCBL",
    "MagneticFieldStrength": 3,
    "Manufacturer": "Siemens",
    "ManufacturersModelName": "TrioTim",
    "PhaseEncodingDirection": "j-",
    "PhaseEncodingLines": 64,
    "ProcedureStepDescription": "CRANEO_FUNCIONAL",
    "ProtocolName": "ep2d_PiN_L1_Run2",
    "RepetitionTime": 2,
    "ScanningSequence": "EP",
    "SequenceName": "_epfid2d1_64",
    "SequenceVariant": "SK",
    "SeriesDescription": "ep2d_PiN_L1_Run2",
    "SliceTiming": [
      1.925,
      1.8625,
      1.8,
      1.7375,
      1.675,
      1.6125,
      1.5525,
      1.49,
      1.4275,
      1.365,
      1.3025,
      1.24,
      1.18,
      1.1175,
      1.055,
      0.9925,
      0.93,
      0.8675,
      0.8075,
      0.745,
      0.6825,
      0.62,
      0.5575,
      0.495,
      0.4325,
      0.3725,
      0.31,
      0.2475,
      0.185,
      0.1225,
      0.06,
      0
    ],
    "SoftwareVersions": "syngo_MR_B17",
    "TaskName": "compL1",
    "TotalReadoutTime": 0.0346501,
    "dataset": "ds003542",
    "modality": "bold",
    "run_id": 2,
    "subject_id": "17",
    "task_id": "compL1"
  },
  "dummy_trs": 0,
  "dvars_nstd": 20.23777733886485,
  "dvars_std": 1.090617416378378,
  "dvars_vstd": 0.9868108176756762,
  "efc": 0.49693245617324755,
  "fber": 979.6415405273438,
  "fd_mean": 0.23634975771415279,
  "fd_num": 55,
  "fd_perc": 29.56989247311828,
  "fwhm_avg": 2.3279657727272727,
  "fwhm_x": 2.2578792727272727,
  "fwhm_y": 2.4567505454545455,
  "fwhm_z": 2.2692675,
  "gcor": 0.0362916,
  "gsr_x": -0.01800416223704815,
  "gsr_y": 0.06665871292352676,
  "provenance": {
    "md5sum": "07d5a9988958cfb0f3e4c111beeba7e3",
    "settings": {
      "fd_thres": 0.2,
      "testing": false
    },
    "software": "mriqc",
    "version": "22.0.1",
    "webapi_port": null,
    "webapi_url": "https://mriqc.nimh.nih.gov/api/v1"
  },
  "size_t": 186,
  "size_x": 64,
  "size_y": 64,
  "size_z": 32,
  "snr": 3.7047354320619172,
  "spacing_tr": 2.0,
  "spacing_x": 3.4375,
  "spacing_y": 3.4375,
  "spacing_z": 4.0,
  "summary_bg_k": 51.46303096610257,
  "summary_bg_mad": 5.603598312288258,
  "summary_bg_mean": 36.906578063964844,
  "summary_bg_median": 16.752687454223633,
  "summary_bg_n": 84502.0,
  "summary_bg_p05": 12.51075267791748,
  "summary_bg_p95": 124.32768821716307,
  "summary_bg_stdv": 62.1314697265625,
  "summary_fg_k": 1.3569675573701634,
  "summary_fg_mad": 127.18096465534171,
  "summary_fg_mean": 549.992919921875,
  "summary_fg_median": 528.1854858398438,
  "summary_fg_n": 19108.0,
  "summary_fg_p05": 358.5225799560547,
  "summary_fg_p95": 817.6825256347648,
  "summary_fg_stdv": 142.56663513183594,
  "tsnr": 58.50269957794808
}