{
  "bids_meta": {
    "AccelFactPE": 2,
    "AcquisitionNumber": 1,
    "AcquisitionTime": "15:25:59.872500",
    "ConversionSoftware": "dcm2niix",
    "ConversionSoftwareVersion": "v1.0.20170724 GCC4.4.7",
    "DeviceSerialNumber": "35414",
    "EchoTime": 0.0035,
    "FlipAngle": 7,
    "ImageType": [
      "ORIGINAL",
      "PRIMARY",
      "M",
      "ND",
      "NORM"
    ],
    "InstitutionAddress": "Mikeletegi_69_San_Sebastian_District_ES_20009",
    "InstitutionName": "BCBL",
    "InversionTime": 1.1,
    "MagneticFieldStrength": 3,
    "Manufacturer": "Siemens",
    "ManufacturersModelName": "TrioTim",
    "PhaseEncodingDirection": "i-",
    "PhaseEncodingLines": 256,
    "ProcedureStepDescription": "CRANEO_FUNCIONAL",
    "ProtocolName": "t1_mpr_sag_p2_1mm_iso_MGH",
    "RepetitionTime": 2.53,
    "ScanningSequence": "GR_IR",
    "SequenceName": "_tfl3d1_ns",
    "SequenceVariant": "SP_MP",
    "SeriesDescription": "t1_mpr_sag_p2_1mm_iso_MGH",
    "SoftwareVersions": "syngo_MR_B17",
    "dataset": "ds003542",
    "modality": "T1w",
    "subject_id": "12"
  },
  "cjv": 0.336093234362293,
  "cnr": 3.883829618324724,
  "efc": 0.569008415979882,
  "fber": 13907.950205932713,
  "fwhm_avg": 3.9782800000000003,
  "fwhm_x": 4.05334,
  "fwhm_y": 4.17785,
  "fwhm_z": 3.70365,
  "icvs_csf": 0.21681653548459331,
  "icvs_gm": 0.4199345502842557,
  "icvs_wm": 0.36324891423115097,
  "inu_med": 0.5640878677368164,
  "inu_range": 0.2387338697910309,
  "provenance": {
    "md5sum": "deafe594c880e2c81f3e8549812ab336",
    "settings": {
      "testing": false
    },
    "software": "mriqc",
    "version": "22.0.1",
    "warnings": {
      "large_rot_frame": true,
      "small_air_mask": false
    },
    "webapi_port": null,
    "webapi_url": "https://mriqc.nimh.nih.gov/api/v1"
  },
  "qi_1": 0.0,
  "qi_2": 0.01863959457692541,
  "rpve_csf": 21.233746577934074,
  "rpve_gm": 11.120324482390107,
  "rpve_wm": 14.928589126018116,
  "size_x": 176,
  "size_y": 256,
  "size_z": 256,
  "snr_csf": 1.7808483847577818,
  "snr_gm": 9.754435376115726,
  "snr_total": 11.371032833818196,
  "snr_wm": 22.577814740581083,
  "snrd_csf": 17.710933435858013,
  "snrd_gm": 69.91405443521809,
  "snrd_total": 63.544967397622635,
  "snrd_wm": 103.00991432179181,
  "spacing_x": 1.0,
  "spacing_y": 1.0,
  "spacing_z": 1.0,
  "summary_bg_k": 6.692706793646035,
  "summary_bg_mad": 0.0,
  "summary_bg_mean": 3.7046692430855086,
  "summary_bg_median": 0.0,
  "summary_bg_n": 2877088.0,
  "summary_bg_p05": 0.0,
  "summary_bg_p95": 17.10212067514658,
  "summary_bg_stdv": 6.35993524152619,
  "summary_csf_k": 2.357852880190376,
  "summary_csf_mad": 72.89096278392603,
  "summary_csf_mean": 191.3179096019473,
  "summary_csf_median": 171.93425631523132,
  "summary_csf_n": 55252.0,
  "summary_csf_p05": 69.04059393703938,
  "summary_csf_p95": 390.4849604543297,
  "summary_csf_stdv": 96.54538919200482,
  "summary_gm_k": 0.34119000433775337,
  "summary_gm_mad": 66.8514258675436,
  "summary_gm_mean": 678.5456089888212,
  "summary_gm_median": 678.7118814960122,
  "summary_gm_n": 31053.0,
  "summary_gm_p05": 563.7378710433841,
  "summary_gm_p95": 792.1056138575077,
  "summary_gm_stdv": 69.57870209360074,
  "summary_wm_k": 0.8827605020236295,
  "summary_wm_mad": 41.13132899950112,
  "summary_wm_mean": 999.1158067855054,
  "summary_wm_median": 999.9999760687351,
  "summary_wm_n": 246333.0,
  "summary_wm_p05": 925.726905785501,
  "summary_wm_p95": 1069.1459218785167,
  "summary_wm_stdv": 44.29117511078846,
  "tpm_overlap_csf": 0.1540122810598782,
  "tpm_overlap_gm": 0.44981895487666124,
  "tpm_overlap_wm": 0.5089427909886131,
  "wm2max": 0.6081626551053969
}