{
  "aor": 0.0064162702702702705,
  "aqi": 0.004320228918918918,
  "bids_meta": {
    "AcquisitionNumber": 1,
    "AcquisitionTime": "17:06:30.970000",
    "BandwidthPerPixelPhaseEncode": 28.409,
    "ConversionSoftware": "dcm2niix",
    "ConversionSoftwareVersion": "v1.0.20170724 GCC4.4.7",
    "DeviceSerialNumber": "35414",
    "EchoTime": 0.03,
    "EffectiveEchoSpacing": 0.000550002,
    "FlipAngle": 80,
    "ImageType": [
      "ORIGINAL",
      "PRIMARY",
      "FMRI",
      "NONE",
      "ND",
      "MOSAIC"
    ],
    "InstitutionAddress": "Mikeletegi_69_San_Sebastian_District_ES_20009",
    "InstitutionName": "BCBL",
    "MagneticFieldStrength": 3,
    "Manufacturer": "Siemens",
    "ManufacturersModelName": "TrioTim",
    "PhaseEncodingDirection": "j-",
    "PhaseEncodingLines": 64,
    "ProcedureStepDescription": "CRANEO_FUNCIONAL",
    "ProtocolName": "ep2d_PiN_L2_Run2",
    "RepetitionTime": 2,
    "ScanningSequence": "EP",
    "SequenceName": "_epfid2d1_64",
    "SequenceVariant": "SK",
    "SeriesDescription": "ep2d_PiN_L2_Run2",
    "SliceTiming": [
      1.925,
      1.8625,
      1.8,
      1.74,
      1.6775,
      1.615,
      1.5525,
      1.49,
      1.4275,
      1.3675,
      1.305,
      1.2425,
      1.18,
      1.1175,
      1.055,
      0.995,
      0.9325,
      0.87,
      0.8075,
      0.745,
      0.6825,
      0.62,
      0.56,
      0.4975,
      0.435,
      0.3725,
      0.31,
      0.2475,
      0.1875,
      0.125,
      0.0625,
      0
    ],
    "SoftwareVersions": "syngo_MR_B17",
    "TaskName": "compLn",
    "TotalReadoutTime": 0.0346501,
    "dataset": "ds003542",
    "modality": "bold",
    "run_id": 2,
    "subject_id": "26",
    "task_id": "compLn"
  },
  "dummy_trs": 1,
  "dvars_nstd": 22.317614767826083,
  "dvars_std": 1.1607507727717388,
  "dvars_vstd": 1.0120206979347828,
  "efc": 0.5373363098124403,
  "fber": 717.8567504882812,
  "fd_mean": 0.29277179414699017,
  "fd_num": 107,
  "fd_perc": 57.83783783783784,
  "fwhm_avg": 2.6510130303030306,
  "fwhm_x": 2.4514792727272727,
  "fwhm_y": 2.8831098181818184,
  "fwhm_z": 2.61845,
  "gcor": 0.0491162,
  "gsr_x": -0.02058175578713417,
  "gsr_y": 0.10495052486658096,
  "provenance": {
    "md5sum": "62a7556c675b581f5d318279c2745000",
    "settings": {
      "fd_thres": 0.2,
      "testing": false
    },
    "software": "mriqc",
    "version": "22.0.1",
    "webapi_port": null,
    "webapi_url": "https://mriqc.nimh.nih.gov/api/v1"
  },
  "size_t": 185,
  "size_x": 64,
  "size_y": 64,
  "size_z": 32,
  "snr": 3.1249913672403546,
  "spacing_tr": 2.0,
  "spacing_x": 3.4375,
  "spacing_y": 3.4375,
  "spacing_z": 4.0,
  "summary_bg_k": 69.09501827907664,
  "summary_bg_mad": 8.486895797475453,
  "summary_bg_mean": 45.15941619873047,
  "summary_bg_median": 18.648649215698242,
  "summary_bg_n": 77932.0,
  "summary_bg_p05": 12.556756973266602,
  "summary_bg_p95": 163.50513839721677,
  "summary_bg_stdv": 81.03907012939453,
  "summary_fg_k": 1.7727732933127553,
  "summary_fg_mad": 137.67369636575975,
  "summary_fg_mean": 542.2195434570312,
  "summary_fg_median": 511.81622314453125,
  "summary_fg_n": 22663.0,
  "summary_fg_p05": 324.9010925292969,
  "summary_fg_p95": 855.1859924316404,
  "summary_fg_stdv": 163.7780303955078,
  "tsnr": 72.68475871300325
}