{
  "aor": 0.004868054054054054,
  "aqi": 0.003451611351351351,
  "bids_meta": {
    "AcquisitionNumber": 1,
    "AcquisitionTime": "15:04:4.962500",
    "BandwidthPerPixelPhaseEncode": 28.409,
    "ConversionSoftware": "dcm2niix",
    "ConversionSoftwareVersion": "v1.0.20170724 GCC4.4.7",
    "DeviceSerialNumber": "35414",
    "EchoTime": 0.03,
    "EffectiveEchoSpacing": 0.000550002,
    "FlipAngle": 80,
    "ImageType": [
      "ORIGINAL",
      "PRIMARY",
      "FMRI",
      "NONE",
      "ND",
      "MOSAIC"
    ],
    "InstitutionAddress": "Mikeletegi_69_San_Sebastian_District_ES_20009",
    "InstitutionName": "BCBL",
    "MagneticFieldStrength": 3,
    "Manufacturer": "Siemens",
    "ManufacturersModelName": "TrioTim",
    "PhaseEncodingDirection": "j-",
    "PhaseEncodingLines": 64,
    "ProcedureStepDescription": "CRANEO_FUNCIONAL",
    "ProtocolName": "ep2d_PiN_L1_Run1",
    "RepetitionTime": 2,
    "ScanningSequence": "EP",
    "SequenceName": "_epfid2d1_64",
    "SequenceVariant": "SK",
    "SeriesDescription": "ep2d_PiN_L1_Run1",
    "SliceTiming": [
      1.9275,
      1.865,
      1.8025,
      1.74,
      1.6775,
      1.615,
      1.5525,
      1.4925,
      1.43,
      1.3675,
      1.305,
      1.2425,
      1.18,
      1.12,
      1.0575,
      0.995,
      0.9325,
      0.87,
      0.8075,
      0.7475,
      0.685,
      0.6225,
      0.56,
      0.4975,
      0.435,
      0.3725,
      0.3125,
      0.25,
      0.1875,
      0.125,
      0.0625,
      0
    ],
    "SoftwareVersions": "syngo_MR_B17",
    "TaskName": "compL1",
    "TotalReadoutTime": 0.0346501,
    "dataset": "ds003542",
    "modality": "bold",
    "run_id": 1,
    "subject_id": "26",
    "task_id": "compL1"
  },
  "dummy_trs": 1,
  "dvars_nstd": 19.855650466467413,
  "dvars_std": 1.2433740066847825,
  "dvars_vstd": 1.0528892523913043,
  "efc": 0.5285012932227423,
  "fber": 719.0408325195312,
  "fd_mean": 0.2241847082639718,
  "fd_num": 100,
  "fd_perc": 54.054054054054056,
  "fwhm_avg": 2.887822787878788,
  "fwhm_x": 2.7394065454545453,
  "fwhm_y": 3.115461818181818,
  "fwhm_z": 2.8086,
  "gcor": 0.0374856,
  "gsr_x": -0.01781417243182659,
  "gsr_y": 0.09852935373783112,
  "provenance": {
    "md5sum": "d7cce8778254ab4e0cb3e2f9aa13c1a5",
    "settings": {
      "fd_thres": 0.2,
      "testing": false
    },
    "software": "mriqc",
    "version": "22.0.1",
    "webapi_port": null,
    "webapi_url": "https://mriqc.nimh.nih.gov/api/v1"
  },
  "size_t": 185,
  "size_x": 64,
  "size_y": 64,
  "size_z": 32,
  "snr": 2.7117057720331394,
  "spacing_tr": 2.0,
  "spacing_x": 3.4375,
  "spacing_y": 3.4375,
  "spacing_z": 4.0,
  "summary_bg_k": 50.599896095116286,
  "summary_bg_mad": 8.863556924564763,
  "summary_bg_mean": 50.47750473022461,
  "summary_bg_median": 20.583784103393555,
  "summary_bg_n": 78718.0,
  "summary_bg_p05": 14.097297668457031,
  "summary_bg_p95": 187.54053878784117,
  "summary_bg_stdv": 88.35094451904297,
  "summary_fg_k": 2.4963462827715777,
  "summary_fg_mad": 155.27253942358485,
  "summary_fg_mean": 606.4305419921875,
  "summary_fg_median": 558.9027099609375,
  "summary_fg_n": 22320.0,
  "summary_fg_p05": 356.76136474609376,
  "summary_fg_p95": 1030.0156799316403,
  "summary_fg_stdv": 206.10281372070312,
  "tsnr": 87.54298792826012
}