{
  "aor": 0.007233870967741936,
  "aqi": 0.0041263297311827955,
  "bids_meta": {
    "AcquisitionNumber": 1,
    "AcquisitionTime": "15:25:42.355000",
    "BandwidthPerPixelPhaseEncode": 28.409,
    "ConversionSoftware": "dcm2niix",
    "ConversionSoftwareVersion": "v1.0.20170724 GCC4.4.7",
    "DeviceSerialNumber": "35414",
    "EchoTime": 0.03,
    "EffectiveEchoSpacing": 0.000550002,
    "FlipAngle": 80,
    "ImageType": [
      "ORIGINAL",
      "PRIMARY",
      "FMRI",
      "NONE",
      "ND",
      "MOSAIC"
    ],
    "InstitutionAddress": "Mikeletegi_69_San_Sebastian_District_ES_20009",
    "InstitutionName": "BCBL",
    "MagneticFieldStrength": 3,
    "Manufacturer": "Siemens",
    "ManufacturersModelName": "TrioTim",
    "PhaseEncodingDirection": "j-",
    "PhaseEncodingLines": 64,
    "ProcedureStepDescription": "CRANEO_FUNCIONAL",
    "ProtocolName": "ep2d_PiN_L1_Run3",
    "RepetitionTime": 2,
    "ScanningSequence": "EP",
    "SequenceName": "_epfid2d1_64",
    "SequenceVariant": "SK",
    "SeriesDescription": "ep2d_PiN_L1_Run3",
    "SliceTiming": [
      1.925,
      1.8625,
      1.8,
      1.7375,
      1.675,
      1.6125,
      1.5525,
      1.49,
      1.4275,
      1.365,
      1.3025,
      1.24,
      1.18,
      1.1175,
      1.055,
      0.9925,
      0.93,
      0.8675,
      0.8075,
      0.745,
      0.6825,
      0.62,
      0.5575,
      0.495,
      0.4325,
      0.3725,
      0.31,
      0.2475,
      0.185,
      0.1225,
      0.06,
      0
    ],
    "SoftwareVersions": "syngo_MR_B17",
    "TaskName": "compL1",
    "TotalReadoutTime": 0.0346501,
    "dataset": "ds003542",
    "modality": "bold",
    "run_id": 3,
    "subject_id": "26",
    "task_id": "compL1"
  },
  "dummy_trs": 0,
  "dvars_nstd": 26.708431475999994,
  "dvars_std": 1.2884629881621623,
  "dvars_vstd": 1.0596713728648652,
  "efc": 0.5282769011300877,
  "fber": 742.2639770507812,
  "fd_mean": 0.32393713868065055,
  "fd_num": 129,
  "fd_perc": 69.35483870967742,
  "fwhm_avg": 2.8751672424242423,
  "fwhm_x": 2.703394909090909,
  "fwhm_y": 3.072581818181818,
  "fwhm_z": 2.849525,
  "gcor": 0.0543524,
  "gsr_x": -0.018745582550764084,
  "gsr_y": 0.10743498057126999,
  "provenance": {
    "md5sum": "dd764c1e52a8c9488a541d3d368abd25",
    "settings": {
      "fd_thres": 0.2,
      "testing": false
    },
    "software": "mriqc",
    "version": "22.0.1",
    "webapi_port": null,
    "webapi_url": "https://mriqc.nimh.nih.gov/api/v1"
  },
  "size_t": 186,
  "size_x": 64,
  "size_y": 64,
  "size_z": 32,
  "snr": 2.8151505927571687,
  "spacing_tr": 2.0,
  "spacing_x": 3.4375,
  "spacing_y": 3.4375,
  "spacing_z": 4.0,
  "summary_bg_k": 62.53253353854079,
  "summary_bg_mad": 8.138370257645478,
  "summary_bg_mean": 48.516845703125,
  "summary_bg_median": 19.95161247253418,
  "summary_bg_n": 78440.0,
  "summary_bg_p05": 14.107526779174805,
  "summary_bg_p95": 176.47311401367188,
  "summary_bg_stdv": 86.43721771240234,
  "summary_fg_k": 2.442166499018062,
  "summary_fg_mad": 150.7391736617694,
  "summary_fg_mean": 599.111328125,
  "summary_fg_median": 554.9677124023438,
  "summary_fg_n": 22183.0,
  "summary_fg_p05": 358.91504821777346,
  "summary_fg_p95": 1001.5064392089841,
  "summary_fg_stdv": 197.13162231445312,
  "tsnr": 71.16064019314945
}