{
  "bids_meta": {
    "AccelFactPE": 2,
    "AcquisitionNumber": 1,
    "AcquisitionTime": "15:03:27.755000",
    "ConversionSoftware": "dcm2niix",
    "ConversionSoftwareVersion": "v1.0.20170724 GCC4.4.7",
    "DeviceSerialNumber": "35414",
    "EchoTime": 0.0035,
    "FlipAngle": 7,
    "ImageType": [
      "ORIGINAL",
      "PRIMARY",
      "M",
      "ND",
      "NORM"
    ],
    "InstitutionAddress": "Mikeletegi_69_San_Sebastian_District_ES_20009",
    "InstitutionName": "BCBL",
    "InversionTime": 1.1,
    "MagneticFieldStrength": 3,
    "Manufacturer": "Siemens",
    "ManufacturersModelName": "TrioTim",
    "PhaseEncodingDirection": "i-",
    "PhaseEncodingLines": 256,
    "ProcedureStepDescription": "CRANEO_FUNCIONAL",
    "ProtocolName": "t1_mpr_sag_p2_1mm_iso_MGH",
    "RepetitionTime": 2.53,
    "ScanningSequence": "GR_IR",
    "SequenceName": "_tfl3d1_ns",
    "SequenceVariant": "SP_MP",
    "SeriesDescription": "t1_mpr_sag_p2_1mm_iso_MGH",
    "SoftwareVersions": "syngo_MR_B17",
    "dataset": "ds003542",
    "modality": "T1w",
    "subject_id": "03"
  },
  "cjv": 0.3817387534517164,
  "cnr": 3.4725397670204154,
  "efc": 0.5780846485351899,
  "fber": 14287.814292581317,
  "fwhm_avg": 3.6666166666666666,
  "fwhm_x": 3.65133,
  "fwhm_y": 3.90409,
  "fwhm_z": 3.44443,
  "icvs_csf": 0.2061794044469418,
  "icvs_gm": 0.4238608932282577,
  "icvs_wm": 0.36995970232480047,
  "inu_med": 0.5792612135410309,
  "inu_range": 0.21969373077154158,
  "provenance": {
    "md5sum": "c6e7e158cc13f5f54a3238873d11cfde",
    "settings": {
      "testing": false
    },
    "software": "mriqc",
    "version": "22.0.1",
    "warnings": {
      "large_rot_frame": true,
      "small_air_mask": false
    },
    "webapi_port": null,
    "webapi_url": "https://mriqc.nimh.nih.gov/api/v1"
  },
  "qi_1": 0.00010224078921309625,
  "qi_2": 0.015022345056213365,
  "rpve_csf": 23.911473993685956,
  "rpve_gm": 11.891830853969143,
  "rpve_wm": 15.52003389485815,
  "size_x": 176,
  "size_y": 256,
  "size_z": 256,
  "snr_csf": 1.5966050997530432,
  "snr_gm": 10.211061535921356,
  "snr_total": 11.013419414290007,
  "snr_wm": 21.232591607195623,
  "snrd_csf": 19.365874896025463,
  "snrd_gm": 73.93135887979533,
  "snrd_total": 65.90197367282987,
  "snrd_wm": 104.40868724266882,
  "spacing_x": 1.0,
  "spacing_y": 1.0,
  "spacing_z": 1.0,
  "summary_bg_k": 10.576531876568179,
  "summary_bg_mad": 0.0,
  "summary_bg_mean": 3.8128939632551253,
  "summary_bg_median": 0.0,
  "summary_bg_n": 2573363.0,
  "summary_bg_p05": 0.0,
  "summary_bg_p95": 16.26558220386505,
  "summary_bg_stdv": 6.274939854863674,
  "summary_csf_k": 1.9700136612567816,
  "summary_csf_mad": 90.67978987387245,
  "summary_csf_mean": 208.91825318162205,
  "summary_csf_median": 185.48763312399387,
  "summary_csf_n": 36979.0,
  "summary_csf_p05": 61.15925570875407,
  "summary_csf_p95": 447.67015282809734,
  "summary_csf_stdv": 116.17470414107056,
  "summary_gm_k": 0.21560047151066053,
  "summary_gm_mad": 67.25623652225636,
  "summary_gm_mean": 708.117989495714,
  "summary_gm_median": 708.1194547563791,
  "summary_gm_n": 25682.0,
  "summary_gm_p05": 593.4937637746334,
  "summary_gm_p95": 822.5118279606104,
  "summary_gm_stdv": 69.34692008585758,
  "summary_wm_k": 0.5531387348507,
  "summary_wm_mad": 44.178600625199984,
  "summary_wm_mean": 999.0937876235863,
  "summary_wm_median": 1000.0333255380392,
  "summary_wm_n": 210242.0,
  "summary_wm_p05": 920.1719834059477,
  "summary_wm_p95": 1074.7616765648127,
  "summary_wm_stdv": 47.09886413042841,
  "tpm_overlap_csf": 0.1528945573187422,
  "tpm_overlap_gm": 0.45609672560617365,
  "tpm_overlap_wm": 0.5174420559531605,
  "wm2max": 0.6096435973503475
}