{
  "bids_meta": {
    "AccelFactPE": 2,
    "AcquisitionNumber": 1,
    "AcquisitionTime": "14:35:29.845000",
    "ConversionSoftware": "dcm2niix",
    "ConversionSoftwareVersion": "v1.0.20170724 GCC4.4.7",
    "DeviceSerialNumber": "35414",
    "EchoTime": 0.0035,
    "FlipAngle": 7,
    "ImageType": [
      "ORIGINAL",
      "PRIMARY",
      "M",
      "ND",
      "NORM"
    ],
    "InstitutionAddress": "Mikeletegi_69_San_Sebastian_District_ES_20009",
    "InstitutionName": "BCBL",
    "InversionTime": 1.1,
    "MagneticFieldStrength": 3,
    "Manufacturer": "Siemens",
    "ManufacturersModelName": "TrioTim",
    "PhaseEncodingDirection": "i-",
    "PhaseEncodingLines": 256,
    "ProcedureStepDescription": "CRANEO_FUNCIONAL",
    "ProtocolName": "t1_mpr_sag_p2_1mm_iso_MGH",
    "RepetitionTime": 2.53,
    "ScanningSequence": "GR_IR",
    "SequenceName": "_tfl3d1_ns",
    "SequenceVariant": "SP_MP",
    "SeriesDescription": "t1_mpr_sag_p2_1mm_iso_MGH",
    "SoftwareVersions": "syngo_MR_B17",
    "dataset": "ds003542",
    "modality": "T1w",
    "subject_id": "33"
  },
  "cjv": 0.3560305004994847,
  "cnr": 3.633149581204117,
  "efc": 0.548161571251905,
  "fber": 15523.848448753464,
  "fwhm_avg": 4.08524,
  "fwhm_x": 4.09756,
  "fwhm_y": 4.3157,
  "fwhm_z": 3.84246,
  "icvs_csf": 0.20536092811087345,
  "icvs_gm": 0.42588653645465196,
  "icvs_wm": 0.3687525354344746,
  "inu_med": 0.5014352798461914,
  "inu_range": 0.18643616884946823,
  "provenance": {
    "md5sum": "4aece5e178d0bdc1f7387518664c4179",
    "settings": {
      "testing": false
    },
    "software": "mriqc",
    "version": "22.0.1",
    "warnings": {
      "large_rot_frame": true,
      "small_air_mask": false
    },
    "webapi_port": null,
    "webapi_url": "https://mriqc.nimh.nih.gov/api/v1"
  },
  "qi_1": 0.0,
  "qi_2": 0.014840013334214626,
  "rpve_csf": 23.390847852853437,
  "rpve_gm": 11.683639093790505,
  "rpve_wm": 15.55078342965832,
  "size_x": 176,
  "size_y": 256,
  "size_z": 256,
  "snr_csf": 1.78814181806473,
  "snr_gm": 9.457038576060604,
  "snr_total": 11.22839219213693,
  "snr_wm": 22.439996182285455,
  "snrd_csf": 25.25321364801795,
  "snrd_gm": 103.8540833877736,
  "snrd_total": 93.27861376848341,
  "snrd_wm": 150.72854426965867,
  "spacing_x": 1.0,
  "spacing_y": 1.0,
  "spacing_z": 1.0,
  "summary_bg_k": 8.680746516008593,
  "summary_bg_mad": 4.346465499512814,
  "summary_bg_mean": 4.043045370620611,
  "summary_bg_median": 2.931646429002285,
  "summary_bg_n": 3040392.0,
  "summary_bg_p05": 0.0,
  "summary_bg_p95": 15.301137063652277,
  "summary_bg_stdv": 5.7362768947872596,
  "summary_csf_k": 2.8210094358496276,
  "summary_csf_mad": 73.01299501374595,
  "summary_csf_mean": 185.7389715991632,
  "summary_csf_median": 167.54102179780602,
  "summary_csf_n": 49506.0,
  "summary_csf_p05": 71.02813541144133,
  "summary_csf_p95": 376.37582651991397,
  "summary_csf_stdv": 93.69465439946943,
  "summary_gm_k": 0.14393685827631053,
  "summary_gm_mad": 69.4290673211652,
  "summary_gm_mean": 689.1080354080857,
  "summary_gm_median": 689.0140594057739,
  "summary_gm_n": 34454.0,
  "summary_gm_p05": 568.6789741640911,
  "summary_gm_p95": 812.0069135811179,
  "summary_gm_stdv": 72.85621759377081,
  "summary_wm_k": 0.7644670508598499,
  "summary_wm_mad": 41.29142224537173,
  "summary_wm_mean": 999.6469452325108,
  "summary_wm_median": 1000.0000266507268,
  "summary_wm_n": 237892.0,
  "summary_wm_p05": 926.683149728924,
  "summary_wm_p95": 1071.7739317677915,
  "summary_wm_stdv": 44.56319496363316,
  "tpm_overlap_csf": 0.14413322678622803,
  "tpm_overlap_gm": 0.44508763876714375,
  "tpm_overlap_wm": 0.494758170709996,
  "wm2max": 0.7502315172094459
}