{
  "bids_meta": {
    "AccelFactPE": 2,
    "AcquisitionNumber": 1,
    "AcquisitionTime": "14:53:24.585000",
    "ConversionSoftware": "dcm2niix",
    "ConversionSoftwareVersion": "v1.0.20170724 GCC4.4.7",
    "DeviceSerialNumber": "35414",
    "EchoTime": 0.0035,
    "FlipAngle": 7,
    "ImageType": [
      "ORIGINAL",
      "PRIMARY",
      "M",
      "ND",
      "NORM"
    ],
    "InstitutionAddress": "Mikeletegi_69_San_Sebastian_District_ES_20009",
    "InstitutionName": "BCBL",
    "InversionTime": 1.1,
    "MagneticFieldStrength": 3,
    "Manufacturer": "Siemens",
    "ManufacturersModelName": "TrioTim",
    "PhaseEncodingDirection": "i-",
    "PhaseEncodingLines": 256,
    "ProcedureStepDescription": "CRANEO_FUNCIONAL",
    "ProtocolName": "t1_mpr_sag_p2_1mm_iso_MGH",
    "RepetitionTime": 2.53,
    "ScanningSequence": "GR_IR",
    "SequenceName": "_tfl3d1_ns",
    "SequenceVariant": "SP_MP",
    "SeriesDescription": "t1_mpr_sag_p2_1mm_iso_MGH",
    "SoftwareVersions": "syngo_MR_B17",
    "dataset": "ds003542",
    "modality": "T1w",
    "subject_id": "16"
  },
  "cjv": 0.37033130350269133,
  "cnr": 3.6142668101718964,
  "efc": 0.49459677981755273,
  "fber": 15759.78308764621,
  "fwhm_avg": 3.8723033333333334,
  "fwhm_x": 3.91767,
  "fwhm_y": 4.08847,
  "fwhm_z": 3.61077,
  "icvs_csf": 0.21496003365586874,
  "icvs_gm": 0.4248034965196273,
  "icvs_wm": 0.36023646982450397,
  "inu_med": 0.5077646374702454,
  "inu_range": 0.1806446686387062,
  "provenance": {
    "md5sum": "ec86ed934af29767d962d5814543d10c",
    "settings": {
      "testing": false
    },
    "software": "mriqc",
    "version": "22.0.1",
    "warnings": {
      "large_rot_frame": true,
      "small_air_mask": false
    },
    "webapi_port": null,
    "webapi_url": "https://mriqc.nimh.nih.gov/api/v1"
  },
  "qi_1": 0.0,
  "qi_2": 0.021739742025070143,
  "rpve_csf": 26.481350575907523,
  "rpve_gm": 13.770303039822533,
  "rpve_wm": 18.939494832387012,
  "size_x": 176,
  "size_y": 256,
  "size_z": 256,
  "snr_csf": 1.5002642690904047,
  "snr_gm": 8.759896255803076,
  "snr_total": 11.592119068307305,
  "snr_wm": 24.516196680028433,
  "snrd_csf": 20.470700404977123,
  "snrd_gm": 79.63496309585187,
  "snrd_total": 72.30547252382112,
  "snrd_wm": 116.81075407063436,
  "spacing_x": 1.0,
  "spacing_y": 1.0,
  "spacing_z": 1.0,
  "summary_bg_k": 7.210061997344313,
  "summary_bg_mad": 5.608374494228535,
  "summary_bg_mean": 4.578715882828801,
  "summary_bg_median": 3.7827911116182804,
  "summary_bg_n": 3714645.0,
  "summary_bg_p05": 0.0,
  "summary_bg_p95": 15.980921870097518,
  "summary_bg_stdv": 5.779056750008484,
  "summary_csf_k": 1.1552359131104808,
  "summary_csf_mad": 96.88670140754222,
  "summary_csf_mean": 196.54162216762512,
  "summary_csf_median": 175.241909975186,
  "summary_csf_n": 31708.0,
  "summary_csf_p05": 41.89441156117246,
  "summary_csf_p95": 434.57279932396483,
  "summary_csf_stdv": 116.805518996359,
  "summary_gm_k": -0.12663891840907526,
  "summary_gm_mad": 79.89901634531377,
  "summary_gm_mean": 681.9198334345946,
  "summary_gm_median": 681.7247459851205,
  "summary_gm_n": 34124.0,
  "summary_gm_p05": 555.7687665801495,
  "summary_gm_p95": 810.9111741763539,
  "summary_gm_stdv": 77.82224093426302,
  "summary_wm_k": 0.7488386906177227,
  "summary_wm_mad": 37.95812882325689,
  "summary_wm_mean": 999.6021160072827,
  "summary_wm_median": 999.9726068973541,
  "summary_wm_n": 196153.0,
  "summary_wm_p05": 932.255163693428,
  "summary_wm_p95": 1065.2120478078723,
  "summary_wm_stdv": 40.788139815664415,
  "tpm_overlap_csf": 0.14681231831848934,
  "tpm_overlap_gm": 0.46909790918273747,
  "tpm_overlap_wm": 0.5255367221407974,
  "wm2max": 0.6644022412829589
}