{
  "bids_meta": {
    "AccelFactPE": 2,
    "AcquisitionNumber": 1,
    "AcquisitionTime": "15:06:51.340000",
    "ConversionSoftware": "dcm2niix",
    "ConversionSoftwareVersion": "v1.0.20170724 GCC4.4.7",
    "DeviceSerialNumber": "35414",
    "EchoTime": 0.0035,
    "FlipAngle": 7,
    "ImageType": [
      "ORIGINAL",
      "PRIMARY",
      "M",
      "ND",
      "NORM"
    ],
    "InstitutionAddress": "Mikeletegi_69_San_Sebastian_District_ES_20009",
    "InstitutionName": "BCBL",
    "InversionTime": 1.1,
    "MagneticFieldStrength": 3,
    "Manufacturer": "Siemens",
    "ManufacturersModelName": "TrioTim",
    "PhaseEncodingDirection": "i-",
    "PhaseEncodingLines": 256,
    "ProcedureStepDescription": "CRANEO_FUNCIONAL",
    "ProtocolName": "t1_mpr_sag_p2_1mm_iso_MGH",
    "RepetitionTime": 2.53,
    "ScanningSequence": "GR_IR",
    "SequenceName": "_tfl3d1_ns",
    "SequenceVariant": "SP_MP",
    "SeriesDescription": "t1_mpr_sag_p2_1mm_iso_MGH",
    "SoftwareVersions": "syngo_MR_B17",
    "dataset": "ds003542",
    "modality": "T1w",
    "subject_id": "34"
  },
  "cjv": 0.3221365064036217,
  "cnr": 3.96609130835828,
  "efc": 0.5140600764937754,
  "fber": 16831.20528853177,
  "fwhm_avg": 3.663186666666667,
  "fwhm_x": 3.75563,
  "fwhm_y": 3.85002,
  "fwhm_z": 3.38391,
  "icvs_csf": 0.24260467332271698,
  "icvs_gm": 0.43130318649474486,
  "icvs_wm": 0.3260921401825382,
  "inu_med": 0.5372852683067322,
  "inu_range": 0.17381229996681213,
  "provenance": {
    "md5sum": "6cfc094ad44eb8d7cc317524a3018009",
    "settings": {
      "testing": false
    },
    "software": "mriqc",
    "version": "22.0.1",
    "warnings": {
      "large_rot_frame": true,
      "small_air_mask": false
    },
    "webapi_port": null,
    "webapi_url": "https://mriqc.nimh.nih.gov/api/v1"
  },
  "qi_1": 0.0,
  "qi_2": 0.011755718543103354,
  "rpve_csf": 24.926825767871705,
  "rpve_gm": 13.998142873461147,
  "rpve_wm": 21.20790595998565,
  "size_x": 176,
  "size_y": 256,
  "size_z": 256,
  "snr_csf": 1.595776166607596,
  "snr_gm": 10.157400712351869,
  "snr_total": 11.545808145924235,
  "snr_wm": 22.88424755881324,
  "snrd_csf": 22.6667198514658,
  "snrd_gm": 91.78870155117532,
  "snrd_total": 83.04855046805017,
  "snrd_wm": 134.69023000150938,
  "spacing_x": 1.0,
  "spacing_y": 1.0,
  "spacing_z": 1.0,
  "summary_bg_k": 9.117168051476233,
  "summary_bg_mad": 4.86402311290206,
  "summary_bg_mean": 4.378819418065194,
  "summary_bg_median": 3.280733734369278,
  "summary_bg_n": 2880614.0,
  "summary_bg_p05": 0.0,
  "summary_bg_p95": 17.05057391524315,
  "summary_bg_stdv": 6.256412167865426,
  "summary_csf_k": 1.7500785845560882,
  "summary_csf_mad": 78.44093611651913,
  "summary_csf_mean": 193.33984992277246,
  "summary_csf_median": 168.2877783179283,
  "summary_csf_n": 34632.0,
  "summary_csf_p05": 63.89459985271097,
  "summary_csf_p95": 414.15335757434343,
  "summary_csf_stdv": 105.45673770834146,
  "summary_gm_k": 0.4200768200524365,
  "summary_gm_mad": 63.31793467746097,
  "summary_gm_mean": 679.1251670235316,
  "summary_gm_median": 681.4800182804465,
  "summary_gm_n": 26570.0,
  "summary_gm_p05": 563.5676754161716,
  "summary_gm_p95": 784.408418444544,
  "summary_gm_stdv": 67.09070688654408,
  "summary_wm_k": 1.1492226571379565,
  "summary_wm_mad": 39.28897542604692,
  "summary_wm_mean": 996.7152795496875,
  "summary_wm_median": 999.9999874979258,
  "summary_wm_n": 160241.0,
  "summary_wm_p05": 920.5692651122808,
  "summary_wm_p95": 1062.1028908640146,
  "summary_wm_stdv": 43.69804445713257,
  "tpm_overlap_csf": 0.16081837436886062,
  "tpm_overlap_gm": 0.4664226299890913,
  "tpm_overlap_wm": 0.5060081269141525,
  "wm2max": 0.7535997214242187
}