{
  "aor": 0.006372999999999999,
  "aqi": 0.010145660708333334,
  "bids_meta": {
    "AcquisitionNumber": 1,
    "AcquisitionTime": "17:12:36.305000",
    "BandwidthPerPixelPhaseEncode": 29.481,
    "ConversionSoftware": "dcm2niix",
    "ConversionSoftwareVersion": "v1.0.20170724 GCC4.4.7",
    "DeviceSerialNumber": "35414",
    "EchoTime": 0.025,
    "EffectiveEchoSpacing": 0.000530002,
    "FlipAngle": 90,
    "ImageType": [
      "ORIGINAL",
      "PRIMARY",
      "M",
      "ND",
      "MOSAIC"
    ],
    "InstitutionAddress": "Mikeletegi_69_San_Sebastian_District_ES_20009",
    "InstitutionName": "BCBL",
    "MagneticFieldStrength": 3,
    "Manufacturer": "Siemens",
    "ManufacturersModelName": "TrioTim",
    "PhaseEncodingDirection": "j-",
    "PhaseEncodingLines": 64,
    "ProcedureStepDescription": "CRANEO_FUNCIONAL",
    "ProtocolName": "ep2d_Didak_VF_L2_Run1",
    "RepetitionTime": 3,
    "ScanningSequence": "EP",
    "SequenceName": "_epfid2d1_64",
    "SequenceVariant": "SK",
    "SeriesDescription": "ep2d_Didak_VF_L2_Run1",
    "SliceTiming": [
      2.9225,
      2.8525,
      2.7825,
      2.7125,
      2.6425,
      2.575,
      2.505,
      2.435,
      2.365,
      2.295,
      2.225,
      2.1575,
      2.0875,
      2.0175,
      1.9475,
      1.8775,
      1.8075,
      1.74,
      1.67,
      1.6,
      1.53,
      1.46,
      1.3925,
      1.3225,
      1.2525,
      1.1825,
      1.1125,
      1.0425,
      0.975,
      0.905,
      0.835,
      0.765,
      0.695,
      0.625,
      0.5575,
      0.4875,
      0.4175,
      0.3475,
      0.2775,
      0.2075,
      0.14,
      0.07,
      0
    ],
    "SoftwareVersions": "syngo_MR_B17",
    "TaskName": "prodLn",
    "TotalReadoutTime": 0.0333901,
    "dataset": "ds003542",
    "modality": "bold",
    "run_id": 1,
    "subject_id": "09",
    "task_id": "prodLn"
  },
  "dummy_trs": 0,
  "dvars_nstd": 50.258217189079495,
  "dvars_std": 1.2539184767782423,
  "dvars_vstd": 1.0038493331380751,
  "efc": 0.5782039258014375,
  "fber": 507.2955322265625,
  "fd_mean": 0.5537245918850787,
  "fd_num": 179,
  "fd_perc": 74.58333333333333,
  "fwhm_avg": 2.880226203751253,
  "fwhm_x": 2.76121,
  "fwhm_y": 2.82359,
  "fwhm_z": 3.055878611253761,
  "gcor": 0.0172746,
  "gsr_x": 0.007364623714238405,
  "gsr_y": 0.11670176684856415,
  "provenance": {
    "md5sum": "50d316a323abd88b2621f64777f8e1ef",
    "settings": {
      "fd_thres": 0.2,
      "testing": false
    },
    "software": "mriqc",
    "version": "22.0.1",
    "webapi_port": null,
    "webapi_url": "https://mriqc.nimh.nih.gov/api/v1"
  },
  "size_t": 240,
  "size_x": 64,
  "size_y": 64,
  "size_z": 43,
  "snr": 2.3140917887108428,
  "spacing_tr": 3.0,
  "spacing_x": 3.0,
  "spacing_y": 3.0,
  "spacing_z": 3.3000001907348633,
  "summary_bg_k": 16.766658480405315,
  "summary_bg_mad": 10.248488400987837,
  "summary_bg_mean": 69.6127700805664,
  "summary_bg_median": 31.991668701171875,
  "summary_bg_n": 95438.0,
  "summary_bg_p05": 23.304168701171875,
  "summary_bg_p95": 268.6089645385742,
  "summary_bg_stdv": 96.13021850585938,
  "summary_fg_k": 3.354545438701754,
  "summary_fg_mad": 253.3211034612418,
  "summary_fg_mean": 813.3282470703125,
  "summary_fg_median": 742.2083740234375,
  "summary_fg_n": 41972.0,
  "summary_fg_p05": 439.3977264404297,
  "summary_fg_p95": 1455.3765075683593,
  "summary_fg_stdv": 320.7303771972656,
  "tsnr": 37.32914002984762
}