{
  "aor": 0.008798541666666666,
  "aqi": 0.011091455291666667,
  "bids_meta": {
    "AcquisitionNumber": 1,
    "AcquisitionTime": "17:26:12.675000",
    "BandwidthPerPixelPhaseEncode": 29.481,
    "ConversionSoftware": "dcm2niix",
    "ConversionSoftwareVersion": "v1.0.20170724 GCC4.4.7",
    "DeviceSerialNumber": "35414",
    "EchoTime": 0.025,
    "EffectiveEchoSpacing": 0.000530002,
    "FlipAngle": 90,
    "ImageType": [
      "ORIGINAL",
      "PRIMARY",
      "M",
      "ND",
      "MOSAIC"
    ],
    "InstitutionAddress": "Mikeletegi_69_San_Sebastian_District_ES_20009",
    "InstitutionName": "BCBL",
    "MagneticFieldStrength": 3,
    "Manufacturer": "Siemens",
    "ManufacturersModelName": "TrioTim",
    "PhaseEncodingDirection": "j-",
    "PhaseEncodingLines": 64,
    "ProcedureStepDescription": "CRANEO_FUNCIONAL",
    "ProtocolName": "ep2d_Didak_VF_L2_Run2",
    "RepetitionTime": 3,
    "ScanningSequence": "EP",
    "SequenceName": "_epfid2d1_64",
    "SequenceVariant": "SK",
    "SeriesDescription": "ep2d_Didak_VF_L2_Run2",
    "SliceTiming": [
      2.9225,
      2.8525,
      2.7825,
      2.7125,
      2.6425,
      2.575,
      2.505,
      2.435,
      2.365,
      2.295,
      2.225,
      2.1575,
      2.0875,
      2.0175,
      1.9475,
      1.8775,
      1.8075,
      1.74,
      1.67,
      1.6,
      1.53,
      1.46,
      1.3925,
      1.3225,
      1.2525,
      1.1825,
      1.1125,
      1.0425,
      0.975,
      0.905,
      0.835,
      0.765,
      0.695,
      0.625,
      0.5575,
      0.4875,
      0.4175,
      0.3475,
      0.2775,
      0.2075,
      0.14,
      0.07,
      0
    ],
    "SoftwareVersions": "syngo_MR_B17",
    "TaskName": "prodLn",
    "TotalReadoutTime": 0.0333901,
    "dataset": "ds003542",
    "modality": "bold",
    "run_id": 2,
    "subject_id": "09",
    "task_id": "prodLn"
  },
  "dummy_trs": 0,
  "dvars_nstd": 59.4637753475732,
  "dvars_std": 1.384371904853557,
  "dvars_vstd": 1.0411164630543934,
  "efc": 0.5786751336605871,
  "fber": 514.6517333984375,
  "fd_mean": 0.6661850541328924,
  "fd_num": 191,
  "fd_perc": 79.58333333333333,
  "fwhm_avg": 2.8599995371680738,
  "fwhm_x": 2.731616666666667,
  "fwhm_y": 2.796836666666667,
  "fwhm_z": 3.0515452781708876,
  "gcor": 0.017055,
  "gsr_x": 0.006710839457809925,
  "gsr_y": 0.1160154938697815,
  "provenance": {
    "md5sum": "0bfbf75b71875b60e1cd1430dee13409",
    "settings": {
      "fd_thres": 0.2,
      "testing": false
    },
    "software": "mriqc",
    "version": "22.0.1",
    "webapi_port": null,
    "webapi_url": "https://mriqc.nimh.nih.gov/api/v1"
  },
  "size_t": 240,
  "size_x": 64,
  "size_y": 64,
  "size_z": 43,
  "snr": 2.3155190518964774,
  "spacing_tr": 3.0,
  "spacing_x": 3.0,
  "spacing_y": 3.0,
  "spacing_z": 3.3000001907348633,
  "summary_bg_k": 16.22491067037158,
  "summary_bg_mad": 9.803707452652224,
  "summary_bg_mean": 68.88934326171875,
  "summary_bg_median": 31.606250762939453,
  "summary_bg_n": 95360.0,
  "summary_bg_p05": 23.604167938232422,
  "summary_bg_p95": 267.7129409790039,
  "summary_bg_stdv": 94.40582275390625,
  "summary_fg_k": 3.3979692330251954,
  "summary_fg_mad": 252.75901949638296,
  "summary_fg_mean": 812.0382080078125,
  "summary_fg_median": 741.4083862304688,
  "summary_fg_n": 41952.0,
  "summary_fg_p05": 438.88794403076173,
  "summary_fg_p95": 1452.527380371093,
  "summary_fg_stdv": 320.18719482421875,
  "tsnr": 36.58839324605651
}