{
  "aor": 0.0037823333333333337,
  "aqi": 0.009669821791666667,
  "bids_meta": {
    "AcquisitionNumber": 1,
    "AcquisitionTime": "15:50:52.887500",
    "BandwidthPerPixelPhaseEncode": 29.481,
    "ConversionSoftware": "dcm2niix",
    "ConversionSoftwareVersion": "v1.0.20170724 GCC4.4.7",
    "DeviceSerialNumber": "35414",
    "EchoTime": 0.025,
    "EffectiveEchoSpacing": 0.000530002,
    "FlipAngle": 90,
    "ImageType": [
      "ORIGINAL",
      "PRIMARY",
      "M",
      "ND",
      "MOSAIC"
    ],
    "InstitutionAddress": "Mikeletegi_69_San_Sebastian_District_ES_20009",
    "InstitutionName": "BCBL",
    "MagneticFieldStrength": 3,
    "Manufacturer": "Siemens",
    "ManufacturersModelName": "TrioTim",
    "PhaseEncodingDirection": "j-",
    "PhaseEncodingLines": 64,
    "ProcedureStepDescription": "CRANEO_FUNCIONAL",
    "ProtocolName": "ep2d_Didak_VF_L1_Run2",
    "RepetitionTime": 3,
    "ScanningSequence": "EP",
    "SequenceName": "_epfid2d1_64",
    "SequenceVariant": "SK",
    "SeriesDescription": "ep2d_Didak_VF_L1_Run2",
    "SliceTiming": [
      2.9225,
      2.8525,
      2.7825,
      2.7125,
      2.6425,
      2.575,
      2.505,
      2.435,
      2.365,
      2.295,
      2.225,
      2.1575,
      2.0875,
      2.0175,
      1.9475,
      1.8775,
      1.8075,
      1.74,
      1.67,
      1.6,
      1.53,
      1.46,
      1.39,
      1.3225,
      1.2525,
      1.1825,
      1.1125,
      1.0425,
      0.975,
      0.905,
      0.835,
      0.765,
      0.695,
      0.625,
      0.5575,
      0.4875,
      0.4175,
      0.3475,
      0.2775,
      0.2075,
      0.14,
      0.07,
      0
    ],
    "SoftwareVersions": "syngo_MR_B17",
    "TaskName": "prodL1",
    "TotalReadoutTime": 0.0333901,
    "dataset": "ds003542",
    "modality": "bold",
    "run_id": 2,
    "subject_id": "09",
    "task_id": "prodL1"
  },
  "dummy_trs": 0,
  "dvars_nstd": 48.05499201334727,
  "dvars_std": 1.222236284769875,
  "dvars_vstd": 0.957513810292887,
  "efc": 0.5756033246180405,
  "fber": 477.44775390625,
  "fd_mean": 0.4478658048647057,
  "fd_num": 172,
  "fd_perc": 71.66666666666667,
  "fwhm_avg": 3.007949332092144,
  "fwhm_x": 2.9199333333333333,
  "fwhm_y": 2.8937633333333337,
  "fwhm_z": 3.2101513296097655,
  "gcor": 0.0197273,
  "gsr_x": -0.004583630710840225,
  "gsr_y": 0.10931598395109177,
  "provenance": {
    "md5sum": "6f522362dd66d25e845945e6cc9b2671",
    "settings": {
      "fd_thres": 0.2,
      "testing": false
    },
    "software": "mriqc",
    "version": "22.0.1",
    "webapi_port": null,
    "webapi_url": "https://mriqc.nimh.nih.gov/api/v1"
  },
  "size_t": 240,
  "size_x": 64,
  "size_y": 64,
  "size_z": 43,
  "snr": 2.108990443820263,
  "spacing_tr": 3.0,
  "spacing_x": 3.0,
  "spacing_y": 3.0,
  "spacing_z": 3.3000001907348633,
  "summary_bg_k": 15.741641624861735,
  "summary_bg_mad": 12.28088762253092,
  "summary_bg_mean": 76.02296447753906,
  "summary_bg_median": 34.358333587646484,
  "summary_bg_n": 94257.0,
  "summary_bg_p05": 25.000001907348633,
  "summary_bg_p95": 292.0625,
  "summary_bg_stdv": 103.72857666015625,
  "summary_fg_k": 3.9799887857684757,
  "summary_fg_mad": 278.29060789002136,
  "summary_fg_mean": 861.7142333984375,
  "summary_fg_median": 775.7916870117188,
  "summary_fg_n": 41899.0,
  "summary_fg_p05": 447.8062683105469,
  "summary_fg_p95": 1605.049670410156,
  "summary_fg_stdv": 367.84539794921875,
  "tsnr": 39.243094958597794
}