{
  "aor": 0.005033458333333333,
  "aqi": 0.010041162708333332,
  "bids_meta": {
    "AcquisitionNumber": 1,
    "AcquisitionTime": "15:37:6.865000",
    "BandwidthPerPixelPhaseEncode": 29.481,
    "ConversionSoftware": "dcm2niix",
    "ConversionSoftwareVersion": "v1.0.20170724 GCC4.4.7",
    "DeviceSerialNumber": "35414",
    "EchoTime": 0.025,
    "EffectiveEchoSpacing": 0.000530002,
    "FlipAngle": 90,
    "ImageType": [
      "ORIGINAL",
      "PRIMARY",
      "M",
      "ND",
      "MOSAIC"
    ],
    "InstitutionAddress": "Mikeletegi_69_San_Sebastian_District_ES_20009",
    "InstitutionName": "BCBL",
    "MagneticFieldStrength": 3,
    "Manufacturer": "Siemens",
    "ManufacturersModelName": "TrioTim",
    "PhaseEncodingDirection": "j-",
    "PhaseEncodingLines": 64,
    "ProcedureStepDescription": "CRANEO_FUNCIONAL",
    "ProtocolName": "ep2d_Didak_VF_L1_Run1",
    "RepetitionTime": 3,
    "ScanningSequence": "EP",
    "SequenceName": "_epfid2d1_64",
    "SequenceVariant": "SK",
    "SeriesDescription": "ep2d_Didak_VF_L1_Run1",
    "SliceTiming": [
      2.9225,
      2.8525,
      2.7825,
      2.7125,
      2.6425,
      2.5725,
      2.505,
      2.435,
      2.365,
      2.295,
      2.225,
      2.155,
      2.0875,
      2.0175,
      1.9475,
      1.8775,
      1.8075,
      1.74,
      1.67,
      1.6,
      1.53,
      1.46,
      1.39,
      1.3225,
      1.2525,
      1.1825,
      1.1125,
      1.0425,
      0.9725,
      0.905,
      0.835,
      0.765,
      0.695,
      0.625,
      0.555,
      0.4875,
      0.4175,
      0.3475,
      0.2775,
      0.2075,
      0.1375,
      0.07,
      0
    ],
    "SoftwareVersions": "syngo_MR_B17",
    "TaskName": "prodL1",
    "TotalReadoutTime": 0.0333901,
    "dataset": "ds003542",
    "modality": "bold",
    "run_id": 1,
    "subject_id": "09",
    "task_id": "prodL1"
  },
  "dummy_trs": 0,
  "dvars_nstd": 52.38423162317989,
  "dvars_std": 1.28663732958159,
  "dvars_vstd": 1.0008157447280337,
  "efc": 0.5743801298912745,
  "fber": 478.2255554199219,
  "fd_mean": 0.5319417287750248,
  "fd_num": 189,
  "fd_perc": 78.75,
  "fwhm_avg": 3.0091772111876973,
  "fwhm_x": 2.9137233333333334,
  "fwhm_y": 2.9196266666666664,
  "fwhm_z": 3.194181633563092,
  "gcor": 0.0193048,
  "gsr_x": -0.004164325539022684,
  "gsr_y": 0.1040705218911171,
  "provenance": {
    "md5sum": "11872d8bdea7689806c5c2c195e2f7c0",
    "settings": {
      "fd_thres": 0.2,
      "testing": false
    },
    "software": "mriqc",
    "version": "22.0.1",
    "webapi_port": null,
    "webapi_url": "https://mriqc.nimh.nih.gov/api/v1"
  },
  "size_t": 240,
  "size_x": 64,
  "size_y": 64,
  "size_z": 43,
  "snr": 2.1175178373105563,
  "spacing_tr": 3.0,
  "spacing_x": 3.0,
  "spacing_y": 3.0,
  "spacing_z": 3.3000001907348633,
  "summary_bg_k": 14.694586706925023,
  "summary_bg_mad": 12.91716843532288,
  "summary_bg_mean": 75.2443618774414,
  "summary_bg_median": 34.4375,
  "summary_bg_n": 94209.0,
  "summary_bg_p05": 24.000001907348633,
  "summary_bg_p95": 284.694189453125,
  "summary_bg_stdv": 101.60742950439453,
  "summary_fg_k": 3.7283799004264244,
  "summary_fg_mad": 277.87054932689256,
  "summary_fg_mean": 860.8101806640625,
  "summary_fg_median": 775.1500244140625,
  "summary_fg_n": 41887.0,
  "summary_fg_p05": 446.7562683105469,
  "summary_fg_p95": 1603.3588134765625,
  "summary_fg_stdv": 366.06103515625,
  "tsnr": 36.175689078401774
}