{
  "aor": 0.002073118279569892,
  "aqi": 0.0018367361559139786,
  "bids_meta": {
    "AcquisitionNumber": 1,
    "AcquisitionTime": "15:11:4.762500",
    "BandwidthPerPixelPhaseEncode": 28.409,
    "ConversionSoftware": "dcm2niix",
    "ConversionSoftwareVersion": "v1.0.20170724 GCC4.4.7",
    "DeviceSerialNumber": "35414",
    "EchoTime": 0.03,
    "EffectiveEchoSpacing": 0.000550002,
    "FlipAngle": 80,
    "ImageType": [
      "ORIGINAL",
      "PRIMARY",
      "FMRI",
      "NONE",
      "ND",
      "MOSAIC"
    ],
    "InstitutionAddress": "Mikeletegi_69_San_Sebastian_District_ES_20009",
    "InstitutionName": "BCBL",
    "MagneticFieldStrength": 3,
    "Manufacturer": "Siemens",
    "ManufacturersModelName": "TrioTim",
    "PhaseEncodingDirection": "j-",
    "PhaseEncodingLines": 64,
    "ProcedureStepDescription": "CRANEO_FUNCIONAL",
    "ProtocolName": "ep2d_PiN_L1_Run1",
    "RepetitionTime": 2,
    "ScanningSequence": "EP",
    "SequenceName": "_epfid2d1_64",
    "SequenceVariant": "SK",
    "SeriesDescription": "ep2d_PiN_L1_Run1",
    "SliceTiming": [
      1.925,
      1.8625,
      1.8,
      1.7375,
      1.675,
      1.615,
      1.5525,
      1.49,
      1.4275,
      1.365,
      1.3025,
      1.24,
      1.18,
      1.1175,
      1.055,
      0.9925,
      0.93,
      0.8675,
      0.8075,
      0.745,
      0.6825,
      0.62,
      0.5575,
      0.495,
      0.435,
      0.3725,
      0.31,
      0.2475,
      0.185,
      0.1225,
      0.06,
      0
    ],
    "SoftwareVersions": "syngo_MR_B17",
    "TaskName": "compL1",
    "TotalReadoutTime": 0.0346501,
    "dataset": "ds003542",
    "modality": "bold",
    "run_id": 1,
    "subject_id": "09",
    "task_id": "compL1"
  },
  "dummy_trs": 0,
  "dvars_nstd": 19.204184006054064,
  "dvars_std": 1.2070330121081088,
  "dvars_vstd": 1.001052299945946,
  "efc": 0.5018006371867028,
  "fber": 1146.3343505859375,
  "fd_mean": 0.19153115487304495,
  "fd_num": 74,
  "fd_perc": 39.784946236559136,
  "fwhm_avg": 2.9574099696969696,
  "fwhm_x": 2.8491985454545454,
  "fwhm_y": 2.9559563636363633,
  "fwhm_z": 3.067075,
  "gcor": 0.0255086,
  "gsr_x": -0.019761787727475166,
  "gsr_y": 0.06972042471170425,
  "provenance": {
    "md5sum": "a43c81e765388a0322683c88b9188c7a",
    "settings": {
      "fd_thres": 0.2,
      "testing": false
    },
    "software": "mriqc",
    "version": "22.0.1",
    "webapi_port": null,
    "webapi_url": "https://mriqc.nimh.nih.gov/api/v1"
  },
  "size_t": 186,
  "size_x": 64,
  "size_y": 64,
  "size_z": 32,
  "snr": 2.1833803197369175,
  "spacing_tr": 2.0,
  "spacing_x": 3.4375,
  "spacing_y": 3.4375,
  "spacing_z": 4.0,
  "summary_bg_k": 25.871437615537847,
  "summary_bg_mad": 6.679681662302704,
  "summary_bg_mean": 38.11625671386719,
  "summary_bg_median": 18.07526969909668,
  "summary_bg_n": 76796.0,
  "summary_bg_p05": 13.10618281364441,
  "summary_bg_p95": 139.18683242797852,
  "summary_bg_stdv": 56.021366119384766,
  "summary_fg_k": 3.3451391964974384,
  "summary_fg_mad": 215.9736712760159,
  "summary_fg_mean": 695.1378173828125,
  "summary_fg_median": 627.1451416015625,
  "summary_fg_n": 24143.0,
  "summary_fg_p05": 370.66612548828124,
  "summary_fg_p95": 1295.4913696289054,
  "summary_fg_stdv": 287.22991943359375,
  "tsnr": 87.60681680589914
}