{
  "aor": 0.003492043010752688,
  "aqi": 0.004204164247311828,
  "bids_meta": {
    "AcquisitionNumber": 1,
    "AcquisitionTime": "16:45:45.897500",
    "BandwidthPerPixelPhaseEncode": 28.409,
    "ConversionSoftware": "dcm2niix",
    "ConversionSoftwareVersion": "v1.0.20170724 GCC4.4.7",
    "DeviceSerialNumber": "35414",
    "EchoTime": 0.03,
    "EffectiveEchoSpacing": 0.000550002,
    "FlipAngle": 80,
    "ImageType": [
      "ORIGINAL",
      "PRIMARY",
      "FMRI",
      "NONE",
      "ND",
      "MOSAIC"
    ],
    "InstitutionAddress": "Mikeletegi_69_San_Sebastian_District_ES_20009",
    "InstitutionName": "BCBL",
    "MagneticFieldStrength": 3,
    "Manufacturer": "Siemens",
    "ManufacturersModelName": "TrioTim",
    "PhaseEncodingDirection": "j-",
    "PhaseEncodingLines": 64,
    "ProcedureStepDescription": "CRANEO_FUNCIONAL",
    "ProtocolName": "ep2d_PiN_L2_Run1",
    "RepetitionTime": 2,
    "ScanningSequence": "EP",
    "SequenceName": "_epfid2d1_64",
    "SequenceVariant": "SK",
    "SeriesDescription": "ep2d_PiN_L2_Run1",
    "SliceTiming": [
      1.925,
      1.8625,
      1.8,
      1.7375,
      1.6775,
      1.615,
      1.5525,
      1.49,
      1.4275,
      1.365,
      1.305,
      1.2425,
      1.18,
      1.1175,
      1.055,
      0.9925,
      0.9325,
      0.87,
      0.8075,
      0.745,
      0.6825,
      0.62,
      0.5575,
      0.4975,
      0.435,
      0.3725,
      0.31,
      0.2475,
      0.185,
      0.125,
      0.0625,
      0
    ],
    "SoftwareVersions": "syngo_MR_B17",
    "TaskName": "compLn",
    "TotalReadoutTime": 0.0346501,
    "dataset": "ds003542",
    "modality": "bold",
    "run_id": 1,
    "subject_id": "09",
    "task_id": "compLn"
  },
  "dummy_trs": 0,
  "dvars_nstd": 22.604615742702713,
  "dvars_std": 1.1738434351351346,
  "dvars_vstd": 0.9957265521081077,
  "efc": 0.516541097396172,
  "fber": 1036.7789306640625,
  "fd_mean": 0.27857655506726897,
  "fd_num": 117,
  "fd_perc": 62.903225806451616,
  "fwhm_avg": 2.829630303030303,
  "fwhm_x": 2.6929716363636365,
  "fwhm_y": 2.904119272727273,
  "fwhm_z": 2.8918,
  "gcor": 0.0237041,
  "gsr_x": -0.02223329432308674,
  "gsr_y": 0.07220019400119781,
  "provenance": {
    "md5sum": "c6a4c1c07f9104611ee161832b871107",
    "settings": {
      "fd_thres": 0.2,
      "testing": false
    },
    "software": "mriqc",
    "version": "22.0.1",
    "webapi_port": null,
    "webapi_url": "https://mriqc.nimh.nih.gov/api/v1"
  },
  "size_t": 186,
  "size_x": 64,
  "size_y": 64,
  "size_z": 32,
  "snr": 2.5157439988990142,
  "spacing_tr": 2.0,
  "spacing_x": 3.4375,
  "spacing_y": 3.4375,
  "spacing_z": 4.0,
  "summary_bg_k": 25.899893277725734,
  "summary_bg_mad": 6.918809410413037,
  "summary_bg_mean": 38.16942596435547,
  "summary_bg_median": 17.844085693359375,
  "summary_bg_n": 76547.0,
  "summary_bg_p05": 12.580645561218262,
  "summary_bg_p95": 142.3317169189453,
  "summary_bg_stdv": 57.04125213623047,
  "summary_fg_k": 2.491003488696056,
  "summary_fg_mad": 185.36115693842225,
  "summary_fg_mean": 637.0139770507812,
  "summary_fg_median": 587.73388671875,
  "summary_fg_n": 24324.0,
  "summary_fg_p05": 354.3658737182617,
  "summary_fg_p95": 1107.1978271484365,
  "summary_fg_stdv": 233.61749267578125,
  "tsnr": 59.01712979807053
}