{
  "aor": 0.002706166666666667,
  "aqi": 0.008824858125,
  "bids_meta": {
    "AcquisitionNumber": 1,
    "AcquisitionTime": "17:18:58.557500",
    "BandwidthPerPixelPhaseEncode": 29.481,
    "ConversionSoftware": "dcm2niix",
    "ConversionSoftwareVersion": "v1.0.20170724 GCC4.4.7",
    "DeviceSerialNumber": "35414",
    "EchoTime": 0.025,
    "EffectiveEchoSpacing": 0.000530002,
    "FlipAngle": 90,
    "ImageType": [
      "ORIGINAL",
      "PRIMARY",
      "M",
      "ND",
      "MOSAIC"
    ],
    "InstitutionAddress": "Mikeletegi_69_San_Sebastian_District_ES_20009",
    "InstitutionName": "BCBL",
    "MagneticFieldStrength": 3,
    "Manufacturer": "Siemens",
    "ManufacturersModelName": "TrioTim",
    "PhaseEncodingDirection": "j-",
    "PhaseEncodingLines": 64,
    "ProcedureStepDescription": "CRANEO_FUNCIONAL",
    "ProtocolName": "ep2d_Didak_VF_L1_Run1",
    "RepetitionTime": 3,
    "ScanningSequence": "EP",
    "SequenceName": "_epfid2d1_64",
    "SequenceVariant": "SK",
    "SeriesDescription": "ep2d_Didak_VF_L1_Run1",
    "SliceTiming": [
      2.9225,
      2.8525,
      2.7825,
      2.7125,
      2.645,
      2.575,
      2.505,
      2.435,
      2.365,
      2.295,
      2.2275,
      2.1575,
      2.0875,
      2.0175,
      1.9475,
      1.88,
      1.81,
      1.74,
      1.67,
      1.6,
      1.53,
      1.4625,
      1.3925,
      1.3225,
      1.2525,
      1.1825,
      1.1125,
      1.045,
      0.975,
      0.905,
      0.835,
      0.765,
      0.695,
      0.6275,
      0.5575,
      0.4875,
      0.4175,
      0.3475,
      0.2775,
      0.21,
      0.14,
      0.07,
      0
    ],
    "SoftwareVersions": "syngo_MR_B17",
    "TaskName": "prodL1",
    "TotalReadoutTime": 0.0333901,
    "dataset": "ds003542",
    "modality": "bold",
    "run_id": 1,
    "subject_id": "13",
    "task_id": "prodL1"
  },
  "dummy_trs": 0,
  "dvars_nstd": 38.33500787899578,
  "dvars_std": 1.148735916778243,
  "dvars_vstd": 0.979302589539749,
  "efc": 0.5752551682797544,
  "fber": 358.6208190917969,
  "fd_mean": 0.44251334859957886,
  "fd_num": 204,
  "fd_perc": 85.0,
  "fwhm_avg": 2.763692437654042,
  "fwhm_x": 2.6496566666666665,
  "fwhm_y": 2.8569266666666664,
  "fwhm_z": 2.7844939796287935,
  "gcor": 0.0234311,
  "gsr_x": -0.019652588292956352,
  "gsr_y": 0.11224453151226044,
  "provenance": {
    "md5sum": "fa05f4f0fbe105c121e786272baac500",
    "settings": {
      "fd_thres": 0.2,
      "testing": false
    },
    "software": "mriqc",
    "version": "22.0.1",
    "webapi_port": null,
    "webapi_url": "https://mriqc.nimh.nih.gov/api/v1"
  },
  "size_t": 240,
  "size_x": 64,
  "size_y": 64,
  "size_z": 43,
  "snr": 2.595872653591833,
  "spacing_tr": 3.0,
  "spacing_x": 3.0,
  "spacing_y": 3.0,
  "spacing_z": 3.299999952316284,
  "summary_bg_k": 67.52915769031755,
  "summary_bg_mad": 12.083210343092107,
  "summary_bg_mean": 68.3751220703125,
  "summary_bg_median": 35.31666946411133,
  "summary_bg_n": 98194.0,
  "summary_bg_p05": 25.13333511352539,
  "summary_bg_p95": 205.5916748046875,
  "summary_bg_stdv": 102.67102813720703,
  "summary_fg_k": 3.7513384053309693,
  "summary_fg_mad": 212.54958769776678,
  "summary_fg_mean": 732.28466796875,
  "summary_fg_median": 680.0562744140625,
  "summary_fg_n": 38388.0,
  "summary_fg_p05": 410.884814453125,
  "summary_fg_p95": 1230.5014892578126,
  "summary_fg_stdv": 261.9725646972656,
  "tsnr": 37.58193125668913
}