{
  "aor": 0.004175645161290322,
  "aqi": 0.0030094093870967746,
  "bids_meta": {
    "AcquisitionNumber": 1,
    "AcquisitionTime": "18:46:38.455000",
    "BandwidthPerPixelPhaseEncode": 28.409,
    "ConversionSoftware": "dcm2niix",
    "ConversionSoftwareVersion": "v1.0.20170724 GCC4.4.7",
    "DeviceSerialNumber": "35414",
    "EchoTime": 0.03,
    "EffectiveEchoSpacing": 0.000550002,
    "FlipAngle": 80,
    "ImageType": [
      "ORIGINAL",
      "PRIMARY",
      "FMRI",
      "NONE",
      "ND",
      "MOSAIC"
    ],
    "InstitutionAddress": "Mikeletegi_69_San_Sebastian_District_ES_20009",
    "InstitutionName": "BCBL",
    "MagneticFieldStrength": 3,
    "Manufacturer": "Siemens",
    "ManufacturersModelName": "TrioTim",
    "PhaseEncodingDirection": "j-",
    "PhaseEncodingLines": 64,
    "ProcedureStepDescription": "CRANEO_FUNCIONAL",
    "ProtocolName": "ep2d_PiN_L2_Run2",
    "RepetitionTime": 2,
    "ScanningSequence": "EP",
    "SequenceName": "_epfid2d1_64",
    "SequenceVariant": "SK",
    "SeriesDescription": "ep2d_PiN_L2_Run2",
    "SliceTiming": [
      1.9275,
      1.865,
      1.8025,
      1.74,
      1.6775,
      1.615,
      1.5525,
      1.4925,
      1.43,
      1.3675,
      1.305,
      1.2425,
      1.18,
      1.12,
      1.0575,
      0.995,
      0.9325,
      0.87,
      0.8075,
      0.7475,
      0.685,
      0.6225,
      0.56,
      0.4975,
      0.435,
      0.3725,
      0.3125,
      0.25,
      0.1875,
      0.125,
      0.0625,
      0
    ],
    "SoftwareVersions": "syngo_MR_B17",
    "TaskName": "compLn",
    "TotalReadoutTime": 0.0346501,
    "dataset": "ds003542",
    "modality": "bold",
    "run_id": 2,
    "subject_id": "13",
    "task_id": "compLn"
  },
  "dummy_trs": 0,
  "dvars_nstd": 21.689206319567568,
  "dvars_std": 1.2271147972972976,
  "dvars_vstd": 1.0256030434054046,
  "efc": 0.4922326979929172,
  "fber": 803.157470703125,
  "fd_mean": 0.2664520686942193,
  "fd_num": 96,
  "fd_perc": 51.61290322580645,
  "fwhm_avg": 3.123678241714893,
  "fwhm_x": 3.064436363636364,
  "fwhm_y": 3.2918981818181816,
  "fwhm_z": 3.0147001796901334,
  "gcor": 0.0360092,
  "gsr_x": -0.02939743921160698,
  "gsr_y": 0.0835939273238182,
  "provenance": {
    "md5sum": "8ded512ebd5deb11e7a596418f694a87",
    "settings": {
      "fd_thres": 0.2,
      "testing": false
    },
    "software": "mriqc",
    "version": "22.0.1",
    "webapi_port": null,
    "webapi_url": "https://mriqc.nimh.nih.gov/api/v1"
  },
  "size_t": 186,
  "size_x": 64,
  "size_y": 64,
  "size_z": 32,
  "snr": 2.212419230095227,
  "spacing_tr": 2.0,
  "spacing_x": 3.4375,
  "spacing_y": 3.4375,
  "spacing_z": 3.999999761581421,
  "summary_bg_k": 85.86818978922203,
  "summary_bg_mad": 6.384752160999905,
  "summary_bg_mean": 42.64173889160156,
  "summary_bg_median": 21.489246368408203,
  "summary_bg_n": 80065.0,
  "summary_bg_p05": 16.801074981689453,
  "summary_bg_p95": 127.28386840820315,
  "summary_bg_stdv": 71.30604553222656,
  "summary_fg_k": 3.5920037227512625,
  "summary_fg_mad": 208.84762931712044,
  "summary_fg_mean": 684.973876953125,
  "summary_fg_median": 619.220458984375,
  "summary_fg_n": 21162.0,
  "summary_fg_p05": 376.05861511230466,
  "summary_fg_p95": 1260.978778076172,
  "summary_fg_stdv": 279.87725830078125,
  "tsnr": 77.31367635796778
}