{
  "aor": 0.004171291666666668,
  "aqi": 0.007204155458333333,
  "bids_meta": {
    "AcquisitionNumber": 1,
    "AcquisitionTime": "19:21:11.010000",
    "BandwidthPerPixelPhaseEncode": 29.481,
    "ConversionSoftware": "dcm2niix",
    "ConversionSoftwareVersion": "v1.0.20170724 GCC4.4.7",
    "DeviceSerialNumber": "35414",
    "EchoTime": 0.025,
    "EffectiveEchoSpacing": 0.000530002,
    "FlipAngle": 90,
    "ImageType": [
      "ORIGINAL",
      "PRIMARY",
      "M",
      "ND",
      "MOSAIC"
    ],
    "InstitutionAddress": "Mikeletegi_69_San_Sebastian_District_ES_20009",
    "InstitutionName": "BCBL",
    "MagneticFieldStrength": 3,
    "Manufacturer": "Siemens",
    "ManufacturersModelName": "TrioTim",
    "PhaseEncodingDirection": "j-",
    "PhaseEncodingLines": 64,
    "ProcedureStepDescription": "CRANEO_FUNCIONAL",
    "ProtocolName": "ep2d_Didak_VF_L2_Run2",
    "RepetitionTime": 3,
    "ScanningSequence": "EP",
    "SequenceName": "_epfid2d1_64",
    "SequenceVariant": "SK",
    "SeriesDescription": "ep2d_Didak_VF_L2_Run2",
    "SliceTiming": [
      2.92,
      2.8525,
      2.7825,
      2.7125,
      2.6425,
      2.5725,
      2.5025,
      2.435,
      2.365,
      2.295,
      2.225,
      2.155,
      2.0875,
      2.0175,
      1.9475,
      1.8775,
      1.8075,
      1.7375,
      1.67,
      1.6,
      1.53,
      1.46,
      1.39,
      1.32,
      1.2525,
      1.1825,
      1.1125,
      1.0425,
      0.9725,
      0.9025,
      0.835,
      0.765,
      0.695,
      0.625,
      0.555,
      0.485,
      0.4175,
      0.3475,
      0.2775,
      0.2075,
      0.1375,
      0.07,
      0
    ],
    "SoftwareVersions": "syngo_MR_B17",
    "TaskName": "prodLn",
    "TotalReadoutTime": 0.0333901,
    "dataset": "ds003542",
    "modality": "bold",
    "run_id": 2,
    "subject_id": "13",
    "task_id": "prodLn"
  },
  "dummy_trs": 0,
  "dvars_nstd": 44.15440220987448,
  "dvars_std": 1.2802478403347284,
  "dvars_vstd": 1.0160380328033474,
  "efc": 0.5648806969638185,
  "fber": 336.7266845703125,
  "fd_mean": 0.4921794296185512,
  "fd_num": 207,
  "fd_perc": 86.25,
  "fwhm_avg": 3.2125054697800155,
  "fwhm_x": 3.12018,
  "fwhm_y": 3.354366666666667,
  "fwhm_z": 3.1629697426733787,
  "gcor": 0.0232434,
  "gsr_x": -0.024936357513070107,
  "gsr_y": 0.14485706388950348,
  "provenance": {
    "md5sum": "e612b4c5c179749cfa31120f96ae65c1",
    "settings": {
      "fd_thres": 0.2,
      "testing": false
    },
    "software": "mriqc",
    "version": "22.0.1",
    "webapi_port": null,
    "webapi_url": "https://mriqc.nimh.nih.gov/api/v1"
  },
  "size_t": 240,
  "size_x": 64,
  "size_y": 64,
  "size_z": 43,
  "snr": 2.1076078744083158,
  "spacing_tr": 3.0,
  "spacing_x": 3.0,
  "spacing_y": 3.0,
  "spacing_z": 3.299999952316284,
  "summary_bg_k": 40.6263076456109,
  "summary_bg_mad": 11.780512767192455,
  "summary_bg_mean": 86.59199523925781,
  "summary_bg_median": 40.85416793823242,
  "summary_bg_n": 100609.0,
  "summary_bg_p05": 32.2208366394043,
  "summary_bg_p95": 278.0766845703113,
  "summary_bg_stdv": 128.16732788085938,
  "summary_fg_k": 4.4939172393675895,
  "summary_fg_mad": 265.41362305135715,
  "summary_fg_mean": 845.684814453125,
  "summary_fg_median": 759.7229614257812,
  "summary_fg_n": 37452.0,
  "summary_fg_p05": 452.0933578491211,
  "summary_fg_p95": 1569.5084228515625,
  "summary_fg_stdv": 360.4621276855469,
  "tsnr": 46.64671858679503
}