{
  "aor": 0.004077208333333333,
  "aqi": 0.007432117375,
  "bids_meta": {
    "AcquisitionNumber": 1,
    "AcquisitionTime": "19:07:53.882500",
    "BandwidthPerPixelPhaseEncode": 29.481,
    "ConversionSoftware": "dcm2niix",
    "ConversionSoftwareVersion": "v1.0.20170724 GCC4.4.7",
    "DeviceSerialNumber": "35414",
    "EchoTime": 0.025,
    "EffectiveEchoSpacing": 0.000530002,
    "FlipAngle": 90,
    "ImageType": [
      "ORIGINAL",
      "PRIMARY",
      "M",
      "ND",
      "MOSAIC"
    ],
    "InstitutionAddress": "Mikeletegi_69_San_Sebastian_District_ES_20009",
    "InstitutionName": "BCBL",
    "MagneticFieldStrength": 3,
    "Manufacturer": "Siemens",
    "ManufacturersModelName": "TrioTim",
    "PhaseEncodingDirection": "j-",
    "PhaseEncodingLines": 64,
    "ProcedureStepDescription": "CRANEO_FUNCIONAL",
    "ProtocolName": "ep2d_Didak_VF_L2_Run1",
    "RepetitionTime": 3,
    "ScanningSequence": "EP",
    "SequenceName": "_epfid2d1_64",
    "SequenceVariant": "SK",
    "SeriesDescription": "ep2d_Didak_VF_L2_Run1",
    "SliceTiming": [
      2.92,
      2.85,
      2.7825,
      2.7125,
      2.6425,
      2.5725,
      2.5025,
      2.435,
      2.365,
      2.295,
      2.225,
      2.155,
      2.085,
      2.0175,
      1.9475,
      1.8775,
      1.8075,
      1.7375,
      1.6675,
      1.6,
      1.53,
      1.46,
      1.39,
      1.32,
      1.25,
      1.1825,
      1.1125,
      1.0425,
      0.9725,
      0.9025,
      0.8325,
      0.765,
      0.695,
      0.625,
      0.555,
      0.485,
      0.4175,
      0.3475,
      0.2775,
      0.2075,
      0.1375,
      0.0675,
      0
    ],
    "SoftwareVersions": "syngo_MR_B17",
    "TaskName": "prodLn",
    "TotalReadoutTime": 0.0333901,
    "dataset": "ds003542",
    "modality": "bold",
    "run_id": 1,
    "subject_id": "13",
    "task_id": "prodLn"
  },
  "dummy_trs": 0,
  "dvars_nstd": 45.19498106046026,
  "dvars_std": 1.2785810810041838,
  "dvars_vstd": 1.023184951715481,
  "efc": 0.5650521503549236,
  "fber": 329.2384033203125,
  "fd_mean": 0.4886651031999882,
  "fd_num": 220,
  "fd_perc": 91.66666666666667,
  "fwhm_avg": 3.1256491052864246,
  "fwhm_x": 3.1015266666666665,
  "fwhm_y": 3.290426666666667,
  "fwhm_z": 2.9849939825259404,
  "gcor": 0.029418,
  "gsr_x": -0.025764787569642067,
  "gsr_y": 0.142631396651268,
  "provenance": {
    "md5sum": "1c6bafc111066e49d168244df9317cae",
    "settings": {
      "fd_thres": 0.2,
      "testing": false
    },
    "software": "mriqc",
    "version": "22.0.1",
    "webapi_port": null,
    "webapi_url": "https://mriqc.nimh.nih.gov/api/v1"
  },
  "size_t": 240,
  "size_x": 64,
  "size_y": 64,
  "size_z": 43,
  "snr": 2.0852988903182386,
  "spacing_tr": 3.0,
  "spacing_x": 3.0,
  "spacing_y": 3.0,
  "spacing_z": 3.299999952316284,
  "summary_bg_k": 39.55445946696712,
  "summary_bg_mad": 12.787444134610817,
  "summary_bg_mean": 87.4379653930664,
  "summary_bg_median": 41.55833435058594,
  "summary_bg_n": 100478.0,
  "summary_bg_p05": 31.437501907348633,
  "summary_bg_p95": 279.31562652587877,
  "summary_bg_stdv": 127.70587921142578,
  "summary_fg_k": 4.811359908523925,
  "summary_fg_mad": 266.9178073395108,
  "summary_fg_mean": 851.0826416015625,
  "summary_fg_median": 763.3875732421875,
  "summary_fg_n": 37548.0,
  "summary_fg_p05": 454.11543426513674,
  "summary_fg_p95": 1590.3664855957034,
  "summary_fg_stdv": 366.0757751464844,
  "tsnr": 42.14383746497333
}