{
  "aor": 0.0032432916666666673,
  "aqi": 0.007497782,
  "bids_meta": {
    "AcquisitionNumber": 1,
    "AcquisitionTime": "17:40:37.910000",
    "BandwidthPerPixelPhaseEncode": 29.481,
    "ConversionSoftware": "dcm2niix",
    "ConversionSoftwareVersion": "v1.0.20170724 GCC4.4.7",
    "DeviceSerialNumber": "35414",
    "EchoTime": 0.025,
    "EffectiveEchoSpacing": 0.000530002,
    "FlipAngle": 90,
    "ImageType": [
      "ORIGINAL",
      "PRIMARY",
      "M",
      "ND",
      "MOSAIC"
    ],
    "InstitutionAddress": "Mikeletegi_69_San_Sebastian_District_ES_20009",
    "InstitutionName": "BCBL",
    "MagneticFieldStrength": 3,
    "Manufacturer": "Siemens",
    "ManufacturersModelName": "TrioTim",
    "PhaseEncodingDirection": "j-",
    "PhaseEncodingLines": 64,
    "ProcedureStepDescription": "CRANEO_FUNCIONAL",
    "ProtocolName": "ep2d_Didak_VF_L1_Run2",
    "RepetitionTime": 3,
    "ScanningSequence": "EP",
    "SequenceName": "_epfid2d1_64",
    "SequenceVariant": "SK",
    "SeriesDescription": "ep2d_Didak_VF_L1_Run2",
    "SliceTiming": [
      2.92,
      2.85,
      2.7825,
      2.7125,
      2.6425,
      2.5725,
      2.5025,
      2.4325,
      2.365,
      2.295,
      2.225,
      2.155,
      2.085,
      2.0175,
      1.9475,
      1.8775,
      1.8075,
      1.7375,
      1.6675,
      1.6,
      1.53,
      1.46,
      1.39,
      1.32,
      1.25,
      1.1825,
      1.1125,
      1.0425,
      0.9725,
      0.9025,
      0.8325,
      0.765,
      0.695,
      0.625,
      0.555,
      0.485,
      0.4175,
      0.3475,
      0.2775,
      0.2075,
      0.1375,
      0.0675,
      0
    ],
    "SoftwareVersions": "syngo_MR_B17",
    "TaskName": "prodL1",
    "TotalReadoutTime": 0.0333901,
    "dataset": "ds003542",
    "modality": "bold",
    "run_id": 2,
    "subject_id": "13",
    "task_id": "prodL1"
  },
  "dummy_trs": 0,
  "dvars_nstd": 41.1219270459415,
  "dvars_std": 1.2507730608786598,
  "dvars_vstd": 1.0108892685355653,
  "efc": 0.5744814607718602,
  "fber": 377.5695495605469,
  "fd_mean": 0.4887367120408075,
  "fd_num": 213,
  "fd_perc": 88.75,
  "fwhm_avg": 2.7372304173484374,
  "fwhm_x": 2.6252299999999997,
  "fwhm_y": 2.8234733333333337,
  "fwhm_z": 2.7629879187119792,
  "gcor": 0.0200633,
  "gsr_x": -0.018322572112083435,
  "gsr_y": 0.11285331845283508,
  "provenance": {
    "md5sum": "3f6d6bcaba22042aeab0f9c83d21b269",
    "settings": {
      "fd_thres": 0.2,
      "testing": false
    },
    "software": "mriqc",
    "version": "22.0.1",
    "webapi_port": null,
    "webapi_url": "https://mriqc.nimh.nih.gov/api/v1"
  },
  "size_t": 240,
  "size_x": 64,
  "size_y": 64,
  "size_z": 43,
  "snr": 2.6046715514691527,
  "spacing_tr": 3.0,
  "spacing_x": 3.0,
  "spacing_y": 3.0,
  "spacing_z": 3.299999952316284,
  "summary_bg_k": 58.28589195458197,
  "summary_bg_mad": 12.738024814751114,
  "summary_bg_mean": 70.08863830566406,
  "summary_bg_median": 34.708335876464844,
  "summary_bg_n": 98776.0,
  "summary_bg_p05": 24.229167938232422,
  "summary_bg_p95": 219.52084350585938,
  "summary_bg_stdv": 106.9428482055664,
  "summary_fg_k": 3.786741041534362,
  "summary_fg_mad": 213.87776726698772,
  "summary_fg_mean": 739.3123168945312,
  "summary_fg_median": 686.8187866210938,
  "summary_fg_n": 38176.0,
  "summary_fg_p05": 417.5031433105469,
  "summary_fg_p95": 1238.2490539550781,
  "summary_fg_stdv": 263.683837890625,
  "tsnr": 43.12876156065613
}