{
  "aor": 0.003937419354838711,
  "aqi": 0.005606161559139784,
  "bids_meta": {
    "AcquisitionNumber": 1,
    "AcquisitionTime": "15:08:55.410000",
    "BandwidthPerPixelPhaseEncode": 28.409,
    "ConversionSoftware": "dcm2niix",
    "ConversionSoftwareVersion": "v1.0.20170724 GCC4.4.7",
    "DeviceSerialNumber": "35414",
    "EchoTime": 0.03,
    "EffectiveEchoSpacing": 0.000550002,
    "FlipAngle": 80,
    "ImageType": [
      "ORIGINAL",
      "PRIMARY",
      "FMRI",
      "NONE",
      "ND",
      "MOSAIC"
    ],
    "InstitutionAddress": "Mikeletegi_69_San_Sebastian_District_ES_20009",
    "InstitutionName": "BCBL",
    "MagneticFieldStrength": 3,
    "Manufacturer": "Siemens",
    "ManufacturersModelName": "TrioTim",
    "PhaseEncodingDirection": "j-",
    "PhaseEncodingLines": 64,
    "ProcedureStepDescription": "CRANEO_FUNCIONAL",
    "ProtocolName": "ep2d_PiN_L1_Run1",
    "RepetitionTime": 2,
    "ScanningSequence": "EP",
    "SequenceName": "_epfid2d1_64",
    "SequenceVariant": "SK",
    "SeriesDescription": "ep2d_PiN_L1_Run1",
    "SliceTiming": [
      1.925,
      1.8625,
      1.8,
      1.74,
      1.6775,
      1.615,
      1.5525,
      1.49,
      1.4275,
      1.3675,
      1.305,
      1.2425,
      1.18,
      1.1175,
      1.055,
      0.9925,
      0.9325,
      0.87,
      0.8075,
      0.745,
      0.6825,
      0.62,
      0.56,
      0.4975,
      0.435,
      0.3725,
      0.31,
      0.2475,
      0.1875,
      0.125,
      0.0625,
      0
    ],
    "SoftwareVersions": "syngo_MR_B17",
    "TaskName": "compL1",
    "TotalReadoutTime": 0.0346501,
    "dataset": "ds003542",
    "modality": "bold",
    "run_id": 1,
    "subject_id": "13",
    "task_id": "compL1"
  },
  "dummy_trs": 0,
  "dvars_nstd": 26.47431011729728,
  "dvars_std": 1.1513165606486488,
  "dvars_vstd": 0.9719135881621617,
  "efc": 0.491239615620095,
  "fber": 1027.15869140625,
  "fd_mean": 0.3779329331021418,
  "fd_num": 138,
  "fd_perc": 74.19354838709677,
  "fwhm_avg": 2.848378303030303,
  "fwhm_x": 2.8009658181818184,
  "fwhm_y": 3.007069090909091,
  "fwhm_z": 2.7371,
  "gcor": 0.0283155,
  "gsr_x": -0.02176692709326744,
  "gsr_y": 0.07052700966596603,
  "provenance": {
    "md5sum": "42e4b5ff248cb8ccd61139802ddde2cd",
    "settings": {
      "fd_thres": 0.2,
      "testing": false
    },
    "software": "mriqc",
    "version": "22.0.1",
    "webapi_port": null,
    "webapi_url": "https://mriqc.nimh.nih.gov/api/v1"
  },
  "size_t": 186,
  "size_x": 64,
  "size_y": 64,
  "size_z": 32,
  "snr": 2.557944628943722,
  "spacing_tr": 2.0,
  "spacing_x": 3.4375,
  "spacing_y": 3.4375,
  "spacing_z": 4.0,
  "summary_bg_k": 114.53511316775166,
  "summary_bg_mad": 5.324614996879764,
  "summary_bg_mean": 34.44181442260742,
  "summary_bg_median": 17.897850036621094,
  "summary_bg_n": 79756.0,
  "summary_bg_p05": 13.483870506286621,
  "summary_bg_p95": 100.28091430664062,
  "summary_bg_stdv": 59.781028747558594,
  "summary_fg_k": 3.681661522765399,
  "summary_fg_mad": 180.8216377982585,
  "summary_fg_mean": 628.2006225585938,
  "summary_fg_median": 582.0591430664062,
  "summary_fg_n": 21541.0,
  "summary_fg_p05": 360.1290283203125,
  "summary_fg_p95": 1076.9300537109375,
  "summary_fg_stdv": 227.5442657470703,
  "tsnr": 52.738941446179524
}