{
  "aor": 0.004596612903225806,
  "aqi": 0.00472657811827957,
  "bids_meta": {
    "AcquisitionNumber": 1,
    "AcquisitionTime": "18:38:59.592500",
    "BandwidthPerPixelPhaseEncode": 28.409,
    "ConversionSoftware": "dcm2niix",
    "ConversionSoftwareVersion": "v1.0.20170724 GCC4.4.7",
    "DeviceSerialNumber": "35414",
    "EchoTime": 0.03,
    "EffectiveEchoSpacing": 0.000550002,
    "FlipAngle": 80,
    "ImageType": [
      "ORIGINAL",
      "PRIMARY",
      "FMRI",
      "NONE",
      "ND",
      "MOSAIC"
    ],
    "InstitutionAddress": "Mikeletegi_69_San_Sebastian_District_ES_20009",
    "InstitutionName": "BCBL",
    "MagneticFieldStrength": 3,
    "Manufacturer": "Siemens",
    "ManufacturersModelName": "TrioTim",
    "PhaseEncodingDirection": "j-",
    "PhaseEncodingLines": 64,
    "ProcedureStepDescription": "CRANEO_FUNCIONAL",
    "ProtocolName": "ep2d_PiN_L2_Run1",
    "RepetitionTime": 2,
    "ScanningSequence": "EP",
    "SequenceName": "_epfid2d1_64",
    "SequenceVariant": "SK",
    "SeriesDescription": "ep2d_PiN_L2_Run1",
    "SliceTiming": [
      1.925,
      1.8625,
      1.8,
      1.7375,
      1.675,
      1.615,
      1.5525,
      1.49,
      1.4275,
      1.365,
      1.3025,
      1.24,
      1.18,
      1.1175,
      1.055,
      0.9925,
      0.93,
      0.8675,
      0.8075,
      0.745,
      0.6825,
      0.62,
      0.5575,
      0.495,
      0.435,
      0.3725,
      0.31,
      0.2475,
      0.185,
      0.1225,
      0.06,
      0
    ],
    "SoftwareVersions": "syngo_MR_B17",
    "TaskName": "compLn",
    "TotalReadoutTime": 0.0346501,
    "dataset": "ds003542",
    "modality": "bold",
    "run_id": 1,
    "subject_id": "13",
    "task_id": "compLn"
  },
  "dummy_trs": 0,
  "dvars_nstd": 23.22650327945946,
  "dvars_std": 1.1859711024324318,
  "dvars_vstd": 0.9971252696756754,
  "efc": 0.49269762055367367,
  "fber": 767.8517456054688,
  "fd_mean": 0.28679819168149256,
  "fd_num": 103,
  "fd_perc": 55.376344086021504,
  "fwhm_avg": 3.13239384731704,
  "fwhm_x": 3.0651636363636365,
  "fwhm_y": 3.3403927272727274,
  "fwhm_z": 2.991625178314756,
  "gcor": 0.0265005,
  "gsr_x": -0.029566748067736626,
  "gsr_y": 0.08124377578496933,
  "provenance": {
    "md5sum": "fff4ec2dada0a6562f09c73dca6010a8",
    "settings": {
      "fd_thres": 0.2,
      "testing": false
    },
    "software": "mriqc",
    "version": "22.0.1",
    "webapi_port": null,
    "webapi_url": "https://mriqc.nimh.nih.gov/api/v1"
  },
  "size_t": 186,
  "size_x": 64,
  "size_y": 64,
  "size_z": 32,
  "snr": 2.200693443380498,
  "spacing_tr": 2.0,
  "spacing_x": 3.4375,
  "spacing_y": 3.4375,
  "spacing_z": 3.999999761581421,
  "summary_bg_k": 76.96207667316486,
  "summary_bg_mad": 6.8869283499816865,
  "summary_bg_mean": 43.34181213378906,
  "summary_bg_median": 22.091398239135742,
  "summary_bg_n": 80107.0,
  "summary_bg_p05": 16.779569625854492,
  "summary_bg_p95": 127.99838638305663,
  "summary_bg_stdv": 71.2857666015625,
  "summary_fg_k": 3.6522849324078708,
  "summary_fg_mad": 209.7403442546273,
  "summary_fg_mean": 688.9385375976562,
  "summary_fg_median": 622.258056640625,
  "summary_fg_n": 21206.0,
  "summary_fg_p05": 378.6922149658203,
  "summary_fg_p95": 1273.5846557617188,
  "summary_fg_stdv": 282.748779296875,
  "tsnr": 66.10803272202611
}