{
  "aor": 0.02831672043010753,
  "aqi": 0.00654425994623656,
  "bids_meta": {
    "AcquisitionNumber": 1,
    "AcquisitionTime": "18:54:16.350000",
    "BandwidthPerPixelPhaseEncode": 28.409,
    "ConversionSoftware": "dcm2niix",
    "ConversionSoftwareVersion": "v1.0.20170724 GCC4.4.7",
    "DeviceSerialNumber": "35414",
    "EchoTime": 0.03,
    "EffectiveEchoSpacing": 0.000550002,
    "FlipAngle": 80,
    "ImageType": [
      "ORIGINAL",
      "PRIMARY",
      "FMRI",
      "NONE",
      "ND",
      "MOSAIC"
    ],
    "InstitutionAddress": "Mikeletegi_69_San_Sebastian_District_ES_20009",
    "InstitutionName": "BCBL",
    "MagneticFieldStrength": 3,
    "Manufacturer": "Siemens",
    "ManufacturersModelName": "TrioTim",
    "PhaseEncodingDirection": "j-",
    "PhaseEncodingLines": 64,
    "ProcedureStepDescription": "CRANEO_FUNCIONAL",
    "ProtocolName": "ep2d_PiN_L2_Run3",
    "RepetitionTime": 2,
    "ScanningSequence": "EP",
    "SequenceName": "_epfid2d1_64",
    "SequenceVariant": "SK",
    "SeriesDescription": "ep2d_PiN_L2_Run3",
    "SliceTiming": [
      1.925,
      1.865,
      1.8025,
      1.74,
      1.6775,
      1.615,
      1.5525,
      1.4925,
      1.43,
      1.3675,
      1.305,
      1.2425,
      1.18,
      1.12,
      1.0575,
      0.995,
      0.9325,
      0.87,
      0.8075,
      0.745,
      0.685,
      0.6225,
      0.56,
      0.4975,
      0.435,
      0.3725,
      0.3125,
      0.25,
      0.1875,
      0.125,
      0.0625,
      0
    ],
    "SoftwareVersions": "syngo_MR_B17",
    "TaskName": "compLn",
    "TotalReadoutTime": 0.0346501,
    "dataset": "ds003542",
    "modality": "bold",
    "run_id": 3,
    "subject_id": "13",
    "task_id": "compLn"
  },
  "dummy_trs": 0,
  "dvars_nstd": 25.521887284432445,
  "dvars_std": 1.3060482177297297,
  "dvars_vstd": 1.2020795945405405,
  "efc": 0.49310720336599934,
  "fber": 771.4320678710938,
  "fd_mean": 0.3595373496172602,
  "fd_num": 112,
  "fd_perc": 60.215053763440864,
  "fwhm_avg": 3.1200759682122627,
  "fwhm_x": 3.0703127272727273,
  "fwhm_y": 3.31424,
  "fwhm_z": 2.975675177364062,
  "gcor": 0.0224227,
  "gsr_x": -0.028350474312901497,
  "gsr_y": 0.08376336097717285,
  "provenance": {
    "md5sum": "292749013a8d10f82e72c9d1874e7368",
    "settings": {
      "fd_thres": 0.2,
      "testing": false
    },
    "software": "mriqc",
    "version": "22.0.1",
    "webapi_port": null,
    "webapi_url": "https://mriqc.nimh.nih.gov/api/v1"
  },
  "size_t": 186,
  "size_x": 64,
  "size_y": 64,
  "size_z": 32,
  "snr": 2.1649459078137556,
  "spacing_tr": 2.0,
  "spacing_x": 3.4375,
  "spacing_y": 3.4375,
  "spacing_z": 3.999999761581421,
  "summary_bg_k": 85.23468371687474,
  "summary_bg_mad": 6.687650513490884,
  "summary_bg_mean": 43.06620407104492,
  "summary_bg_median": 21.94623565673828,
  "summary_bg_n": 79821.0,
  "summary_bg_p05": 16.983871459960938,
  "summary_bg_p95": 126.3494644165039,
  "summary_bg_stdv": 70.03824615478516,
  "summary_fg_k": 3.7279298886751207,
  "summary_fg_mad": 209.97951159248805,
  "summary_fg_mean": 688.267578125,
  "summary_fg_median": 618.8817138671875,
  "summary_fg_n": 21287.0,
  "summary_fg_p05": 376.6704345703125,
  "summary_fg_p95": 1278.3951416015625,
  "summary_fg_stdv": 285.8580322265625,
  "tsnr": 45.770193167962134
}