{
  "bids_meta": {
    "AccelFactPE": 2,
    "AcquisitionNumber": 1,
    "AcquisitionTime": "16:51:48.370000",
    "ConversionSoftware": "dcm2niix",
    "ConversionSoftwareVersion": "v1.0.20170724 GCC4.4.7",
    "DeviceSerialNumber": "35414",
    "EchoTime": 0.0035,
    "FlipAngle": 7,
    "ImageType": [
      "ORIGINAL",
      "PRIMARY",
      "M",
      "ND",
      "NORM"
    ],
    "InstitutionAddress": "Mikeletegi_69_San_Sebastian_District_ES_20009",
    "InstitutionName": "BCBL",
    "InversionTime": 1.1,
    "MagneticFieldStrength": 3,
    "Manufacturer": "Siemens",
    "ManufacturersModelName": "TrioTim",
    "PhaseEncodingDirection": "i-",
    "PhaseEncodingLines": 256,
    "ProcedureStepDescription": "CRANEO_FUNCIONAL",
    "ProtocolName": "t1_mpr_sag_p2_1mm_iso_MGH",
    "RepetitionTime": 2.53,
    "ScanningSequence": "GR_IR",
    "SequenceName": "_tfl3d1_ns",
    "SequenceVariant": "SP_MP",
    "SeriesDescription": "t1_mpr_sag_p2_1mm_iso_MGH",
    "SoftwareVersions": "syngo_MR_B17",
    "dataset": "ds003542",
    "modality": "T1w",
    "subject_id": "29"
  },
  "cjv": 0.3909311355496205,
  "cnr": 3.4452156910049596,
  "efc": 0.5223214613809689,
  "fber": 15107.959192427577,
  "fwhm_avg": 3.6306833333333333,
  "fwhm_x": 3.78282,
  "fwhm_y": 3.8122,
  "fwhm_z": 3.29703,
  "icvs_csf": 0.2792401698894903,
  "icvs_gm": 0.388167715694409,
  "icvs_wm": 0.33259211441610076,
  "inu_med": 0.5998644232749939,
  "inu_range": 0.19292063117027292,
  "provenance": {
    "md5sum": "a1ac58e1c7f5867dfc1f74298108b41b",
    "settings": {
      "testing": false
    },
    "software": "mriqc",
    "version": "22.0.1",
    "warnings": {
      "large_rot_frame": true,
      "small_air_mask": false
    },
    "webapi_port": null,
    "webapi_url": "https://mriqc.nimh.nih.gov/api/v1"
  },
  "qi_1": 2.2928708009540757e-05,
  "qi_2": 0.022312282046408293,
  "rpve_csf": 20.497331587776813,
  "rpve_gm": 13.615151892013412,
  "rpve_wm": 18.37978537887575,
  "size_x": 176,
  "size_y": 256,
  "size_z": 256,
  "snr_csf": 2.11236954132768,
  "snr_gm": 10.169472657132765,
  "snr_total": 10.397512569445405,
  "snr_wm": 18.910695509875772,
  "snrd_csf": 20.936101690903964,
  "snrd_gm": 83.39090053419157,
  "snrd_total": 74.47299482121507,
  "snrd_wm": 119.09198223854963,
  "spacing_x": 1.0,
  "spacing_y": 1.0,
  "spacing_z": 1.0,
  "summary_bg_k": 6.755928191995229,
  "summary_bg_mad": 5.501095621285846,
  "summary_bg_mean": 4.339893606339001,
  "summary_bg_median": 3.7104326114058495,
  "summary_bg_n": 3086836.0,
  "summary_bg_p05": 0.0,
  "summary_bg_p95": 15.814119681715965,
  "summary_bg_stdv": 5.842956433993972,
  "summary_csf_k": 3.521627960681747,
  "summary_csf_mad": 56.71819278498166,
  "summary_csf_mean": 191.7492350877462,
  "summary_csf_median": 175.7977382093668,
  "summary_csf_n": 77528.0,
  "summary_csf_p05": 92.30916607417167,
  "summary_csf_p95": 368.2105377607045,
  "summary_csf_stdv": 83.22246699594128,
  "summary_gm_k": 0.10858716678122793,
  "summary_gm_mad": 66.99955080821245,
  "summary_gm_mean": 698.5750577598471,
  "summary_gm_median": 700.2226067483425,
  "summary_gm_n": 16473.0,
  "summary_gm_p05": 583.2441816464067,
  "summary_gm_p95": 809.2735006570815,
  "summary_gm_stdv": 68.85326077248477,
  "summary_wm_k": 0.47045699817013364,
  "summary_wm_mad": 50.192755220421894,
  "summary_wm_mean": 998.5199274755845,
  "summary_wm_median": 999.9999725595117,
  "summary_wm_n": 162178.0,
  "summary_wm_p05": 909.0048114135861,
  "summary_wm_p95": 1082.3203981518745,
  "summary_wm_stdv": 52.879963563497135,
  "tpm_overlap_csf": 0.16895282766037875,
  "tpm_overlap_gm": 0.42196677075586003,
  "tpm_overlap_wm": 0.4792476389819557,
  "wm2max": 0.6926096806642775
}