{
  "aor": 0.004654648648648649,
  "aqi": 0.006340334108108107,
  "bids_meta": {
    "AcquisitionNumber": 1,
    "AcquisitionTime": "11:29:55.862500",
    "BandwidthPerPixelPhaseEncode": 28.409,
    "ConversionSoftware": "dcm2niix",
    "ConversionSoftwareVersion": "v1.0.20170724 GCC4.4.7",
    "DeviceSerialNumber": "35414",
    "EchoTime": 0.03,
    "EffectiveEchoSpacing": 0.000550002,
    "FlipAngle": 80,
    "ImageType": [
      "ORIGINAL",
      "PRIMARY",
      "FMRI",
      "NONE",
      "ND",
      "MOSAIC"
    ],
    "InstitutionAddress": "Mikeletegi_69_San_Sebastian_District_ES_20009",
    "InstitutionName": "BCBL",
    "MagneticFieldStrength": 3,
    "Manufacturer": "Siemens",
    "ManufacturersModelName": "TrioTim",
    "PhaseEncodingDirection": "j-",
    "PhaseEncodingLines": 64,
    "ProcedureStepDescription": "CRANEO_FUNCIONAL",
    "ProtocolName": "ep2d_PiN_L1_Run3",
    "RepetitionTime": 2,
    "ScanningSequence": "EP",
    "SequenceName": "_epfid2d1_64",
    "SequenceVariant": "SK",
    "SeriesDescription": "ep2d_PiN_L1_Run3",
    "SliceTiming": [
      1.925,
      1.8625,
      1.8,
      1.74,
      1.6775,
      1.615,
      1.5525,
      1.49,
      1.4275,
      1.3675,
      1.305,
      1.2425,
      1.18,
      1.1175,
      1.055,
      0.995,
      0.9325,
      0.87,
      0.8075,
      0.745,
      0.6825,
      0.62,
      0.56,
      0.4975,
      0.435,
      0.3725,
      0.31,
      0.2475,
      0.1875,
      0.125,
      0.0625,
      0
    ],
    "SoftwareVersions": "syngo_MR_B17",
    "TaskName": "compL1",
    "TotalReadoutTime": 0.0346501,
    "dataset": "ds003542",
    "modality": "bold",
    "run_id": 3,
    "subject_id": "17",
    "task_id": "compL1"
  },
  "dummy_trs": 1,
  "dvars_nstd": 17.754234484782614,
  "dvars_std": 0.9679665316304341,
  "dvars_vstd": 0.8989277227717389,
  "efc": 0.500325234855479,
  "fber": 893.3497924804688,
  "fd_mean": 0.2084427627522929,
  "fd_num": 51,
  "fd_perc": 27.56756756756757,
  "fwhm_avg": 2.3969095,
  "fwhm_x": 2.282813090909091,
  "fwhm_y": 2.529282909090909,
  "fwhm_z": 2.3786325,
  "gcor": 0.039557,
  "gsr_x": -0.019263852387666702,
  "gsr_y": 0.06057297810912132,
  "provenance": {
    "md5sum": "a57ccbd9aa5d2b50797449b78f16af8a",
    "settings": {
      "fd_thres": 0.2,
      "testing": false
    },
    "software": "mriqc",
    "version": "22.0.1",
    "webapi_port": null,
    "webapi_url": "https://mriqc.nimh.nih.gov/api/v1"
  },
  "size_t": 185,
  "size_x": 64,
  "size_y": 64,
  "size_z": 32,
  "snr": 3.5910989167444853,
  "spacing_tr": 2.0,
  "spacing_x": 3.4375,
  "spacing_y": 3.4375,
  "spacing_z": 4.0,
  "summary_bg_k": 57.0760374606291,
  "summary_bg_mad": 6.379195456746968,
  "summary_bg_mean": 36.80918884277344,
  "summary_bg_median": 17.243244171142578,
  "summary_bg_n": 83780.0,
  "summary_bg_p05": 12.31891918182373,
  "summary_bg_p95": 124.24513969421398,
  "summary_bg_stdv": 60.635738372802734,
  "summary_fg_k": 1.3860360732958625,
  "summary_fg_mad": 129.17868608337142,
  "summary_fg_mean": 544.1394653320312,
  "summary_fg_median": 521.3189086914062,
  "summary_fg_n": 19471.0,
  "summary_fg_p05": 347.8973083496094,
  "summary_fg_p95": 817.1594848632812,
  "summary_fg_stdv": 145.166015625,
  "tsnr": 58.67474244721234
}