{
  "aor": 0.007227083333333334,
  "aqi": 0.007518862291666667,
  "bids_meta": {
    "AcquisitionNumber": 1,
    "AcquisitionTime": "10:52:40.475000",
    "BandwidthPerPixelPhaseEncode": 29.481,
    "ConversionSoftware": "dcm2niix",
    "ConversionSoftwareVersion": "v1.0.20170724 GCC4.4.7",
    "DeviceSerialNumber": "35414",
    "EchoTime": 0.025,
    "EffectiveEchoSpacing": 0.000530002,
    "FlipAngle": 90,
    "ImageType": [
      "ORIGINAL",
      "PRIMARY",
      "M",
      "ND",
      "MOSAIC"
    ],
    "InstitutionAddress": "Mikeletegi_69_San_Sebastian_District_ES_20009",
    "InstitutionName": "BCBL",
    "MagneticFieldStrength": 3,
    "Manufacturer": "Siemens",
    "ManufacturersModelName": "TrioTim",
    "PhaseEncodingDirection": "j-",
    "PhaseEncodingLines": 64,
    "ProcedureStepDescription": "CRANEO_FUNCIONAL",
    "ProtocolName": "ep2d_Didak_VF_L1_Run2",
    "RepetitionTime": 3,
    "ScanningSequence": "EP",
    "SequenceName": "_epfid2d1_64",
    "SequenceVariant": "SK",
    "SeriesDescription": "ep2d_Didak_VF_L1_Run2",
    "SliceTiming": [
      2.9225,
      2.8525,
      2.7825,
      2.7125,
      2.645,
      2.575,
      2.505,
      2.435,
      2.365,
      2.295,
      2.2275,
      2.1575,
      2.0875,
      2.0175,
      1.9475,
      1.8775,
      1.81,
      1.74,
      1.67,
      1.6,
      1.53,
      1.4625,
      1.3925,
      1.3225,
      1.2525,
      1.1825,
      1.1125,
      1.045,
      0.975,
      0.905,
      0.835,
      0.765,
      0.695,
      0.6275,
      0.5575,
      0.4875,
      0.4175,
      0.3475,
      0.2775,
      0.21,
      0.14,
      0.07,
      0
    ],
    "SoftwareVersions": "syngo_MR_B17",
    "TaskName": "prodL1",
    "TotalReadoutTime": 0.0333901,
    "dataset": "ds003542",
    "modality": "bold",
    "run_id": 2,
    "subject_id": "17",
    "task_id": "prodL1"
  },
  "dummy_trs": 0,
  "dvars_nstd": 32.73377604041842,
  "dvars_std": 1.1814214648117152,
  "dvars_vstd": 1.0261491808368197,
  "efc": 0.571012997198656,
  "fber": 299.910888671875,
  "fd_mean": 0.35245145647385095,
  "fd_num": 176,
  "fd_perc": 73.33333333333333,
  "fwhm_avg": 2.7086214273284064,
  "fwhm_x": 2.6267666666666667,
  "fwhm_y": 2.7612400000000004,
  "fwhm_z": 2.7378576153185525,
  "gcor": 0.0230829,
  "gsr_x": -0.016831420361995697,
  "gsr_y": 0.10546158254146576,
  "provenance": {
    "md5sum": "9138228e83a711690b6369d7dec608b5",
    "settings": {
      "fd_thres": 0.2,
      "testing": false
    },
    "software": "mriqc",
    "version": "22.0.1",
    "webapi_port": null,
    "webapi_url": "https://mriqc.nimh.nih.gov/api/v1"
  },
  "size_t": 240,
  "size_x": 64,
  "size_y": 64,
  "size_z": 43,
  "snr": 2.7507688057829704,
  "spacing_tr": 3.0,
  "spacing_x": 3.0,
  "spacing_y": 3.0,
  "spacing_z": 3.299999952316284,
  "summary_bg_k": 33.65234794460708,
  "summary_bg_mad": 18.563416220151996,
  "summary_bg_mean": 78.7025146484375,
  "summary_bg_median": 39.22500228881836,
  "summary_bg_n": 104364.0,
  "summary_bg_p05": 24.587501525878906,
  "summary_bg_p95": 265.0939788818358,
  "summary_bg_stdv": 106.58302307128906,
  "summary_fg_k": 4.228010947194361,
  "summary_fg_mad": 194.7336118260193,
  "summary_fg_mean": 744.3721923828125,
  "summary_fg_median": 689.433349609375,
  "summary_fg_n": 33361.0,
  "summary_fg_p05": 451.94586181640625,
  "summary_fg_p95": 1220.35009765625,
  "summary_fg_stdv": 250.62921142578125,
  "tsnr": 46.69934267643839
}