{
  "aor": 0.0015711475409836066,
  "aqi": 0.0032976134918032795,
  "bids_meta": {
    "AcquisitionNumber": 1,
    "AcquisitionTime": "13:10:23.802500",
    "BandwidthPerPixelPhaseEncode": 28.409,
    "ConversionSoftware": "dcm2niix",
    "ConversionSoftwareVersion": "v1.0.20170724 GCC4.4.7",
    "DeviceSerialNumber": "35414",
    "EchoTime": 0.03,
    "EffectiveEchoSpacing": 0.000550002,
    "FlipAngle": 80,
    "ImageType": [
      "ORIGINAL",
      "PRIMARY",
      "FMRI",
      "NONE",
      "ND",
      "MOSAIC"
    ],
    "InstitutionAddress": "Mikeletegi_69_San_Sebastian_District_ES_20009",
    "InstitutionName": "BCBL",
    "MagneticFieldStrength": 3,
    "Manufacturer": "Siemens",
    "ManufacturersModelName": "TrioTim",
    "PhaseEncodingDirection": "j-",
    "PhaseEncodingLines": 64,
    "ProcedureStepDescription": "CRANEO_FUNCIONAL",
    "ProtocolName": "ep2d_PiN_L2_Run2",
    "RepetitionTime": 2,
    "ScanningSequence": "EP",
    "SequenceName": "_epfid2d1_64",
    "SequenceVariant": "SK",
    "SeriesDescription": "ep2d_PiN_L2_Run2",
    "SliceTiming": [
      1.925,
      1.865,
      1.8025,
      1.74,
      1.6775,
      1.615,
      1.5525,
      1.4925,
      1.43,
      1.3675,
      1.305,
      1.2425,
      1.18,
      1.1175,
      1.0575,
      0.995,
      0.9325,
      0.87,
      0.8075,
      0.745,
      0.685,
      0.6225,
      0.56,
      0.4975,
      0.435,
      0.3725,
      0.31,
      0.25,
      0.1875,
      0.125,
      0.0625,
      0
    ],
    "SoftwareVersions": "syngo_MR_B17",
    "TaskName": "compLn",
    "TotalReadoutTime": 0.0346501,
    "dataset": "ds003542",
    "modality": "bold",
    "run_id": 2,
    "subject_id": "17",
    "task_id": "compLn"
  },
  "dummy_trs": 3,
  "dvars_nstd": 13.91858066824176,
  "dvars_std": 1.0640939895054948,
  "dvars_vstd": 0.9601878403296709,
  "efc": 0.5033632554192798,
  "fber": 894.285888671875,
  "fd_mean": 0.10249556931321183,
  "fd_num": 11,
  "fd_perc": 6.0109289617486334,
  "fwhm_avg": 2.339203696969697,
  "fwhm_x": 2.230763636363636,
  "fwhm_y": 2.423217454545455,
  "fwhm_z": 2.36363,
  "gcor": 0.0187781,
  "gsr_x": -0.015222098678350449,
  "gsr_y": 0.05281175300478935,
  "provenance": {
    "md5sum": "920d4d725506086ed0b6d22da950eed0",
    "settings": {
      "fd_thres": 0.2,
      "testing": false
    },
    "software": "mriqc",
    "version": "22.0.1",
    "webapi_port": null,
    "webapi_url": "https://mriqc.nimh.nih.gov/api/v1"
  },
  "size_t": 183,
  "size_x": 64,
  "size_y": 64,
  "size_z": 32,
  "snr": 3.753800784360661,
  "spacing_tr": 2.0,
  "spacing_x": 3.4375,
  "spacing_y": 3.4375,
  "spacing_z": 4.0,
  "summary_bg_k": 45.74259155517531,
  "summary_bg_mad": 6.076237719630385,
  "summary_bg_mean": 34.84135818481445,
  "summary_bg_median": 16.054643630981445,
  "summary_bg_n": 83791.0,
  "summary_bg_p05": 11.426229476928711,
  "summary_bg_p95": 121.56557083129883,
  "summary_bg_stdv": 56.48944091796875,
  "summary_fg_k": 0.8562575074436656,
  "summary_fg_mad": 119.75048882720753,
  "summary_fg_mean": 503.3100891113281,
  "summary_fg_median": 484.86065673828125,
  "summary_fg_n": 19458.0,
  "summary_fg_p05": 322.68823394775393,
  "summary_fg_p95": 742.9720886230468,
  "summary_fg_stdv": 129.1619415283203,
  "tsnr": 88.11468219663948
}