{
  "aor": 0.006580083333333333,
  "aqi": 0.010324279583333335,
  "bids_meta": {
    "AcquisitionNumber": 1,
    "AcquisitionTime": "12:32:38.400000",
    "BandwidthPerPixelPhaseEncode": 29.481,
    "ConversionSoftware": "dcm2niix",
    "ConversionSoftwareVersion": "v1.0.20170724 GCC4.4.7",
    "DeviceSerialNumber": "35414",
    "EchoTime": 0.025,
    "EffectiveEchoSpacing": 0.000530002,
    "FlipAngle": 90,
    "ImageType": [
      "ORIGINAL",
      "PRIMARY",
      "M",
      "ND",
      "MOSAIC"
    ],
    "InstitutionAddress": "Mikeletegi_69_San_Sebastian_District_ES_20009",
    "InstitutionName": "BCBL",
    "MagneticFieldStrength": 3,
    "Manufacturer": "Siemens",
    "ManufacturersModelName": "TrioTim",
    "PhaseEncodingDirection": "j-",
    "PhaseEncodingLines": 64,
    "ProcedureStepDescription": "CRANEO_FUNCIONAL",
    "ProtocolName": "ep2d_Didak_VF_L2_Run1",
    "RepetitionTime": 3,
    "ScanningSequence": "EP",
    "SequenceName": "_epfid2d1_64",
    "SequenceVariant": "SK",
    "SeriesDescription": "ep2d_Didak_VF_L2_Run1",
    "SliceTiming": [
      2.9225,
      2.8525,
      2.785,
      2.715,
      2.645,
      2.575,
      2.505,
      2.435,
      2.3675,
      2.2975,
      2.2275,
      2.1575,
      2.0875,
      2.0175,
      1.95,
      1.88,
      1.81,
      1.74,
      1.67,
      1.6,
      1.5325,
      1.4625,
      1.3925,
      1.3225,
      1.2525,
      1.1825,
      1.115,
      1.045,
      0.975,
      0.905,
      0.835,
      0.7675,
      0.6975,
      0.6275,
      0.5575,
      0.4875,
      0.4175,
      0.35,
      0.28,
      0.21,
      0.14,
      0.07,
      0
    ],
    "SoftwareVersions": "syngo_MR_B17",
    "TaskName": "prodLn",
    "TotalReadoutTime": 0.0333901,
    "dataset": "ds003542",
    "modality": "bold",
    "run_id": 1,
    "subject_id": "17",
    "task_id": "prodLn"
  },
  "dummy_trs": 0,
  "dvars_nstd": 36.83131786585773,
  "dvars_std": 1.1424220355230126,
  "dvars_vstd": 0.9837750151882853,
  "efc": 0.5769645007957943,
  "fber": 329.34765625,
  "fd_mean": 0.3841344652176613,
  "fd_num": 154,
  "fd_perc": 64.16666666666667,
  "fwhm_avg": 2.478719305261496,
  "fwhm_x": 2.3308933333333335,
  "fwhm_y": 2.5448766666666667,
  "fwhm_z": 2.5603879157844878,
  "gcor": 0.010483,
  "gsr_x": -0.006851734593510628,
  "gsr_y": 0.09454541653394699,
  "provenance": {
    "md5sum": "851a3d6f907c89d9c0ef14e6d652a413",
    "settings": {
      "fd_thres": 0.2,
      "testing": false
    },
    "software": "mriqc",
    "version": "22.0.1",
    "webapi_port": null,
    "webapi_url": "https://mriqc.nimh.nih.gov/api/v1"
  },
  "size_t": 240,
  "size_x": 64,
  "size_y": 64,
  "size_z": 43,
  "snr": 3.3549378577329576,
  "spacing_tr": 3.0,
  "spacing_x": 3.0,
  "spacing_y": 3.0,
  "spacing_z": 3.299999952316284,
  "summary_bg_k": 32.76669219745864,
  "summary_bg_mad": 13.609055880394607,
  "summary_bg_mean": 65.82324981689453,
  "summary_bg_median": 32.98750305175781,
  "summary_bg_n": 104453.0,
  "summary_bg_p05": 22.808334350585938,
  "summary_bg_p95": 213.36917419433547,
  "summary_bg_stdv": 88.7527847290039,
  "summary_fg_k": 1.3550696329365222,
  "summary_fg_mad": 162.86381750649716,
  "summary_fg_mean": 638.3853149414062,
  "summary_fg_median": 607.4708862304688,
  "summary_fg_n": 33735.0,
  "summary_fg_p05": 396.2087707519531,
  "summary_fg_p95": 979.1379638671875,
  "summary_fg_stdv": 181.0650177001953,
  "tsnr": 39.95097126823384
}