{
  "bids_meta": {
    "AccelFactPE": 2,
    "AcquisitionNumber": 1,
    "AcquisitionTime": "13:07:23.480000",
    "ConversionSoftware": "dcm2niix",
    "ConversionSoftwareVersion": "v1.0.20170724 GCC4.4.7",
    "DeviceSerialNumber": "35414",
    "EchoTime": 0.0035,
    "FlipAngle": 7,
    "ImageType": [
      "ORIGINAL",
      "PRIMARY",
      "M",
      "ND",
      "NORM"
    ],
    "InstitutionAddress": "Mikeletegi_69_San_Sebastian_District_ES_20009",
    "InstitutionName": "BCBL",
    "InversionTime": 1.1,
    "MagneticFieldStrength": 3,
    "Manufacturer": "Siemens",
    "ManufacturersModelName": "TrioTim",
    "PhaseEncodingDirection": "i-",
    "PhaseEncodingLines": 256,
    "ProcedureStepDescription": "CRANEO_FUNCIONAL",
    "ProtocolName": "t1_mpr_sag_p2_1mm_iso_MGH",
    "RepetitionTime": 2.53,
    "ScanningSequence": "GR_IR",
    "SequenceName": "_tfl3d1_ns",
    "SequenceVariant": "SP_MP",
    "SeriesDescription": "t1_mpr_sag_p2_1mm_iso_MGH",
    "SoftwareVersions": "syngo_MR_B17",
    "dataset": "ds003542",
    "modality": "T1w",
    "subject_id": "21"
  },
  "cjv": 0.37389208635861704,
  "cnr": 3.497555899900003,
  "efc": 0.5198187990505082,
  "fber": 8224.267462388101,
  "fwhm_avg": 3.7684833333333336,
  "fwhm_x": 3.76345,
  "fwhm_y": 3.98042,
  "fwhm_z": 3.56158,
  "icvs_csf": 0.21938511543697103,
  "icvs_gm": 0.42297664868272167,
  "icvs_wm": 0.3576382358803073,
  "inu_med": 0.4715138375759125,
  "inu_range": 0.16791334748268127,
  "provenance": {
    "md5sum": "db98d691c554cc93fa747b3528bd8808",
    "settings": {
      "testing": false
    },
    "software": "mriqc",
    "version": "22.0.1",
    "warnings": {
      "large_rot_frame": true,
      "small_air_mask": false
    },
    "webapi_port": null,
    "webapi_url": "https://mriqc.nimh.nih.gov/api/v1"
  },
  "qi_1": 0.0,
  "qi_2": 0.017659225052169873,
  "rpve_csf": 25.05421071619893,
  "rpve_gm": 13.31949400655701,
  "rpve_wm": 18.46831706130758,
  "size_x": 176,
  "size_y": 256,
  "size_z": 256,
  "snr_csf": 1.5805909652009442,
  "snr_gm": 8.418224835712333,
  "snr_total": 11.336007524923852,
  "snr_wm": 24.009206773858285,
  "snrd_csf": 24.099607371328876,
  "snrd_gm": 101.18775907434265,
  "snrd_total": 91.2975158799689,
  "snrd_wm": 148.60518119423514,
  "spacing_x": 1.0,
  "spacing_y": 1.0,
  "spacing_z": 1.0,
  "summary_bg_k": 7.760823989235085,
  "summary_bg_mad": 4.40846970953042,
  "summary_bg_mean": 4.845935169775517,
  "summary_bg_median": 2.973467633128166,
  "summary_bg_n": 3615225.0,
  "summary_bg_p05": 0.0,
  "summary_bg_p95": 18.641354776918888,
  "summary_bg_stdv": 6.771068719881194,
  "summary_csf_k": 2.000913131510342,
  "summary_csf_mad": 80.6749956844067,
  "summary_csf_mean": 184.98793824556716,
  "summary_csf_median": 162.16835014522076,
  "summary_csf_n": 35459.0,
  "summary_csf_p05": 58.00549167394638,
  "summary_csf_p95": 393.34859677255145,
  "summary_csf_stdv": 102.59837427720088,
  "summary_gm_k": -0.0470178518345481,
  "summary_gm_mad": 80.20023740799573,
  "summary_gm_mean": 681.1335651780081,
  "summary_gm_median": 680.9012151584029,
  "summary_gm_n": 33737.0,
  "summary_gm_p05": 548.010084785521,
  "summary_gm_p95": 816.2717600807546,
  "summary_gm_stdv": 80.88298151442436,
  "summary_wm_k": 0.5740641148722099,
  "summary_wm_mad": 39.09973519298904,
  "summary_wm_mean": 998.4833870247289,
  "summary_wm_median": 999.9771650210023,
  "summary_wm_n": 198632.0,
  "summary_wm_p05": 927.3330634608865,
  "summary_wm_p95": 1064.089701756835,
  "summary_wm_stdv": 41.64963287943099,
  "tpm_overlap_csf": 0.15821194892301324,
  "tpm_overlap_gm": 0.46612803948373727,
  "tpm_overlap_wm": 0.5212771997719806,
  "wm2max": 0.8566726197826509
}