{
  "bids_meta": {
    "AccelFactPE": 2,
    "AcquisitionNumber": 1,
    "AcquisitionTime": "15:24:36.625000",
    "ConversionSoftware": "dcm2niix",
    "ConversionSoftwareVersion": "v1.0.20170724 GCC4.4.7",
    "DeviceSerialNumber": "35414",
    "EchoTime": 0.0035,
    "FlipAngle": 7,
    "ImageType": [
      "ORIGINAL",
      "PRIMARY",
      "M",
      "ND",
      "NORM"
    ],
    "InstitutionAddress": "Mikeletegi_69_San_Sebastian_District_ES_20009",
    "InstitutionName": "BCBL",
    "InversionTime": 1.1,
    "MagneticFieldStrength": 3,
    "Manufacturer": "Siemens",
    "ManufacturersModelName": "TrioTim",
    "PhaseEncodingDirection": "i-",
    "PhaseEncodingLines": 256,
    "ProcedureStepDescription": "CRANEO_FUNCIONAL",
    "ProtocolName": "t1_mpr_sag_p2_1mm_iso_MGH",
    "RepetitionTime": 2.53,
    "ScanningSequence": "GR_IR",
    "SequenceName": "_tfl3d1_ns",
    "SequenceVariant": "SP_MP",
    "SeriesDescription": "t1_mpr_sag_p2_1mm_iso_MGH",
    "SoftwareVersions": "syngo_MR_B17",
    "dataset": "ds003542",
    "modality": "T1w",
    "subject_id": "23"
  },
  "cjv": 0.37253822970987827,
  "cnr": 3.5855959168645652,
  "efc": 0.5141836520632794,
  "fber": 19984.2651755102,
  "fwhm_avg": 4.071766666666667,
  "fwhm_x": 4.09405,
  "fwhm_y": 4.32992,
  "fwhm_z": 3.79133,
  "icvs_csf": 0.23572184907297045,
  "icvs_gm": 0.4153058820337087,
  "icvs_wm": 0.3489722688933208,
  "inu_med": 0.4756969213485718,
  "inu_range": 0.14448826014995575,
  "provenance": {
    "md5sum": "fe7ac50a9a4e2bd5918dab8d57b0c252",
    "settings": {
      "testing": false
    },
    "software": "mriqc",
    "version": "22.0.1",
    "warnings": {
      "large_rot_frame": true,
      "small_air_mask": false
    },
    "webapi_port": null,
    "webapi_url": "https://mriqc.nimh.nih.gov/api/v1"
  },
  "qi_1": 8.225485028516849e-05,
  "qi_2": 0.013671765257796297,
  "rpve_csf": 25.13946527675754,
  "rpve_gm": 14.007299987952193,
  "rpve_wm": 19.221877709266465,
  "size_x": 176,
  "size_y": 256,
  "size_z": 256,
  "snr_csf": 1.7336710455155229,
  "snr_gm": 9.60604677387135,
  "snr_total": 11.499070584826427,
  "snr_wm": 23.15749393509241,
  "snrd_csf": 22.10036304024027,
  "snrd_gm": 95.43734639272441,
  "snrd_total": 84.84149506182915,
  "snrd_wm": 136.9867757525228,
  "spacing_x": 1.0,
  "spacing_y": 1.0,
  "spacing_z": 1.0,
  "summary_bg_k": 10.650188855218268,
  "summary_bg_mad": 4.782479190473171,
  "summary_bg_mean": 4.373462890573653,
  "summary_bg_median": 3.225733194500208,
  "summary_bg_n": 3399782.0,
  "summary_bg_p05": 0.0,
  "summary_bg_p95": 14.742963684722781,
  "summary_bg_stdv": 5.573471905663913,
  "summary_csf_k": 2.1608662375662773,
  "summary_csf_mad": 71.4003935479093,
  "summary_csf_mean": 182.26923672028204,
  "summary_csf_median": 161.33209258690476,
  "summary_csf_n": 60779.0,
  "summary_csf_p05": 69.51227869838476,
  "summary_csf_p95": 375.7115947216748,
  "summary_csf_stdv": 93.05731084115854,
  "summary_gm_k": 0.02011021797545931,
  "summary_gm_mad": 71.73718785709755,
  "summary_gm_mean": 697.3171804552259,
  "summary_gm_median": 696.6902207192034,
  "summary_gm_n": 30711.0,
  "summary_gm_p05": 579.0077501973137,
  "summary_gm_p95": 820.2903215028346,
  "summary_gm_stdv": 72.52503494358746,
  "summary_wm_k": 0.5433176434320184,
  "summary_wm_mad": 41.257302875560804,
  "summary_wm_mean": 997.9023071810869,
  "summary_wm_median": 1000.0000067260116,
  "summary_wm_n": 174077.0,
  "summary_wm_p05": 923.9226794838905,
  "summary_wm_p95": 1064.6282527707517,
  "summary_wm_stdv": 43.18244181484356,
  "tpm_overlap_csf": 0.14759249481556888,
  "tpm_overlap_gm": 0.4535165894584007,
  "tpm_overlap_wm": 0.49916904687994634,
  "wm2max": 0.8295701300856613
}