{
  "aor": 0.003005351351351351,
  "aqi": 0.004471915027027027,
  "bids_meta": {
    "AcquisitionNumber": 1,
    "AcquisitionTime": "12:38:44.190000",
    "BandwidthPerPixelPhaseEncode": 28.409,
    "ConversionSoftware": "dcm2niix",
    "ConversionSoftwareVersion": "v1.0.20170724 GCC4.4.7",
    "DeviceSerialNumber": "35414",
    "EchoTime": 0.03,
    "EffectiveEchoSpacing": 0.000550002,
    "FlipAngle": 80,
    "ImageType": [
      "ORIGINAL",
      "PRIMARY",
      "FMRI",
      "NONE",
      "ND",
      "MOSAIC"
    ],
    "InstitutionAddress": "Mikeletegi_69_San_Sebastian_District_ES_20009",
    "InstitutionName": "BCBL",
    "MagneticFieldStrength": 3,
    "Manufacturer": "Siemens",
    "ManufacturersModelName": "TrioTim",
    "PhaseEncodingDirection": "j-",
    "PhaseEncodingLines": 64,
    "ProcedureStepDescription": "CRANEO_FUNCIONAL",
    "ProtocolName": "ep2d_PiN_L2_Run3",
    "RepetitionTime": 2,
    "ScanningSequence": "EP",
    "SequenceName": "_epfid2d1_64",
    "SequenceVariant": "SK",
    "SeriesDescription": "ep2d_PiN_L2_Run3",
    "SliceTiming": [
      1.925,
      1.8625,
      1.8025,
      1.74,
      1.6775,
      1.615,
      1.5525,
      1.49,
      1.43,
      1.3675,
      1.305,
      1.2425,
      1.18,
      1.1175,
      1.0575,
      0.995,
      0.9325,
      0.87,
      0.8075,
      0.745,
      0.6825,
      0.6225,
      0.56,
      0.4975,
      0.435,
      0.3725,
      0.31,
      0.25,
      0.1875,
      0.125,
      0.0625,
      0
    ],
    "SoftwareVersions": "syngo_MR_B17",
    "TaskName": "compLn",
    "TotalReadoutTime": 0.0346501,
    "dataset": "ds003542",
    "modality": "bold",
    "run_id": 3,
    "subject_id": "20",
    "task_id": "compLn"
  },
  "dummy_trs": 1,
  "dvars_nstd": 26.43120847076087,
  "dvars_std": 1.2072606457065216,
  "dvars_vstd": 0.9887857416304352,
  "efc": 0.4879937991653406,
  "fber": 1182.0181884765625,
  "fd_mean": 0.3625879367652557,
  "fd_num": 148,
  "fd_perc": 80.0,
  "fwhm_avg": 2.827482237634951,
  "fwhm_x": 2.766266181818182,
  "fwhm_y": 3.0156802091619466,
  "fwhm_z": 2.7005003219247246,
  "gcor": 0.0349231,
  "gsr_x": -0.03179408609867096,
  "gsr_y": 0.07064715772867203,
  "provenance": {
    "md5sum": "8099b464ab24fff6276aad5d31fd0572",
    "settings": {
      "fd_thres": 0.2,
      "testing": false
    },
    "software": "mriqc",
    "version": "22.0.1",
    "webapi_port": null,
    "webapi_url": "https://mriqc.nimh.nih.gov/api/v1"
  },
  "size_t": 185,
  "size_x": 64,
  "size_y": 64,
  "size_z": 32,
  "snr": 2.66989113710575,
  "spacing_tr": 2.0,
  "spacing_x": 3.4375,
  "spacing_y": 3.437499761581421,
  "spacing_z": 3.999999523162842,
  "summary_bg_k": 130.90327924770244,
  "summary_bg_mad": 6.85202715716248,
  "summary_bg_mean": 39.772769927978516,
  "summary_bg_median": 19.697298049926758,
  "summary_bg_n": 80628.0,
  "summary_bg_p05": 14.367568016052246,
  "summary_bg_p95": 123.27513999938947,
  "summary_bg_stdv": 69.23766326904297,
  "summary_fg_k": 5.065696175852043,
  "summary_fg_mad": 214.55255759556417,
  "summary_fg_mean": 731.0162353515625,
  "summary_fg_median": 685.6054077148438,
  "summary_fg_n": 21847.0,
  "summary_fg_p05": 419.40163269042966,
  "summary_fg_p95": 1201.1811157226562,
  "summary_fg_stdv": 256.78564453125,
  "tsnr": 68.39115542452782
}