{
  "aor": 0.00315572972972973,
  "aqi": 0.0034874654594594596,
  "bids_meta": {
    "AcquisitionNumber": 1,
    "AcquisitionTime": "10:45:30.470000",
    "BandwidthPerPixelPhaseEncode": 28.409,
    "ConversionSoftware": "dcm2niix",
    "ConversionSoftwareVersion": "v1.0.20170724 GCC4.4.7",
    "DeviceSerialNumber": "35414",
    "EchoTime": 0.03,
    "EffectiveEchoSpacing": 0.000550002,
    "FlipAngle": 80,
    "ImageType": [
      "ORIGINAL",
      "PRIMARY",
      "FMRI",
      "NONE",
      "ND",
      "MOSAIC"
    ],
    "InstitutionAddress": "Mikeletegi_69_San_Sebastian_District_ES_20009",
    "InstitutionName": "BCBL",
    "MagneticFieldStrength": 3,
    "Manufacturer": "Siemens",
    "ManufacturersModelName": "TrioTim",
    "PhaseEncodingDirection": "j-",
    "PhaseEncodingLines": 64,
    "ProcedureStepDescription": "CRANEO_FUNCIONAL",
    "ProtocolName": "ep2d_PiN_L1_Run3",
    "RepetitionTime": 2,
    "ScanningSequence": "EP",
    "SequenceName": "_epfid2d1_64",
    "SequenceVariant": "SK",
    "SeriesDescription": "ep2d_PiN_L1_Run3",
    "SliceTiming": [
      1.925,
      1.8625,
      1.8,
      1.7375,
      1.675,
      1.6125,
      1.5525,
      1.49,
      1.4275,
      1.365,
      1.3025,
      1.24,
      1.18,
      1.1175,
      1.055,
      0.9925,
      0.93,
      0.8675,
      0.8075,
      0.745,
      0.6825,
      0.62,
      0.5575,
      0.495,
      0.4325,
      0.3725,
      0.31,
      0.2475,
      0.185,
      0.1225,
      0.06,
      0
    ],
    "SoftwareVersions": "syngo_MR_B17",
    "TaskName": "compL1",
    "TotalReadoutTime": 0.0346501,
    "dataset": "ds003542",
    "modality": "bold",
    "run_id": 3,
    "subject_id": "20",
    "task_id": "compL1"
  },
  "dummy_trs": 1,
  "dvars_nstd": 26.31426556222825,
  "dvars_std": 1.2121397758695656,
  "dvars_vstd": 1.0095741080434781,
  "efc": 0.49048151257204714,
  "fber": 1194.0927734375,
  "fd_mean": 0.3565362261113435,
  "fd_num": 135,
  "fd_perc": 72.97297297297297,
  "fwhm_avg": 2.7532057575757576,
  "fwhm_x": 2.709236363636364,
  "fwhm_y": 2.949730909090909,
  "fwhm_z": 2.60065,
  "gcor": 0.021911,
  "gsr_x": -0.029760809615254402,
  "gsr_y": 0.06922183930873871,
  "provenance": {
    "md5sum": "7ea381c36b59e7fea3e6f70b6faca45a",
    "settings": {
      "fd_thres": 0.2,
      "testing": false
    },
    "software": "mriqc",
    "version": "22.0.1",
    "webapi_port": null,
    "webapi_url": "https://mriqc.nimh.nih.gov/api/v1"
  },
  "size_t": 185,
  "size_x": 64,
  "size_y": 64,
  "size_z": 32,
  "snr": 2.789560279909578,
  "spacing_tr": 2.0,
  "spacing_x": 3.4375,
  "spacing_y": 3.4375,
  "spacing_z": 4.0,
  "summary_bg_k": 112.93450373346067,
  "summary_bg_mad": 7.260744670720638,
  "summary_bg_mean": 40.24068069458008,
  "summary_bg_median": 19.659460067749023,
  "summary_bg_n": 80558.0,
  "summary_bg_p05": 14.248648643493652,
  "summary_bg_p95": 126.65649223327627,
  "summary_bg_stdv": 68.21947479248047,
  "summary_fg_k": 3.6866337472358746,
  "summary_fg_mad": 211.2587808529259,
  "summary_fg_mean": 733.1473388671875,
  "summary_fg_median": 689.0,
  "summary_fg_n": 21845.0,
  "summary_fg_p05": 428.12000732421876,
  "summary_fg_p95": 1189.8681152343747,
  "summary_fg_stdv": 246.98667907714844,
  "tsnr": 74.74645574390888
}