{
  "aor": 0.0009507027027027028,
  "aqi": 0.0034837849189189186,
  "bids_meta": {
    "AcquisitionNumber": 1,
    "AcquisitionTime": "10:36:32.105000",
    "BandwidthPerPixelPhaseEncode": 28.409,
    "ConversionSoftware": "dcm2niix",
    "ConversionSoftwareVersion": "v1.0.20170724 GCC4.4.7",
    "DeviceSerialNumber": "35414",
    "EchoTime": 0.03,
    "EffectiveEchoSpacing": 0.000550002,
    "FlipAngle": 80,
    "ImageType": [
      "ORIGINAL",
      "PRIMARY",
      "FMRI",
      "NONE",
      "ND",
      "MOSAIC"
    ],
    "InstitutionAddress": "Mikeletegi_69_San_Sebastian_District_ES_20009",
    "InstitutionName": "BCBL",
    "MagneticFieldStrength": 3,
    "Manufacturer": "Siemens",
    "ManufacturersModelName": "TrioTim",
    "PhaseEncodingDirection": "j-",
    "PhaseEncodingLines": 64,
    "ProcedureStepDescription": "CRANEO_FUNCIONAL",
    "ProtocolName": "ep2d_PiN_L1_Run2",
    "RepetitionTime": 2,
    "ScanningSequence": "EP",
    "SequenceName": "_epfid2d1_64",
    "SequenceVariant": "SK",
    "SeriesDescription": "ep2d_PiN_L1_Run2",
    "SliceTiming": [
      1.925,
      1.8625,
      1.8,
      1.7375,
      1.675,
      1.615,
      1.5525,
      1.49,
      1.4275,
      1.365,
      1.3025,
      1.2425,
      1.18,
      1.1175,
      1.055,
      0.9925,
      0.93,
      0.87,
      0.8075,
      0.745,
      0.6825,
      0.62,
      0.5575,
      0.495,
      0.435,
      0.3725,
      0.31,
      0.2475,
      0.185,
      0.1225,
      0.0625,
      0
    ],
    "SoftwareVersions": "syngo_MR_B17",
    "TaskName": "compL1",
    "TotalReadoutTime": 0.0346501,
    "dataset": "ds003542",
    "modality": "bold",
    "run_id": 2,
    "subject_id": "20",
    "task_id": "compL1"
  },
  "dummy_trs": 1,
  "dvars_nstd": 24.008082193260872,
  "dvars_std": 1.16829400902174,
  "dvars_vstd": 0.9791736760326089,
  "efc": 0.49125798589852965,
  "fber": 1152.332763671875,
  "fd_mean": 0.2992303492276392,
  "fd_num": 129,
  "fd_perc": 69.72972972972973,
  "fwhm_avg": 2.783689818181818,
  "fwhm_x": 2.734754909090909,
  "fwhm_y": 2.9072145454545457,
  "fwhm_z": 2.7091,
  "gcor": 0.021841,
  "gsr_x": -0.030153237283229828,
  "gsr_y": 0.0690794363617897,
  "provenance": {
    "md5sum": "47fd400d06592279fa91ba95e4e3566e",
    "settings": {
      "fd_thres": 0.2,
      "testing": false
    },
    "software": "mriqc",
    "version": "22.0.1",
    "webapi_port": null,
    "webapi_url": "https://mriqc.nimh.nih.gov/api/v1"
  },
  "size_t": 185,
  "size_x": 64,
  "size_y": 64,
  "size_z": 32,
  "snr": 2.794704604125755,
  "spacing_tr": 2.0,
  "spacing_x": 3.4375,
  "spacing_y": 3.4375,
  "spacing_z": 4.0,
  "summary_bg_k": 104.0187855897469,
  "summary_bg_mad": 7.364926512824737,
  "summary_bg_mean": 40.422096252441406,
  "summary_bg_median": 19.854055404663086,
  "summary_bg_n": 80697.0,
  "summary_bg_p05": 14.459460258483887,
  "summary_bg_p95": 126.70486755371091,
  "summary_bg_stdv": 68.12957763671875,
  "summary_fg_k": 3.877808419743464,
  "summary_fg_mad": 210.946225429176,
  "summary_fg_mean": 730.7512817382812,
  "summary_fg_median": 687.3135375976562,
  "summary_fg_n": 21781.0,
  "summary_fg_p05": 425.0432434082031,
  "summary_fg_p95": 1184.4378662109375,
  "summary_fg_stdv": 245.9285888671875,
  "tsnr": 76.91775781614706
}