{
  "aor": 0.0069709583333333325,
  "aqi": 0.008726120916666667,
  "bids_meta": {
    "AcquisitionNumber": 1,
    "AcquisitionTime": "12:51:12.935000",
    "BandwidthPerPixelPhaseEncode": 29.481,
    "ConversionSoftware": "dcm2niix",
    "ConversionSoftwareVersion": "v1.0.20170724 GCC4.4.7",
    "DeviceSerialNumber": "35414",
    "EchoTime": 0.025,
    "EffectiveEchoSpacing": 0.000530002,
    "FlipAngle": 90,
    "ImageType": [
      "ORIGINAL",
      "PRIMARY",
      "M",
      "ND",
      "MOSAIC"
    ],
    "InstitutionAddress": "Mikeletegi_69_San_Sebastian_District_ES_20009",
    "InstitutionName": "BCBL",
    "MagneticFieldStrength": 3,
    "Manufacturer": "Siemens",
    "ManufacturersModelName": "TrioTim",
    "PhaseEncodingDirection": "j-",
    "PhaseEncodingLines": 64,
    "ProcedureStepDescription": "CRANEO_FUNCIONAL",
    "ProtocolName": "ep2d_Didak_VF_L2_Run1",
    "RepetitionTime": 3,
    "ScanningSequence": "EP",
    "SequenceName": "_epfid2d1_64",
    "SequenceVariant": "SK",
    "SeriesDescription": "ep2d_Didak_VF_L2_Run1",
    "SliceTiming": [
      2.9225,
      2.8525,
      2.7825,
      2.715,
      2.645,
      2.575,
      2.505,
      2.435,
      2.365,
      2.2975,
      2.2275,
      2.1575,
      2.0875,
      2.0175,
      1.9475,
      1.88,
      1.81,
      1.74,
      1.67,
      1.6,
      1.53,
      1.4625,
      1.3925,
      1.3225,
      1.2525,
      1.1825,
      1.115,
      1.045,
      0.975,
      0.905,
      0.835,
      0.765,
      0.6975,
      0.6275,
      0.5575,
      0.4875,
      0.4175,
      0.3475,
      0.28,
      0.21,
      0.14,
      0.07,
      0
    ],
    "SoftwareVersions": "syngo_MR_B17",
    "TaskName": "prodLn",
    "TotalReadoutTime": 0.0333901,
    "dataset": "ds003542",
    "modality": "bold",
    "run_id": 1,
    "subject_id": "20",
    "task_id": "prodLn"
  },
  "dummy_trs": 0,
  "dvars_nstd": 44.23321314527197,
  "dvars_std": 1.263589456443515,
  "dvars_vstd": 1.0153359874895398,
  "efc": 0.5547412998057433,
  "fber": 480.5001220703125,
  "fd_mean": 0.5720813677324113,
  "fd_num": 211,
  "fd_perc": 87.91666666666667,
  "fwhm_avg": 2.9758787010495644,
  "fwhm_x": 2.8938433333333333,
  "fwhm_y": 3.089586666666667,
  "fwhm_z": 2.944206103148693,
  "gcor": 0.016707,
  "gsr_x": -0.029447579756379128,
  "gsr_y": 0.11393570154905319,
  "provenance": {
    "md5sum": "c803813d886117ee937c1716de2284e4",
    "settings": {
      "fd_thres": 0.2,
      "testing": false
    },
    "software": "mriqc",
    "version": "22.0.1",
    "webapi_port": null,
    "webapi_url": "https://mriqc.nimh.nih.gov/api/v1"
  },
  "size_t": 240,
  "size_x": 64,
  "size_y": 64,
  "size_z": 43,
  "snr": 2.5164546427059755,
  "spacing_tr": 3.0,
  "spacing_x": 3.0,
  "spacing_y": 3.0,
  "spacing_z": 3.299999952316284,
  "summary_bg_k": 67.12725417168254,
  "summary_bg_mad": 14.415216312164125,
  "summary_bg_mean": 79.11006164550781,
  "summary_bg_median": 38.79375076293945,
  "summary_bg_n": 101332.0,
  "summary_bg_p05": 28.2791690826416,
  "summary_bg_p95": 256.4991806030273,
  "summary_bg_stdv": 116.24126434326172,
  "summary_fg_k": 4.926720392752915,
  "summary_fg_mad": 293.6046472726116,
  "summary_fg_mean": 929.17529296875,
  "summary_fg_median": 868.5687866210938,
  "summary_fg_n": 37308.0,
  "summary_fg_p05": 512.083984375,
  "summary_fg_p95": 1554.3334106445313,
  "summary_fg_stdv": 345.151123046875,
  "tsnr": 41.430329129099846
}