{
  "aor": 0.00760827027027027,
  "aqi": 0.002141535718918919,
  "bids_meta": {
    "AcquisitionNumber": 1,
    "AcquisitionTime": "12:29:33.032500",
    "BandwidthPerPixelPhaseEncode": 28.409,
    "ConversionSoftware": "dcm2niix",
    "ConversionSoftwareVersion": "v1.0.20170724 GCC4.4.7",
    "DeviceSerialNumber": "35414",
    "EchoTime": 0.03,
    "EffectiveEchoSpacing": 0.000550002,
    "FlipAngle": 80,
    "ImageType": [
      "ORIGINAL",
      "PRIMARY",
      "FMRI",
      "NONE",
      "ND",
      "MOSAIC"
    ],
    "InstitutionAddress": "Mikeletegi_69_San_Sebastian_District_ES_20009",
    "InstitutionName": "BCBL",
    "MagneticFieldStrength": 3,
    "Manufacturer": "Siemens",
    "ManufacturersModelName": "TrioTim",
    "PhaseEncodingDirection": "j-",
    "PhaseEncodingLines": 64,
    "ProcedureStepDescription": "CRANEO_FUNCIONAL",
    "ProtocolName": "ep2d_PiN_L2_Run2",
    "RepetitionTime": 2,
    "ScanningSequence": "EP",
    "SequenceName": "_epfid2d1_64",
    "SequenceVariant": "SK",
    "SeriesDescription": "ep2d_PiN_L2_Run2",
    "SliceTiming": [
      1.925,
      1.8625,
      1.8025,
      1.74,
      1.6775,
      1.615,
      1.5525,
      1.49,
      1.43,
      1.3675,
      1.305,
      1.2425,
      1.18,
      1.1175,
      1.055,
      0.995,
      0.9325,
      0.87,
      0.8075,
      0.745,
      0.6825,
      0.6225,
      0.56,
      0.4975,
      0.435,
      0.3725,
      0.31,
      0.2475,
      0.1875,
      0.125,
      0.0625,
      0
    ],
    "SoftwareVersions": "syngo_MR_B17",
    "TaskName": "compLn",
    "TotalReadoutTime": 0.0346501,
    "dataset": "ds003542",
    "modality": "bold",
    "run_id": 2,
    "subject_id": "20",
    "task_id": "compLn"
  },
  "dummy_trs": 1,
  "dvars_nstd": 23.87854686483695,
  "dvars_std": 1.2499070876630427,
  "dvars_vstd": 1.0682148223913044,
  "efc": 0.4677415400719646,
  "fber": 1380.6148681640625,
  "fd_mean": 0.31763950001557834,
  "fd_num": 131,
  "fd_perc": 70.8108108108108,
  "fwhm_avg": 3.246188086330127,
  "fwhm_x": 3.1005381818181816,
  "fwhm_y": 3.3838256892412835,
  "fwhm_z": 3.2542003879309163,
  "gcor": 0.0712994,
  "gsr_x": -0.02159224823117256,
  "gsr_y": 0.047792237251996994,
  "provenance": {
    "md5sum": "0ba02942c2d2c4a0fa3a08f55220df84",
    "settings": {
      "fd_thres": 0.2,
      "testing": false
    },
    "software": "mriqc",
    "version": "22.0.1",
    "webapi_port": null,
    "webapi_url": "https://mriqc.nimh.nih.gov/api/v1"
  },
  "size_t": 185,
  "size_x": 64,
  "size_y": 64,
  "size_z": 32,
  "snr": 2.41789233344828,
  "spacing_tr": 2.0,
  "spacing_x": 3.4375,
  "spacing_y": 3.437499761581421,
  "spacing_z": 3.999999523162842,
  "summary_bg_k": 17.712111513838508,
  "summary_bg_mad": 4.664187264181532,
  "summary_bg_mean": 24.24776840209961,
  "summary_bg_median": 12.594594955444336,
  "summary_bg_n": 82402.0,
  "summary_bg_p05": 8.913514137268066,
  "summary_bg_p95": 89.43243408203125,
  "summary_bg_stdv": 31.381153106689453,
  "summary_fg_k": 0.5983479147295547,
  "summary_fg_mad": 183.60224088482101,
  "summary_fg_mean": 513.1324462890625,
  "summary_fg_median": 477.8108215332031,
  "summary_fg_n": 20669.0,
  "summary_fg_p05": 254.30811157226563,
  "summary_fg_p95": 897.4248901367184,
  "summary_fg_stdv": 197.6098175048828,
  "tsnr": 62.41030673473142
}