{
  "aor": 0.006067041666666666,
  "aqi": 0.0072040545,
  "bids_meta": {
    "AcquisitionNumber": 1,
    "AcquisitionTime": "11:04:7.197500",
    "BandwidthPerPixelPhaseEncode": 29.481,
    "ConversionSoftware": "dcm2niix",
    "ConversionSoftwareVersion": "v1.0.20170724 GCC4.4.7",
    "DeviceSerialNumber": "35414",
    "EchoTime": 0.025,
    "EffectiveEchoSpacing": 0.000530002,
    "FlipAngle": 90,
    "ImageType": [
      "ORIGINAL",
      "PRIMARY",
      "M",
      "ND",
      "MOSAIC"
    ],
    "InstitutionAddress": "Mikeletegi_69_San_Sebastian_District_ES_20009",
    "InstitutionName": "BCBL",
    "MagneticFieldStrength": 3,
    "Manufacturer": "Siemens",
    "ManufacturersModelName": "TrioTim",
    "PhaseEncodingDirection": "j-",
    "PhaseEncodingLines": 64,
    "ProcedureStepDescription": "CRANEO_FUNCIONAL",
    "ProtocolName": "ep2d_Didak_VF_L1_Run1",
    "RepetitionTime": 3,
    "ScanningSequence": "EP",
    "SequenceName": "_epfid2d1_64",
    "SequenceVariant": "SK",
    "SeriesDescription": "ep2d_Didak_VF_L1_Run1",
    "SliceTiming": [
      2.9225,
      2.8525,
      2.7825,
      2.7125,
      2.6425,
      2.575,
      2.505,
      2.435,
      2.365,
      2.295,
      2.225,
      2.1575,
      2.0875,
      2.0175,
      1.9475,
      1.8775,
      1.81,
      1.74,
      1.67,
      1.6,
      1.53,
      1.46,
      1.3925,
      1.3225,
      1.2525,
      1.1825,
      1.1125,
      1.0425,
      0.975,
      0.905,
      0.835,
      0.765,
      0.695,
      0.625,
      0.5575,
      0.4875,
      0.4175,
      0.3475,
      0.2775,
      0.2075,
      0.14,
      0.07,
      0
    ],
    "SoftwareVersions": "syngo_MR_B17",
    "TaskName": "prodL1",
    "TotalReadoutTime": 0.0333901,
    "dataset": "ds003542",
    "modality": "bold",
    "run_id": 1,
    "subject_id": "20",
    "task_id": "prodL1"
  },
  "dummy_trs": 0,
  "dvars_nstd": 40.48858541179915,
  "dvars_std": 1.2477817263598328,
  "dvars_vstd": 1.042174683221757,
  "efc": 0.5589062686997796,
  "fber": 480.859130859375,
  "fd_mean": 0.4726755879699592,
  "fd_num": 187,
  "fd_perc": 77.91666666666667,
  "fwhm_avg": 2.901942539143375,
  "fwhm_x": 2.839116666666667,
  "fwhm_y": 2.98272,
  "fwhm_z": 2.8839909507634562,
  "gcor": 0.0216033,
  "gsr_x": -0.027265485376119614,
  "gsr_y": 0.11550191789865494,
  "provenance": {
    "md5sum": "6cd0e9a1e7da27f57bf8328ccb351d21",
    "settings": {
      "fd_thres": 0.2,
      "testing": false
    },
    "software": "mriqc",
    "version": "22.0.1",
    "webapi_port": null,
    "webapi_url": "https://mriqc.nimh.nih.gov/api/v1"
  },
  "size_t": 240,
  "size_x": 64,
  "size_y": 64,
  "size_z": 43,
  "snr": 2.60317539250581,
  "spacing_tr": 3.0,
  "spacing_x": 3.0,
  "spacing_y": 3.0,
  "spacing_z": 3.299999952316284,
  "summary_bg_k": 69.2864747184055,
  "summary_bg_mad": 13.485501925066721,
  "summary_bg_mean": 76.55646514892578,
  "summary_bg_median": 37.795833587646484,
  "summary_bg_n": 100790.0,
  "summary_bg_p05": 27.61250114440918,
  "summary_bg_p95": 241.26147079467748,
  "summary_bg_stdv": 113.2631607055664,
  "summary_fg_k": 4.5980584551268135,
  "summary_fg_mad": 272.06366047412627,
  "summary_fg_mean": 902.944091796875,
  "summary_fg_median": 844.67919921875,
  "summary_fg_n": 37621.0,
  "summary_fg_p05": 514.7125244140625,
  "summary_fg_p95": 1500.47509765625,
  "summary_fg_stdv": 324.47601318359375,
  "tsnr": 43.24253249540925
}