{
  "bids_meta": {
    "AccelFactPE": 2,
    "AcquisitionNumber": 1,
    "AcquisitionTime": "15:01:20.552500",
    "ConversionSoftware": "dcm2niix",
    "ConversionSoftwareVersion": "v1.0.20170724 GCC4.4.7",
    "DeviceSerialNumber": "35414",
    "EchoTime": 0.0035,
    "FlipAngle": 7,
    "ImageType": [
      "ORIGINAL",
      "PRIMARY",
      "M",
      "ND",
      "NORM"
    ],
    "InstitutionAddress": "Mikeletegi_69_San_Sebastian_District_ES_20009",
    "InstitutionName": "BCBL",
    "InversionTime": 1.1,
    "MagneticFieldStrength": 3,
    "Manufacturer": "Siemens",
    "ManufacturersModelName": "TrioTim",
    "PhaseEncodingDirection": "i-",
    "PhaseEncodingLines": 256,
    "ProcedureStepDescription": "CRANEO_FUNCIONAL",
    "ProtocolName": "t1_mpr_sag_p2_1mm_iso_MGH",
    "RepetitionTime": 2.53,
    "ScanningSequence": "GR_IR",
    "SequenceName": "_tfl3d1_ns",
    "SequenceVariant": "SP_MP",
    "SeriesDescription": "t1_mpr_sag_p2_1mm_iso_MGH",
    "SoftwareVersions": "syngo_MR_B17",
    "dataset": "ds003542",
    "modality": "T1w",
    "subject_id": "19"
  },
  "cjv": 0.3317217698054783,
  "cnr": 3.9570430831531285,
  "efc": 0.5317848228400217,
  "fber": 16985.329660493826,
  "fwhm_avg": 3.792096666666667,
  "fwhm_x": 3.73421,
  "fwhm_y": 4.14823,
  "fwhm_z": 3.49385,
  "icvs_csf": 0.1999543922594836,
  "icvs_gm": 0.4521018108037116,
  "icvs_wm": 0.34794379693680483,
  "inu_med": 0.5016208589076996,
  "inu_range": 0.18683345466852186,
  "provenance": {
    "md5sum": "9501b0c64ec813e148f91010bd243c45",
    "settings": {
      "testing": false
    },
    "software": "mriqc",
    "version": "22.0.1",
    "warnings": {
      "large_rot_frame": true,
      "small_air_mask": false
    },
    "webapi_port": null,
    "webapi_url": "https://mriqc.nimh.nih.gov/api/v1"
  },
  "qi_1": 0.00018581188040240438,
  "qi_2": 0.02271657146850187,
  "rpve_csf": 23.51191679195524,
  "rpve_gm": 11.207553292002896,
  "rpve_wm": 16.64514112598416,
  "size_x": 176,
  "size_y": 256,
  "size_z": 256,
  "snr_csf": 1.6461675393519086,
  "snr_gm": 9.932619813654174,
  "snr_total": 11.717051152181968,
  "snr_wm": 23.572366103539824,
  "snrd_csf": 23.56011534110691,
  "snrd_gm": 85.48640507496808,
  "snrd_total": 78.2242008066431,
  "snrd_wm": 125.62608200385431,
  "spacing_x": 1.0,
  "spacing_y": 1.0,
  "spacing_z": 1.0,
  "summary_bg_k": 9.02769215057641,
  "summary_bg_mad": 5.214971183139762,
  "summary_bg_mean": 4.233565815954421,
  "summary_bg_median": 3.517444610595703,
  "summary_bg_n": 3375332.0,
  "summary_bg_p05": 0.0,
  "summary_bg_p95": 14.663941383361816,
  "summary_bg_stdv": 5.1811571159730985,
  "summary_csf_k": 1.0913612245406137,
  "summary_csf_mad": 83.17526674190142,
  "summary_csf_mean": 215.44428505436068,
  "summary_csf_median": 187.5415906906128,
  "summary_csf_n": 26412.0,
  "summary_csf_p05": 74.34166717529297,
  "summary_csf_p95": 457.51615948677056,
  "summary_csf_stdv": 113.92403012669753,
  "summary_gm_k": 0.08919153784966083,
  "summary_gm_mad": 67.4422624630372,
  "summary_gm_mean": 679.3829699595237,
  "summary_gm_median": 680.4829330444336,
  "summary_gm_n": 35409.0,
  "summary_gm_p05": 564.473807144165,
  "summary_gm_p95": 790.8451343536376,
  "summary_gm_stdv": 68.50894696918081,
  "summary_wm_k": 0.9922310921512962,
  "summary_wm_mad": 38.54850320510068,
  "summary_wm_mean": 998.0765698762101,
  "summary_wm_median": 999.9999961853027,
  "summary_wm_n": 199673.0,
  "summary_wm_p05": 924.8978004455566,
  "summary_wm_p95": 1062.7436027526855,
  "summary_wm_stdv": 42.42244871370019,
  "tpm_overlap_csf": 0.1607415936477137,
  "tpm_overlap_gm": 0.46588822819352016,
  "tpm_overlap_wm": 0.5113691742388337,
  "wm2max": 0.8009645230166935
}