{
  "aor": 0.012875458333333334,
  "aqi": 0.024238317666666665,
  "bids_meta": {
    "AcquisitionNumber": 1,
    "AcquisitionTime": "17:21:2.630000",
    "BandwidthPerPixelPhaseEncode": 29.481,
    "ConversionSoftware": "dcm2niix",
    "ConversionSoftwareVersion": "v1.0.20170724 GCC4.4.7",
    "DeviceSerialNumber": "35414",
    "EchoTime": 0.025,
    "EffectiveEchoSpacing": 0.000530002,
    "FlipAngle": 90,
    "ImageType": [
      "ORIGINAL",
      "PRIMARY",
      "M",
      "ND",
      "MOSAIC"
    ],
    "InstitutionAddress": "Mikeletegi_69_San_Sebastian_District_ES_20009",
    "InstitutionName": "BCBL",
    "MagneticFieldStrength": 3,
    "Manufacturer": "Siemens",
    "ManufacturersModelName": "TrioTim",
    "PhaseEncodingDirection": "j-",
    "PhaseEncodingLines": 64,
    "ProcedureStepDescription": "CRANEO_FUNCIONAL",
    "ProtocolName": "ep2d_Didak_VF_L2_Run1",
    "RepetitionTime": 3,
    "ScanningSequence": "EP",
    "SequenceName": "_epfid2d1_64",
    "SequenceVariant": "SK",
    "SeriesDescription": "ep2d_Didak_VF_L2_Run1",
    "SliceTiming": [
      2.9225,
      2.8525,
      2.7825,
      2.715,
      2.645,
      2.575,
      2.505,
      2.435,
      2.3675,
      2.2975,
      2.2275,
      2.1575,
      2.0875,
      2.0175,
      1.95,
      1.88,
      1.81,
      1.74,
      1.67,
      1.6,
      1.5325,
      1.4625,
      1.3925,
      1.3225,
      1.2525,
      1.1825,
      1.115,
      1.045,
      0.975,
      0.905,
      0.835,
      0.765,
      0.6975,
      0.6275,
      0.5575,
      0.4875,
      0.4175,
      0.35,
      0.28,
      0.21,
      0.14,
      0.07,
      0
    ],
    "SoftwareVersions": "syngo_MR_B17",
    "TaskName": "prodLn",
    "TotalReadoutTime": 0.0333901,
    "dataset": "ds003542",
    "modality": "bold",
    "run_id": 1,
    "subject_id": "06",
    "task_id": "prodLn"
  },
  "dummy_trs": 0,
  "dvars_nstd": 90.79814971112967,
  "dvars_std": 1.2882571880334732,
  "dvars_vstd": 1.053034569581589,
  "efc": 0.5566302249328594,
  "fber": 328.61932373046875,
  "fd_mean": 1.4858147742065693,
  "fd_num": 233,
  "fd_perc": 97.08333333333333,
  "fwhm_avg": 3.037382842725448,
  "fwhm_x": 2.9589966666666663,
  "fwhm_y": 3.1546033333333336,
  "fwhm_z": 2.9985485281763444,
  "gcor": 0.0379471,
  "gsr_x": -0.00664208410307765,
  "gsr_y": 0.11344936490058899,
  "provenance": {
    "md5sum": "3f8f2913a4277c1b23abe4391f714ef6",
    "settings": {
      "fd_thres": 0.2,
      "testing": false
    },
    "software": "mriqc",
    "version": "22.0.1",
    "webapi_port": null,
    "webapi_url": "https://mriqc.nimh.nih.gov/api/v1"
  },
  "size_t": 240,
  "size_x": 64,
  "size_y": 64,
  "size_z": 43,
  "snr": 2.1836961396270795,
  "spacing_tr": 3.0,
  "spacing_x": 3.0,
  "spacing_y": 3.0,
  "spacing_z": 3.299999952316284,
  "summary_bg_k": 30.755293135907834,
  "summary_bg_mad": 18.581949879019042,
  "summary_bg_mean": 80.05089569091797,
  "summary_bg_median": 39.208335876464844,
  "summary_bg_n": 102597.0,
  "summary_bg_p05": 24.812501907348633,
  "summary_bg_p95": 265.8333435058594,
  "summary_bg_stdv": 114.06147766113281,
  "summary_fg_k": 6.734485259369748,
  "summary_fg_mad": 228.66668820023787,
  "summary_fg_mean": 800.4596557617188,
  "summary_fg_median": 720.8896484375,
  "summary_fg_n": 34366.0,
  "summary_fg_p05": 452.22607421875,
  "summary_fg_p95": 1440.4147033691406,
  "summary_fg_stdv": 330.1188049316406,
  "tsnr": 19.683176830760203
}