{
  "aor": 0.007466881720430108,
  "aqi": 0.013698065591397851,
  "bids_meta": {
    "AcquisitionNumber": 1,
    "AcquisitionTime": "15:28:39.137500",
    "BandwidthPerPixelPhaseEncode": 28.409,
    "ConversionSoftware": "dcm2niix",
    "ConversionSoftwareVersion": "v1.0.20170724 GCC4.4.7",
    "DeviceSerialNumber": "35414",
    "EchoTime": 0.03,
    "EffectiveEchoSpacing": 0.000550002,
    "FlipAngle": 80,
    "ImageType": [
      "ORIGINAL",
      "PRIMARY",
      "FMRI",
      "NONE",
      "ND",
      "MOSAIC"
    ],
    "InstitutionAddress": "Mikeletegi_69_San_Sebastian_District_ES_20009",
    "InstitutionName": "BCBL",
    "MagneticFieldStrength": 3,
    "Manufacturer": "Siemens",
    "ManufacturersModelName": "TrioTim",
    "PhaseEncodingDirection": "j-",
    "PhaseEncodingLines": 64,
    "ProcedureStepDescription": "CRANEO_FUNCIONAL",
    "ProtocolName": "ep2d_PiN_L1_Run2",
    "RepetitionTime": 2,
    "ScanningSequence": "EP",
    "SequenceName": "_epfid2d1_64",
    "SequenceVariant": "SK",
    "SeriesDescription": "ep2d_PiN_L1_Run2",
    "SliceTiming": [
      1.925,
      1.8625,
      1.8,
      1.7375,
      1.675,
      1.615,
      1.5525,
      1.49,
      1.4275,
      1.365,
      1.3025,
      1.2425,
      1.18,
      1.1175,
      1.055,
      0.9925,
      0.93,
      0.8675,
      0.8075,
      0.745,
      0.6825,
      0.62,
      0.5575,
      0.495,
      0.435,
      0.3725,
      0.31,
      0.2475,
      0.185,
      0.1225,
      0.0625,
      0
    ],
    "SoftwareVersions": "syngo_MR_B17",
    "TaskName": "compL1",
    "TotalReadoutTime": 0.0346501,
    "dataset": "ds003542",
    "modality": "bold",
    "run_id": 2,
    "subject_id": "06",
    "task_id": "compL1"
  },
  "dummy_trs": 0,
  "dvars_nstd": 33.243160484918896,
  "dvars_std": 0.9448968124864869,
  "dvars_vstd": 0.8645406670810815,
  "efc": 0.48640846130491766,
  "fber": 976.3837280273438,
  "fd_mean": 0.5326674930736268,
  "fd_num": 143,
  "fd_perc": 76.88172043010752,
  "fwhm_avg": 2.7749579393939396,
  "fwhm_x": 2.6868392727272727,
  "fwhm_y": 2.9995345454545457,
  "fwhm_z": 2.6385,
  "gcor": 0.0505736,
  "gsr_x": -0.02131739631295204,
  "gsr_y": 0.07236911356449127,
  "provenance": {
    "md5sum": "e30ea2e1807da6a09e5435e192579db5",
    "settings": {
      "fd_thres": 0.2,
      "testing": false
    },
    "software": "mriqc",
    "version": "22.0.1",
    "webapi_port": null,
    "webapi_url": "https://mriqc.nimh.nih.gov/api/v1"
  },
  "size_t": 186,
  "size_x": 64,
  "size_y": 64,
  "size_z": 32,
  "snr": 2.6805783164059664,
  "spacing_tr": 2.0,
  "spacing_x": 3.4375,
  "spacing_y": 3.4375,
  "spacing_z": 4.0,
  "summary_bg_k": 47.41284711900081,
  "summary_bg_mad": 6.504318862894387,
  "summary_bg_mean": 38.957576751708984,
  "summary_bg_median": 17.537633895874023,
  "summary_bg_n": 83267.0,
  "summary_bg_p05": 12.591398239135742,
  "summary_bg_p95": 130.2946212768554,
  "summary_bg_stdv": 68.84767150878906,
  "summary_fg_k": 4.486802734936049,
  "summary_fg_mad": 154.36996098254912,
  "summary_fg_mean": 593.4969482421875,
  "summary_fg_median": 548.5994873046875,
  "summary_fg_n": 19654.0,
  "summary_fg_p05": 357.6513381958008,
  "summary_fg_p95": 995.0787506103512,
  "summary_fg_stdv": 204.6519317626953,
  "tsnr": 33.430471281171776
}