{
  "aor": 0.008264569892473117,
  "aqi": 0.01271998129032258,
  "bids_meta": {
    "AcquisitionNumber": 1,
    "AcquisitionTime": "16:57:19.425000",
    "BandwidthPerPixelPhaseEncode": 28.409,
    "ConversionSoftware": "dcm2niix",
    "ConversionSoftwareVersion": "v1.0.20170724 GCC4.4.7",
    "DeviceSerialNumber": "35414",
    "EchoTime": 0.03,
    "EffectiveEchoSpacing": 0.000550002,
    "FlipAngle": 80,
    "ImageType": [
      "ORIGINAL",
      "PRIMARY",
      "FMRI",
      "NONE",
      "ND",
      "MOSAIC"
    ],
    "InstitutionAddress": "Mikeletegi_69_San_Sebastian_District_ES_20009",
    "InstitutionName": "BCBL",
    "MagneticFieldStrength": 3,
    "Manufacturer": "Siemens",
    "ManufacturersModelName": "TrioTim",
    "PhaseEncodingDirection": "j-",
    "PhaseEncodingLines": 64,
    "ProcedureStepDescription": "CRANEO_FUNCIONAL",
    "ProtocolName": "ep2d_PiN_L2_Run1",
    "RepetitionTime": 2,
    "ScanningSequence": "EP",
    "SequenceName": "_epfid2d1_64",
    "SequenceVariant": "SK",
    "SeriesDescription": "ep2d_PiN_L2_Run1",
    "SliceTiming": [
      1.925,
      1.8625,
      1.8,
      1.7375,
      1.675,
      1.615,
      1.5525,
      1.49,
      1.4275,
      1.365,
      1.3025,
      1.2425,
      1.18,
      1.1175,
      1.055,
      0.9925,
      0.93,
      0.8675,
      0.8075,
      0.745,
      0.6825,
      0.62,
      0.5575,
      0.495,
      0.435,
      0.3725,
      0.31,
      0.2475,
      0.185,
      0.1225,
      0.06,
      0
    ],
    "SoftwareVersions": "syngo_MR_B17",
    "TaskName": "compLn",
    "TotalReadoutTime": 0.0346501,
    "dataset": "ds003542",
    "modality": "bold",
    "run_id": 1,
    "subject_id": "06",
    "task_id": "compLn"
  },
  "dummy_trs": 0,
  "dvars_nstd": 34.99035329010811,
  "dvars_std": 0.9129796526486486,
  "dvars_vstd": 0.8210305682162164,
  "efc": 0.47873572250297,
  "fber": 932.03271484375,
  "fd_mean": 0.647003742142781,
  "fd_num": 145,
  "fd_perc": 77.95698924731182,
  "fwhm_avg": 3.0174415151515155,
  "fwhm_x": 2.9632,
  "fwhm_y": 3.2369745454545455,
  "fwhm_z": 2.85215,
  "gcor": 0.0532877,
  "gsr_x": -0.024211950600147247,
  "gsr_y": 0.07422520220279694,
  "provenance": {
    "md5sum": "8b4da4d0571ac4d6b983aa5e5e819b1b",
    "settings": {
      "fd_thres": 0.2,
      "testing": false
    },
    "software": "mriqc",
    "version": "22.0.1",
    "webapi_port": null,
    "webapi_url": "https://mriqc.nimh.nih.gov/api/v1"
  },
  "size_t": 186,
  "size_x": 64,
  "size_y": 64,
  "size_z": 32,
  "snr": 2.2534736506265727,
  "spacing_tr": 2.0,
  "spacing_x": 3.4375,
  "spacing_y": 3.4375,
  "spacing_z": 4.0,
  "summary_bg_k": 45.00001882217917,
  "summary_bg_mad": 7.468808603961503,
  "summary_bg_mean": 43.00455093383789,
  "summary_bg_median": 18.97849464416504,
  "summary_bg_n": 83474.0,
  "summary_bg_p05": 13.413978576660156,
  "summary_bg_p95": 148.19730758666984,
  "summary_bg_stdv": 76.81311798095703,
  "summary_fg_k": 5.432627004466237,
  "summary_fg_mad": 180.56658931480771,
  "summary_fg_mean": 645.4556884765625,
  "summary_fg_median": 581.3870849609375,
  "summary_fg_n": 19441.0,
  "summary_fg_p05": 369.7795715332031,
  "summary_fg_p95": 1160.209716796875,
  "summary_fg_stdv": 257.98931884765625,
  "tsnr": 31.529449954396114
}