{
  "aor": 0.011759375,
  "aqi": 0.02271728066666667,
  "bids_meta": {
    "AcquisitionNumber": 1,
    "AcquisitionTime": "15:58:22.730000",
    "BandwidthPerPixelPhaseEncode": 29.481,
    "ConversionSoftware": "dcm2niix",
    "ConversionSoftwareVersion": "v1.0.20170724 GCC4.4.7",
    "DeviceSerialNumber": "35414",
    "EchoTime": 0.025,
    "EffectiveEchoSpacing": 0.000530002,
    "FlipAngle": 90,
    "ImageType": [
      "ORIGINAL",
      "PRIMARY",
      "M",
      "ND",
      "MOSAIC"
    ],
    "InstitutionAddress": "Mikeletegi_69_San_Sebastian_District_ES_20009",
    "InstitutionName": "BCBL",
    "MagneticFieldStrength": 3,
    "Manufacturer": "Siemens",
    "ManufacturersModelName": "TrioTim",
    "PhaseEncodingDirection": "j-",
    "PhaseEncodingLines": 64,
    "ProcedureStepDescription": "CRANEO_FUNCIONAL",
    "ProtocolName": "ep2d_Didak_VF_L1_Run2",
    "RepetitionTime": 3,
    "ScanningSequence": "EP",
    "SequenceName": "_epfid2d1_64",
    "SequenceVariant": "SK",
    "SeriesDescription": "ep2d_Didak_VF_L1_Run2",
    "SliceTiming": [
      2.9225,
      2.8525,
      2.785,
      2.715,
      2.645,
      2.575,
      2.505,
      2.435,
      2.3675,
      2.2975,
      2.2275,
      2.1575,
      2.0875,
      2.0175,
      1.95,
      1.88,
      1.81,
      1.74,
      1.67,
      1.6025,
      1.5325,
      1.4625,
      1.3925,
      1.3225,
      1.2525,
      1.185,
      1.115,
      1.045,
      0.975,
      0.905,
      0.835,
      0.7675,
      0.6975,
      0.6275,
      0.5575,
      0.4875,
      0.4175,
      0.35,
      0.28,
      0.21,
      0.14,
      0.07,
      0
    ],
    "SoftwareVersions": "syngo_MR_B17",
    "TaskName": "prodL1",
    "TotalReadoutTime": 0.0333901,
    "dataset": "ds003542",
    "modality": "bold",
    "run_id": 2,
    "subject_id": "06",
    "task_id": "prodL1"
  },
  "dummy_trs": 0,
  "dvars_nstd": 79.44932756456058,
  "dvars_std": 1.172237089623431,
  "dvars_vstd": 0.9612834793723846,
  "efc": 0.5485414777578921,
  "fber": 341.60504150390625,
  "fd_mean": 1.2328948602171492,
  "fd_num": 228,
  "fd_perc": 95.0,
  "fwhm_avg": 3.1304819338369647,
  "fwhm_x": 3.0756200000000002,
  "fwhm_y": 3.2752499999999998,
  "fwhm_z": 3.0405758015108946,
  "gcor": 0.0702612,
  "gsr_x": -0.0072801304049789906,
  "gsr_y": 0.11008305102586746,
  "provenance": {
    "md5sum": "0678fda34b2224ebd87c303b3449c54b",
    "settings": {
      "fd_thres": 0.2,
      "testing": false
    },
    "software": "mriqc",
    "version": "22.0.1",
    "webapi_port": null,
    "webapi_url": "https://mriqc.nimh.nih.gov/api/v1"
  },
  "size_t": 240,
  "size_x": 64,
  "size_y": 64,
  "size_z": 43,
  "snr": 2.1004203204561125,
  "spacing_tr": 3.0,
  "spacing_x": 3.0,
  "spacing_y": 3.0,
  "spacing_z": 3.299999952316284,
  "summary_bg_k": 31.16681996296171,
  "summary_bg_mad": 18.452222750467666,
  "summary_bg_mean": 79.1488037109375,
  "summary_bg_median": 38.812503814697266,
  "summary_bg_n": 103336.0,
  "summary_bg_p05": 24.937501907348633,
  "summary_bg_p95": 261.0375213623047,
  "summary_bg_stdv": 113.37759399414062,
  "summary_fg_k": 6.095591647275352,
  "summary_fg_mad": 239.67191488529622,
  "summary_fg_mean": 820.4682006835938,
  "summary_fg_median": 733.1063232421875,
  "summary_fg_n": 33980.0,
  "summary_fg_p05": 455.2998107910156,
  "summary_fg_p95": 1514.1951171874998,
  "summary_fg_stdv": 349.02325439453125,
  "tsnr": 20.769838029053062
}