{
  "aor": 0.0068982083333333334,
  "aqi": 0.020980719374999998,
  "bids_meta": {
    "AcquisitionNumber": 1,
    "AcquisitionTime": "15:45:14.122500",
    "BandwidthPerPixelPhaseEncode": 29.481,
    "ConversionSoftware": "dcm2niix",
    "ConversionSoftwareVersion": "v1.0.20170724 GCC4.4.7",
    "DeviceSerialNumber": "35414",
    "EchoTime": 0.025,
    "EffectiveEchoSpacing": 0.000530002,
    "FlipAngle": 90,
    "ImageType": [
      "ORIGINAL",
      "PRIMARY",
      "M",
      "ND",
      "MOSAIC"
    ],
    "InstitutionAddress": "Mikeletegi_69_San_Sebastian_District_ES_20009",
    "InstitutionName": "BCBL",
    "MagneticFieldStrength": 3,
    "Manufacturer": "Siemens",
    "ManufacturersModelName": "TrioTim",
    "PhaseEncodingDirection": "j-",
    "PhaseEncodingLines": 64,
    "ProcedureStepDescription": "CRANEO_FUNCIONAL",
    "ProtocolName": "ep2d_Didak_VF_L1_Run1",
    "RepetitionTime": 3,
    "ScanningSequence": "EP",
    "SequenceName": "_epfid2d1_64",
    "SequenceVariant": "SK",
    "SeriesDescription": "ep2d_Didak_VF_L1_Run1",
    "SliceTiming": [
      2.9225,
      2.8525,
      2.7825,
      2.7125,
      2.645,
      2.575,
      2.505,
      2.435,
      2.365,
      2.295,
      2.2275,
      2.1575,
      2.0875,
      2.0175,
      1.9475,
      1.88,
      1.81,
      1.74,
      1.67,
      1.6,
      1.53,
      1.4625,
      1.3925,
      1.3225,
      1.2525,
      1.1825,
      1.1125,
      1.045,
      0.975,
      0.905,
      0.835,
      0.765,
      0.695,
      0.6275,
      0.5575,
      0.4875,
      0.4175,
      0.3475,
      0.28,
      0.21,
      0.14,
      0.07,
      0
    ],
    "SoftwareVersions": "syngo_MR_B17",
    "TaskName": "prodL1",
    "TotalReadoutTime": 0.0333901,
    "dataset": "ds003542",
    "modality": "bold",
    "run_id": 1,
    "subject_id": "06",
    "task_id": "prodL1"
  },
  "dummy_trs": 0,
  "dvars_nstd": 69.2711222022594,
  "dvars_std": 1.1439369150209207,
  "dvars_vstd": 0.9456695020502088,
  "efc": 0.5507241853810028,
  "fber": 397.7879943847656,
  "fd_mean": 1.1000005705261438,
  "fd_num": 230,
  "fd_perc": 95.83333333333333,
  "fwhm_avg": 2.890087791505229,
  "fwhm_x": 2.8088599999999997,
  "fwhm_y": 3.0113366666666668,
  "fwhm_z": 2.8500667078490216,
  "gcor": 0.0327926,
  "gsr_x": -0.0005301759229041636,
  "gsr_y": 0.1131526380777359,
  "provenance": {
    "md5sum": "8eee5195ef18f81a39474aaa48efbc8f",
    "settings": {
      "fd_thres": 0.2,
      "testing": false
    },
    "software": "mriqc",
    "version": "22.0.1",
    "webapi_port": null,
    "webapi_url": "https://mriqc.nimh.nih.gov/api/v1"
  },
  "size_t": 240,
  "size_x": 64,
  "size_y": 64,
  "size_z": 43,
  "snr": 2.3719516782927847,
  "spacing_tr": 3.0,
  "spacing_x": 3.0,
  "spacing_y": 3.0,
  "spacing_z": 3.299999952316284,
  "summary_bg_k": 33.036325684102565,
  "summary_bg_mad": 15.412886505827592,
  "summary_bg_mean": 72.51766204833984,
  "summary_bg_median": 35.054168701171875,
  "summary_bg_n": 103623.0,
  "summary_bg_p05": 21.125001907348633,
  "summary_bg_p95": 241.38959503173817,
  "summary_bg_stdv": 108.11495971679688,
  "summary_fg_k": 6.072954840839401,
  "summary_fg_mad": 212.75966222476023,
  "summary_fg_mean": 771.2440795898438,
  "summary_fg_median": 702.9166870117188,
  "summary_fg_n": 34151.0,
  "summary_fg_p05": 448.7854461669922,
  "summary_fg_p95": 1348.6375732421875,
  "summary_fg_stdv": 296.3409423828125,
  "tsnr": 23.563225586665794
}