{
  "aor": 0.0206912972972973,
  "aqi": 0.012809275621621622,
  "bids_meta": {
    "AcquisitionNumber": 1,
    "AcquisitionTime": "17:11:33.620000",
    "BandwidthPerPixelPhaseEncode": 28.409,
    "ConversionSoftware": "dcm2niix",
    "ConversionSoftwareVersion": "v1.0.20170724 GCC4.4.7",
    "DeviceSerialNumber": "35414",
    "EchoTime": 0.03,
    "EffectiveEchoSpacing": 0.000550002,
    "FlipAngle": 80,
    "ImageType": [
      "ORIGINAL",
      "PRIMARY",
      "FMRI",
      "NONE",
      "ND",
      "MOSAIC"
    ],
    "InstitutionAddress": "Mikeletegi_69_San_Sebastian_District_ES_20009",
    "InstitutionName": "BCBL",
    "MagneticFieldStrength": 3,
    "Manufacturer": "Siemens",
    "ManufacturersModelName": "TrioTim",
    "PhaseEncodingDirection": "j-",
    "PhaseEncodingLines": 64,
    "ProcedureStepDescription": "CRANEO_FUNCIONAL",
    "ProtocolName": "ep2d_PiN_L2_Run3",
    "RepetitionTime": 2,
    "ScanningSequence": "EP",
    "SequenceName": "_epfid2d1_64",
    "SequenceVariant": "SK",
    "SeriesDescription": "ep2d_PiN_L2_Run3",
    "SliceTiming": [
      1.925,
      1.8625,
      1.8,
      1.7375,
      1.675,
      1.615,
      1.5525,
      1.49,
      1.4275,
      1.365,
      1.3025,
      1.2425,
      1.18,
      1.1175,
      1.055,
      0.9925,
      0.93,
      0.87,
      0.8075,
      0.745,
      0.6825,
      0.62,
      0.5575,
      0.495,
      0.435,
      0.3725,
      0.31,
      0.2475,
      0.185,
      0.1225,
      0.0625,
      0
    ],
    "SoftwareVersions": "syngo_MR_B17",
    "TaskName": "compLn",
    "TotalReadoutTime": 0.0346501,
    "dataset": "ds003542",
    "modality": "bold",
    "run_id": 3,
    "subject_id": "06",
    "task_id": "compLn"
  },
  "dummy_trs": 1,
  "dvars_nstd": 31.613274413967385,
  "dvars_std": 1.0608218897282606,
  "dvars_vstd": 0.9745688051086957,
  "efc": 0.48302512528917135,
  "fber": 956.2718505859375,
  "fd_mean": 0.4087569247326803,
  "fd_num": 125,
  "fd_perc": 67.56756756756756,
  "fwhm_avg": 2.8871910303030304,
  "fwhm_x": 2.847264,
  "fwhm_y": 3.087709090909091,
  "fwhm_z": 2.7266,
  "gcor": 0.0213884,
  "gsr_x": -0.023924143984913826,
  "gsr_y": 0.07599426805973053,
  "provenance": {
    "md5sum": "c5bf4e5b2f80b41cad4a6e535d92d85b",
    "settings": {
      "fd_thres": 0.2,
      "testing": false
    },
    "software": "mriqc",
    "version": "22.0.1",
    "webapi_port": null,
    "webapi_url": "https://mriqc.nimh.nih.gov/api/v1"
  },
  "size_t": 185,
  "size_x": 64,
  "size_y": 64,
  "size_z": 32,
  "snr": 2.3887623431688043,
  "spacing_tr": 2.0,
  "spacing_x": 3.4375,
  "spacing_y": 3.4375,
  "spacing_z": 4.0,
  "summary_bg_k": 44.942508756746015,
  "summary_bg_mad": 7.340884222973101,
  "summary_bg_mean": 42.40494918823242,
  "summary_bg_median": 18.427026748657227,
  "summary_bg_n": 83433.0,
  "summary_bg_p05": 12.848649024963379,
  "summary_bg_p95": 148.0875640869138,
  "summary_bg_stdv": 76.08967590332031,
  "summary_fg_k": 4.948515447302246,
  "summary_fg_mad": 172.3544987001536,
  "summary_fg_mean": 625.7114868164062,
  "summary_fg_median": 569.1054077148438,
  "summary_fg_n": 19588.0,
  "summary_fg_p05": 363.67000885009764,
  "summary_fg_p95": 1096.821954345703,
  "summary_fg_stdv": 238.23670959472656,
  "tsnr": 35.18007510295138
}