{
  "aor": 0.009216124999999999,
  "aqi": 0.009164155416666668,
  "bids_meta": {
    "AcquisitionNumber": 1,
    "AcquisitionTime": "15:46:55.647500",
    "BandwidthPerPixelPhaseEncode": 29.481,
    "ConversionSoftware": "dcm2niix",
    "ConversionSoftwareVersion": "v1.0.20170724 GCC4.4.7",
    "DeviceSerialNumber": "35414",
    "EchoTime": 0.025,
    "EffectiveEchoSpacing": 0.000530002,
    "FlipAngle": 90,
    "ImageType": [
      "ORIGINAL",
      "PRIMARY",
      "M",
      "ND",
      "MOSAIC"
    ],
    "InstitutionAddress": "Mikeletegi_69_San_Sebastian_District_ES_20009",
    "InstitutionName": "BCBL",
    "MagneticFieldStrength": 3,
    "Manufacturer": "Siemens",
    "ManufacturersModelName": "TrioTim",
    "PhaseEncodingDirection": "j-",
    "PhaseEncodingLines": 64,
    "ProcedureStepDescription": "CRANEO_FUNCIONAL",
    "ProtocolName": "ep2d_Didak_VF_L1_Run1",
    "RepetitionTime": 3,
    "ScanningSequence": "EP",
    "SequenceName": "_epfid2d1_64",
    "SequenceVariant": "SK",
    "SeriesDescription": "ep2d_Didak_VF_L1_Run1",
    "SliceTiming": [
      2.92,
      2.85,
      2.7825,
      2.7125,
      2.6425,
      2.5725,
      2.5025,
      2.435,
      2.365,
      2.295,
      2.225,
      2.155,
      2.085,
      2.0175,
      1.9475,
      1.8775,
      1.8075,
      1.7375,
      1.6675,
      1.6,
      1.53,
      1.46,
      1.39,
      1.32,
      1.25,
      1.1825,
      1.1125,
      1.0425,
      0.9725,
      0.9025,
      0.8325,
      0.765,
      0.695,
      0.625,
      0.555,
      0.485,
      0.4175,
      0.3475,
      0.2775,
      0.2075,
      0.1375,
      0.0675,
      0
    ],
    "SoftwareVersions": "syngo_MR_B17",
    "TaskName": "prodL1",
    "TotalReadoutTime": 0.0333901,
    "dataset": "ds003542",
    "modality": "bold",
    "run_id": 1,
    "subject_id": "24",
    "task_id": "prodL1"
  },
  "dummy_trs": 0,
  "dvars_nstd": 34.16083738887032,
  "dvars_std": 1.219981703556485,
  "dvars_vstd": 1.0213853933054393,
  "efc": 0.5555585449163226,
  "fber": 533.6087646484375,
  "fd_mean": 0.3677125200380912,
  "fd_num": 151,
  "fd_perc": 62.916666666666664,
  "fwhm_avg": 2.6603775883053262,
  "fwhm_x": 2.5835966666666668,
  "fwhm_y": 2.792396666666667,
  "fwhm_z": 2.6051394315826446,
  "gcor": 0.0181607,
  "gsr_x": -0.012900295667350292,
  "gsr_y": 0.11932046711444855,
  "provenance": {
    "md5sum": "5506a58005647e388bc3223fe96548ac",
    "settings": {
      "fd_thres": 0.2,
      "testing": false
    },
    "software": "mriqc",
    "version": "22.0.1",
    "webapi_port": null,
    "webapi_url": "https://mriqc.nimh.nih.gov/api/v1"
  },
  "size_t": 240,
  "size_x": 64,
  "size_y": 64,
  "size_z": 43,
  "snr": 2.9827015924087874,
  "spacing_tr": 3.0,
  "spacing_x": 3.0,
  "spacing_y": 3.0,
  "spacing_z": 3.299999952316284,
  "summary_bg_k": 55.12093853921515,
  "summary_bg_mad": 9.087117417248932,
  "summary_bg_mean": 68.03073120117188,
  "summary_bg_median": 30.187501907348633,
  "summary_bg_n": 104855.0,
  "summary_bg_p05": 22.82916831970215,
  "summary_bg_p95": 250.3854339599602,
  "summary_bg_stdv": 107.41120147705078,
  "summary_fg_k": 2.3157222007518143,
  "summary_fg_mad": 196.96063708838088,
  "summary_fg_mean": 742.51611328125,
  "summary_fg_median": 694.777099609375,
  "summary_fg_n": 34196.0,
  "summary_fg_p05": 451.15940856933594,
  "summary_fg_p95": 1195.2636413574219,
  "summary_fg_stdv": 232.93209838867188,
  "tsnr": 41.35095533542335
}