{
  "aor": 0.003879402173913044,
  "aqi": 0.0037053911956521743,
  "bids_meta": {
    "AcquisitionNumber": 1,
    "AcquisitionTime": "17:35:35.607500",
    "BandwidthPerPixelPhaseEncode": 28.409,
    "ConversionSoftware": "dcm2niix",
    "ConversionSoftwareVersion": "v1.0.20170724 GCC4.4.7",
    "DeviceSerialNumber": "35414",
    "EchoTime": 0.03,
    "EffectiveEchoSpacing": 0.000550002,
    "FlipAngle": 80,
    "ImageType": [
      "ORIGINAL",
      "PRIMARY",
      "FMRI",
      "NONE",
      "ND",
      "MOSAIC"
    ],
    "InstitutionAddress": "Mikeletegi_69_San_Sebastian_District_ES_20009",
    "InstitutionName": "BCBL",
    "MagneticFieldStrength": 3,
    "Manufacturer": "Siemens",
    "ManufacturersModelName": "TrioTim",
    "PhaseEncodingDirection": "j-",
    "PhaseEncodingLines": 64,
    "ProcedureStepDescription": "CRANEO_FUNCIONAL",
    "ProtocolName": "ep2d_PiN_L2_Run3",
    "RepetitionTime": 2,
    "ScanningSequence": "EP",
    "SequenceName": "_epfid2d1_64",
    "SequenceVariant": "SK",
    "SeriesDescription": "ep2d_PiN_L2_Run3",
    "SliceTiming": [
      1.925,
      1.8625,
      1.8,
      1.7375,
      1.675,
      1.615,
      1.5525,
      1.49,
      1.4275,
      1.365,
      1.3025,
      1.2425,
      1.18,
      1.1175,
      1.055,
      0.9925,
      0.93,
      0.8675,
      0.8075,
      0.745,
      0.6825,
      0.62,
      0.5575,
      0.495,
      0.435,
      0.3725,
      0.31,
      0.2475,
      0.185,
      0.1225,
      0.06,
      0
    ],
    "SoftwareVersions": "syngo_MR_B17",
    "TaskName": "compLn",
    "TotalReadoutTime": 0.0346501,
    "dataset": "ds003542",
    "modality": "bold",
    "run_id": 3,
    "subject_id": "24",
    "task_id": "compLn"
  },
  "dummy_trs": 2,
  "dvars_nstd": 16.618474569781423,
  "dvars_std": 1.1063345308196717,
  "dvars_vstd": 0.9738067265573765,
  "efc": 0.4814766424421811,
  "fber": 1244.4041748046875,
  "fd_mean": 0.1704662636082664,
  "fd_num": 30,
  "fd_perc": 16.304347826086957,
  "fwhm_avg": 2.6446565454545454,
  "fwhm_x": 2.577986909090909,
  "fwhm_y": 2.808232727272727,
  "fwhm_z": 2.54775,
  "gcor": 0.0513205,
  "gsr_x": -0.024045728147029877,
  "gsr_y": 0.07048841565847397,
  "provenance": {
    "md5sum": "3dd14b8e968fcb38095faab369e3b59d",
    "settings": {
      "fd_thres": 0.2,
      "testing": false
    },
    "software": "mriqc",
    "version": "22.0.1",
    "webapi_port": null,
    "webapi_url": "https://mriqc.nimh.nih.gov/api/v1"
  },
  "size_t": 184,
  "size_x": 64,
  "size_y": 64,
  "size_z": 32,
  "snr": 3.047946838021249,
  "spacing_tr": 2.0,
  "spacing_x": 3.4375,
  "spacing_y": 3.4375,
  "spacing_z": 4.0,
  "summary_bg_k": 115.6980920124987,
  "summary_bg_mad": 4.7539951990501725,
  "summary_bg_mean": 33.78899383544922,
  "summary_bg_median": 15.82065200805664,
  "summary_bg_n": 83156.0,
  "summary_bg_p05": 12.32065200805664,
  "summary_bg_p95": 119.30435180664062,
  "summary_bg_stdv": 61.709529876708984,
  "summary_fg_k": 2.1967614511599614,
  "summary_fg_mad": 152.1359905468312,
  "summary_fg_mean": 598.2432861328125,
  "summary_fg_median": 560.7935180664062,
  "summary_fg_n": 19455.0,
  "summary_fg_p05": 365.31468505859374,
  "summary_fg_p95": 962.8701293945312,
  "summary_fg_stdv": 183.98585510253906,
  "tsnr": 84.6896119096782
}