{
  "aor": 0.007701416666666666,
  "aqi": 0.010698632666666668,
  "bids_meta": {
    "AcquisitionNumber": 1,
    "AcquisitionTime": "16:03:10.960000",
    "BandwidthPerPixelPhaseEncode": 29.481,
    "ConversionSoftware": "dcm2niix",
    "ConversionSoftwareVersion": "v1.0.20170724 GCC4.4.7",
    "DeviceSerialNumber": "35414",
    "EchoTime": 0.025,
    "EffectiveEchoSpacing": 0.000530002,
    "FlipAngle": 90,
    "ImageType": [
      "ORIGINAL",
      "PRIMARY",
      "M",
      "ND",
      "MOSAIC"
    ],
    "InstitutionAddress": "Mikeletegi_69_San_Sebastian_District_ES_20009",
    "InstitutionName": "BCBL",
    "MagneticFieldStrength": 3,
    "Manufacturer": "Siemens",
    "ManufacturersModelName": "TrioTim",
    "PhaseEncodingDirection": "j-",
    "PhaseEncodingLines": 64,
    "ProcedureStepDescription": "CRANEO_FUNCIONAL",
    "ProtocolName": "ep2d_Didak_VF_L1_Run2",
    "RepetitionTime": 3,
    "ScanningSequence": "EP",
    "SequenceName": "_epfid2d1_64",
    "SequenceVariant": "SK",
    "SeriesDescription": "ep2d_Didak_VF_L1_Run2",
    "SliceTiming": [
      2.9225,
      2.8525,
      2.7825,
      2.7125,
      2.6425,
      2.5725,
      2.505,
      2.435,
      2.365,
      2.295,
      2.225,
      2.1575,
      2.0875,
      2.0175,
      1.9475,
      1.8775,
      1.8075,
      1.74,
      1.67,
      1.6,
      1.53,
      1.46,
      1.39,
      1.3225,
      1.2525,
      1.1825,
      1.1125,
      1.0425,
      0.9725,
      0.905,
      0.835,
      0.765,
      0.695,
      0.625,
      0.555,
      0.4875,
      0.4175,
      0.3475,
      0.2775,
      0.2075,
      0.14,
      0.07,
      0
    ],
    "SoftwareVersions": "syngo_MR_B17",
    "TaskName": "prodL1",
    "TotalReadoutTime": 0.0333901,
    "dataset": "ds003542",
    "modality": "bold",
    "run_id": 2,
    "subject_id": "24",
    "task_id": "prodL1"
  },
  "dummy_trs": 0,
  "dvars_nstd": 37.597615006652724,
  "dvars_std": 1.2056721925523008,
  "dvars_vstd": 1.004001745899582,
  "efc": 0.5564289598425706,
  "fber": 524.880859375,
  "fd_mean": 0.40469627127866964,
  "fd_num": 166,
  "fd_perc": 69.16666666666667,
  "fwhm_avg": 2.6199182953112286,
  "fwhm_x": 2.5244133333333334,
  "fwhm_y": 2.7436566666666664,
  "fwhm_z": 2.5916848859336863,
  "gcor": 0.0285745,
  "gsr_x": -0.01161563117057085,
  "gsr_y": 0.11594098806381226,
  "provenance": {
    "md5sum": "5cbcdd139cd7bbb26520df8726db84d1",
    "settings": {
      "fd_thres": 0.2,
      "testing": false
    },
    "software": "mriqc",
    "version": "22.0.1",
    "webapi_port": null,
    "webapi_url": "https://mriqc.nimh.nih.gov/api/v1"
  },
  "size_t": 240,
  "size_x": 64,
  "size_y": 64,
  "size_z": 43,
  "snr": 3.1139013053257334,
  "spacing_tr": 3.0,
  "spacing_x": 3.0,
  "spacing_y": 3.0,
  "spacing_z": 3.299999952316284,
  "summary_bg_k": 56.81367096417966,
  "summary_bg_mad": 8.741176522552383,
  "summary_bg_mean": 67.72233581542969,
  "summary_bg_median": 30.500001907348633,
  "summary_bg_n": 104968.0,
  "summary_bg_p05": 24.095834732055664,
  "summary_bg_p95": 248.0368911743162,
  "summary_bg_stdv": 105.1482925415039,
  "summary_fg_k": 2.2656246346743583,
  "summary_fg_mad": 191.48426609468999,
  "summary_fg_mean": 734.0980834960938,
  "summary_fg_median": 690.987548828125,
  "summary_fg_n": 34006.0,
  "summary_fg_p05": 453.8229446411133,
  "summary_fg_p95": 1162.1448974609375,
  "summary_fg_stdv": 221.90086364746094,
  "tsnr": 38.488225598819554
}