{
  "aor": 0.017201791666666667,
  "aqi": 0.022516948125000002,
  "bids_meta": {
    "AcquisitionNumber": 1,
    "AcquisitionTime": "18:12:16.427500",
    "BandwidthPerPixelPhaseEncode": 29.481,
    "ConversionSoftware": "dcm2niix",
    "ConversionSoftwareVersion": "v1.0.20170724 GCC4.4.7",
    "DeviceSerialNumber": "35414",
    "EchoTime": 0.025,
    "EffectiveEchoSpacing": 0.000530002,
    "FlipAngle": 90,
    "ImageType": [
      "ORIGINAL",
      "PRIMARY",
      "M",
      "ND",
      "MOSAIC"
    ],
    "InstitutionAddress": "Mikeletegi_69_San_Sebastian_District_ES_20009",
    "InstitutionName": "BCBL",
    "MagneticFieldStrength": 3,
    "Manufacturer": "Siemens",
    "ManufacturersModelName": "TrioTim",
    "PhaseEncodingDirection": "j-",
    "PhaseEncodingLines": 64,
    "ProcedureStepDescription": "CRANEO_FUNCIONAL",
    "ProtocolName": "ep2d_Didak_VF_L2_Run2",
    "RepetitionTime": 3,
    "ScanningSequence": "EP",
    "SequenceName": "_epfid2d1_64",
    "SequenceVariant": "SK",
    "SeriesDescription": "ep2d_Didak_VF_L2_Run2",
    "SliceTiming": [
      2.9225,
      2.8525,
      2.785,
      2.715,
      2.645,
      2.575,
      2.505,
      2.435,
      2.3675,
      2.2975,
      2.2275,
      2.1575,
      2.0875,
      2.0175,
      1.95,
      1.88,
      1.81,
      1.74,
      1.67,
      1.6025,
      1.5325,
      1.4625,
      1.3925,
      1.3225,
      1.2525,
      1.185,
      1.115,
      1.045,
      0.975,
      0.905,
      0.835,
      0.7675,
      0.6975,
      0.6275,
      0.5575,
      0.4875,
      0.4175,
      0.35,
      0.28,
      0.21,
      0.14,
      0.07,
      0
    ],
    "SoftwareVersions": "syngo_MR_B17",
    "TaskName": "prodLn",
    "TotalReadoutTime": 0.0333901,
    "dataset": "ds003542",
    "modality": "bold",
    "run_id": 2,
    "subject_id": "24",
    "task_id": "prodLn"
  },
  "dummy_trs": 0,
  "dvars_nstd": 47.56030520439332,
  "dvars_std": 0.9805738705857742,
  "dvars_vstd": 0.9441924102928867,
  "efc": 0.5589988824276153,
  "fber": 504.29486083984375,
  "fd_mean": 0.639756019728012,
  "fd_num": 160,
  "fd_perc": 66.66666666666667,
  "fwhm_avg": 2.658846578257283,
  "fwhm_x": 2.5364299999999997,
  "fwhm_y": 2.8239733333333334,
  "fwhm_z": 2.6161364014385167,
  "gcor": 0.0447166,
  "gsr_x": -0.016402872279286385,
  "gsr_y": 0.11067773401737213,
  "provenance": {
    "md5sum": "32135a491c91beb299e5aba988140e53",
    "settings": {
      "fd_thres": 0.2,
      "testing": false
    },
    "software": "mriqc",
    "version": "22.0.1",
    "webapi_port": null,
    "webapi_url": "https://mriqc.nimh.nih.gov/api/v1"
  },
  "size_t": 240,
  "size_x": 64,
  "size_y": 64,
  "size_z": 43,
  "snr": 3.1936112995695174,
  "spacing_tr": 3.0,
  "spacing_x": 3.0,
  "spacing_y": 3.0,
  "spacing_z": 3.299999952316284,
  "summary_bg_k": 57.856149177533844,
  "summary_bg_mad": 9.95814565505311,
  "summary_bg_mean": 66.60445404052734,
  "summary_bg_median": 30.775001525878906,
  "summary_bg_n": 104980.0,
  "summary_bg_p05": 23.20833396911621,
  "summary_bg_p95": 239.47167434692363,
  "summary_bg_stdv": 100.07262420654297,
  "summary_fg_k": 1.913027416650058,
  "summary_fg_mad": 192.1638524387438,
  "summary_fg_mean": 730.1846923828125,
  "summary_fg_median": 692.308349609375,
  "summary_fg_n": 33905.0,
  "summary_fg_p05": 447.331689453125,
  "summary_fg_p95": 1139.5583984374998,
  "summary_fg_stdv": 216.7759552001953,
  "tsnr": 21.87533435469959
}