{
  "aor": 0.009359416666666669,
  "aqi": 0.016772216375,
  "bids_meta": {
    "AcquisitionNumber": 1,
    "AcquisitionTime": "17:50:12.140000",
    "BandwidthPerPixelPhaseEncode": 29.481,
    "ConversionSoftware": "dcm2niix",
    "ConversionSoftwareVersion": "v1.0.20170724 GCC4.4.7",
    "DeviceSerialNumber": "35414",
    "EchoTime": 0.025,
    "EffectiveEchoSpacing": 0.000530002,
    "FlipAngle": 90,
    "ImageType": [
      "ORIGINAL",
      "PRIMARY",
      "M",
      "ND",
      "MOSAIC"
    ],
    "InstitutionAddress": "Mikeletegi_69_San_Sebastian_District_ES_20009",
    "InstitutionName": "BCBL",
    "MagneticFieldStrength": 3,
    "Manufacturer": "Siemens",
    "ManufacturersModelName": "TrioTim",
    "PhaseEncodingDirection": "j-",
    "PhaseEncodingLines": 64,
    "ProcedureStepDescription": "CRANEO_FUNCIONAL",
    "ProtocolName": "ep2d_Didak_VF_L2_Run1",
    "RepetitionTime": 3,
    "ScanningSequence": "EP",
    "SequenceName": "_epfid2d1_64",
    "SequenceVariant": "SK",
    "SeriesDescription": "ep2d_Didak_VF_L2_Run1",
    "SliceTiming": [
      2.9225,
      2.8525,
      2.7825,
      2.715,
      2.645,
      2.575,
      2.505,
      2.435,
      2.365,
      2.2975,
      2.2275,
      2.1575,
      2.0875,
      2.0175,
      1.9475,
      1.88,
      1.81,
      1.74,
      1.67,
      1.6,
      1.5325,
      1.4625,
      1.3925,
      1.3225,
      1.2525,
      1.1825,
      1.115,
      1.045,
      0.975,
      0.905,
      0.835,
      0.765,
      0.6975,
      0.6275,
      0.5575,
      0.4875,
      0.4175,
      0.3475,
      0.28,
      0.21,
      0.14,
      0.07,
      0
    ],
    "SoftwareVersions": "syngo_MR_B17",
    "TaskName": "prodLn",
    "TotalReadoutTime": 0.0333901,
    "dataset": "ds003542",
    "modality": "bold",
    "run_id": 1,
    "subject_id": "24",
    "task_id": "prodLn"
  },
  "dummy_trs": 0,
  "dvars_nstd": 37.92426905778241,
  "dvars_std": 0.9783180043933062,
  "dvars_vstd": 0.9065757117573221,
  "efc": 0.5578768740982402,
  "fber": 487.82171630859375,
  "fd_mean": 0.43611481909584127,
  "fd_num": 153,
  "fd_perc": 63.75,
  "fwhm_avg": 2.7217088007301258,
  "fwhm_x": 2.62046,
  "fwhm_y": 2.8764966666666667,
  "fwhm_z": 2.668169735523711,
  "gcor": 0.0461571,
  "gsr_x": -0.017827853560447693,
  "gsr_y": 0.10964645445346832,
  "provenance": {
    "md5sum": "2dd16684f08eea59ac0a597d6ccf7e44",
    "settings": {
      "fd_thres": 0.2,
      "testing": false
    },
    "software": "mriqc",
    "version": "22.0.1",
    "webapi_port": null,
    "webapi_url": "https://mriqc.nimh.nih.gov/api/v1"
  },
  "size_t": 240,
  "size_x": 64,
  "size_y": 64,
  "size_z": 43,
  "snr": 3.012188106203704,
  "spacing_tr": 3.0,
  "spacing_x": 3.0,
  "spacing_y": 3.0,
  "spacing_z": 3.299999952316284,
  "summary_bg_k": 60.2160818851715,
  "summary_bg_mad": 10.7643103285816,
  "summary_bg_mean": 68.44783020019531,
  "summary_bg_median": 31.660419464111328,
  "summary_bg_n": 104822.0,
  "summary_bg_p05": 23.22104301452637,
  "summary_bg_p95": 244.98939208984362,
  "summary_bg_stdv": 104.4532699584961,
  "summary_fg_k": 2.1191377582268363,
  "summary_fg_mad": 202.24552942641026,
  "summary_fg_mean": 740.6696166992188,
  "summary_fg_median": 698.9375610351562,
  "summary_fg_n": 34015.0,
  "summary_fg_p05": 442.4591766357422,
  "summary_fg_p95": 1188.4925659179687,
  "summary_fg_stdv": 232.0330810546875,
  "tsnr": 26.1717775578727
}