{
  "aor": 0.010805291666666666,
  "aqi": 0.025469404291666664,
  "bids_meta": {
    "AcquisitionNumber": 1,
    "AcquisitionTime": "16:10:30.457500",
    "BandwidthPerPixelPhaseEncode": 29.481,
    "ConversionSoftware": "dcm2niix",
    "ConversionSoftwareVersion": "v1.0.20170724 GCC4.4.7",
    "DeviceSerialNumber": "35414",
    "EchoTime": 0.025,
    "EffectiveEchoSpacing": 0.000530002,
    "FlipAngle": 90,
    "ImageType": [
      "ORIGINAL",
      "PRIMARY",
      "M",
      "ND",
      "MOSAIC"
    ],
    "InstitutionAddress": "Mikeletegi_69_San_Sebastian_District_ES_20009",
    "InstitutionName": "BCBL",
    "MagneticFieldStrength": 3,
    "Manufacturer": "Siemens",
    "ManufacturersModelName": "TrioTim",
    "PhaseEncodingDirection": "j-",
    "PhaseEncodingLines": 64,
    "ProcedureStepDescription": "CRANEO_FUNCIONAL",
    "ProtocolName": "ep2d_Didak_VF_L1_Run2",
    "RepetitionTime": 3,
    "ScanningSequence": "EP",
    "SequenceName": "_epfid2d1_64",
    "SequenceVariant": "SK",
    "SeriesDescription": "ep2d_Didak_VF_L1_Run2",
    "SliceTiming": [
      2.9225,
      2.8525,
      2.7825,
      2.7125,
      2.6425,
      2.575,
      2.505,
      2.435,
      2.365,
      2.295,
      2.225,
      2.1575,
      2.0875,
      2.0175,
      1.9475,
      1.8775,
      1.8075,
      1.74,
      1.67,
      1.6,
      1.53,
      1.46,
      1.39,
      1.3225,
      1.2525,
      1.1825,
      1.1125,
      1.0425,
      0.9725,
      0.905,
      0.835,
      0.765,
      0.695,
      0.625,
      0.5575,
      0.4875,
      0.4175,
      0.3475,
      0.2775,
      0.2075,
      0.14,
      0.07,
      0
    ],
    "SoftwareVersions": "syngo_MR_B17",
    "TaskName": "prodL1",
    "TotalReadoutTime": 0.0333901,
    "dataset": "ds003542",
    "modality": "bold",
    "run_id": 2,
    "subject_id": "01",
    "task_id": "prodL1"
  },
  "dummy_trs": 0,
  "dvars_nstd": 84.12624471656906,
  "dvars_std": 1.316705222384937,
  "dvars_vstd": 1.0366869993305436,
  "efc": 0.6052934171128486,
  "fber": 269.8822021484375,
  "fd_mean": 1.1451499876463689,
  "fd_num": 218,
  "fd_perc": 90.83333333333333,
  "fwhm_avg": 3.09731880325945,
  "fwhm_x": 2.8352799999999996,
  "fwhm_y": 3.2633733333333335,
  "fwhm_z": 3.193303076445017,
  "gcor": 0.0234447,
  "gsr_x": -0.033340711146593094,
  "gsr_y": 0.1604921966791153,
  "provenance": {
    "md5sum": "1d133eb31161fac0e875b541cb2b35a1",
    "settings": {
      "fd_thres": 0.2,
      "testing": false
    },
    "software": "mriqc",
    "version": "22.0.1",
    "webapi_port": null,
    "webapi_url": "https://mriqc.nimh.nih.gov/api/v1"
  },
  "size_t": 240,
  "size_x": 64,
  "size_y": 64,
  "size_z": 43,
  "snr": 2.1851440286758668,
  "spacing_tr": 3.0,
  "spacing_x": 3.0,
  "spacing_y": 3.0,
  "spacing_z": 3.299999952316284,
  "summary_bg_k": 9.638328023843854,
  "summary_bg_mad": 18.995840924603026,
  "summary_bg_mean": 105.9969711303711,
  "summary_bg_median": 40.85416793823242,
  "summary_bg_n": 94855.0,
  "summary_bg_p05": 26.608335494995117,
  "summary_bg_p95": 439.56793518066405,
  "summary_bg_stdv": 148.9036102294922,
  "summary_fg_k": 3.519427451166833,
  "summary_fg_mad": 241.15144041462767,
  "summary_fg_mean": 785.3349609375,
  "summary_fg_median": 712.0750122070312,
  "summary_fg_n": 38671.0,
  "summary_fg_p05": 407.89585876464844,
  "summary_fg_p95": 1454.8396606445312,
  "summary_fg_stdv": 325.86676025390625,
  "tsnr": 24.466490083374083
}