{
  "aor": 0.011935999999999999,
  "aqi": 0.04057855916666666,
  "bids_meta": {
    "AcquisitionNumber": 1,
    "AcquisitionTime": "17:55:14.590000",
    "BandwidthPerPixelPhaseEncode": 29.481,
    "ConversionSoftware": "dcm2niix",
    "ConversionSoftwareVersion": "v1.0.20170724 GCC4.4.7",
    "DeviceSerialNumber": "35414",
    "EchoTime": 0.025,
    "EffectiveEchoSpacing": 0.000530002,
    "FlipAngle": 90,
    "ImageType": [
      "ORIGINAL",
      "PRIMARY",
      "M",
      "ND",
      "MOSAIC"
    ],
    "InstitutionAddress": "Mikeletegi_69_San_Sebastian_District_ES_20009",
    "InstitutionName": "BCBL",
    "MagneticFieldStrength": 3,
    "Manufacturer": "Siemens",
    "ManufacturersModelName": "TrioTim",
    "PhaseEncodingDirection": "j-",
    "PhaseEncodingLines": 64,
    "ProcedureStepDescription": "CRANEO_FUNCIONAL",
    "ProtocolName": "ep2d_Didak_VF_L2_Run2",
    "RepetitionTime": 3,
    "ScanningSequence": "EP",
    "SequenceName": "_epfid2d1_64",
    "SequenceVariant": "SK",
    "SeriesDescription": "ep2d_Didak_VF_L2_Run2",
    "SliceTiming": [
      2.9225,
      2.8525,
      2.7825,
      2.715,
      2.645,
      2.575,
      2.505,
      2.435,
      2.365,
      2.2975,
      2.2275,
      2.1575,
      2.0875,
      2.0175,
      1.9475,
      1.88,
      1.81,
      1.74,
      1.67,
      1.6,
      1.53,
      1.4625,
      1.3925,
      1.3225,
      1.2525,
      1.1825,
      1.115,
      1.045,
      0.975,
      0.905,
      0.835,
      0.765,
      0.6975,
      0.6275,
      0.5575,
      0.4875,
      0.4175,
      0.3475,
      0.28,
      0.21,
      0.14,
      0.07,
      0
    ],
    "SoftwareVersions": "syngo_MR_B17",
    "TaskName": "prodLn",
    "TotalReadoutTime": 0.0333901,
    "dataset": "ds003542",
    "modality": "bold",
    "run_id": 2,
    "subject_id": "01",
    "task_id": "prodLn"
  },
  "dummy_trs": 0,
  "dvars_nstd": 106.72039179635983,
  "dvars_std": 1.3418511795397496,
  "dvars_vstd": 1.044594761046025,
  "efc": 0.6082347096694695,
  "fber": 217.732177734375,
  "fd_mean": 1.2396332557863166,
  "fd_num": 220,
  "fd_perc": 91.66666666666667,
  "fwhm_avg": 3.2748813292076004,
  "fwhm_x": 2.984916666666667,
  "fwhm_y": 3.5020000000000002,
  "fwhm_z": 3.337727320956134,
  "gcor": 0.0250572,
  "gsr_x": -0.04091262072324753,
  "gsr_y": 0.16005098819732666,
  "provenance": {
    "md5sum": "4f8c6e80675afe051cd39dfa259b6d8c",
    "settings": {
      "fd_thres": 0.2,
      "testing": false
    },
    "software": "mriqc",
    "version": "22.0.1",
    "webapi_port": null,
    "webapi_url": "https://mriqc.nimh.nih.gov/api/v1"
  },
  "size_t": 240,
  "size_x": 64,
  "size_y": 64,
  "size_z": 43,
  "snr": 1.9958628562683711,
  "spacing_tr": 3.0,
  "spacing_x": 3.0,
  "spacing_y": 3.0,
  "spacing_z": 3.299999952316284,
  "summary_bg_k": 10.117023113414977,
  "summary_bg_mad": 25.445163968509572,
  "summary_bg_mean": 116.36532592773438,
  "summary_bg_median": 45.92083740234375,
  "summary_bg_n": 94823.0,
  "summary_bg_p05": 27.504167556762695,
  "summary_bg_p95": 453.10043640136695,
  "summary_bg_stdv": 157.25718688964844,
  "summary_fg_k": 4.170322253568672,
  "summary_fg_mad": 254.5875230198347,
  "summary_fg_mean": 798.1008911132812,
  "summary_fg_median": 714.433349609375,
  "summary_fg_n": 39257.0,
  "summary_fg_p05": 404.6975158691406,
  "summary_fg_p95": 1554.5933837890623,
  "summary_fg_stdv": 357.95257568359375,
  "tsnr": 18.922334523696918
}