{
  "aor": 0.006436338797814207,
  "aqi": 0.010747113551912567,
  "bids_meta": {
    "AcquisitionNumber": 1,
    "AcquisitionTime": "15:25:45.387500",
    "BandwidthPerPixelPhaseEncode": 28.409,
    "ConversionSoftware": "dcm2niix",
    "ConversionSoftwareVersion": "v1.0.20170724 GCC4.4.7",
    "DeviceSerialNumber": "35414",
    "EchoTime": 0.03,
    "EffectiveEchoSpacing": 0.000550002,
    "FlipAngle": 80,
    "ImageType": [
      "ORIGINAL",
      "PRIMARY",
      "FMRI",
      "NONE",
      "ND",
      "MOSAIC"
    ],
    "InstitutionAddress": "Mikeletegi_69_San_Sebastian_District_ES_20009",
    "InstitutionName": "BCBL",
    "MagneticFieldStrength": 3,
    "Manufacturer": "Siemens",
    "ManufacturersModelName": "TrioTim",
    "PhaseEncodingDirection": "j-",
    "PhaseEncodingLines": 64,
    "ProcedureStepDescription": "CRANEO_FUNCIONAL",
    "ProtocolName": "ep2d_PiN_L1_Run2",
    "RepetitionTime": 2,
    "ScanningSequence": "EP",
    "SequenceName": "_epfid2d1_64",
    "SequenceVariant": "SK",
    "SeriesDescription": "ep2d_PiN_L1_Run2",
    "SliceTiming": [
      1.925,
      1.865,
      1.8025,
      1.74,
      1.6775,
      1.615,
      1.5525,
      1.49,
      1.43,
      1.3675,
      1.305,
      1.2425,
      1.18,
      1.1175,
      1.0575,
      0.995,
      0.9325,
      0.87,
      0.8075,
      0.745,
      0.685,
      0.6225,
      0.56,
      0.4975,
      0.435,
      0.3725,
      0.31,
      0.25,
      0.1875,
      0.125,
      0.0625,
      0
    ],
    "SoftwareVersions": "syngo_MR_B17",
    "TaskName": "compL1",
    "TotalReadoutTime": 0.0346501,
    "dataset": "ds003542",
    "modality": "bold",
    "run_id": 2,
    "subject_id": "01",
    "task_id": "compL1"
  },
  "dummy_trs": 3,
  "dvars_nstd": 29.86834098456044,
  "dvars_std": 1.061200583516483,
  "dvars_vstd": 0.9225743193406587,
  "efc": 0.5263107662830481,
  "fber": 818.9454345703125,
  "fd_mean": 0.4038938552536124,
  "fd_num": 114,
  "fd_perc": 62.295081967213115,
  "fwhm_avg": 2.9457398484848483,
  "fwhm_x": 2.826530909090909,
  "fwhm_y": 3.1307636363636364,
  "fwhm_z": 2.879925,
  "gcor": 0.0190004,
  "gsr_x": -0.03371606394648552,
  "gsr_y": 0.11214375495910645,
  "provenance": {
    "md5sum": "a9480882e44072a1e47944fbef2a2c73",
    "settings": {
      "fd_thres": 0.2,
      "testing": false
    },
    "software": "mriqc",
    "version": "22.0.1",
    "webapi_port": null,
    "webapi_url": "https://mriqc.nimh.nih.gov/api/v1"
  },
  "size_t": 183,
  "size_x": 64,
  "size_y": 64,
  "size_z": 32,
  "snr": 2.3618371520638366,
  "spacing_tr": 2.0,
  "spacing_x": 3.4375,
  "spacing_y": 3.4375,
  "spacing_z": 4.0,
  "summary_bg_k": 11.98981683688973,
  "summary_bg_mad": 10.00554024196365,
  "summary_bg_mean": 61.20840072631836,
  "summary_bg_median": 20.40437126159668,
  "summary_bg_n": 79568.0,
  "summary_bg_p05": 11.726775169372559,
  "summary_bg_p95": 288.64617156982405,
  "summary_bg_stdv": 100.6870346069336,
  "summary_fg_k": 3.1736301312403636,
  "summary_fg_mad": 184.54750838814803,
  "summary_fg_mean": 637.0726928710938,
  "summary_fg_median": 582.513671875,
  "summary_fg_n": 21967.0,
  "summary_fg_p05": 349.96119384765626,
  "summary_fg_p95": 1143.0480712890626,
  "summary_fg_stdv": 246.63021850585938,
  "tsnr": 38.21279220376164
}