{
  "aor": 0.013331290322580644,
  "aqi": 0.010468148279569892,
  "bids_meta": {
    "AcquisitionNumber": 1,
    "AcquisitionTime": "15:17:6.482500",
    "BandwidthPerPixelPhaseEncode": 28.409,
    "ConversionSoftware": "dcm2niix",
    "ConversionSoftwareVersion": "v1.0.20170724 GCC4.4.7",
    "DeviceSerialNumber": "35414",
    "EchoTime": 0.03,
    "EffectiveEchoSpacing": 0.000550002,
    "FlipAngle": 80,
    "ImageType": [
      "ORIGINAL",
      "PRIMARY",
      "FMRI",
      "NONE",
      "ND",
      "MOSAIC"
    ],
    "InstitutionAddress": "Mikeletegi_69_San_Sebastian_District_ES_20009",
    "InstitutionName": "BCBL",
    "MagneticFieldStrength": 3,
    "Manufacturer": "Siemens",
    "ManufacturersModelName": "TrioTim",
    "PhaseEncodingDirection": "j-",
    "PhaseEncodingLines": 64,
    "ProcedureStepDescription": "CRANEO_FUNCIONAL",
    "ProtocolName": "ep2d_PiN_L1_Run1",
    "RepetitionTime": 2,
    "ScanningSequence": "EP",
    "SequenceName": "_epfid2d1_64",
    "SequenceVariant": "SK",
    "SeriesDescription": "ep2d_PiN_L1_Run1",
    "SliceTiming": [
      1.925,
      1.865,
      1.8025,
      1.74,
      1.6775,
      1.615,
      1.5525,
      1.49,
      1.43,
      1.3675,
      1.305,
      1.2425,
      1.18,
      1.1175,
      1.0575,
      0.995,
      0.9325,
      0.87,
      0.8075,
      0.745,
      0.685,
      0.6225,
      0.56,
      0.4975,
      0.435,
      0.3725,
      0.31,
      0.25,
      0.1875,
      0.125,
      0.0625,
      0
    ],
    "SoftwareVersions": "syngo_MR_B17",
    "TaskName": "compL1",
    "TotalReadoutTime": 0.0346501,
    "dataset": "ds003542",
    "modality": "bold",
    "run_id": 1,
    "subject_id": "01",
    "task_id": "compL1"
  },
  "dummy_trs": 0,
  "dvars_nstd": 32.222188331081064,
  "dvars_std": 1.1789737250270267,
  "dvars_vstd": 1.0126570721621624,
  "efc": 0.5247472896262452,
  "fber": 758.2486572265625,
  "fd_mean": 0.4034765084402802,
  "fd_num": 98,
  "fd_perc": 52.68817204301075,
  "fwhm_avg": 3.0409780000000004,
  "fwhm_x": 2.8679040000000002,
  "fwhm_y": 3.28128,
  "fwhm_z": 2.97375,
  "gcor": 0.0194408,
  "gsr_x": -0.0369468592107296,
  "gsr_y": 0.11610449850559235,
  "provenance": {
    "md5sum": "d1d78e3c8c4332ad380fd50d75e95d9d",
    "settings": {
      "fd_thres": 0.2,
      "testing": false
    },
    "software": "mriqc",
    "version": "22.0.1",
    "webapi_port": null,
    "webapi_url": "https://mriqc.nimh.nih.gov/api/v1"
  },
  "size_t": 186,
  "size_x": 64,
  "size_y": 64,
  "size_z": 32,
  "snr": 2.233583107985349,
  "spacing_tr": 2.0,
  "spacing_x": 3.4375,
  "spacing_y": 3.4375,
  "spacing_z": 4.0,
  "summary_bg_k": 13.415011229468622,
  "summary_bg_mad": 11.54197886533816,
  "summary_bg_mean": 62.11960983276367,
  "summary_bg_median": 21.5053768157959,
  "summary_bg_n": 78785.0,
  "summary_bg_p05": 11.155914306640625,
  "summary_bg_p95": 285.87312011718757,
  "summary_bg_stdv": 103.23152923583984,
  "summary_fg_k": 3.3647777715240155,
  "summary_fg_mad": 197.12632584949438,
  "summary_fg_mean": 661.35009765625,
  "summary_fg_median": 599.720458984375,
  "summary_fg_n": 22018.0,
  "summary_fg_p05": 353.7139770507813,
  "summary_fg_p95": 1215.197552490232,
  "summary_fg_stdv": 268.49542236328125,
  "tsnr": 40.526534244185314
}