{
  "aor": 0.005075333333333334,
  "aqi": 0.011575292833333334,
  "bids_meta": {
    "AcquisitionNumber": 1,
    "AcquisitionTime": "16:57:17.070000",
    "BandwidthPerPixelPhaseEncode": 29.481,
    "ConversionSoftware": "dcm2niix",
    "ConversionSoftwareVersion": "v1.0.20170724 GCC4.4.7",
    "DeviceSerialNumber": "35414",
    "EchoTime": 0.025,
    "EffectiveEchoSpacing": 0.000530002,
    "FlipAngle": 90,
    "ImageType": [
      "ORIGINAL",
      "PRIMARY",
      "M",
      "ND",
      "MOSAIC"
    ],
    "InstitutionAddress": "Mikeletegi_69_San_Sebastian_District_ES_20009",
    "InstitutionName": "BCBL",
    "MagneticFieldStrength": 3,
    "Manufacturer": "Siemens",
    "ManufacturersModelName": "TrioTim",
    "PhaseEncodingDirection": "j-",
    "PhaseEncodingLines": 64,
    "ProcedureStepDescription": "CRANEO_FUNCIONAL",
    "ProtocolName": "ep2d_Didak_VF_L1_Run1",
    "RepetitionTime": 3,
    "ScanningSequence": "EP",
    "SequenceName": "_epfid2d1_64",
    "SequenceVariant": "SK",
    "SeriesDescription": "ep2d_Didak_VF_L1_Run1",
    "SliceTiming": [
      2.9225,
      2.8525,
      2.785,
      2.715,
      2.645,
      2.575,
      2.505,
      2.435,
      2.3675,
      2.2975,
      2.2275,
      2.1575,
      2.0875,
      2.0175,
      1.95,
      1.88,
      1.81,
      1.74,
      1.67,
      1.6,
      1.5325,
      1.4625,
      1.3925,
      1.3225,
      1.2525,
      1.1825,
      1.115,
      1.045,
      0.975,
      0.905,
      0.835,
      0.7675,
      0.6975,
      0.6275,
      0.5575,
      0.4875,
      0.4175,
      0.35,
      0.28,
      0.21,
      0.14,
      0.07,
      0
    ],
    "SoftwareVersions": "syngo_MR_B17",
    "TaskName": "prodL1",
    "TotalReadoutTime": 0.0333901,
    "dataset": "ds003542",
    "modality": "bold",
    "run_id": 1,
    "subject_id": "28",
    "task_id": "prodL1"
  },
  "dummy_trs": 0,
  "dvars_nstd": 48.081553391338936,
  "dvars_std": 1.3856498300836815,
  "dvars_vstd": 1.01674416786611,
  "efc": 0.5715747960209147,
  "fber": 272.8166809082031,
  "fd_mean": 0.44937113185232175,
  "fd_num": 183,
  "fd_perc": 76.25,
  "fwhm_avg": 3.0763586007524855,
  "fwhm_x": 3.0970999999999997,
  "fwhm_y": 3.039733333333333,
  "fwhm_z": 3.0922424689241246,
  "gcor": 0.037574,
  "gsr_x": -0.041147395968437195,
  "gsr_y": 0.13459935784339905,
  "provenance": {
    "md5sum": "72079c2f4e3c2504983da6b824b07240",
    "settings": {
      "fd_thres": 0.2,
      "testing": false
    },
    "software": "mriqc",
    "version": "22.0.1",
    "webapi_port": null,
    "webapi_url": "https://mriqc.nimh.nih.gov/api/v1"
  },
  "size_t": 240,
  "size_x": 64,
  "size_y": 64,
  "size_z": 43,
  "snr": 2.022580660914523,
  "spacing_tr": 3.0,
  "spacing_x": 3.0,
  "spacing_y": 3.0,
  "spacing_z": 3.299999952316284,
  "summary_bg_k": 24.676505573590887,
  "summary_bg_mad": 24.827411158906028,
  "summary_bg_mean": 102.846923828125,
  "summary_bg_median": 46.5958366394043,
  "summary_bg_n": 100225.0,
  "summary_bg_p05": 28.941667556762695,
  "summary_bg_p95": 370.34752197265584,
  "summary_bg_stdv": 144.84922790527344,
  "summary_fg_k": 8.249973151682195,
  "summary_fg_mad": 259.1156855573115,
  "summary_fg_mean": 888.80322265625,
  "summary_fg_median": 791.5333862304688,
  "summary_fg_n": 37453.0,
  "summary_fg_p05": 490.82252197265626,
  "summary_fg_p95": 1637.8234375000006,
  "summary_fg_stdv": 391.343017578125,
  "tsnr": 46.57412618678063
}