{
  "aor": 0.014187083333333333,
  "aqi": 0.016810903250000002,
  "bids_meta": {
    "AcquisitionNumber": 1,
    "AcquisitionTime": "17:10:37.680000",
    "BandwidthPerPixelPhaseEncode": 29.481,
    "ConversionSoftware": "dcm2niix",
    "ConversionSoftwareVersion": "v1.0.20170724 GCC4.4.7",
    "DeviceSerialNumber": "35414",
    "EchoTime": 0.025,
    "EffectiveEchoSpacing": 0.000530002,
    "FlipAngle": 90,
    "ImageType": [
      "ORIGINAL",
      "PRIMARY",
      "M",
      "ND",
      "MOSAIC"
    ],
    "InstitutionAddress": "Mikeletegi_69_San_Sebastian_District_ES_20009",
    "InstitutionName": "BCBL",
    "MagneticFieldStrength": 3,
    "Manufacturer": "Siemens",
    "ManufacturersModelName": "TrioTim",
    "PhaseEncodingDirection": "j-",
    "PhaseEncodingLines": 64,
    "ProcedureStepDescription": "CRANEO_FUNCIONAL",
    "ProtocolName": "ep2d_Didak_VF_L1_Run2",
    "RepetitionTime": 3,
    "ScanningSequence": "EP",
    "SequenceName": "_epfid2d1_64",
    "SequenceVariant": "SK",
    "SeriesDescription": "ep2d_Didak_VF_L1_Run2",
    "SliceTiming": [
      2.9225,
      2.8525,
      2.7825,
      2.7125,
      2.6425,
      2.575,
      2.505,
      2.435,
      2.365,
      2.295,
      2.225,
      2.1575,
      2.0875,
      2.0175,
      1.9475,
      1.8775,
      1.8075,
      1.74,
      1.67,
      1.6,
      1.53,
      1.46,
      1.39,
      1.3225,
      1.2525,
      1.1825,
      1.1125,
      1.0425,
      0.9725,
      0.905,
      0.835,
      0.765,
      0.695,
      0.625,
      0.5575,
      0.4875,
      0.4175,
      0.3475,
      0.2775,
      0.2075,
      0.14,
      0.07,
      0
    ],
    "SoftwareVersions": "syngo_MR_B17",
    "TaskName": "prodL1",
    "TotalReadoutTime": 0.0333901,
    "dataset": "ds003542",
    "modality": "bold",
    "run_id": 2,
    "subject_id": "28",
    "task_id": "prodL1"
  },
  "dummy_trs": 0,
  "dvars_nstd": 60.88252291020921,
  "dvars_std": 1.4210684204602513,
  "dvars_vstd": 1.0936044802092046,
  "efc": 0.5734665626508608,
  "fber": 265.49114990234375,
  "fd_mean": 0.6629943120213563,
  "fd_num": 190,
  "fd_perc": 79.16666666666667,
  "fwhm_avg": 3.0828304189433537,
  "fwhm_x": 3.0805333333333333,
  "fwhm_y": 3.0738366666666668,
  "fwhm_z": 3.0941212568300602,
  "gcor": 0.0151719,
  "gsr_x": -0.03957224637269974,
  "gsr_y": 0.13701629638671875,
  "provenance": {
    "md5sum": "f0b2b0ed5093d4c0745450ffef05be58",
    "settings": {
      "fd_thres": 0.2,
      "testing": false
    },
    "software": "mriqc",
    "version": "22.0.1",
    "webapi_port": null,
    "webapi_url": "https://mriqc.nimh.nih.gov/api/v1"
  },
  "size_t": 240,
  "size_x": 64,
  "size_y": 64,
  "size_z": 43,
  "snr": 2.02351502013566,
  "spacing_tr": 3.0,
  "spacing_x": 3.0,
  "spacing_y": 3.0,
  "spacing_z": 3.299999952316284,
  "summary_bg_k": 23.729101757559523,
  "summary_bg_mad": 26.68684276094015,
  "summary_bg_mean": 103.34369659423828,
  "summary_bg_median": 47.3458366394043,
  "summary_bg_n": 100211.0,
  "summary_bg_p05": 27.345834732055664,
  "summary_bg_p95": 368.0666809082031,
  "summary_bg_stdv": 143.92137145996094,
  "summary_fg_k": 8.481256638366387,
  "summary_fg_mad": 257.3643254903585,
  "summary_fg_mean": 881.7764892578125,
  "summary_fg_median": 785.479248046875,
  "summary_fg_n": 37514.0,
  "summary_fg_p05": 486.66668701171875,
  "summary_fg_p95": 1623.6282348632812,
  "summary_fg_stdv": 388.17047119140625,
  "tsnr": 33.66412259952631
}