{
  "aor": 0.010148833333333333,
  "aqi": 0.016219727208333333,
  "bids_meta": {
    "AcquisitionNumber": 1,
    "AcquisitionTime": "18:38:58.117500",
    "BandwidthPerPixelPhaseEncode": 29.481,
    "ConversionSoftware": "dcm2niix",
    "ConversionSoftwareVersion": "v1.0.20170724 GCC4.4.7",
    "DeviceSerialNumber": "35414",
    "EchoTime": 0.025,
    "EffectiveEchoSpacing": 0.000530002,
    "FlipAngle": 90,
    "ImageType": [
      "ORIGINAL",
      "PRIMARY",
      "M",
      "ND",
      "MOSAIC"
    ],
    "InstitutionAddress": "Mikeletegi_69_San_Sebastian_District_ES_20009",
    "InstitutionName": "BCBL",
    "MagneticFieldStrength": 3,
    "Manufacturer": "Siemens",
    "ManufacturersModelName": "TrioTim",
    "PhaseEncodingDirection": "j-",
    "PhaseEncodingLines": 64,
    "ProcedureStepDescription": "CRANEO_FUNCIONAL",
    "ProtocolName": "ep2d_Didak_VF_L2_Run2",
    "RepetitionTime": 3,
    "ScanningSequence": "EP",
    "SequenceName": "_epfid2d1_64",
    "SequenceVariant": "SK",
    "SeriesDescription": "ep2d_Didak_VF_L2_Run2",
    "SliceTiming": [
      2.9225,
      2.8525,
      2.7825,
      2.715,
      2.645,
      2.575,
      2.505,
      2.435,
      2.3675,
      2.2975,
      2.2275,
      2.1575,
      2.0875,
      2.0175,
      1.95,
      1.88,
      1.81,
      1.74,
      1.67,
      1.6,
      1.5325,
      1.4625,
      1.3925,
      1.3225,
      1.2525,
      1.1825,
      1.115,
      1.045,
      0.975,
      0.905,
      0.835,
      0.7675,
      0.6975,
      0.6275,
      0.5575,
      0.4875,
      0.4175,
      0.35,
      0.28,
      0.21,
      0.14,
      0.07,
      0
    ],
    "SoftwareVersions": "syngo_MR_B17",
    "TaskName": "prodLn",
    "TotalReadoutTime": 0.0333901,
    "dataset": "ds003542",
    "modality": "bold",
    "run_id": 2,
    "subject_id": "28",
    "task_id": "prodLn"
  },
  "dummy_trs": 0,
  "dvars_nstd": 55.870085544602496,
  "dvars_std": 1.3411931617573227,
  "dvars_vstd": 1.0402206358158994,
  "efc": 0.5848142727666428,
  "fber": 247.5324249267578,
  "fd_mean": 0.5568247606248017,
  "fd_num": 174,
  "fd_perc": 72.5,
  "fwhm_avg": 2.946617185917695,
  "fwhm_x": 2.93323,
  "fwhm_y": 2.9583366666666664,
  "fwhm_z": 2.948284891086418,
  "gcor": 0.0178985,
  "gsr_x": -0.032155927270650864,
  "gsr_y": 0.15830107033252716,
  "provenance": {
    "md5sum": "33d87b052e4ef4edef858c85a38552f4",
    "settings": {
      "fd_thres": 0.2,
      "testing": false
    },
    "software": "mriqc",
    "version": "22.0.1",
    "webapi_port": null,
    "webapi_url": "https://mriqc.nimh.nih.gov/api/v1"
  },
  "size_t": 240,
  "size_x": 64,
  "size_y": 64,
  "size_z": 43,
  "snr": 2.203168070471715,
  "spacing_tr": 3.0,
  "spacing_x": 3.0,
  "spacing_y": 3.0,
  "spacing_z": 3.299999952316284,
  "summary_bg_k": 30.18527124312112,
  "summary_bg_mad": 24.666795541522678,
  "summary_bg_mean": 101.10273742675781,
  "summary_bg_median": 46.116668701171875,
  "summary_bg_n": 98361.0,
  "summary_bg_p05": 28.53750228881836,
  "summary_bg_p95": 345.80419921875,
  "summary_bg_stdv": 144.47607421875,
  "summary_fg_k": 8.700042664446604,
  "summary_fg_mad": 238.00091070030328,
  "summary_fg_mean": 833.3026733398438,
  "summary_fg_median": 752.6187744140625,
  "summary_fg_n": 37786.0,
  "summary_fg_p05": 474.31356048583984,
  "summary_fg_p95": 1456.7303161621094,
  "summary_fg_stdv": 341.6029968261719,
  "tsnr": 36.775152754737064
}