{
  "aor": 0.009942054054054053,
  "aqi": 0.004168617297297297,
  "bids_meta": {
    "AcquisitionNumber": 1,
    "AcquisitionTime": "16:26:11.585000",
    "BandwidthPerPixelPhaseEncode": 28.409,
    "ConversionSoftware": "dcm2niix",
    "ConversionSoftwareVersion": "v1.0.20170724 GCC4.4.7",
    "DeviceSerialNumber": "35414",
    "EchoTime": 0.03,
    "EffectiveEchoSpacing": 0.000550002,
    "FlipAngle": 80,
    "ImageType": [
      "ORIGINAL",
      "PRIMARY",
      "FMRI",
      "NONE",
      "ND",
      "MOSAIC"
    ],
    "InstitutionAddress": "Mikeletegi_69_San_Sebastian_District_ES_20009",
    "InstitutionName": "BCBL",
    "MagneticFieldStrength": 3,
    "Manufacturer": "Siemens",
    "ManufacturersModelName": "TrioTim",
    "PhaseEncodingDirection": "j-",
    "PhaseEncodingLines": 64,
    "ProcedureStepDescription": "CRANEO_FUNCIONAL",
    "ProtocolName": "ep2d_PiN_L1_Run1",
    "RepetitionTime": 2,
    "ScanningSequence": "EP",
    "SequenceName": "_epfid2d1_64",
    "SequenceVariant": "SK",
    "SeriesDescription": "ep2d_PiN_L1_Run1",
    "SliceTiming": [
      1.925,
      1.8625,
      1.8025,
      1.74,
      1.6775,
      1.615,
      1.5525,
      1.49,
      1.43,
      1.3675,
      1.305,
      1.2425,
      1.18,
      1.1175,
      1.055,
      0.995,
      0.9325,
      0.87,
      0.8075,
      0.745,
      0.6825,
      0.6225,
      0.56,
      0.4975,
      0.435,
      0.3725,
      0.31,
      0.25,
      0.1875,
      0.125,
      0.0625,
      0
    ],
    "SoftwareVersions": "syngo_MR_B17",
    "TaskName": "compL1",
    "TotalReadoutTime": 0.0346501,
    "dataset": "ds003542",
    "modality": "bold",
    "run_id": 1,
    "subject_id": "28",
    "task_id": "compL1"
  },
  "dummy_trs": 1,
  "dvars_nstd": 20.136096938913045,
  "dvars_std": 1.204071557880435,
  "dvars_vstd": 1.0311348983695654,
  "efc": 0.488188375323215,
  "fber": 844.337158203125,
  "fd_mean": 0.2093958763508009,
  "fd_num": 71,
  "fd_perc": 38.37837837837838,
  "fwhm_avg": 2.9903254545454545,
  "fwhm_x": 3.0448,
  "fwhm_y": 3.058676363636364,
  "fwhm_z": 2.8675,
  "gcor": 0.0229461,
  "gsr_x": -0.02230818197131157,
  "gsr_y": 0.07076388597488403,
  "provenance": {
    "md5sum": "5fd2a542b751fb05156a406654dad88e",
    "settings": {
      "fd_thres": 0.2,
      "testing": false
    },
    "software": "mriqc",
    "version": "22.0.1",
    "webapi_port": null,
    "webapi_url": "https://mriqc.nimh.nih.gov/api/v1"
  },
  "size_t": 185,
  "size_x": 64,
  "size_y": 64,
  "size_z": 32,
  "snr": 2.1779439503050426,
  "spacing_tr": 2.0,
  "spacing_x": 3.4375,
  "spacing_y": 3.4375,
  "spacing_z": 4.0,
  "summary_bg_k": 47.92318205168389,
  "summary_bg_mad": 8.19838831925582,
  "summary_bg_mean": 42.845943450927734,
  "summary_bg_median": 21.427026748657227,
  "summary_bg_n": 80101.0,
  "summary_bg_p05": 15.221622467041016,
  "summary_bg_p95": 138.47567749023438,
  "summary_bg_stdv": 66.4828872680664,
  "summary_fg_k": 5.826754250950941,
  "summary_fg_mad": 190.48232869150098,
  "summary_fg_mean": 700.8142700195312,
  "summary_fg_median": 626.310791015625,
  "summary_fg_n": 21566.0,
  "summary_fg_p05": 402.37569427490234,
  "summary_fg_p95": 1282.1216735839844,
  "summary_fg_stdv": 287.5630798339844,
  "tsnr": 73.55975350923836
}