{
  "aor": 0.022905434782608695,
  "aqi": 0.009403401739130434,
  "bids_meta": {
    "AcquisitionNumber": 1,
    "AcquisitionTime": "18:16:18.392500",
    "BandwidthPerPixelPhaseEncode": 28.409,
    "ConversionSoftware": "dcm2niix",
    "ConversionSoftwareVersion": "v1.0.20170724 GCC4.4.7",
    "DeviceSerialNumber": "35414",
    "EchoTime": 0.03,
    "EffectiveEchoSpacing": 0.000550002,
    "FlipAngle": 80,
    "ImageType": [
      "ORIGINAL",
      "PRIMARY",
      "FMRI",
      "NONE",
      "ND",
      "MOSAIC"
    ],
    "InstitutionAddress": "Mikeletegi_69_San_Sebastian_District_ES_20009",
    "InstitutionName": "BCBL",
    "MagneticFieldStrength": 3,
    "Manufacturer": "Siemens",
    "ManufacturersModelName": "TrioTim",
    "PhaseEncodingDirection": "j-",
    "PhaseEncodingLines": 64,
    "ProcedureStepDescription": "CRANEO_FUNCIONAL",
    "ProtocolName": "ep2d_PiN_L2_Run3",
    "RepetitionTime": 2,
    "ScanningSequence": "EP",
    "SequenceName": "_epfid2d1_64",
    "SequenceVariant": "SK",
    "SeriesDescription": "ep2d_PiN_L2_Run3",
    "SliceTiming": [
      1.925,
      1.8625,
      1.8,
      1.74,
      1.6775,
      1.615,
      1.5525,
      1.49,
      1.4275,
      1.365,
      1.305,
      1.2425,
      1.18,
      1.1175,
      1.055,
      0.9925,
      0.9325,
      0.87,
      0.8075,
      0.745,
      0.6825,
      0.62,
      0.5575,
      0.4975,
      0.435,
      0.3725,
      0.31,
      0.2475,
      0.185,
      0.125,
      0.0625,
      0
    ],
    "SoftwareVersions": "syngo_MR_B17",
    "TaskName": "compLn",
    "TotalReadoutTime": 0.0346501,
    "dataset": "ds003542",
    "modality": "bold",
    "run_id": 3,
    "subject_id": "28",
    "task_id": "compLn"
  },
  "dummy_trs": 2,
  "dvars_nstd": 34.3825919875956,
  "dvars_std": 1.2801149550819677,
  "dvars_vstd": 1.085446681748634,
  "efc": 0.5064471158367446,
  "fber": 762.8237915039062,
  "fd_mean": 0.4461353563725325,
  "fd_num": 105,
  "fd_perc": 57.06521739130435,
  "fwhm_avg": 2.859668727272727,
  "fwhm_x": 2.849204363636364,
  "fwhm_y": 2.986501818181818,
  "fwhm_z": 2.7433,
  "gcor": 0.0166664,
  "gsr_x": -0.0296902135014534,
  "gsr_y": 0.09248065203428268,
  "provenance": {
    "md5sum": "c0cf2b135c43cc6ccc1215896ebd439a",
    "settings": {
      "fd_thres": 0.2,
      "testing": false
    },
    "software": "mriqc",
    "version": "22.0.1",
    "webapi_port": null,
    "webapi_url": "https://mriqc.nimh.nih.gov/api/v1"
  },
  "size_t": 184,
  "size_x": 64,
  "size_y": 64,
  "size_z": 32,
  "snr": 2.39440353787392,
  "spacing_tr": 2.0,
  "spacing_x": 3.4375,
  "spacing_y": 3.4375,
  "spacing_z": 4.0,
  "summary_bg_k": 41.176331618904996,
  "summary_bg_mad": 9.064824146013297,
  "summary_bg_mean": 47.345970153808594,
  "summary_bg_median": 21.119565963745117,
  "summary_bg_n": 80028.0,
  "summary_bg_p05": 14.559782981872559,
  "summary_bg_p95": 165.3847824096676,
  "summary_bg_stdv": 77.60965728759766,
  "summary_fg_k": 6.402628799910914,
  "summary_fg_mad": 173.40808376058212,
  "summary_fg_mean": 648.4907836914062,
  "summary_fg_median": 590.7825927734375,
  "summary_fg_n": 21821.0,
  "summary_fg_p05": 381.228271484375,
  "summary_fg_p95": 1116.4456787109375,
  "summary_fg_stdv": 246.72911071777344,
  "tsnr": 47.18989838147536
}