{
  "aor": 0.002547849462365591,
  "aqi": 0.004905232258064516,
  "bids_meta": {
    "AcquisitionNumber": 1,
    "AcquisitionTime": "15:46:29.937500",
    "BandwidthPerPixelPhaseEncode": 28.409,
    "ConversionSoftware": "dcm2niix",
    "ConversionSoftwareVersion": "v1.0.20170724 GCC4.4.7",
    "DeviceSerialNumber": "35414",
    "EchoTime": 0.03,
    "EffectiveEchoSpacing": 0.000550002,
    "FlipAngle": 80,
    "ImageType": [
      "ORIGINAL",
      "PRIMARY",
      "FMRI",
      "NONE",
      "ND",
      "MOSAIC"
    ],
    "InstitutionAddress": "Mikeletegi_69_San_Sebastian_District_ES_20009",
    "InstitutionName": "BCBL",
    "MagneticFieldStrength": 3,
    "Manufacturer": "Siemens",
    "ManufacturersModelName": "TrioTim",
    "PhaseEncodingDirection": "j-",
    "PhaseEncodingLines": 64,
    "ProcedureStepDescription": "CRANEO_FUNCIONAL",
    "ProtocolName": "ep2d_PiN_L1_Run3",
    "RepetitionTime": 2,
    "ScanningSequence": "EP",
    "SequenceName": "_epfid2d1_64",
    "SequenceVariant": "SK",
    "SeriesDescription": "ep2d_PiN_L1_Run3",
    "SliceTiming": [
      1.925,
      1.865,
      1.8025,
      1.74,
      1.6775,
      1.615,
      1.5525,
      1.4925,
      1.43,
      1.3675,
      1.305,
      1.2425,
      1.18,
      1.12,
      1.0575,
      0.995,
      0.9325,
      0.87,
      0.8075,
      0.745,
      0.685,
      0.6225,
      0.56,
      0.4975,
      0.435,
      0.3725,
      0.3125,
      0.25,
      0.1875,
      0.125,
      0.0625,
      0
    ],
    "SoftwareVersions": "syngo_MR_B17",
    "TaskName": "compL1",
    "TotalReadoutTime": 0.0346501,
    "dataset": "ds003542",
    "modality": "bold",
    "run_id": 3,
    "subject_id": "22",
    "task_id": "compL1"
  },
  "dummy_trs": 0,
  "dvars_nstd": 30.10408016389188,
  "dvars_std": 1.229847076918919,
  "dvars_vstd": 0.9906106362702707,
  "efc": 0.5190464943419325,
  "fber": 667.57275390625,
  "fd_mean": 0.31440157124749674,
  "fd_num": 119,
  "fd_perc": 63.97849462365591,
  "fwhm_avg": 2.5549991515151516,
  "fwhm_x": 2.4719709090909094,
  "fwhm_y": 2.7933265454545455,
  "fwhm_z": 2.3997,
  "gcor": 0.0458759,
  "gsr_x": -0.014118337072432041,
  "gsr_y": 0.09174059331417084,
  "provenance": {
    "md5sum": "618ad5609945adce25a3de050c50730c",
    "settings": {
      "fd_thres": 0.2,
      "testing": false
    },
    "software": "mriqc",
    "version": "22.0.1",
    "webapi_port": null,
    "webapi_url": "https://mriqc.nimh.nih.gov/api/v1"
  },
  "size_t": 186,
  "size_x": 64,
  "size_y": 64,
  "size_z": 32,
  "snr": 2.6730021049030945,
  "spacing_tr": 2.0,
  "spacing_x": 3.4375,
  "spacing_y": 3.4375,
  "spacing_z": 4.0,
  "summary_bg_k": 135.19092838799997,
  "summary_bg_mad": 9.110828849900775,
  "summary_bg_mean": 43.14099884033203,
  "summary_bg_median": 20.54838752746582,
  "summary_bg_n": 78546.0,
  "summary_bg_p05": 13.881720542907715,
  "summary_bg_p95": 144.11693954467773,
  "summary_bg_stdv": 75.50707244873047,
  "summary_fg_k": 3.1256889759588233,
  "summary_fg_mad": 169.2238769746031,
  "summary_fg_mean": 578.9400634765625,
  "summary_fg_median": 541.0,
  "summary_fg_n": 21583.0,
  "summary_fg_p05": 329.65215454101565,
  "summary_fg_p95": 955.777972412109,
  "summary_fg_stdv": 202.38946533203125,
  "tsnr": 56.988109038211405
}