{
  "aor": 0.002128064516129032,
  "aqi": 0.004503059247311828,
  "bids_meta": {
    "AcquisitionNumber": 1,
    "AcquisitionTime": "15:39:5.725000",
    "BandwidthPerPixelPhaseEncode": 28.409,
    "ConversionSoftware": "dcm2niix",
    "ConversionSoftwareVersion": "v1.0.20170724 GCC4.4.7",
    "DeviceSerialNumber": "35414",
    "EchoTime": 0.03,
    "EffectiveEchoSpacing": 0.000550002,
    "FlipAngle": 80,
    "ImageType": [
      "ORIGINAL",
      "PRIMARY",
      "FMRI",
      "NONE",
      "ND",
      "MOSAIC"
    ],
    "InstitutionAddress": "Mikeletegi_69_San_Sebastian_District_ES_20009",
    "InstitutionName": "BCBL",
    "MagneticFieldStrength": 3,
    "Manufacturer": "Siemens",
    "ManufacturersModelName": "TrioTim",
    "PhaseEncodingDirection": "j-",
    "PhaseEncodingLines": 64,
    "ProcedureStepDescription": "CRANEO_FUNCIONAL",
    "ProtocolName": "ep2d_PiN_L1_Run2",
    "RepetitionTime": 2,
    "ScanningSequence": "EP",
    "SequenceName": "_epfid2d1_64",
    "SequenceVariant": "SK",
    "SeriesDescription": "ep2d_PiN_L1_Run2",
    "SliceTiming": [
      1.925,
      1.8625,
      1.8,
      1.74,
      1.6775,
      1.615,
      1.5525,
      1.49,
      1.4275,
      1.3675,
      1.305,
      1.2425,
      1.18,
      1.1175,
      1.055,
      0.995,
      0.9325,
      0.87,
      0.8075,
      0.745,
      0.6825,
      0.62,
      0.56,
      0.4975,
      0.435,
      0.3725,
      0.31,
      0.2475,
      0.1875,
      0.125,
      0.0625,
      0
    ],
    "SoftwareVersions": "syngo_MR_B17",
    "TaskName": "compL1",
    "TotalReadoutTime": 0.0346501,
    "dataset": "ds003542",
    "modality": "bold",
    "run_id": 2,
    "subject_id": "22",
    "task_id": "compL1"
  },
  "dummy_trs": 0,
  "dvars_nstd": 29.408020401189177,
  "dvars_std": 1.2171636622702697,
  "dvars_vstd": 0.9685974755675671,
  "efc": 0.5181544198863599,
  "fber": 649.8953857421875,
  "fd_mean": 0.30434444356140394,
  "fd_num": 121,
  "fd_perc": 65.05376344086021,
  "fwhm_avg": 2.5679666515151514,
  "fwhm_x": 2.483621818181818,
  "fwhm_y": 2.791595636363636,
  "fwhm_z": 2.4286825,
  "gcor": 0.0472924,
  "gsr_x": -0.014390763826668262,
  "gsr_y": 0.09154590964317322,
  "provenance": {
    "md5sum": "b8d48830db8d14fb0747209cdd370f9c",
    "settings": {
      "fd_thres": 0.2,
      "testing": false
    },
    "software": "mriqc",
    "version": "22.0.1",
    "webapi_port": null,
    "webapi_url": "https://mriqc.nimh.nih.gov/api/v1"
  },
  "size_t": 186,
  "size_x": 64,
  "size_y": 64,
  "size_z": 32,
  "snr": 2.6132580897612545,
  "spacing_tr": 2.0,
  "spacing_x": 3.4375,
  "spacing_y": 3.4375,
  "spacing_z": 4.0,
  "summary_bg_k": 136.32382370880268,
  "summary_bg_mad": 9.310103858552264,
  "summary_bg_mean": 43.26245880126953,
  "summary_bg_median": 20.865591049194336,
  "summary_bg_n": 78401.0,
  "summary_bg_p05": 14.0,
  "summary_bg_p95": 143.09677124023438,
  "summary_bg_stdv": 76.03652954101562,
  "summary_fg_k": 3.5713297101702137,
  "summary_fg_mad": 170.77027524804316,
  "summary_fg_mean": 582.3751220703125,
  "summary_fg_median": 541.8494873046875,
  "summary_fg_n": 21610.0,
  "summary_fg_p05": 328.9540298461914,
  "summary_fg_p95": 968.8029388427734,
  "summary_fg_stdv": 207.34153747558594,
  "tsnr": 53.93186405999586
}