{
  "aor": 0.015168874999999997,
  "aqi": 0.014915912083333335,
  "bids_meta": {
    "AcquisitionNumber": 1,
    "AcquisitionTime": "16:55:49.277500",
    "BandwidthPerPixelPhaseEncode": 29.481,
    "ConversionSoftware": "dcm2niix",
    "ConversionSoftwareVersion": "v1.0.20170724 GCC4.4.7",
    "DeviceSerialNumber": "35414",
    "EchoTime": 0.025,
    "EffectiveEchoSpacing": 0.000530002,
    "FlipAngle": 90,
    "ImageType": [
      "ORIGINAL",
      "PRIMARY",
      "M",
      "ND",
      "MOSAIC"
    ],
    "InstitutionAddress": "Mikeletegi_69_San_Sebastian_District_ES_20009",
    "InstitutionName": "BCBL",
    "MagneticFieldStrength": 3,
    "Manufacturer": "Siemens",
    "ManufacturersModelName": "TrioTim",
    "PhaseEncodingDirection": "j-",
    "PhaseEncodingLines": 64,
    "ProcedureStepDescription": "CRANEO_FUNCIONAL",
    "ProtocolName": "ep2d_Didak_VF_L2_Run1",
    "RepetitionTime": 3,
    "ScanningSequence": "EP",
    "SequenceName": "_epfid2d1_64",
    "SequenceVariant": "SK",
    "SeriesDescription": "ep2d_Didak_VF_L2_Run1",
    "SliceTiming": [
      2.9225,
      2.8525,
      2.7825,
      2.715,
      2.645,
      2.575,
      2.505,
      2.435,
      2.365,
      2.2975,
      2.2275,
      2.1575,
      2.0875,
      2.0175,
      1.9475,
      1.88,
      1.81,
      1.74,
      1.67,
      1.6,
      1.53,
      1.4625,
      1.3925,
      1.3225,
      1.2525,
      1.1825,
      1.1125,
      1.045,
      0.975,
      0.905,
      0.835,
      0.765,
      0.6975,
      0.6275,
      0.5575,
      0.4875,
      0.4175,
      0.3475,
      0.28,
      0.21,
      0.14,
      0.07,
      0
    ],
    "SoftwareVersions": "syngo_MR_B17",
    "TaskName": "prodLn",
    "TotalReadoutTime": 0.0333901,
    "dataset": "ds003542",
    "modality": "bold",
    "run_id": 1,
    "subject_id": "22",
    "task_id": "prodLn"
  },
  "dummy_trs": 0,
  "dvars_nstd": 65.49984677338912,
  "dvars_std": 1.346190803933054,
  "dvars_vstd": 1.0892981761924687,
  "efc": 0.5928033746982965,
  "fber": 219.49107360839844,
  "fd_mean": 0.6659352618526736,
  "fd_num": 214,
  "fd_perc": 89.16666666666667,
  "fwhm_avg": 2.7587979926988844,
  "fwhm_x": 2.6498399999999998,
  "fwhm_y": 2.948093333333333,
  "fwhm_z": 2.67846064476332,
  "gcor": 0.0285685,
  "gsr_x": -0.014886723831295967,
  "gsr_y": 0.1431899070739746,
  "provenance": {
    "md5sum": "5d62df827fca1f3c3511817a12804388",
    "settings": {
      "fd_thres": 0.2,
      "testing": false
    },
    "software": "mriqc",
    "version": "22.0.1",
    "webapi_port": null,
    "webapi_url": "https://mriqc.nimh.nih.gov/api/v1"
  },
  "size_t": 240,
  "size_x": 64,
  "size_y": 64,
  "size_z": 43,
  "snr": 2.270088754043075,
  "spacing_tr": 3.0,
  "spacing_x": 3.0,
  "spacing_y": 3.0,
  "spacing_z": 3.299999952316284,
  "summary_bg_k": 62.547079702242854,
  "summary_bg_mad": 24.672971542585483,
  "summary_bg_mean": 95.65029907226562,
  "summary_bg_median": 47.88750076293945,
  "summary_bg_n": 96508.0,
  "summary_bg_p05": 28.837501525878906,
  "summary_bg_p95": 310.51627655029284,
  "summary_bg_stdv": 135.7622528076172,
  "summary_fg_k": 4.682417215561916,
  "summary_fg_mad": 259.7519267803531,
  "summary_fg_mean": 791.580322265625,
  "summary_fg_median": 725.0458984375,
  "summary_fg_n": 38192.0,
  "summary_fg_p05": 423.32667846679686,
  "summary_fg_p95": 1391.3839782714842,
  "summary_fg_stdv": 319.3868103027344,
  "tsnr": 27.78698334796354
}