{
  "aor": 0.0051307027027027025,
  "aqi": 0.004558121135135135,
  "bids_meta": {
    "AcquisitionNumber": 1,
    "AcquisitionTime": "17:34:36.672500",
    "BandwidthPerPixelPhaseEncode": 28.409,
    "ConversionSoftware": "dcm2niix",
    "ConversionSoftwareVersion": "v1.0.20170724 GCC4.4.7",
    "DeviceSerialNumber": "35414",
    "EchoTime": 0.03,
    "EffectiveEchoSpacing": 0.000550002,
    "FlipAngle": 80,
    "ImageType": [
      "ORIGINAL",
      "PRIMARY",
      "FMRI",
      "NONE",
      "ND",
      "MOSAIC"
    ],
    "InstitutionAddress": "Mikeletegi_69_San_Sebastian_District_ES_20009",
    "InstitutionName": "BCBL",
    "MagneticFieldStrength": 3,
    "Manufacturer": "Siemens",
    "ManufacturersModelName": "TrioTim",
    "PhaseEncodingDirection": "j-",
    "PhaseEncodingLines": 64,
    "ProcedureStepDescription": "CRANEO_FUNCIONAL",
    "ProtocolName": "ep2d_PiN_L2_Run2",
    "RepetitionTime": 2,
    "ScanningSequence": "EP",
    "SequenceName": "_epfid2d1_64",
    "SequenceVariant": "SK",
    "SeriesDescription": "ep2d_PiN_L2_Run2",
    "SliceTiming": [
      1.925,
      1.8625,
      1.8,
      1.7375,
      1.6775,
      1.615,
      1.5525,
      1.49,
      1.4275,
      1.365,
      1.305,
      1.2425,
      1.18,
      1.1175,
      1.055,
      0.9925,
      0.93,
      0.87,
      0.8075,
      0.745,
      0.6825,
      0.62,
      0.5575,
      0.4975,
      0.435,
      0.3725,
      0.31,
      0.2475,
      0.185,
      0.125,
      0.0625,
      0
    ],
    "SoftwareVersions": "syngo_MR_B17",
    "TaskName": "compLn",
    "TotalReadoutTime": 0.0346501,
    "dataset": "ds003542",
    "modality": "bold",
    "run_id": 2,
    "subject_id": "22",
    "task_id": "compLn"
  },
  "dummy_trs": 1,
  "dvars_nstd": 33.59327365489132,
  "dvars_std": 1.2851492534239133,
  "dvars_vstd": 1.0051464065217395,
  "efc": 0.5240874475379239,
  "fber": 566.9411010742188,
  "fd_mean": 0.3489622631264416,
  "fd_num": 129,
  "fd_perc": 69.72972972972973,
  "fwhm_avg": 2.5585669242424243,
  "fwhm_x": 2.4819287272727273,
  "fwhm_y": 2.7843345454545454,
  "fwhm_z": 2.4094375,
  "gcor": 0.0349334,
  "gsr_x": -0.01585487835109234,
  "gsr_y": 0.07584347575902939,
  "provenance": {
    "md5sum": "d928bba4fe5519399112486f432004f1",
    "settings": {
      "fd_thres": 0.2,
      "testing": false
    },
    "software": "mriqc",
    "version": "22.0.1",
    "webapi_port": null,
    "webapi_url": "https://mriqc.nimh.nih.gov/api/v1"
  },
  "size_t": 185,
  "size_x": 64,
  "size_y": 64,
  "size_z": 32,
  "snr": 2.524663267362433,
  "spacing_tr": 2.0,
  "spacing_x": 3.4375,
  "spacing_y": 3.4375,
  "spacing_z": 4.0,
  "summary_bg_k": 26.88030037853399,
  "summary_bg_mad": 9.664963758446655,
  "summary_bg_mean": 42.028568267822266,
  "summary_bg_median": 22.07567596435547,
  "summary_bg_n": 77581.0,
  "summary_bg_p05": 14.94054126739502,
  "summary_bg_p95": 144.01622009277344,
  "summary_bg_stdv": 53.77923583984375,
  "summary_fg_k": 3.7329375032204837,
  "summary_fg_mad": 177.7560111315118,
  "summary_fg_mean": 583.3776245117188,
  "summary_fg_median": 541.7864990234375,
  "summary_fg_n": 21726.0,
  "summary_fg_p05": 325.0702819824219,
  "summary_fg_p95": 988.1297760009766,
  "summary_fg_stdv": 214.59259033203125,
  "tsnr": 54.836724986322224
}