{
  "aor": 0.0022308064516129034,
  "aqi": 0.004590850161290323,
  "bids_meta": {
    "AcquisitionNumber": 1,
    "AcquisitionTime": "15:31:38.905000",
    "BandwidthPerPixelPhaseEncode": 28.409,
    "ConversionSoftware": "dcm2niix",
    "ConversionSoftwareVersion": "v1.0.20170724 GCC4.4.7",
    "DeviceSerialNumber": "35414",
    "EchoTime": 0.03,
    "EffectiveEchoSpacing": 0.000550002,
    "FlipAngle": 80,
    "ImageType": [
      "ORIGINAL",
      "PRIMARY",
      "FMRI",
      "NONE",
      "ND",
      "MOSAIC"
    ],
    "InstitutionAddress": "Mikeletegi_69_San_Sebastian_District_ES_20009",
    "InstitutionName": "BCBL",
    "MagneticFieldStrength": 3,
    "Manufacturer": "Siemens",
    "ManufacturersModelName": "TrioTim",
    "PhaseEncodingDirection": "j-",
    "PhaseEncodingLines": 64,
    "ProcedureStepDescription": "CRANEO_FUNCIONAL",
    "ProtocolName": "ep2d_PiN_L1_Run1",
    "RepetitionTime": 2,
    "ScanningSequence": "EP",
    "SequenceName": "_epfid2d1_64",
    "SequenceVariant": "SK",
    "SeriesDescription": "ep2d_PiN_L1_Run1",
    "SliceTiming": [
      1.925,
      1.8625,
      1.8,
      1.74,
      1.6775,
      1.615,
      1.5525,
      1.49,
      1.4275,
      1.365,
      1.305,
      1.2425,
      1.18,
      1.1175,
      1.055,
      0.9925,
      0.9325,
      0.87,
      0.8075,
      0.745,
      0.6825,
      0.62,
      0.56,
      0.4975,
      0.435,
      0.3725,
      0.31,
      0.2475,
      0.185,
      0.125,
      0.0625,
      0
    ],
    "SoftwareVersions": "syngo_MR_B17",
    "TaskName": "compL1",
    "TotalReadoutTime": 0.0346501,
    "dataset": "ds003542",
    "modality": "bold",
    "run_id": 1,
    "subject_id": "22",
    "task_id": "compL1"
  },
  "dummy_trs": 0,
  "dvars_nstd": 26.43987063810812,
  "dvars_std": 1.1655541550810817,
  "dvars_vstd": 0.9515561491891894,
  "efc": 0.5187497084728923,
  "fber": 631.1868286132812,
  "fd_mean": 0.25981856970965267,
  "fd_num": 108,
  "fd_perc": 58.064516129032256,
  "fwhm_avg": 2.6346117272727274,
  "fwhm_x": 2.5346763636363634,
  "fwhm_y": 2.8996538181818186,
  "fwhm_z": 2.469505,
  "gcor": 0.0310477,
  "gsr_x": -0.018250295892357826,
  "gsr_y": 0.09145072102546692,
  "provenance": {
    "md5sum": "4db65ef5c7a4ebcd2aaedf399f0f908e",
    "settings": {
      "fd_thres": 0.2,
      "testing": false
    },
    "software": "mriqc",
    "version": "22.0.1",
    "webapi_port": null,
    "webapi_url": "https://mriqc.nimh.nih.gov/api/v1"
  },
  "size_t": 186,
  "size_x": 64,
  "size_y": 64,
  "size_z": 32,
  "snr": 2.553811247988184,
  "spacing_tr": 2.0,
  "spacing_x": 3.4375,
  "spacing_y": 3.4375,
  "spacing_z": 4.0,
  "summary_bg_k": 141.5864438212162,
  "summary_bg_mad": 9.828217749910406,
  "summary_bg_mean": 44.24394226074219,
  "summary_bg_median": 21.365591049194336,
  "summary_bg_n": 78407.0,
  "summary_bg_p05": 14.145161628723145,
  "summary_bg_p95": 144.8086013793945,
  "summary_bg_stdv": 77.09740447998047,
  "summary_fg_k": 3.6368874792880135,
  "summary_fg_mad": 176.05102762931617,
  "summary_fg_mean": 589.938720703125,
  "summary_fg_median": 547.758056640625,
  "summary_fg_n": 21774.0,
  "summary_fg_p05": 330.58333282470704,
  "summary_fg_p95": 993.147021484375,
  "summary_fg_stdv": 214.48158264160156,
  "tsnr": 55.91538514290005
}