{
  "aor": 0.002239625,
  "aqi": 0.005625888125000001,
  "bids_meta": {
    "AcquisitionNumber": 1,
    "AcquisitionTime": "15:01:57.692500",
    "BandwidthPerPixelPhaseEncode": 29.481,
    "ConversionSoftware": "dcm2niix",
    "ConversionSoftwareVersion": "v1.0.20170724 GCC4.4.7",
    "DeviceSerialNumber": "35414",
    "EchoTime": 0.025,
    "EffectiveEchoSpacing": 0.000530002,
    "FlipAngle": 90,
    "ImageType": [
      "ORIGINAL",
      "PRIMARY",
      "M",
      "ND",
      "MOSAIC"
    ],
    "InstitutionAddress": "Mikeletegi_69_San_Sebastian_District_ES_20009",
    "InstitutionName": "BCBL",
    "MagneticFieldStrength": 3,
    "Manufacturer": "Siemens",
    "ManufacturersModelName": "TrioTim",
    "PhaseEncodingDirection": "j-",
    "PhaseEncodingLines": 64,
    "ProcedureStepDescription": "CRANEO_FUNCIONAL",
    "ProtocolName": "ep2d_Didak_VF_L1_Run1",
    "RepetitionTime": 3,
    "ScanningSequence": "EP",
    "SequenceName": "_epfid2d1_64",
    "SequenceVariant": "SK",
    "SeriesDescription": "ep2d_Didak_VF_L1_Run1",
    "SliceTiming": [
      2.9225,
      2.8525,
      2.785,
      2.715,
      2.645,
      2.575,
      2.505,
      2.435,
      2.3675,
      2.2975,
      2.2275,
      2.1575,
      2.0875,
      2.0175,
      1.95,
      1.88,
      1.81,
      1.74,
      1.67,
      1.6025,
      1.5325,
      1.4625,
      1.3925,
      1.3225,
      1.2525,
      1.185,
      1.115,
      1.045,
      0.975,
      0.905,
      0.835,
      0.7675,
      0.6975,
      0.6275,
      0.5575,
      0.4875,
      0.4175,
      0.35,
      0.28,
      0.21,
      0.14,
      0.07,
      0
    ],
    "SoftwareVersions": "syngo_MR_B17",
    "TaskName": "prodL1",
    "TotalReadoutTime": 0.0333901,
    "dataset": "ds003542",
    "modality": "bold",
    "run_id": 1,
    "subject_id": "22",
    "task_id": "prodL1"
  },
  "dummy_trs": 0,
  "dvars_nstd": 35.49381864995817,
  "dvars_std": 1.2376399284937238,
  "dvars_vstd": 0.9982872321338907,
  "efc": 0.5865385833738719,
  "fber": 258.30010986328125,
  "fd_mean": 0.26249215184705027,
  "fd_num": 146,
  "fd_perc": 60.833333333333336,
  "fwhm_avg": 2.746598598908394,
  "fwhm_x": 2.6134566666666665,
  "fwhm_y": 2.9169633333333334,
  "fwhm_z": 2.7093757967251832,
  "gcor": 0.0487443,
  "gsr_x": -0.016084227710962296,
  "gsr_y": 0.14208266139030457,
  "provenance": {
    "md5sum": "8eb209eb8dd818932fcd5f0a1f0bdd1f",
    "settings": {
      "fd_thres": 0.2,
      "testing": false
    },
    "software": "mriqc",
    "version": "22.0.1",
    "webapi_port": null,
    "webapi_url": "https://mriqc.nimh.nih.gov/api/v1"
  },
  "size_t": 240,
  "size_x": 64,
  "size_y": 64,
  "size_z": 43,
  "snr": 2.3096546264820965,
  "spacing_tr": 3.0,
  "spacing_x": 3.0,
  "spacing_y": 3.0,
  "spacing_z": 3.299999952316284,
  "summary_bg_k": 79.56416291069414,
  "summary_bg_mad": 21.01589097185981,
  "summary_bg_mean": 89.74163055419922,
  "summary_bg_median": 43.062503814697266,
  "summary_bg_n": 96787.0,
  "summary_bg_p05": 27.720834732055664,
  "summary_bg_p95": 295.24376220703107,
  "summary_bg_stdv": 138.44659423828125,
  "summary_fg_k": 4.652115836900022,
  "summary_fg_mad": 250.32196495245694,
  "summary_fg_mean": 782.4036254882812,
  "summary_fg_median": 716.2083740234375,
  "summary_fg_n": 38048.0,
  "summary_fg_p05": 424.3656524658203,
  "summary_fg_p95": 1364.6846740722656,
  "summary_fg_stdv": 310.0892028808594,
  "tsnr": 54.65124882210512
}