{
  "aor": 0.0016390416666666667,
  "aqi": 0.006001975833333333,
  "bids_meta": {
    "AcquisitionNumber": 1,
    "AcquisitionTime": "15:15:38.210000",
    "BandwidthPerPixelPhaseEncode": 29.481,
    "ConversionSoftware": "dcm2niix",
    "ConversionSoftwareVersion": "v1.0.20170724 GCC4.4.7",
    "DeviceSerialNumber": "35414",
    "EchoTime": 0.025,
    "EffectiveEchoSpacing": 0.000530002,
    "FlipAngle": 90,
    "ImageType": [
      "ORIGINAL",
      "PRIMARY",
      "M",
      "ND",
      "MOSAIC"
    ],
    "InstitutionAddress": "Mikeletegi_69_San_Sebastian_District_ES_20009",
    "InstitutionName": "BCBL",
    "MagneticFieldStrength": 3,
    "Manufacturer": "Siemens",
    "ManufacturersModelName": "TrioTim",
    "PhaseEncodingDirection": "j-",
    "PhaseEncodingLines": 64,
    "ProcedureStepDescription": "CRANEO_FUNCIONAL",
    "ProtocolName": "ep2d_Didak_VF_L1_Run2",
    "RepetitionTime": 3,
    "ScanningSequence": "EP",
    "SequenceName": "_epfid2d1_64",
    "SequenceVariant": "SK",
    "SeriesDescription": "ep2d_Didak_VF_L1_Run2",
    "SliceTiming": [
      2.9225,
      2.8525,
      2.7825,
      2.715,
      2.645,
      2.575,
      2.505,
      2.435,
      2.365,
      2.2975,
      2.2275,
      2.1575,
      2.0875,
      2.0175,
      1.9475,
      1.88,
      1.81,
      1.74,
      1.67,
      1.6,
      1.5325,
      1.4625,
      1.3925,
      1.3225,
      1.2525,
      1.1825,
      1.115,
      1.045,
      0.975,
      0.905,
      0.835,
      0.765,
      0.6975,
      0.6275,
      0.5575,
      0.4875,
      0.4175,
      0.3475,
      0.28,
      0.21,
      0.14,
      0.07,
      0
    ],
    "SoftwareVersions": "syngo_MR_B17",
    "TaskName": "prodL1",
    "TotalReadoutTime": 0.0333901,
    "dataset": "ds003542",
    "modality": "bold",
    "run_id": 2,
    "subject_id": "22",
    "task_id": "prodL1"
  },
  "dummy_trs": 0,
  "dvars_nstd": 34.07994246410042,
  "dvars_std": 1.1939442244769873,
  "dvars_vstd": 0.9733914878661089,
  "efc": 0.5883847414753415,
  "fber": 256.3102722167969,
  "fd_mean": 0.2604683997313768,
  "fd_num": 139,
  "fd_perc": 57.916666666666664,
  "fwhm_avg": 2.7167497098692297,
  "fwhm_x": 2.583396666666667,
  "fwhm_y": 2.8886766666666666,
  "fwhm_z": 2.6781757962743558,
  "gcor": 0.0344387,
  "gsr_x": -0.015974290668964386,
  "gsr_y": 0.1463937610387802,
  "provenance": {
    "md5sum": "f5220345497e70f970e8170652e1335c",
    "settings": {
      "fd_thres": 0.2,
      "testing": false
    },
    "software": "mriqc",
    "version": "22.0.1",
    "webapi_port": null,
    "webapi_url": "https://mriqc.nimh.nih.gov/api/v1"
  },
  "size_t": 240,
  "size_x": 64,
  "size_y": 64,
  "size_z": 43,
  "snr": 2.3260520181519326,
  "spacing_tr": 3.0,
  "spacing_x": 3.0,
  "spacing_y": 3.0,
  "spacing_z": 3.299999952316284,
  "summary_bg_k": 81.26344442535043,
  "summary_bg_mad": 21.266076985609388,
  "summary_bg_mean": 90.3763198852539,
  "summary_bg_median": 42.92500305175781,
  "summary_bg_n": 96800.0,
  "summary_bg_p05": 27.250001907348633,
  "summary_bg_p95": 299.04210357666017,
  "summary_bg_stdv": 139.59454345703125,
  "summary_fg_k": 4.676728458054095,
  "summary_fg_mad": 246.30969079679775,
  "summary_fg_mean": 774.3358764648438,
  "summary_fg_median": 709.0167236328125,
  "summary_fg_n": 37975.0,
  "summary_fg_p05": 421.0391876220703,
  "summary_fg_p95": 1343.3583984375,
  "summary_fg_stdv": 304.8114929199219,
  "tsnr": 51.750083836726844
}