{
  "aor": 0.006094125,
  "aqi": 0.011720601416666665,
  "bids_meta": {
    "AcquisitionNumber": 1,
    "AcquisitionTime": "17:11:23.160000",
    "BandwidthPerPixelPhaseEncode": 29.481,
    "ConversionSoftware": "dcm2niix",
    "ConversionSoftwareVersion": "v1.0.20170724 GCC4.4.7",
    "DeviceSerialNumber": "35414",
    "EchoTime": 0.025,
    "EffectiveEchoSpacing": 0.000530002,
    "FlipAngle": 90,
    "ImageType": [
      "ORIGINAL",
      "PRIMARY",
      "M",
      "ND",
      "MOSAIC"
    ],
    "InstitutionAddress": "Mikeletegi_69_San_Sebastian_District_ES_20009",
    "InstitutionName": "BCBL",
    "MagneticFieldStrength": 3,
    "Manufacturer": "Siemens",
    "ManufacturersModelName": "TrioTim",
    "PhaseEncodingDirection": "j-",
    "PhaseEncodingLines": 64,
    "ProcedureStepDescription": "CRANEO_FUNCIONAL",
    "ProtocolName": "ep2d_Didak_VF_L2_Run2",
    "RepetitionTime": 3,
    "ScanningSequence": "EP",
    "SequenceName": "_epfid2d1_64",
    "SequenceVariant": "SK",
    "SeriesDescription": "ep2d_Didak_VF_L2_Run2",
    "SliceTiming": [
      2.9225,
      2.8525,
      2.785,
      2.715,
      2.645,
      2.575,
      2.505,
      2.435,
      2.3675,
      2.2975,
      2.2275,
      2.1575,
      2.0875,
      2.0175,
      1.95,
      1.88,
      1.81,
      1.74,
      1.67,
      1.6,
      1.5325,
      1.4625,
      1.3925,
      1.3225,
      1.2525,
      1.1825,
      1.115,
      1.045,
      0.975,
      0.905,
      0.835,
      0.7675,
      0.6975,
      0.6275,
      0.5575,
      0.4875,
      0.4175,
      0.35,
      0.28,
      0.21,
      0.14,
      0.07,
      0
    ],
    "SoftwareVersions": "syngo_MR_B17",
    "TaskName": "prodLn",
    "TotalReadoutTime": 0.0333901,
    "dataset": "ds003542",
    "modality": "bold",
    "run_id": 2,
    "subject_id": "22",
    "task_id": "prodLn"
  },
  "dummy_trs": 0,
  "dvars_nstd": 52.65186593133891,
  "dvars_std": 1.2210940786610875,
  "dvars_vstd": 0.9703385614644349,
  "efc": 0.5974409481223648,
  "fber": 217.24313354492188,
  "fd_mean": 0.4721435376512205,
  "fd_num": 193,
  "fd_perc": 80.41666666666667,
  "fwhm_avg": 2.6445117294812532,
  "fwhm_x": 2.5522766666666667,
  "fwhm_y": 2.8255766666666666,
  "fwhm_z": 2.5556818551104263,
  "gcor": 0.0116051,
  "gsr_x": -0.012067810632288456,
  "gsr_y": 0.14487510919570923,
  "provenance": {
    "md5sum": "16018fdf380c07d00c16be6851d8842d",
    "settings": {
      "fd_thres": 0.2,
      "testing": false
    },
    "software": "mriqc",
    "version": "22.0.1",
    "webapi_port": null,
    "webapi_url": "https://mriqc.nimh.nih.gov/api/v1"
  },
  "size_t": 240,
  "size_x": 64,
  "size_y": 64,
  "size_z": 43,
  "snr": 2.37492286189171,
  "spacing_tr": 3.0,
  "spacing_x": 3.0,
  "spacing_y": 3.0,
  "spacing_z": 3.299999952316284,
  "summary_bg_k": 62.971928484525094,
  "summary_bg_mad": 21.262987571158327,
  "summary_bg_mean": 93.95789337158203,
  "summary_bg_median": 46.54166793823242,
  "summary_bg_n": 96962.0,
  "summary_bg_p05": 30.35000228881836,
  "summary_bg_p95": 309.16314544677715,
  "summary_bg_stdv": 133.7574005126953,
  "summary_fg_k": 4.560154003603682,
  "summary_fg_mad": 244.14750223423837,
  "summary_fg_mean": 761.708984375,
  "summary_fg_median": 701.4417114257812,
  "summary_fg_n": 38239.0,
  "summary_fg_p05": 412.3958435058594,
  "summary_fg_p95": 1309.6442260742183,
  "summary_fg_stdv": 295.349609375,
  "tsnr": 33.261629591695964
}