{
  "aor": 0.005418972972972973,
  "aqi": 0.0070822967027027025,
  "bids_meta": {
    "AcquisitionNumber": 1,
    "AcquisitionTime": "17:27:3.482500",
    "BandwidthPerPixelPhaseEncode": 28.409,
    "ConversionSoftware": "dcm2niix",
    "ConversionSoftwareVersion": "v1.0.20170724 GCC4.4.7",
    "DeviceSerialNumber": "35414",
    "EchoTime": 0.03,
    "EffectiveEchoSpacing": 0.000550002,
    "FlipAngle": 80,
    "ImageType": [
      "ORIGINAL",
      "PRIMARY",
      "FMRI",
      "NONE",
      "ND",
      "MOSAIC"
    ],
    "InstitutionAddress": "Mikeletegi_69_San_Sebastian_District_ES_20009",
    "InstitutionName": "BCBL",
    "MagneticFieldStrength": 3,
    "Manufacturer": "Siemens",
    "ManufacturersModelName": "TrioTim",
    "PhaseEncodingDirection": "j-",
    "PhaseEncodingLines": 64,
    "ProcedureStepDescription": "CRANEO_FUNCIONAL",
    "ProtocolName": "ep2d_PiN_L2_Run1",
    "RepetitionTime": 2,
    "ScanningSequence": "EP",
    "SequenceName": "_epfid2d1_64",
    "SequenceVariant": "SK",
    "SeriesDescription": "ep2d_PiN_L2_Run1",
    "SliceTiming": [
      1.925,
      1.8625,
      1.8,
      1.7375,
      1.675,
      1.615,
      1.5525,
      1.49,
      1.4275,
      1.365,
      1.3025,
      1.2425,
      1.18,
      1.1175,
      1.055,
      0.9925,
      0.93,
      0.87,
      0.8075,
      0.745,
      0.6825,
      0.62,
      0.5575,
      0.495,
      0.435,
      0.3725,
      0.31,
      0.2475,
      0.185,
      0.1225,
      0.0625,
      0
    ],
    "SoftwareVersions": "syngo_MR_B17",
    "TaskName": "compLn",
    "TotalReadoutTime": 0.0346501,
    "dataset": "ds003542",
    "modality": "bold",
    "run_id": 1,
    "subject_id": "22",
    "task_id": "compLn"
  },
  "dummy_trs": 1,
  "dvars_nstd": 34.283656161902194,
  "dvars_std": 1.1543925478804353,
  "dvars_vstd": 0.9698992323913045,
  "efc": 0.523381250541403,
  "fber": 566.9136352539062,
  "fd_mean": 0.3740298191424564,
  "fd_num": 131,
  "fd_perc": 70.8108108108108,
  "fwhm_avg": 2.6061463030303034,
  "fwhm_x": 2.5038923636363637,
  "fwhm_y": 2.8528465454545455,
  "fwhm_z": 2.4617,
  "gcor": 0.0349159,
  "gsr_x": -0.02165375091135502,
  "gsr_y": 0.09475231915712357,
  "provenance": {
    "md5sum": "5837700dd443c8f16cfd86fd13349c79",
    "settings": {
      "fd_thres": 0.2,
      "testing": false
    },
    "software": "mriqc",
    "version": "22.0.1",
    "webapi_port": null,
    "webapi_url": "https://mriqc.nimh.nih.gov/api/v1"
  },
  "size_t": 185,
  "size_x": 64,
  "size_y": 64,
  "size_z": 32,
  "snr": 2.588244735826327,
  "spacing_tr": 2.0,
  "spacing_x": 3.4375,
  "spacing_y": 3.4375,
  "spacing_z": 4.0,
  "summary_bg_k": 157.80785074236852,
  "summary_bg_mad": 10.17786452802857,
  "summary_bg_mean": 45.52952194213867,
  "summary_bg_median": 22.302703857421875,
  "summary_bg_n": 78255.0,
  "summary_bg_p05": 14.762162208557129,
  "summary_bg_p95": 151.73513641357437,
  "summary_bg_stdv": 77.91043853759766,
  "summary_fg_k": 3.0823917953748,
  "summary_fg_mad": 177.73194056326702,
  "summary_fg_mean": 585.7504272460938,
  "summary_fg_median": 545.810791015625,
  "summary_fg_n": 21678.0,
  "summary_fg_p05": 327.8824493408203,
  "summary_fg_p95": 984.9089355468748,
  "summary_fg_stdv": 210.8758087158203,
  "tsnr": 49.75530367158353
}