{
  "bids_meta": {
    "AccelFactPE": 2,
    "AcquisitionNumber": 1,
    "AcquisitionTime": "14:52:3.537500",
    "ConversionSoftware": "dcm2niix",
    "ConversionSoftwareVersion": "v1.0.20170724 GCC4.4.7",
    "DeviceSerialNumber": "35414",
    "EchoTime": 0.0035,
    "FlipAngle": 7,
    "ImageType": [
      "ORIGINAL",
      "PRIMARY",
      "M",
      "ND",
      "NORM"
    ],
    "InstitutionAddress": "Mikeletegi_69_San_Sebastian_District_ES_20009",
    "InstitutionName": "BCBL",
    "InversionTime": 1.1,
    "MagneticFieldStrength": 3,
    "Manufacturer": "Siemens",
    "ManufacturersModelName": "TrioTim",
    "PhaseEncodingDirection": "i-",
    "PhaseEncodingLines": 256,
    "ProcedureStepDescription": "CRANEO_FUNCIONAL",
    "ProtocolName": "t1_mpr_sag_p2_1mm_iso_MGH",
    "RepetitionTime": 2.53,
    "ScanningSequence": "GR_IR",
    "SequenceName": "_tfl3d1_ns",
    "SequenceVariant": "SP_MP",
    "SeriesDescription": "t1_mpr_sag_p2_1mm_iso_MGH",
    "SoftwareVersions": "syngo_MR_B17",
    "dataset": "ds003542",
    "modality": "T1w",
    "subject_id": "15"
  },
  "cjv": 0.3492147254492491,
  "cnr": 3.7335228685251485,
  "efc": 0.5211743188031627,
  "fber": 27419.086618106143,
  "fwhm_avg": 3.81362,
  "fwhm_x": 3.84237,
  "fwhm_y": 3.98788,
  "fwhm_z": 3.61061,
  "icvs_csf": 0.24164779411721507,
  "icvs_gm": 0.41460346913021734,
  "icvs_wm": 0.34374873675256756,
  "inu_med": 0.4585021436214447,
  "inu_range": 0.13414669036865234,
  "provenance": {
    "md5sum": "5a653a14fb1331554fdc2a8bcd011a0d",
    "settings": {
      "testing": false
    },
    "software": "mriqc",
    "version": "22.0.1",
    "warnings": {
      "large_rot_frame": true,
      "small_air_mask": false
    },
    "webapi_port": null,
    "webapi_url": "https://mriqc.nimh.nih.gov/api/v1"
  },
  "qi_1": 0.0,
  "qi_2": 0.013505951556652093,
  "rpve_csf": 21.220874487807407,
  "rpve_gm": 12.143793883517938,
  "rpve_wm": 16.997768903499143,
  "size_x": 176,
  "size_y": 256,
  "size_z": 256,
  "snr_csf": 1.681792339952921,
  "snr_gm": 9.056618518547177,
  "snr_total": 11.717016810608882,
  "snr_wm": 24.41263957332655,
  "snrd_csf": 32.07818909693275,
  "snrd_gm": 128.312756387731,
  "snrd_total": 116.36941502805429,
  "snrd_wm": 188.7172995994991,
  "spacing_x": 1.0,
  "spacing_y": 1.0,
  "spacing_z": 1.0,
  "summary_bg_k": 11.9085289402011,
  "summary_bg_mad": 3.4713694093316443,
  "summary_bg_mean": 3.866188112887977,
  "summary_bg_median": 2.3414030857384205,
  "summary_bg_n": 4078600.0,
  "summary_bg_p05": 0.0,
  "summary_bg_p95": 15.97013614140451,
  "summary_bg_stdv": 5.9953968636929185,
  "summary_csf_k": 1.6244251199473876,
  "summary_csf_mad": 74.78181175668689,
  "summary_csf_mean": 192.38860395064745,
  "summary_csf_median": 169.9726107995957,
  "summary_csf_n": 63146.0,
  "summary_csf_p05": 65.78569566132501,
  "summary_csf_p95": 404.5215604780242,
  "summary_csf_stdv": 101.06554827634129,
  "summary_gm_k": 0.11034320076536419,
  "summary_gm_mad": 73.52098418820322,
  "summary_gm_mean": 679.4051458771615,
  "summary_gm_median": 679.8904431983829,
  "summary_gm_n": 30824.0,
  "summary_gm_p05": 555.7552155437879,
  "summary_gm_p95": 804.0068954508752,
  "summary_gm_stdv": 75.06989646608001,
  "summary_wm_k": 1.0603202376759278,
  "summary_wm_mad": 38.25056103867321,
  "summary_wm_mean": 997.7447226349582,
  "summary_wm_median": 999.9558272771537,
  "summary_wm_n": 212155.0,
  "summary_wm_p05": 928.0570815782994,
  "summary_wm_p95": 1059.7499607969075,
  "summary_wm_stdv": 40.96048145910371,
  "tpm_overlap_csf": 0.1552908771265479,
  "tpm_overlap_gm": 0.4722431796452984,
  "tpm_overlap_wm": 0.525317271905485,
  "wm2max": 0.7954525487164169
}