{
  "aor": 0.011157849462365591,
  "aqi": 0.005331008387096775,
  "bids_meta": {
    "AcquisitionNumber": 1,
    "AcquisitionTime": "17:39:1.830000",
    "BandwidthPerPixelPhaseEncode": 28.409,
    "ConversionSoftware": "dcm2niix",
    "ConversionSoftwareVersion": "v1.0.20170724 GCC4.4.7",
    "DeviceSerialNumber": "35414",
    "EchoTime": 0.03,
    "EffectiveEchoSpacing": 0.000550002,
    "FlipAngle": 80,
    "ImageType": [
      "ORIGINAL",
      "PRIMARY",
      "FMRI",
      "NONE",
      "ND",
      "MOSAIC"
    ],
    "InstitutionAddress": "Mikeletegi_69_San_Sebastian_District_ES_20009",
    "InstitutionName": "BCBL",
    "MagneticFieldStrength": 3,
    "Manufacturer": "Siemens",
    "ManufacturersModelName": "TrioTim",
    "PhaseEncodingDirection": "j-",
    "PhaseEncodingLines": 64,
    "ProcedureStepDescription": "CRANEO_FUNCIONAL",
    "ProtocolName": "ep2d_PiN_L2_Run3",
    "RepetitionTime": 2,
    "ScanningSequence": "EP",
    "SequenceName": "_epfid2d1_64",
    "SequenceVariant": "SK",
    "SeriesDescription": "ep2d_PiN_L2_Run3",
    "SliceTiming": [
      1.925,
      1.865,
      1.8025,
      1.74,
      1.6775,
      1.615,
      1.5525,
      1.4925,
      1.43,
      1.3675,
      1.305,
      1.2425,
      1.18,
      1.12,
      1.0575,
      0.995,
      0.9325,
      0.87,
      0.8075,
      0.745,
      0.685,
      0.6225,
      0.56,
      0.4975,
      0.435,
      0.3725,
      0.3125,
      0.25,
      0.1875,
      0.125,
      0.0625,
      0
    ],
    "SoftwareVersions": "syngo_MR_B17",
    "TaskName": "compLn",
    "TotalReadoutTime": 0.0346501,
    "dataset": "ds003542",
    "modality": "bold",
    "run_id": 3,
    "subject_id": "04",
    "task_id": "compLn"
  },
  "dummy_trs": 0,
  "dvars_nstd": 26.62268206616217,
  "dvars_std": 1.1541190541621626,
  "dvars_vstd": 0.9890693064324322,
  "efc": 0.4847949099016029,
  "fber": 1135.0274658203125,
  "fd_mean": 0.26683892677561616,
  "fd_num": 58,
  "fd_perc": 31.182795698924732,
  "fwhm_avg": 2.507528,
  "fwhm_x": 2.443770181818182,
  "fwhm_y": 2.699813818181818,
  "fwhm_z": 2.379,
  "gcor": 0.0337316,
  "gsr_x": -0.007343949284404516,
  "gsr_y": 0.032307207584381104,
  "provenance": {
    "md5sum": "d833988f7ac01ab887468f22be60e94a",
    "settings": {
      "fd_thres": 0.2,
      "testing": false
    },
    "software": "mriqc",
    "version": "22.0.1",
    "webapi_port": null,
    "webapi_url": "https://mriqc.nimh.nih.gov/api/v1"
  },
  "size_t": 186,
  "size_x": 64,
  "size_y": 64,
  "size_z": 32,
  "snr": 3.54779533124704,
  "spacing_tr": 2.0,
  "spacing_x": 3.4375,
  "spacing_y": 3.4375,
  "spacing_z": 4.0,
  "summary_bg_k": 39.78940201099003,
  "summary_bg_mad": 5.743089969992505,
  "summary_bg_mean": 33.1178092956543,
  "summary_bg_median": 16.669353485107422,
  "summary_bg_n": 83838.0,
  "summary_bg_p05": 12.349462509155273,
  "summary_bg_p95": 105.56612777709955,
  "summary_bg_stdv": 53.34714889526367,
  "summary_fg_k": 1.2816347331877518,
  "summary_fg_mad": 133.62554258487856,
  "summary_fg_mean": 593.9759521484375,
  "summary_fg_median": 565.231201171875,
  "summary_fg_n": 18717.0,
  "summary_fg_p05": 381.0677490234375,
  "summary_fg_p95": 906.3537475585938,
  "summary_fg_stdv": 159.3147430419922,
  "tsnr": 55.163237064844
}