{
  "aor": 0.004768541666666666,
  "aqi": 0.010653690208333334,
  "bids_meta": {
    "AcquisitionNumber": 1,
    "AcquisitionTime": "16:31:11.205000",
    "BandwidthPerPixelPhaseEncode": 29.481,
    "ConversionSoftware": "dcm2niix",
    "ConversionSoftwareVersion": "v1.0.20170724 GCC4.4.7",
    "DeviceSerialNumber": "35414",
    "EchoTime": 0.025,
    "EffectiveEchoSpacing": 0.000530002,
    "FlipAngle": 90,
    "ImageType": [
      "ORIGINAL",
      "PRIMARY",
      "M",
      "ND",
      "MOSAIC"
    ],
    "InstitutionAddress": "Mikeletegi_69_San_Sebastian_District_ES_20009",
    "InstitutionName": "BCBL",
    "MagneticFieldStrength": 3,
    "Manufacturer": "Siemens",
    "ManufacturersModelName": "TrioTim",
    "PhaseEncodingDirection": "j-",
    "PhaseEncodingLines": 64,
    "ProcedureStepDescription": "CRANEO_FUNCIONAL",
    "ProtocolName": "ep2d_Didak_VF_L1_Run2",
    "RepetitionTime": 3,
    "ScanningSequence": "EP",
    "SequenceName": "_epfid2d1_64",
    "SequenceVariant": "SK",
    "SeriesDescription": "ep2d_Didak_VF_L1_Run2",
    "SliceTiming": [
      2.9225,
      2.8525,
      2.7825,
      2.7125,
      2.6425,
      2.575,
      2.505,
      2.435,
      2.365,
      2.295,
      2.225,
      2.1575,
      2.0875,
      2.0175,
      1.9475,
      1.8775,
      1.81,
      1.74,
      1.67,
      1.6,
      1.53,
      1.46,
      1.3925,
      1.3225,
      1.2525,
      1.1825,
      1.1125,
      1.0425,
      0.975,
      0.905,
      0.835,
      0.765,
      0.695,
      0.625,
      0.5575,
      0.4875,
      0.4175,
      0.3475,
      0.2775,
      0.21,
      0.14,
      0.07,
      0
    ],
    "SoftwareVersions": "syngo_MR_B17",
    "TaskName": "prodL1",
    "TotalReadoutTime": 0.0333901,
    "dataset": "ds003542",
    "modality": "bold",
    "run_id": 2,
    "subject_id": "04",
    "task_id": "prodL1"
  },
  "dummy_trs": 0,
  "dvars_nstd": 35.95499942899581,
  "dvars_std": 1.044796872259414,
  "dvars_vstd": 0.9101312325941421,
  "efc": 0.55100486806734,
  "fber": 462.23394775390625,
  "fd_mean": 0.428570598072304,
  "fd_num": 146,
  "fd_perc": 60.833333333333336,
  "fwhm_avg": 2.686631666844397,
  "fwhm_x": 2.6243733333333332,
  "fwhm_y": 2.823306666666667,
  "fwhm_z": 2.612215000533191,
  "gcor": 0.0265284,
  "gsr_x": 0.003026728518307209,
  "gsr_y": 0.06480201333761215,
  "provenance": {
    "md5sum": "97941040eb521342dea4dc73b494cabc",
    "settings": {
      "fd_thres": 0.2,
      "testing": false
    },
    "software": "mriqc",
    "version": "22.0.1",
    "webapi_port": null,
    "webapi_url": "https://mriqc.nimh.nih.gov/api/v1"
  },
  "size_t": 240,
  "size_x": 64,
  "size_y": 64,
  "size_z": 43,
  "snr": 3.0935304921108777,
  "spacing_tr": 3.0,
  "spacing_x": 3.0,
  "spacing_y": 3.0,
  "spacing_z": 3.3000001907348633,
  "summary_bg_k": 27.376523864066137,
  "summary_bg_mad": 12.94806257983348,
  "summary_bg_mean": 64.12312316894531,
  "summary_bg_median": 33.520835876464844,
  "summary_bg_n": 105643.0,
  "summary_bg_p05": 23.745834350585938,
  "summary_bg_p95": 209.87376556396478,
  "summary_bg_stdv": 84.19036865234375,
  "summary_fg_k": 1.8520553151055896,
  "summary_fg_mad": 191.6510859915293,
  "summary_fg_mean": 769.8805541992188,
  "summary_fg_median": 723.6187744140625,
  "summary_fg_n": 32756.0,
  "summary_fg_p05": 474.9750213623047,
  "summary_fg_p95": 1236.2365417480469,
  "summary_fg_stdv": 233.91000366210938,
  "tsnr": 35.69993200886529
}