{
  "aor": 0.023230107526881722,
  "aqi": 0.007339961290322581,
  "bids_meta": {
    "AcquisitionNumber": 1,
    "AcquisitionTime": "17:30:2.657500",
    "BandwidthPerPixelPhaseEncode": 28.409,
    "ConversionSoftware": "dcm2niix",
    "ConversionSoftwareVersion": "v1.0.20170724 GCC4.4.7",
    "DeviceSerialNumber": "35414",
    "EchoTime": 0.03,
    "EffectiveEchoSpacing": 0.000550002,
    "FlipAngle": 80,
    "ImageType": [
      "ORIGINAL",
      "PRIMARY",
      "FMRI",
      "NONE",
      "ND",
      "MOSAIC"
    ],
    "InstitutionAddress": "Mikeletegi_69_San_Sebastian_District_ES_20009",
    "InstitutionName": "BCBL",
    "MagneticFieldStrength": 3,
    "Manufacturer": "Siemens",
    "ManufacturersModelName": "TrioTim",
    "PhaseEncodingDirection": "j-",
    "PhaseEncodingLines": 64,
    "ProcedureStepDescription": "CRANEO_FUNCIONAL",
    "ProtocolName": "ep2d_PiN_L2_Run2",
    "RepetitionTime": 2,
    "ScanningSequence": "EP",
    "SequenceName": "_epfid2d1_64",
    "SequenceVariant": "SK",
    "SeriesDescription": "ep2d_PiN_L2_Run2",
    "SliceTiming": [
      1.925,
      1.8625,
      1.8,
      1.7375,
      1.675,
      1.6125,
      1.5525,
      1.49,
      1.4275,
      1.365,
      1.3025,
      1.24,
      1.18,
      1.1175,
      1.055,
      0.9925,
      0.93,
      0.8675,
      0.8075,
      0.745,
      0.6825,
      0.62,
      0.5575,
      0.495,
      0.4325,
      0.3725,
      0.31,
      0.2475,
      0.185,
      0.1225,
      0.06,
      0
    ],
    "SoftwareVersions": "syngo_MR_B17",
    "TaskName": "compLn",
    "TotalReadoutTime": 0.0346501,
    "dataset": "ds003542",
    "modality": "bold",
    "run_id": 2,
    "subject_id": "04",
    "task_id": "compLn"
  },
  "dummy_trs": 0,
  "dvars_nstd": 24.394262329081087,
  "dvars_std": 1.0729402179999994,
  "dvars_vstd": 0.9461273312432429,
  "efc": 0.4838857241897937,
  "fber": 1153.3798828125,
  "fd_mean": 0.24652294655937657,
  "fd_num": 45,
  "fd_perc": 24.193548387096776,
  "fwhm_avg": 2.4955531363636365,
  "fwhm_x": 2.4364800000000004,
  "fwhm_y": 2.6979869090909094,
  "fwhm_z": 2.3521925,
  "gcor": 0.0361653,
  "gsr_x": -0.00509388092905283,
  "gsr_y": 0.03431538864970207,
  "provenance": {
    "md5sum": "1080c5874c3887d029ae21551d240ba9",
    "settings": {
      "fd_thres": 0.2,
      "testing": false
    },
    "software": "mriqc",
    "version": "22.0.1",
    "webapi_port": null,
    "webapi_url": "https://mriqc.nimh.nih.gov/api/v1"
  },
  "size_t": 186,
  "size_x": 64,
  "size_y": 64,
  "size_z": 32,
  "snr": 3.538347610182293,
  "spacing_tr": 2.0,
  "spacing_x": 3.4375,
  "spacing_y": 3.4375,
  "spacing_z": 4.0,
  "summary_bg_k": 43.690963966582046,
  "summary_bg_mad": 5.472076919691848,
  "summary_bg_mean": 32.15776062011719,
  "summary_bg_median": 16.518817901611328,
  "summary_bg_n": 83648.0,
  "summary_bg_p05": 12.553763389587402,
  "summary_bg_p95": 100.49462127685547,
  "summary_bg_stdv": 50.7636833190918,
  "summary_fg_k": 1.304000822908125,
  "summary_fg_mad": 133.30667542377876,
  "summary_fg_mean": 596.7899780273438,
  "summary_fg_median": 567.3091430664062,
  "summary_fg_n": 18656.0,
  "summary_fg_p05": 385.24059295654297,
  "summary_fg_p95": 910.9502716064453,
  "summary_fg_stdv": 160.32736206054688,
  "tsnr": 49.59182349569164
}