{
  "aor": 0.025035916666666668,
  "aqi": 0.021636326166666664,
  "bids_meta": {
    "AcquisitionNumber": 1,
    "AcquisitionTime": "17:48:25.747500",
    "BandwidthPerPixelPhaseEncode": 29.481,
    "ConversionSoftware": "dcm2niix",
    "ConversionSoftwareVersion": "v1.0.20170724 GCC4.4.7",
    "DeviceSerialNumber": "35414",
    "EchoTime": 0.025,
    "EffectiveEchoSpacing": 0.000530002,
    "FlipAngle": 90,
    "ImageType": [
      "ORIGINAL",
      "PRIMARY",
      "M",
      "ND",
      "MOSAIC"
    ],
    "InstitutionAddress": "Mikeletegi_69_San_Sebastian_District_ES_20009",
    "InstitutionName": "BCBL",
    "MagneticFieldStrength": 3,
    "Manufacturer": "Siemens",
    "ManufacturersModelName": "TrioTim",
    "PhaseEncodingDirection": "j-",
    "PhaseEncodingLines": 64,
    "ProcedureStepDescription": "CRANEO_FUNCIONAL",
    "ProtocolName": "ep2d_Didak_VF_L2_Run1",
    "RepetitionTime": 3,
    "ScanningSequence": "EP",
    "SequenceName": "_epfid2d1_64",
    "SequenceVariant": "SK",
    "SeriesDescription": "ep2d_Didak_VF_L2_Run1",
    "SliceTiming": [
      2.9225,
      2.8525,
      2.7825,
      2.715,
      2.645,
      2.575,
      2.505,
      2.435,
      2.365,
      2.2975,
      2.2275,
      2.1575,
      2.0875,
      2.0175,
      1.9475,
      1.88,
      1.81,
      1.74,
      1.67,
      1.6,
      1.5325,
      1.4625,
      1.3925,
      1.3225,
      1.2525,
      1.1825,
      1.115,
      1.045,
      0.975,
      0.905,
      0.835,
      0.765,
      0.6975,
      0.6275,
      0.5575,
      0.4875,
      0.4175,
      0.3475,
      0.28,
      0.21,
      0.14,
      0.07,
      0
    ],
    "SoftwareVersions": "syngo_MR_B17",
    "TaskName": "prodLn",
    "TotalReadoutTime": 0.0333901,
    "dataset": "ds003542",
    "modality": "bold",
    "run_id": 1,
    "subject_id": "04",
    "task_id": "prodLn"
  },
  "dummy_trs": 0,
  "dvars_nstd": 60.98773799527198,
  "dvars_std": 1.2526376459414235,
  "dvars_vstd": 1.1140681110460262,
  "efc": 0.55992343039083,
  "fber": 407.9134521484375,
  "fd_mean": 1.3609566638999744,
  "fd_num": 165,
  "fd_perc": 68.75,
  "fwhm_avg": 2.605909305188124,
  "fwhm_x": 2.515633333333333,
  "fwhm_y": 2.75694,
  "fwhm_z": 2.545154582231039,
  "gcor": 0.0203393,
  "gsr_x": 0.0027256535831838846,
  "gsr_y": 0.06275737285614014,
  "provenance": {
    "md5sum": "c5f22939221bafa9f0f384ce7d33af84",
    "settings": {
      "fd_thres": 0.2,
      "testing": false
    },
    "software": "mriqc",
    "version": "22.0.1",
    "webapi_port": null,
    "webapi_url": "https://mriqc.nimh.nih.gov/api/v1"
  },
  "size_t": 240,
  "size_x": 64,
  "size_y": 64,
  "size_z": 43,
  "snr": 3.3159114819842777,
  "spacing_tr": 3.0,
  "spacing_x": 3.0,
  "spacing_y": 3.0,
  "spacing_z": 3.299999952316284,
  "summary_bg_k": 26.233493323552548,
  "summary_bg_mad": 13.553457731632784,
  "summary_bg_mean": 64.99491882324219,
  "summary_bg_median": 34.5958366394043,
  "summary_bg_n": 105715.0,
  "summary_bg_p05": 24.512500762939453,
  "summary_bg_p95": 212.1216827392576,
  "summary_bg_stdv": 83.18692779541016,
  "summary_fg_k": 1.4507657080511418,
  "summary_fg_mad": 179.5832704056652,
  "summary_fg_mean": 745.4424438476562,
  "summary_fg_median": 704.510498046875,
  "summary_fg_n": 32742.0,
  "summary_fg_p05": 468.7681518554688,
  "summary_fg_p95": 1162.8233764648432,
  "summary_fg_stdv": 212.46035766601562,
  "tsnr": 24.332744215149432
}