{
  "aor": 0.023456416666666667,
  "aqi": 0.023523020000000002,
  "bids_meta": {
    "AcquisitionNumber": 1,
    "AcquisitionTime": "18:02:10.850000",
    "BandwidthPerPixelPhaseEncode": 29.481,
    "ConversionSoftware": "dcm2niix",
    "ConversionSoftwareVersion": "v1.0.20170724 GCC4.4.7",
    "DeviceSerialNumber": "35414",
    "EchoTime": 0.025,
    "EffectiveEchoSpacing": 0.000530002,
    "FlipAngle": 90,
    "ImageType": [
      "ORIGINAL",
      "PRIMARY",
      "M",
      "ND",
      "MOSAIC"
    ],
    "InstitutionAddress": "Mikeletegi_69_San_Sebastian_District_ES_20009",
    "InstitutionName": "BCBL",
    "MagneticFieldStrength": 3,
    "Manufacturer": "Siemens",
    "ManufacturersModelName": "TrioTim",
    "PhaseEncodingDirection": "j-",
    "PhaseEncodingLines": 64,
    "ProcedureStepDescription": "CRANEO_FUNCIONAL",
    "ProtocolName": "ep2d_Didak_VF_L2_Run2",
    "RepetitionTime": 3,
    "ScanningSequence": "EP",
    "SequenceName": "_epfid2d1_64",
    "SequenceVariant": "SK",
    "SeriesDescription": "ep2d_Didak_VF_L2_Run2",
    "SliceTiming": [
      2.9225,
      2.8525,
      2.7825,
      2.715,
      2.645,
      2.575,
      2.505,
      2.435,
      2.365,
      2.2975,
      2.2275,
      2.1575,
      2.0875,
      2.0175,
      1.9475,
      1.88,
      1.81,
      1.74,
      1.67,
      1.6,
      1.53,
      1.4625,
      1.3925,
      1.3225,
      1.2525,
      1.1825,
      1.1125,
      1.045,
      0.975,
      0.905,
      0.835,
      0.765,
      0.6975,
      0.6275,
      0.5575,
      0.4875,
      0.4175,
      0.3475,
      0.28,
      0.21,
      0.14,
      0.07,
      0
    ],
    "SoftwareVersions": "syngo_MR_B17",
    "TaskName": "prodLn",
    "TotalReadoutTime": 0.0333901,
    "dataset": "ds003542",
    "modality": "bold",
    "run_id": 2,
    "subject_id": "04",
    "task_id": "prodLn"
  },
  "dummy_trs": 0,
  "dvars_nstd": 53.57610550046027,
  "dvars_std": 1.0635931998326362,
  "dvars_vstd": 0.9979450276987443,
  "efc": 0.5615807971178244,
  "fber": 410.24609375,
  "fd_mean": 1.0318516476053154,
  "fd_num": 124,
  "fd_perc": 51.666666666666664,
  "fwhm_avg": 2.561261123149403,
  "fwhm_x": 2.46405,
  "fwhm_y": 2.7203666666666666,
  "fwhm_z": 2.4993667027815425,
  "gcor": 0.0196819,
  "gsr_x": 0.0037956058513373137,
  "gsr_y": 0.06283582746982574,
  "provenance": {
    "md5sum": "0c8e8821dbebc24096d20041918beaf5",
    "settings": {
      "fd_thres": 0.2,
      "testing": false
    },
    "software": "mriqc",
    "version": "22.0.1",
    "webapi_port": null,
    "webapi_url": "https://mriqc.nimh.nih.gov/api/v1"
  },
  "size_t": 240,
  "size_x": 64,
  "size_y": 64,
  "size_z": 43,
  "snr": 3.376709548816429,
  "spacing_tr": 3.0,
  "spacing_x": 3.0,
  "spacing_y": 3.0,
  "spacing_z": 3.299999952316284,
  "summary_bg_k": 24.1138137556408,
  "summary_bg_mad": 14.745714376364345,
  "summary_bg_mean": 65.20124053955078,
  "summary_bg_median": 34.71666717529297,
  "summary_bg_n": 105446.0,
  "summary_bg_p05": 22.48750114440918,
  "summary_bg_p95": 216.80209732055664,
  "summary_bg_stdv": 83.28529357910156,
  "summary_fg_k": 1.339463135784297,
  "summary_fg_mad": 179.438123069332,
  "summary_fg_mean": 739.7129516601562,
  "summary_fg_median": 701.6041870117188,
  "summary_fg_n": 32945.0,
  "summary_fg_p05": 465.4008483886719,
  "summary_fg_p95": 1147.0917724609376,
  "summary_fg_stdv": 207.77432250976562,
  "tsnr": 23.199020906817168
}