{
  "aor": 0.006560928961748633,
  "aqi": 0.004821555737704918,
  "bids_meta": {
    "AcquisitionNumber": 1,
    "AcquisitionTime": "15:24:46.120000",
    "BandwidthPerPixelPhaseEncode": 28.409,
    "ConversionSoftware": "dcm2niix",
    "ConversionSoftwareVersion": "v1.0.20170724 GCC4.4.7",
    "DeviceSerialNumber": "35414",
    "EchoTime": 0.03,
    "EffectiveEchoSpacing": 0.000550002,
    "FlipAngle": 80,
    "ImageType": [
      "ORIGINAL",
      "PRIMARY",
      "FMRI",
      "NONE",
      "ND",
      "MOSAIC"
    ],
    "InstitutionAddress": "Mikeletegi_69_San_Sebastian_District_ES_20009",
    "InstitutionName": "BCBL",
    "MagneticFieldStrength": 3,
    "Manufacturer": "Siemens",
    "ManufacturersModelName": "TrioTim",
    "PhaseEncodingDirection": "j-",
    "PhaseEncodingLines": 64,
    "ProcedureStepDescription": "CRANEO_FUNCIONAL",
    "ProtocolName": "ep2d_PiN_L1_Run3",
    "RepetitionTime": 2,
    "ScanningSequence": "EP",
    "SequenceName": "_epfid2d1_64",
    "SequenceVariant": "SK",
    "SeriesDescription": "ep2d_PiN_L1_Run3",
    "SliceTiming": [
      1.925,
      1.8625,
      1.8,
      1.74,
      1.6775,
      1.615,
      1.5525,
      1.49,
      1.4275,
      1.3675,
      1.305,
      1.2425,
      1.18,
      1.1175,
      1.055,
      0.9925,
      0.9325,
      0.87,
      0.8075,
      0.745,
      0.6825,
      0.62,
      0.56,
      0.4975,
      0.435,
      0.3725,
      0.31,
      0.2475,
      0.1875,
      0.125,
      0.0625,
      0
    ],
    "SoftwareVersions": "syngo_MR_B17",
    "TaskName": "compL1",
    "TotalReadoutTime": 0.0346501,
    "dataset": "ds003542",
    "modality": "bold",
    "run_id": 3,
    "subject_id": "13",
    "task_id": "compL1"
  },
  "dummy_trs": 0,
  "dvars_nstd": 25.841606370439553,
  "dvars_std": 1.165750177252747,
  "dvars_vstd": 0.9912007778571438,
  "efc": 0.49360262860091675,
  "fber": 952.5599365234375,
  "fd_mean": 0.31619384571705045,
  "fd_num": 117,
  "fd_perc": 63.9344262295082,
  "fwhm_avg": 2.8059892424242427,
  "fwhm_x": 2.7763636363636364,
  "fwhm_y": 2.9136290909090907,
  "fwhm_z": 2.727975,
  "gcor": 0.0349377,
  "gsr_x": -0.021322166547179222,
  "gsr_y": 0.07371016591787338,
  "provenance": {
    "md5sum": "b7f7b823a097c287f0545ea6d243cc5c",
    "settings": {
      "fd_thres": 0.2,
      "testing": false
    },
    "software": "mriqc",
    "version": "22.0.1",
    "webapi_port": null,
    "webapi_url": "https://mriqc.nimh.nih.gov/api/v1"
  },
  "size_t": 183,
  "size_x": 64,
  "size_y": 64,
  "size_z": 32,
  "snr": 2.5925112195776387,
  "spacing_tr": 2.0,
  "spacing_x": 3.4375,
  "spacing_y": 3.4375,
  "spacing_z": 4.0,
  "summary_bg_k": 127.18295905945538,
  "summary_bg_mad": 4.57743339577252,
  "summary_bg_mean": 35.035823822021484,
  "summary_bg_median": 18.415300369262695,
  "summary_bg_n": 80169.0,
  "summary_bg_p05": 14.74863338470459,
  "summary_bg_p95": 101.88852386474605,
  "summary_bg_stdv": 60.38645553588867,
  "summary_fg_k": 3.6393319479407475,
  "summary_fg_mad": 176.91569040082348,
  "summary_fg_mean": 621.6316528320312,
  "summary_fg_median": 576.3497314453125,
  "summary_fg_n": 21451.0,
  "summary_fg_p05": 357.6748504638672,
  "summary_fg_p95": 1052.5491333007812,
  "summary_fg_stdv": 222.30812072753906,
  "tsnr": 56.835072639165446
}