{
  "aor": 0.0034244864864864865,
  "aqi": 0.0067332073513513505,
  "bids_meta": {
    "AcquisitionNumber": 1,
    "AcquisitionTime": "15:17:2.587500",
    "BandwidthPerPixelPhaseEncode": 28.409,
    "ConversionSoftware": "dcm2niix",
    "ConversionSoftwareVersion": "v1.0.20170724 GCC4.4.7",
    "DeviceSerialNumber": "35414",
    "EchoTime": 0.03,
    "EffectiveEchoSpacing": 0.000550002,
    "FlipAngle": 80,
    "ImageType": [
      "ORIGINAL",
      "PRIMARY",
      "FMRI",
      "NONE",
      "ND",
      "MOSAIC"
    ],
    "InstitutionAddress": "Mikeletegi_69_San_Sebastian_District_ES_20009",
    "InstitutionName": "BCBL",
    "MagneticFieldStrength": 3,
    "Manufacturer": "Siemens",
    "ManufacturersModelName": "TrioTim",
    "PhaseEncodingDirection": "j-",
    "PhaseEncodingLines": 64,
    "ProcedureStepDescription": "CRANEO_FUNCIONAL",
    "ProtocolName": "ep2d_PiN_L1_Run2",
    "RepetitionTime": 2,
    "ScanningSequence": "EP",
    "SequenceName": "_epfid2d1_64",
    "SequenceVariant": "SK",
    "SeriesDescription": "ep2d_PiN_L1_Run2",
    "SliceTiming": [
      1.925,
      1.865,
      1.8025,
      1.74,
      1.6775,
      1.615,
      1.5525,
      1.4925,
      1.43,
      1.3675,
      1.305,
      1.2425,
      1.18,
      1.12,
      1.0575,
      0.995,
      0.9325,
      0.87,
      0.8075,
      0.745,
      0.685,
      0.6225,
      0.56,
      0.4975,
      0.435,
      0.3725,
      0.3125,
      0.25,
      0.1875,
      0.125,
      0.0625,
      0
    ],
    "SoftwareVersions": "syngo_MR_B17",
    "TaskName": "compL1",
    "TotalReadoutTime": 0.0346501,
    "dataset": "ds003542",
    "modality": "bold",
    "run_id": 2,
    "subject_id": "13",
    "task_id": "compL1"
  },
  "dummy_trs": 1,
  "dvars_nstd": 27.345417478641316,
  "dvars_std": 1.0794143544565213,
  "dvars_vstd": 0.9284005034782608,
  "efc": 0.4908026204608217,
  "fber": 1038.2694091796875,
  "fd_mean": 0.36475321747173894,
  "fd_num": 116,
  "fd_perc": 62.7027027027027,
  "fwhm_avg": 2.787290454545454,
  "fwhm_x": 2.7816407272727273,
  "fwhm_y": 2.8677556363636363,
  "fwhm_z": 2.712475,
  "gcor": 0.0263249,
  "gsr_x": -0.02124597877264023,
  "gsr_y": 0.07294484227895737,
  "provenance": {
    "md5sum": "2eb4194b6bbf0bebc2b3b16379125695",
    "settings": {
      "fd_thres": 0.2,
      "testing": false
    },
    "software": "mriqc",
    "version": "22.0.1",
    "webapi_port": null,
    "webapi_url": "https://mriqc.nimh.nih.gov/api/v1"
  },
  "size_t": 185,
  "size_x": 64,
  "size_y": 64,
  "size_z": 32,
  "snr": 2.576041292860227,
  "spacing_tr": 2.0,
  "spacing_x": 3.4375,
  "spacing_y": 3.4375,
  "spacing_z": 4.0,
  "summary_bg_k": 128.77570936054153,
  "summary_bg_mad": 4.776383202902843,
  "summary_bg_mean": 33.9503059387207,
  "summary_bg_median": 17.64324378967285,
  "summary_bg_n": 80172.0,
  "summary_bg_p05": 13.816216468811035,
  "summary_bg_p95": 99.11297340393064,
  "summary_bg_stdv": 59.15528106689453,
  "summary_fg_k": 3.830052128889287,
  "summary_fg_mad": 177.05074800648262,
  "summary_fg_mean": 622.483154296875,
  "summary_fg_median": 577.4027099609375,
  "summary_fg_n": 21458.0,
  "summary_fg_p05": 358.39569396972655,
  "summary_fg_p95": 1060.8354431152343,
  "summary_fg_stdv": 224.13819885253906,
  "tsnr": 50.23100166814402
}