{
  "bids_meta": {
    "AccelFactPE": 2,
    "AcquisitionNumber": 1,
    "AcquisitionTime": "14:39:10.085000",
    "ConversionSoftware": "dcm2niix",
    "ConversionSoftwareVersion": "v1.0.20170724 GCC4.4.7",
    "DeviceSerialNumber": "35414",
    "EchoTime": 0.0035,
    "FlipAngle": 7,
    "ImageType": [
      "ORIGINAL",
      "PRIMARY",
      "M",
      "ND",
      "NORM"
    ],
    "InstitutionAddress": "Mikeletegi_69_San_Sebastian_District_ES_20009",
    "InstitutionName": "BCBL",
    "InversionTime": 1.1,
    "MagneticFieldStrength": 3,
    "Manufacturer": "Siemens",
    "ManufacturersModelName": "TrioTim",
    "PhaseEncodingDirection": "i-",
    "PhaseEncodingLines": 256,
    "ProcedureStepDescription": "CRANEO_FUNCIONAL",
    "ProtocolName": "t1_mpr_sag_p2_1mm_iso_MGH",
    "RepetitionTime": 2.53,
    "ScanningSequence": "GR_IR",
    "SequenceName": "_tfl3d1_ns",
    "SequenceVariant": "SP_MP",
    "SeriesDescription": "t1_mpr_sag_p2_1mm_iso_MGH",
    "SoftwareVersions": "syngo_MR_B17",
    "dataset": "ds003542",
    "modality": "T1w",
    "subject_id": "08"
  },
  "cjv": 0.43184980171699866,
  "cnr": 3.07094411644459,
  "efc": 0.5148463502112925,
  "fber": 16461.882390647417,
  "fwhm_avg": 3.7466233333333334,
  "fwhm_x": 3.85279,
  "fwhm_y": 3.95841,
  "fwhm_z": 3.42867,
  "icvs_csf": 0.2253515295231711,
  "icvs_gm": 0.3955094767623828,
  "icvs_wm": 0.3791389937144461,
  "inu_med": 0.5076083838939667,
  "inu_range": 0.18106008172035215,
  "provenance": {
    "md5sum": "b5e0c32369d2d22c64b1588cf6e205d4",
    "settings": {
      "testing": false
    },
    "software": "mriqc",
    "version": "22.0.1",
    "warnings": {
      "large_rot_frame": true,
      "small_air_mask": false
    },
    "webapi_port": null,
    "webapi_url": "https://mriqc.nimh.nih.gov/api/v1"
  },
  "qi_1": 0.0,
  "qi_2": 0.022870582198361498,
  "rpve_csf": 24.293306247601194,
  "rpve_gm": 13.800985255114163,
  "rpve_wm": 17.331882747504316,
  "size_x": 176,
  "size_y": 256,
  "size_z": 256,
  "snr_csf": 1.703045702521506,
  "snr_gm": 9.337480219945833,
  "snr_total": 11.138328866039593,
  "snr_wm": 22.37446067565144,
  "snrd_csf": 22.214920634071312,
  "snrd_gm": 83.892920012874,
  "snrd_total": 73.97314243052911,
  "snrd_wm": 115.811586644642,
  "spacing_x": 1.0,
  "spacing_y": 1.0,
  "spacing_z": 1.0,
  "summary_bg_k": 6.71907686577682,
  "summary_bg_mad": 5.656915808642959,
  "summary_bg_mean": 5.2184062624040335,
  "summary_bg_median": 3.8155317306518555,
  "summary_bg_n": 3496508.0,
  "summary_bg_p05": 0.0,
  "summary_bg_p95": 16.890087127685547,
  "summary_bg_stdv": 6.232803543255912,
  "summary_csf_k": 1.0393709706140308,
  "summary_csf_mad": 90.47294016622973,
  "summary_csf_mean": 216.90570894890732,
  "summary_csf_median": 191.81949853897095,
  "summary_csf_n": 36191.0,
  "summary_csf_p05": 74.79714035987854,
  "summary_csf_p95": 446.01022243499756,
  "summary_csf_stdv": 112.63165054068186,
  "summary_gm_k": 0.010155177001499371,
  "summary_gm_mad": 76.6323528210833,
  "summary_gm_mean": 722.54637073475,
  "summary_gm_median": 724.3914175033569,
  "summary_gm_n": 19782.0,
  "summary_gm_p05": 590.7740399837494,
  "summary_gm_p95": 849.7659746408463,
  "summary_gm_stdv": 77.57693626672341,
  "summary_wm_k": 0.560685309463453,
  "summary_wm_mad": 42.389155792764576,
  "summary_wm_mean": 1000.0078892826062,
  "summary_wm_median": 999.9999928474426,
  "summary_wm_n": 209105.0,
  "summary_wm_p05": 926.9707155227661,
  "summary_wm_p95": 1072.647716999054,
  "summary_wm_stdv": 44.69370753546801,
  "tpm_overlap_csf": 0.17480937563367427,
  "tpm_overlap_gm": 0.4508031142438495,
  "tpm_overlap_wm": 0.5319675114393869,
  "wm2max": 0.704308967927033
}