{
  "aor": 0.004415268817204302,
  "aqi": 0.0028701878924731177,
  "bids_meta": {
    "AcquisitionNumber": 1,
    "AcquisitionTime": "12:41:45.732500",
    "BandwidthPerPixelPhaseEncode": 28.409,
    "ConversionSoftware": "dcm2niix",
    "ConversionSoftwareVersion": "v1.0.20170724 GCC4.4.7",
    "DeviceSerialNumber": "35414",
    "EchoTime": 0.03,
    "EffectiveEchoSpacing": 0.000550002,
    "FlipAngle": 80,
    "ImageType": [
      "ORIGINAL",
      "PRIMARY",
      "FMRI",
      "NONE",
      "ND",
      "MOSAIC"
    ],
    "InstitutionAddress": "Mikeletegi_69_San_Sebastian_District_ES_20009",
    "InstitutionName": "BCBL",
    "MagneticFieldStrength": 3,
    "Manufacturer": "Siemens",
    "ManufacturersModelName": "TrioTim",
    "PhaseEncodingDirection": "j-",
    "PhaseEncodingLines": 64,
    "ProcedureStepDescription": "CRANEO_FUNCIONAL",
    "ProtocolName": "ep2d_PiN_L2_Run3",
    "RepetitionTime": 2,
    "ScanningSequence": "EP",
    "SequenceName": "_epfid2d1_64",
    "SequenceVariant": "SK",
    "SeriesDescription": "ep2d_PiN_L2_Run3",
    "SliceTiming": [
      1.925,
      1.8625,
      1.8025,
      1.74,
      1.6775,
      1.615,
      1.5525,
      1.49,
      1.4275,
      1.3675,
      1.305,
      1.2425,
      1.18,
      1.1175,
      1.055,
      0.995,
      0.9325,
      0.87,
      0.8075,
      0.745,
      0.6825,
      0.62,
      0.56,
      0.4975,
      0.435,
      0.3725,
      0.31,
      0.2475,
      0.1875,
      0.125,
      0.0625,
      0
    ],
    "SoftwareVersions": "syngo_MR_B17",
    "TaskName": "compLn",
    "TotalReadoutTime": 0.0346501,
    "dataset": "ds003542",
    "modality": "bold",
    "run_id": 3,
    "subject_id": "18",
    "task_id": "compLn"
  },
  "dummy_trs": 0,
  "dvars_nstd": 22.05826943891892,
  "dvars_std": 1.2320718973513514,
  "dvars_vstd": 1.0197138001081076,
  "efc": 0.5139029308368032,
  "fber": 726.6858520507812,
  "fd_mean": 0.20644993998344308,
  "fd_num": 91,
  "fd_perc": 48.924731182795696,
  "fwhm_avg": 2.7824666666666666,
  "fwhm_x": 2.785498181818182,
  "fwhm_y": 2.876101818181818,
  "fwhm_z": 2.6858,
  "gcor": 0.0320158,
  "gsr_x": -0.025074893608689308,
  "gsr_y": 0.08395873010158539,
  "provenance": {
    "md5sum": "117b0c1870fb7878562040daab976a7a",
    "settings": {
      "fd_thres": 0.2,
      "testing": false
    },
    "software": "mriqc",
    "version": "22.0.1",
    "webapi_port": null,
    "webapi_url": "https://mriqc.nimh.nih.gov/api/v1"
  },
  "size_t": 186,
  "size_x": 64,
  "size_y": 64,
  "size_z": 32,
  "snr": 2.489129720248187,
  "spacing_tr": 2.0,
  "spacing_x": 3.4375,
  "spacing_y": 3.4375,
  "spacing_z": 4.0,
  "summary_bg_k": 49.78424396928868,
  "summary_bg_mad": 9.126770794036108,
  "summary_bg_mean": 49.07451248168945,
  "summary_bg_median": 21.70967674255371,
  "summary_bg_n": 80302.0,
  "summary_bg_p05": 14.95161247253418,
  "summary_bg_p95": 183.21263809204086,
  "summary_bg_stdv": 78.28865814208984,
  "summary_fg_k": 5.121901602022577,
  "summary_fg_mad": 178.82898385828034,
  "summary_fg_mean": 644.2855224609375,
  "summary_fg_median": 591.5376586914062,
  "summary_fg_n": 21597.0,
  "summary_fg_p05": 375.5429992675781,
  "summary_fg_p95": 1095.763452148438,
  "summary_fg_stdv": 237.64288330078125,
  "tsnr": 75.73438698938116
}