{
  "aor": 0.007855375,
  "aqi": 0.013133712208333334,
  "bids_meta": {
    "AcquisitionNumber": 1,
    "AcquisitionTime": "10:56:50.307500",
    "BandwidthPerPixelPhaseEncode": 29.481,
    "ConversionSoftware": "dcm2niix",
    "ConversionSoftwareVersion": "v1.0.20170724 GCC4.4.7",
    "DeviceSerialNumber": "35414",
    "EchoTime": 0.025,
    "EffectiveEchoSpacing": 0.000530002,
    "FlipAngle": 90,
    "ImageType": [
      "ORIGINAL",
      "PRIMARY",
      "M",
      "ND",
      "MOSAIC"
    ],
    "InstitutionAddress": "Mikeletegi_69_San_Sebastian_District_ES_20009",
    "InstitutionName": "BCBL",
    "MagneticFieldStrength": 3,
    "Manufacturer": "Siemens",
    "ManufacturersModelName": "TrioTim",
    "PhaseEncodingDirection": "j-",
    "PhaseEncodingLines": 64,
    "ProcedureStepDescription": "CRANEO_FUNCIONAL",
    "ProtocolName": "ep2d_Didak_VF_L1_Run1",
    "RepetitionTime": 3,
    "ScanningSequence": "EP",
    "SequenceName": "_epfid2d1_64",
    "SequenceVariant": "SK",
    "SeriesDescription": "ep2d_Didak_VF_L1_Run1",
    "SliceTiming": [
      2.9225,
      2.8525,
      2.7825,
      2.715,
      2.645,
      2.575,
      2.505,
      2.435,
      2.365,
      2.2975,
      2.2275,
      2.1575,
      2.0875,
      2.0175,
      1.95,
      1.88,
      1.81,
      1.74,
      1.67,
      1.6,
      1.5325,
      1.4625,
      1.3925,
      1.3225,
      1.2525,
      1.1825,
      1.115,
      1.045,
      0.975,
      0.905,
      0.835,
      0.765,
      0.6975,
      0.6275,
      0.5575,
      0.4875,
      0.4175,
      0.3475,
      0.28,
      0.21,
      0.14,
      0.07,
      0
    ],
    "SoftwareVersions": "syngo_MR_B17",
    "TaskName": "prodL1",
    "TotalReadoutTime": 0.0333901,
    "dataset": "ds003542",
    "modality": "bold",
    "run_id": 1,
    "subject_id": "18",
    "task_id": "prodL1"
  },
  "dummy_trs": 0,
  "dvars_nstd": 45.693543174811715,
  "dvars_std": 1.1262120896652725,
  "dvars_vstd": 0.9801028027615059,
  "efc": 0.6023876192610715,
  "fber": 235.23533630371094,
  "fd_mean": 0.4901608919074656,
  "fd_num": 162,
  "fd_perc": 67.5,
  "fwhm_avg": 2.752911932110397,
  "fwhm_x": 2.7406166666666665,
  "fwhm_y": 2.83601,
  "fwhm_z": 2.682109129664524,
  "gcor": 0.0210059,
  "gsr_x": -0.017895670607686043,
  "gsr_y": 0.14502666890621185,
  "provenance": {
    "md5sum": "c916259f1cd78e3df2a3f55177fb5b98",
    "settings": {
      "fd_thres": 0.2,
      "testing": false
    },
    "software": "mriqc",
    "version": "22.0.1",
    "webapi_port": null,
    "webapi_url": "https://mriqc.nimh.nih.gov/api/v1"
  },
  "size_t": 240,
  "size_x": 64,
  "size_y": 64,
  "size_z": 43,
  "snr": 2.511245479491071,
  "spacing_tr": 3.0,
  "spacing_x": 3.0,
  "spacing_y": 3.0,
  "spacing_z": 3.299999952316284,
  "summary_bg_k": 27.108276668995956,
  "summary_bg_mad": 20.07690692748957,
  "summary_bg_mean": 101.41805267333984,
  "summary_bg_median": 46.26667022705078,
  "summary_bg_n": 99892.0,
  "summary_bg_p05": 31.212501525878906,
  "summary_bg_p95": 349.9694046020506,
  "summary_bg_stdv": 134.8558807373047,
  "summary_fg_k": 5.409512692778883,
  "summary_fg_mad": 221.62125097316212,
  "summary_fg_mean": 776.007568359375,
  "summary_fg_median": 715.5771484375,
  "summary_fg_n": 37886.0,
  "summary_fg_p05": 448.49066162109375,
  "summary_fg_p95": 1307.77197265625,
  "summary_fg_stdv": 284.9453430175781,
  "tsnr": 32.91852221079171
}