{
  "aor": 0.0029445945945945945,
  "aqi": 0.007657324378378379,
  "bids_meta": {
    "AcquisitionNumber": 1,
    "AcquisitionTime": "10:39:40.295000",
    "BandwidthPerPixelPhaseEncode": 28.409,
    "ConversionSoftware": "dcm2niix",
    "ConversionSoftwareVersion": "v1.0.20170724 GCC4.4.7",
    "DeviceSerialNumber": "35414",
    "EchoTime": 0.03,
    "EffectiveEchoSpacing": 0.000550002,
    "FlipAngle": 80,
    "ImageType": [
      "ORIGINAL",
      "PRIMARY",
      "FMRI",
      "NONE",
      "ND",
      "MOSAIC"
    ],
    "InstitutionAddress": "Mikeletegi_69_San_Sebastian_District_ES_20009",
    "InstitutionName": "BCBL",
    "MagneticFieldStrength": 3,
    "Manufacturer": "Siemens",
    "ManufacturersModelName": "TrioTim",
    "PhaseEncodingDirection": "j-",
    "PhaseEncodingLines": 64,
    "ProcedureStepDescription": "CRANEO_FUNCIONAL",
    "ProtocolName": "ep2d_PiN_L1_Run3",
    "RepetitionTime": 2,
    "ScanningSequence": "EP",
    "SequenceName": "_epfid2d1_64",
    "SequenceVariant": "SK",
    "SeriesDescription": "ep2d_PiN_L1_Run3",
    "SliceTiming": [
      1.925,
      1.8625,
      1.8,
      1.74,
      1.6775,
      1.615,
      1.5525,
      1.49,
      1.4275,
      1.3675,
      1.305,
      1.2425,
      1.18,
      1.1175,
      1.055,
      0.995,
      0.9325,
      0.87,
      0.8075,
      0.745,
      0.6825,
      0.62,
      0.56,
      0.4975,
      0.435,
      0.3725,
      0.31,
      0.2475,
      0.1875,
      0.125,
      0.0625,
      0
    ],
    "SoftwareVersions": "syngo_MR_B17",
    "TaskName": "compL1",
    "TotalReadoutTime": 0.0346501,
    "dataset": "ds003542",
    "modality": "bold",
    "run_id": 3,
    "subject_id": "18",
    "task_id": "compL1"
  },
  "dummy_trs": 1,
  "dvars_nstd": 21.656247278913046,
  "dvars_std": 0.9801044001630437,
  "dvars_vstd": 0.8936194077717386,
  "efc": 0.5143800430215677,
  "fber": 670.4928588867188,
  "fd_mean": 0.20414441624001964,
  "fd_num": 75,
  "fd_perc": 40.54054054054054,
  "fwhm_avg": 2.6650481212121213,
  "fwhm_x": 2.676389818181818,
  "fwhm_y": 2.7582545454545455,
  "fwhm_z": 2.5605,
  "gcor": 0.0177219,
  "gsr_x": -0.019261308014392853,
  "gsr_y": 0.08683324605226517,
  "provenance": {
    "md5sum": "ea7e85612a87b1e2877b3353f233f278",
    "settings": {
      "fd_thres": 0.2,
      "testing": false
    },
    "software": "mriqc",
    "version": "22.0.1",
    "webapi_port": null,
    "webapi_url": "https://mriqc.nimh.nih.gov/api/v1"
  },
  "size_t": 185,
  "size_x": 64,
  "size_y": 64,
  "size_z": 32,
  "snr": 2.660636596642067,
  "spacing_tr": 2.0,
  "spacing_x": 3.4375,
  "spacing_y": 3.4375,
  "spacing_z": 4.0,
  "summary_bg_k": 57.99103658630809,
  "summary_bg_mad": 7.300813739887041,
  "summary_bg_mean": 47.96192169189453,
  "summary_bg_median": 22.09189224243164,
  "summary_bg_n": 81232.0,
  "summary_bg_p05": 16.6162166595459,
  "summary_bg_p95": 176.1256858825683,
  "summary_bg_stdv": 74.27241516113281,
  "summary_fg_k": 4.7499098330266545,
  "summary_fg_mad": 165.09376109903127,
  "summary_fg_mean": 624.8572998046875,
  "summary_fg_median": 578.14599609375,
  "summary_fg_n": 20992.0,
  "summary_fg_p05": 374.38297882080076,
  "summary_fg_p95": 1036.7140747070316,
  "summary_fg_stdv": 217.2909393310547,
  "tsnr": 52.12090149288997
}