{
  "aor": 0.011200324324324324,
  "aqi": 0.004534454432432432,
  "bids_meta": {
    "AcquisitionNumber": 1,
    "AcquisitionTime": "12:27:17.395000",
    "BandwidthPerPixelPhaseEncode": 28.409,
    "ConversionSoftware": "dcm2niix",
    "ConversionSoftwareVersion": "v1.0.20170724 GCC4.4.7",
    "DeviceSerialNumber": "35414",
    "EchoTime": 0.03,
    "EffectiveEchoSpacing": 0.000550002,
    "FlipAngle": 80,
    "ImageType": [
      "ORIGINAL",
      "PRIMARY",
      "FMRI",
      "NONE",
      "ND",
      "MOSAIC"
    ],
    "InstitutionAddress": "Mikeletegi_69_San_Sebastian_District_ES_20009",
    "InstitutionName": "BCBL",
    "MagneticFieldStrength": 3,
    "Manufacturer": "Siemens",
    "ManufacturersModelName": "TrioTim",
    "PhaseEncodingDirection": "j-",
    "PhaseEncodingLines": 64,
    "ProcedureStepDescription": "CRANEO_FUNCIONAL",
    "ProtocolName": "ep2d_PiN_L2_Run1",
    "RepetitionTime": 2,
    "ScanningSequence": "EP",
    "SequenceName": "_epfid2d1_64",
    "SequenceVariant": "SK",
    "SeriesDescription": "ep2d_PiN_L2_Run1",
    "SliceTiming": [
      1.9275,
      1.865,
      1.8025,
      1.74,
      1.6775,
      1.615,
      1.5525,
      1.4925,
      1.43,
      1.3675,
      1.305,
      1.2425,
      1.18,
      1.12,
      1.0575,
      0.995,
      0.9325,
      0.87,
      0.8075,
      0.745,
      0.685,
      0.6225,
      0.56,
      0.4975,
      0.435,
      0.3725,
      0.3125,
      0.25,
      0.1875,
      0.125,
      0.0625,
      0
    ],
    "SoftwareVersions": "syngo_MR_B17",
    "TaskName": "compLn",
    "TotalReadoutTime": 0.0346501,
    "dataset": "ds003542",
    "modality": "bold",
    "run_id": 1,
    "subject_id": "18",
    "task_id": "compLn"
  },
  "dummy_trs": 1,
  "dvars_nstd": 23.913354407282622,
  "dvars_std": 1.1932418058152174,
  "dvars_vstd": 1.0401387256521737,
  "efc": 0.513030085083891,
  "fber": 717.884033203125,
  "fd_mean": 0.24626370658445734,
  "fd_num": 82,
  "fd_perc": 44.32432432432432,
  "fwhm_avg": 2.7554870606060606,
  "fwhm_x": 2.7785978181818183,
  "fwhm_y": 2.8639883636363637,
  "fwhm_z": 2.623875,
  "gcor": 0.0215453,
  "gsr_x": -0.02445996180176735,
  "gsr_y": 0.08157439529895782,
  "provenance": {
    "md5sum": "74376377d770434d27d2e5cdeb9b737f",
    "settings": {
      "fd_thres": 0.2,
      "testing": false
    },
    "software": "mriqc",
    "version": "22.0.1",
    "webapi_port": null,
    "webapi_url": "https://mriqc.nimh.nih.gov/api/v1"
  },
  "size_t": 185,
  "size_x": 64,
  "size_y": 64,
  "size_z": 32,
  "snr": 2.4889802288438725,
  "spacing_tr": 2.0,
  "spacing_x": 3.4375,
  "spacing_y": 3.4375,
  "spacing_z": 4.0,
  "summary_bg_k": 51.466427928460924,
  "summary_bg_mad": 8.855541414027893,
  "summary_bg_mean": 48.36741256713867,
  "summary_bg_median": 21.91351318359375,
  "summary_bg_n": 80369.0,
  "summary_bg_p05": 15.324324607849121,
  "summary_bg_p95": 175.99243774414057,
  "summary_bg_stdv": 75.82170867919922,
  "summary_fg_k": 5.168280627979225,
  "summary_fg_mad": 177.32724282329437,
  "summary_fg_mean": 645.09375,
  "summary_fg_median": 592.0486450195312,
  "summary_fg_n": 21621.0,
  "summary_fg_p05": 377.0702819824219,
  "summary_fg_p95": 1097.7838134765625,
  "summary_fg_stdv": 237.86245727539062,
  "tsnr": 59.5516017456539
}