{
  "aor": 0.004902634408602151,
  "aqi": 0.0024146018440860217,
  "bids_meta": {
    "AcquisitionNumber": 1,
    "AcquisitionTime": "10:24:42.010000",
    "BandwidthPerPixelPhaseEncode": 28.409,
    "ConversionSoftware": "dcm2niix",
    "ConversionSoftwareVersion": "v1.0.20170724 GCC4.4.7",
    "DeviceSerialNumber": "35414",
    "EchoTime": 0.03,
    "EffectiveEchoSpacing": 0.000550002,
    "FlipAngle": 80,
    "ImageType": [
      "ORIGINAL",
      "PRIMARY",
      "FMRI",
      "NONE",
      "ND",
      "MOSAIC"
    ],
    "InstitutionAddress": "Mikeletegi_69_San_Sebastian_District_ES_20009",
    "InstitutionName": "BCBL",
    "MagneticFieldStrength": 3,
    "Manufacturer": "Siemens",
    "ManufacturersModelName": "TrioTim",
    "PhaseEncodingDirection": "j-",
    "PhaseEncodingLines": 64,
    "ProcedureStepDescription": "CRANEO_FUNCIONAL",
    "ProtocolName": "ep2d_PiN_L1_Run1",
    "RepetitionTime": 2,
    "ScanningSequence": "EP",
    "SequenceName": "_epfid2d1_64",
    "SequenceVariant": "SK",
    "SeriesDescription": "ep2d_PiN_L1_Run1",
    "SliceTiming": [
      1.925,
      1.8625,
      1.8,
      1.7375,
      1.6775,
      1.615,
      1.5525,
      1.49,
      1.4275,
      1.365,
      1.3025,
      1.2425,
      1.18,
      1.1175,
      1.055,
      0.9925,
      0.93,
      0.87,
      0.8075,
      0.745,
      0.6825,
      0.62,
      0.5575,
      0.4975,
      0.435,
      0.3725,
      0.31,
      0.2475,
      0.185,
      0.1225,
      0.0625,
      0
    ],
    "SoftwareVersions": "syngo_MR_B17",
    "TaskName": "compL1",
    "TotalReadoutTime": 0.0346501,
    "dataset": "ds003542",
    "modality": "bold",
    "run_id": 1,
    "subject_id": "18",
    "task_id": "compL1"
  },
  "dummy_trs": 0,
  "dvars_nstd": 21.04926759913513,
  "dvars_std": 1.1519240749729736,
  "dvars_vstd": 1.009535537513514,
  "efc": 0.5194852063496577,
  "fber": 498.1689758300781,
  "fd_mean": 0.19945897095251416,
  "fd_num": 69,
  "fd_perc": 37.096774193548384,
  "fwhm_avg": 2.651295090909091,
  "fwhm_x": 2.661911272727273,
  "fwhm_y": 2.717024,
  "fwhm_z": 2.57495,
  "gcor": 0.0301667,
  "gsr_x": -0.015874333679676056,
  "gsr_y": 0.0844782218337059,
  "provenance": {
    "md5sum": "3baeeabb3c61fab9d4a7712b0815feb3",
    "settings": {
      "fd_thres": 0.2,
      "testing": false
    },
    "software": "mriqc",
    "version": "22.0.1",
    "webapi_port": null,
    "webapi_url": "https://mriqc.nimh.nih.gov/api/v1"
  },
  "size_t": 186,
  "size_x": 64,
  "size_y": 64,
  "size_z": 32,
  "snr": 2.66632525942385,
  "spacing_tr": 2.0,
  "spacing_x": 3.4375,
  "spacing_y": 3.4375,
  "spacing_z": 4.0,
  "summary_bg_k": 57.85122366991874,
  "summary_bg_mad": 8.1702555598358,
  "summary_bg_mean": 49.88431930541992,
  "summary_bg_median": 25.76344108581543,
  "summary_bg_n": 81367.0,
  "summary_bg_p05": 18.279569625854492,
  "summary_bg_p95": 173.63709564208978,
  "summary_bg_stdv": 73.14252471923828,
  "summary_fg_k": 4.693634086867117,
  "summary_fg_mad": 164.3456279299947,
  "summary_fg_mean": 622.1760864257812,
  "summary_fg_median": 576.2177734375,
  "summary_fg_n": 20998.0,
  "summary_fg_p05": 373.12391662597656,
  "summary_fg_p95": 1030.5381713867184,
  "summary_fg_stdv": 216.10418701171875,
  "tsnr": 74.61901609948836
}