{
  "aor": 0.005147125000000001,
  "aqi": 0.012254304208333334,
  "bids_meta": {
    "AcquisitionNumber": 1,
    "AcquisitionTime": "11:10:30.187500",
    "BandwidthPerPixelPhaseEncode": 29.481,
    "ConversionSoftware": "dcm2niix",
    "ConversionSoftwareVersion": "v1.0.20170724 GCC4.4.7",
    "DeviceSerialNumber": "35414",
    "EchoTime": 0.025,
    "EffectiveEchoSpacing": 0.000530002,
    "FlipAngle": 90,
    "ImageType": [
      "ORIGINAL",
      "PRIMARY",
      "M",
      "ND",
      "MOSAIC"
    ],
    "InstitutionAddress": "Mikeletegi_69_San_Sebastian_District_ES_20009",
    "InstitutionName": "BCBL",
    "MagneticFieldStrength": 3,
    "Manufacturer": "Siemens",
    "ManufacturersModelName": "TrioTim",
    "PhaseEncodingDirection": "j-",
    "PhaseEncodingLines": 64,
    "ProcedureStepDescription": "CRANEO_FUNCIONAL",
    "ProtocolName": "ep2d_Didak_VF_L1_Run2",
    "RepetitionTime": 3,
    "ScanningSequence": "EP",
    "SequenceName": "_epfid2d1_64",
    "SequenceVariant": "SK",
    "SeriesDescription": "ep2d_Didak_VF_L1_Run2",
    "SliceTiming": [
      2.9225,
      2.8525,
      2.7825,
      2.715,
      2.645,
      2.575,
      2.505,
      2.435,
      2.365,
      2.2975,
      2.2275,
      2.1575,
      2.0875,
      2.0175,
      1.9475,
      1.88,
      1.81,
      1.74,
      1.67,
      1.6,
      1.53,
      1.4625,
      1.3925,
      1.3225,
      1.2525,
      1.1825,
      1.1125,
      1.045,
      0.975,
      0.905,
      0.835,
      0.765,
      0.6975,
      0.6275,
      0.5575,
      0.4875,
      0.4175,
      0.3475,
      0.28,
      0.21,
      0.14,
      0.07,
      0
    ],
    "SoftwareVersions": "syngo_MR_B17",
    "TaskName": "prodL1",
    "TotalReadoutTime": 0.0333901,
    "dataset": "ds003542",
    "modality": "bold",
    "run_id": 2,
    "subject_id": "18",
    "task_id": "prodL1"
  },
  "dummy_trs": 0,
  "dvars_nstd": 41.08900165983267,
  "dvars_std": 1.1525795718410046,
  "dvars_vstd": 0.979674424435146,
  "efc": 0.6028765022310456,
  "fber": 226.54176330566406,
  "fd_mean": 0.4043501547795385,
  "fd_num": 158,
  "fd_perc": 65.83333333333333,
  "fwhm_avg": 2.7404280938020906,
  "fwhm_x": 2.70938,
  "fwhm_y": 2.8141133333333332,
  "fwhm_z": 2.6977909480729387,
  "gcor": 0.00997288,
  "gsr_x": -0.019791141152381897,
  "gsr_y": 0.1415884792804718,
  "provenance": {
    "md5sum": "321d8465d92674ced49134fe36dd6005",
    "settings": {
      "fd_thres": 0.2,
      "testing": false
    },
    "software": "mriqc",
    "version": "22.0.1",
    "webapi_port": null,
    "webapi_url": "https://mriqc.nimh.nih.gov/api/v1"
  },
  "size_t": 240,
  "size_x": 64,
  "size_y": 64,
  "size_z": 43,
  "snr": 2.470518067894055,
  "spacing_tr": 3.0,
  "spacing_x": 3.0,
  "spacing_y": 3.0,
  "spacing_z": 3.299999952316284,
  "summary_bg_k": 27.08272436268899,
  "summary_bg_mad": 21.528623485002512,
  "summary_bg_mean": 101.9714126586914,
  "summary_bg_median": 47.05000305175781,
  "summary_bg_n": 99662.0,
  "summary_bg_p05": 29.52083396911621,
  "summary_bg_p95": 356.22314453124966,
  "summary_bg_stdv": 134.99522399902344,
  "summary_fg_k": 5.5658420719451485,
  "summary_fg_mad": 224.36095219188013,
  "summary_fg_mean": 782.8505859375,
  "summary_fg_median": 719.4125366210938,
  "summary_fg_n": 37936.0,
  "summary_fg_p05": 450.95105743408203,
  "summary_fg_p95": 1325.3896179199219,
  "summary_fg_stdv": 291.1952209472656,
  "tsnr": 38.07900126517052
}