{
  "aor": 0.005978625,
  "aqi": 0.01054443975,
  "bids_meta": {
    "AcquisitionNumber": 1,
    "AcquisitionTime": "12:51:30.132500",
    "BandwidthPerPixelPhaseEncode": 29.481,
    "ConversionSoftware": "dcm2niix",
    "ConversionSoftwareVersion": "v1.0.20170724 GCC4.4.7",
    "DeviceSerialNumber": "35414",
    "EchoTime": 0.025,
    "EffectiveEchoSpacing": 0.000530002,
    "FlipAngle": 90,
    "ImageType": [
      "ORIGINAL",
      "PRIMARY",
      "M",
      "ND",
      "MOSAIC"
    ],
    "InstitutionAddress": "Mikeletegi_69_San_Sebastian_District_ES_20009",
    "InstitutionName": "BCBL",
    "MagneticFieldStrength": 3,
    "Manufacturer": "Siemens",
    "ManufacturersModelName": "TrioTim",
    "PhaseEncodingDirection": "j-",
    "PhaseEncodingLines": 64,
    "ProcedureStepDescription": "CRANEO_FUNCIONAL",
    "ProtocolName": "ep2d_Didak_VF_L2_Run1",
    "RepetitionTime": 3,
    "ScanningSequence": "EP",
    "SequenceName": "_epfid2d1_64",
    "SequenceVariant": "SK",
    "SeriesDescription": "ep2d_Didak_VF_L2_Run1",
    "SliceTiming": [
      2.9225,
      2.8525,
      2.7825,
      2.7125,
      2.6425,
      2.575,
      2.505,
      2.435,
      2.365,
      2.295,
      2.225,
      2.1575,
      2.0875,
      2.0175,
      1.9475,
      1.8775,
      1.8075,
      1.74,
      1.67,
      1.6,
      1.53,
      1.46,
      1.39,
      1.3225,
      1.2525,
      1.1825,
      1.1125,
      1.0425,
      0.9725,
      0.905,
      0.835,
      0.765,
      0.695,
      0.625,
      0.5575,
      0.4875,
      0.4175,
      0.3475,
      0.2775,
      0.2075,
      0.14,
      0.07,
      0
    ],
    "SoftwareVersions": "syngo_MR_B17",
    "TaskName": "prodLn",
    "TotalReadoutTime": 0.0333901,
    "dataset": "ds003542",
    "modality": "bold",
    "run_id": 1,
    "subject_id": "18",
    "task_id": "prodLn"
  },
  "dummy_trs": 0,
  "dvars_nstd": 40.45456758610879,
  "dvars_std": 1.1985565876150628,
  "dvars_vstd": 0.9932634752719668,
  "efc": 0.5932465528176641,
  "fber": 288.68145751953125,
  "fd_mean": 0.3762286952334061,
  "fd_num": 142,
  "fd_perc": 59.166666666666664,
  "fwhm_avg": 2.800651427646138,
  "fwhm_x": 2.8008400000000004,
  "fwhm_y": 2.7972900000000003,
  "fwhm_z": 2.8038242829384123,
  "gcor": 0.0184087,
  "gsr_x": -0.018080158159136772,
  "gsr_y": 0.14483557641506195,
  "provenance": {
    "md5sum": "903267a71c50a12faf3a34ec24ff487e",
    "settings": {
      "fd_thres": 0.2,
      "testing": false
    },
    "software": "mriqc",
    "version": "22.0.1",
    "webapi_port": null,
    "webapi_url": "https://mriqc.nimh.nih.gov/api/v1"
  },
  "size_t": 240,
  "size_x": 64,
  "size_y": 64,
  "size_z": 43,
  "snr": 2.3706903083651456,
  "spacing_tr": 3.0,
  "spacing_x": 3.0,
  "spacing_y": 3.0,
  "spacing_z": 3.299999952316284,
  "summary_bg_k": 23.151544408872674,
  "summary_bg_mad": 21.151794101473993,
  "summary_bg_mean": 101.66397094726562,
  "summary_bg_median": 42.92500305175781,
  "summary_bg_n": 99539.0,
  "summary_bg_p05": 27.278750610351565,
  "summary_bg_p95": 376.2604309082026,
  "summary_bg_stdv": 141.372314453125,
  "summary_fg_k": 5.7641412754544525,
  "summary_fg_mad": 239.00789296882928,
  "summary_fg_mean": 814.951416015625,
  "summary_fg_median": 744.2583618164062,
  "summary_fg_n": 38077.0,
  "summary_fg_p05": 463.66919555664066,
  "summary_fg_p95": 1408.7967529296873,
  "summary_fg_stdv": 313.9375,
  "tsnr": 41.000529984012246
}