{
  "aor": 0.006073494623655915,
  "aqi": 0.003995459569892473,
  "bids_meta": {
    "AcquisitionNumber": 1,
    "AcquisitionTime": "12:34:44.057500",
    "BandwidthPerPixelPhaseEncode": 28.409,
    "ConversionSoftware": "dcm2niix",
    "ConversionSoftwareVersion": "v1.0.20170724 GCC4.4.7",
    "DeviceSerialNumber": "35414",
    "EchoTime": 0.03,
    "EffectiveEchoSpacing": 0.000550002,
    "FlipAngle": 80,
    "ImageType": [
      "ORIGINAL",
      "PRIMARY",
      "FMRI",
      "NONE",
      "ND",
      "MOSAIC"
    ],
    "InstitutionAddress": "Mikeletegi_69_San_Sebastian_District_ES_20009",
    "InstitutionName": "BCBL",
    "MagneticFieldStrength": 3,
    "Manufacturer": "Siemens",
    "ManufacturersModelName": "TrioTim",
    "PhaseEncodingDirection": "j-",
    "PhaseEncodingLines": 64,
    "ProcedureStepDescription": "CRANEO_FUNCIONAL",
    "ProtocolName": "ep2d_PiN_L2_Run2",
    "RepetitionTime": 2,
    "ScanningSequence": "EP",
    "SequenceName": "_epfid2d1_64",
    "SequenceVariant": "SK",
    "SeriesDescription": "ep2d_PiN_L2_Run2",
    "SliceTiming": [
      1.925,
      1.8625,
      1.8025,
      1.74,
      1.6775,
      1.615,
      1.5525,
      1.49,
      1.4275,
      1.3675,
      1.305,
      1.2425,
      1.18,
      1.1175,
      1.055,
      0.995,
      0.9325,
      0.87,
      0.8075,
      0.745,
      0.6825,
      0.6225,
      0.56,
      0.4975,
      0.435,
      0.3725,
      0.31,
      0.2475,
      0.1875,
      0.125,
      0.0625,
      0
    ],
    "SoftwareVersions": "syngo_MR_B17",
    "TaskName": "compLn",
    "TotalReadoutTime": 0.0346501,
    "dataset": "ds003542",
    "modality": "bold",
    "run_id": 2,
    "subject_id": "18",
    "task_id": "compLn"
  },
  "dummy_trs": 0,
  "dvars_nstd": 22.201500258972967,
  "dvars_std": 1.1479007702702702,
  "dvars_vstd": 0.9869220497297296,
  "efc": 0.5142487613432841,
  "fber": 702.7371215820312,
  "fd_mean": 0.21551573287254422,
  "fd_num": 77,
  "fd_perc": 41.39784946236559,
  "fwhm_avg": 2.766766181818182,
  "fwhm_x": 2.7702516363636365,
  "fwhm_y": 2.863746909090909,
  "fwhm_z": 2.6663,
  "gcor": 0.034401,
  "gsr_x": -0.02473488077521324,
  "gsr_y": 0.08265663683414459,
  "provenance": {
    "md5sum": "5e1bd0e37d8ab12d7d0f9cdb60f8b611",
    "settings": {
      "fd_thres": 0.2,
      "testing": false
    },
    "software": "mriqc",
    "version": "22.0.1",
    "webapi_port": null,
    "webapi_url": "https://mriqc.nimh.nih.gov/api/v1"
  },
  "size_t": 186,
  "size_x": 64,
  "size_y": 64,
  "size_z": 32,
  "snr": 2.4880750370603253,
  "spacing_tr": 2.0,
  "spacing_x": 3.4375,
  "spacing_y": 3.4375,
  "spacing_z": 4.0,
  "summary_bg_k": 50.82412736958549,
  "summary_bg_mad": 9.047061073359444,
  "summary_bg_mean": 48.91347885131836,
  "summary_bg_median": 22.107526779174805,
  "summary_bg_n": 80343.0,
  "summary_bg_p05": 15.333333015441895,
  "summary_bg_p95": 179.93118438720677,
  "summary_bg_stdv": 76.9122314453125,
  "summary_fg_k": 5.164878073614666,
  "summary_fg_mad": 178.6216919251723,
  "summary_fg_mean": 645.802001953125,
  "summary_fg_median": 593.3279418945312,
  "summary_fg_n": 21546.0,
  "summary_fg_p05": 376.37769317626953,
  "summary_fg_p95": 1097.7190856933594,
  "summary_fg_stdv": 238.463134765625,
  "tsnr": 66.22095461527351
}