{
  "aor": 0.005497541666666666,
  "aqi": 0.009908287791666666,
  "bids_meta": {
    "AcquisitionNumber": 1,
    "AcquisitionTime": "13:04:42.597500",
    "BandwidthPerPixelPhaseEncode": 29.481,
    "ConversionSoftware": "dcm2niix",
    "ConversionSoftwareVersion": "v1.0.20170724 GCC4.4.7",
    "DeviceSerialNumber": "35414",
    "EchoTime": 0.025,
    "EffectiveEchoSpacing": 0.000530002,
    "FlipAngle": 90,
    "ImageType": [
      "ORIGINAL",
      "PRIMARY",
      "M",
      "ND",
      "MOSAIC"
    ],
    "InstitutionAddress": "Mikeletegi_69_San_Sebastian_District_ES_20009",
    "InstitutionName": "BCBL",
    "MagneticFieldStrength": 3,
    "Manufacturer": "Siemens",
    "ManufacturersModelName": "TrioTim",
    "PhaseEncodingDirection": "j-",
    "PhaseEncodingLines": 64,
    "ProcedureStepDescription": "CRANEO_FUNCIONAL",
    "ProtocolName": "ep2d_Didak_VF_L2_Run2",
    "RepetitionTime": 3,
    "ScanningSequence": "EP",
    "SequenceName": "_epfid2d1_64",
    "SequenceVariant": "SK",
    "SeriesDescription": "ep2d_Didak_VF_L2_Run2",
    "SliceTiming": [
      2.92,
      2.8525,
      2.7825,
      2.7125,
      2.6425,
      2.5725,
      2.5025,
      2.435,
      2.365,
      2.295,
      2.225,
      2.155,
      2.085,
      2.0175,
      1.9475,
      1.8775,
      1.8075,
      1.7375,
      1.6675,
      1.6,
      1.53,
      1.46,
      1.39,
      1.32,
      1.2525,
      1.1825,
      1.1125,
      1.0425,
      0.9725,
      0.9025,
      0.835,
      0.765,
      0.695,
      0.625,
      0.555,
      0.485,
      0.4175,
      0.3475,
      0.2775,
      0.2075,
      0.1375,
      0.0675,
      0
    ],
    "SoftwareVersions": "syngo_MR_B17",
    "TaskName": "prodLn",
    "TotalReadoutTime": 0.0333901,
    "dataset": "ds003542",
    "modality": "bold",
    "run_id": 2,
    "subject_id": "18",
    "task_id": "prodLn"
  },
  "dummy_trs": 0,
  "dvars_nstd": 43.55076895175733,
  "dvars_std": 1.3251647646861937,
  "dvars_vstd": 1.0112124483263598,
  "efc": 0.5934247487578577,
  "fber": 290.4591064453125,
  "fd_mean": 0.3178558092115408,
  "fd_num": 145,
  "fd_perc": 60.416666666666664,
  "fwhm_avg": 2.825208296444078,
  "fwhm_x": 2.80176,
  "fwhm_y": 2.8469800000000003,
  "fwhm_z": 2.826884889332235,
  "gcor": 0.0269307,
  "gsr_x": -0.013506690971553326,
  "gsr_y": 0.1292193979024887,
  "provenance": {
    "md5sum": "3002c18f04d88ba6d201bbce3d06fdb9",
    "settings": {
      "fd_thres": 0.2,
      "testing": false
    },
    "software": "mriqc",
    "version": "22.0.1",
    "webapi_port": null,
    "webapi_url": "https://mriqc.nimh.nih.gov/api/v1"
  },
  "size_t": 240,
  "size_x": 64,
  "size_y": 64,
  "size_z": 43,
  "snr": 2.37475705654545,
  "spacing_tr": 3.0,
  "spacing_x": 3.0,
  "spacing_y": 3.0,
  "spacing_z": 3.299999952316284,
  "summary_bg_k": 22.645547052105957,
  "summary_bg_mad": 20.30547269576035,
  "summary_bg_mean": 98.12444305419922,
  "summary_bg_median": 42.54166793823242,
  "summary_bg_n": 98624.0,
  "summary_bg_p05": 27.94583511352539,
  "summary_bg_p95": 368.07606658935526,
  "summary_bg_stdv": 130.61289978027344,
  "summary_fg_k": 5.284623410083817,
  "summary_fg_mad": 242.33135071291224,
  "summary_fg_mean": 815.102294921875,
  "summary_fg_median": 745.2875366210938,
  "summary_fg_n": 38281.0,
  "summary_fg_p05": 460.8958435058594,
  "summary_fg_p95": 1406.1876220703125,
  "summary_fg_stdv": 313.8332824707031,
  "tsnr": 47.124839110765606
}