{
  "aor": 0.007820913978494624,
  "aqi": 0.002681140225806452,
  "bids_meta": {
    "AcquisitionNumber": 1,
    "AcquisitionTime": "10:32:19.497500",
    "BandwidthPerPixelPhaseEncode": 28.409,
    "ConversionSoftware": "dcm2niix",
    "ConversionSoftwareVersion": "v1.0.20170724 GCC4.4.7",
    "DeviceSerialNumber": "35414",
    "EchoTime": 0.03,
    "EffectiveEchoSpacing": 0.000550002,
    "FlipAngle": 80,
    "ImageType": [
      "ORIGINAL",
      "PRIMARY",
      "FMRI",
      "NONE",
      "ND",
      "MOSAIC"
    ],
    "InstitutionAddress": "Mikeletegi_69_San_Sebastian_District_ES_20009",
    "InstitutionName": "BCBL",
    "MagneticFieldStrength": 3,
    "Manufacturer": "Siemens",
    "ManufacturersModelName": "TrioTim",
    "PhaseEncodingDirection": "j-",
    "PhaseEncodingLines": 64,
    "ProcedureStepDescription": "CRANEO_FUNCIONAL",
    "ProtocolName": "ep2d_PiN_L1_Run2",
    "RepetitionTime": 2,
    "ScanningSequence": "EP",
    "SequenceName": "_epfid2d1_64",
    "SequenceVariant": "SK",
    "SeriesDescription": "ep2d_PiN_L1_Run2",
    "SliceTiming": [
      1.925,
      1.865,
      1.8025,
      1.74,
      1.6775,
      1.615,
      1.5525,
      1.4925,
      1.43,
      1.3675,
      1.305,
      1.2425,
      1.18,
      1.12,
      1.0575,
      0.995,
      0.9325,
      0.87,
      0.8075,
      0.745,
      0.685,
      0.6225,
      0.56,
      0.4975,
      0.435,
      0.3725,
      0.3125,
      0.25,
      0.1875,
      0.125,
      0.0625,
      0
    ],
    "SoftwareVersions": "syngo_MR_B17",
    "TaskName": "compL1",
    "TotalReadoutTime": 0.0346501,
    "dataset": "ds003542",
    "modality": "bold",
    "run_id": 2,
    "subject_id": "18",
    "task_id": "compL1"
  },
  "dummy_trs": 0,
  "dvars_nstd": 21.01090986918919,
  "dvars_std": 1.1986471939459462,
  "dvars_vstd": 1.046995568378379,
  "efc": 0.5160508799348918,
  "fber": 593.7730712890625,
  "fd_mean": 0.18834349223801813,
  "fd_num": 66,
  "fd_perc": 35.483870967741936,
  "fwhm_avg": 2.6393704545454546,
  "fwhm_x": 2.6544087272727275,
  "fwhm_y": 2.7012276363636363,
  "fwhm_z": 2.562475,
  "gcor": 0.0429273,
  "gsr_x": -0.01684465818107128,
  "gsr_y": 0.08610700070858002,
  "provenance": {
    "md5sum": "267a012d492c0bd0e0b60d40c2e99512",
    "settings": {
      "fd_thres": 0.2,
      "testing": false
    },
    "software": "mriqc",
    "version": "22.0.1",
    "webapi_port": null,
    "webapi_url": "https://mriqc.nimh.nih.gov/api/v1"
  },
  "size_t": 186,
  "size_x": 64,
  "size_y": 64,
  "size_z": 32,
  "snr": 2.6515360790794653,
  "spacing_tr": 2.0,
  "spacing_x": 3.4375,
  "spacing_y": 3.4375,
  "spacing_z": 4.0,
  "summary_bg_k": 55.25395986131105,
  "summary_bg_mad": 7.213736083876522,
  "summary_bg_mean": 48.66604995727539,
  "summary_bg_median": 23.344085693359375,
  "summary_bg_n": 81395.0,
  "summary_bg_p05": 17.150537490844727,
  "summary_bg_p95": 174.81666717529302,
  "summary_bg_stdv": 73.88834381103516,
  "summary_fg_k": 4.9140790673513335,
  "summary_fg_mad": 165.57315904233496,
  "summary_fg_mean": 624.416259765625,
  "summary_fg_median": 578.2150268554688,
  "summary_fg_n": 20899.0,
  "summary_fg_p05": 372.82203063964846,
  "summary_fg_p95": 1036.446252441405,
  "summary_fg_stdv": 218.06272888183594,
  "tsnr": 69.96323581645265
}