{
  "bids_meta": {
    "AccelFactPE": 2,
    "AcquisitionNumber": 1,
    "AcquisitionTime": "15:17:22.375000",
    "ConversionSoftware": "dcm2niix",
    "ConversionSoftwareVersion": "v1.0.20170724 GCC4.4.7",
    "DeviceSerialNumber": "35414",
    "EchoTime": 0.0035,
    "FlipAngle": 7,
    "ImageType": [
      "ORIGINAL",
      "PRIMARY",
      "M",
      "ND",
      "NORM"
    ],
    "InstitutionAddress": "Mikeletegi_69_San_Sebastian_District_ES_20009",
    "InstitutionName": "BCBL",
    "InversionTime": 1.1,
    "MagneticFieldStrength": 3,
    "Manufacturer": "Siemens",
    "ManufacturersModelName": "TrioTim",
    "PhaseEncodingDirection": "i-",
    "PhaseEncodingLines": 256,
    "ProcedureStepDescription": "CRANEO_FUNCIONAL",
    "ProtocolName": "t1_mpr_sag_p2_1mm_iso_MGH",
    "RepetitionTime": 2.53,
    "ScanningSequence": "GR_IR",
    "SequenceName": "_tfl3d1_ns",
    "SequenceVariant": "SP_MP",
    "SeriesDescription": "t1_mpr_sag_p2_1mm_iso_MGH",
    "SoftwareVersions": "syngo_MR_B17",
    "dataset": "ds003542",
    "modality": "T1w",
    "subject_id": "30"
  },
  "cjv": 0.3559904308945768,
  "cnr": 3.694506106129091,
  "efc": 0.5087719939305745,
  "fber": 28216.901854790718,
  "fwhm_avg": 3.7778266666666664,
  "fwhm_x": 3.89013,
  "fwhm_y": 3.86935,
  "fwhm_z": 3.574,
  "icvs_csf": 0.21163176134520575,
  "icvs_gm": 0.43553097159367077,
  "icvs_wm": 0.3528372670611235,
  "inu_med": 0.5217867493629456,
  "inu_range": 0.15844077467918383,
  "provenance": {
    "md5sum": "05590b7bfee78499b5500356a959acdd",
    "settings": {
      "testing": false
    },
    "software": "mriqc",
    "version": "22.0.1",
    "warnings": {
      "large_rot_frame": true,
      "small_air_mask": false
    },
    "webapi_port": null,
    "webapi_url": "https://mriqc.nimh.nih.gov/api/v1"
  },
  "qi_1": 0.0,
  "qi_2": 0.021146625265758934,
  "rpve_csf": 27.073407643688068,
  "rpve_gm": 13.448287500280273,
  "rpve_wm": 18.96135485450383,
  "size_x": 176,
  "size_y": 256,
  "size_z": 256,
  "snr_csf": 1.5881501376442295,
  "snr_gm": 8.887876296479146,
  "snr_total": 11.352280704543324,
  "snr_wm": 23.58081567950659,
  "snrd_csf": 28.84108152597762,
  "snrd_gm": 108.53660871160274,
  "snrd_total": 99.20003986965092,
  "snrd_wm": 160.2224293713724,
  "spacing_x": 1.0,
  "spacing_y": 1.0,
  "spacing_z": 1.0,
  "summary_bg_k": 11.62819364350385,
  "summary_bg_mad": 0.0,
  "summary_bg_mean": 2.5766876741204956,
  "summary_bg_median": 0.0,
  "summary_bg_n": 2954437.0,
  "summary_bg_p05": 0.0,
  "summary_bg_p95": 10.051888547837734,
  "summary_bg_stdv": 4.088918049549163,
  "summary_csf_k": 0.9920004189018994,
  "summary_csf_mad": 93.31998286249711,
  "summary_csf_mean": 201.97407554787398,
  "summary_csf_median": 180.00651287287474,
  "summary_csf_n": 33375.0,
  "summary_csf_p05": 48.579950138926506,
  "summary_csf_p95": 430.1506420969963,
  "summary_csf_stdv": 113.34181313165826,
  "summary_gm_k": -0.04713212405063416,
  "summary_gm_mad": 76.44731371889947,
  "summary_gm_mean": 677.9035948802101,
  "summary_gm_median": 677.4120601415634,
  "summary_gm_n": 29514.0,
  "summary_gm_p05": 554.3741869401186,
  "summary_gm_p95": 805.5473187200724,
  "summary_gm_stdv": 76.21624799150828,
  "summary_wm_k": 1.001600909487058,
  "summary_wm_mad": 38.39089697210654,
  "summary_wm_mean": 998.6929115703048,
  "summary_wm_median": 999.9999746605754,
  "summary_wm_n": 177088.0,
  "summary_wm_p05": 927.2303176671267,
  "summary_wm_p95": 1065.0740461573005,
  "summary_wm_stdv": 42.40723326931919,
  "tpm_overlap_csf": 0.14815887512460407,
  "tpm_overlap_gm": 0.46646872163520137,
  "tpm_overlap_wm": 0.4995425078633421,
  "wm2max": 0.7180704204189359
}