{
  "aor": 0.0013061621621621622,
  "aqi": 0.0027707503243243246,
  "bids_meta": {
    "AcquisitionNumber": 1,
    "AcquisitionTime": "16:46:24.157500",
    "BandwidthPerPixelPhaseEncode": 28.409,
    "ConversionSoftware": "dcm2niix",
    "ConversionSoftwareVersion": "v1.0.20170724 GCC4.4.7",
    "DeviceSerialNumber": "35414",
    "EchoTime": 0.03,
    "EffectiveEchoSpacing": 0.000550002,
    "FlipAngle": 80,
    "ImageType": [
      "ORIGINAL",
      "PRIMARY",
      "FMRI",
      "NONE",
      "ND",
      "MOSAIC"
    ],
    "InstitutionAddress": "Mikeletegi_69_San_Sebastian_District_ES_20009",
    "InstitutionName": "BCBL",
    "MagneticFieldStrength": 3,
    "Manufacturer": "Siemens",
    "ManufacturersModelName": "TrioTim",
    "PhaseEncodingDirection": "j-",
    "PhaseEncodingLines": 64,
    "ProcedureStepDescription": "CRANEO_FUNCIONAL",
    "ProtocolName": "ep2d_PiN_L2_Run2",
    "RepetitionTime": 2,
    "ScanningSequence": "EP",
    "SequenceName": "_epfid2d1_64",
    "SequenceVariant": "SK",
    "SeriesDescription": "ep2d_PiN_L2_Run2",
    "SliceTiming": [
      1.925,
      1.8625,
      1.8,
      1.7375,
      1.675,
      1.6125,
      1.5525,
      1.49,
      1.4275,
      1.365,
      1.3025,
      1.24,
      1.18,
      1.1175,
      1.055,
      0.9925,
      0.93,
      0.8675,
      0.805,
      0.745,
      0.6825,
      0.62,
      0.5575,
      0.495,
      0.4325,
      0.3725,
      0.31,
      0.2475,
      0.185,
      0.1225,
      0.06,
      0
    ],
    "SoftwareVersions": "syngo_MR_B17",
    "TaskName": "compLn",
    "TotalReadoutTime": 0.0346501,
    "dataset": "ds003542",
    "modality": "bold",
    "run_id": 2,
    "subject_id": "15",
    "task_id": "compLn"
  },
  "dummy_trs": 1,
  "dvars_nstd": 17.17806521179347,
  "dvars_std": 1.1609916572282608,
  "dvars_vstd": 0.9910071850543479,
  "efc": 0.5185567347069061,
  "fber": 636.4072875976562,
  "fd_mean": 0.17083389894262055,
  "fd_num": 62,
  "fd_perc": 33.513513513513516,
  "fwhm_avg": 3.1098222727272726,
  "fwhm_x": 2.995112727272727,
  "fwhm_y": 3.3568290909090908,
  "fwhm_z": 2.977525,
  "gcor": 0.0156577,
  "gsr_x": -0.025418290868401527,
  "gsr_y": 0.10171302407979965,
  "provenance": {
    "md5sum": "6ea3772b76d0d80abed055f892f588b9",
    "settings": {
      "fd_thres": 0.2,
      "testing": false
    },
    "software": "mriqc",
    "version": "22.0.1",
    "webapi_port": null,
    "webapi_url": "https://mriqc.nimh.nih.gov/api/v1"
  },
  "size_t": 185,
  "size_x": 64,
  "size_y": 64,
  "size_z": 32,
  "snr": 2.050663393616611,
  "spacing_tr": 2.0,
  "spacing_x": 3.4375,
  "spacing_y": 3.4375,
  "spacing_z": 4.0,
  "summary_bg_k": 40.31658532537256,
  "summary_bg_mad": 10.939200878824401,
  "summary_bg_mean": 53.98667526245117,
  "summary_bg_median": 22.70270347595215,
  "summary_bg_n": 77154.0,
  "summary_bg_p05": 14.708108901977539,
  "summary_bg_p95": 197.87216567993158,
  "summary_bg_stdv": 93.25465393066406,
  "summary_fg_k": 4.641455037466639,
  "summary_fg_mad": 181.9593793566857,
  "summary_fg_mean": 663.6417846679688,
  "summary_fg_median": 584.4135131835938,
  "summary_fg_n": 23986.0,
  "summary_fg_p05": 372.45947265625,
  "summary_fg_p95": 1266.1960144042969,
  "summary_fg_stdv": 284.9815979003906,
  "tsnr": 106.81081154779531
}