{
  "aor": 0.0079115,
  "aqi": 0.005352227583333333,
  "bids_meta": {
    "AcquisitionNumber": 1,
    "AcquisitionTime": "15:27:3.167500",
    "BandwidthPerPixelPhaseEncode": 29.481,
    "ConversionSoftware": "dcm2niix",
    "ConversionSoftwareVersion": "v1.0.20170724 GCC4.4.7",
    "DeviceSerialNumber": "35414",
    "EchoTime": 0.025,
    "EffectiveEchoSpacing": 0.000530002,
    "FlipAngle": 90,
    "ImageType": [
      "ORIGINAL",
      "PRIMARY",
      "M",
      "ND",
      "MOSAIC"
    ],
    "InstitutionAddress": "Mikeletegi_69_San_Sebastian_District_ES_20009",
    "InstitutionName": "BCBL",
    "MagneticFieldStrength": 3,
    "Manufacturer": "Siemens",
    "ManufacturersModelName": "TrioTim",
    "PhaseEncodingDirection": "j-",
    "PhaseEncodingLines": 64,
    "ProcedureStepDescription": "CRANEO_FUNCIONAL",
    "ProtocolName": "ep2d_Didak_VF_L1_Run1",
    "RepetitionTime": 3,
    "ScanningSequence": "EP",
    "SequenceName": "_epfid2d1_64",
    "SequenceVariant": "SK",
    "SeriesDescription": "ep2d_Didak_VF_L1_Run1",
    "SliceTiming": [
      2.9225,
      2.8525,
      2.7825,
      2.7125,
      2.6425,
      2.575,
      2.505,
      2.435,
      2.365,
      2.295,
      2.2275,
      2.1575,
      2.0875,
      2.0175,
      1.9475,
      1.8775,
      1.81,
      1.74,
      1.67,
      1.6,
      1.53,
      1.46,
      1.3925,
      1.3225,
      1.2525,
      1.1825,
      1.1125,
      1.0425,
      0.975,
      0.905,
      0.835,
      0.765,
      0.695,
      0.625,
      0.5575,
      0.4875,
      0.4175,
      0.3475,
      0.2775,
      0.21,
      0.14,
      0.07,
      0
    ],
    "SoftwareVersions": "syngo_MR_B17",
    "TaskName": "prodL1",
    "TotalReadoutTime": 0.0333901,
    "dataset": "ds003542",
    "modality": "bold",
    "run_id": 1,
    "subject_id": "15",
    "task_id": "prodL1"
  },
  "dummy_trs": 0,
  "dvars_nstd": 23.84040747958159,
  "dvars_std": 1.2258915782008373,
  "dvars_vstd": 1.0416699142259416,
  "efc": 0.5952305478869266,
  "fber": 229.0865478515625,
  "fd_mean": 0.11634012563608728,
  "fd_num": 31,
  "fd_perc": 12.916666666666666,
  "fwhm_avg": 3.1017822227039136,
  "fwhm_x": 2.9367300000000003,
  "fwhm_y": 3.267313592996088,
  "fwhm_z": 3.1013030751156525,
  "gcor": 0.0188116,
  "gsr_x": -0.026408540084958076,
  "gsr_y": 0.15051206946372986,
  "provenance": {
    "md5sum": "2dc72598faa71b68c94cb8c668412940",
    "settings": {
      "fd_thres": 0.2,
      "testing": false
    },
    "software": "mriqc",
    "version": "22.0.1",
    "webapi_port": null,
    "webapi_url": "https://mriqc.nimh.nih.gov/api/v1"
  },
  "size_t": 240,
  "size_x": 64,
  "size_y": 64,
  "size_z": 43,
  "snr": 1.9997409612800134,
  "spacing_tr": 3.0,
  "spacing_x": 3.0,
  "spacing_y": 2.999999761581421,
  "spacing_z": 3.299999952316284,
  "summary_bg_k": 23.741711962536566,
  "summary_bg_mad": 26.124690927937742,
  "summary_bg_mean": 102.22106170654297,
  "summary_bg_median": 46.48333740234375,
  "summary_bg_n": 93541.0,
  "summary_bg_p05": 25.933334350585938,
  "summary_bg_p95": 361.1625061035156,
  "summary_bg_stdv": 147.5200958251953,
  "summary_fg_k": 5.795190129122332,
  "summary_fg_mad": 232.81795631388195,
  "summary_fg_mean": 813.3912353515625,
  "summary_fg_median": 716.1375122070312,
  "summary_fg_n": 41948.0,
  "summary_fg_p05": 448.91294860839844,
  "summary_fg_p95": 1543.840673828125,
  "summary_fg_stdv": 358.1108703613281,
  "tsnr": 61.10381285776384
}