{
  "aor": 0.010389875,
  "aqi": 0.008685703791666666,
  "bids_meta": {
    "AcquisitionNumber": 1,
    "AcquisitionTime": "17:02:51.362500",
    "BandwidthPerPixelPhaseEncode": 29.481,
    "ConversionSoftware": "dcm2niix",
    "ConversionSoftwareVersion": "v1.0.20170724 GCC4.4.7",
    "DeviceSerialNumber": "35414",
    "EchoTime": 0.025,
    "EffectiveEchoSpacing": 0.000530002,
    "FlipAngle": 90,
    "ImageType": [
      "ORIGINAL",
      "PRIMARY",
      "M",
      "ND",
      "MOSAIC"
    ],
    "InstitutionAddress": "Mikeletegi_69_San_Sebastian_District_ES_20009",
    "InstitutionName": "BCBL",
    "MagneticFieldStrength": 3,
    "Manufacturer": "Siemens",
    "ManufacturersModelName": "TrioTim",
    "PhaseEncodingDirection": "j-",
    "PhaseEncodingLines": 64,
    "ProcedureStepDescription": "CRANEO_FUNCIONAL",
    "ProtocolName": "ep2d_Didak_VF_L2_Run1",
    "RepetitionTime": 3,
    "ScanningSequence": "EP",
    "SequenceName": "_epfid2d1_64",
    "SequenceVariant": "SK",
    "SeriesDescription": "ep2d_Didak_VF_L2_Run1",
    "SliceTiming": [
      2.9225,
      2.8525,
      2.7825,
      2.7125,
      2.6425,
      2.575,
      2.505,
      2.435,
      2.365,
      2.295,
      2.225,
      2.1575,
      2.0875,
      2.0175,
      1.9475,
      1.8775,
      1.8075,
      1.74,
      1.67,
      1.6,
      1.53,
      1.46,
      1.3925,
      1.3225,
      1.2525,
      1.1825,
      1.1125,
      1.0425,
      0.975,
      0.905,
      0.835,
      0.765,
      0.695,
      0.625,
      0.5575,
      0.4875,
      0.4175,
      0.3475,
      0.2775,
      0.2075,
      0.14,
      0.07,
      0
    ],
    "SoftwareVersions": "syngo_MR_B17",
    "TaskName": "prodLn",
    "TotalReadoutTime": 0.0333901,
    "dataset": "ds003542",
    "modality": "bold",
    "run_id": 1,
    "subject_id": "15",
    "task_id": "prodLn"
  },
  "dummy_trs": 0,
  "dvars_nstd": 25.60703454740584,
  "dvars_std": 1.2331995224686176,
  "dvars_vstd": 1.062985719832636,
  "efc": 0.5956044703949436,
  "fber": 214.65264892578125,
  "fd_mean": 0.1429646393184312,
  "fd_num": 55,
  "fd_perc": 22.916666666666668,
  "fwhm_avg": 3.1798587021271842,
  "fwhm_x": 3.0184033333333335,
  "fwhm_y": 3.3532333333333333,
  "fwhm_z": 3.167939439714886,
  "gcor": 0.0149521,
  "gsr_x": -0.029324913397431374,
  "gsr_y": 0.1589377075433731,
  "provenance": {
    "md5sum": "c63a4728314444e5dabc1014404c9306",
    "settings": {
      "fd_thres": 0.2,
      "testing": false
    },
    "software": "mriqc",
    "version": "22.0.1",
    "webapi_port": null,
    "webapi_url": "https://mriqc.nimh.nih.gov/api/v1"
  },
  "size_t": 240,
  "size_x": 64,
  "size_y": 64,
  "size_z": 43,
  "snr": 1.9073982703011994,
  "spacing_tr": 3.0,
  "spacing_x": 3.0,
  "spacing_y": 3.0,
  "spacing_z": 3.299999952316284,
  "summary_bg_k": 25.83203047677462,
  "summary_bg_mad": 29.14549351371077,
  "summary_bg_mean": 109.28345489501953,
  "summary_bg_median": 49.216670989990234,
  "summary_bg_n": 93902.0,
  "summary_bg_p05": 27.0960431098938,
  "summary_bg_p95": 380.17397613525384,
  "summary_bg_stdv": 157.33375549316406,
  "summary_fg_k": 5.908696753338454,
  "summary_fg_mad": 248.01159760981926,
  "summary_fg_mean": 838.346435546875,
  "summary_fg_median": 732.1500244140625,
  "summary_fg_n": 41840.0,
  "summary_fg_p05": 451.41627044677733,
  "summary_fg_p95": 1626.2217224121077,
  "summary_fg_stdv": 383.8428955078125,
  "tsnr": 54.509258033009246
}