{
  "aor": 0.0007870652173913044,
  "aqi": 0.0013087630271739132,
  "bids_meta": {
    "AcquisitionNumber": 1,
    "AcquisitionTime": "15:01:34.447500",
    "BandwidthPerPixelPhaseEncode": 28.409,
    "ConversionSoftware": "dcm2niix",
    "ConversionSoftwareVersion": "v1.0.20170724 GCC4.4.7",
    "DeviceSerialNumber": "35414",
    "EchoTime": 0.03,
    "EffectiveEchoSpacing": 0.000550002,
    "FlipAngle": 80,
    "ImageType": [
      "ORIGINAL",
      "PRIMARY",
      "FMRI",
      "NONE",
      "ND",
      "MOSAIC"
    ],
    "InstitutionAddress": "Mikeletegi_69_San_Sebastian_District_ES_20009",
    "InstitutionName": "BCBL",
    "MagneticFieldStrength": 3,
    "Manufacturer": "Siemens",
    "ManufacturersModelName": "TrioTim",
    "PhaseEncodingDirection": "j-",
    "PhaseEncodingLines": 64,
    "ProcedureStepDescription": "CRANEO_FUNCIONAL",
    "ProtocolName": "ep2d_PiN_L1_Run1",
    "RepetitionTime": 2,
    "ScanningSequence": "EP",
    "SequenceName": "_epfid2d1_64",
    "SequenceVariant": "SK",
    "SeriesDescription": "ep2d_PiN_L1_Run1",
    "SliceTiming": [
      1.925,
      1.8625,
      1.8025,
      1.74,
      1.6775,
      1.615,
      1.5525,
      1.49,
      1.4275,
      1.3675,
      1.305,
      1.2425,
      1.18,
      1.1175,
      1.055,
      0.995,
      0.9325,
      0.87,
      0.8075,
      0.745,
      0.6825,
      0.62,
      0.56,
      0.4975,
      0.435,
      0.3725,
      0.31,
      0.2475,
      0.1875,
      0.125,
      0.0625,
      0
    ],
    "SoftwareVersions": "syngo_MR_B17",
    "TaskName": "compL1",
    "TotalReadoutTime": 0.0346501,
    "dataset": "ds003542",
    "modality": "bold",
    "run_id": 1,
    "subject_id": "15",
    "task_id": "compL1"
  },
  "dummy_trs": 2,
  "dvars_nstd": 19.60576116830602,
  "dvars_std": 1.2246568354098366,
  "dvars_vstd": 0.9934558081420765,
  "efc": 0.5084064405182586,
  "fber": 681.1002197265625,
  "fd_mean": 0.15213144231791764,
  "fd_num": 31,
  "fd_perc": 16.847826086956523,
  "fwhm_avg": 3.223625909090909,
  "fwhm_x": 3.121163636363636,
  "fwhm_y": 3.4441890909090906,
  "fwhm_z": 3.105525,
  "gcor": 0.0495457,
  "gsr_x": -0.020843029022216797,
  "gsr_y": 0.0984981432557106,
  "provenance": {
    "md5sum": "1c310c348f18ad74cf349e8753eba2ec",
    "settings": {
      "fd_thres": 0.2,
      "testing": false
    },
    "software": "mriqc",
    "version": "22.0.1",
    "webapi_port": null,
    "webapi_url": "https://mriqc.nimh.nih.gov/api/v1"
  },
  "size_t": 184,
  "size_x": 64,
  "size_y": 64,
  "size_z": 32,
  "snr": 1.9576723369737117,
  "spacing_tr": 2.0,
  "spacing_x": 3.4375,
  "spacing_y": 3.4375,
  "spacing_z": 4.0,
  "summary_bg_k": 43.433622523391875,
  "summary_bg_mad": 9.93504644961285,
  "summary_bg_mean": 51.454490661621094,
  "summary_bg_median": 22.27717399597168,
  "summary_bg_n": 77476.0,
  "summary_bg_p05": 15.157608985900879,
  "summary_bg_p95": 181.9144058227539,
  "summary_bg_stdv": 88.33419799804688,
  "summary_fg_k": 4.6217182998778235,
  "summary_fg_mad": 183.48007822643586,
  "summary_fg_mean": 674.703125,
  "summary_fg_median": 587.05712890625,
  "summary_fg_n": 23702.0,
  "summary_fg_p05": 377.91061248779295,
  "summary_fg_p95": 1316.039428710938,
  "summary_fg_stdv": 299.8687438964844,
  "tsnr": 115.60693832114339
}