{
  "aor": 0.0029222083333333335,
  "aqi": 0.007178948666666666,
  "bids_meta": {
    "AcquisitionNumber": 1,
    "AcquisitionTime": "15:40:25.065000",
    "BandwidthPerPixelPhaseEncode": 29.481,
    "ConversionSoftware": "dcm2niix",
    "ConversionSoftwareVersion": "v1.0.20170724 GCC4.4.7",
    "DeviceSerialNumber": "35414",
    "EchoTime": 0.025,
    "EffectiveEchoSpacing": 0.000530002,
    "FlipAngle": 90,
    "ImageType": [
      "ORIGINAL",
      "PRIMARY",
      "M",
      "ND",
      "MOSAIC"
    ],
    "InstitutionAddress": "Mikeletegi_69_San_Sebastian_District_ES_20009",
    "InstitutionName": "BCBL",
    "MagneticFieldStrength": 3,
    "Manufacturer": "Siemens",
    "ManufacturersModelName": "TrioTim",
    "PhaseEncodingDirection": "j-",
    "PhaseEncodingLines": 64,
    "ProcedureStepDescription": "CRANEO_FUNCIONAL",
    "ProtocolName": "ep2d_Didak_VF_L1_Run2",
    "RepetitionTime": 3,
    "ScanningSequence": "EP",
    "SequenceName": "_epfid2d1_64",
    "SequenceVariant": "SK",
    "SeriesDescription": "ep2d_Didak_VF_L1_Run2",
    "SliceTiming": [
      2.9225,
      2.8525,
      2.7825,
      2.7125,
      2.6425,
      2.5725,
      2.505,
      2.435,
      2.365,
      2.295,
      2.225,
      2.1575,
      2.0875,
      2.0175,
      1.9475,
      1.8775,
      1.8075,
      1.74,
      1.67,
      1.6,
      1.53,
      1.46,
      1.39,
      1.3225,
      1.2525,
      1.1825,
      1.1125,
      1.0425,
      0.9725,
      0.905,
      0.835,
      0.765,
      0.695,
      0.625,
      0.555,
      0.4875,
      0.4175,
      0.3475,
      0.2775,
      0.2075,
      0.14,
      0.07,
      0
    ],
    "SoftwareVersions": "syngo_MR_B17",
    "TaskName": "prodL1",
    "TotalReadoutTime": 0.0333901,
    "dataset": "ds003542",
    "modality": "bold",
    "run_id": 2,
    "subject_id": "15",
    "task_id": "prodL1"
  },
  "dummy_trs": 0,
  "dvars_nstd": 25.499898375355663,
  "dvars_std": 1.1594685794142254,
  "dvars_vstd": 0.9727721720083676,
  "efc": 0.5969550992994804,
  "fber": 234.5682373046875,
  "fd_mean": 0.12855997052633716,
  "fd_num": 41,
  "fd_perc": 17.083333333333332,
  "fwhm_avg": 3.104160707727241,
  "fwhm_x": 2.9469100000000004,
  "fwhm_y": 3.276056927024279,
  "fwhm_z": 3.0895151961574436,
  "gcor": 0.0137707,
  "gsr_x": -0.023599259555339813,
  "gsr_y": 0.15291789174079895,
  "provenance": {
    "md5sum": "080515bdbfc9e9d90cc5cc227a76a76b",
    "settings": {
      "fd_thres": 0.2,
      "testing": false
    },
    "software": "mriqc",
    "version": "22.0.1",
    "webapi_port": null,
    "webapi_url": "https://mriqc.nimh.nih.gov/api/v1"
  },
  "size_t": 240,
  "size_x": 64,
  "size_y": 64,
  "size_z": 43,
  "snr": 2.0545663208087306,
  "spacing_tr": 3.0,
  "spacing_x": 3.0,
  "spacing_y": 2.999999761581421,
  "spacing_z": 3.299999952316284,
  "summary_bg_k": 24.325865460730967,
  "summary_bg_mad": 25.09922307381302,
  "summary_bg_mean": 102.15412139892578,
  "summary_bg_median": 45.89167022705078,
  "summary_bg_n": 94093.0,
  "summary_bg_p05": 26.148334503173828,
  "summary_bg_p95": 364.06334838867167,
  "summary_bg_stdv": 146.88198852539062,
  "summary_fg_k": 5.786289642696536,
  "summary_fg_mad": 229.38328530523947,
  "summary_fg_mean": 806.40283203125,
  "summary_fg_median": 713.3292236328125,
  "summary_fg_n": 41771.0,
  "summary_fg_p05": 449.4208526611328,
  "summary_fg_p95": 1513.9771728515625,
  "summary_fg_stdv": 347.1879577636719,
  "tsnr": 57.855129146482795
}