{
  "aor": 0.0007739459459459461,
  "aqi": 0.0020463765783783785,
  "bids_meta": {
    "AcquisitionNumber": 1,
    "AcquisitionTime": "16:39:15.975000",
    "BandwidthPerPixelPhaseEncode": 28.409,
    "ConversionSoftware": "dcm2niix",
    "ConversionSoftwareVersion": "v1.0.20170724 GCC4.4.7",
    "DeviceSerialNumber": "35414",
    "EchoTime": 0.03,
    "EffectiveEchoSpacing": 0.000550002,
    "FlipAngle": 80,
    "ImageType": [
      "ORIGINAL",
      "PRIMARY",
      "FMRI",
      "NONE",
      "ND",
      "MOSAIC"
    ],
    "InstitutionAddress": "Mikeletegi_69_San_Sebastian_District_ES_20009",
    "InstitutionName": "BCBL",
    "MagneticFieldStrength": 3,
    "Manufacturer": "Siemens",
    "ManufacturersModelName": "TrioTim",
    "PhaseEncodingDirection": "j-",
    "PhaseEncodingLines": 64,
    "ProcedureStepDescription": "CRANEO_FUNCIONAL",
    "ProtocolName": "ep2d_PiN_L2_Run1",
    "RepetitionTime": 2,
    "ScanningSequence": "EP",
    "SequenceName": "_epfid2d1_64",
    "SequenceVariant": "SK",
    "SeriesDescription": "ep2d_PiN_L2_Run1",
    "SliceTiming": [
      1.925,
      1.8625,
      1.8,
      1.74,
      1.6775,
      1.615,
      1.5525,
      1.49,
      1.4275,
      1.3675,
      1.305,
      1.2425,
      1.18,
      1.1175,
      1.055,
      0.995,
      0.9325,
      0.87,
      0.8075,
      0.745,
      0.6825,
      0.62,
      0.56,
      0.4975,
      0.435,
      0.3725,
      0.31,
      0.2475,
      0.1875,
      0.125,
      0.0625,
      0
    ],
    "SoftwareVersions": "syngo_MR_B17",
    "TaskName": "compLn",
    "TotalReadoutTime": 0.0346501,
    "dataset": "ds003542",
    "modality": "bold",
    "run_id": 1,
    "subject_id": "15",
    "task_id": "compLn"
  },
  "dummy_trs": 1,
  "dvars_nstd": 17.576141720271735,
  "dvars_std": 1.17960889576087,
  "dvars_vstd": 0.9890688531521741,
  "efc": 0.5172120989994302,
  "fber": 647.607666015625,
  "fd_mean": 0.16634061967647384,
  "fd_num": 60,
  "fd_perc": 32.432432432432435,
  "fwhm_avg": 3.1103942424242423,
  "fwhm_x": 3.0119854545454543,
  "fwhm_y": 3.349847272727273,
  "fwhm_z": 2.96935,
  "gcor": 0.0166381,
  "gsr_x": -0.02526983432471752,
  "gsr_y": 0.10196662694215775,
  "provenance": {
    "md5sum": "a1d52c1b01600322c5750800ed4463bf",
    "settings": {
      "fd_thres": 0.2,
      "testing": false
    },
    "software": "mriqc",
    "version": "22.0.1",
    "webapi_port": null,
    "webapi_url": "https://mriqc.nimh.nih.gov/api/v1"
  },
  "size_t": 185,
  "size_x": 64,
  "size_y": 64,
  "size_z": 32,
  "snr": 2.0466941310872513,
  "spacing_tr": 2.0,
  "spacing_x": 3.4375,
  "spacing_y": 3.4375,
  "spacing_z": 4.0,
  "summary_bg_k": 43.49823132859547,
  "summary_bg_mad": 10.618637014135919,
  "summary_bg_mean": 53.452701568603516,
  "summary_bg_median": 22.44864845275879,
  "summary_bg_n": 77159.0,
  "summary_bg_p05": 14.724324226379395,
  "summary_bg_p95": 194.4081130981443,
  "summary_bg_stdv": 93.32759094238281,
  "summary_fg_k": 4.638912600791739,
  "summary_fg_mad": 181.15794707224995,
  "summary_fg_mean": 663.6279296875,
  "summary_fg_median": 584.421630859375,
  "summary_fg_n": 23964.0,
  "summary_fg_p05": 371.12703399658204,
  "summary_fg_p95": 1270.8357360839825,
  "summary_fg_stdv": 285.5382385253906,
  "tsnr": 107.66288131568581
}