{
  "aor": 0.00826741935483871,
  "aqi": 0.002923942741935484,
  "bids_meta": {
    "AcquisitionNumber": 1,
    "AcquisitionTime": "12:20:26.177500",
    "BandwidthPerPixelPhaseEncode": 28.409,
    "ConversionSoftware": "dcm2niix",
    "ConversionSoftwareVersion": "v1.0.20170724 GCC4.4.7",
    "DeviceSerialNumber": "35414",
    "EchoTime": 0.03,
    "EffectiveEchoSpacing": 0.000550002,
    "FlipAngle": 80,
    "ImageType": [
      "ORIGINAL",
      "PRIMARY",
      "FMRI",
      "NONE",
      "ND",
      "MOSAIC"
    ],
    "InstitutionAddress": "Mikeletegi_69_San_Sebastian_District_ES_20009",
    "InstitutionName": "BCBL",
    "MagneticFieldStrength": 3,
    "Manufacturer": "Siemens",
    "ManufacturersModelName": "TrioTim",
    "PhaseEncodingDirection": "j-",
    "PhaseEncodingLines": 64,
    "ProcedureStepDescription": "CRANEO_FUNCIONAL",
    "ProtocolName": "ep2d_PiN_L2_Run2",
    "RepetitionTime": 2,
    "ScanningSequence": "EP",
    "SequenceName": "_epfid2d1_64",
    "SequenceVariant": "SK",
    "SeriesDescription": "ep2d_PiN_L2_Run2",
    "SliceTiming": [
      1.925,
      1.8625,
      1.8,
      1.74,
      1.6775,
      1.615,
      1.5525,
      1.49,
      1.4275,
      1.3675,
      1.305,
      1.2425,
      1.18,
      1.1175,
      1.055,
      0.9925,
      0.9325,
      0.87,
      0.8075,
      0.745,
      0.6825,
      0.62,
      0.56,
      0.4975,
      0.435,
      0.3725,
      0.31,
      0.2475,
      0.1875,
      0.125,
      0.0625,
      0
    ],
    "SoftwareVersions": "syngo_MR_B17",
    "TaskName": "compLn",
    "TotalReadoutTime": 0.0346501,
    "dataset": "ds003542",
    "modality": "bold",
    "run_id": 2,
    "subject_id": "21",
    "task_id": "compLn"
  },
  "dummy_trs": 0,
  "dvars_nstd": 25.973381027459467,
  "dvars_std": 1.3044267748108103,
  "dvars_vstd": 1.0966134510810803,
  "efc": 0.518805677732422,
  "fber": 659.037841796875,
  "fd_mean": 0.30520434808658853,
  "fd_num": 114,
  "fd_perc": 61.29032258064516,
  "fwhm_avg": 2.611383212121212,
  "fwhm_x": 2.5286865454545455,
  "fwhm_y": 2.778013090909091,
  "fwhm_z": 2.52745,
  "gcor": 0.0365417,
  "gsr_x": -0.031018037348985672,
  "gsr_y": 0.08170811086893082,
  "provenance": {
    "md5sum": "61d99d3afba9b5a535476811ed33a12d",
    "settings": {
      "fd_thres": 0.2,
      "testing": false
    },
    "software": "mriqc",
    "version": "22.0.1",
    "webapi_port": null,
    "webapi_url": "https://mriqc.nimh.nih.gov/api/v1"
  },
  "size_t": 186,
  "size_x": 64,
  "size_y": 64,
  "size_z": 32,
  "snr": 2.7309952134018776,
  "spacing_tr": 2.0,
  "spacing_x": 3.4375,
  "spacing_y": 3.4375,
  "spacing_z": 4.0,
  "summary_bg_k": 45.65971408678843,
  "summary_bg_mad": 6.655769453059533,
  "summary_bg_mean": 47.102108001708984,
  "summary_bg_median": 20.80645179748535,
  "summary_bg_n": 81359.0,
  "summary_bg_p05": 15.946236610412598,
  "summary_bg_p95": 183.26451873779288,
  "summary_bg_stdv": 73.83468627929688,
  "summary_fg_k": 3.3670263937062614,
  "summary_fg_mad": 159.85001947870606,
  "summary_fg_mean": 583.9498901367188,
  "summary_fg_median": 541.6666870117188,
  "summary_fg_n": 20467.0,
  "summary_fg_p05": 343.15053100585936,
  "summary_fg_p95": 962.1811706542969,
  "summary_fg_stdv": 198.33555603027344,
  "tsnr": 68.21153010101989
}