{
  "aor": 0.01627583783783784,
  "aqi": 0.011796706486486487,
  "bids_meta": {
    "AcquisitionNumber": 1,
    "AcquisitionTime": "12:13:23.997500",
    "BandwidthPerPixelPhaseEncode": 28.409,
    "ConversionSoftware": "dcm2niix",
    "ConversionSoftwareVersion": "v1.0.20170724 GCC4.4.7",
    "DeviceSerialNumber": "35414",
    "EchoTime": 0.03,
    "EffectiveEchoSpacing": 0.000550002,
    "FlipAngle": 80,
    "ImageType": [
      "ORIGINAL",
      "PRIMARY",
      "FMRI",
      "NONE",
      "ND",
      "MOSAIC"
    ],
    "InstitutionAddress": "Mikeletegi_69_San_Sebastian_District_ES_20009",
    "InstitutionName": "BCBL",
    "MagneticFieldStrength": 3,
    "Manufacturer": "Siemens",
    "ManufacturersModelName": "TrioTim",
    "PhaseEncodingDirection": "j-",
    "PhaseEncodingLines": 64,
    "ProcedureStepDescription": "CRANEO_FUNCIONAL",
    "ProtocolName": "ep2d_PiN_L2_Run1",
    "RepetitionTime": 2,
    "ScanningSequence": "EP",
    "SequenceName": "_epfid2d1_64",
    "SequenceVariant": "SK",
    "SeriesDescription": "ep2d_PiN_L2_Run1",
    "SliceTiming": [
      1.925,
      1.8625,
      1.8025,
      1.74,
      1.6775,
      1.615,
      1.5525,
      1.49,
      1.43,
      1.3675,
      1.305,
      1.2425,
      1.18,
      1.1175,
      1.0575,
      0.995,
      0.9325,
      0.87,
      0.8075,
      0.745,
      0.6825,
      0.6225,
      0.56,
      0.4975,
      0.435,
      0.3725,
      0.31,
      0.25,
      0.1875,
      0.125,
      0.0625,
      0
    ],
    "SoftwareVersions": "syngo_MR_B17",
    "TaskName": "compLn",
    "TotalReadoutTime": 0.0346501,
    "dataset": "ds003542",
    "modality": "bold",
    "run_id": 1,
    "subject_id": "21",
    "task_id": "compLn"
  },
  "dummy_trs": 1,
  "dvars_nstd": 32.05684943826086,
  "dvars_std": 1.0204175856521738,
  "dvars_vstd": 0.9578288952717393,
  "efc": 0.5189621398546658,
  "fber": 643.5064086914062,
  "fd_mean": 0.4621164603880384,
  "fd_num": 136,
  "fd_perc": 73.51351351351352,
  "fwhm_avg": 2.6776373030303033,
  "fwhm_x": 2.6068625454545455,
  "fwhm_y": 2.8407243636363635,
  "fwhm_z": 2.585325,
  "gcor": 0.0559131,
  "gsr_x": -0.031231757253408432,
  "gsr_y": 0.08215297758579254,
  "provenance": {
    "md5sum": "2bff227c6b25f05f691ea7728078f514",
    "settings": {
      "fd_thres": 0.2,
      "testing": false
    },
    "software": "mriqc",
    "version": "22.0.1",
    "webapi_port": null,
    "webapi_url": "https://mriqc.nimh.nih.gov/api/v1"
  },
  "size_t": 185,
  "size_x": 64,
  "size_y": 64,
  "size_z": 32,
  "snr": 2.670817370474494,
  "spacing_tr": 2.0,
  "spacing_x": 3.4375,
  "spacing_y": 3.4375,
  "spacing_z": 4.0,
  "summary_bg_k": 47.85989440898054,
  "summary_bg_mad": 7.060393669209994,
  "summary_bg_mean": 47.36369705200195,
  "summary_bg_median": 21.27027130126953,
  "summary_bg_n": 81287.0,
  "summary_bg_p05": 15.9513521194458,
  "summary_bg_p95": 180.79298095703123,
  "summary_bg_stdv": 72.90105438232422,
  "summary_fg_k": 3.632427843965475,
  "summary_fg_mad": 162.3409160831796,
  "summary_fg_mean": 590.7767333984375,
  "summary_fg_median": 546.5081176757812,
  "summary_fg_n": 20601.0,
  "summary_fg_p05": 345.2162170410156,
  "summary_fg_p95": 986.572998046875,
  "summary_fg_stdv": 204.61708068847656,
  "tsnr": 33.07328186184168
}