{
  "aor": 0.006410875,
  "aqi": 0.008518948666666666,
  "bids_meta": {
    "AcquisitionNumber": 1,
    "AcquisitionTime": "11:10:56.877500",
    "BandwidthPerPixelPhaseEncode": 29.481,
    "ConversionSoftware": "dcm2niix",
    "ConversionSoftwareVersion": "v1.0.20170724 GCC4.4.7",
    "DeviceSerialNumber": "35414",
    "EchoTime": 0.025,
    "EffectiveEchoSpacing": 0.000530002,
    "FlipAngle": 90,
    "ImageType": [
      "ORIGINAL",
      "PRIMARY",
      "M",
      "ND",
      "MOSAIC"
    ],
    "InstitutionAddress": "Mikeletegi_69_San_Sebastian_District_ES_20009",
    "InstitutionName": "BCBL",
    "MagneticFieldStrength": 3,
    "Manufacturer": "Siemens",
    "ManufacturersModelName": "TrioTim",
    "PhaseEncodingDirection": "j-",
    "PhaseEncodingLines": 64,
    "ProcedureStepDescription": "CRANEO_FUNCIONAL",
    "ProtocolName": "ep2d_Didak_VF_L1_Run2",
    "RepetitionTime": 3,
    "ScanningSequence": "EP",
    "SequenceName": "_epfid2d1_64",
    "SequenceVariant": "SK",
    "SeriesDescription": "ep2d_Didak_VF_L1_Run2",
    "SliceTiming": [
      2.9225,
      2.8525,
      2.7825,
      2.715,
      2.645,
      2.575,
      2.505,
      2.435,
      2.3675,
      2.2975,
      2.2275,
      2.1575,
      2.0875,
      2.0175,
      1.95,
      1.88,
      1.81,
      1.74,
      1.67,
      1.6,
      1.5325,
      1.4625,
      1.3925,
      1.3225,
      1.2525,
      1.1825,
      1.115,
      1.045,
      0.975,
      0.905,
      0.835,
      0.765,
      0.6975,
      0.6275,
      0.5575,
      0.4875,
      0.4175,
      0.35,
      0.28,
      0.21,
      0.14,
      0.07,
      0
    ],
    "SoftwareVersions": "syngo_MR_B17",
    "TaskName": "prodL1",
    "TotalReadoutTime": 0.0333901,
    "dataset": "ds003542",
    "modality": "bold",
    "run_id": 2,
    "subject_id": "21",
    "task_id": "prodL1"
  },
  "dummy_trs": 0,
  "dvars_nstd": 37.8461165169456,
  "dvars_std": 1.1875204400836812,
  "dvars_vstd": 1.00719514623431,
  "efc": 0.5945903428509829,
  "fber": 288.22113037109375,
  "fd_mean": 0.38375324423340984,
  "fd_num": 152,
  "fd_perc": 63.333333333333336,
  "fwhm_avg": 2.726117623971954,
  "fwhm_x": 2.57252,
  "fwhm_y": 2.8654966666666666,
  "fwhm_z": 2.740336205249197,
  "gcor": 0.0340074,
  "gsr_x": -0.026076605543494225,
  "gsr_y": 0.13482147455215454,
  "provenance": {
    "md5sum": "640e1a7ecb2a69d0e03370f3c81cf8dc",
    "settings": {
      "fd_thres": 0.2,
      "testing": false
    },
    "software": "mriqc",
    "version": "22.0.1",
    "webapi_port": null,
    "webapi_url": "https://mriqc.nimh.nih.gov/api/v1"
  },
  "size_t": 240,
  "size_x": 64,
  "size_y": 64,
  "size_z": 43,
  "snr": 2.556385059292562,
  "spacing_tr": 3.0,
  "spacing_x": 3.0,
  "spacing_y": 3.0,
  "spacing_z": 3.3000001907348633,
  "summary_bg_k": 23.233653736658255,
  "summary_bg_mad": 16.129475127311228,
  "summary_bg_mean": 91.54804229736328,
  "summary_bg_median": 39.02916717529297,
  "summary_bg_n": 100631.0,
  "summary_bg_p05": 27.318751335144043,
  "summary_bg_p95": 345.67918395996094,
  "summary_bg_stdv": 126.11762237548828,
  "summary_fg_k": 3.880187889784546,
  "summary_fg_mad": 214.79507309517322,
  "summary_fg_mean": 736.5068969726562,
  "summary_fg_median": 679.42919921875,
  "summary_fg_n": 36410.0,
  "summary_fg_p05": 417.4879348754883,
  "summary_fg_p95": 1242.2277526855464,
  "summary_fg_stdv": 265.773681640625,
  "tsnr": 41.605979108135216
}