{
  "aor": 0.011036708333333334,
  "aqi": 0.008472163333333334,
  "bids_meta": {
    "AcquisitionNumber": 1,
    "AcquisitionTime": "12:53:30.610000",
    "BandwidthPerPixelPhaseEncode": 29.481,
    "ConversionSoftware": "dcm2niix",
    "ConversionSoftwareVersion": "v1.0.20170724 GCC4.4.7",
    "DeviceSerialNumber": "35414",
    "EchoTime": 0.025,
    "EffectiveEchoSpacing": 0.000530002,
    "FlipAngle": 90,
    "ImageType": [
      "ORIGINAL",
      "PRIMARY",
      "M",
      "ND",
      "MOSAIC"
    ],
    "InstitutionAddress": "Mikeletegi_69_San_Sebastian_District_ES_20009",
    "InstitutionName": "BCBL",
    "MagneticFieldStrength": 3,
    "Manufacturer": "Siemens",
    "ManufacturersModelName": "TrioTim",
    "PhaseEncodingDirection": "j-",
    "PhaseEncodingLines": 64,
    "ProcedureStepDescription": "CRANEO_FUNCIONAL",
    "ProtocolName": "ep2d_Didak_VF_L2_Run2",
    "RepetitionTime": 3,
    "ScanningSequence": "EP",
    "SequenceName": "_epfid2d1_64",
    "SequenceVariant": "SK",
    "SeriesDescription": "ep2d_Didak_VF_L2_Run2",
    "SliceTiming": [
      2.9225,
      2.8525,
      2.7825,
      2.7125,
      2.6425,
      2.575,
      2.505,
      2.435,
      2.365,
      2.295,
      2.225,
      2.1575,
      2.0875,
      2.0175,
      1.9475,
      1.8775,
      1.8075,
      1.74,
      1.67,
      1.6,
      1.53,
      1.46,
      1.3925,
      1.3225,
      1.2525,
      1.1825,
      1.1125,
      1.0425,
      0.975,
      0.905,
      0.835,
      0.765,
      0.695,
      0.625,
      0.5575,
      0.4875,
      0.4175,
      0.3475,
      0.2775,
      0.2075,
      0.14,
      0.07,
      0
    ],
    "SoftwareVersions": "syngo_MR_B17",
    "TaskName": "prodLn",
    "TotalReadoutTime": 0.0333901,
    "dataset": "ds003542",
    "modality": "bold",
    "run_id": 2,
    "subject_id": "21",
    "task_id": "prodLn"
  },
  "dummy_trs": 0,
  "dvars_nstd": 37.51812875029287,
  "dvars_std": 1.206315865271966,
  "dvars_vstd": 1.038935833472803,
  "efc": 0.5980121383522824,
  "fber": 269.07427978515625,
  "fd_mean": 0.3269184938924249,
  "fd_num": 119,
  "fd_perc": 49.583333333333336,
  "fwhm_avg": 2.6836274876966173,
  "fwhm_x": 2.564626666666667,
  "fwhm_y": 2.79778,
  "fwhm_z": 2.6884757964231865,
  "gcor": 0.0369758,
  "gsr_x": -0.024677332490682602,
  "gsr_y": 0.13683240115642548,
  "provenance": {
    "md5sum": "dadf7eb690bbe66205804783e30def86",
    "settings": {
      "fd_thres": 0.2,
      "testing": false
    },
    "software": "mriqc",
    "version": "22.0.1",
    "webapi_port": null,
    "webapi_url": "https://mriqc.nimh.nih.gov/api/v1"
  },
  "size_t": 240,
  "size_x": 64,
  "size_y": 64,
  "size_z": 43,
  "snr": 2.6049299746783454,
  "spacing_tr": 3.0,
  "spacing_x": 3.0,
  "spacing_y": 3.0,
  "spacing_z": 3.299999952316284,
  "summary_bg_k": 23.17524171159523,
  "summary_bg_mad": 14.961928142509517,
  "summary_bg_mean": 93.40174865722656,
  "summary_bg_median": 40.212501525878906,
  "summary_bg_n": 100755.0,
  "summary_bg_p05": 29.304168701171875,
  "summary_bg_p95": 353.8004394531247,
  "summary_bg_stdv": 127.54637908935547,
  "summary_fg_k": 3.9362238238234006,
  "summary_fg_mad": 210.67163092038356,
  "summary_fg_mean": 731.23681640625,
  "summary_fg_median": 675.125,
  "summary_fg_n": 36228.0,
  "summary_fg_p05": 420.6494049072266,
  "summary_fg_p95": 1220.098425292969,
  "summary_fg_stdv": 259.16845703125,
  "tsnr": 41.28032431891188
}