{
  "aor": 0.008935243243243242,
  "aqi": 0.0033925065783783786,
  "bids_meta": {
    "AcquisitionNumber": 1,
    "AcquisitionTime": "12:28:9.090000",
    "BandwidthPerPixelPhaseEncode": 28.409,
    "ConversionSoftware": "dcm2niix",
    "ConversionSoftwareVersion": "v1.0.20170724 GCC4.4.7",
    "DeviceSerialNumber": "35414",
    "EchoTime": 0.03,
    "EffectiveEchoSpacing": 0.000550002,
    "FlipAngle": 80,
    "ImageType": [
      "ORIGINAL",
      "PRIMARY",
      "FMRI",
      "NONE",
      "ND",
      "MOSAIC"
    ],
    "InstitutionAddress": "Mikeletegi_69_San_Sebastian_District_ES_20009",
    "InstitutionName": "BCBL",
    "MagneticFieldStrength": 3,
    "Manufacturer": "Siemens",
    "ManufacturersModelName": "TrioTim",
    "PhaseEncodingDirection": "j-",
    "PhaseEncodingLines": 64,
    "ProcedureStepDescription": "CRANEO_FUNCIONAL",
    "ProtocolName": "ep2d_PiN_L2_Run3",
    "RepetitionTime": 2,
    "ScanningSequence": "EP",
    "SequenceName": "_epfid2d1_64",
    "SequenceVariant": "SK",
    "SeriesDescription": "ep2d_PiN_L2_Run3",
    "SliceTiming": [
      1.925,
      1.865,
      1.8025,
      1.74,
      1.6775,
      1.615,
      1.5525,
      1.49,
      1.43,
      1.3675,
      1.305,
      1.2425,
      1.18,
      1.1175,
      1.0575,
      0.995,
      0.9325,
      0.87,
      0.8075,
      0.745,
      0.6825,
      0.6225,
      0.56,
      0.4975,
      0.435,
      0.3725,
      0.31,
      0.25,
      0.1875,
      0.125,
      0.0625,
      0
    ],
    "SoftwareVersions": "syngo_MR_B17",
    "TaskName": "compLn",
    "TotalReadoutTime": 0.0346501,
    "dataset": "ds003542",
    "modality": "bold",
    "run_id": 3,
    "subject_id": "21",
    "task_id": "compLn"
  },
  "dummy_trs": 1,
  "dvars_nstd": 24.114181218206515,
  "dvars_std": 1.1855845323369565,
  "dvars_vstd": 1.039756351304348,
  "efc": 0.5182708222113942,
  "fber": 680.6892700195312,
  "fd_mean": 0.2764393993448867,
  "fd_num": 89,
  "fd_perc": 48.108108108108105,
  "fwhm_avg": 2.5844703333333334,
  "fwhm_x": 2.5031854545454544,
  "fwhm_y": 2.7625105454545458,
  "fwhm_z": 2.487715,
  "gcor": 0.0363447,
  "gsr_x": -0.03127916902303696,
  "gsr_y": 0.08064864575862885,
  "provenance": {
    "md5sum": "e3d50c41828ee15a38149ca83486c434",
    "settings": {
      "fd_thres": 0.2,
      "testing": false
    },
    "software": "mriqc",
    "version": "22.0.1",
    "webapi_port": null,
    "webapi_url": "https://mriqc.nimh.nih.gov/api/v1"
  },
  "size_t": 185,
  "size_x": 64,
  "size_y": 64,
  "size_z": 32,
  "snr": 2.735210154993982,
  "spacing_tr": 2.0,
  "spacing_x": 3.4375,
  "spacing_y": 3.4375,
  "spacing_z": 4.0,
  "summary_bg_k": 43.989488366590535,
  "summary_bg_mad": 6.707773418052663,
  "summary_bg_mean": 46.694190979003906,
  "summary_bg_median": 20.502702713012695,
  "summary_bg_n": 81332.0,
  "summary_bg_p05": 15.621622085571289,
  "summary_bg_p95": 184.69676284790035,
  "summary_bg_stdv": 73.16304779052734,
  "summary_fg_k": 3.552640594611831,
  "summary_fg_mad": 159.5039371920438,
  "summary_fg_mean": 583.8270874023438,
  "summary_fg_median": 541.9351196289062,
  "summary_fg_n": 20499.0,
  "summary_fg_p05": 342.25135498046876,
  "summary_fg_p95": 961.8438049316406,
  "summary_fg_stdv": 198.12806701660156,
  "tsnr": 63.11813365761191
}