{
  "aor": 0.0037857499999999996,
  "aqi": 0.008743904375,
  "bids_meta": {
    "AcquisitionNumber": 1,
    "AcquisitionTime": "12:39:51.792500",
    "BandwidthPerPixelPhaseEncode": 29.481,
    "ConversionSoftware": "dcm2niix",
    "ConversionSoftwareVersion": "v1.0.20170724 GCC4.4.7",
    "DeviceSerialNumber": "35414",
    "EchoTime": 0.025,
    "EffectiveEchoSpacing": 0.000530002,
    "FlipAngle": 90,
    "ImageType": [
      "ORIGINAL",
      "PRIMARY",
      "M",
      "ND",
      "MOSAIC"
    ],
    "InstitutionAddress": "Mikeletegi_69_San_Sebastian_District_ES_20009",
    "InstitutionName": "BCBL",
    "MagneticFieldStrength": 3,
    "Manufacturer": "Siemens",
    "ManufacturersModelName": "TrioTim",
    "PhaseEncodingDirection": "j-",
    "PhaseEncodingLines": 64,
    "ProcedureStepDescription": "CRANEO_FUNCIONAL",
    "ProtocolName": "ep2d_Didak_VF_L2_Run1",
    "RepetitionTime": 3,
    "ScanningSequence": "EP",
    "SequenceName": "_epfid2d1_64",
    "SequenceVariant": "SK",
    "SeriesDescription": "ep2d_Didak_VF_L2_Run1",
    "SliceTiming": [
      2.92,
      2.8525,
      2.7825,
      2.7125,
      2.6425,
      2.5725,
      2.5025,
      2.435,
      2.365,
      2.295,
      2.225,
      2.155,
      2.085,
      2.0175,
      1.9475,
      1.8775,
      1.8075,
      1.7375,
      1.67,
      1.6,
      1.53,
      1.46,
      1.39,
      1.32,
      1.2525,
      1.1825,
      1.1125,
      1.0425,
      0.9725,
      0.9025,
      0.835,
      0.765,
      0.695,
      0.625,
      0.555,
      0.485,
      0.4175,
      0.3475,
      0.2775,
      0.2075,
      0.1375,
      0.0675,
      0
    ],
    "SoftwareVersions": "syngo_MR_B17",
    "TaskName": "prodLn",
    "TotalReadoutTime": 0.0333901,
    "dataset": "ds003542",
    "modality": "bold",
    "run_id": 1,
    "subject_id": "21",
    "task_id": "prodLn"
  },
  "dummy_trs": 0,
  "dvars_nstd": 33.63445284774061,
  "dvars_std": 1.0918580697907947,
  "dvars_vstd": 0.954265820878661,
  "efc": 0.597329792384536,
  "fber": 264.0674133300781,
  "fd_mean": 0.285160739366263,
  "fd_num": 92,
  "fd_perc": 38.333333333333336,
  "fwhm_avg": 2.7287852658473564,
  "fwhm_x": 2.59011,
  "fwhm_y": 2.8303366666666663,
  "fwhm_z": 2.7659091308754014,
  "gcor": 0.0300538,
  "gsr_x": -0.02595030702650547,
  "gsr_y": 0.13707461953163147,
  "provenance": {
    "md5sum": "1b8c83fe343d01381f6a1f5879840cf5",
    "settings": {
      "fd_thres": 0.2,
      "testing": false
    },
    "software": "mriqc",
    "version": "22.0.1",
    "webapi_port": null,
    "webapi_url": "https://mriqc.nimh.nih.gov/api/v1"
  },
  "size_t": 240,
  "size_x": 64,
  "size_y": 64,
  "size_z": 43,
  "snr": 2.5742872715822407,
  "spacing_tr": 3.0,
  "spacing_x": 3.0,
  "spacing_y": 3.0,
  "spacing_z": 3.299999952316284,
  "summary_bg_k": 22.974445522898847,
  "summary_bg_mad": 15.703229251762318,
  "summary_bg_mean": 93.50050354003906,
  "summary_bg_median": 40.770835876464844,
  "summary_bg_n": 100784.0,
  "summary_bg_p05": 28.962501525878906,
  "summary_bg_p95": 352.83980255126943,
  "summary_bg_stdv": 127.07416534423828,
  "summary_fg_k": 3.932191736452749,
  "summary_fg_mad": 212.40751705060774,
  "summary_fg_mean": 734.2361450195312,
  "summary_fg_median": 676.6812744140625,
  "summary_fg_n": 36206.0,
  "summary_fg_p05": 420.56565856933594,
  "summary_fg_p95": 1234.0740356445312,
  "summary_fg_stdv": 262.85797119140625,
  "tsnr": 41.741292737424374
}