{
  "aor": 0.005397666666666667,
  "aqi": 0.012998072333333333,
  "bids_meta": {
    "AcquisitionNumber": 1,
    "AcquisitionTime": "15:09:5.727500",
    "BandwidthPerPixelPhaseEncode": 29.481,
    "ConversionSoftware": "dcm2niix",
    "ConversionSoftwareVersion": "v1.0.20170724 GCC4.4.7",
    "DeviceSerialNumber": "35414",
    "EchoTime": 0.025,
    "EffectiveEchoSpacing": 0.000530002,
    "FlipAngle": 90,
    "ImageType": [
      "ORIGINAL",
      "PRIMARY",
      "M",
      "ND",
      "MOSAIC"
    ],
    "InstitutionAddress": "Mikeletegi_69_San_Sebastian_District_ES_20009",
    "InstitutionName": "BCBL",
    "MagneticFieldStrength": 3,
    "Manufacturer": "Siemens",
    "ManufacturersModelName": "TrioTim",
    "PhaseEncodingDirection": "j-",
    "PhaseEncodingLines": 64,
    "ProcedureStepDescription": "CRANEO_FUNCIONAL",
    "ProtocolName": "ep2d_Didak_VF_L1_Run2",
    "RepetitionTime": 3,
    "ScanningSequence": "EP",
    "SequenceName": "_epfid2d1_64",
    "SequenceVariant": "SK",
    "SeriesDescription": "ep2d_Didak_VF_L1_Run2",
    "SliceTiming": [
      2.9225,
      2.8525,
      2.7825,
      2.715,
      2.645,
      2.575,
      2.505,
      2.435,
      2.365,
      2.2975,
      2.2275,
      2.1575,
      2.0875,
      2.0175,
      1.95,
      1.88,
      1.81,
      1.74,
      1.67,
      1.6,
      1.5325,
      1.4625,
      1.3925,
      1.3225,
      1.2525,
      1.1825,
      1.115,
      1.045,
      0.975,
      0.905,
      0.835,
      0.765,
      0.6975,
      0.6275,
      0.5575,
      0.4875,
      0.4175,
      0.3475,
      0.28,
      0.21,
      0.14,
      0.07,
      0
    ],
    "SoftwareVersions": "syngo_MR_B17",
    "TaskName": "prodL1",
    "TotalReadoutTime": 0.0333901,
    "dataset": "ds003542",
    "modality": "bold",
    "run_id": 2,
    "subject_id": "08",
    "task_id": "prodL1"
  },
  "dummy_trs": 0,
  "dvars_nstd": 47.48722945514647,
  "dvars_std": 1.208145997447699,
  "dvars_vstd": 0.9958146515481168,
  "efc": 0.5987479912631517,
  "fber": 243.0826416015625,
  "fd_mean": 0.4728188363006727,
  "fd_num": 191,
  "fd_perc": 79.58333333333333,
  "fwhm_avg": 2.69051243739106,
  "fwhm_x": 2.53328,
  "fwhm_y": 2.8083633333333338,
  "fwhm_z": 2.729893978839845,
  "gcor": 0.0191101,
  "gsr_x": -0.005764670204371214,
  "gsr_y": 0.12217805534601212,
  "provenance": {
    "md5sum": "b1f07ccf328bedfc6a097e38595cb73f",
    "settings": {
      "fd_thres": 0.2,
      "testing": false
    },
    "software": "mriqc",
    "version": "22.0.1",
    "webapi_port": null,
    "webapi_url": "https://mriqc.nimh.nih.gov/api/v1"
  },
  "size_t": 240,
  "size_x": 64,
  "size_y": 64,
  "size_z": 43,
  "snr": 2.5624650841163734,
  "spacing_tr": 3.0,
  "spacing_x": 3.0,
  "spacing_y": 3.0,
  "spacing_z": 3.299999952316284,
  "summary_bg_k": 19.618086378169917,
  "summary_bg_mad": 23.715459495026824,
  "summary_bg_mean": 90.2832260131836,
  "summary_bg_median": 41.48750305175781,
  "summary_bg_n": 98669.0,
  "summary_bg_p05": 24.354167938232422,
  "summary_bg_p95": 315.5441955566402,
  "summary_bg_stdv": 122.39823913574219,
  "summary_fg_k": 5.780346404290942,
  "summary_fg_mad": 197.71121351058514,
  "summary_fg_mean": 714.703369140625,
  "summary_fg_median": 662.2708740234375,
  "summary_fg_n": 37383.0,
  "summary_fg_p05": 409.61669921875,
  "summary_fg_p95": 1192.609216308594,
  "summary_fg_stdv": 258.4472351074219,
  "tsnr": 35.98006704763975
}