{
  "aor": 0.005611958333333333,
  "aqi": 0.007495605708333333,
  "bids_meta": {
    "AcquisitionNumber": 1,
    "AcquisitionTime": "18:18:14.410000",
    "BandwidthPerPixelPhaseEncode": 29.481,
    "ConversionSoftware": "dcm2niix",
    "ConversionSoftwareVersion": "v1.0.20170724 GCC4.4.7",
    "DeviceSerialNumber": "35414",
    "EchoTime": 0.025,
    "EffectiveEchoSpacing": 0.000530002,
    "FlipAngle": 90,
    "ImageType": [
      "ORIGINAL",
      "PRIMARY",
      "M",
      "ND",
      "MOSAIC"
    ],
    "InstitutionAddress": "Mikeletegi_69_San_Sebastian_District_ES_20009",
    "InstitutionName": "BCBL",
    "MagneticFieldStrength": 3,
    "Manufacturer": "Siemens",
    "ManufacturersModelName": "TrioTim",
    "PhaseEncodingDirection": "j-",
    "PhaseEncodingLines": 64,
    "ProcedureStepDescription": "CRANEO_FUNCIONAL",
    "ProtocolName": "ep2d_Didak_VF_L2_Run2",
    "RepetitionTime": 3,
    "ScanningSequence": "EP",
    "SequenceName": "_epfid2d1_64",
    "SequenceVariant": "SK",
    "SeriesDescription": "ep2d_Didak_VF_L2_Run2",
    "SliceTiming": [
      2.9225,
      2.8525,
      2.7825,
      2.7125,
      2.6425,
      2.575,
      2.505,
      2.435,
      2.365,
      2.295,
      2.225,
      2.1575,
      2.0875,
      2.0175,
      1.9475,
      1.8775,
      1.81,
      1.74,
      1.67,
      1.6,
      1.53,
      1.46,
      1.3925,
      1.3225,
      1.2525,
      1.1825,
      1.1125,
      1.0425,
      0.975,
      0.905,
      0.835,
      0.765,
      0.695,
      0.625,
      0.5575,
      0.4875,
      0.4175,
      0.3475,
      0.2775,
      0.2075,
      0.14,
      0.07,
      0
    ],
    "SoftwareVersions": "syngo_MR_B17",
    "TaskName": "prodLn",
    "TotalReadoutTime": 0.0333901,
    "dataset": "ds003542",
    "modality": "bold",
    "run_id": 2,
    "subject_id": "32",
    "task_id": "prodLn"
  },
  "dummy_trs": 0,
  "dvars_nstd": 38.58964129171547,
  "dvars_std": 1.2450680607949791,
  "dvars_vstd": 0.9854255171548116,
  "efc": 0.5349295233360947,
  "fber": 450.89752197265625,
  "fd_mean": 0.3849767017304056,
  "fd_num": 174,
  "fd_perc": 72.5,
  "fwhm_avg": 2.6127235477418,
  "fwhm_x": 2.4722500000000003,
  "fwhm_y": 2.793893333333333,
  "fwhm_z": 2.5720273098920665,
  "gcor": 0.016137,
  "gsr_x": -0.00455431779846549,
  "gsr_y": 0.07469011098146439,
  "provenance": {
    "md5sum": "87cd0612c44ca79845063dbbadfd1610",
    "settings": {
      "fd_thres": 0.2,
      "testing": false
    },
    "software": "mriqc",
    "version": "22.0.1",
    "webapi_port": null,
    "webapi_url": "https://mriqc.nimh.nih.gov/api/v1"
  },
  "size_t": 240,
  "size_x": 64,
  "size_y": 64,
  "size_z": 43,
  "snr": 3.0168626026386334,
  "spacing_tr": 3.0,
  "spacing_x": 3.0,
  "spacing_y": 3.0,
  "spacing_z": 3.299999952316284,
  "summary_bg_k": 46.896210446910466,
  "summary_bg_mad": 12.01525736436536,
  "summary_bg_mean": 57.327842712402344,
  "summary_bg_median": 31.20416831970215,
  "summary_bg_n": 109544.0,
  "summary_bg_p05": 19.55000114440918,
  "summary_bg_p95": 178.12376327514642,
  "summary_bg_stdv": 75.52776336669922,
  "summary_fg_k": 2.3874312571875054,
  "summary_fg_mad": 189.45808529179945,
  "summary_fg_mean": 711.1495971679688,
  "summary_fg_median": 674.300048828125,
  "summary_fg_n": 29063.0,
  "summary_fg_p05": 417.3512847900391,
  "summary_fg_p95": 1133.4071899414062,
  "summary_fg_stdv": 223.5065155029297,
  "tsnr": 43.575989813543856
}