{
  "aor": 0.004015041666666667,
  "aqi": 0.005519727375,
  "bids_meta": {
    "AcquisitionNumber": 1,
    "AcquisitionTime": "16:20:42.122500",
    "BandwidthPerPixelPhaseEncode": 29.481,
    "ConversionSoftware": "dcm2niix",
    "ConversionSoftwareVersion": "v1.0.20170724 GCC4.4.7",
    "DeviceSerialNumber": "35414",
    "EchoTime": 0.025,
    "EffectiveEchoSpacing": 0.000530002,
    "FlipAngle": 90,
    "ImageType": [
      "ORIGINAL",
      "PRIMARY",
      "M",
      "ND",
      "MOSAIC"
    ],
    "InstitutionAddress": "Mikeletegi_69_San_Sebastian_District_ES_20009",
    "InstitutionName": "BCBL",
    "MagneticFieldStrength": 3,
    "Manufacturer": "Siemens",
    "ManufacturersModelName": "TrioTim",
    "PhaseEncodingDirection": "j-",
    "PhaseEncodingLines": 64,
    "ProcedureStepDescription": "CRANEO_FUNCIONAL",
    "ProtocolName": "ep2d_Didak_VF_L1_Run1",
    "RepetitionTime": 3,
    "ScanningSequence": "EP",
    "SequenceName": "_epfid2d1_64",
    "SequenceVariant": "SK",
    "SeriesDescription": "ep2d_Didak_VF_L1_Run1",
    "SliceTiming": [
      2.9225,
      2.8525,
      2.7825,
      2.7125,
      2.645,
      2.575,
      2.505,
      2.435,
      2.365,
      2.295,
      2.2275,
      2.1575,
      2.0875,
      2.0175,
      1.9475,
      1.8775,
      1.81,
      1.74,
      1.67,
      1.6,
      1.53,
      1.46,
      1.3925,
      1.3225,
      1.2525,
      1.1825,
      1.1125,
      1.045,
      0.975,
      0.905,
      0.835,
      0.765,
      0.695,
      0.6275,
      0.5575,
      0.4875,
      0.4175,
      0.3475,
      0.2775,
      0.21,
      0.14,
      0.07,
      0
    ],
    "SoftwareVersions": "syngo_MR_B17",
    "TaskName": "prodL1",
    "TotalReadoutTime": 0.0333901,
    "dataset": "ds003542",
    "modality": "bold",
    "run_id": 1,
    "subject_id": "32",
    "task_id": "prodL1"
  },
  "dummy_trs": 0,
  "dvars_nstd": 35.99494720221758,
  "dvars_std": 1.3418265878242686,
  "dvars_vstd": 1.011783057824268,
  "efc": 0.5272534201653376,
  "fber": 562.58203125,
  "fd_mean": 0.31375428366460617,
  "fd_num": 153,
  "fd_perc": 63.75,
  "fwhm_avg": 2.536048799655717,
  "fwhm_x": 2.459303333333333,
  "fwhm_y": 2.70374,
  "fwhm_z": 2.445103065633818,
  "gcor": 0.0536037,
  "gsr_x": -0.0032584010623395443,
  "gsr_y": 0.07176923751831055,
  "provenance": {
    "md5sum": "81642edd09d020c0d293ccfbcfd68424",
    "settings": {
      "fd_thres": 0.2,
      "testing": false
    },
    "software": "mriqc",
    "version": "22.0.1",
    "webapi_port": null,
    "webapi_url": "https://mriqc.nimh.nih.gov/api/v1"
  },
  "size_t": 240,
  "size_x": 64,
  "size_y": 64,
  "size_z": 43,
  "snr": 3.270251692379935,
  "spacing_tr": 3.0,
  "spacing_x": 3.0,
  "spacing_y": 3.0,
  "spacing_z": 3.299999952316284,
  "summary_bg_k": 40.042846974125126,
  "summary_bg_mad": 8.69175720269268,
  "summary_bg_mean": 58.26901626586914,
  "summary_bg_median": 29.608335494995117,
  "summary_bg_n": 111401.0,
  "summary_bg_p05": 23.19583511352539,
  "summary_bg_p95": 186.15000915527344,
  "summary_bg_stdv": 81.01737213134766,
  "summary_fg_k": 1.6898631620791127,
  "summary_fg_mad": 193.76382130015722,
  "summary_fg_mean": 740.6859741210938,
  "summary_fg_median": 709.6917114257812,
  "summary_fg_n": 28471.0,
  "summary_fg_p05": 441.1958465576172,
  "summary_fg_p95": 1141.8292236328125,
  "summary_fg_stdv": 217.01058959960938,
  "tsnr": 57.92472661565989
}