{
  "aor": 0.00410005376344086,
  "aqi": 0.002127102741935484,
  "bids_meta": {
    "AcquisitionNumber": 1,
    "AcquisitionTime": "16:57:13.007500",
    "BandwidthPerPixelPhaseEncode": 28.409,
    "ConversionSoftware": "dcm2niix",
    "ConversionSoftwareVersion": "v1.0.20170724 GCC4.4.7",
    "DeviceSerialNumber": "35414",
    "EchoTime": 0.03,
    "EffectiveEchoSpacing": 0.000550002,
    "FlipAngle": 80,
    "ImageType": [
      "ORIGINAL",
      "PRIMARY",
      "FMRI",
      "NONE",
      "ND",
      "MOSAIC"
    ],
    "InstitutionAddress": "Mikeletegi_69_San_Sebastian_District_ES_20009",
    "InstitutionName": "bcbl",
    "MagneticFieldStrength": 3,
    "Manufacturer": "Siemens",
    "ManufacturersModelName": "TrioTim",
    "PhaseEncodingDirection": "j-",
    "PhaseEncodingLines": 64,
    "ProcedureStepDescription": "CRANEO_FUNCIONAL",
    "ProtocolName": "ep2d_PiN_L2_Run2",
    "RepetitionTime": 2,
    "ScanningSequence": "EP",
    "SequenceName": "_epfid2d1_64",
    "SequenceVariant": "SK",
    "SeriesDescription": "ep2d_PiN_L2_Run2",
    "SliceTiming": [
      1.9275,
      1.865,
      1.8025,
      1.74,
      1.6775,
      1.615,
      1.5525,
      1.4925,
      1.43,
      1.3675,
      1.305,
      1.2425,
      1.18,
      1.12,
      1.0575,
      0.995,
      0.9325,
      0.87,
      0.8075,
      0.7475,
      0.685,
      0.6225,
      0.56,
      0.4975,
      0.435,
      0.3725,
      0.3125,
      0.25,
      0.1875,
      0.125,
      0.0625,
      0
    ],
    "SoftwareVersions": "syngo_MR_B17",
    "TaskName": "compLn",
    "TotalReadoutTime": 0.0346501,
    "dataset": "ds003542",
    "modality": "bold",
    "run_id": 2,
    "subject_id": "02",
    "task_id": "compLn"
  },
  "dummy_trs": 0,
  "dvars_nstd": 18.90284120713514,
  "dvars_std": 1.2242687641621621,
  "dvars_vstd": 1.0172210643243247,
  "efc": 0.4754091283285568,
  "fber": 1050.6224365234375,
  "fd_mean": 0.21339728422590132,
  "fd_num": 81,
  "fd_perc": 43.54838709677419,
  "fwhm_avg": 2.973809696969697,
  "fwhm_x": 2.9126690909090907,
  "fwhm_y": 3.13696,
  "fwhm_z": 2.8718,
  "gcor": 0.0461744,
  "gsr_x": -0.018209390342235565,
  "gsr_y": 0.05644558370113373,
  "provenance": {
    "md5sum": "6c3d3bdb5b55117626fd388214972d7c",
    "settings": {
      "fd_thres": 0.2,
      "testing": false
    },
    "software": "mriqc",
    "version": "22.0.1",
    "webapi_port": null,
    "webapi_url": "https://mriqc.nimh.nih.gov/api/v1"
  },
  "size_t": 186,
  "size_x": 64,
  "size_y": 64,
  "size_z": 32,
  "snr": 2.5928396943184877,
  "spacing_tr": 2.0,
  "spacing_x": 3.4375,
  "spacing_y": 3.4375,
  "spacing_z": 4.0,
  "summary_bg_k": 66.76862521927265,
  "summary_bg_mad": 6.974605507926873,
  "summary_bg_mean": 36.04906463623047,
  "summary_bg_median": 17.440860748291016,
  "summary_bg_n": 83663.0,
  "summary_bg_p05": 12.403225898742676,
  "summary_bg_p95": 109.97634201049792,
  "summary_bg_stdv": 59.8158073425293,
  "summary_fg_k": 2.2567683741948157,
  "summary_fg_mad": 165.95579963565473,
  "summary_fg_mean": 624.3912353515625,
  "summary_fg_median": 574.518798828125,
  "summary_fg_n": 18926.0,
  "summary_fg_p05": 355.9717712402344,
  "summary_fg_p95": 1079.747314453125,
  "summary_fg_stdv": 221.57313537597656,
  "tsnr": 83.59839570522308
}