{
  "bids_meta": {
    "AccelFactPE": 2,
    "AcquisitionNumber": 1,
    "AcquisitionTime": "14:33:50.877500",
    "ConversionSoftware": "dcm2niix",
    "ConversionSoftwareVersion": "v1.0.20170724 GCC4.4.7",
    "DeviceSerialNumber": "35414",
    "EchoTime": 0.0035,
    "FlipAngle": 7,
    "ImageType": [
      "ORIGINAL",
      "PRIMARY",
      "M",
      "ND",
      "NORM"
    ],
    "InstitutionAddress": "Mikeletegi_69_San_Sebastian_District_ES_20009",
    "InstitutionName": "BCBL",
    "InversionTime": 1.1,
    "MagneticFieldStrength": 3,
    "Manufacturer": "Siemens",
    "ManufacturersModelName": "TrioTim",
    "PhaseEncodingDirection": "i-",
    "PhaseEncodingLines": 256,
    "ProcedureStepDescription": "CRANEO_FUNCIONAL",
    "ProtocolName": "t1_mpr_sag_p2_1mm_iso_MGH",
    "RepetitionTime": 2.53,
    "ScanningSequence": "GR_IR",
    "SequenceName": "_tfl3d1_ns",
    "SequenceVariant": "SP_MP",
    "SeriesDescription": "t1_mpr_sag_p2_1mm_iso_MGH",
    "SoftwareVersions": "syngo_MR_B17",
    "dataset": "ds003542",
    "modality": "T1w",
    "subject_id": "27"
  },
  "cjv": 0.3971473485890109,
  "cnr": 3.2850500832489593,
  "efc": 0.5070930442190997,
  "fber": 15396.673611111111,
  "fwhm_avg": 3.6355766666666667,
  "fwhm_x": 3.67418,
  "fwhm_y": 3.80647,
  "fwhm_z": 3.42608,
  "icvs_csf": 0.23054050498623233,
  "icvs_gm": 0.39904497404833056,
  "icvs_wm": 0.3704145209654371,
  "inu_med": 0.5011618733406067,
  "inu_range": 0.15761252939701081,
  "provenance": {
    "md5sum": "a109e6803895a7912f90259aee7270d1",
    "settings": {
      "testing": false
    },
    "software": "mriqc",
    "version": "22.0.1",
    "warnings": {
      "large_rot_frame": true,
      "small_air_mask": false
    },
    "webapi_port": null,
    "webapi_url": "https://mriqc.nimh.nih.gov/api/v1"
  },
  "qi_1": 0.0,
  "qi_2": 0.02482917783867309,
  "rpve_csf": 25.522763157601712,
  "rpve_gm": 14.654305732533215,
  "rpve_wm": 19.04621025433242,
  "size_x": 176,
  "size_y": 256,
  "size_z": 256,
  "snr_csf": 1.711103971447987,
  "snr_gm": 8.427440096038785,
  "snr_total": 11.761315960028314,
  "snr_wm": 25.145403812598175,
  "snrd_csf": 20.589857511680616,
  "snrd_gm": 79.25684877783908,
  "snrd_total": 71.143128671638,
  "snrd_wm": 113.5826797253943,
  "spacing_x": 1.0,
  "spacing_y": 1.0,
  "spacing_z": 1.0,
  "summary_bg_k": 6.452760231482925,
  "summary_bg_mad": 5.767925383163433,
  "summary_bg_mean": 4.291138570519574,
  "summary_bg_median": 3.8904065508395433,
  "summary_bg_n": 3124806.0,
  "summary_bg_p05": 0.0,
  "summary_bg_p95": 14.347598627209663,
  "summary_bg_stdv": 5.117213829660431,
  "summary_csf_k": 1.978743158924824,
  "summary_csf_mad": 76.86476450329144,
  "summary_csf_mean": 203.97035039087646,
  "summary_csf_median": 181.27639034762979,
  "summary_csf_n": 33532.0,
  "summary_csf_p05": 69.65621175831184,
  "summary_csf_p95": 425.044850177504,
  "summary_csf_stdv": 105.93960993399809,
  "summary_gm_k": -0.05460877337633052,
  "summary_gm_mad": 82.71450443089691,
  "summary_gm_mean": 696.8848496088837,
  "summary_gm_median": 697.7899409271777,
  "summary_gm_n": 20226.0,
  "summary_gm_p05": 557.0455167014152,
  "summary_gm_p95": 832.6918574427254,
  "summary_gm_stdv": 82.79770404021541,
  "summary_wm_k": 0.7308055944983458,
  "summary_wm_mad": 37.30743226556774,
  "summary_wm_mean": 999.6866658215637,
  "summary_wm_median": 1000.000032780692,
  "summary_wm_n": 191939.0,
  "summary_wm_p05": 934.1390367746353,
  "summary_wm_p95": 1063.5433397777379,
  "summary_wm_stdv": 39.76859688695501,
  "tpm_overlap_csf": 0.15990097780901538,
  "tpm_overlap_gm": 0.44558873262899684,
  "tpm_overlap_wm": 0.5133181225260831,
  "wm2max": 0.6596853020984195
}