{
  "aor": 0.00807505376344086,
  "aqi": 0.004070580322580645,
  "bids_meta": {
    "AcquisitionNumber": 1,
    "AcquisitionTime": "15:52:46.680000",
    "BandwidthPerPixelPhaseEncode": 28.409,
    "ConversionSoftware": "dcm2niix",
    "ConversionSoftwareVersion": "v1.0.20170724 GCC4.4.7",
    "DeviceSerialNumber": "35414",
    "EchoTime": 0.03,
    "EffectiveEchoSpacing": 0.000550002,
    "FlipAngle": 80,
    "ImageType": [
      "ORIGINAL",
      "PRIMARY",
      "FMRI",
      "NONE",
      "ND",
      "MOSAIC"
    ],
    "InstitutionAddress": "Mikeletegi_69_San_Sebastian_District_ES_20009",
    "InstitutionName": "BCBL",
    "MagneticFieldStrength": 3,
    "Manufacturer": "Siemens",
    "ManufacturersModelName": "TrioTim",
    "PhaseEncodingDirection": "j-",
    "PhaseEncodingLines": 64,
    "ProcedureStepDescription": "CRANEO_FUNCIONAL",
    "ProtocolName": "ep2d_PiN_L1_Run3",
    "RepetitionTime": 2,
    "ScanningSequence": "EP",
    "SequenceName": "_epfid2d1_64",
    "SequenceVariant": "SK",
    "SeriesDescription": "ep2d_PiN_L1_Run3",
    "SliceTiming": [
      1.9275,
      1.865,
      1.8025,
      1.74,
      1.6775,
      1.615,
      1.555,
      1.4925,
      1.43,
      1.3675,
      1.305,
      1.2425,
      1.18,
      1.12,
      1.0575,
      0.995,
      0.9325,
      0.87,
      0.8075,
      0.7475,
      0.685,
      0.6225,
      0.56,
      0.4975,
      0.435,
      0.375,
      0.3125,
      0.25,
      0.1875,
      0.125,
      0.0625,
      0
    ],
    "SoftwareVersions": "syngo_MR_B17",
    "TaskName": "compL1",
    "TotalReadoutTime": 0.0346501,
    "dataset": "ds003542",
    "modality": "bold",
    "run_id": 3,
    "subject_id": "14",
    "task_id": "compL1"
  },
  "dummy_trs": 0,
  "dvars_nstd": 25.013640728540544,
  "dvars_std": 1.3274988321621615,
  "dvars_vstd": 1.0515949648108105,
  "efc": 0.4550408961222595,
  "fber": 1195.0615234375,
  "fd_mean": 0.23615138603265615,
  "fd_num": 98,
  "fd_perc": 52.68817204301075,
  "fwhm_avg": 3.0307131818181823,
  "fwhm_x": 3.007214545454546,
  "fwhm_y": 3.1968,
  "fwhm_z": 2.888125,
  "gcor": 0.0328612,
  "gsr_x": -0.024374641478061676,
  "gsr_y": 0.059141431003808975,
  "provenance": {
    "md5sum": "b10f657138cdfaee53a3265a848cca5b",
    "settings": {
      "fd_thres": 0.2,
      "testing": false
    },
    "software": "mriqc",
    "version": "22.0.1",
    "webapi_port": null,
    "webapi_url": "https://mriqc.nimh.nih.gov/api/v1"
  },
  "size_t": 186,
  "size_x": 64,
  "size_y": 64,
  "size_z": 32,
  "snr": 2.2568635191395874,
  "spacing_tr": 2.0,
  "spacing_x": 3.4375,
  "spacing_y": 3.4375,
  "spacing_z": 4.0,
  "summary_bg_k": 45.55120791356598,
  "summary_bg_mad": 7.389097469365182,
  "summary_bg_mean": 37.50348663330078,
  "summary_bg_median": 18.274192810058594,
  "summary_bg_n": 85308.0,
  "summary_bg_p05": 12.822580337524414,
  "summary_bg_p95": 125.49973373413077,
  "summary_bg_stdv": 55.32645797729492,
  "summary_fg_k": 4.1053231273619035,
  "summary_fg_mad": 204.0571111594042,
  "summary_fg_mean": 713.296630859375,
  "summary_fg_median": 639.231201171875,
  "summary_fg_n": 17489.0,
  "summary_fg_p05": 403.2806396484375,
  "summary_fg_p95": 1285.440869140625,
  "summary_fg_stdv": 283.23065185546875,
  "tsnr": 64.64287039497867
}