{
  "aor": 0.003470434782608696,
  "aqi": 0.003317426505434782,
  "bids_meta": {
    "AcquisitionNumber": 1,
    "AcquisitionTime": "15:44:56.670000",
    "BandwidthPerPixelPhaseEncode": 28.409,
    "ConversionSoftware": "dcm2niix",
    "ConversionSoftwareVersion": "v1.0.20170724 GCC4.4.7",
    "DeviceSerialNumber": "35414",
    "EchoTime": 0.03,
    "EffectiveEchoSpacing": 0.000550002,
    "FlipAngle": 80,
    "ImageType": [
      "ORIGINAL",
      "PRIMARY",
      "FMRI",
      "NONE",
      "ND",
      "MOSAIC"
    ],
    "InstitutionAddress": "Mikeletegi_69_San_Sebastian_District_ES_20009",
    "InstitutionName": "BCBL",
    "MagneticFieldStrength": 3,
    "Manufacturer": "Siemens",
    "ManufacturersModelName": "TrioTim",
    "PhaseEncodingDirection": "j-",
    "PhaseEncodingLines": 64,
    "ProcedureStepDescription": "CRANEO_FUNCIONAL",
    "ProtocolName": "ep2d_PiN_L1_Run2",
    "RepetitionTime": 2,
    "ScanningSequence": "EP",
    "SequenceName": "_epfid2d1_64",
    "SequenceVariant": "SK",
    "SeriesDescription": "ep2d_PiN_L1_Run2",
    "SliceTiming": [
      1.925,
      1.8625,
      1.8,
      1.7375,
      1.6775,
      1.615,
      1.5525,
      1.49,
      1.4275,
      1.365,
      1.3025,
      1.2425,
      1.18,
      1.1175,
      1.055,
      0.9925,
      0.93,
      0.87,
      0.8075,
      0.745,
      0.6825,
      0.62,
      0.5575,
      0.4975,
      0.435,
      0.3725,
      0.31,
      0.2475,
      0.185,
      0.1225,
      0.0625,
      0
    ],
    "SoftwareVersions": "syngo_MR_B17",
    "TaskName": "compL1",
    "TotalReadoutTime": 0.0346501,
    "dataset": "ds003542",
    "modality": "bold",
    "run_id": 2,
    "subject_id": "14",
    "task_id": "compL1"
  },
  "dummy_trs": 2,
  "dvars_nstd": 23.891120764808747,
  "dvars_std": 1.2181372826229506,
  "dvars_vstd": 0.9597444050273224,
  "efc": 0.45561249220015654,
  "fber": 1174.761474609375,
  "fd_mean": 0.19428702927450714,
  "fd_num": 54,
  "fd_perc": 29.347826086956523,
  "fwhm_avg": 3.009025909090909,
  "fwhm_x": 2.9709963636363637,
  "fwhm_y": 3.1847563636363634,
  "fwhm_z": 2.871325,
  "gcor": 0.0369385,
  "gsr_x": -0.02390066720545292,
  "gsr_y": 0.05742805823683739,
  "provenance": {
    "md5sum": "be9edf58f1744d2f1693cd1016e62fb3",
    "settings": {
      "fd_thres": 0.2,
      "testing": false
    },
    "software": "mriqc",
    "version": "22.0.1",
    "webapi_port": null,
    "webapi_url": "https://mriqc.nimh.nih.gov/api/v1"
  },
  "size_t": 184,
  "size_x": 64,
  "size_y": 64,
  "size_z": 32,
  "snr": 2.321050929134483,
  "spacing_tr": 2.0,
  "spacing_x": 3.4375,
  "spacing_y": 3.4375,
  "spacing_z": 4.0,
  "summary_bg_k": 45.5979884287142,
  "summary_bg_mad": 7.348550495354633,
  "summary_bg_mean": 37.35449981689453,
  "summary_bg_median": 18.40217399597168,
  "summary_bg_n": 85377.0,
  "summary_bg_p05": 13.10326099395752,
  "summary_bg_p95": 124.61195678710932,
  "summary_bg_stdv": 54.538177490234375,
  "summary_fg_k": 3.7621222483460555,
  "summary_fg_mad": 202.08920646910627,
  "summary_fg_mean": 710.121337890625,
  "summary_fg_median": 639.0435180664062,
  "summary_fg_n": 17416.0,
  "summary_fg_p05": 403.67391204833984,
  "summary_fg_p95": 1267.07470703125,
  "summary_fg_stdv": 275.3171691894531,
  "tsnr": 74.83900525607169
}