{
  "aor": 0.0033751891891891893,
  "aqi": 0.003873282972972973,
  "bids_meta": {
    "AcquisitionNumber": 1,
    "AcquisitionTime": "17:39:53.950000",
    "BandwidthPerPixelPhaseEncode": 28.409,
    "ConversionSoftware": "dcm2niix",
    "ConversionSoftwareVersion": "v1.0.20170724 GCC4.4.7",
    "DeviceSerialNumber": "35414",
    "EchoTime": 0.03,
    "EffectiveEchoSpacing": 0.000550002,
    "FlipAngle": 80,
    "ImageType": [
      "ORIGINAL",
      "PRIMARY",
      "FMRI",
      "NONE",
      "ND",
      "MOSAIC"
    ],
    "InstitutionAddress": "Mikeletegi_69_San_Sebastian_District_ES_20009",
    "InstitutionName": "BCBL",
    "MagneticFieldStrength": 3,
    "Manufacturer": "Siemens",
    "ManufacturersModelName": "TrioTim",
    "PhaseEncodingDirection": "j-",
    "PhaseEncodingLines": 64,
    "ProcedureStepDescription": "CRANEO_FUNCIONAL",
    "ProtocolName": "ep2d_PiN_L2_Run2",
    "RepetitionTime": 2,
    "ScanningSequence": "EP",
    "SequenceName": "_epfid2d1_64",
    "SequenceVariant": "SK",
    "SeriesDescription": "ep2d_PiN_L2_Run2",
    "SliceTiming": [
      1.9275,
      1.865,
      1.8025,
      1.74,
      1.6775,
      1.615,
      1.5525,
      1.4925,
      1.43,
      1.3675,
      1.305,
      1.2425,
      1.18,
      1.12,
      1.0575,
      0.995,
      0.9325,
      0.87,
      0.8075,
      0.7475,
      0.685,
      0.6225,
      0.56,
      0.4975,
      0.435,
      0.3725,
      0.3125,
      0.25,
      0.1875,
      0.125,
      0.0625,
      0
    ],
    "SoftwareVersions": "syngo_MR_B17",
    "TaskName": "compLn",
    "TotalReadoutTime": 0.0346501,
    "dataset": "ds003542",
    "modality": "bold",
    "run_id": 2,
    "subject_id": "14",
    "task_id": "compLn"
  },
  "dummy_trs": 1,
  "dvars_nstd": 22.648115634619572,
  "dvars_std": 1.2272451153260866,
  "dvars_vstd": 0.9960469409239127,
  "efc": 0.47399244221438563,
  "fber": 1113.632568359375,
  "fd_mean": 0.18597822809171383,
  "fd_num": 51,
  "fd_perc": 27.56756756756757,
  "fwhm_avg": 2.5422262272727276,
  "fwhm_x": 2.5126138181818183,
  "fwhm_y": 2.7120523636363636,
  "fwhm_z": 2.4020125,
  "gcor": 0.0372674,
  "gsr_x": -0.022753017023205757,
  "gsr_y": 0.058573778718709946,
  "provenance": {
    "md5sum": "59f1cee3adb3f62b56305378d4206cde",
    "settings": {
      "fd_thres": 0.2,
      "testing": false
    },
    "software": "mriqc",
    "version": "22.0.1",
    "webapi_port": null,
    "webapi_url": "https://mriqc.nimh.nih.gov/api/v1"
  },
  "size_t": 185,
  "size_x": 64,
  "size_y": 64,
  "size_z": 32,
  "snr": 3.0873265522346625,
  "spacing_tr": 2.0,
  "spacing_x": 3.4375,
  "spacing_y": 3.4375,
  "spacing_z": 4.0,
  "summary_bg_k": 53.433939783421536,
  "summary_bg_mad": 5.5056645811494835,
  "summary_bg_mean": 33.849021911621094,
  "summary_bg_median": 16.81081199645996,
  "summary_bg_n": 85256.0,
  "summary_bg_p05": 12.745945930480957,
  "summary_bg_p95": 111.2337875366211,
  "summary_bg_stdv": 50.4276008605957,
  "summary_fg_k": 3.8086431550800333,
  "summary_fg_mad": 147.4548305910842,
  "summary_fg_mean": 602.95068359375,
  "summary_fg_median": 568.61083984375,
  "summary_fg_n": 17530.0,
  "summary_fg_p05": 372.91649475097654,
  "summary_fg_p95": 953.5973144531248,
  "summary_fg_stdv": 184.17054748535156,
  "tsnr": 74.99714712798595
}