{
  "aor": 0.0054508695652173925,
  "aqi": 0.003262624239130434,
  "bids_meta": {
    "AcquisitionNumber": 1,
    "AcquisitionTime": "17:23:21.637500",
    "BandwidthPerPixelPhaseEncode": 28.409,
    "ConversionSoftware": "dcm2niix",
    "ConversionSoftwareVersion": "v1.0.20170724 GCC4.4.7",
    "DeviceSerialNumber": "35414",
    "EchoTime": 0.03,
    "EffectiveEchoSpacing": 0.000550002,
    "FlipAngle": 80,
    "ImageType": [
      "ORIGINAL",
      "PRIMARY",
      "FMRI",
      "NONE",
      "ND",
      "MOSAIC"
    ],
    "InstitutionAddress": "Mikeletegi_69_San_Sebastian_District_ES_20009",
    "InstitutionName": "BCBL",
    "MagneticFieldStrength": 3,
    "Manufacturer": "Siemens",
    "ManufacturersModelName": "TrioTim",
    "PhaseEncodingDirection": "j-",
    "PhaseEncodingLines": 64,
    "ProcedureStepDescription": "CRANEO_FUNCIONAL",
    "ProtocolName": "ep2d_PiN_L2_Run1",
    "RepetitionTime": 2,
    "ScanningSequence": "EP",
    "SequenceName": "_epfid2d1_64",
    "SequenceVariant": "SK",
    "SeriesDescription": "ep2d_PiN_L2_Run1",
    "SliceTiming": [
      1.925,
      1.865,
      1.8025,
      1.74,
      1.6775,
      1.615,
      1.5525,
      1.4925,
      1.43,
      1.3675,
      1.305,
      1.2425,
      1.18,
      1.1175,
      1.0575,
      0.995,
      0.9325,
      0.87,
      0.8075,
      0.745,
      0.685,
      0.6225,
      0.56,
      0.4975,
      0.435,
      0.3725,
      0.31,
      0.25,
      0.1875,
      0.125,
      0.0625,
      0
    ],
    "SoftwareVersions": "syngo_MR_B17",
    "TaskName": "compLn",
    "TotalReadoutTime": 0.0346501,
    "dataset": "ds003542",
    "modality": "bold",
    "run_id": 1,
    "subject_id": "14",
    "task_id": "compLn"
  },
  "dummy_trs": 2,
  "dvars_nstd": 19.876091946721306,
  "dvars_std": 1.1866161427868847,
  "dvars_vstd": 0.9863009192896179,
  "efc": 0.4726320973435754,
  "fber": 1160.818359375,
  "fd_mean": 0.13666047245872087,
  "fd_num": 18,
  "fd_perc": 9.782608695652174,
  "fwhm_avg": 2.58147369937982,
  "fwhm_x": 2.546600727272727,
  "fwhm_y": 2.7887127272727272,
  "fwhm_z": 2.4091076435940053,
  "gcor": 0.0280902,
  "gsr_x": -0.02167470194399357,
  "gsr_y": 0.05858222767710686,
  "provenance": {
    "md5sum": "b8babb992184d7442654368fa8082d33",
    "settings": {
      "fd_thres": 0.2,
      "testing": false
    },
    "software": "mriqc",
    "version": "22.0.1",
    "webapi_port": null,
    "webapi_url": "https://mriqc.nimh.nih.gov/api/v1"
  },
  "size_t": 184,
  "size_x": 64,
  "size_y": 64,
  "size_z": 32,
  "snr": 3.068074048274485,
  "spacing_tr": 2.0,
  "spacing_x": 3.4375,
  "spacing_y": 3.4375,
  "spacing_z": 3.999999761581421,
  "summary_bg_k": 49.74305766983099,
  "summary_bg_mad": 5.430835711129597,
  "summary_bg_mean": 33.45248794555664,
  "summary_bg_median": 16.42934799194336,
  "summary_bg_n": 85301.0,
  "summary_bg_p05": 12.336956977844238,
  "summary_bg_p95": 112.4184799194336,
  "summary_bg_stdv": 50.00590133666992,
  "summary_fg_k": 3.442072019133506,
  "summary_fg_mad": 148.91290978705473,
  "summary_fg_mean": 599.250732421875,
  "summary_fg_median": 564.2364501953125,
  "summary_fg_n": 17516.0,
  "summary_fg_p05": 368.2961959838867,
  "summary_fg_p95": 952.6277313232422,
  "summary_fg_stdv": 183.90049743652344,
  "tsnr": 76.07051344471984
}