{
  "aor": 0.003353405405405405,
  "aqi": 0.001508722491891892,
  "bids_meta": {
    "AcquisitionNumber": 1,
    "AcquisitionTime": "15:37:21.472500",
    "BandwidthPerPixelPhaseEncode": 28.409,
    "ConversionSoftware": "dcm2niix",
    "ConversionSoftwareVersion": "v1.0.20170724 GCC4.4.7",
    "DeviceSerialNumber": "35414",
    "EchoTime": 0.03,
    "EffectiveEchoSpacing": 0.000550002,
    "FlipAngle": 80,
    "ImageType": [
      "ORIGINAL",
      "PRIMARY",
      "FMRI",
      "NONE",
      "ND",
      "MOSAIC"
    ],
    "InstitutionAddress": "Mikeletegi_69_San_Sebastian_District_ES_20009",
    "InstitutionName": "BCBL",
    "MagneticFieldStrength": 3,
    "Manufacturer": "Siemens",
    "ManufacturersModelName": "TrioTim",
    "PhaseEncodingDirection": "j-",
    "PhaseEncodingLines": 64,
    "ProcedureStepDescription": "CRANEO_FUNCIONAL",
    "ProtocolName": "ep2d_PiN_L1_Run1",
    "RepetitionTime": 2,
    "ScanningSequence": "EP",
    "SequenceName": "_epfid2d1_64",
    "SequenceVariant": "SK",
    "SeriesDescription": "ep2d_PiN_L1_Run1",
    "SliceTiming": [
      1.9275,
      1.865,
      1.8025,
      1.74,
      1.6775,
      1.615,
      1.555,
      1.4925,
      1.43,
      1.3675,
      1.305,
      1.2425,
      1.18,
      1.12,
      1.0575,
      0.995,
      0.9325,
      0.87,
      0.8075,
      0.7475,
      0.685,
      0.6225,
      0.56,
      0.4975,
      0.435,
      0.3725,
      0.3125,
      0.25,
      0.1875,
      0.125,
      0.0625,
      0
    ],
    "SoftwareVersions": "syngo_MR_B17",
    "TaskName": "compL1",
    "TotalReadoutTime": 0.0346501,
    "dataset": "ds003542",
    "modality": "bold",
    "run_id": 1,
    "subject_id": "14",
    "task_id": "compL1"
  },
  "dummy_trs": 1,
  "dvars_nstd": 20.21654660815217,
  "dvars_std": 1.3077383751630438,
  "dvars_vstd": 1.0114746725,
  "efc": 0.454612342134541,
  "fber": 1166.609619140625,
  "fd_mean": 0.1254120936077007,
  "fd_num": 19,
  "fd_perc": 10.27027027027027,
  "fwhm_avg": 2.9802924242424242,
  "fwhm_x": 2.9739927272727273,
  "fwhm_y": 3.1499345454545455,
  "fwhm_z": 2.81695,
  "gcor": 0.0272532,
  "gsr_x": -0.0237644724547863,
  "gsr_y": 0.05597078427672386,
  "provenance": {
    "md5sum": "4cdc967f81dbfd59419082475cb32717",
    "settings": {
      "fd_thres": 0.2,
      "testing": false
    },
    "software": "mriqc",
    "version": "22.0.1",
    "webapi_port": null,
    "webapi_url": "https://mriqc.nimh.nih.gov/api/v1"
  },
  "size_t": 185,
  "size_x": 64,
  "size_y": 64,
  "size_z": 32,
  "snr": 2.2820470426908908,
  "spacing_tr": 2.0,
  "spacing_x": 3.4375,
  "spacing_y": 3.4375,
  "spacing_z": 4.0,
  "summary_bg_k": 43.81814248192135,
  "summary_bg_mad": 7.525207031249321,
  "summary_bg_mean": 37.72983932495117,
  "summary_bg_median": 18.508108139038086,
  "summary_bg_n": 85427.0,
  "summary_bg_p05": 13.097297668457031,
  "summary_bg_p95": 125.47946243286115,
  "summary_bg_stdv": 55.762020111083984,
  "summary_fg_k": 3.794031485898996,
  "summary_fg_mad": 205.0719208871527,
  "summary_fg_mean": 715.3365478515625,
  "summary_fg_median": 641.4918823242188,
  "summary_fg_n": 17363.0,
  "summary_fg_p05": 404.73460083007814,
  "summary_fg_p95": 1284.5319335937495,
  "summary_fg_stdv": 281.0956115722656,
  "tsnr": 98.55884668137878
}