{
  "aor": 0.0053832916666666656,
  "aqi": 0.007866112041666666,
  "bids_meta": {
    "AcquisitionNumber": 1,
    "AcquisitionTime": "16:03:5.662500",
    "BandwidthPerPixelPhaseEncode": 29.481,
    "ConversionSoftware": "dcm2niix",
    "ConversionSoftwareVersion": "v1.0.20170724 GCC4.4.7",
    "DeviceSerialNumber": "35414",
    "EchoTime": 0.025,
    "EffectiveEchoSpacing": 0.000530002,
    "FlipAngle": 90,
    "ImageType": [
      "ORIGINAL",
      "PRIMARY",
      "M",
      "ND",
      "MOSAIC"
    ],
    "InstitutionAddress": "Mikeletegi_69_San_Sebastian_District_ES_20009",
    "InstitutionName": "BCBL",
    "MagneticFieldStrength": 3,
    "Manufacturer": "Siemens",
    "ManufacturersModelName": "TrioTim",
    "PhaseEncodingDirection": "j-",
    "PhaseEncodingLines": 64,
    "ProcedureStepDescription": "CRANEO_FUNCIONAL",
    "ProtocolName": "ep2d_Didak_VF_L1_Run1",
    "RepetitionTime": 3,
    "ScanningSequence": "EP",
    "SequenceName": "_epfid2d1_64",
    "SequenceVariant": "SK",
    "SeriesDescription": "ep2d_Didak_VF_L1_Run1",
    "SliceTiming": [
      2.9225,
      2.8525,
      2.785,
      2.715,
      2.645,
      2.575,
      2.505,
      2.435,
      2.3675,
      2.2975,
      2.2275,
      2.1575,
      2.0875,
      2.0175,
      1.95,
      1.88,
      1.81,
      1.74,
      1.67,
      1.6025,
      1.5325,
      1.4625,
      1.3925,
      1.3225,
      1.2525,
      1.185,
      1.115,
      1.045,
      0.975,
      0.905,
      0.835,
      0.7675,
      0.6975,
      0.6275,
      0.5575,
      0.4875,
      0.4175,
      0.35,
      0.28,
      0.21,
      0.14,
      0.07,
      0
    ],
    "SoftwareVersions": "syngo_MR_B17",
    "TaskName": "prodL1",
    "TotalReadoutTime": 0.0333901,
    "dataset": "ds003542",
    "modality": "bold",
    "run_id": 1,
    "subject_id": "14",
    "task_id": "prodL1"
  },
  "dummy_trs": 0,
  "dvars_nstd": 38.62242828753134,
  "dvars_std": 1.2372256915481161,
  "dvars_vstd": 0.9986959910041838,
  "efc": 0.519093298292163,
  "fber": 449.01300048828125,
  "fd_mean": 0.3856891591885429,
  "fd_num": 170,
  "fd_perc": 70.83333333333333,
  "fwhm_avg": 3.178050115864447,
  "fwhm_x": 3.2021333333333337,
  "fwhm_y": 3.2479866666666664,
  "fwhm_z": 3.0840303475933415,
  "gcor": 0.0333488,
  "gsr_x": -0.014403294771909714,
  "gsr_y": 0.09628141671419144,
  "provenance": {
    "md5sum": "105ebe6bcd2d542d4f0eab2ad393a3a1",
    "settings": {
      "fd_thres": 0.2,
      "testing": false
    },
    "software": "mriqc",
    "version": "22.0.1",
    "webapi_port": null,
    "webapi_url": "https://mriqc.nimh.nih.gov/api/v1"
  },
  "size_t": 240,
  "size_x": 64,
  "size_y": 64,
  "size_z": 43,
  "snr": 1.9835785214616417,
  "spacing_tr": 3.0,
  "spacing_x": 3.0,
  "spacing_y": 3.0,
  "spacing_z": 3.299999952316284,
  "summary_bg_k": 24.073259919977236,
  "summary_bg_mad": 18.0136163892752,
  "summary_bg_mean": 77.9518814086914,
  "summary_bg_median": 37.85416793823242,
  "summary_bg_n": 109577.0,
  "summary_bg_p05": 23.854167938232422,
  "summary_bg_p95": 274.42333984374983,
  "summary_bg_stdv": 104.44699096679688,
  "summary_fg_k": 5.564722991109676,
  "summary_fg_mad": 282.0835774511647,
  "summary_fg_mean": 918.6070556640625,
  "summary_fg_median": 809.9083251953125,
  "summary_fg_n": 30588.0,
  "summary_fg_p05": 493.51418914794925,
  "summary_fg_p95": 1747.3971496582028,
  "summary_fg_stdv": 408.29998779296875,
  "tsnr": 44.22755543596577
}