{
  "aor": 0.0050505,
  "aqi": 0.008408852500000001,
  "bids_meta": {
    "AcquisitionNumber": 1,
    "AcquisitionTime": "18:11:8.912500",
    "BandwidthPerPixelPhaseEncode": 29.481,
    "ConversionSoftware": "dcm2niix",
    "ConversionSoftwareVersion": "v1.0.20170724 GCC4.4.7",
    "DeviceSerialNumber": "35414",
    "EchoTime": 0.025,
    "EffectiveEchoSpacing": 0.000530002,
    "FlipAngle": 90,
    "ImageType": [
      "ORIGINAL",
      "PRIMARY",
      "M",
      "ND",
      "MOSAIC"
    ],
    "InstitutionAddress": "Mikeletegi_69_San_Sebastian_District_ES_20009",
    "InstitutionName": "BCBL",
    "MagneticFieldStrength": 3,
    "Manufacturer": "Siemens",
    "ManufacturersModelName": "TrioTim",
    "PhaseEncodingDirection": "j-",
    "PhaseEncodingLines": 64,
    "ProcedureStepDescription": "CRANEO_FUNCIONAL",
    "ProtocolName": "ep2d_Didak_VF_L2_Run2",
    "RepetitionTime": 3,
    "ScanningSequence": "EP",
    "SequenceName": "_epfid2d1_64",
    "SequenceVariant": "SK",
    "SeriesDescription": "ep2d_Didak_VF_L2_Run2",
    "SliceTiming": [
      2.9225,
      2.8525,
      2.7825,
      2.7125,
      2.645,
      2.575,
      2.505,
      2.435,
      2.365,
      2.295,
      2.2275,
      2.1575,
      2.0875,
      2.0175,
      1.9475,
      1.88,
      1.81,
      1.74,
      1.67,
      1.6,
      1.53,
      1.4625,
      1.3925,
      1.3225,
      1.2525,
      1.1825,
      1.1125,
      1.045,
      0.975,
      0.905,
      0.835,
      0.765,
      0.695,
      0.6275,
      0.5575,
      0.4875,
      0.4175,
      0.3475,
      0.2775,
      0.21,
      0.14,
      0.07,
      0
    ],
    "SoftwareVersions": "syngo_MR_B17",
    "TaskName": "prodLn",
    "TotalReadoutTime": 0.0333901,
    "dataset": "ds003542",
    "modality": "bold",
    "run_id": 2,
    "subject_id": "14",
    "task_id": "prodLn"
  },
  "dummy_trs": 0,
  "dvars_nstd": 41.9315143410042,
  "dvars_std": 1.2926153923849366,
  "dvars_vstd": 1.0057769774476988,
  "efc": 0.544285725256487,
  "fber": 413.6828308105469,
  "fd_mean": 0.44178248241471657,
  "fd_num": 168,
  "fd_perc": 70.0,
  "fwhm_avg": 2.7924492050329732,
  "fwhm_x": 2.7949366666666666,
  "fwhm_y": 2.8597533333333334,
  "fwhm_z": 2.7226576150989183,
  "gcor": 0.0416555,
  "gsr_x": -0.014112642034888268,
  "gsr_y": 0.09546025097370148,
  "provenance": {
    "md5sum": "d67a22b16f4c89d7e385146e825f02cf",
    "settings": {
      "fd_thres": 0.2,
      "testing": false
    },
    "software": "mriqc",
    "version": "22.0.1",
    "webapi_port": null,
    "webapi_url": "https://mriqc.nimh.nih.gov/api/v1"
  },
  "size_t": 240,
  "size_x": 64,
  "size_y": 64,
  "size_z": 43,
  "snr": 2.616503576086992,
  "spacing_tr": 3.0,
  "spacing_x": 3.0,
  "spacing_y": 3.0,
  "spacing_z": 3.299999952316284,
  "summary_bg_k": 25.216933369820296,
  "summary_bg_mad": 12.521813876445256,
  "summary_bg_mean": 70.58065795898438,
  "summary_bg_median": 34.72916793823242,
  "summary_bg_n": 109398.0,
  "summary_bg_p05": 25.21666717529297,
  "summary_bg_p95": 242.55855789184554,
  "summary_bg_stdv": 91.18168640136719,
  "summary_fg_k": 6.111578978699862,
  "summary_fg_mad": 208.62993093533518,
  "summary_fg_mean": 771.33447265625,
  "summary_fg_median": 714.53125,
  "summary_fg_n": 30542.0,
  "summary_fg_p05": 455.1231414794922,
  "summary_fg_p95": 1289.0367187499992,
  "summary_fg_stdv": 273.0818176269531,
  "tsnr": 45.062888723798096
}