{
  "aor": 0.003638458333333333,
  "aqi": 0.009489976916666667,
  "bids_meta": {
    "AcquisitionNumber": 1,
    "AcquisitionTime": "16:19:54.415000",
    "BandwidthPerPixelPhaseEncode": 29.481,
    "ConversionSoftware": "dcm2niix",
    "ConversionSoftwareVersion": "v1.0.20170724 GCC4.4.7",
    "DeviceSerialNumber": "35414",
    "EchoTime": 0.025,
    "EffectiveEchoSpacing": 0.000530002,
    "FlipAngle": 90,
    "ImageType": [
      "ORIGINAL",
      "PRIMARY",
      "M",
      "ND",
      "MOSAIC"
    ],
    "InstitutionAddress": "Mikeletegi_69_San_Sebastian_District_ES_20009",
    "InstitutionName": "BCBL",
    "MagneticFieldStrength": 3,
    "Manufacturer": "Siemens",
    "ManufacturersModelName": "TrioTim",
    "PhaseEncodingDirection": "j-",
    "PhaseEncodingLines": 64,
    "ProcedureStepDescription": "CRANEO_FUNCIONAL",
    "ProtocolName": "ep2d_Didak_VF_L1_Run2",
    "RepetitionTime": 3,
    "ScanningSequence": "EP",
    "SequenceName": "_epfid2d1_64",
    "SequenceVariant": "SK",
    "SeriesDescription": "ep2d_Didak_VF_L1_Run2",
    "SliceTiming": [
      2.9225,
      2.8525,
      2.785,
      2.715,
      2.645,
      2.575,
      2.505,
      2.435,
      2.3675,
      2.2975,
      2.2275,
      2.1575,
      2.0875,
      2.0175,
      1.95,
      1.88,
      1.81,
      1.74,
      1.67,
      1.6025,
      1.5325,
      1.4625,
      1.3925,
      1.3225,
      1.2525,
      1.185,
      1.115,
      1.045,
      0.975,
      0.905,
      0.835,
      0.7675,
      0.6975,
      0.6275,
      0.5575,
      0.4875,
      0.4175,
      0.35,
      0.28,
      0.21,
      0.14,
      0.07,
      0
    ],
    "SoftwareVersions": "syngo_MR_B17",
    "TaskName": "prodL1",
    "TotalReadoutTime": 0.0333901,
    "dataset": "ds003542",
    "modality": "bold",
    "run_id": 2,
    "subject_id": "14",
    "task_id": "prodL1"
  },
  "dummy_trs": 0,
  "dvars_nstd": 46.6061991926778,
  "dvars_std": 1.2451647622175728,
  "dvars_vstd": 0.963325245732218,
  "efc": 0.5201260641682466,
  "fber": 434.968994140625,
  "fd_mean": 0.467981220074128,
  "fd_num": 194,
  "fd_perc": 80.83333333333333,
  "fwhm_avg": 3.2557669848534445,
  "fwhm_x": 3.23001,
  "fwhm_y": 3.3905333333333334,
  "fwhm_z": 3.1467576212269988,
  "gcor": 0.0515622,
  "gsr_x": -0.01573760062456131,
  "gsr_y": 0.09858904778957367,
  "provenance": {
    "md5sum": "288c145046afcbde9321cc89ad2608e5",
    "settings": {
      "fd_thres": 0.2,
      "testing": false
    },
    "software": "mriqc",
    "version": "22.0.1",
    "webapi_port": null,
    "webapi_url": "https://mriqc.nimh.nih.gov/api/v1"
  },
  "size_t": 240,
  "size_x": 64,
  "size_y": 64,
  "size_z": 43,
  "snr": 1.987474514105793,
  "spacing_tr": 3.0,
  "spacing_x": 3.0,
  "spacing_y": 3.0,
  "spacing_z": 3.299999952316284,
  "summary_bg_k": 24.079602532556237,
  "summary_bg_mad": 17.964197069415498,
  "summary_bg_mean": 79.30199432373047,
  "summary_bg_median": 38.400001525878906,
  "summary_bg_n": 109727.0,
  "summary_bg_p05": 25.129167556762695,
  "summary_bg_p95": 277.5795898437497,
  "summary_bg_stdv": 106.05624389648438,
  "summary_fg_k": 5.3274267742368036,
  "summary_fg_mad": 284.4433528023048,
  "summary_fg_mean": 920.0645751953125,
  "summary_fg_median": 811.5416870117188,
  "summary_fg_n": 30535.0,
  "summary_fg_p05": 494.66002197265624,
  "summary_fg_p95": 1749.7754760742177,
  "summary_fg_stdv": 408.3214111328125,
  "tsnr": 38.772780261933804
}