{
  "aor": 0.005758406593406594,
  "aqi": 0.0034929457142857142,
  "bids_meta": {
    "AcquisitionNumber": 1,
    "AcquisitionTime": "17:47:13.995000",
    "BandwidthPerPixelPhaseEncode": 28.409,
    "ConversionSoftware": "dcm2niix",
    "ConversionSoftwareVersion": "v1.0.20170724 GCC4.4.7",
    "DeviceSerialNumber": "35414",
    "EchoTime": 0.03,
    "EffectiveEchoSpacing": 0.000550002,
    "FlipAngle": 80,
    "ImageType": [
      "ORIGINAL",
      "PRIMARY",
      "FMRI",
      "NONE",
      "ND",
      "MOSAIC"
    ],
    "InstitutionAddress": "Mikeletegi_69_San_Sebastian_District_ES_20009",
    "InstitutionName": "BCBL",
    "MagneticFieldStrength": 3,
    "Manufacturer": "Siemens",
    "ManufacturersModelName": "TrioTim",
    "PhaseEncodingDirection": "j-",
    "PhaseEncodingLines": 64,
    "ProcedureStepDescription": "CRANEO_FUNCIONAL",
    "ProtocolName": "ep2d_PiN_L2_Run3",
    "RepetitionTime": 2,
    "ScanningSequence": "EP",
    "SequenceName": "_epfid2d1_64",
    "SequenceVariant": "SK",
    "SeriesDescription": "ep2d_PiN_L2_Run3",
    "SliceTiming": [
      1.9275,
      1.865,
      1.8025,
      1.74,
      1.6775,
      1.615,
      1.5525,
      1.4925,
      1.43,
      1.3675,
      1.305,
      1.2425,
      1.18,
      1.12,
      1.0575,
      0.995,
      0.9325,
      0.87,
      0.8075,
      0.745,
      0.685,
      0.6225,
      0.56,
      0.4975,
      0.435,
      0.3725,
      0.3125,
      0.25,
      0.1875,
      0.125,
      0.0625,
      0
    ],
    "SoftwareVersions": "syngo_MR_B17",
    "TaskName": "compLn",
    "TotalReadoutTime": 0.0346501,
    "dataset": "ds003542",
    "modality": "bold",
    "run_id": 3,
    "subject_id": "14",
    "task_id": "compLn"
  },
  "dummy_trs": 4,
  "dvars_nstd": 20.608505449337017,
  "dvars_std": 1.2309677159668513,
  "dvars_vstd": 1.015653407734807,
  "efc": 0.4743307185876785,
  "fber": 1138.9669189453125,
  "fd_mean": 0.16725219238534986,
  "fd_num": 37,
  "fd_perc": 20.32967032967033,
  "fwhm_avg": 2.511065287878788,
  "fwhm_x": 2.5110225454545456,
  "fwhm_y": 2.653445818181818,
  "fwhm_z": 2.3687275,
  "gcor": 0.0326466,
  "gsr_x": -0.023057851940393448,
  "gsr_y": 0.05953657627105713,
  "provenance": {
    "md5sum": "fb63b1199d15808ef29cf04ba038f184",
    "settings": {
      "fd_thres": 0.2,
      "testing": false
    },
    "software": "mriqc",
    "version": "22.0.1",
    "webapi_port": null,
    "webapi_url": "https://mriqc.nimh.nih.gov/api/v1"
  },
  "size_t": 182,
  "size_x": 64,
  "size_y": 64,
  "size_z": 32,
  "snr": 3.0980096160009962,
  "spacing_tr": 2.0,
  "spacing_x": 3.4375,
  "spacing_y": 3.4375,
  "spacing_z": 4.0,
  "summary_bg_k": 56.95243437348707,
  "summary_bg_mad": 5.417201283874873,
  "summary_bg_mean": 33.91826629638672,
  "summary_bg_median": 16.598901748657227,
  "summary_bg_n": 85244.0,
  "summary_bg_p05": 12.549450874328613,
  "summary_bg_p95": 111.88846588134756,
  "summary_bg_stdv": 51.47288131713867,
  "summary_fg_k": 4.230795737072033,
  "summary_fg_mad": 146.39882490020253,
  "summary_fg_mean": 599.2296142578125,
  "summary_fg_median": 565.2554931640625,
  "summary_fg_n": 17520.0,
  "summary_fg_p05": 372.4700622558594,
  "summary_fg_p95": 947.9360076904296,
  "summary_fg_stdv": 182.45242309570312,
  "tsnr": 76.5943009648472
}