{
  "aor": 0.007202291666666667,
  "aqi": 0.009252371708333334,
  "bids_meta": {
    "AcquisitionNumber": 1,
    "AcquisitionTime": "17:56:53.412500",
    "BandwidthPerPixelPhaseEncode": 29.481,
    "ConversionSoftware": "dcm2niix",
    "ConversionSoftwareVersion": "v1.0.20170724 GCC4.4.7",
    "DeviceSerialNumber": "35414",
    "EchoTime": 0.025,
    "EffectiveEchoSpacing": 0.000530002,
    "FlipAngle": 90,
    "ImageType": [
      "ORIGINAL",
      "PRIMARY",
      "M",
      "ND",
      "MOSAIC"
    ],
    "InstitutionAddress": "Mikeletegi_69_San_Sebastian_District_ES_20009",
    "InstitutionName": "BCBL",
    "MagneticFieldStrength": 3,
    "Manufacturer": "Siemens",
    "ManufacturersModelName": "TrioTim",
    "PhaseEncodingDirection": "j-",
    "PhaseEncodingLines": 64,
    "ProcedureStepDescription": "CRANEO_FUNCIONAL",
    "ProtocolName": "ep2d_Didak_VF_L2_Run1",
    "RepetitionTime": 3,
    "ScanningSequence": "EP",
    "SequenceName": "_epfid2d1_64",
    "SequenceVariant": "SK",
    "SeriesDescription": "ep2d_Didak_VF_L2_Run1",
    "SliceTiming": [
      2.9225,
      2.8525,
      2.7825,
      2.7125,
      2.645,
      2.575,
      2.505,
      2.435,
      2.365,
      2.295,
      2.2275,
      2.1575,
      2.0875,
      2.0175,
      1.9475,
      1.8775,
      1.81,
      1.74,
      1.67,
      1.6,
      1.53,
      1.46,
      1.3925,
      1.3225,
      1.2525,
      1.1825,
      1.1125,
      1.045,
      0.975,
      0.905,
      0.835,
      0.765,
      0.695,
      0.6275,
      0.5575,
      0.4875,
      0.4175,
      0.3475,
      0.2775,
      0.21,
      0.14,
      0.07,
      0
    ],
    "SoftwareVersions": "syngo_MR_B17",
    "TaskName": "prodLn",
    "TotalReadoutTime": 0.0333901,
    "dataset": "ds003542",
    "modality": "bold",
    "run_id": 1,
    "subject_id": "14",
    "task_id": "prodLn"
  },
  "dummy_trs": 0,
  "dvars_nstd": 43.0484652061088,
  "dvars_std": 1.2819148960251041,
  "dvars_vstd": 1.003500344769874,
  "efc": 0.5437488738658554,
  "fber": 413.6058044433594,
  "fd_mean": 0.4571051294264056,
  "fd_num": 160,
  "fd_perc": 66.66666666666667,
  "fwhm_avg": 2.7838174878576507,
  "fwhm_x": 2.7692,
  "fwhm_y": 2.8603433333333332,
  "fwhm_z": 2.721909130239619,
  "gcor": 0.0215345,
  "gsr_x": -0.012785661034286022,
  "gsr_y": 0.09466523677110672,
  "provenance": {
    "md5sum": "6e26127c2e30a9afaccf767e9bc0f7ed",
    "settings": {
      "fd_thres": 0.2,
      "testing": false
    },
    "software": "mriqc",
    "version": "22.0.1",
    "webapi_port": null,
    "webapi_url": "https://mriqc.nimh.nih.gov/api/v1"
  },
  "size_t": 240,
  "size_x": 64,
  "size_y": 64,
  "size_z": 43,
  "snr": 2.643182104193185,
  "spacing_tr": 3.0,
  "spacing_x": 3.0,
  "spacing_y": 3.0,
  "spacing_z": 3.299999952316284,
  "summary_bg_k": 26.663730636578194,
  "summary_bg_mad": 12.602118857297617,
  "summary_bg_mean": 69.28092193603516,
  "summary_bg_median": 34.60000228881836,
  "summary_bg_n": 109330.0,
  "summary_bg_p05": 24.77916717529297,
  "summary_bg_p95": 237.0791778564453,
  "summary_bg_stdv": 89.3699722290039,
  "summary_fg_k": 5.753196267322172,
  "summary_fg_mad": 208.2253010635061,
  "summary_fg_mean": 768.0198364257812,
  "summary_fg_median": 712.6500244140625,
  "summary_fg_n": 30578.0,
  "summary_fg_p05": 452.0264801025391,
  "summary_fg_p95": 1280.6901123046875,
  "summary_fg_stdv": 269.6138000488281,
  "tsnr": 42.169912157114595
}