{
  "aor": 0.006427583333333333,
  "aqi": 0.0070177738333333335,
  "bids_meta": {
    "AcquisitionNumber": 1,
    "AcquisitionTime": "17:22:35.957500",
    "BandwidthPerPixelPhaseEncode": 29.481,
    "ConversionSoftware": "dcm2niix",
    "ConversionSoftwareVersion": "v1.0.20170724 GCC4.4.7",
    "DeviceSerialNumber": "35414",
    "EchoTime": 0.025,
    "EffectiveEchoSpacing": 0.000530002,
    "FlipAngle": 90,
    "ImageType": [
      "ORIGINAL",
      "PRIMARY",
      "M",
      "ND",
      "MOSAIC"
    ],
    "InstitutionAddress": "Mikeletegi_69_San_Sebastian_District_ES_20009",
    "InstitutionName": "BCBL",
    "MagneticFieldStrength": 3,
    "Manufacturer": "Siemens",
    "ManufacturersModelName": "TrioTim",
    "PhaseEncodingDirection": "j-",
    "PhaseEncodingLines": 64,
    "ProcedureStepDescription": "CRANEO_FUNCIONAL",
    "ProtocolName": "ep2d_Didak_VF_L1_Run2",
    "RepetitionTime": 3,
    "ScanningSequence": "EP",
    "SequenceName": "_epfid2d1_64",
    "SequenceVariant": "SK",
    "SeriesDescription": "ep2d_Didak_VF_L1_Run2",
    "SliceTiming": [
      2.92,
      2.85,
      2.7825,
      2.7125,
      2.6425,
      2.5725,
      2.5025,
      2.435,
      2.365,
      2.295,
      2.225,
      2.155,
      2.085,
      2.0175,
      1.9475,
      1.8775,
      1.8075,
      1.7375,
      1.6675,
      1.6,
      1.53,
      1.46,
      1.39,
      1.32,
      1.25,
      1.1825,
      1.1125,
      1.0425,
      0.9725,
      0.9025,
      0.8325,
      0.765,
      0.695,
      0.625,
      0.555,
      0.485,
      0.4175,
      0.3475,
      0.2775,
      0.2075,
      0.1375,
      0.0675,
      0
    ],
    "SoftwareVersions": "syngo_MR_B17",
    "TaskName": "prodL1",
    "TotalReadoutTime": 0.0333901,
    "dataset": "ds003542",
    "modality": "bold",
    "run_id": 2,
    "subject_id": "29",
    "task_id": "prodL1"
  },
  "dummy_trs": 0,
  "dvars_nstd": 39.71433077723851,
  "dvars_std": 1.2729049897489546,
  "dvars_vstd": 1.025558824393306,
  "efc": 0.5778885671483599,
  "fber": 360.7376403808594,
  "fd_mean": 0.39543648784186103,
  "fd_num": 196,
  "fd_perc": 81.66666666666667,
  "fwhm_avg": 2.860749508944016,
  "fwhm_x": 2.8141133333333332,
  "fwhm_y": 2.8626199999999997,
  "fwhm_z": 2.9055151934987156,
  "gcor": 0.0294121,
  "gsr_x": 0.003051751060411334,
  "gsr_y": 0.10948193073272705,
  "provenance": {
    "md5sum": "4f244aee98b210d047af206ffbc9fbaa",
    "settings": {
      "fd_thres": 0.2,
      "testing": false
    },
    "software": "mriqc",
    "version": "22.0.1",
    "webapi_port": null,
    "webapi_url": "https://mriqc.nimh.nih.gov/api/v1"
  },
  "size_t": 240,
  "size_x": 64,
  "size_y": 64,
  "size_z": 43,
  "snr": 2.288959004145162,
  "spacing_tr": 3.0,
  "spacing_x": 3.0,
  "spacing_y": 3.0,
  "spacing_z": 3.299999952316284,
  "summary_bg_k": 29.765670841745006,
  "summary_bg_mad": 20.688480908190993,
  "summary_bg_mean": 87.13346099853516,
  "summary_bg_median": 39.31666946411133,
  "summary_bg_n": 96942.0,
  "summary_bg_p05": 23.245834350585938,
  "summary_bg_p95": 312.61126861572257,
  "summary_bg_stdv": 129.1943817138672,
  "summary_fg_k": 3.374498842529632,
  "summary_fg_mad": 267.70851645726606,
  "summary_fg_mean": 834.0180053710938,
  "summary_fg_median": 760.9000244140625,
  "summary_fg_n": 38981.0,
  "summary_fg_p05": 445.9625244140625,
  "summary_fg_p95": 1480.416748046875,
  "summary_fg_stdv": 332.4176025390625,
  "tsnr": 42.91791978687979
}