{
  "aor": 0.00542225,
  "aqi": 0.006180692583333333,
  "bids_meta": {
    "AcquisitionNumber": 1,
    "AcquisitionTime": "17:07:58.812500",
    "BandwidthPerPixelPhaseEncode": 29.481,
    "ConversionSoftware": "dcm2niix",
    "ConversionSoftwareVersion": "v1.0.20170724 GCC4.4.7",
    "DeviceSerialNumber": "35414",
    "EchoTime": 0.025,
    "EffectiveEchoSpacing": 0.000530002,
    "FlipAngle": 90,
    "ImageType": [
      "ORIGINAL",
      "PRIMARY",
      "M",
      "ND",
      "MOSAIC"
    ],
    "InstitutionAddress": "Mikeletegi_69_San_Sebastian_District_ES_20009",
    "InstitutionName": "BCBL",
    "MagneticFieldStrength": 3,
    "Manufacturer": "Siemens",
    "ManufacturersModelName": "TrioTim",
    "PhaseEncodingDirection": "j-",
    "PhaseEncodingLines": 64,
    "ProcedureStepDescription": "CRANEO_FUNCIONAL",
    "ProtocolName": "ep2d_Didak_VF_L1_Run1",
    "RepetitionTime": 3,
    "ScanningSequence": "EP",
    "SequenceName": "_epfid2d1_64",
    "SequenceVariant": "SK",
    "SeriesDescription": "ep2d_Didak_VF_L1_Run1",
    "SliceTiming": [
      2.92,
      2.85,
      2.7825,
      2.7125,
      2.6425,
      2.5725,
      2.5025,
      2.4325,
      2.365,
      2.295,
      2.225,
      2.155,
      2.085,
      2.0175,
      1.9475,
      1.8775,
      1.8075,
      1.7375,
      1.6675,
      1.6,
      1.53,
      1.46,
      1.39,
      1.32,
      1.25,
      1.1825,
      1.1125,
      1.0425,
      0.9725,
      0.9025,
      0.8325,
      0.765,
      0.695,
      0.625,
      0.555,
      0.485,
      0.415,
      0.3475,
      0.2775,
      0.2075,
      0.1375,
      0.0675,
      0
    ],
    "SoftwareVersions": "syngo_MR_B17",
    "TaskName": "prodL1",
    "TotalReadoutTime": 0.0333901,
    "dataset": "ds003542",
    "modality": "bold",
    "run_id": 1,
    "subject_id": "29",
    "task_id": "prodL1"
  },
  "dummy_trs": 0,
  "dvars_nstd": 36.84179374644353,
  "dvars_std": 1.263479889665272,
  "dvars_vstd": 1.0111676773640164,
  "efc": 0.5777545830657604,
  "fber": 367.0709228515625,
  "fd_mean": 0.3259083653342767,
  "fd_num": 160,
  "fd_perc": 66.66666666666667,
  "fwhm_avg": 2.8622359736141108,
  "fwhm_x": 2.8170333333333333,
  "fwhm_y": 2.859253333333333,
  "fwhm_z": 2.9104212541756667,
  "gcor": 0.0350939,
  "gsr_x": 0.002010081196203828,
  "gsr_y": 0.11044984310865402,
  "provenance": {
    "md5sum": "8ba7eb9e5fdf2df7a6f981cd4be1c1ba",
    "settings": {
      "fd_thres": 0.2,
      "testing": false
    },
    "software": "mriqc",
    "version": "22.0.1",
    "webapi_port": null,
    "webapi_url": "https://mriqc.nimh.nih.gov/api/v1"
  },
  "size_t": 240,
  "size_x": 64,
  "size_y": 64,
  "size_z": 43,
  "snr": 2.2930997840663387,
  "spacing_tr": 3.0,
  "spacing_x": 3.0,
  "spacing_y": 3.0,
  "spacing_z": 3.299999952316284,
  "summary_bg_k": 30.0633012262293,
  "summary_bg_mad": 19.32016298774044,
  "summary_bg_mean": 86.41487884521484,
  "summary_bg_median": 38.66041946411133,
  "summary_bg_n": 96808.0,
  "summary_bg_p05": 24.59166717529297,
  "summary_bg_p95": 310.8358428955077,
  "summary_bg_stdv": 128.3387451171875,
  "summary_fg_k": 3.3399951203507223,
  "summary_fg_mad": 267.3502631501943,
  "summary_fg_mean": 832.2012329101562,
  "summary_fg_median": 759.9500122070312,
  "summary_fg_n": 38933.0,
  "summary_fg_p05": 445.03086547851564,
  "summary_fg_p95": 1473.25087890625,
  "summary_fg_stdv": 331.4030456542969,
  "tsnr": 48.88777937926352
}