{
  "aor": 0.0030767916666666665,
  "aqi": 0.007262408958333333,
  "bids_meta": {
    "AcquisitionNumber": 1,
    "AcquisitionTime": "17:45:34.047500",
    "BandwidthPerPixelPhaseEncode": 29.481,
    "ConversionSoftware": "dcm2niix",
    "ConversionSoftwareVersion": "v1.0.20170724 GCC4.4.7",
    "DeviceSerialNumber": "35414",
    "EchoTime": 0.025,
    "EffectiveEchoSpacing": 0.000530002,
    "FlipAngle": 90,
    "ImageType": [
      "ORIGINAL",
      "PRIMARY",
      "M",
      "ND",
      "MOSAIC"
    ],
    "InstitutionAddress": "Mikeletegi_69_San_Sebastian_District_ES_20009",
    "InstitutionName": "BCBL",
    "MagneticFieldStrength": 3,
    "Manufacturer": "Siemens",
    "ManufacturersModelName": "TrioTim",
    "PhaseEncodingDirection": "j-",
    "PhaseEncodingLines": 64,
    "ProcedureStepDescription": "CRANEO_FUNCIONAL",
    "ProtocolName": "ep2d_Didak_VF_L2_Run1",
    "RepetitionTime": 3,
    "ScanningSequence": "EP",
    "SequenceName": "_epfid2d1_64",
    "SequenceVariant": "SK",
    "SeriesDescription": "ep2d_Didak_VF_L2_Run1",
    "SliceTiming": [
      2.9225,
      2.8525,
      2.7825,
      2.7125,
      2.6425,
      2.5725,
      2.505,
      2.435,
      2.365,
      2.295,
      2.225,
      2.1575,
      2.0875,
      2.0175,
      1.9475,
      1.8775,
      1.8075,
      1.74,
      1.67,
      1.6,
      1.53,
      1.46,
      1.39,
      1.3225,
      1.2525,
      1.1825,
      1.1125,
      1.0425,
      0.9725,
      0.905,
      0.835,
      0.765,
      0.695,
      0.625,
      0.5575,
      0.4875,
      0.4175,
      0.3475,
      0.2775,
      0.2075,
      0.14,
      0.07,
      0
    ],
    "SoftwareVersions": "syngo_MR_B17",
    "TaskName": "prodLn",
    "TotalReadoutTime": 0.0333901,
    "dataset": "ds003542",
    "modality": "bold",
    "run_id": 1,
    "subject_id": "31",
    "task_id": "prodLn"
  },
  "dummy_trs": 0,
  "dvars_nstd": 40.27129067129707,
  "dvars_std": 1.2183996304184097,
  "dvars_vstd": 0.9966308839330548,
  "efc": 0.6469333775180977,
  "fber": 189.4225311279297,
  "fd_mean": 0.38550395111385616,
  "fd_num": 164,
  "fd_perc": 68.33333333333333,
  "fwhm_avg": 2.721333852029175,
  "fwhm_x": 2.6160166666666664,
  "fwhm_y": 2.7149666666666668,
  "fwhm_z": 2.8330182227541925,
  "gcor": 0.0447093,
  "gsr_x": 0.007688924670219421,
  "gsr_y": 0.11723398417234421,
  "provenance": {
    "md5sum": "7be09c26ede27fd7fb1e70bdb75f216b",
    "settings": {
      "fd_thres": 0.2,
      "testing": false
    },
    "software": "mriqc",
    "version": "22.0.1",
    "webapi_port": null,
    "webapi_url": "https://mriqc.nimh.nih.gov/api/v1"
  },
  "size_t": 240,
  "size_x": 64,
  "size_y": 64,
  "size_z": 43,
  "snr": 2.3984440734486,
  "spacing_tr": 3.0,
  "spacing_x": 3.0,
  "spacing_y": 3.0,
  "spacing_z": 3.299999952316284,
  "summary_bg_k": 32.162550195920225,
  "summary_bg_mad": 29.81883881639751,
  "summary_bg_mean": 106.17169189453125,
  "summary_bg_median": 47.0958366394043,
  "summary_bg_n": 82620.0,
  "summary_bg_p05": 25.00833511352539,
  "summary_bg_p95": 396.20042877197267,
  "summary_bg_stdv": 155.55355834960938,
  "summary_fg_k": 2.7172255148144338,
  "summary_fg_mad": 232.85505756568782,
  "summary_fg_mean": 725.1929931640625,
  "summary_fg_median": 669.6771240234375,
  "summary_fg_n": 51698.0,
  "summary_fg_p05": 385.6337631225586,
  "summary_fg_p95": 1261.2513000488275,
  "summary_fg_stdv": 279.21044921875,
  "tsnr": 47.91048296925146
}