{
  "aor": 0.002266918918918919,
  "aqi": 0.0027628486486486487,
  "bids_meta": {
    "AcquisitionNumber": 1,
    "AcquisitionTime": "15:46:3.095000",
    "BandwidthPerPixelPhaseEncode": 28.409,
    "ConversionSoftware": "dcm2niix",
    "ConversionSoftwareVersion": "v1.0.20170724 GCC4.4.7",
    "DeviceSerialNumber": "35414",
    "EchoTime": 0.03,
    "EffectiveEchoSpacing": 0.000550002,
    "FlipAngle": 80,
    "ImageType": [
      "ORIGINAL",
      "PRIMARY",
      "FMRI",
      "NONE",
      "ND",
      "MOSAIC"
    ],
    "InstitutionAddress": "Mikeletegi_69_San_Sebastian_District_ES_20009",
    "InstitutionName": "BCBL",
    "MagneticFieldStrength": 3,
    "Manufacturer": "Siemens",
    "ManufacturersModelName": "TrioTim",
    "PhaseEncodingDirection": "j-",
    "PhaseEncodingLines": 64,
    "ProcedureStepDescription": "CRANEO_FUNCIONAL",
    "ProtocolName": "ep2d_PiN_L1_Run3",
    "RepetitionTime": 2,
    "ScanningSequence": "EP",
    "SequenceName": "_epfid2d1_64",
    "SequenceVariant": "SK",
    "SeriesDescription": "ep2d_PiN_L1_Run3",
    "SliceTiming": [
      1.925,
      1.865,
      1.8025,
      1.74,
      1.6775,
      1.615,
      1.5525,
      1.4925,
      1.43,
      1.3675,
      1.305,
      1.2425,
      1.18,
      1.1175,
      1.0575,
      0.995,
      0.9325,
      0.87,
      0.8075,
      0.745,
      0.685,
      0.6225,
      0.56,
      0.4975,
      0.435,
      0.3725,
      0.3125,
      0.25,
      0.1875,
      0.125,
      0.0625,
      0
    ],
    "SoftwareVersions": "syngo_MR_B17",
    "TaskName": "compL1",
    "TotalReadoutTime": 0.0346501,
    "dataset": "ds003542",
    "modality": "bold",
    "run_id": 3,
    "subject_id": "31",
    "task_id": "compL1"
  },
  "dummy_trs": 1,
  "dvars_nstd": 21.82802165592391,
  "dvars_std": 1.163585774076087,
  "dvars_vstd": 0.9905477438043471,
  "efc": 0.5642195240671914,
  "fber": 593.4573974609375,
  "fd_mean": 0.2332456694844405,
  "fd_num": 101,
  "fd_perc": 54.5945945945946,
  "fwhm_avg": 2.5902863333333332,
  "fwhm_x": 2.541442909090909,
  "fwhm_y": 2.611741090909091,
  "fwhm_z": 2.617675,
  "gcor": 0.0352319,
  "gsr_x": -0.010586601682007313,
  "gsr_y": 0.09633398801088333,
  "provenance": {
    "md5sum": "cc2595e6efa486c76200304c07eba111",
    "settings": {
      "fd_thres": 0.2,
      "testing": false
    },
    "software": "mriqc",
    "version": "22.0.1",
    "webapi_port": null,
    "webapi_url": "https://mriqc.nimh.nih.gov/api/v1"
  },
  "size_t": 185,
  "size_x": 64,
  "size_y": 64,
  "size_z": 32,
  "snr": 2.6439387055028147,
  "spacing_tr": 2.0,
  "spacing_x": 3.4375,
  "spacing_y": 3.4375,
  "spacing_z": 4.0,
  "summary_bg_k": 68.35076343351467,
  "summary_bg_mad": 11.796703561187462,
  "summary_bg_mean": 49.297935485839844,
  "summary_bg_median": 21.389188766479492,
  "summary_bg_n": 70883.0,
  "summary_bg_p05": 12.76756763458252,
  "summary_bg_p95": 179.94433135986318,
  "summary_bg_stdv": 83.8746109008789,
  "summary_fg_k": 2.9637179271481235,
  "summary_fg_mad": 166.73257316126828,
  "summary_fg_mean": 571.8890380859375,
  "summary_fg_median": 533.8973388671875,
  "summary_fg_n": 29287.0,
  "summary_fg_p05": 319.54541931152346,
  "summary_fg_p95": 955.1091979980462,
  "summary_fg_stdv": 201.9291229248047,
  "tsnr": 74.49017882533371
}