{
  "aor": 0.0011855978260869565,
  "aqi": 0.0016112345869565218,
  "bids_meta": {
    "AcquisitionNumber": 1,
    "AcquisitionTime": "15:38:57.202500",
    "BandwidthPerPixelPhaseEncode": 28.409,
    "ConversionSoftware": "dcm2niix",
    "ConversionSoftwareVersion": "v1.0.20170724 GCC4.4.7",
    "DeviceSerialNumber": "35414",
    "EchoTime": 0.03,
    "EffectiveEchoSpacing": 0.000550002,
    "FlipAngle": 80,
    "ImageType": [
      "ORIGINAL",
      "PRIMARY",
      "FMRI",
      "NONE",
      "ND",
      "MOSAIC"
    ],
    "InstitutionAddress": "Mikeletegi_69_San_Sebastian_District_ES_20009",
    "InstitutionName": "BCBL",
    "MagneticFieldStrength": 3,
    "Manufacturer": "Siemens",
    "ManufacturersModelName": "TrioTim",
    "PhaseEncodingDirection": "j-",
    "PhaseEncodingLines": 64,
    "ProcedureStepDescription": "CRANEO_FUNCIONAL",
    "ProtocolName": "ep2d_PiN_L1_Run2",
    "RepetitionTime": 2,
    "ScanningSequence": "EP",
    "SequenceName": "_epfid2d1_64",
    "SequenceVariant": "SK",
    "SeriesDescription": "ep2d_PiN_L1_Run2",
    "SliceTiming": [
      1.925,
      1.8625,
      1.8025,
      1.74,
      1.6775,
      1.615,
      1.5525,
      1.49,
      1.43,
      1.3675,
      1.305,
      1.2425,
      1.18,
      1.1175,
      1.055,
      0.995,
      0.9325,
      0.87,
      0.8075,
      0.745,
      0.6825,
      0.6225,
      0.56,
      0.4975,
      0.435,
      0.3725,
      0.31,
      0.25,
      0.1875,
      0.125,
      0.0625,
      0
    ],
    "SoftwareVersions": "syngo_MR_B17",
    "TaskName": "compL1",
    "TotalReadoutTime": 0.0346501,
    "dataset": "ds003542",
    "modality": "bold",
    "run_id": 2,
    "subject_id": "31",
    "task_id": "compL1"
  },
  "dummy_trs": 2,
  "dvars_nstd": 21.61155661092896,
  "dvars_std": 1.1526629017486332,
  "dvars_vstd": 0.9793316284699455,
  "efc": 0.5644141002250659,
  "fber": 582.496337890625,
  "fd_mean": 0.23418887010104278,
  "fd_num": 101,
  "fd_perc": 54.891304347826086,
  "fwhm_avg": 2.585362515151515,
  "fwhm_x": 2.5461323636363637,
  "fwhm_y": 2.6135301818181818,
  "fwhm_z": 2.596425,
  "gcor": 0.0350778,
  "gsr_x": -0.012702330015599728,
  "gsr_y": 0.09571000188589096,
  "provenance": {
    "md5sum": "fda47d8ebd52a0649ea0d8bd7ec81e1c",
    "settings": {
      "fd_thres": 0.2,
      "testing": false
    },
    "software": "mriqc",
    "version": "22.0.1",
    "webapi_port": null,
    "webapi_url": "https://mriqc.nimh.nih.gov/api/v1"
  },
  "size_t": 184,
  "size_x": 64,
  "size_y": 64,
  "size_z": 32,
  "snr": 2.6344348459088254,
  "spacing_tr": 2.0,
  "spacing_x": 3.4375,
  "spacing_y": 3.4375,
  "spacing_z": 4.0,
  "summary_bg_k": 70.92041427767684,
  "summary_bg_mad": 11.901107388677747,
  "summary_bg_mean": 49.36262130737305,
  "summary_bg_median": 21.559783935546875,
  "summary_bg_n": 70697.0,
  "summary_bg_p05": 12.8804349899292,
  "summary_bg_p95": 180.21304931640614,
  "summary_bg_stdv": 84.67452239990234,
  "summary_fg_k": 2.9443694059515915,
  "summary_fg_mad": 165.57609999522202,
  "summary_fg_mean": 571.07763671875,
  "summary_fg_median": 533.4239501953125,
  "summary_fg_n": 29436.0,
  "summary_fg_p05": 319.36141204833984,
  "summary_fg_p95": 954.3492126464844,
  "summary_fg_stdv": 202.47792053222656,
  "tsnr": 93.83745914837345
}