{
  "aor": 0.0008814673913043478,
  "aqi": 0.0017398087499999998,
  "bids_meta": {
    "AcquisitionNumber": 1,
    "AcquisitionTime": "15:31:41.187500",
    "BandwidthPerPixelPhaseEncode": 28.409,
    "ConversionSoftware": "dcm2niix",
    "ConversionSoftwareVersion": "v1.0.20170724 GCC4.4.7",
    "DeviceSerialNumber": "35414",
    "EchoTime": 0.03,
    "EffectiveEchoSpacing": 0.000550002,
    "FlipAngle": 80,
    "ImageType": [
      "ORIGINAL",
      "PRIMARY",
      "FMRI",
      "NONE",
      "ND",
      "MOSAIC"
    ],
    "InstitutionAddress": "Mikeletegi_69_San_Sebastian_District_ES_20009",
    "InstitutionName": "BCBL",
    "MagneticFieldStrength": 3,
    "Manufacturer": "Siemens",
    "ManufacturersModelName": "TrioTim",
    "PhaseEncodingDirection": "j-",
    "PhaseEncodingLines": 64,
    "ProcedureStepDescription": "CRANEO_FUNCIONAL",
    "ProtocolName": "ep2d_PiN_L1_Run1",
    "RepetitionTime": 2,
    "ScanningSequence": "EP",
    "SequenceName": "_epfid2d1_64",
    "SequenceVariant": "SK",
    "SeriesDescription": "ep2d_PiN_L1_Run1",
    "SliceTiming": [
      1.9275,
      1.865,
      1.8025,
      1.74,
      1.6775,
      1.615,
      1.5525,
      1.4925,
      1.43,
      1.3675,
      1.305,
      1.2425,
      1.18,
      1.12,
      1.0575,
      0.995,
      0.9325,
      0.87,
      0.8075,
      0.7475,
      0.685,
      0.6225,
      0.56,
      0.4975,
      0.435,
      0.3725,
      0.3125,
      0.25,
      0.1875,
      0.125,
      0.0625,
      0
    ],
    "SoftwareVersions": "syngo_MR_B17",
    "TaskName": "compL1",
    "TotalReadoutTime": 0.0346501,
    "dataset": "ds003542",
    "modality": "bold",
    "run_id": 1,
    "subject_id": "31",
    "task_id": "compL1"
  },
  "dummy_trs": 2,
  "dvars_nstd": 21.696258211639357,
  "dvars_std": 1.1403715679781423,
  "dvars_vstd": 0.9679235022950824,
  "efc": 0.5637951763581799,
  "fber": 591.026611328125,
  "fd_mean": 0.21967030709869959,
  "fd_num": 93,
  "fd_perc": 50.54347826086956,
  "fwhm_avg": 2.606283909090909,
  "fwhm_x": 2.5630836363636367,
  "fwhm_y": 2.628893090909091,
  "fwhm_z": 2.626875,
  "gcor": 0.0230217,
  "gsr_x": -0.012080924585461617,
  "gsr_y": 0.09647884964942932,
  "provenance": {
    "md5sum": "da0c36b2b9ede42f5eada081b22430fd",
    "settings": {
      "fd_thres": 0.2,
      "testing": false
    },
    "software": "mriqc",
    "version": "22.0.1",
    "webapi_port": null,
    "webapi_url": "https://mriqc.nimh.nih.gov/api/v1"
  },
  "size_t": 184,
  "size_x": 64,
  "size_y": 64,
  "size_z": 32,
  "snr": 2.626585816248511,
  "spacing_tr": 2.0,
  "spacing_x": 3.4375,
  "spacing_y": 3.4375,
  "spacing_z": 4.0,
  "summary_bg_k": 73.83587910725761,
  "summary_bg_mad": 11.731896553698062,
  "summary_bg_mean": 48.928428649902344,
  "summary_bg_median": 21.396739959716797,
  "summary_bg_n": 70641.0,
  "summary_bg_p05": 12.842391967773438,
  "summary_bg_p95": 178.2010955810547,
  "summary_bg_stdv": 84.25263977050781,
  "summary_fg_k": 3.0184401541214774,
  "summary_fg_mad": 165.10063840424405,
  "summary_fg_mean": 571.3990478515625,
  "summary_fg_median": 532.5081787109375,
  "summary_fg_n": 29502.0,
  "summary_fg_p05": 320.4250061035156,
  "summary_fg_p95": 955.6484130859369,
  "summary_fg_stdv": 202.73434448242188,
  "tsnr": 95.15624580718577
}