{
  "aor": 0.0035877837837837837,
  "aqi": 0.0022728087027027027,
  "bids_meta": {
    "AcquisitionNumber": 1,
    "AcquisitionTime": "17:34:16.310000",
    "BandwidthPerPixelPhaseEncode": 28.409,
    "ConversionSoftware": "dcm2niix",
    "ConversionSoftwareVersion": "v1.0.20170724 GCC4.4.7",
    "DeviceSerialNumber": "35414",
    "EchoTime": 0.03,
    "EffectiveEchoSpacing": 0.000550002,
    "FlipAngle": 80,
    "ImageType": [
      "ORIGINAL",
      "PRIMARY",
      "FMRI",
      "NONE",
      "ND",
      "MOSAIC"
    ],
    "InstitutionAddress": "Mikeletegi_69_San_Sebastian_District_ES_20009",
    "InstitutionName": "BCBL",
    "MagneticFieldStrength": 3,
    "Manufacturer": "Siemens",
    "ManufacturersModelName": "TrioTim",
    "PhaseEncodingDirection": "j-",
    "PhaseEncodingLines": 64,
    "ProcedureStepDescription": "CRANEO_FUNCIONAL",
    "ProtocolName": "ep2d_PiN_L2_Run3",
    "RepetitionTime": 2,
    "ScanningSequence": "EP",
    "SequenceName": "_epfid2d1_64",
    "SequenceVariant": "SK",
    "SeriesDescription": "ep2d_PiN_L2_Run3",
    "SliceTiming": [
      1.925,
      1.8625,
      1.8,
      1.7375,
      1.6775,
      1.615,
      1.5525,
      1.49,
      1.4275,
      1.365,
      1.305,
      1.2425,
      1.18,
      1.1175,
      1.055,
      0.9925,
      0.9325,
      0.87,
      0.8075,
      0.745,
      0.6825,
      0.62,
      0.5575,
      0.4975,
      0.435,
      0.3725,
      0.31,
      0.2475,
      0.185,
      0.125,
      0.0625,
      0
    ],
    "SoftwareVersions": "syngo_MR_B17",
    "TaskName": "compLn",
    "TotalReadoutTime": 0.0346501,
    "dataset": "ds003542",
    "modality": "bold",
    "run_id": 3,
    "subject_id": "31",
    "task_id": "compLn"
  },
  "dummy_trs": 1,
  "dvars_nstd": 22.48964462597827,
  "dvars_std": 1.1870978100543481,
  "dvars_vstd": 1.0111896873913049,
  "efc": 0.5691801859839187,
  "fber": 565.857666015625,
  "fd_mean": 0.2304968053741087,
  "fd_num": 94,
  "fd_perc": 50.810810810810814,
  "fwhm_avg": 2.575885515151515,
  "fwhm_x": 2.5158603636363637,
  "fwhm_y": 2.636346181818182,
  "fwhm_z": 2.57545,
  "gcor": 0.0284673,
  "gsr_x": -0.006762703415006399,
  "gsr_y": 0.08586550503969193,
  "provenance": {
    "md5sum": "0d7f36f709750c738926e72b9b74e3ba",
    "settings": {
      "fd_thres": 0.2,
      "testing": false
    },
    "software": "mriqc",
    "version": "22.0.1",
    "webapi_port": null,
    "webapi_url": "https://mriqc.nimh.nih.gov/api/v1"
  },
  "size_t": 185,
  "size_x": 64,
  "size_y": 64,
  "size_z": 32,
  "snr": 2.666273681539215,
  "spacing_tr": 2.0,
  "spacing_x": 3.4375,
  "spacing_y": 3.4375,
  "spacing_z": 4.0,
  "summary_bg_k": 72.22559753823177,
  "summary_bg_mad": 12.509956746199677,
  "summary_bg_mean": 50.539615631103516,
  "summary_bg_median": 22.064865112304688,
  "summary_bg_n": 70266.0,
  "summary_bg_p05": 12.637838363647461,
  "summary_bg_p95": 195.0608139038086,
  "summary_bg_stdv": 82.47470092773438,
  "summary_fg_k": 2.6140395077819196,
  "summary_fg_mad": 167.4899590205418,
  "summary_fg_mean": 572.7694702148438,
  "summary_fg_median": 535.5487060546875,
  "summary_fg_n": 29660.0,
  "summary_fg_p05": 321.2908187866211,
  "summary_fg_p95": 953.9494964599609,
  "summary_fg_stdv": 200.8569793701172,
  "tsnr": 82.54831156576984
}