{
  "aor": 0.01025172972972973,
  "aqi": 0.01173574583783784,
  "bids_meta": {
    "AcquisitionNumber": 1,
    "AcquisitionTime": "15:18:33.250000",
    "BandwidthPerPixelPhaseEncode": 28.409,
    "ConversionSoftware": "dcm2niix",
    "ConversionSoftwareVersion": "v1.0.20170724 GCC4.4.7",
    "DeviceSerialNumber": "35414",
    "EchoTime": 0.03,
    "EffectiveEchoSpacing": 0.000550002,
    "FlipAngle": 80,
    "ImageType": [
      "ORIGINAL",
      "PRIMARY",
      "FMRI",
      "NONE",
      "ND",
      "MOSAIC"
    ],
    "InstitutionAddress": "Mikeletegi_69_San_Sebastian_District_ES_20009",
    "InstitutionName": "BCBL",
    "MagneticFieldStrength": 3,
    "Manufacturer": "Siemens",
    "ManufacturersModelName": "TrioTim",
    "PhaseEncodingDirection": "j-",
    "PhaseEncodingLines": 64,
    "ProcedureStepDescription": "CRANEO_FUNCIONAL",
    "ProtocolName": "ep2d_PiN_L1_Run1",
    "RepetitionTime": 2,
    "ScanningSequence": "EP",
    "SequenceName": "_epfid2d1_64",
    "SequenceVariant": "SK",
    "SeriesDescription": "ep2d_PiN_L1_Run1",
    "SliceTiming": [
      1.925,
      1.8625,
      1.8,
      1.7375,
      1.675,
      1.615,
      1.5525,
      1.49,
      1.4275,
      1.365,
      1.3025,
      1.24,
      1.18,
      1.1175,
      1.055,
      0.9925,
      0.93,
      0.8675,
      0.8075,
      0.745,
      0.6825,
      0.62,
      0.5575,
      0.495,
      0.435,
      0.3725,
      0.31,
      0.2475,
      0.185,
      0.1225,
      0.06,
      0
    ],
    "SoftwareVersions": "syngo_MR_B17",
    "TaskName": "compL1",
    "TotalReadoutTime": 0.0346501,
    "dataset": "ds003542",
    "modality": "bold",
    "run_id": 1,
    "subject_id": "06",
    "task_id": "compL1"
  },
  "dummy_trs": 1,
  "dvars_nstd": 38.65729628934781,
  "dvars_std": 1.0665373542934784,
  "dvars_vstd": 0.9371064138043473,
  "efc": 0.4765184127274272,
  "fber": 1057.8192138671875,
  "fd_mean": 0.6217406151761037,
  "fd_num": 142,
  "fd_perc": 76.75675675675676,
  "fwhm_avg": 2.8106009393939395,
  "fwhm_x": 2.777361454545455,
  "fwhm_y": 3.0017163636363637,
  "fwhm_z": 2.652725,
  "gcor": 0.0228717,
  "gsr_x": -0.0195016972720623,
  "gsr_y": 0.07419069111347198,
  "provenance": {
    "md5sum": "4303737e013383887b525ba076569ea5",
    "settings": {
      "fd_thres": 0.2,
      "testing": false
    },
    "software": "mriqc",
    "version": "22.0.1",
    "webapi_port": null,
    "webapi_url": "https://mriqc.nimh.nih.gov/api/v1"
  },
  "size_t": 185,
  "size_x": 64,
  "size_y": 64,
  "size_z": 32,
  "snr": 2.4864090657237443,
  "spacing_tr": 2.0,
  "spacing_x": 3.4375,
  "spacing_y": 3.4375,
  "spacing_z": 4.0,
  "summary_bg_k": 49.184260237573135,
  "summary_bg_mad": 6.691745224818239,
  "summary_bg_mean": 39.95378875732422,
  "summary_bg_median": 17.605405807495117,
  "summary_bg_n": 83922.0,
  "summary_bg_p05": 12.491891860961914,
  "summary_bg_p95": 133.39459228515625,
  "summary_bg_stdv": 73.4925308227539,
  "summary_fg_k": 4.824206968601028,
  "summary_fg_mad": 164.0880230798036,
  "summary_fg_mean": 625.3490600585938,
  "summary_fg_median": 569.7351684570312,
  "summary_fg_n": 19101.0,
  "summary_fg_p05": 374.5405578613281,
  "summary_fg_p95": 1088.3243408203125,
  "summary_fg_stdv": 229.13375854492188,
  "tsnr": 37.59931589337066
}