{
  "aor": 0.012586333333333333,
  "aqi": 0.023416393625,
  "bids_meta": {
    "AcquisitionNumber": 1,
    "AcquisitionTime": "17:41:19.800000",
    "BandwidthPerPixelPhaseEncode": 29.481,
    "ConversionSoftware": "dcm2niix",
    "ConversionSoftwareVersion": "v1.0.20170724 GCC4.4.7",
    "DeviceSerialNumber": "35414",
    "EchoTime": 0.025,
    "EffectiveEchoSpacing": 0.000530002,
    "FlipAngle": 90,
    "ImageType": [
      "ORIGINAL",
      "PRIMARY",
      "M",
      "ND",
      "MOSAIC"
    ],
    "InstitutionAddress": "Mikeletegi_69_San_Sebastian_District_ES_20009",
    "InstitutionName": "BCBL",
    "MagneticFieldStrength": 3,
    "Manufacturer": "Siemens",
    "ManufacturersModelName": "TrioTim",
    "PhaseEncodingDirection": "j-",
    "PhaseEncodingLines": 64,
    "ProcedureStepDescription": "CRANEO_FUNCIONAL",
    "ProtocolName": "ep2d_Didak_VF_L2_Run2",
    "RepetitionTime": 3,
    "ScanningSequence": "EP",
    "SequenceName": "_epfid2d1_64",
    "SequenceVariant": "SK",
    "SeriesDescription": "ep2d_Didak_VF_L2_Run2",
    "SliceTiming": [
      2.92,
      2.8525,
      2.7825,
      2.7125,
      2.6425,
      2.5725,
      2.505,
      2.435,
      2.365,
      2.295,
      2.225,
      2.155,
      2.0875,
      2.0175,
      1.9475,
      1.8775,
      1.8075,
      1.7375,
      1.67,
      1.6,
      1.53,
      1.46,
      1.39,
      1.32,
      1.2525,
      1.1825,
      1.1125,
      1.0425,
      0.9725,
      0.9025,
      0.835,
      0.765,
      0.695,
      0.625,
      0.555,
      0.4875,
      0.4175,
      0.3475,
      0.2775,
      0.2075,
      0.1375,
      0.07,
      0
    ],
    "SoftwareVersions": "syngo_MR_B17",
    "TaskName": "prodLn",
    "TotalReadoutTime": 0.0333901,
    "dataset": "ds003542",
    "modality": "bold",
    "run_id": 2,
    "subject_id": "06",
    "task_id": "prodLn"
  },
  "dummy_trs": 0,
  "dvars_nstd": 88.32317410569041,
  "dvars_std": 1.314272872217573,
  "dvars_vstd": 1.0614085471966526,
  "efc": 0.5563556105407017,
  "fber": 351.2546691894531,
  "fd_mean": 1.3495265918175223,
  "fd_num": 235,
  "fd_perc": 97.91666666666667,
  "fwhm_avg": 2.999699610019929,
  "fwhm_x": 2.89701,
  "fwhm_y": 3.18291,
  "fwhm_z": 2.9191788300597863,
  "gcor": 0.0415945,
  "gsr_x": 0.0025109120178967714,
  "gsr_y": 0.106864333152771,
  "provenance": {
    "md5sum": "d6b501898a385713ed740109d2d3aa9a",
    "settings": {
      "fd_thres": 0.2,
      "testing": false
    },
    "software": "mriqc",
    "version": "22.0.1",
    "webapi_port": null,
    "webapi_url": "https://mriqc.nimh.nih.gov/api/v1"
  },
  "size_t": 240,
  "size_x": 64,
  "size_y": 64,
  "size_z": 43,
  "snr": 2.323255471669023,
  "spacing_tr": 3.0,
  "spacing_x": 3.0,
  "spacing_y": 3.0,
  "spacing_z": 3.299999952316284,
  "summary_bg_k": 24.451231747034374,
  "summary_bg_mad": 17.945666238387766,
  "summary_bg_mean": 78.5134048461914,
  "summary_bg_median": 37.645835876464844,
  "summary_bg_n": 104089.0,
  "summary_bg_p05": 22.443334579467777,
  "summary_bg_p95": 269.58666992187455,
  "summary_bg_stdv": 111.27079772949219,
  "summary_fg_k": 6.021260648321391,
  "summary_fg_mad": 220.6235892630166,
  "summary_fg_mean": 779.3533935546875,
  "summary_fg_median": 709.2708740234375,
  "summary_fg_n": 34233.0,
  "summary_fg_p05": 445.39586181640624,
  "summary_fg_p95": 1367.3184082031248,
  "summary_fg_stdv": 305.287353515625,
  "tsnr": 20.888136486755684
}