{
  "aor": 0.007213837837837838,
  "aqi": 0.012316809837837839,
  "bids_meta": {
    "AcquisitionNumber": 1,
    "AcquisitionTime": "17:04:16.137500",
    "BandwidthPerPixelPhaseEncode": 28.409,
    "ConversionSoftware": "dcm2niix",
    "ConversionSoftwareVersion": "v1.0.20170724 GCC4.4.7",
    "DeviceSerialNumber": "35414",
    "EchoTime": 0.03,
    "EffectiveEchoSpacing": 0.000550002,
    "FlipAngle": 80,
    "ImageType": [
      "ORIGINAL",
      "PRIMARY",
      "FMRI",
      "NONE",
      "ND",
      "MOSAIC"
    ],
    "InstitutionAddress": "Mikeletegi_69_San_Sebastian_District_ES_20009",
    "InstitutionName": "BCBL",
    "MagneticFieldStrength": 3,
    "Manufacturer": "Siemens",
    "ManufacturersModelName": "TrioTim",
    "PhaseEncodingDirection": "j-",
    "PhaseEncodingLines": 64,
    "ProcedureStepDescription": "CRANEO_FUNCIONAL",
    "ProtocolName": "ep2d_PiN_L2_Run2",
    "RepetitionTime": 2,
    "ScanningSequence": "EP",
    "SequenceName": "_epfid2d1_64",
    "SequenceVariant": "SK",
    "SeriesDescription": "ep2d_PiN_L2_Run2",
    "SliceTiming": [
      1.925,
      1.8625,
      1.8,
      1.7375,
      1.675,
      1.615,
      1.5525,
      1.49,
      1.4275,
      1.365,
      1.3025,
      1.24,
      1.18,
      1.1175,
      1.055,
      0.9925,
      0.93,
      0.8675,
      0.8075,
      0.745,
      0.6825,
      0.62,
      0.5575,
      0.495,
      0.435,
      0.3725,
      0.31,
      0.2475,
      0.185,
      0.1225,
      0.06,
      0
    ],
    "SoftwareVersions": "syngo_MR_B17",
    "TaskName": "compLn",
    "TotalReadoutTime": 0.0346501,
    "dataset": "ds003542",
    "modality": "bold",
    "run_id": 2,
    "subject_id": "06",
    "task_id": "compLn"
  },
  "dummy_trs": 1,
  "dvars_nstd": 26.688258399130426,
  "dvars_std": 0.9184573846739135,
  "dvars_vstd": 0.8553208727717397,
  "efc": 0.48016359674621895,
  "fber": 961.2354736328125,
  "fd_mean": 0.3651534141698766,
  "fd_num": 102,
  "fd_perc": 55.13513513513514,
  "fwhm_avg": 2.908465606060606,
  "fwhm_x": 2.873250909090909,
  "fwhm_y": 3.113570909090909,
  "fwhm_z": 2.738575,
  "gcor": 0.0243709,
  "gsr_x": -0.023844515904784203,
  "gsr_y": 0.0750422328710556,
  "provenance": {
    "md5sum": "bdf1f6aebf10f8d699f1c16b9a2368b8",
    "settings": {
      "fd_thres": 0.2,
      "testing": false
    },
    "software": "mriqc",
    "version": "22.0.1",
    "webapi_port": null,
    "webapi_url": "https://mriqc.nimh.nih.gov/api/v1"
  },
  "size_t": 185,
  "size_x": 64,
  "size_y": 64,
  "size_z": 32,
  "snr": 2.320101748604412,
  "spacing_tr": 2.0,
  "spacing_x": 3.4375,
  "spacing_y": 3.4375,
  "spacing_z": 4.0,
  "summary_bg_k": 46.61496582412561,
  "summary_bg_mad": 7.356913830127183,
  "summary_bg_mean": 42.78459548950195,
  "summary_bg_median": 18.71351432800293,
  "summary_bg_n": 83432.0,
  "summary_bg_p05": 13.059459686279297,
  "summary_bg_p95": 148.86324615478506,
  "summary_bg_stdv": 76.7359390258789,
  "summary_fg_k": 5.399475856809431,
  "summary_fg_mad": 177.4514641487005,
  "summary_fg_mean": 641.0886840820312,
  "summary_fg_median": 580.1513671875,
  "summary_fg_n": 19364.0,
  "summary_fg_p05": 368.5205413818359,
  "summary_fg_p95": 1136.3378784179683,
  "summary_fg_stdv": 250.04782104492188,
  "tsnr": 37.268542447825894
}