{
  "aor": 0.007127189189189189,
  "aqi": 0.006021784162162163,
  "bids_meta": {
    "AcquisitionNumber": 1,
    "AcquisitionTime": "15:35:49.425000",
    "BandwidthPerPixelPhaseEncode": 28.409,
    "ConversionSoftware": "dcm2niix",
    "ConversionSoftwareVersion": "v1.0.20170724 GCC4.4.7",
    "DeviceSerialNumber": "35414",
    "EchoTime": 0.03,
    "EffectiveEchoSpacing": 0.000550002,
    "FlipAngle": 80,
    "ImageType": [
      "ORIGINAL",
      "PRIMARY",
      "FMRI",
      "NONE",
      "ND",
      "MOSAIC"
    ],
    "InstitutionAddress": "Mikeletegi_69_San_Sebastian_District_ES_20009",
    "InstitutionName": "BCBL",
    "MagneticFieldStrength": 3,
    "Manufacturer": "Siemens",
    "ManufacturersModelName": "TrioTim",
    "PhaseEncodingDirection": "j-",
    "PhaseEncodingLines": 64,
    "ProcedureStepDescription": "CRANEO_FUNCIONAL",
    "ProtocolName": "ep2d_PiN_L1_Run3",
    "RepetitionTime": 2,
    "ScanningSequence": "EP",
    "SequenceName": "_epfid2d1_64",
    "SequenceVariant": "SK",
    "SeriesDescription": "ep2d_PiN_L1_Run3",
    "SliceTiming": [
      1.9275,
      1.865,
      1.8025,
      1.74,
      1.6775,
      1.615,
      1.555,
      1.4925,
      1.43,
      1.3675,
      1.305,
      1.2425,
      1.18,
      1.12,
      1.0575,
      0.995,
      0.9325,
      0.87,
      0.8075,
      0.7475,
      0.685,
      0.6225,
      0.56,
      0.4975,
      0.435,
      0.3725,
      0.3125,
      0.25,
      0.1875,
      0.125,
      0.0625,
      0
    ],
    "SoftwareVersions": "syngo_MR_B17",
    "TaskName": "compL1",
    "TotalReadoutTime": 0.0346501,
    "dataset": "ds003542",
    "modality": "bold",
    "run_id": 3,
    "subject_id": "06",
    "task_id": "compL1"
  },
  "dummy_trs": 1,
  "dvars_nstd": 24.00620906804347,
  "dvars_std": 1.198271880923913,
  "dvars_vstd": 1.0058386955978258,
  "efc": 0.4870755141567366,
  "fber": 987.4932250976562,
  "fd_mean": 0.2771061071897196,
  "fd_num": 112,
  "fd_perc": 60.54054054054054,
  "fwhm_avg": 2.713153515151516,
  "fwhm_x": 2.634656,
  "fwhm_y": 2.9198545454545455,
  "fwhm_z": 2.58495,
  "gcor": 0.0412336,
  "gsr_x": -0.020720895379781723,
  "gsr_y": 0.07056698948144913,
  "provenance": {
    "md5sum": "b3fca70aaf31ab1ef1df45a08fbaea5e",
    "settings": {
      "fd_thres": 0.2,
      "testing": false
    },
    "software": "mriqc",
    "version": "22.0.1",
    "webapi_port": null,
    "webapi_url": "https://mriqc.nimh.nih.gov/api/v1"
  },
  "size_t": 185,
  "size_x": 64,
  "size_y": 64,
  "size_z": 32,
  "snr": 2.71731210450613,
  "spacing_tr": 2.0,
  "spacing_x": 3.4375,
  "spacing_y": 3.4375,
  "spacing_z": 4.0,
  "summary_bg_k": 52.32437815864165,
  "summary_bg_mad": 6.146789482687133,
  "summary_bg_mean": 38.176265716552734,
  "summary_bg_median": 17.243244171142578,
  "summary_bg_n": 82937.0,
  "summary_bg_p05": 12.76756763458252,
  "summary_bg_p95": 128.07567443847648,
  "summary_bg_stdv": 68.57913970947266,
  "summary_fg_k": 4.309645515830928,
  "summary_fg_mad": 152.56779029879374,
  "summary_fg_mean": 591.3361206054688,
  "summary_fg_median": 547.53515625,
  "summary_fg_n": 19708.0,
  "summary_fg_p05": 357.1029937744141,
  "summary_fg_p95": 982.3451568603515,
  "summary_fg_stdv": 201.4936981201172,
  "tsnr": 68.67100160452537
}