{
  "bids_meta": {
    "AccelFactPE": 2,
    "AcquisitionNumber": 1,
    "AcquisitionTime": "15:09:37.612500",
    "ConversionSoftware": "dcm2niix",
    "ConversionSoftwareVersion": "v1.0.20170724 GCC4.4.7",
    "DeviceSerialNumber": "35414",
    "EchoTime": 0.0035,
    "FlipAngle": 7,
    "ImageType": [
      "ORIGINAL",
      "PRIMARY",
      "M",
      "ND",
      "NORM"
    ],
    "InstitutionAddress": "Mikeletegi_69_San_Sebastian_District_ES_20009",
    "InstitutionName": "BCBL",
    "InversionTime": 1.1,
    "MagneticFieldStrength": 3,
    "Manufacturer": "Siemens",
    "ManufacturersModelName": "TrioTim",
    "PhaseEncodingDirection": "i-",
    "PhaseEncodingLines": 256,
    "ProcedureStepDescription": "CRANEO_FUNCIONAL",
    "ProtocolName": "t1_mpr_sag_p2_1mm_iso_MGH",
    "RepetitionTime": 2.53,
    "ScanningSequence": "GR_IR",
    "SequenceName": "_tfl3d1_ns",
    "SequenceVariant": "SP_MP",
    "SeriesDescription": "t1_mpr_sag_p2_1mm_iso_MGH",
    "SoftwareVersions": "syngo_MR_B17",
    "dataset": "ds003542",
    "modality": "T1w",
    "subject_id": "24"
  },
  "cjv": 0.3606487955506585,
  "cnr": 3.5791246852113567,
  "efc": 0.4941451982337972,
  "fber": 23814.359441454322,
  "fwhm_avg": 3.917356666666667,
  "fwhm_x": 3.97982,
  "fwhm_y": 4.12451,
  "fwhm_z": 3.64774,
  "icvs_csf": 0.22545969842322006,
  "icvs_gm": 0.39803548960203156,
  "icvs_wm": 0.3765048119747484,
  "inu_med": 0.40594276785850525,
  "inu_range": 0.10991523116827007,
  "provenance": {
    "md5sum": "19219d30f805c1fb6610751d93e0f36d",
    "settings": {
      "testing": false
    },
    "software": "mriqc",
    "version": "22.0.1",
    "warnings": {
      "large_rot_frame": true,
      "small_air_mask": false
    },
    "webapi_port": null,
    "webapi_url": "https://mriqc.nimh.nih.gov/api/v1"
  },
  "qi_1": 0.0,
  "qi_2": 0.011875255514801883,
  "rpve_csf": 26.06462114133857,
  "rpve_gm": 14.454052491148333,
  "rpve_wm": 18.339193379938617,
  "size_x": 176,
  "size_y": 256,
  "size_z": 256,
  "snr_csf": 1.4280098682930897,
  "snr_gm": 8.62899048518489,
  "snr_total": 11.463871325430787,
  "snr_wm": 24.334613622814384,
  "snrd_csf": 28.894425668363308,
  "snrd_gm": 117.49011342279773,
  "snrd_total": 106.3023898061305,
  "snrd_wm": 172.52263032723047,
  "spacing_x": 1.0,
  "spacing_y": 1.0,
  "spacing_z": 1.0,
  "summary_bg_k": 10.885255758061241,
  "summary_bg_mad": 3.7973143539868883,
  "summary_bg_mean": 3.525029222938727,
  "summary_bg_median": 2.5612496100366116,
  "summary_bg_n": 3068546.0,
  "summary_bg_p05": 0.0,
  "summary_bg_p95": 14.107866704463959,
  "summary_bg_stdv": 5.115277282918566,
  "summary_csf_k": 0.3367710737494649,
  "summary_csf_mad": 102.729803486342,
  "summary_csf_mean": 195.95416598668083,
  "summary_csf_median": 167.47843249235302,
  "summary_csf_n": 41398.0,
  "summary_csf_p05": 47.12489343974739,
  "summary_csf_p95": 427.8336541224271,
  "summary_csf_stdv": 117.27958847806937,
  "summary_gm_k": 0.09609364439656387,
  "summary_gm_mad": 77.50256345432256,
  "summary_gm_mean": 677.1890398985041,
  "summary_gm_median": 680.9984823800623,
  "summary_gm_n": 20678.0,
  "summary_gm_p05": 542.8558051547967,
  "summary_gm_p95": 801.4286489824763,
  "summary_gm_stdv": 78.91792401562645,
  "summary_wm_k": 1.0240580147305272,
  "summary_wm_mad": 37.53738615498514,
  "summary_wm_mean": 997.1775351497524,
  "summary_wm_median": 999.9790280759335,
  "summary_wm_n": 206814.0,
  "summary_wm_p05": 925.9127278774977,
  "summary_wm_p95": 1058.7481600091787,
  "summary_wm_stdv": 41.09276711732565,
  "tpm_overlap_csf": 0.15145246655752112,
  "tpm_overlap_gm": 0.4602946927482065,
  "tpm_overlap_wm": 0.5232577238117884,
  "wm2max": 0.8771522751965821
}