{
  "aor": 0.0017098749999999998,
  "aqi": 0.0032284166666666668,
  "bids_meta": {
    "AcquisitionNumber": 1,
    "AcquisitionTime": "17:02:56.692500",
    "BandwidthPerPixelPhaseEncode": 29.481,
    "ConversionSoftware": "dcm2niix",
    "ConversionSoftwareVersion": "v1.0.20170724 GCC4.4.7",
    "DeviceSerialNumber": "35414",
    "EchoTime": 0.025,
    "EffectiveEchoSpacing": 0.000530002,
    "FlipAngle": 90,
    "ImageType": [
      "ORIGINAL",
      "PRIMARY",
      "M",
      "ND",
      "MOSAIC"
    ],
    "InstitutionAddress": "Mikeletegi_69_San_Sebastian_District_ES_20009",
    "InstitutionName": "BCBL",
    "MagneticFieldStrength": 3,
    "Manufacturer": "Siemens",
    "ManufacturersModelName": "TrioTim",
    "PhaseEncodingDirection": "j-",
    "PhaseEncodingLines": 64,
    "ProcedureStepDescription": "CRANEO_FUNCIONAL",
    "ProtocolName": "ep2d_Didak_VF_L1_Run2",
    "RepetitionTime": 3,
    "ScanningSequence": "EP",
    "SequenceName": "_epfid2d1_64",
    "SequenceVariant": "SK",
    "SeriesDescription": "ep2d_Didak_VF_L1_Run2",
    "SliceTiming": [
      2.92,
      2.85,
      2.7825,
      2.7125,
      2.6425,
      2.5725,
      2.5025,
      2.4325,
      2.365,
      2.295,
      2.225,
      2.155,
      2.085,
      2.0175,
      1.9475,
      1.8775,
      1.8075,
      1.7375,
      1.6675,
      1.6,
      1.53,
      1.46,
      1.39,
      1.32,
      1.25,
      1.1825,
      1.1125,
      1.0425,
      0.9725,
      0.9025,
      0.8325,
      0.765,
      0.695,
      0.625,
      0.555,
      0.485,
      0.415,
      0.3475,
      0.2775,
      0.2075,
      0.1375,
      0.0675,
      0
    ],
    "SoftwareVersions": "syngo_MR_B17",
    "TaskName": "prodL1",
    "TotalReadoutTime": 0.0333901,
    "dataset": "ds003542",
    "modality": "bold",
    "run_id": 2,
    "subject_id": "25",
    "task_id": "prodL1"
  },
  "dummy_trs": 0,
  "dvars_nstd": 22.770593723179935,
  "dvars_std": 1.187518021464434,
  "dvars_vstd": 0.9975076877405854,
  "efc": 0.576957132152862,
  "fber": 356.7519836425781,
  "fd_mean": 0.1337469574263052,
  "fd_num": 44,
  "fd_perc": 18.333333333333332,
  "fwhm_avg": 3.1206809242450486,
  "fwhm_x": 3.073676666666667,
  "fwhm_y": 3.1420933333333334,
  "fwhm_z": 3.1462727727351445,
  "gcor": 0.037428,
  "gsr_x": -0.008077675476670265,
  "gsr_y": 0.1455499529838562,
  "provenance": {
    "md5sum": "71918216f0d725d41f1e65de9c83c232",
    "settings": {
      "fd_thres": 0.2,
      "testing": false
    },
    "software": "mriqc",
    "version": "22.0.1",
    "webapi_port": null,
    "webapi_url": "https://mriqc.nimh.nih.gov/api/v1"
  },
  "size_t": 240,
  "size_x": 64,
  "size_y": 64,
  "size_z": 43,
  "snr": 1.9922373920122238,
  "spacing_tr": 3.0,
  "spacing_x": 3.0,
  "spacing_y": 3.0,
  "spacing_z": 3.299999952316284,
  "summary_bg_k": 20.430926294276755,
  "summary_bg_mad": 17.908598920653674,
  "summary_bg_mean": 88.88253784179688,
  "summary_bg_median": 38.420833587646484,
  "summary_bg_n": 95195.0,
  "summary_bg_p05": 25.291667938232422,
  "summary_bg_p95": 341.0375152587893,
  "summary_bg_stdv": 133.04229736328125,
  "summary_fg_k": 4.280163456263348,
  "summary_fg_mad": 262.2785220283325,
  "summary_fg_mean": 837.5887451171875,
  "summary_fg_median": 741.8125,
  "summary_fg_n": 41328.0,
  "summary_fg_p05": 445.03503265380857,
  "summary_fg_p95": 1623.7105285644532,
  "summary_fg_stdv": 372.3469543457031,
  "tsnr": 73.57628146593925
}