{
  "aor": 0.003101333333333333,
  "aqi": 0.004352225708333333,
  "bids_meta": {
    "AcquisitionNumber": 1,
    "AcquisitionTime": "18:44:33.480000",
    "BandwidthPerPixelPhaseEncode": 29.481,
    "ConversionSoftware": "dcm2niix",
    "ConversionSoftwareVersion": "v1.0.20170724 GCC4.4.7",
    "DeviceSerialNumber": "35414",
    "EchoTime": 0.025,
    "EffectiveEchoSpacing": 0.000530002,
    "FlipAngle": 90,
    "ImageType": [
      "ORIGINAL",
      "PRIMARY",
      "M",
      "ND",
      "MOSAIC"
    ],
    "InstitutionAddress": "Mikeletegi_69_San_Sebastian_District_ES_20009",
    "InstitutionName": "BCBL",
    "MagneticFieldStrength": 3,
    "Manufacturer": "Siemens",
    "ManufacturersModelName": "TrioTim",
    "PhaseEncodingDirection": "j-",
    "PhaseEncodingLines": 64,
    "ProcedureStepDescription": "CRANEO_FUNCIONAL",
    "ProtocolName": "ep2d_Didak_VF_L2_Run2",
    "RepetitionTime": 3,
    "ScanningSequence": "EP",
    "SequenceName": "_epfid2d1_64",
    "SequenceVariant": "SK",
    "SeriesDescription": "ep2d_Didak_VF_L2_Run2",
    "SliceTiming": [
      2.92,
      2.85,
      2.7825,
      2.7125,
      2.6425,
      2.5725,
      2.5025,
      2.435,
      2.365,
      2.295,
      2.225,
      2.155,
      2.085,
      2.0175,
      1.9475,
      1.8775,
      1.8075,
      1.7375,
      1.6675,
      1.6,
      1.53,
      1.46,
      1.39,
      1.32,
      1.25,
      1.1825,
      1.1125,
      1.0425,
      0.9725,
      0.9025,
      0.8325,
      0.765,
      0.695,
      0.625,
      0.555,
      0.485,
      0.4175,
      0.3475,
      0.2775,
      0.2075,
      0.1375,
      0.0675,
      0
    ],
    "SoftwareVersions": "syngo_MR_B17",
    "TaskName": "prodLn",
    "TotalReadoutTime": 0.0333901,
    "dataset": "ds003542",
    "modality": "bold",
    "run_id": 2,
    "subject_id": "25",
    "task_id": "prodLn"
  },
  "dummy_trs": 0,
  "dvars_nstd": 20.50807433313808,
  "dvars_std": 1.1434502666108792,
  "dvars_vstd": 0.9872972698326359,
  "efc": 0.5776388520267645,
  "fber": 314.8107604980469,
  "fd_mean": 0.10991951625226606,
  "fd_num": 25,
  "fd_perc": 10.416666666666666,
  "fwhm_avg": 3.2758023389969946,
  "fwhm_x": 3.2296566666666666,
  "fwhm_y": 3.3247199999999997,
  "fwhm_z": 3.273030350324318,
  "gcor": 0.0275912,
  "gsr_x": -0.00978714507073164,
  "gsr_y": 0.1598179191350937,
  "provenance": {
    "md5sum": "8fbc00a0584023a8854bd6bf06343b1c",
    "settings": {
      "fd_thres": 0.2,
      "testing": false
    },
    "software": "mriqc",
    "version": "22.0.1",
    "webapi_port": null,
    "webapi_url": "https://mriqc.nimh.nih.gov/api/v1"
  },
  "size_t": 240,
  "size_x": 64,
  "size_y": 64,
  "size_z": 43,
  "snr": 1.844307371728099,
  "spacing_tr": 3.0,
  "spacing_x": 3.0,
  "spacing_y": 3.0,
  "spacing_z": 3.299999952316284,
  "summary_bg_k": 19.598929432355927,
  "summary_bg_mad": 20.88616101546912,
  "summary_bg_mean": 97.08929443359375,
  "summary_bg_median": 41.35000228881836,
  "summary_bg_n": 94439.0,
  "summary_bg_p05": 26.158334732055664,
  "summary_bg_p95": 375.1545928955078,
  "summary_bg_stdv": 146.39996337890625,
  "summary_fg_k": 4.117126350706612,
  "summary_fg_mad": 279.4087581776779,
  "summary_fg_mean": 864.9240112304688,
  "summary_fg_median": 755.0,
  "summary_fg_n": 41618.0,
  "summary_fg_p05": 441.02315826416014,
  "summary_fg_p95": 1749.1167541503908,
  "summary_fg_stdv": 409.36285400390625,
  "tsnr": 69.34075550269336
}