{
  "aor": 0.0037317297297297294,
  "aqi": 0.001482005783783784,
  "bids_meta": {
    "AcquisitionNumber": 1,
    "AcquisitionTime": "18:14:22.272500",
    "BandwidthPerPixelPhaseEncode": 28.409,
    "ConversionSoftware": "dcm2niix",
    "ConversionSoftwareVersion": "v1.0.20170724 GCC4.4.7",
    "DeviceSerialNumber": "35414",
    "EchoTime": 0.03,
    "EffectiveEchoSpacing": 0.000550002,
    "FlipAngle": 80,
    "ImageType": [
      "ORIGINAL",
      "PRIMARY",
      "FMRI",
      "NONE",
      "ND",
      "MOSAIC"
    ],
    "InstitutionAddress": "Mikeletegi_69_San_Sebastian_District_ES_20009",
    "InstitutionName": "BCBL",
    "MagneticFieldStrength": 3,
    "Manufacturer": "Siemens",
    "ManufacturersModelName": "TrioTim",
    "PhaseEncodingDirection": "j-",
    "PhaseEncodingLines": 64,
    "ProcedureStepDescription": "CRANEO_FUNCIONAL",
    "ProtocolName": "ep2d_PiN_L2_Run2",
    "RepetitionTime": 2,
    "ScanningSequence": "EP",
    "SequenceName": "_epfid2d1_64",
    "SequenceVariant": "SK",
    "SeriesDescription": "ep2d_PiN_L2_Run2",
    "SliceTiming": [
      1.925,
      1.865,
      1.8025,
      1.74,
      1.6775,
      1.615,
      1.5525,
      1.4925,
      1.43,
      1.3675,
      1.305,
      1.2425,
      1.18,
      1.1175,
      1.0575,
      0.995,
      0.9325,
      0.87,
      0.8075,
      0.745,
      0.685,
      0.6225,
      0.56,
      0.4975,
      0.435,
      0.3725,
      0.3125,
      0.25,
      0.1875,
      0.125,
      0.0625,
      0
    ],
    "SoftwareVersions": "syngo_MR_B17",
    "TaskName": "compLn",
    "TotalReadoutTime": 0.0346501,
    "dataset": "ds003542",
    "modality": "bold",
    "run_id": 2,
    "subject_id": "25",
    "task_id": "compLn"
  },
  "dummy_trs": 1,
  "dvars_nstd": 15.099118678750003,
  "dvars_std": 1.2020636194565213,
  "dvars_vstd": 1.0374721090760868,
  "efc": 0.5071638428371034,
  "fber": 796.8845825195312,
  "fd_mean": 0.10117641178477853,
  "fd_num": 2,
  "fd_perc": 1.0810810810810811,
  "fwhm_avg": 3.1879498484848483,
  "fwhm_x": 3.1950836363636363,
  "fwhm_y": 3.309090909090909,
  "fwhm_z": 3.059675,
  "gcor": 0.0240131,
  "gsr_x": -0.029304644092917442,
  "gsr_y": 0.10234067589044571,
  "provenance": {
    "md5sum": "57904fc92b2da50cbaed19bac423aec7",
    "settings": {
      "fd_thres": 0.2,
      "testing": false
    },
    "software": "mriqc",
    "version": "22.0.1",
    "webapi_port": null,
    "webapi_url": "https://mriqc.nimh.nih.gov/api/v1"
  },
  "size_t": 185,
  "size_x": 64,
  "size_y": 64,
  "size_z": 32,
  "snr": 1.9522269079097094,
  "spacing_tr": 2.0,
  "spacing_x": 3.4375,
  "spacing_y": 3.4375,
  "spacing_z": 4.0,
  "summary_bg_k": 27.94373123304292,
  "summary_bg_mad": 9.7611329178532,
  "summary_bg_mean": 49.40432357788086,
  "summary_bg_median": 20.71891975402832,
  "summary_bg_n": 77337.0,
  "summary_bg_p05": 13.686487197875977,
  "summary_bg_p95": 190.80108642578116,
  "summary_bg_stdv": 81.29412078857422,
  "summary_fg_k": 3.842478027612449,
  "summary_fg_mad": 203.57330178676992,
  "summary_fg_mean": 670.552978515625,
  "summary_fg_median": 589.6757202148438,
  "summary_fg_n": 23667.0,
  "summary_fg_p05": 355.0659606933594,
  "summary_fg_p95": 1325.374597167969,
  "summary_fg_stdv": 302.0464782714844,
  "tsnr": 110.68133369553834
}