{
  "aor": 0.0021644583333333333,
  "aqi": 0.00340340025,
  "bids_meta": {
    "AcquisitionNumber": 1,
    "AcquisitionTime": "16:32:6.667500",
    "BandwidthPerPixelPhaseEncode": 29.481,
    "ConversionSoftware": "dcm2niix",
    "ConversionSoftwareVersion": "v1.0.20170724 GCC4.4.7",
    "DeviceSerialNumber": "35414",
    "EchoTime": 0.025,
    "EffectiveEchoSpacing": 0.000530002,
    "FlipAngle": 90,
    "ImageType": [
      "ORIGINAL",
      "PRIMARY",
      "M",
      "ND",
      "MOSAIC"
    ],
    "InstitutionAddress": "Mikeletegi_69_San_Sebastian_District_ES_20009",
    "InstitutionName": "BCBL",
    "MagneticFieldStrength": 3,
    "Manufacturer": "Siemens",
    "ManufacturersModelName": "TrioTim",
    "PhaseEncodingDirection": "j-",
    "PhaseEncodingLines": 64,
    "ProcedureStepDescription": "CRANEO_FUNCIONAL",
    "ProtocolName": "ep2d_Didak_VF_L1_Run1",
    "RepetitionTime": 3,
    "ScanningSequence": "EP",
    "SequenceName": "_epfid2d1_64",
    "SequenceVariant": "SK",
    "SeriesDescription": "ep2d_Didak_VF_L1_Run1",
    "SliceTiming": [
      2.9225,
      2.8525,
      2.7825,
      2.715,
      2.645,
      2.575,
      2.505,
      2.435,
      2.365,
      2.2975,
      2.2275,
      2.1575,
      2.0875,
      2.0175,
      1.9475,
      1.88,
      1.81,
      1.74,
      1.67,
      1.6,
      1.53,
      1.4625,
      1.3925,
      1.3225,
      1.2525,
      1.1825,
      1.1125,
      1.045,
      0.975,
      0.905,
      0.835,
      0.765,
      0.6975,
      0.6275,
      0.5575,
      0.4875,
      0.4175,
      0.3475,
      0.28,
      0.21,
      0.14,
      0.07,
      0
    ],
    "SoftwareVersions": "syngo_MR_B17",
    "TaskName": "prodL1",
    "TotalReadoutTime": 0.0333901,
    "dataset": "ds003542",
    "modality": "bold",
    "run_id": 1,
    "subject_id": "25",
    "task_id": "prodL1"
  },
  "dummy_trs": 0,
  "dvars_nstd": 21.02554270627614,
  "dvars_std": 1.1761854878661087,
  "dvars_vstd": 1.0037133523430966,
  "efc": 0.5763389367235853,
  "fber": 337.1922912597656,
  "fd_mean": 0.12766821800601813,
  "fd_num": 30,
  "fd_perc": 12.5,
  "fwhm_avg": 3.1882401161582563,
  "fwhm_x": 3.1807200000000004,
  "fwhm_y": 3.23897,
  "fwhm_z": 3.145030348474768,
  "gcor": 0.0284351,
  "gsr_x": -0.01030479185283184,
  "gsr_y": 0.1461077332496643,
  "provenance": {
    "md5sum": "88269467df86a8bf9143407f8be0f9ff",
    "settings": {
      "fd_thres": 0.2,
      "testing": false
    },
    "software": "mriqc",
    "version": "22.0.1",
    "webapi_port": null,
    "webapi_url": "https://mriqc.nimh.nih.gov/api/v1"
  },
  "size_t": 240,
  "size_x": 64,
  "size_y": 64,
  "size_z": 43,
  "snr": 1.9215385420731788,
  "spacing_tr": 3.0,
  "spacing_x": 3.0,
  "spacing_y": 3.0,
  "spacing_z": 3.299999952316284,
  "summary_bg_k": 20.386174103582444,
  "summary_bg_mad": 19.39120113915928,
  "summary_bg_mean": 92.72628021240234,
  "summary_bg_median": 40.12083435058594,
  "summary_bg_n": 94826.0,
  "summary_bg_p05": 25.854167938232422,
  "summary_bg_p95": 355.7364730834961,
  "summary_bg_stdv": 138.97023010253906,
  "summary_fg_k": 4.433421621508883,
  "summary_fg_mad": 271.13088070921197,
  "summary_fg_mean": 859.2899169921875,
  "summary_fg_median": 755.0667114257812,
  "summary_fg_n": 41562.0,
  "summary_fg_p05": 450.51397094726565,
  "summary_fg_p95": 1690.137420654296,
  "summary_fg_stdv": 392.9443054199219,
  "tsnr": 71.96524468786083
}