{
  "aor": 0.0012267567567567567,
  "aqi": 0.00383731627027027,
  "bids_meta": {
    "AcquisitionNumber": 1,
    "AcquisitionTime": "16:22:37.740000",
    "BandwidthPerPixelPhaseEncode": 28.409,
    "ConversionSoftware": "dcm2niix",
    "ConversionSoftwareVersion": "v1.0.20170724 GCC4.4.7",
    "DeviceSerialNumber": "35414",
    "EchoTime": 0.03,
    "EffectiveEchoSpacing": 0.000550002,
    "FlipAngle": 80,
    "ImageType": [
      "ORIGINAL",
      "PRIMARY",
      "FMRI",
      "NONE",
      "ND",
      "MOSAIC"
    ],
    "InstitutionAddress": "Mikeletegi_69_San_Sebastian_District_ES_20009",
    "InstitutionName": "BCBL",
    "MagneticFieldStrength": 3,
    "Manufacturer": "Siemens",
    "ManufacturersModelName": "TrioTim",
    "PhaseEncodingDirection": "j-",
    "PhaseEncodingLines": 64,
    "ProcedureStepDescription": "CRANEO_FUNCIONAL",
    "ProtocolName": "ep2d_PiN_L1_Run3",
    "RepetitionTime": 2,
    "ScanningSequence": "EP",
    "SequenceName": "_epfid2d1_64",
    "SequenceVariant": "SK",
    "SeriesDescription": "ep2d_PiN_L1_Run3",
    "SliceTiming": [
      1.925,
      1.8625,
      1.8,
      1.7375,
      1.6775,
      1.615,
      1.5525,
      1.49,
      1.4275,
      1.365,
      1.305,
      1.2425,
      1.18,
      1.1175,
      1.055,
      0.9925,
      0.93,
      0.87,
      0.8075,
      0.745,
      0.6825,
      0.62,
      0.5575,
      0.4975,
      0.435,
      0.3725,
      0.31,
      0.2475,
      0.185,
      0.125,
      0.0625,
      0
    ],
    "SoftwareVersions": "syngo_MR_B17",
    "TaskName": "compL1",
    "TotalReadoutTime": 0.0346501,
    "dataset": "ds003542",
    "modality": "bold",
    "run_id": 3,
    "subject_id": "25",
    "task_id": "compL1"
  },
  "dummy_trs": 1,
  "dvars_nstd": 17.11118447282609,
  "dvars_std": 1.1032758332065222,
  "dvars_vstd": 0.9579483717934782,
  "efc": 0.5056382513028043,
  "fber": 816.88525390625,
  "fd_mean": 0.15508158687574025,
  "fd_num": 33,
  "fd_perc": 17.83783783783784,
  "fwhm_avg": 3.1368233333333335,
  "fwhm_x": 3.158370909090909,
  "fwhm_y": 3.248349090909091,
  "fwhm_z": 3.00375,
  "gcor": 0.0518308,
  "gsr_x": -0.027443960309028625,
  "gsr_y": 0.09340959787368774,
  "provenance": {
    "md5sum": "b5c79d08087e7ac461c083b40e9331e7",
    "settings": {
      "fd_thres": 0.2,
      "testing": false
    },
    "software": "mriqc",
    "version": "22.0.1",
    "webapi_port": null,
    "webapi_url": "https://mriqc.nimh.nih.gov/api/v1"
  },
  "size_t": 185,
  "size_x": 64,
  "size_y": 64,
  "size_z": 32,
  "snr": 2.011389425867146,
  "spacing_tr": 2.0,
  "spacing_x": 3.4375,
  "spacing_y": 3.4375,
  "spacing_z": 4.0,
  "summary_bg_k": 30.169423332161493,
  "summary_bg_mad": 10.065668589307258,
  "summary_bg_mean": 48.309654235839844,
  "summary_bg_median": 20.81081199645996,
  "summary_bg_n": 77402.0,
  "summary_bg_p05": 13.416216850280762,
  "summary_bg_p95": 184.43756561279295,
  "summary_bg_stdv": 79.47550201416016,
  "summary_fg_k": 3.9035930775182974,
  "summary_fg_mad": 202.96429831200535,
  "summary_fg_mean": 678.2732543945312,
  "summary_fg_median": 600.07568359375,
  "summary_fg_n": 23652.0,
  "summary_fg_p05": 363.4875778198242,
  "summary_fg_p95": 1317.544390869141,
  "summary_fg_stdv": 298.33258056640625,
  "tsnr": 81.37255883775651
}