{
  "aor": 0.007266541666666666,
  "aqi": 0.006357934916666667,
  "bids_meta": {
    "AcquisitionNumber": 1,
    "AcquisitionTime": "16:14:43.065000",
    "BandwidthPerPixelPhaseEncode": 29.481,
    "ConversionSoftware": "dcm2niix",
    "ConversionSoftwareVersion": "v1.0.20170724 GCC4.4.7",
    "DeviceSerialNumber": "35414",
    "EchoTime": 0.025,
    "EffectiveEchoSpacing": 0.000530002,
    "FlipAngle": 90,
    "ImageType": [
      "ORIGINAL",
      "PRIMARY",
      "M",
      "ND",
      "MOSAIC"
    ],
    "InstitutionAddress": "Mikeletegi_69_San_Sebastian_District_ES_20009",
    "InstitutionName": "BCBL",
    "MagneticFieldStrength": 3,
    "Manufacturer": "Siemens",
    "ManufacturersModelName": "TrioTim",
    "PhaseEncodingDirection": "j-",
    "PhaseEncodingLines": 64,
    "ProcedureStepDescription": "CRANEO_FUNCIONAL",
    "ProtocolName": "ep2d_Didak_VF_L1_Run2",
    "RepetitionTime": 3,
    "ScanningSequence": "EP",
    "SequenceName": "_epfid2d1_64",
    "SequenceVariant": "SK",
    "SeriesDescription": "ep2d_Didak_VF_L1_Run2",
    "SliceTiming": [
      2.9225,
      2.8525,
      2.7825,
      2.7125,
      2.645,
      2.575,
      2.505,
      2.435,
      2.365,
      2.2975,
      2.2275,
      2.1575,
      2.0875,
      2.0175,
      1.9475,
      1.88,
      1.81,
      1.74,
      1.67,
      1.6,
      1.53,
      1.4625,
      1.3925,
      1.3225,
      1.2525,
      1.1825,
      1.1125,
      1.045,
      0.975,
      0.905,
      0.835,
      0.765,
      0.695,
      0.6275,
      0.5575,
      0.4875,
      0.4175,
      0.3475,
      0.28,
      0.21,
      0.14,
      0.07,
      0
    ],
    "SoftwareVersions": "syngo_MR_B17",
    "TaskName": "prodL1",
    "TotalReadoutTime": 0.0333901,
    "dataset": "ds003542",
    "modality": "bold",
    "run_id": 2,
    "subject_id": "30",
    "task_id": "prodL1"
  },
  "dummy_trs": 0,
  "dvars_nstd": 22.677673922133906,
  "dvars_std": 1.1346409365271972,
  "dvars_vstd": 0.9874782692050214,
  "efc": 0.5624505377891634,
  "fber": 453.4638977050781,
  "fd_mean": 0.17396771562722826,
  "fd_num": 67,
  "fd_perc": 27.916666666666668,
  "fwhm_avg": 2.5313136485025503,
  "fwhm_x": 2.4665500000000002,
  "fwhm_y": 2.607133333333333,
  "fwhm_z": 2.520257612174318,
  "gcor": 0.0208639,
  "gsr_x": 0.0058766920119524,
  "gsr_y": 0.07094091176986694,
  "provenance": {
    "md5sum": "7fc7d420d2605c0e0b9aacbb9199fe9a",
    "settings": {
      "fd_thres": 0.2,
      "testing": false
    },
    "software": "mriqc",
    "version": "22.0.1",
    "webapi_port": null,
    "webapi_url": "https://mriqc.nimh.nih.gov/api/v1"
  },
  "size_t": 240,
  "size_x": 64,
  "size_y": 64,
  "size_z": 43,
  "snr": 3.2274970175408653,
  "spacing_tr": 3.0,
  "spacing_x": 3.0,
  "spacing_y": 3.0,
  "spacing_z": 3.299999952316284,
  "summary_bg_k": 24.77638463391726,
  "summary_bg_mad": 13.701715691211893,
  "summary_bg_mean": 66.19983673095703,
  "summary_bg_median": 33.35000228881836,
  "summary_bg_n": 104432.0,
  "summary_bg_p05": 22.345834732055664,
  "summary_bg_p95": 228.82459564208983,
  "summary_bg_stdv": 89.76692962646484,
  "summary_fg_k": 1.4417171046423016,
  "summary_fg_mad": 203.33268659518018,
  "summary_fg_mean": 755.510498046875,
  "summary_fg_median": 717.995849609375,
  "summary_fg_n": 34237.0,
  "summary_fg_p05": 455.7516845703125,
  "summary_fg_p95": 1166.02919921875,
  "summary_fg_stdv": 222.45887756347656,
  "tsnr": 53.31759622693062
}