{
  "aor": 0.006499583333333333,
  "aqi": 0.005371555791666667,
  "bids_meta": {
    "AcquisitionNumber": 1,
    "AcquisitionTime": "17:53:48.800000",
    "BandwidthPerPixelPhaseEncode": 29.481,
    "ConversionSoftware": "dcm2niix",
    "ConversionSoftwareVersion": "v1.0.20170724 GCC4.4.7",
    "DeviceSerialNumber": "35414",
    "EchoTime": 0.025,
    "EffectiveEchoSpacing": 0.000530002,
    "FlipAngle": 90,
    "ImageType": [
      "ORIGINAL",
      "PRIMARY",
      "M",
      "ND",
      "MOSAIC"
    ],
    "InstitutionAddress": "Mikeletegi_69_San_Sebastian_District_ES_20009",
    "InstitutionName": "BCBL",
    "MagneticFieldStrength": 3,
    "Manufacturer": "Siemens",
    "ManufacturersModelName": "TrioTim",
    "PhaseEncodingDirection": "j-",
    "PhaseEncodingLines": 64,
    "ProcedureStepDescription": "CRANEO_FUNCIONAL",
    "ProtocolName": "ep2d_Didak_VF_L2_Run1",
    "RepetitionTime": 3,
    "ScanningSequence": "EP",
    "SequenceName": "_epfid2d1_64",
    "SequenceVariant": "SK",
    "SeriesDescription": "ep2d_Didak_VF_L2_Run1",
    "SliceTiming": [
      2.9225,
      2.8525,
      2.7825,
      2.7125,
      2.6425,
      2.5725,
      2.505,
      2.435,
      2.365,
      2.295,
      2.225,
      2.155,
      2.0875,
      2.0175,
      1.9475,
      1.8775,
      1.8075,
      1.7375,
      1.67,
      1.6,
      1.53,
      1.46,
      1.39,
      1.32,
      1.2525,
      1.1825,
      1.1125,
      1.0425,
      0.9725,
      0.905,
      0.835,
      0.765,
      0.695,
      0.625,
      0.555,
      0.4875,
      0.4175,
      0.3475,
      0.2775,
      0.2075,
      0.1375,
      0.07,
      0
    ],
    "SoftwareVersions": "syngo_MR_B17",
    "TaskName": "prodLn",
    "TotalReadoutTime": 0.0333901,
    "dataset": "ds003542",
    "modality": "bold",
    "run_id": 1,
    "subject_id": "30",
    "task_id": "prodLn"
  },
  "dummy_trs": 0,
  "dvars_nstd": 25.07182122870292,
  "dvars_std": 1.2253354825104608,
  "dvars_vstd": 1.030667221422594,
  "efc": 0.5647452198882066,
  "fber": 425.4002685546875,
  "fd_mean": 0.18115045576993408,
  "fd_num": 89,
  "fd_perc": 37.083333333333336,
  "fwhm_avg": 2.54848839618292,
  "fwhm_x": 2.48055,
  "fwhm_y": 2.6019666666666668,
  "fwhm_z": 2.5629485218820935,
  "gcor": 0.0219566,
  "gsr_x": 0.010786679573357105,
  "gsr_y": 0.07230690121650696,
  "provenance": {
    "md5sum": "245f4b18839a2ce5154981fd08eb7037",
    "settings": {
      "fd_thres": 0.2,
      "testing": false
    },
    "software": "mriqc",
    "version": "22.0.1",
    "webapi_port": null,
    "webapi_url": "https://mriqc.nimh.nih.gov/api/v1"
  },
  "size_t": 240,
  "size_x": 64,
  "size_y": 64,
  "size_z": 43,
  "snr": 3.2125269436846318,
  "spacing_tr": 3.0,
  "spacing_x": 3.0,
  "spacing_y": 3.0,
  "spacing_z": 3.299999952316284,
  "summary_bg_k": 24.148114951206935,
  "summary_bg_mad": 13.195162006971309,
  "summary_bg_mean": 66.51707458496094,
  "summary_bg_median": 33.583335876464844,
  "summary_bg_n": 104205.0,
  "summary_bg_p05": 23.045833587646484,
  "summary_bg_p95": 229.24501647949214,
  "summary_bg_stdv": 89.35006713867188,
  "summary_fg_k": 1.4043782777092844,
  "summary_fg_mad": 200.25635938446752,
  "summary_fg_mean": 739.0599365234375,
  "summary_fg_median": 701.995849609375,
  "summary_fg_n": 34303.0,
  "summary_fg_p05": 444.880029296875,
  "summary_fg_p95": 1143.0921630859373,
  "summary_fg_stdv": 218.5150909423828,
  "tsnr": 58.718386033549905
}