{
  "aor": 0.0011963978494623656,
  "aqi": 0.002058737344086022,
  "bids_meta": {
    "AcquisitionNumber": 1,
    "AcquisitionTime": "15:39:26.915000",
    "BandwidthPerPixelPhaseEncode": 28.409,
    "ConversionSoftware": "dcm2niix",
    "ConversionSoftwareVersion": "v1.0.20170724 GCC4.4.7",
    "DeviceSerialNumber": "35414",
    "EchoTime": 0.03,
    "EffectiveEchoSpacing": 0.000550002,
    "FlipAngle": 80,
    "ImageType": [
      "ORIGINAL",
      "PRIMARY",
      "FMRI",
      "NONE",
      "ND",
      "MOSAIC"
    ],
    "InstitutionAddress": "Mikeletegi_69_San_Sebastian_District_ES_20009",
    "InstitutionName": "BCBL",
    "MagneticFieldStrength": 3,
    "Manufacturer": "Siemens",
    "ManufacturersModelName": "TrioTim",
    "PhaseEncodingDirection": "j-",
    "PhaseEncodingLines": 64,
    "ProcedureStepDescription": "CRANEO_FUNCIONAL",
    "ProtocolName": "ep2d_PiN_L1_Run2",
    "RepetitionTime": 2,
    "ScanningSequence": "EP",
    "SequenceName": "_epfid2d1_64",
    "SequenceVariant": "SK",
    "SeriesDescription": "ep2d_PiN_L1_Run2",
    "SliceTiming": [
      1.925,
      1.8625,
      1.8025,
      1.74,
      1.6775,
      1.615,
      1.5525,
      1.49,
      1.43,
      1.3675,
      1.305,
      1.2425,
      1.18,
      1.1175,
      1.055,
      0.995,
      0.9325,
      0.87,
      0.8075,
      0.745,
      0.6825,
      0.6225,
      0.56,
      0.4975,
      0.435,
      0.3725,
      0.31,
      0.25,
      0.1875,
      0.125,
      0.0625,
      0
    ],
    "SoftwareVersions": "syngo_MR_B17",
    "TaskName": "compL1",
    "TotalReadoutTime": 0.0346501,
    "dataset": "ds003542",
    "modality": "bold",
    "run_id": 2,
    "subject_id": "30",
    "task_id": "compL1"
  },
  "dummy_trs": 0,
  "dvars_nstd": 17.30520800037838,
  "dvars_std": 1.287177085675676,
  "dvars_vstd": 1.000067945081081,
  "efc": 0.4887259205734841,
  "fber": 1094.9927978515625,
  "fd_mean": 0.07852083054918045,
  "fd_num": 0,
  "fd_perc": 0.0,
  "fwhm_avg": 2.5297507272727273,
  "fwhm_x": 2.4785425454545456,
  "fwhm_y": 2.6484596363636363,
  "fwhm_z": 2.46225,
  "gcor": 0.0592877,
  "gsr_x": -0.011505160480737686,
  "gsr_y": 0.03991592302918434,
  "provenance": {
    "md5sum": "f008e66b010762e687aab34d745c6e84",
    "settings": {
      "fd_thres": 0.2,
      "testing": false
    },
    "software": "mriqc",
    "version": "22.0.1",
    "webapi_port": null,
    "webapi_url": "https://mriqc.nimh.nih.gov/api/v1"
  },
  "size_t": 186,
  "size_x": 64,
  "size_y": 64,
  "size_z": 32,
  "snr": 3.3760726078664263,
  "spacing_tr": 2.0,
  "spacing_x": 3.4375,
  "spacing_y": 3.4375,
  "spacing_z": 4.0,
  "summary_bg_k": 45.88937770966882,
  "summary_bg_mad": 7.12605609809202,
  "summary_bg_mean": 35.387638092041016,
  "summary_bg_median": 17.73655891418457,
  "summary_bg_n": 83034.0,
  "summary_bg_p05": 12.521505355834961,
  "summary_bg_p95": 114.39462509155254,
  "summary_bg_stdv": 57.634315490722656,
  "summary_fg_k": 1.368504350453784,
  "summary_fg_mad": 157.96093232578107,
  "summary_fg_mean": 621.6146240234375,
  "summary_fg_median": 593.48388671875,
  "summary_fg_n": 19415.0,
  "summary_fg_p05": 384.5860198974609,
  "summary_fg_p95": 951.3231262207031,
  "summary_fg_stdv": 175.78668212890625,
  "tsnr": 112.9004370153416
}