{
  "aor": 0.006106374999999999,
  "aqi": 0.006089055833333334,
  "bids_meta": {
    "AcquisitionNumber": 1,
    "AcquisitionTime": "18:07:7.992500",
    "BandwidthPerPixelPhaseEncode": 29.481,
    "ConversionSoftware": "dcm2niix",
    "ConversionSoftwareVersion": "v1.0.20170724 GCC4.4.7",
    "DeviceSerialNumber": "35414",
    "EchoTime": 0.025,
    "EffectiveEchoSpacing": 0.000530002,
    "FlipAngle": 90,
    "ImageType": [
      "ORIGINAL",
      "PRIMARY",
      "M",
      "ND",
      "MOSAIC"
    ],
    "InstitutionAddress": "Mikeletegi_69_San_Sebastian_District_ES_20009",
    "InstitutionName": "BCBL",
    "MagneticFieldStrength": 3,
    "Manufacturer": "Siemens",
    "ManufacturersModelName": "TrioTim",
    "PhaseEncodingDirection": "j-",
    "PhaseEncodingLines": 64,
    "ProcedureStepDescription": "CRANEO_FUNCIONAL",
    "ProtocolName": "ep2d_Didak_VF_L2_Run2",
    "RepetitionTime": 3,
    "ScanningSequence": "EP",
    "SequenceName": "_epfid2d1_64",
    "SequenceVariant": "SK",
    "SeriesDescription": "ep2d_Didak_VF_L2_Run2",
    "SliceTiming": [
      2.9225,
      2.8525,
      2.7825,
      2.7125,
      2.645,
      2.575,
      2.505,
      2.435,
      2.365,
      2.295,
      2.2275,
      2.1575,
      2.0875,
      2.0175,
      1.9475,
      1.88,
      1.81,
      1.74,
      1.67,
      1.6,
      1.53,
      1.4625,
      1.3925,
      1.3225,
      1.2525,
      1.1825,
      1.1125,
      1.045,
      0.975,
      0.905,
      0.835,
      0.765,
      0.695,
      0.6275,
      0.5575,
      0.4875,
      0.4175,
      0.3475,
      0.28,
      0.21,
      0.14,
      0.07,
      0
    ],
    "SoftwareVersions": "syngo_MR_B17",
    "TaskName": "prodLn",
    "TotalReadoutTime": 0.0333901,
    "dataset": "ds003542",
    "modality": "bold",
    "run_id": 2,
    "subject_id": "30",
    "task_id": "prodLn"
  },
  "dummy_trs": 0,
  "dvars_nstd": 25.84492248079498,
  "dvars_std": 1.2107161598744762,
  "dvars_vstd": 1.015299687782427,
  "efc": 0.5649852064746888,
  "fber": 426.2268981933594,
  "fd_mean": 0.1826206646557405,
  "fd_num": 77,
  "fd_perc": 32.083333333333336,
  "fwhm_avg": 2.5868845580282613,
  "fwhm_x": 2.5004566666666665,
  "fwhm_y": 2.6496666666666666,
  "fwhm_z": 2.610530340751451,
  "gcor": 0.0324971,
  "gsr_x": 0.011006800457835197,
  "gsr_y": 0.07259935885667801,
  "provenance": {
    "md5sum": "aa9b6da191bc35854dffa8642d96ff81",
    "settings": {
      "fd_thres": 0.2,
      "testing": false
    },
    "software": "mriqc",
    "version": "22.0.1",
    "webapi_port": null,
    "webapi_url": "https://mriqc.nimh.nih.gov/api/v1"
  },
  "size_t": 240,
  "size_x": 64,
  "size_y": 64,
  "size_z": 43,
  "snr": 3.206639202941625,
  "spacing_tr": 3.0,
  "spacing_x": 3.0,
  "spacing_y": 3.0,
  "spacing_z": 3.299999952316284,
  "summary_bg_k": 23.661136050923357,
  "summary_bg_mad": 13.158091861397903,
  "summary_bg_mean": 66.87139129638672,
  "summary_bg_median": 33.545833587646484,
  "summary_bg_n": 104337.0,
  "summary_bg_p05": 23.400001525878906,
  "summary_bg_p95": 232.33834228515624,
  "summary_bg_stdv": 90.21575164794922,
  "summary_fg_k": 1.366509938814171,
  "summary_fg_mad": 200.92961136845688,
  "summary_fg_mean": 739.2196655273438,
  "summary_fg_median": 701.7791748046875,
  "summary_fg_n": 34311.0,
  "summary_fg_p05": 444.18544006347656,
  "summary_fg_p95": 1144.0208740234375,
  "summary_fg_stdv": 218.84873962402344,
  "tsnr": 55.41253989969846
}