{
  "aor": 0.002452810810810811,
  "aqi": 0.0019044862594594595,
  "bids_meta": {
    "AcquisitionNumber": 1,
    "AcquisitionTime": "17:39:11.420000",
    "BandwidthPerPixelPhaseEncode": 28.409,
    "ConversionSoftware": "dcm2niix",
    "ConversionSoftwareVersion": "v1.0.20170724 GCC4.4.7",
    "DeviceSerialNumber": "35414",
    "EchoTime": 0.03,
    "EffectiveEchoSpacing": 0.000550002,
    "FlipAngle": 80,
    "ImageType": [
      "ORIGINAL",
      "PRIMARY",
      "FMRI",
      "NONE",
      "ND",
      "MOSAIC"
    ],
    "InstitutionAddress": "Mikeletegi_69_San_Sebastian_District_ES_20009",
    "InstitutionName": "BCBL",
    "MagneticFieldStrength": 3,
    "Manufacturer": "Siemens",
    "ManufacturersModelName": "TrioTim",
    "PhaseEncodingDirection": "j-",
    "PhaseEncodingLines": 64,
    "ProcedureStepDescription": "CRANEO_FUNCIONAL",
    "ProtocolName": "ep2d_PiN_L2_Run3",
    "RepetitionTime": 2,
    "ScanningSequence": "EP",
    "SequenceName": "_epfid2d1_64",
    "SequenceVariant": "SK",
    "SeriesDescription": "ep2d_PiN_L2_Run3",
    "SliceTiming": [
      1.925,
      1.8625,
      1.8,
      1.74,
      1.6775,
      1.615,
      1.5525,
      1.49,
      1.4275,
      1.365,
      1.305,
      1.2425,
      1.18,
      1.1175,
      1.055,
      0.9925,
      0.9325,
      0.87,
      0.8075,
      0.745,
      0.6825,
      0.62,
      0.56,
      0.4975,
      0.435,
      0.3725,
      0.31,
      0.2475,
      0.185,
      0.125,
      0.0625,
      0
    ],
    "SoftwareVersions": "syngo_MR_B17",
    "TaskName": "compLn",
    "TotalReadoutTime": 0.0346501,
    "dataset": "ds003542",
    "modality": "bold",
    "run_id": 3,
    "subject_id": "30",
    "task_id": "compLn"
  },
  "dummy_trs": 1,
  "dvars_nstd": 15.424504233532609,
  "dvars_std": 1.217206936195652,
  "dvars_vstd": 1.020763133858696,
  "efc": 0.4932827225060585,
  "fber": 1075.9727783203125,
  "fd_mean": 0.08281932873108688,
  "fd_num": 9,
  "fd_perc": 4.864864864864865,
  "fwhm_avg": 2.4891341394088964,
  "fwhm_x": 2.423016727272727,
  "fwhm_y": 2.6033105454545455,
  "fwhm_z": 2.441075145499417,
  "gcor": 0.0487495,
  "gsr_x": -0.009379026480019093,
  "gsr_y": 0.042553894221782684,
  "provenance": {
    "md5sum": "1af051fede4a98d80cf689ec23ce2e27",
    "settings": {
      "fd_thres": 0.2,
      "testing": false
    },
    "software": "mriqc",
    "version": "22.0.1",
    "webapi_port": null,
    "webapi_url": "https://mriqc.nimh.nih.gov/api/v1"
  },
  "size_t": 185,
  "size_x": 64,
  "size_y": 64,
  "size_z": 32,
  "snr": 3.5334146794945114,
  "spacing_tr": 2.0,
  "spacing_x": 3.4375,
  "spacing_y": 3.4375,
  "spacing_z": 3.999999761581421,
  "summary_bg_k": 38.17377881689394,
  "summary_bg_mad": 6.39522506390105,
  "summary_bg_mean": 34.613502502441406,
  "summary_bg_median": 17.145946502685547,
  "summary_bg_n": 82889.0,
  "summary_bg_p05": 12.45405387878418,
  "summary_bg_p95": 116.38486633300772,
  "summary_bg_stdv": 54.3574104309082,
  "summary_fg_k": 0.9017285308221883,
  "summary_fg_mad": 148.16004847068436,
  "summary_fg_mean": 589.5211181640625,
  "summary_fg_median": 566.8486328125,
  "summary_fg_n": 19426.0,
  "summary_fg_p05": 364.3337936401367,
  "summary_fg_p95": 888.3000030517578,
  "summary_fg_stdv": 160.42103576660156,
  "tsnr": 108.34525851672515
}