{
  "bids_meta": {
    "AccelFactPE": 2,
    "AcquisitionNumber": 1,
    "AcquisitionTime": "14:46:1.480000",
    "ConversionSoftware": "dcm2niix",
    "ConversionSoftwareVersion": "v1.0.20170724 GCC4.4.7",
    "DeviceSerialNumber": "35414",
    "EchoTime": 0.0035,
    "FlipAngle": 7,
    "ImageType": [
      "ORIGINAL",
      "PRIMARY",
      "M",
      "ND",
      "NORM"
    ],
    "InstitutionAddress": "Mikeletegi_69_San_Sebastian_District_ES_20009",
    "InstitutionName": "BCBL",
    "InversionTime": 1.1,
    "MagneticFieldStrength": 3,
    "Manufacturer": "Siemens",
    "ManufacturersModelName": "TrioTim",
    "PhaseEncodingDirection": "i-",
    "PhaseEncodingLines": 256,
    "ProcedureStepDescription": "CRANEO_FUNCIONAL",
    "ProtocolName": "t1_mpr_sag_p2_1mm_iso_MGH",
    "RepetitionTime": 2.53,
    "ScanningSequence": "GR_IR",
    "SequenceName": "_tfl3d1_ns",
    "SequenceVariant": "SP_MP",
    "SeriesDescription": "t1_mpr_sag_p2_1mm_iso_MGH",
    "SoftwareVersions": "syngo_MR_B17",
    "dataset": "ds003542",
    "modality": "T1w",
    "subject_id": "26"
  },
  "cjv": 0.3518457566541698,
  "cnr": 3.708218059438777,
  "efc": 0.5334014755793608,
  "fber": 14493.484567901236,
  "fwhm_avg": 3.72765,
  "fwhm_x": 3.7362,
  "fwhm_y": 3.94735,
  "fwhm_z": 3.4994,
  "icvs_csf": 0.2195132420483324,
  "icvs_gm": 0.42057901766035816,
  "icvs_wm": 0.35990774029130945,
  "inu_med": 0.5643873810768127,
  "inu_range": 0.20890735387802128,
  "provenance": {
    "md5sum": "2957b90eabcfd29925dd6cabc926736c",
    "settings": {
      "testing": false
    },
    "software": "mriqc",
    "version": "22.0.1",
    "warnings": {
      "large_rot_frame": true,
      "small_air_mask": false
    },
    "webapi_port": null,
    "webapi_url": "https://mriqc.nimh.nih.gov/api/v1"
  },
  "qi_1": 0.0,
  "qi_2": 0.012868650414104166,
  "rpve_csf": 22.721846301602547,
  "rpve_gm": 12.070335605808081,
  "rpve_wm": 16.49166646267799,
  "size_x": 176,
  "size_y": 256,
  "size_z": 256,
  "snr_csf": 1.629124335068098,
  "snr_gm": 9.918816366088722,
  "snr_total": 11.059250997266973,
  "snr_wm": 21.6298122906441,
  "snrd_csf": 17.86944486134065,
  "snrd_gm": 66.27280286981255,
  "snrd_total": 60.090187435596455,
  "snrd_wm": 96.12831457563615,
  "spacing_x": 1.0,
  "spacing_y": 1.0,
  "spacing_z": 1.0,
  "summary_bg_k": 5.045034801246702,
  "summary_bg_mad": 0.0,
  "summary_bg_mean": 4.593574494983697,
  "summary_bg_median": 0.0,
  "summary_bg_n": 3331682.0,
  "summary_bg_p05": 0.0,
  "summary_bg_p95": 18.798478938639164,
  "summary_bg_stdv": 6.815020835458999,
  "summary_csf_k": 1.1150881103430335,
  "summary_csf_mad": 95.51791555700885,
  "summary_csf_mean": 206.01702426755375,
  "summary_csf_median": 185.88593008741736,
  "summary_csf_n": 37136.0,
  "summary_csf_p05": 50.980988189578056,
  "summary_csf_p95": 434.46387488767505,
  "summary_csf_stdv": 114.10020911028305,
  "summary_gm_k": 0.23130678567182317,
  "summary_gm_mad": 66.83548199031497,
  "summary_gm_mean": 688.3403691116857,
  "summary_gm_median": 689.3992340862751,
  "summary_gm_n": 24582.0,
  "summary_gm_p05": 571.5056988978758,
  "summary_gm_p95": 800.6357351068406,
  "summary_gm_stdv": 69.50276989306049,
  "summary_wm_k": 0.9858484133852148,
  "summary_wm_mad": 42.43737419223103,
  "summary_wm_mean": 999.5296685915349,
  "summary_wm_median": 999.9695738330483,
  "summary_wm_n": 212252.0,
  "summary_wm_p05": 924.0152018107474,
  "summary_wm_p95": 1073.307976294309,
  "summary_wm_stdv": 46.230970697978506,
  "tpm_overlap_csf": 0.1601416451888628,
  "tpm_overlap_gm": 0.4675048781419172,
  "tpm_overlap_wm": 0.52576873811539,
  "wm2max": 0.6322186602681776
}