{
  "aor": 0.007125708333333334,
  "aqi": 0.02771605166666667,
  "bids_meta": {
    "AcquisitionNumber": 1,
    "AcquisitionTime": "15:57:17.645000",
    "BandwidthPerPixelPhaseEncode": 29.481,
    "ConversionSoftware": "dcm2niix",
    "ConversionSoftwareVersion": "v1.0.20170724 GCC4.4.7",
    "DeviceSerialNumber": "35414",
    "EchoTime": 0.025,
    "EffectiveEchoSpacing": 0.000530002,
    "FlipAngle": 90,
    "ImageType": [
      "ORIGINAL",
      "PRIMARY",
      "M",
      "ND",
      "MOSAIC"
    ],
    "InstitutionAddress": "Mikeletegi_69_San_Sebastian_District_ES_20009",
    "InstitutionName": "BCBL",
    "MagneticFieldStrength": 3,
    "Manufacturer": "Siemens",
    "ManufacturersModelName": "TrioTim",
    "PhaseEncodingDirection": "j-",
    "PhaseEncodingLines": 64,
    "ProcedureStepDescription": "CRANEO_FUNCIONAL",
    "ProtocolName": "ep2d_Didak_VF_L1_Run1",
    "RepetitionTime": 3,
    "ScanningSequence": "EP",
    "SequenceName": "_epfid2d1_64",
    "SequenceVariant": "SK",
    "SeriesDescription": "ep2d_Didak_VF_L1_Run1",
    "SliceTiming": [
      2.9225,
      2.8525,
      2.785,
      2.715,
      2.645,
      2.575,
      2.505,
      2.435,
      2.3675,
      2.2975,
      2.2275,
      2.1575,
      2.0875,
      2.0175,
      1.95,
      1.88,
      1.81,
      1.74,
      1.67,
      1.6,
      1.5325,
      1.4625,
      1.3925,
      1.3225,
      1.2525,
      1.1825,
      1.115,
      1.045,
      0.975,
      0.905,
      0.835,
      0.7675,
      0.6975,
      0.6275,
      0.5575,
      0.4875,
      0.4175,
      0.35,
      0.28,
      0.21,
      0.14,
      0.07,
      0
    ],
    "SoftwareVersions": "syngo_MR_B17",
    "TaskName": "prodL1",
    "TotalReadoutTime": 0.0333901,
    "dataset": "ds003542",
    "modality": "bold",
    "run_id": 1,
    "subject_id": "01",
    "task_id": "prodL1"
  },
  "dummy_trs": 0,
  "dvars_nstd": 77.65497734376565,
  "dvars_std": 1.2323669943096236,
  "dvars_vstd": 0.989587880878661,
  "efc": 0.6048543808450637,
  "fber": 269.26483154296875,
  "fd_mean": 1.0981824084353584,
  "fd_num": 216,
  "fd_perc": 90.0,
  "fwhm_avg": 3.1302965812266783,
  "fwhm_x": 2.861133333333333,
  "fwhm_y": 3.29712,
  "fwhm_z": 3.232636410346702,
  "gcor": 0.046327,
  "gsr_x": -0.033191878348588943,
  "gsr_y": 0.1584792584180832,
  "provenance": {
    "md5sum": "5faf0657223597553838ec14f925b89a",
    "settings": {
      "fd_thres": 0.2,
      "testing": false
    },
    "software": "mriqc",
    "version": "22.0.1",
    "webapi_port": null,
    "webapi_url": "https://mriqc.nimh.nih.gov/api/v1"
  },
  "size_t": 240,
  "size_x": 64,
  "size_y": 64,
  "size_z": 43,
  "snr": 2.1857982427927314,
  "spacing_tr": 3.0,
  "spacing_x": 3.0,
  "spacing_y": 3.0,
  "spacing_z": 3.299999952316284,
  "summary_bg_k": 9.633390963942432,
  "summary_bg_mad": 19.820540670918216,
  "summary_bg_mean": 106.20232391357422,
  "summary_bg_median": 41.054168701171875,
  "summary_bg_n": 95010.0,
  "summary_bg_p05": 25.95833396911621,
  "summary_bg_p95": 437.3750305175781,
  "summary_bg_stdv": 148.73794555664062,
  "summary_fg_k": 3.597340065967799,
  "summary_fg_mad": 239.7243995829728,
  "summary_fg_mean": 784.2936401367188,
  "summary_fg_median": 710.7271728515625,
  "summary_fg_n": 38834.0,
  "summary_fg_p05": 409.49627075195315,
  "summary_fg_p95": 1450.8038330078123,
  "summary_fg_stdv": 325.1526184082031,
  "tsnr": 23.582375738071278
}