{
  "aor": 0.019918763440860215,
  "aqi": 0.014710045860215053,
  "bids_meta": {
    "AcquisitionNumber": 1,
    "AcquisitionTime": "17:16:51.560000",
    "BandwidthPerPixelPhaseEncode": 28.409,
    "ConversionSoftware": "dcm2niix",
    "ConversionSoftwareVersion": "v1.0.20170724 GCC4.4.7",
    "DeviceSerialNumber": "35414",
    "EchoTime": 0.03,
    "EffectiveEchoSpacing": 0.000550002,
    "FlipAngle": 80,
    "ImageType": [
      "ORIGINAL",
      "PRIMARY",
      "FMRI",
      "NONE",
      "ND",
      "MOSAIC"
    ],
    "InstitutionAddress": "Mikeletegi_69_San_Sebastian_District_ES_20009",
    "InstitutionName": "BCBL",
    "MagneticFieldStrength": 3,
    "Manufacturer": "Siemens",
    "ManufacturersModelName": "TrioTim",
    "PhaseEncodingDirection": "j-",
    "PhaseEncodingLines": 64,
    "ProcedureStepDescription": "CRANEO_FUNCIONAL",
    "ProtocolName": "ep2d_PiN_L2_Run1",
    "RepetitionTime": 2,
    "ScanningSequence": "EP",
    "SequenceName": "_epfid2d1_64",
    "SequenceVariant": "SK",
    "SeriesDescription": "ep2d_PiN_L2_Run1",
    "SliceTiming": [
      1.925,
      1.865,
      1.8025,
      1.74,
      1.6775,
      1.615,
      1.5525,
      1.4925,
      1.43,
      1.3675,
      1.305,
      1.2425,
      1.18,
      1.12,
      1.0575,
      0.995,
      0.9325,
      0.87,
      0.8075,
      0.745,
      0.685,
      0.6225,
      0.56,
      0.4975,
      0.435,
      0.3725,
      0.3125,
      0.25,
      0.1875,
      0.125,
      0.0625,
      0
    ],
    "SoftwareVersions": "syngo_MR_B17",
    "TaskName": "compLn",
    "TotalReadoutTime": 0.0346501,
    "dataset": "ds003542",
    "modality": "bold",
    "run_id": 1,
    "subject_id": "01",
    "task_id": "compLn"
  },
  "dummy_trs": 0,
  "dvars_nstd": 33.48527479989191,
  "dvars_std": 1.0668326232432441,
  "dvars_vstd": 0.9390304778918919,
  "efc": 0.5264723789506474,
  "fber": 712.5889892578125,
  "fd_mean": 0.39471789395825857,
  "fd_num": 90,
  "fd_perc": 48.38709677419355,
  "fwhm_avg": 3.1316068181818184,
  "fwhm_x": 2.9844945454545453,
  "fwhm_y": 3.4092509090909093,
  "fwhm_z": 3.001075,
  "gcor": 0.0513579,
  "gsr_x": -0.041742682456970215,
  "gsr_y": 0.12192293256521225,
  "provenance": {
    "md5sum": "64d590b2d8d453a0219950eaba7e694c",
    "settings": {
      "fd_thres": 0.2,
      "testing": false
    },
    "software": "mriqc",
    "version": "22.0.1",
    "webapi_port": null,
    "webapi_url": "https://mriqc.nimh.nih.gov/api/v1"
  },
  "size_t": 186,
  "size_x": 64,
  "size_y": 64,
  "size_z": 32,
  "snr": 2.127401555011101,
  "spacing_tr": 2.0,
  "spacing_x": 3.4375,
  "spacing_y": 3.4375,
  "spacing_z": 4.0,
  "summary_bg_k": 14.648923321284645,
  "summary_bg_mad": 10.418071096837375,
  "summary_bg_mean": 64.91978454589844,
  "summary_bg_median": 21.838708877563477,
  "summary_bg_n": 78379.0,
  "summary_bg_p05": 14.064516067504883,
  "summary_bg_p95": 299.96289062499903,
  "summary_bg_stdv": 108.2489013671875,
  "summary_fg_k": 2.9528587321660407,
  "summary_fg_mad": 202.15603396778587,
  "summary_fg_mean": 662.9976196289062,
  "summary_fg_median": 595.5699462890625,
  "summary_fg_n": 22118.0,
  "summary_fg_p05": 345.8069900512695,
  "summary_fg_p95": 1254.0908264160148,
  "summary_fg_stdv": 279.94549560546875,
  "tsnr": 32.681665850803256
}