{
  "aor": 0.01366220430107527,
  "aqi": 0.021784742849462368,
  "bids_meta": {
    "AcquisitionNumber": 1,
    "AcquisitionTime": "17:32:11.257500",
    "BandwidthPerPixelPhaseEncode": 28.409,
    "ConversionSoftware": "dcm2niix",
    "ConversionSoftwareVersion": "v1.0.20170724 GCC4.4.7",
    "DeviceSerialNumber": "35414",
    "EchoTime": 0.03,
    "EffectiveEchoSpacing": 0.000550002,
    "FlipAngle": 80,
    "ImageType": [
      "ORIGINAL",
      "PRIMARY",
      "FMRI",
      "NONE",
      "ND",
      "MOSAIC"
    ],
    "InstitutionAddress": "Mikeletegi_69_San_Sebastian_District_ES_20009",
    "InstitutionName": "BCBL",
    "MagneticFieldStrength": 3,
    "Manufacturer": "Siemens",
    "ManufacturersModelName": "TrioTim",
    "PhaseEncodingDirection": "j-",
    "PhaseEncodingLines": 64,
    "ProcedureStepDescription": "CRANEO_FUNCIONAL",
    "ProtocolName": "ep2d_PiN_L2_Run3",
    "RepetitionTime": 2,
    "ScanningSequence": "EP",
    "SequenceName": "_epfid2d1_64",
    "SequenceVariant": "SK",
    "SeriesDescription": "ep2d_PiN_L2_Run3",
    "SliceTiming": [
      1.925,
      1.8625,
      1.8025,
      1.74,
      1.6775,
      1.615,
      1.5525,
      1.49,
      1.43,
      1.3675,
      1.305,
      1.2425,
      1.18,
      1.1175,
      1.0575,
      0.995,
      0.9325,
      0.87,
      0.8075,
      0.745,
      0.6825,
      0.6225,
      0.56,
      0.4975,
      0.435,
      0.3725,
      0.31,
      0.25,
      0.1875,
      0.125,
      0.0625,
      0
    ],
    "SoftwareVersions": "syngo_MR_B17",
    "TaskName": "compLn",
    "TotalReadoutTime": 0.0346501,
    "dataset": "ds003542",
    "modality": "bold",
    "run_id": 3,
    "subject_id": "01",
    "task_id": "compLn"
  },
  "dummy_trs": 0,
  "dvars_nstd": 35.45313768648646,
  "dvars_std": 0.9603936483783779,
  "dvars_vstd": 0.8789615472972975,
  "efc": 0.5309112333945808,
  "fber": 728.1823120117188,
  "fd_mean": 0.4932080018504012,
  "fd_num": 92,
  "fd_perc": 49.46236559139785,
  "fwhm_avg": 3.1106745454545455,
  "fwhm_x": 2.9186036363636365,
  "fwhm_y": 3.3411199999999996,
  "fwhm_z": 3.0723,
  "gcor": 0.0158285,
  "gsr_x": -0.040853776037693024,
  "gsr_y": 0.13798503577709198,
  "provenance": {
    "md5sum": "91ada9ea30dfb32f7e980bf3f4e2464e",
    "settings": {
      "fd_thres": 0.2,
      "testing": false
    },
    "software": "mriqc",
    "version": "22.0.1",
    "webapi_port": null,
    "webapi_url": "https://mriqc.nimh.nih.gov/api/v1"
  },
  "size_t": 186,
  "size_x": 64,
  "size_y": 64,
  "size_z": 32,
  "snr": 2.1423500147569534,
  "spacing_tr": 2.0,
  "spacing_x": 3.4375,
  "spacing_y": 3.4375,
  "spacing_z": 4.0,
  "summary_bg_k": 14.351954424325573,
  "summary_bg_mad": 9.58111690885292,
  "summary_bg_mean": 61.19917678833008,
  "summary_bg_median": 20.860214233398438,
  "summary_bg_n": 77361.0,
  "summary_bg_p05": 13.064516067504883,
  "summary_bg_p95": 279.81182861328125,
  "summary_bg_stdv": 100.45356750488281,
  "summary_fg_k": 3.806453650107837,
  "summary_fg_mad": 188.82455879449978,
  "summary_fg_mean": 630.6614379882812,
  "summary_fg_median": 569.1129150390625,
  "summary_fg_n": 22787.0,
  "summary_fg_p05": 332.245166015625,
  "summary_fg_p95": 1192.2123657226564,
  "summary_fg_stdv": 265.64306640625,
  "tsnr": 28.409408123698086
}