{
  "aor": 0.010893458333333333,
  "aqi": 0.04706370541666667,
  "bids_meta": {
    "AcquisitionNumber": 1,
    "AcquisitionTime": "17:42:3.905000",
    "BandwidthPerPixelPhaseEncode": 29.481,
    "ConversionSoftware": "dcm2niix",
    "ConversionSoftwareVersion": "v1.0.20170724 GCC4.4.7",
    "DeviceSerialNumber": "35414",
    "EchoTime": 0.025,
    "EffectiveEchoSpacing": 0.000530002,
    "FlipAngle": 90,
    "ImageType": [
      "ORIGINAL",
      "PRIMARY",
      "M",
      "ND",
      "MOSAIC"
    ],
    "InstitutionAddress": "Mikeletegi_69_San_Sebastian_District_ES_20009",
    "InstitutionName": "BCBL",
    "MagneticFieldStrength": 3,
    "Manufacturer": "Siemens",
    "ManufacturersModelName": "TrioTim",
    "PhaseEncodingDirection": "j-",
    "PhaseEncodingLines": 64,
    "ProcedureStepDescription": "CRANEO_FUNCIONAL",
    "ProtocolName": "ep2d_Didak_VF_L2_Run1",
    "RepetitionTime": 3,
    "ScanningSequence": "EP",
    "SequenceName": "_epfid2d1_64",
    "SequenceVariant": "SK",
    "SeriesDescription": "ep2d_Didak_VF_L2_Run1",
    "SliceTiming": [
      2.9225,
      2.8525,
      2.7825,
      2.7125,
      2.645,
      2.575,
      2.505,
      2.435,
      2.365,
      2.295,
      2.2275,
      2.1575,
      2.0875,
      2.0175,
      1.9475,
      1.88,
      1.81,
      1.74,
      1.67,
      1.6,
      1.53,
      1.4625,
      1.3925,
      1.3225,
      1.2525,
      1.1825,
      1.1125,
      1.045,
      0.975,
      0.905,
      0.835,
      0.765,
      0.695,
      0.6275,
      0.5575,
      0.4875,
      0.4175,
      0.3475,
      0.2775,
      0.21,
      0.14,
      0.07,
      0
    ],
    "SoftwareVersions": "syngo_MR_B17",
    "TaskName": "prodLn",
    "TotalReadoutTime": 0.0333901,
    "dataset": "ds003542",
    "modality": "bold",
    "run_id": 1,
    "subject_id": "01",
    "task_id": "prodLn"
  },
  "dummy_trs": 0,
  "dvars_nstd": 117.0658594797071,
  "dvars_std": 1.3029772050209198,
  "dvars_vstd": 1.028893223096234,
  "efc": 0.6083510668023093,
  "fber": 234.6321563720703,
  "fd_mean": 1.6988407137946715,
  "fd_num": 215,
  "fd_perc": 89.58333333333333,
  "fwhm_avg": 3.248305571684533,
  "fwhm_x": 2.95605,
  "fwhm_y": 3.4402000000000004,
  "fwhm_z": 3.3486667150535974,
  "gcor": 0.0212656,
  "gsr_x": -0.038923539221286774,
  "gsr_y": 0.16032753884792328,
  "provenance": {
    "md5sum": "8d5d677ba50dfeea008100a5587cd91c",
    "settings": {
      "fd_thres": 0.2,
      "testing": false
    },
    "software": "mriqc",
    "version": "22.0.1",
    "webapi_port": null,
    "webapi_url": "https://mriqc.nimh.nih.gov/api/v1"
  },
  "size_t": 240,
  "size_x": 64,
  "size_y": 64,
  "size_z": 43,
  "snr": 2.0949028367702054,
  "spacing_tr": 3.0,
  "spacing_x": 3.0,
  "spacing_y": 3.0,
  "spacing_z": 3.299999952316284,
  "summary_bg_k": 9.269442003475042,
  "summary_bg_mad": 24.59884256279593,
  "summary_bg_mean": 114.5399398803711,
  "summary_bg_median": 44.866668701171875,
  "summary_bg_n": 95715.0,
  "summary_bg_p05": 26.554168701171875,
  "summary_bg_p95": 448.278762817383,
  "summary_bg_stdv": 154.12283325195312,
  "summary_fg_k": 3.7289656228806107,
  "summary_fg_mad": 248.4533287334542,
  "summary_fg_mean": 798.5977783203125,
  "summary_fg_median": 720.2500610351562,
  "summary_fg_n": 38901.0,
  "summary_fg_p05": 412.42919921875,
  "summary_fg_p95": 1515.9500732421875,
  "summary_fg_stdv": 343.8063049316406,
  "tsnr": 17.585575509816408
}