{
  "aor": 0.008874731182795697,
  "aqi": 0.008320638279569893,
  "bids_meta": {
    "AcquisitionNumber": 1,
    "AcquisitionTime": "15:34:10.580000",
    "BandwidthPerPixelPhaseEncode": 28.409,
    "ConversionSoftware": "dcm2niix",
    "ConversionSoftwareVersion": "v1.0.20170724 GCC4.4.7",
    "DeviceSerialNumber": "35414",
    "EchoTime": 0.03,
    "EffectiveEchoSpacing": 0.000550002,
    "FlipAngle": 80,
    "ImageType": [
      "ORIGINAL",
      "PRIMARY",
      "FMRI",
      "NONE",
      "ND",
      "MOSAIC"
    ],
    "InstitutionAddress": "Mikeletegi_69_San_Sebastian_District_ES_20009",
    "InstitutionName": "BCBL",
    "MagneticFieldStrength": 3,
    "Manufacturer": "Siemens",
    "ManufacturersModelName": "TrioTim",
    "PhaseEncodingDirection": "j-",
    "PhaseEncodingLines": 64,
    "ProcedureStepDescription": "CRANEO_FUNCIONAL",
    "ProtocolName": "ep2d_PiN_L1_Run3",
    "RepetitionTime": 2,
    "ScanningSequence": "EP",
    "SequenceName": "_epfid2d1_64",
    "SequenceVariant": "SK",
    "SeriesDescription": "ep2d_PiN_L1_Run3",
    "SliceTiming": [
      1.925,
      1.8625,
      1.8,
      1.74,
      1.6775,
      1.615,
      1.5525,
      1.49,
      1.4275,
      1.3675,
      1.305,
      1.2425,
      1.18,
      1.1175,
      1.055,
      0.995,
      0.9325,
      0.87,
      0.8075,
      0.745,
      0.6825,
      0.62,
      0.56,
      0.4975,
      0.435,
      0.3725,
      0.31,
      0.2475,
      0.1875,
      0.125,
      0.0625,
      0
    ],
    "SoftwareVersions": "syngo_MR_B17",
    "TaskName": "compL1",
    "TotalReadoutTime": 0.0346501,
    "dataset": "ds003542",
    "modality": "bold",
    "run_id": 3,
    "subject_id": "01",
    "task_id": "compL1"
  },
  "dummy_trs": 0,
  "dvars_nstd": 33.7751922090811,
  "dvars_std": 1.2230641747027036,
  "dvars_vstd": 0.995774343783784,
  "efc": 0.5261857797157546,
  "fber": 790.3823852539062,
  "fd_mean": 0.4133345248194905,
  "fd_num": 109,
  "fd_perc": 58.60215053763441,
  "fwhm_avg": 3.0470453030303033,
  "fwhm_x": 2.9154618181818184,
  "fwhm_y": 3.2515490909090907,
  "fwhm_z": 2.974125,
  "gcor": 0.0252456,
  "gsr_x": -0.03702298179268837,
  "gsr_y": 0.11617345362901688,
  "provenance": {
    "md5sum": "32a540901f03090c08999e762854701e",
    "settings": {
      "fd_thres": 0.2,
      "testing": false
    },
    "software": "mriqc",
    "version": "22.0.1",
    "webapi_port": null,
    "webapi_url": "https://mriqc.nimh.nih.gov/api/v1"
  },
  "size_t": 186,
  "size_x": 64,
  "size_y": 64,
  "size_z": 32,
  "snr": 2.242243441495651,
  "spacing_tr": 2.0,
  "spacing_x": 3.4375,
  "spacing_y": 3.4375,
  "spacing_z": 4.0,
  "summary_bg_k": 13.341214813400615,
  "summary_bg_mad": 8.85575774373545,
  "summary_bg_mean": 62.430660247802734,
  "summary_bg_median": 20.516128540039062,
  "summary_bg_n": 79089.0,
  "summary_bg_p05": 14.021505355834961,
  "summary_bg_p95": 294.4279602050774,
  "summary_bg_stdv": 104.55504608154297,
  "summary_fg_k": 3.2836777379440534,
  "summary_fg_mad": 191.6502263283777,
  "summary_fg_mean": 648.2930908203125,
  "summary_fg_median": 587.3897705078125,
  "summary_fg_n": 21904.0,
  "summary_fg_p05": 348.0792892456055,
  "summary_fg_p95": 1189.047265625,
  "summary_fg_stdv": 261.959228515625,
  "tsnr": 46.758088445523754
}