{
  "aor": 0.017805967741935484,
  "aqi": 0.02807597161290322,
  "bids_meta": {
    "AcquisitionNumber": 1,
    "AcquisitionTime": "17:24:15.902500",
    "BandwidthPerPixelPhaseEncode": 28.409,
    "ConversionSoftware": "dcm2niix",
    "ConversionSoftwareVersion": "v1.0.20170724 GCC4.4.7",
    "DeviceSerialNumber": "35414",
    "EchoTime": 0.03,
    "EffectiveEchoSpacing": 0.000550002,
    "FlipAngle": 80,
    "ImageType": [
      "ORIGINAL",
      "PRIMARY",
      "FMRI",
      "NONE",
      "ND",
      "MOSAIC"
    ],
    "InstitutionAddress": "Mikeletegi_69_San_Sebastian_District_ES_20009",
    "InstitutionName": "BCBL",
    "MagneticFieldStrength": 3,
    "Manufacturer": "Siemens",
    "ManufacturersModelName": "TrioTim",
    "PhaseEncodingDirection": "j-",
    "PhaseEncodingLines": 64,
    "ProcedureStepDescription": "CRANEO_FUNCIONAL",
    "ProtocolName": "ep2d_PiN_L2_Run2",
    "RepetitionTime": 2,
    "ScanningSequence": "EP",
    "SequenceName": "_epfid2d1_64",
    "SequenceVariant": "SK",
    "SeriesDescription": "ep2d_PiN_L2_Run2",
    "SliceTiming": [
      1.925,
      1.8625,
      1.8025,
      1.74,
      1.6775,
      1.615,
      1.5525,
      1.49,
      1.4275,
      1.3675,
      1.305,
      1.2425,
      1.18,
      1.1175,
      1.055,
      0.995,
      0.9325,
      0.87,
      0.8075,
      0.745,
      0.6825,
      0.6225,
      0.56,
      0.4975,
      0.435,
      0.3725,
      0.31,
      0.2475,
      0.1875,
      0.125,
      0.0625,
      0
    ],
    "SoftwareVersions": "syngo_MR_B17",
    "TaskName": "compLn",
    "TotalReadoutTime": 0.0346501,
    "dataset": "ds003542",
    "modality": "bold",
    "run_id": 2,
    "subject_id": "01",
    "task_id": "compLn"
  },
  "dummy_trs": 0,
  "dvars_nstd": 66.75856740286487,
  "dvars_std": 1.1801887392432435,
  "dvars_vstd": 0.9621095330810814,
  "efc": 0.5279567661221025,
  "fber": 674.416748046875,
  "fd_mean": 0.9913661392376787,
  "fd_num": 131,
  "fd_perc": 70.43010752688173,
  "fwhm_avg": 3.2441454545454547,
  "fwhm_x": 3.0817745454545458,
  "fwhm_y": 3.469061818181818,
  "fwhm_z": 3.1816,
  "gcor": 0.0192554,
  "gsr_x": -0.0426795668900013,
  "gsr_y": 0.1264803409576416,
  "provenance": {
    "md5sum": "cf0e910f18c9025397a06c4b4ce64171",
    "settings": {
      "fd_thres": 0.2,
      "testing": false
    },
    "software": "mriqc",
    "version": "22.0.1",
    "webapi_port": null,
    "webapi_url": "https://mriqc.nimh.nih.gov/api/v1"
  },
  "size_t": 186,
  "size_x": 64,
  "size_y": 64,
  "size_z": 32,
  "snr": 2.0664316756136487,
  "spacing_tr": 2.0,
  "spacing_x": 3.4375,
  "spacing_y": 3.4375,
  "spacing_z": 4.0,
  "summary_bg_k": 14.412854751521081,
  "summary_bg_mad": 10.617344691569205,
  "summary_bg_mean": 64.69229888916016,
  "summary_bg_median": 22.24193572998047,
  "summary_bg_n": 77998.0,
  "summary_bg_p05": 14.45161247253418,
  "summary_bg_p95": 292.639237976074,
  "summary_bg_stdv": 105.53787231445312,
  "summary_fg_k": 3.1743282411603664,
  "summary_fg_mad": 205.25272162156273,
  "summary_fg_mean": 660.7526245117188,
  "summary_fg_median": 591.8064575195312,
  "summary_fg_n": 22259.0,
  "summary_fg_p05": 342.4543121337891,
  "summary_fg_p95": 1273.8118164062494,
  "summary_fg_stdv": 286.38409423828125,
  "tsnr": 23.895662058144808
}