{
  "aor": 0.0064236250000000005,
  "aqi": 0.020296582541666667,
  "bids_meta": {
    "AcquisitionNumber": 1,
    "AcquisitionTime": "16:50:38.315000",
    "BandwidthPerPixelPhaseEncode": 29.481,
    "ConversionSoftware": "dcm2niix",
    "ConversionSoftwareVersion": "v1.0.20170724 GCC4.4.7",
    "DeviceSerialNumber": "35414",
    "EchoTime": 0.025,
    "EffectiveEchoSpacing": 0.000530002,
    "FlipAngle": 90,
    "ImageType": [
      "ORIGINAL",
      "PRIMARY",
      "M",
      "ND",
      "MOSAIC"
    ],
    "InstitutionAddress": "Mikeletegi_69_San_Sebastian_District_ES_20009",
    "InstitutionName": "BCBL",
    "MagneticFieldStrength": 3,
    "Manufacturer": "Siemens",
    "ManufacturersModelName": "TrioTim",
    "PhaseEncodingDirection": "j-",
    "PhaseEncodingLines": 64,
    "ProcedureStepDescription": "CRANEO_FUNCIONAL",
    "ProtocolName": "ep2d_Didak_VF_L2_Run2",
    "RepetitionTime": 3,
    "ScanningSequence": "EP",
    "SequenceName": "_epfid2d1_64",
    "SequenceVariant": "SK",
    "SeriesDescription": "ep2d_Didak_VF_L2_Run2",
    "SliceTiming": [
      2.9225,
      2.8525,
      2.7825,
      2.7125,
      2.6425,
      2.5725,
      2.505,
      2.435,
      2.365,
      2.295,
      2.225,
      2.155,
      2.0875,
      2.0175,
      1.9475,
      1.8775,
      1.8075,
      1.7375,
      1.67,
      1.6,
      1.53,
      1.46,
      1.39,
      1.3225,
      1.2525,
      1.1825,
      1.1125,
      1.0425,
      0.9725,
      0.905,
      0.835,
      0.765,
      0.695,
      0.625,
      0.555,
      0.4875,
      0.4175,
      0.3475,
      0.2775,
      0.2075,
      0.1375,
      0.07,
      0
    ],
    "SoftwareVersions": "syngo_MR_B17",
    "TaskName": "prodLn",
    "TotalReadoutTime": 0.0333901,
    "dataset": "ds003542",
    "modality": "bold",
    "run_id": 2,
    "subject_id": "08",
    "task_id": "prodLn"
  },
  "dummy_trs": 0,
  "dvars_nstd": 51.642338557280354,
  "dvars_std": 1.1597454245606695,
  "dvars_vstd": 0.9527039037238487,
  "efc": 0.6004631031069817,
  "fber": 219.1736297607422,
  "fd_mean": 0.6253926641289091,
  "fd_num": 196,
  "fd_perc": 81.66666666666667,
  "fwhm_avg": 2.7761582051201157,
  "fwhm_x": 2.66105,
  "fwhm_y": 2.8955368967832644,
  "fwhm_z": 2.7718877185770836,
  "gcor": 0.0210548,
  "gsr_x": -0.005446811206638813,
  "gsr_y": 0.12358744442462921,
  "provenance": {
    "md5sum": "1e186151684da4849eeb2df440dc7a4e",
    "settings": {
      "fd_thres": 0.2,
      "testing": false
    },
    "software": "mriqc",
    "version": "22.0.1",
    "webapi_port": null,
    "webapi_url": "https://mriqc.nimh.nih.gov/api/v1"
  },
  "size_t": 240,
  "size_x": 64,
  "size_y": 64,
  "size_z": 43,
  "snr": 2.395509372586554,
  "spacing_tr": 3.0,
  "spacing_x": 3.0,
  "spacing_y": 2.999999761581421,
  "spacing_z": 3.3000001907348633,
  "summary_bg_k": 19.459630623326433,
  "summary_bg_mad": 28.546271535134956,
  "summary_bg_mean": 98.1694564819336,
  "summary_bg_median": 45.78750228881836,
  "summary_bg_n": 97978.0,
  "summary_bg_p05": 24.745834350585938,
  "summary_bg_p95": 335.4643966674804,
  "summary_bg_stdv": 131.2995147705078,
  "summary_fg_k": 6.509560210051147,
  "summary_fg_mad": 211.9565106140213,
  "summary_fg_mean": 748.9273681640625,
  "summary_fg_median": 687.245849609375,
  "summary_fg_n": 37776.0,
  "summary_fg_p05": 422.49169921875,
  "summary_fg_p95": 1287.8708801269531,
  "summary_fg_stdv": 286.88543701171875,
  "tsnr": 28.62446889851708
}