{
  "aor": 0.007039458333333333,
  "aqi": 0.0095602815,
  "bids_meta": {
    "AcquisitionNumber": 1,
    "AcquisitionTime": "14:53:45.577500",
    "BandwidthPerPixelPhaseEncode": 29.481,
    "ConversionSoftware": "dcm2niix",
    "ConversionSoftwareVersion": "v1.0.20170724 GCC4.4.7",
    "DeviceSerialNumber": "35414",
    "EchoTime": 0.025,
    "EffectiveEchoSpacing": 0.000530002,
    "FlipAngle": 90,
    "ImageType": [
      "ORIGINAL",
      "PRIMARY",
      "M",
      "ND",
      "MOSAIC"
    ],
    "InstitutionAddress": "Mikeletegi_69_San_Sebastian_District_ES_20009",
    "InstitutionName": "BCBL",
    "MagneticFieldStrength": 3,
    "Manufacturer": "Siemens",
    "ManufacturersModelName": "TrioTim",
    "PhaseEncodingDirection": "j-",
    "PhaseEncodingLines": 64,
    "ProcedureStepDescription": "CRANEO_FUNCIONAL",
    "ProtocolName": "ep2d_Didak_VF_L1_Run1",
    "RepetitionTime": 3,
    "ScanningSequence": "EP",
    "SequenceName": "_epfid2d1_64",
    "SequenceVariant": "SK",
    "SeriesDescription": "ep2d_Didak_VF_L1_Run1",
    "SliceTiming": [
      2.9225,
      2.8525,
      2.7825,
      2.715,
      2.645,
      2.575,
      2.505,
      2.435,
      2.365,
      2.2975,
      2.2275,
      2.1575,
      2.0875,
      2.0175,
      1.9475,
      1.88,
      1.81,
      1.74,
      1.67,
      1.6,
      1.5325,
      1.4625,
      1.3925,
      1.3225,
      1.2525,
      1.1825,
      1.115,
      1.045,
      0.975,
      0.905,
      0.835,
      0.765,
      0.6975,
      0.6275,
      0.5575,
      0.4875,
      0.4175,
      0.3475,
      0.28,
      0.21,
      0.14,
      0.07,
      0
    ],
    "SoftwareVersions": "syngo_MR_B17",
    "TaskName": "prodL1",
    "TotalReadoutTime": 0.0333901,
    "dataset": "ds003542",
    "modality": "bold",
    "run_id": 1,
    "subject_id": "08",
    "task_id": "prodL1"
  },
  "dummy_trs": 0,
  "dvars_nstd": 45.238730466485364,
  "dvars_std": 1.3210969295815902,
  "dvars_vstd": 1.0445635964016746,
  "efc": 0.596258305012259,
  "fber": 249.46682739257812,
  "fd_mean": 0.4125847146607632,
  "fd_num": 187,
  "fd_perc": 77.91666666666667,
  "fwhm_avg": 2.6747474878722612,
  "fwhm_x": 2.5462333333333333,
  "fwhm_y": 2.7530666666666668,
  "fwhm_z": 2.7249424636167823,
  "gcor": 0.0233067,
  "gsr_x": -0.004481705371290445,
  "gsr_y": 0.11746315658092499,
  "provenance": {
    "md5sum": "e443441411aa4676d7ace951dede6f6d",
    "settings": {
      "fd_thres": 0.2,
      "testing": false
    },
    "software": "mriqc",
    "version": "22.0.1",
    "webapi_port": null,
    "webapi_url": "https://mriqc.nimh.nih.gov/api/v1"
  },
  "size_t": 240,
  "size_x": 64,
  "size_y": 64,
  "size_z": 43,
  "snr": 2.5470435132647506,
  "spacing_tr": 3.0,
  "spacing_x": 3.0,
  "spacing_y": 3.0,
  "spacing_z": 3.299999952316284,
  "summary_bg_k": 20.41590221110285,
  "summary_bg_mad": 22.473777874756934,
  "summary_bg_mean": 88.22200775146484,
  "summary_bg_median": 40.70000076293945,
  "summary_bg_n": 98736.0,
  "summary_bg_p05": 24.683334350585938,
  "summary_bg_p95": 309.7781448364258,
  "summary_bg_stdv": 120.1786117553711,
  "summary_fg_k": 6.013688725600769,
  "summary_fg_mad": 198.94668519572045,
  "summary_fg_mean": 716.6653442382812,
  "summary_fg_median": 663.4625244140625,
  "summary_fg_n": 37219.0,
  "summary_fg_p05": 411.6908477783203,
  "summary_fg_p95": 1196.5704345703123,
  "summary_fg_stdv": 260.4798889160156,
  "tsnr": 42.931075936648995
}