{
  "aor": 0.006457416666666666,
  "aqi": 0.016357427666666667,
  "bids_meta": {
    "AcquisitionNumber": 1,
    "AcquisitionTime": "16:36:25.457500",
    "BandwidthPerPixelPhaseEncode": 29.481,
    "ConversionSoftware": "dcm2niix",
    "ConversionSoftwareVersion": "v1.0.20170724 GCC4.4.7",
    "DeviceSerialNumber": "35414",
    "EchoTime": 0.025,
    "EffectiveEchoSpacing": 0.000530002,
    "FlipAngle": 90,
    "ImageType": [
      "ORIGINAL",
      "PRIMARY",
      "M",
      "ND",
      "MOSAIC"
    ],
    "InstitutionAddress": "Mikeletegi_69_San_Sebastian_District_ES_20009",
    "InstitutionName": "BCBL",
    "MagneticFieldStrength": 3,
    "Manufacturer": "Siemens",
    "ManufacturersModelName": "TrioTim",
    "PhaseEncodingDirection": "j-",
    "PhaseEncodingLines": 64,
    "ProcedureStepDescription": "CRANEO_FUNCIONAL",
    "ProtocolName": "ep2d_Didak_VF_L2_Run1",
    "RepetitionTime": 3,
    "ScanningSequence": "EP",
    "SequenceName": "_epfid2d1_64",
    "SequenceVariant": "SK",
    "SeriesDescription": "ep2d_Didak_VF_L2_Run1",
    "SliceTiming": [
      2.92,
      2.8525,
      2.7825,
      2.7125,
      2.6425,
      2.5725,
      2.5025,
      2.435,
      2.365,
      2.295,
      2.225,
      2.155,
      2.085,
      2.0175,
      1.9475,
      1.8775,
      1.8075,
      1.7375,
      1.6675,
      1.6,
      1.53,
      1.46,
      1.39,
      1.32,
      1.2525,
      1.1825,
      1.1125,
      1.0425,
      0.9725,
      0.9025,
      0.835,
      0.765,
      0.695,
      0.625,
      0.555,
      0.485,
      0.4175,
      0.3475,
      0.2775,
      0.2075,
      0.1375,
      0.0675,
      0
    ],
    "SoftwareVersions": "syngo_MR_B17",
    "TaskName": "prodLn",
    "TotalReadoutTime": 0.0333901,
    "dataset": "ds003542",
    "modality": "bold",
    "run_id": 1,
    "subject_id": "08",
    "task_id": "prodLn"
  },
  "dummy_trs": 0,
  "dvars_nstd": 50.534382684560676,
  "dvars_std": 1.201463419414225,
  "dvars_vstd": 0.9826253582845188,
  "efc": 0.5981696731956264,
  "fber": 225.3314666748047,
  "fd_mean": 0.5929107483947177,
  "fd_num": 203,
  "fd_perc": 84.58333333333333,
  "fwhm_avg": 2.7982351708843254,
  "fwhm_x": 2.6458533333333336,
  "fwhm_y": 2.8438735593440976,
  "fwhm_z": 2.9049786199755454,
  "gcor": 0.0294241,
  "gsr_x": -0.005741199478507042,
  "gsr_y": 0.1198708787560463,
  "provenance": {
    "md5sum": "05e6cfa5820b94bd32a1b3ec0937cc34",
    "settings": {
      "fd_thres": 0.2,
      "testing": false
    },
    "software": "mriqc",
    "version": "22.0.1",
    "webapi_port": null,
    "webapi_url": "https://mriqc.nimh.nih.gov/api/v1"
  },
  "size_t": 240,
  "size_x": 64,
  "size_y": 64,
  "size_z": 43,
  "snr": 2.3618435912065974,
  "spacing_tr": 3.0,
  "spacing_x": 3.0,
  "spacing_y": 2.999999761581421,
  "spacing_z": 3.3000001907348633,
  "summary_bg_k": 19.920893311280793,
  "summary_bg_mad": 27.057490487727236,
  "summary_bg_mean": 96.43395233154297,
  "summary_bg_median": 44.77916717529297,
  "summary_bg_n": 97879.0,
  "summary_bg_p05": 24.82083511352539,
  "summary_bg_p95": 329.6366943359372,
  "summary_bg_stdv": 130.6110076904297,
  "summary_fg_k": 6.741874807950168,
  "summary_fg_mad": 213.31554756584177,
  "summary_fg_mean": 753.6295776367188,
  "summary_fg_median": 689.6083984375,
  "summary_fg_n": 37587.0,
  "summary_fg_p05": 424.3025329589844,
  "summary_fg_p95": 1305.7166748046875,
  "summary_fg_stdv": 291.9749755859375,
  "tsnr": 30.995289311744273
}