{
  "aor": 0.0022785405405405406,
  "aqi": 0.0015876626432432433,
  "bids_meta": {
    "AcquisitionNumber": 1,
    "AcquisitionTime": "15:15:12.145000",
    "BandwidthPerPixelPhaseEncode": 28.409,
    "ConversionSoftware": "dcm2niix",
    "ConversionSoftwareVersion": "v1.0.20170724 GCC4.4.7",
    "DeviceSerialNumber": "35414",
    "EchoTime": 0.03,
    "EffectiveEchoSpacing": 0.000550002,
    "FlipAngle": 80,
    "ImageType": [
      "ORIGINAL",
      "PRIMARY",
      "FMRI",
      "NONE",
      "ND",
      "MOSAIC"
    ],
    "InstitutionAddress": "Mikeletegi_69_San_Sebastian_District_ES_20009",
    "InstitutionName": "BCBL",
    "MagneticFieldStrength": 3,
    "Manufacturer": "Siemens",
    "ManufacturersModelName": "TrioTim",
    "PhaseEncodingDirection": "j-",
    "PhaseEncodingLines": 64,
    "ProcedureStepDescription": "CRANEO_FUNCIONAL",
    "ProtocolName": "ep2d_PiN_L2_Run2",
    "RepetitionTime": 2,
    "ScanningSequence": "EP",
    "SequenceName": "_epfid2d1_64",
    "SequenceVariant": "SK",
    "SeriesDescription": "ep2d_PiN_L2_Run2",
    "SliceTiming": [
      1.925,
      1.8625,
      1.8025,
      1.74,
      1.6775,
      1.615,
      1.5525,
      1.49,
      1.4275,
      1.3675,
      1.305,
      1.2425,
      1.18,
      1.1175,
      1.055,
      0.995,
      0.9325,
      0.87,
      0.8075,
      0.745,
      0.6825,
      0.62,
      0.56,
      0.4975,
      0.435,
      0.3725,
      0.31,
      0.2475,
      0.1875,
      0.125,
      0.0625,
      0
    ],
    "SoftwareVersions": "syngo_MR_B17",
    "TaskName": "compLn",
    "TotalReadoutTime": 0.0346501,
    "dataset": "ds003542",
    "modality": "bold",
    "run_id": 2,
    "subject_id": "10",
    "task_id": "compLn"
  },
  "dummy_trs": 1,
  "dvars_nstd": 17.325065332717397,
  "dvars_std": 1.234143994239131,
  "dvars_vstd": 1.010293417173913,
  "efc": 0.4628579646507246,
  "fber": 1283.1385498046875,
  "fd_mean": 0.15624262636382535,
  "fd_num": 36,
  "fd_perc": 19.45945945945946,
  "fwhm_avg": 3.022060454545455,
  "fwhm_x": 3.0305163636363637,
  "fwhm_y": 3.20704,
  "fwhm_z": 2.828625,
  "gcor": 0.0428266,
  "gsr_x": -0.018188107758760452,
  "gsr_y": 0.05683832988142967,
  "provenance": {
    "md5sum": "af287d7987e914057d72539d9c3db741",
    "settings": {
      "fd_thres": 0.2,
      "testing": false
    },
    "software": "mriqc",
    "version": "22.0.1",
    "webapi_port": null,
    "webapi_url": "https://mriqc.nimh.nih.gov/api/v1"
  },
  "size_t": 185,
  "size_x": 64,
  "size_y": 64,
  "size_z": 32,
  "snr": 2.202252444321831,
  "spacing_tr": 2.0,
  "spacing_x": 3.4375,
  "spacing_y": 3.4375,
  "spacing_z": 4.0,
  "summary_bg_k": 57.948165495578294,
  "summary_bg_mad": 6.659688838349391,
  "summary_bg_mean": 35.371646881103516,
  "summary_bg_median": 17.27027130126953,
  "summary_bg_n": 82136.0,
  "summary_bg_p05": 12.437838554382324,
  "summary_bg_p95": 111.09729766845703,
  "summary_bg_stdv": 59.276214599609375,
  "summary_fg_k": 2.0621832291790696,
  "summary_fg_mad": 218.99231056471334,
  "summary_fg_mean": 695.7988891601562,
  "summary_fg_median": 621.2432861328125,
  "summary_fg_n": 19979.0,
  "summary_fg_p05": 379.21188964843753,
  "summary_fg_p95": 1277.9357177734375,
  "summary_fg_stdv": 282.0874328613281,
  "tsnr": 106.08775506634265
}