{
  "aor": 0.0020701666666666668,
  "aqi": 0.004220095583333333,
  "bids_meta": {
    "AcquisitionNumber": 1,
    "AcquisitionTime": "15:46:41.580000",
    "BandwidthPerPixelPhaseEncode": 29.481,
    "ConversionSoftware": "dcm2niix",
    "ConversionSoftwareVersion": "v1.0.20170724 GCC4.4.7",
    "DeviceSerialNumber": "35414",
    "EchoTime": 0.025,
    "EffectiveEchoSpacing": 0.000530002,
    "FlipAngle": 90,
    "ImageType": [
      "ORIGINAL",
      "PRIMARY",
      "M",
      "ND",
      "MOSAIC"
    ],
    "InstitutionAddress": "Mikeletegi_69_San_Sebastian_District_ES_20009",
    "InstitutionName": "BCBL",
    "MagneticFieldStrength": 3,
    "Manufacturer": "Siemens",
    "ManufacturersModelName": "TrioTim",
    "PhaseEncodingDirection": "j-",
    "PhaseEncodingLines": 64,
    "ProcedureStepDescription": "CRANEO_FUNCIONAL",
    "ProtocolName": "ep2d_Didak_VF_L2_Run2",
    "RepetitionTime": 3,
    "ScanningSequence": "EP",
    "SequenceName": "_epfid2d1_64",
    "SequenceVariant": "SK",
    "SeriesDescription": "ep2d_Didak_VF_L2_Run2",
    "SliceTiming": [
      2.9225,
      2.8525,
      2.7825,
      2.7125,
      2.645,
      2.575,
      2.505,
      2.435,
      2.365,
      2.295,
      2.2275,
      2.1575,
      2.0875,
      2.0175,
      1.9475,
      1.88,
      1.81,
      1.74,
      1.67,
      1.6,
      1.53,
      1.4625,
      1.3925,
      1.3225,
      1.2525,
      1.1825,
      1.1125,
      1.045,
      0.975,
      0.905,
      0.835,
      0.765,
      0.695,
      0.6275,
      0.5575,
      0.4875,
      0.4175,
      0.3475,
      0.28,
      0.21,
      0.14,
      0.07,
      0
    ],
    "SoftwareVersions": "syngo_MR_B17",
    "TaskName": "prodLn",
    "TotalReadoutTime": 0.0333901,
    "dataset": "ds003542",
    "modality": "bold",
    "run_id": 2,
    "subject_id": "10",
    "task_id": "prodLn"
  },
  "dummy_trs": 0,
  "dvars_nstd": 31.074680647740593,
  "dvars_std": 1.1947863910460248,
  "dvars_vstd": 0.9798477073221762,
  "efc": 0.5257439079076389,
  "fber": 507.34564208984375,
  "fd_mean": 0.3046632159551242,
  "fd_num": 156,
  "fd_perc": 65.0,
  "fwhm_avg": 3.156344762241082,
  "fwhm_x": 3.1656133333333334,
  "fwhm_y": 3.2376633333333333,
  "fwhm_z": 3.065757620056581,
  "gcor": 0.0338013,
  "gsr_x": -0.009453742764890194,
  "gsr_y": 0.09918520599603653,
  "provenance": {
    "md5sum": "787f48892c444d3bcf152f7fc279c01e",
    "settings": {
      "fd_thres": 0.2,
      "testing": false
    },
    "software": "mriqc",
    "version": "22.0.1",
    "webapi_port": null,
    "webapi_url": "https://mriqc.nimh.nih.gov/api/v1"
  },
  "size_t": 240,
  "size_x": 64,
  "size_y": 64,
  "size_z": 43,
  "snr": 1.9945929952627495,
  "spacing_tr": 3.0,
  "spacing_x": 3.0,
  "spacing_y": 3.0,
  "spacing_z": 3.299999952316284,
  "summary_bg_k": 33.03866095169564,
  "summary_bg_mad": 13.47314992294111,
  "summary_bg_mean": 69.7757797241211,
  "summary_bg_median": 33.8458366394043,
  "summary_bg_n": 104014.0,
  "summary_bg_p05": 24.02916717529297,
  "summary_bg_p95": 235.66834335327133,
  "summary_bg_stdv": 99.35362243652344,
  "summary_fg_k": 3.0437292678435606,
  "summary_fg_mad": 284.3785613479316,
  "summary_fg_mean": 879.4826049804688,
  "summary_fg_median": 773.24169921875,
  "summary_fg_n": 34528.0,
  "summary_fg_p05": 460.8258560180664,
  "summary_fg_p95": 1695.666326904297,
  "summary_fg_stdv": 387.6632995605469,
  "tsnr": 61.529348015319556
}