{
  "aor": 0.0016603243243243243,
  "aqi": 0.0017690016486486488,
  "bids_meta": {
    "AcquisitionNumber": 1,
    "AcquisitionTime": "15:22:49.585000",
    "BandwidthPerPixelPhaseEncode": 28.409,
    "ConversionSoftware": "dcm2niix",
    "ConversionSoftwareVersion": "v1.0.20170724 GCC4.4.7",
    "DeviceSerialNumber": "35414",
    "EchoTime": 0.03,
    "EffectiveEchoSpacing": 0.000550002,
    "FlipAngle": 80,
    "ImageType": [
      "ORIGINAL",
      "PRIMARY",
      "FMRI",
      "NONE",
      "ND",
      "MOSAIC"
    ],
    "InstitutionAddress": "Mikeletegi_69_San_Sebastian_District_ES_20009",
    "InstitutionName": "BCBL",
    "MagneticFieldStrength": 3,
    "Manufacturer": "Siemens",
    "ManufacturersModelName": "TrioTim",
    "PhaseEncodingDirection": "j-",
    "PhaseEncodingLines": 64,
    "ProcedureStepDescription": "CRANEO_FUNCIONAL",
    "ProtocolName": "ep2d_PiN_L2_Run3",
    "RepetitionTime": 2,
    "ScanningSequence": "EP",
    "SequenceName": "_epfid2d1_64",
    "SequenceVariant": "SK",
    "SeriesDescription": "ep2d_PiN_L2_Run3",
    "SliceTiming": [
      1.925,
      1.865,
      1.8025,
      1.74,
      1.6775,
      1.615,
      1.5525,
      1.4925,
      1.43,
      1.3675,
      1.305,
      1.2425,
      1.18,
      1.1175,
      1.0575,
      0.995,
      0.9325,
      0.87,
      0.8075,
      0.745,
      0.685,
      0.6225,
      0.56,
      0.4975,
      0.435,
      0.3725,
      0.31,
      0.25,
      0.1875,
      0.125,
      0.0625,
      0
    ],
    "SoftwareVersions": "syngo_MR_B17",
    "TaskName": "compLn",
    "TotalReadoutTime": 0.0346501,
    "dataset": "ds003542",
    "modality": "bold",
    "run_id": 3,
    "subject_id": "10",
    "task_id": "compLn"
  },
  "dummy_trs": 1,
  "dvars_nstd": 17.736663901086953,
  "dvars_std": 1.21236094451087,
  "dvars_vstd": 0.989353173641304,
  "efc": 0.46296915920212167,
  "fber": 1284.925048828125,
  "fd_mean": 0.16274390653346454,
  "fd_num": 41,
  "fd_perc": 22.16216216216216,
  "fwhm_avg": 3.0324430303030305,
  "fwhm_x": 3.0219636363636364,
  "fwhm_y": 3.2228654545454547,
  "fwhm_z": 2.8525,
  "gcor": 0.0645346,
  "gsr_x": -0.01788460649549961,
  "gsr_y": 0.056220415979623795,
  "provenance": {
    "md5sum": "11fbaa67b35a2b221b0c8cc2893e7156",
    "settings": {
      "fd_thres": 0.2,
      "testing": false
    },
    "software": "mriqc",
    "version": "22.0.1",
    "webapi_port": null,
    "webapi_url": "https://mriqc.nimh.nih.gov/api/v1"
  },
  "size_t": 185,
  "size_x": 64,
  "size_y": 64,
  "size_z": 32,
  "snr": 2.230147628997282,
  "spacing_tr": 2.0,
  "spacing_x": 3.4375,
  "spacing_y": 3.4375,
  "spacing_z": 4.0,
  "summary_bg_k": 57.60198813268341,
  "summary_bg_mad": 6.619619769182988,
  "summary_bg_mean": 35.019466400146484,
  "summary_bg_median": 17.210811614990234,
  "summary_bg_n": 82215.0,
  "summary_bg_p05": 12.329730033874512,
  "summary_bg_p95": 109.3043266296387,
  "summary_bg_stdv": 58.23171615600586,
  "summary_fg_k": 2.057716547950669,
  "summary_fg_mad": 215.79474822691066,
  "summary_fg_mean": 691.4371337890625,
  "summary_fg_median": 618.7378540039062,
  "summary_fg_n": 19884.0,
  "summary_fg_p05": 380.76378021240237,
  "summary_fg_p95": 1268.5443908691407,
  "summary_fg_stdv": 277.4355773925781,
  "tsnr": 94.16877398267388
}