{
  "bids_meta": {
    "AccelFactPE": 2,
    "AcquisitionNumber": 1,
    "AcquisitionTime": "15:02:51.217500",
    "ConversionSoftware": "dcm2niix",
    "ConversionSoftwareVersion": "v1.0.20170724 GCC4.4.7",
    "DeviceSerialNumber": "35414",
    "EchoTime": 0.0035,
    "FlipAngle": 7,
    "ImageType": [
      "ORIGINAL",
      "PRIMARY",
      "M",
      "ND",
      "NORM"
    ],
    "InstitutionAddress": "Mikeletegi_69_San_Sebastian_District_ES_20009",
    "InstitutionName": "BCBL",
    "InversionTime": 1.1,
    "MagneticFieldStrength": 3,
    "Manufacturer": "Siemens",
    "ManufacturersModelName": "TrioTim",
    "PhaseEncodingDirection": "i-",
    "PhaseEncodingLines": 256,
    "ProcedureStepDescription": "CRANEO_FUNCIONAL",
    "ProtocolName": "t1_mpr_sag_p2_1mm_iso_MGH",
    "RepetitionTime": 2.53,
    "ScanningSequence": "GR_IR",
    "SequenceName": "_tfl3d1_ns",
    "SequenceVariant": "SP_MP",
    "SeriesDescription": "t1_mpr_sag_p2_1mm_iso_MGH",
    "SoftwareVersions": "syngo_MR_B17",
    "dataset": "ds003542",
    "modality": "T1w",
    "subject_id": "06"
  },
  "cjv": 0.3788736975803141,
  "cnr": 3.5048883777043973,
  "efc": 0.5049389060567904,
  "fber": 15667.554708258052,
  "fwhm_avg": 3.9624599999999996,
  "fwhm_x": 3.95783,
  "fwhm_y": 4.22317,
  "fwhm_z": 3.70638,
  "icvs_csf": 0.2521993435887842,
  "icvs_gm": 0.404114154955568,
  "icvs_wm": 0.3436865014556477,
  "inu_med": 0.5028142631053925,
  "inu_range": 0.15602709352970123,
  "provenance": {
    "md5sum": "a9d0fe22aaa7a26aad32e89de7010299",
    "settings": {
      "testing": false
    },
    "software": "mriqc",
    "version": "22.0.1",
    "warnings": {
      "large_rot_frame": true,
      "small_air_mask": false
    },
    "webapi_port": null,
    "webapi_url": "https://mriqc.nimh.nih.gov/api/v1"
  },
  "qi_1": 0.0,
  "qi_2": 0.010526588354057053,
  "rpve_csf": 24.405501434860728,
  "rpve_gm": 14.517473207324096,
  "rpve_wm": 19.95619849672224,
  "size_x": 176,
  "size_y": 256,
  "size_z": 256,
  "snr_csf": 1.806225423658131,
  "snr_gm": 8.975302458927834,
  "snr_total": 10.254799369868834,
  "snr_wm": 19.982870227020538,
  "snrd_csf": 25.713679224851255,
  "snrd_gm": 100.82400556309823,
  "snrd_total": 91.60403457324232,
  "snrd_wm": 148.2744189317775,
  "spacing_x": 1.0,
  "spacing_y": 1.0,
  "spacing_z": 1.0,
  "summary_bg_k": 16.479792033564593,
  "summary_bg_mad": 4.418404704371966,
  "summary_bg_mean": 5.638087193184879,
  "summary_bg_median": 2.9801686853170395,
  "summary_bg_n": 3529804.0,
  "summary_bg_p05": 0.0,
  "summary_bg_p95": 24.257696578279138,
  "summary_bg_stdv": 9.648213551225965,
  "summary_csf_k": 1.3502487243300827,
  "summary_csf_mad": 79.10893717018924,
  "summary_csf_mean": 190.09140195126693,
  "summary_csf_median": 173.41952187940478,
  "summary_csf_n": 52506.0,
  "summary_csf_p05": 61.82206546654925,
  "summary_csf_p95": 384.30480412440374,
  "summary_csf_stdv": 96.01120002760254,
  "summary_gm_k": 0.17134991882429995,
  "summary_gm_mad": 74.85297381524272,
  "summary_gm_mean": 677.3916907240084,
  "summary_gm_median": 679.9824593681842,
  "summary_gm_n": 15453.0,
  "summary_gm_p05": 549.4948969613761,
  "summary_gm_p95": 797.7955396603793,
  "summary_gm_stdv": 75.75905775779086,
  "summary_wm_k": 0.6326846150328223,
  "summary_wm_mad": 46.39324939590564,
  "summary_wm_mean": 997.4722394816268,
  "summary_wm_median": 999.9999849591404,
  "summary_wm_n": 163312.0,
  "summary_wm_p05": 912.2603127826005,
  "summary_wm_p95": 1075.7094173692167,
  "summary_wm_stdv": 50.042707177167344,
  "tpm_overlap_csf": 0.1559232742336995,
  "tpm_overlap_gm": 0.46551762526254403,
  "tpm_overlap_wm": 0.5245774730492976,
  "wm2max": 0.7871383304413763
}