{
  "bids_meta": {
    "AccelFactPE": 2,
    "AcquisitionNumber": 1,
    "AcquisitionTime": "15:02:19.747500",
    "ConversionSoftware": "dcm2niix",
    "ConversionSoftwareVersion": "v1.0.20170724 GCC4.4.7",
    "DeviceSerialNumber": "35414",
    "EchoTime": 0.0035,
    "FlipAngle": 7,
    "ImageType": [
      "ORIGINAL",
      "PRIMARY",
      "M",
      "ND",
      "NORM"
    ],
    "InstitutionAddress": "Mikeletegi_69_San_Sebastian_District_ES_20009",
    "InstitutionName": "BCBL",
    "InversionTime": 1.1,
    "MagneticFieldStrength": 3,
    "Manufacturer": "Siemens",
    "ManufacturersModelName": "TrioTim",
    "PhaseEncodingDirection": "i-",
    "PhaseEncodingLines": 256,
    "ProcedureStepDescription": "CRANEO_FUNCIONAL",
    "ProtocolName": "t1_mpr_sag_p2_1mm_iso_MGH",
    "RepetitionTime": 2.53,
    "ScanningSequence": "GR_IR",
    "SequenceName": "_tfl3d1_ns",
    "SequenceVariant": "SP_MP",
    "SeriesDescription": "t1_mpr_sag_p2_1mm_iso_MGH",
    "SoftwareVersions": "syngo_MR_B17",
    "dataset": "ds003542",
    "modality": "T1w",
    "subject_id": "05"
  },
  "cjv": 0.37160442410333033,
  "cnr": 3.534955045879145,
  "efc": 0.5105534115409134,
  "fber": 14727.645950226852,
  "fwhm_avg": 4.0150733333333335,
  "fwhm_x": 4.09927,
  "fwhm_y": 4.22056,
  "fwhm_z": 3.72539,
  "icvs_csf": 0.23076098722442792,
  "icvs_gm": 0.410556186511326,
  "icvs_wm": 0.358682826264246,
  "inu_med": 0.4848163425922394,
  "inu_range": 0.14930411577224734,
  "provenance": {
    "md5sum": "158680f9e4f6f9429f326d8778219d13",
    "settings": {
      "testing": false
    },
    "software": "mriqc",
    "version": "22.0.1",
    "warnings": {
      "large_rot_frame": true,
      "small_air_mask": false
    },
    "webapi_port": null,
    "webapi_url": "https://mriqc.nimh.nih.gov/api/v1"
  },
  "qi_1": 0.000232792915719745,
  "qi_2": 0.01031311036414332,
  "rpve_csf": 25.77225409108578,
  "rpve_gm": 14.223331562048603,
  "rpve_wm": 18.80940437328784,
  "size_x": 176,
  "size_y": 256,
  "size_z": 256,
  "snr_csf": 1.621146447478261,
  "snr_gm": 9.351114775967106,
  "snr_total": 11.638570095766047,
  "snr_wm": 23.943449063852775,
  "snrd_csf": 20.68374633463686,
  "snrd_gm": 89.40862605670289,
  "snrd_total": 79.43700627465476,
  "snrd_wm": 128.21864643262455,
  "spacing_x": 1.0,
  "spacing_y": 1.0,
  "spacing_z": 1.0,
  "summary_bg_k": 9.168838129203062,
  "summary_bg_mad": 5.109525263723352,
  "summary_bg_mean": 4.290667284153852,
  "summary_bg_median": 3.4463224187493324,
  "summary_bg_n": 3239798.0,
  "summary_bg_p05": 0.0,
  "summary_bg_p95": 14.139363896101713,
  "summary_bg_stdv": 5.204381816299246,
  "summary_csf_k": 1.73973610695794,
  "summary_csf_mad": 78.00775214273528,
  "summary_csf_mean": 179.3921019174497,
  "summary_csf_median": 161.3162151351571,
  "summary_csf_n": 51388.0,
  "summary_csf_p05": 46.55721933301539,
  "summary_csf_p95": 383.1472553992643,
  "summary_csf_stdv": 99.50652255268275,
  "summary_gm_k": 0.02785699805411701,
  "summary_gm_mad": 73.91313258208028,
  "summary_gm_mean": 695.9890426029349,
  "summary_gm_median": 697.3137710429728,
  "summary_gm_n": 30258.0,
  "summary_gm_p05": 570.8278370378539,
  "summary_gm_p95": 817.655337064527,
  "summary_gm_stdv": 74.56888989746652,
  "summary_wm_k": 1.0242870351950444,
  "summary_wm_mad": 38.56641671659681,
  "summary_wm_mean": 1000.1123743508243,
  "summary_wm_median": 1000.0000201910734,
  "summary_wm_n": 198536.0,
  "summary_wm_p05": 932.6078934408724,
  "summary_wm_p95": 1067.5101716816425,
  "summary_wm_stdv": 41.76497291956969,
  "tpm_overlap_csf": 0.14481145886966806,
  "tpm_overlap_gm": 0.45794802360330816,
  "tpm_overlap_wm": 0.5171064871269604,
  "wm2max": 0.7696691421020351
}