{
  "aor": 0.0037767027027027027,
  "aqi": 0.0021490962864864865,
  "bids_meta": {
    "AcquisitionNumber": 1,
    "AcquisitionTime": "15:47:17.262500",
    "BandwidthPerPixelPhaseEncode": 28.409,
    "ConversionSoftware": "dcm2niix",
    "ConversionSoftwareVersion": "v1.0.20170724 GCC4.4.7",
    "DeviceSerialNumber": "35414",
    "EchoTime": 0.03,
    "EffectiveEchoSpacing": 0.000550002,
    "FlipAngle": 80,
    "ImageType": [
      "ORIGINAL",
      "PRIMARY",
      "FMRI",
      "NONE",
      "ND",
      "MOSAIC"
    ],
    "InstitutionAddress": "Mikeletegi_69_San_Sebastian_District_ES_20009",
    "InstitutionName": "BCBL",
    "MagneticFieldStrength": 3,
    "Manufacturer": "Siemens",
    "ManufacturersModelName": "TrioTim",
    "PhaseEncodingDirection": "j-",
    "PhaseEncodingLines": 64,
    "ProcedureStepDescription": "CRANEO_FUNCIONAL",
    "ProtocolName": "ep2d_PiN_L1_Run2",
    "RepetitionTime": 2,
    "ScanningSequence": "EP",
    "SequenceName": "_epfid2d1_64",
    "SequenceVariant": "SK",
    "SeriesDescription": "ep2d_PiN_L1_Run2",
    "SliceTiming": [
      1.9275,
      1.865,
      1.8025,
      1.74,
      1.6775,
      1.615,
      1.555,
      1.4925,
      1.43,
      1.3675,
      1.305,
      1.2425,
      1.18,
      1.12,
      1.0575,
      0.995,
      0.9325,
      0.87,
      0.8075,
      0.7475,
      0.685,
      0.6225,
      0.56,
      0.4975,
      0.435,
      0.3725,
      0.3125,
      0.25,
      0.1875,
      0.125,
      0.0625,
      0
    ],
    "SoftwareVersions": "syngo_MR_B17",
    "TaskName": "compL1",
    "TotalReadoutTime": 0.0346501,
    "dataset": "ds003542",
    "modality": "bold",
    "run_id": 2,
    "subject_id": "12",
    "task_id": "compL1"
  },
  "dummy_trs": 1,
  "dvars_nstd": 23.096647283586954,
  "dvars_std": 1.2604491445652173,
  "dvars_vstd": 1.0237882170652173,
  "efc": 0.5195444948495276,
  "fber": 795.7845458984375,
  "fd_mean": 0.27795479403376905,
  "fd_num": 128,
  "fd_perc": 69.1891891891892,
  "fwhm_avg": 3.1474116666666667,
  "fwhm_x": 3.0670836363636367,
  "fwhm_y": 3.3242763636363635,
  "fwhm_z": 3.050875,
  "gcor": 0.0450486,
  "gsr_x": -0.014152188785374165,
  "gsr_y": 0.07608963549137115,
  "provenance": {
    "md5sum": "94272902ca0226eaf09992f092647cdc",
    "settings": {
      "fd_thres": 0.2,
      "testing": false
    },
    "software": "mriqc",
    "version": "22.0.1",
    "webapi_port": null,
    "webapi_url": "https://mriqc.nimh.nih.gov/api/v1"
  },
  "size_t": 185,
  "size_x": 64,
  "size_y": 64,
  "size_z": 32,
  "snr": 2.1652313436784603,
  "spacing_tr": 2.0,
  "spacing_x": 3.4375,
  "spacing_y": 3.4375,
  "spacing_z": 4.0,
  "summary_bg_k": 36.0140699844353,
  "summary_bg_mad": 9.889358463728593,
  "summary_bg_mean": 48.46406173706055,
  "summary_bg_median": 22.313514709472656,
  "summary_bg_n": 75424.0,
  "summary_bg_p05": 15.108108520507812,
  "summary_bg_p95": 172.94838790893473,
  "summary_bg_stdv": 75.99864196777344,
  "summary_fg_k": 3.0557162714870163,
  "summary_fg_mad": 211.90796226867047,
  "summary_fg_mean": 717.7254638671875,
  "summary_fg_median": 639.770263671875,
  "summary_fg_n": 25670.0,
  "summary_fg_p05": 399.45189361572267,
  "summary_fg_p95": 1343.8692321777341,
  "summary_fg_stdv": 295.46856689453125,
  "tsnr": 79.43830249505118
}