{
  "aor": 0.00773236559139785,
  "aqi": 0.006694223387096774,
  "bids_meta": {
    "AcquisitionNumber": 1,
    "AcquisitionTime": "17:22:51.122500",
    "BandwidthPerPixelPhaseEncode": 28.409,
    "ConversionSoftware": "dcm2niix",
    "ConversionSoftwareVersion": "v1.0.20170724 GCC4.4.7",
    "DeviceSerialNumber": "35414",
    "EchoTime": 0.03,
    "EffectiveEchoSpacing": 0.000550002,
    "FlipAngle": 80,
    "ImageType": [
      "ORIGINAL",
      "PRIMARY",
      "FMRI",
      "NONE",
      "ND",
      "MOSAIC"
    ],
    "InstitutionAddress": "Mikeletegi_69_San_Sebastian_District_ES_20009",
    "InstitutionName": "BCBL",
    "MagneticFieldStrength": 3,
    "Manufacturer": "Siemens",
    "ManufacturersModelName": "TrioTim",
    "PhaseEncodingDirection": "j-",
    "PhaseEncodingLines": 64,
    "ProcedureStepDescription": "CRANEO_FUNCIONAL",
    "ProtocolName": "ep2d_PiN_L2_Run2",
    "RepetitionTime": 2,
    "ScanningSequence": "EP",
    "SequenceName": "_epfid2d1_64",
    "SequenceVariant": "SK",
    "SeriesDescription": "ep2d_PiN_L2_Run2",
    "SliceTiming": [
      1.9275,
      1.865,
      1.8025,
      1.74,
      1.6775,
      1.615,
      1.5525,
      1.4925,
      1.43,
      1.3675,
      1.305,
      1.2425,
      1.18,
      1.12,
      1.0575,
      0.995,
      0.9325,
      0.87,
      0.8075,
      0.745,
      0.685,
      0.6225,
      0.56,
      0.4975,
      0.435,
      0.3725,
      0.3125,
      0.25,
      0.1875,
      0.125,
      0.0625,
      0
    ],
    "SoftwareVersions": "syngo_MR_B17",
    "TaskName": "compLn",
    "TotalReadoutTime": 0.0346501,
    "dataset": "ds003542",
    "modality": "bold",
    "run_id": 2,
    "subject_id": "12",
    "task_id": "compLn"
  },
  "dummy_trs": 0,
  "dvars_nstd": 38.25417238172972,
  "dvars_std": 1.2176623799999995,
  "dvars_vstd": 0.997541183351351,
  "efc": 0.5135029623758077,
  "fber": 808.33544921875,
  "fd_mean": 0.5104391235313591,
  "fd_num": 159,
  "fd_perc": 85.48387096774194,
  "fwhm_avg": 3.2760307575757577,
  "fwhm_x": 3.2168436363636363,
  "fwhm_y": 3.4853236363636366,
  "fwhm_z": 3.125925,
  "gcor": 0.0322881,
  "gsr_x": -0.01240597851574421,
  "gsr_y": 0.08083654195070267,
  "provenance": {
    "md5sum": "e4616642328722d908587a4be0abb0d5",
    "settings": {
      "fd_thres": 0.2,
      "testing": false
    },
    "software": "mriqc",
    "version": "22.0.1",
    "webapi_port": null,
    "webapi_url": "https://mriqc.nimh.nih.gov/api/v1"
  },
  "size_t": 186,
  "size_x": 64,
  "size_y": 64,
  "size_z": 32,
  "snr": 1.989329651769729,
  "spacing_tr": 2.0,
  "spacing_x": 3.4375,
  "spacing_y": 3.4375,
  "spacing_z": 4.0,
  "summary_bg_k": 28.321491693316194,
  "summary_bg_mad": 10.912269951113032,
  "summary_bg_mean": 53.38754653930664,
  "summary_bg_median": 23.295698165893555,
  "summary_bg_n": 76417.0,
  "summary_bg_p05": 15.435483932495117,
  "summary_bg_p95": 199.20967712402336,
  "summary_bg_stdv": 83.429931640625,
  "summary_fg_k": 3.272803886641457,
  "summary_fg_mad": 236.1083848947719,
  "summary_fg_mean": 760.511962890625,
  "summary_fg_median": 669.4892578125,
  "summary_fg_n": 25069.0,
  "summary_fg_p05": 409.30860595703126,
  "summary_fg_p95": 1477.0064453124999,
  "summary_fg_stdv": 336.5334167480469,
  "tsnr": 45.960825541988015
}