{
  "aor": 0.005371,
  "aqi": 0.007709164416666667,
  "bids_meta": {
    "AcquisitionNumber": 1,
    "AcquisitionTime": "16:04:10.142500",
    "BandwidthPerPixelPhaseEncode": 29.481,
    "ConversionSoftware": "dcm2niix",
    "ConversionSoftwareVersion": "v1.0.20170724 GCC4.4.7",
    "DeviceSerialNumber": "35414",
    "EchoTime": 0.025,
    "EffectiveEchoSpacing": 0.000530002,
    "FlipAngle": 90,
    "ImageType": [
      "ORIGINAL",
      "PRIMARY",
      "M",
      "ND",
      "MOSAIC"
    ],
    "InstitutionAddress": "Mikeletegi_69_San_Sebastian_District_ES_20009",
    "InstitutionName": "BCBL",
    "MagneticFieldStrength": 3,
    "Manufacturer": "Siemens",
    "ManufacturersModelName": "TrioTim",
    "PhaseEncodingDirection": "j-",
    "PhaseEncodingLines": 64,
    "ProcedureStepDescription": "CRANEO_FUNCIONAL",
    "ProtocolName": "ep2d_Didak_VF_L1_Run1",
    "RepetitionTime": 3,
    "ScanningSequence": "EP",
    "SequenceName": "_epfid2d1_64",
    "SequenceVariant": "SK",
    "SeriesDescription": "ep2d_Didak_VF_L1_Run1",
    "SliceTiming": [
      2.9225,
      2.8525,
      2.7825,
      2.7125,
      2.6425,
      2.5725,
      2.505,
      2.435,
      2.365,
      2.295,
      2.225,
      2.155,
      2.0875,
      2.0175,
      1.9475,
      1.8775,
      1.8075,
      1.7375,
      1.67,
      1.6,
      1.53,
      1.46,
      1.39,
      1.3225,
      1.2525,
      1.1825,
      1.1125,
      1.0425,
      0.9725,
      0.905,
      0.835,
      0.765,
      0.695,
      0.625,
      0.555,
      0.4875,
      0.4175,
      0.3475,
      0.2775,
      0.2075,
      0.1375,
      0.07,
      0
    ],
    "SoftwareVersions": "syngo_MR_B17",
    "TaskName": "prodL1",
    "TotalReadoutTime": 0.0333901,
    "dataset": "ds003542",
    "modality": "bold",
    "run_id": 1,
    "subject_id": "12",
    "task_id": "prodL1"
  },
  "dummy_trs": 0,
  "dvars_nstd": 48.484679673179926,
  "dvars_std": 1.3104078264853556,
  "dvars_vstd": 1.0035722343096232,
  "efc": 0.5947341999518904,
  "fber": 268.2692565917969,
  "fd_mean": 0.5375745572323083,
  "fd_num": 190,
  "fd_perc": 79.16666666666667,
  "fwhm_avg": 3.3433635725202966,
  "fwhm_x": 3.2724666666666664,
  "fwhm_y": 3.4438666666666666,
  "fwhm_z": 3.313757384227557,
  "gcor": 0.0278438,
  "gsr_x": -0.013781457208096981,
  "gsr_y": 0.1164546087384224,
  "provenance": {
    "md5sum": "8d859ed28937151044170d0792191dd5",
    "settings": {
      "fd_thres": 0.2,
      "testing": false
    },
    "software": "mriqc",
    "version": "22.0.1",
    "webapi_port": null,
    "webapi_url": "https://mriqc.nimh.nih.gov/api/v1"
  },
  "size_t": 240,
  "size_x": 64,
  "size_y": 64,
  "size_z": 43,
  "snr": 2.0102533616711034,
  "spacing_tr": 3.0,
  "spacing_x": 3.0,
  "spacing_y": 3.0,
  "spacing_z": 3.3000001907348633,
  "summary_bg_k": 18.418381320508786,
  "summary_bg_mad": 26.69301593416364,
  "summary_bg_mean": 102.26316833496094,
  "summary_bg_median": 47.97916793823242,
  "summary_bg_n": 90969.0,
  "summary_bg_p05": 28.470834732055664,
  "summary_bg_p95": 372.7025207519531,
  "summary_bg_stdv": 138.90341186523438,
  "summary_fg_k": 3.6369764521298196,
  "summary_fg_mad": 288.536028085353,
  "summary_fg_mean": 910.8756713867188,
  "summary_fg_median": 805.9354248046875,
  "summary_fg_n": 44898.0,
  "summary_fg_p05": 483.66128692626955,
  "summary_fg_p95": 1760.8942321777345,
  "summary_fg_stdv": 400.90789794921875,
  "tsnr": 42.4371772473678
}