{
  "aor": 0.005468743169398908,
  "aqi": 0.0037270442622950816,
  "bids_meta": {
    "AcquisitionNumber": 1,
    "AcquisitionTime": "17:15:23.290000",
    "BandwidthPerPixelPhaseEncode": 28.409,
    "ConversionSoftware": "dcm2niix",
    "ConversionSoftwareVersion": "v1.0.20170724 GCC4.4.7",
    "DeviceSerialNumber": "35414",
    "EchoTime": 0.03,
    "EffectiveEchoSpacing": 0.000550002,
    "FlipAngle": 80,
    "ImageType": [
      "ORIGINAL",
      "PRIMARY",
      "FMRI",
      "NONE",
      "ND",
      "MOSAIC"
    ],
    "InstitutionAddress": "Mikeletegi_69_San_Sebastian_District_ES_20009",
    "InstitutionName": "BCBL",
    "MagneticFieldStrength": 3,
    "Manufacturer": "Siemens",
    "ManufacturersModelName": "TrioTim",
    "PhaseEncodingDirection": "j-",
    "PhaseEncodingLines": 64,
    "ProcedureStepDescription": "CRANEO_FUNCIONAL",
    "ProtocolName": "ep2d_PiN_L2_Run1",
    "RepetitionTime": 2,
    "ScanningSequence": "EP",
    "SequenceName": "_epfid2d1_64",
    "SequenceVariant": "SK",
    "SeriesDescription": "ep2d_PiN_L2_Run1",
    "SliceTiming": [
      1.925,
      1.8625,
      1.8,
      1.74,
      1.6775,
      1.615,
      1.5525,
      1.49,
      1.4275,
      1.3675,
      1.305,
      1.2425,
      1.18,
      1.1175,
      1.055,
      0.995,
      0.9325,
      0.87,
      0.8075,
      0.745,
      0.6825,
      0.62,
      0.56,
      0.4975,
      0.435,
      0.3725,
      0.31,
      0.2475,
      0.1875,
      0.125,
      0.0625,
      0
    ],
    "SoftwareVersions": "syngo_MR_B17",
    "TaskName": "compLn",
    "TotalReadoutTime": 0.0346501,
    "dataset": "ds003542",
    "modality": "bold",
    "run_id": 1,
    "subject_id": "12",
    "task_id": "compLn"
  },
  "dummy_trs": 3,
  "dvars_nstd": 26.37072779615386,
  "dvars_std": 1.1766129307142865,
  "dvars_vstd": 0.9851547420329675,
  "efc": 0.5130541781904985,
  "fber": 787.3050537109375,
  "fd_mean": 0.3394704819886978,
  "fd_num": 137,
  "fd_perc": 74.86338797814207,
  "fwhm_avg": 3.301563939393939,
  "fwhm_x": 3.232203636363636,
  "fwhm_y": 3.4925381818181815,
  "fwhm_z": 3.17995,
  "gcor": 0.0364437,
  "gsr_x": -0.013179391622543335,
  "gsr_y": 0.0796651616692543,
  "provenance": {
    "md5sum": "7ee55021c1646c681f3f31bd121e78bd",
    "settings": {
      "fd_thres": 0.2,
      "testing": false
    },
    "software": "mriqc",
    "version": "22.0.1",
    "webapi_port": null,
    "webapi_url": "https://mriqc.nimh.nih.gov/api/v1"
  },
  "size_t": 183,
  "size_x": 64,
  "size_y": 64,
  "size_z": 32,
  "snr": 1.9465888173955546,
  "spacing_tr": 2.0,
  "spacing_x": 3.4375,
  "spacing_y": 3.4375,
  "spacing_z": 4.0,
  "summary_bg_k": 27.78765578800888,
  "summary_bg_mad": 11.196481941413984,
  "summary_bg_mean": 54.378414154052734,
  "summary_bg_median": 23.71038246154785,
  "summary_bg_n": 76077.0,
  "summary_bg_p05": 15.601092338562012,
  "summary_bg_p95": 204.2841491699218,
  "summary_bg_stdv": 85.81651306152344,
  "summary_fg_k": 3.283764989110569,
  "summary_fg_mad": 239.04327489433194,
  "summary_fg_mean": 768.2020874023438,
  "summary_fg_median": 672.6256713867188,
  "summary_fg_n": 25296.0,
  "summary_fg_p05": 410.5628356933594,
  "summary_fg_p95": 1509.0572814941406,
  "summary_fg_stdv": 345.53387451171875,
  "tsnr": 62.19809302361682
}