{
  "aor": 0.0017324324324324324,
  "aqi": 0.0013409508648648649,
  "bids_meta": {
    "AcquisitionNumber": 1,
    "AcquisitionTime": "18:21:43.120000",
    "BandwidthPerPixelPhaseEncode": 28.409,
    "ConversionSoftware": "dcm2niix",
    "ConversionSoftwareVersion": "v1.0.20170724 GCC4.4.7",
    "DeviceSerialNumber": "35414",
    "EchoTime": 0.03,
    "EffectiveEchoSpacing": 0.000550002,
    "FlipAngle": 80,
    "ImageType": [
      "ORIGINAL",
      "PRIMARY",
      "FMRI",
      "NONE",
      "ND",
      "MOSAIC"
    ],
    "InstitutionAddress": "Mikeletegi_69_San_Sebastian_District_ES_20009",
    "InstitutionName": "BCBL",
    "MagneticFieldStrength": 3,
    "Manufacturer": "Siemens",
    "ManufacturersModelName": "TrioTim",
    "PhaseEncodingDirection": "j-",
    "PhaseEncodingLines": 64,
    "ProcedureStepDescription": "CRANEO_FUNCIONAL",
    "ProtocolName": "ep2d_PiN_L2_Run3",
    "RepetitionTime": 2,
    "ScanningSequence": "EP",
    "SequenceName": "_epfid2d1_64",
    "SequenceVariant": "SK",
    "SeriesDescription": "ep2d_PiN_L2_Run3",
    "SliceTiming": [
      1.925,
      1.865,
      1.8025,
      1.74,
      1.6775,
      1.615,
      1.5525,
      1.49,
      1.43,
      1.3675,
      1.305,
      1.2425,
      1.18,
      1.1175,
      1.0575,
      0.995,
      0.9325,
      0.87,
      0.8075,
      0.745,
      0.6825,
      0.6225,
      0.56,
      0.4975,
      0.435,
      0.3725,
      0.31,
      0.25,
      0.1875,
      0.125,
      0.0625,
      0
    ],
    "SoftwareVersions": "syngo_MR_B17",
    "TaskName": "compLn",
    "TotalReadoutTime": 0.0346501,
    "dataset": "ds003542",
    "modality": "bold",
    "run_id": 3,
    "subject_id": "25",
    "task_id": "compLn"
  },
  "dummy_trs": 1,
  "dvars_nstd": 14.456989604510865,
  "dvars_std": 1.1515471564130435,
  "dvars_vstd": 1.0038283215760868,
  "efc": 0.5071794089297333,
  "fber": 783.9425659179688,
  "fd_mean": 0.10873371765710878,
  "fd_num": 10,
  "fd_perc": 5.405405405405405,
  "fwhm_avg": 3.176566515151515,
  "fwhm_x": 3.191098181818182,
  "fwhm_y": 3.3066763636363636,
  "fwhm_z": 3.031925,
  "gcor": 0.028298,
  "gsr_x": -0.029883598908782005,
  "gsr_y": 0.10300368815660477,
  "provenance": {
    "md5sum": "0843782135ea86bc3223b4f0e90e39ee",
    "settings": {
      "fd_thres": 0.2,
      "testing": false
    },
    "software": "mriqc",
    "version": "22.0.1",
    "webapi_port": null,
    "webapi_url": "https://mriqc.nimh.nih.gov/api/v1"
  },
  "size_t": 185,
  "size_x": 64,
  "size_y": 64,
  "size_z": 32,
  "snr": 1.9386759164969882,
  "spacing_tr": 2.0,
  "spacing_x": 3.4375,
  "spacing_y": 3.4375,
  "spacing_z": 4.0,
  "summary_bg_k": 28.065631348228013,
  "summary_bg_mad": 10.04963756823352,
  "summary_bg_mean": 50.119895935058594,
  "summary_bg_median": 20.940540313720703,
  "summary_bg_n": 77331.0,
  "summary_bg_p05": 13.670270919799805,
  "summary_bg_p95": 193.3297348022461,
  "summary_bg_stdv": 83.05208587646484,
  "summary_fg_k": 3.889064137286466,
  "summary_fg_mad": 205.60083995253143,
  "summary_fg_mean": 673.00244140625,
  "summary_fg_median": 591.270263671875,
  "summary_fg_n": 23639.0,
  "summary_fg_p05": 354.36866149902346,
  "summary_fg_p95": 1337.336279296875,
  "summary_fg_stdv": 304.9801940917969,
  "tsnr": 107.02237749984488
}