{
  "aor": 0.0015838918918918915,
  "aqi": 0.0033411556216216215,
  "bids_meta": {
    "AcquisitionNumber": 1,
    "AcquisitionTime": "16:15:2.350000",
    "BandwidthPerPixelPhaseEncode": 28.409,
    "ConversionSoftware": "dcm2niix",
    "ConversionSoftwareVersion": "v1.0.20170724 GCC4.4.7",
    "DeviceSerialNumber": "35414",
    "EchoTime": 0.03,
    "EffectiveEchoSpacing": 0.000550002,
    "FlipAngle": 80,
    "ImageType": [
      "ORIGINAL",
      "PRIMARY",
      "FMRI",
      "NONE",
      "ND",
      "MOSAIC"
    ],
    "InstitutionAddress": "Mikeletegi_69_San_Sebastian_District_ES_20009",
    "InstitutionName": "BCBL",
    "MagneticFieldStrength": 3,
    "Manufacturer": "Siemens",
    "ManufacturersModelName": "TrioTim",
    "PhaseEncodingDirection": "j-",
    "PhaseEncodingLines": 64,
    "ProcedureStepDescription": "CRANEO_FUNCIONAL",
    "ProtocolName": "ep2d_PiN_L1_Run2",
    "RepetitionTime": 2,
    "ScanningSequence": "EP",
    "SequenceName": "_epfid2d1_64",
    "SequenceVariant": "SK",
    "SeriesDescription": "ep2d_PiN_L1_Run2",
    "SliceTiming": [
      1.925,
      1.865,
      1.8025,
      1.74,
      1.6775,
      1.615,
      1.5525,
      1.4925,
      1.43,
      1.3675,
      1.305,
      1.2425,
      1.18,
      1.1175,
      1.0575,
      0.995,
      0.9325,
      0.87,
      0.8075,
      0.745,
      0.685,
      0.6225,
      0.56,
      0.4975,
      0.435,
      0.3725,
      0.3125,
      0.25,
      0.1875,
      0.125,
      0.0625,
      0
    ],
    "SoftwareVersions": "syngo_MR_B17",
    "TaskName": "compL1",
    "TotalReadoutTime": 0.0346501,
    "dataset": "ds003542",
    "modality": "bold",
    "run_id": 2,
    "subject_id": "25",
    "task_id": "compL1"
  },
  "dummy_trs": 1,
  "dvars_nstd": 16.183248587228256,
  "dvars_std": 1.1397023007065221,
  "dvars_vstd": 0.9820674309239125,
  "efc": 0.5054007539336339,
  "fber": 815.7490844726562,
  "fd_mean": 0.14442030286887844,
  "fd_num": 32,
  "fd_perc": 17.2972972972973,
  "fwhm_avg": 3.176099848484848,
  "fwhm_x": 3.1616872727272725,
  "fwhm_y": 3.2928872727272727,
  "fwhm_z": 3.073725,
  "gcor": 0.0585801,
  "gsr_x": -0.02729681506752968,
  "gsr_y": 0.09385430067777634,
  "provenance": {
    "md5sum": "a7e3f513fb3d922eeb970a411773d134",
    "settings": {
      "fd_thres": 0.2,
      "testing": false
    },
    "software": "mriqc",
    "version": "22.0.1",
    "webapi_port": null,
    "webapi_url": "https://mriqc.nimh.nih.gov/api/v1"
  },
  "size_t": 185,
  "size_x": 64,
  "size_y": 64,
  "size_z": 32,
  "snr": 1.9782358341651707,
  "spacing_tr": 2.0,
  "spacing_x": 3.4375,
  "spacing_y": 3.4375,
  "spacing_z": 4.0,
  "summary_bg_k": 29.881451096016463,
  "summary_bg_mad": 10.033612202838409,
  "summary_bg_mean": 48.649139404296875,
  "summary_bg_median": 20.837839126586914,
  "summary_bg_n": 77358.0,
  "summary_bg_p05": 13.524324417114258,
  "summary_bg_p95": 185.98406372070227,
  "summary_bg_stdv": 80.3391342163086,
  "summary_fg_k": 3.994800185634219,
  "summary_fg_mad": 205.43257220196313,
  "summary_fg_mean": 680.3020629882812,
  "summary_fg_median": 600.0919189453125,
  "summary_fg_n": 23699.0,
  "summary_fg_p05": 362.01515197753906,
  "summary_fg_p95": 1328.4675537109374,
  "summary_fg_stdv": 303.3406066894531,
  "tsnr": 84.46128339506686
}