{
  "aor": 0.0019168648648648647,
  "aqi": 0.002556426605405405,
  "bids_meta": {
    "AcquisitionNumber": 1,
    "AcquisitionTime": "16:06:26.967500",
    "BandwidthPerPixelPhaseEncode": 28.409,
    "ConversionSoftware": "dcm2niix",
    "ConversionSoftwareVersion": "v1.0.20170724 GCC4.4.7",
    "DeviceSerialNumber": "35414",
    "EchoTime": 0.03,
    "EffectiveEchoSpacing": 0.000550002,
    "FlipAngle": 80,
    "ImageType": [
      "ORIGINAL",
      "PRIMARY",
      "FMRI",
      "NONE",
      "ND",
      "MOSAIC"
    ],
    "InstitutionAddress": "Mikeletegi_69_San_Sebastian_District_ES_20009",
    "InstitutionName": "BCBL",
    "MagneticFieldStrength": 3,
    "Manufacturer": "Siemens",
    "ManufacturersModelName": "TrioTim",
    "PhaseEncodingDirection": "j-",
    "PhaseEncodingLines": 64,
    "ProcedureStepDescription": "CRANEO_FUNCIONAL",
    "ProtocolName": "ep2d_PiN_L1_Run1",
    "RepetitionTime": 2,
    "ScanningSequence": "EP",
    "SequenceName": "_epfid2d1_64",
    "SequenceVariant": "SK",
    "SeriesDescription": "ep2d_PiN_L1_Run1",
    "SliceTiming": [
      1.925,
      1.8625,
      1.8,
      1.7375,
      1.6775,
      1.615,
      1.5525,
      1.49,
      1.4275,
      1.365,
      1.305,
      1.2425,
      1.18,
      1.1175,
      1.055,
      0.9925,
      0.93,
      0.87,
      0.8075,
      0.745,
      0.6825,
      0.62,
      0.5575,
      0.4975,
      0.435,
      0.3725,
      0.31,
      0.2475,
      0.185,
      0.1225,
      0.0625,
      0
    ],
    "SoftwareVersions": "syngo_MR_B17",
    "TaskName": "compL1",
    "TotalReadoutTime": 0.0346501,
    "dataset": "ds003542",
    "modality": "bold",
    "run_id": 1,
    "subject_id": "25",
    "task_id": "compL1"
  },
  "dummy_trs": 1,
  "dvars_nstd": 16.394334186467404,
  "dvars_std": 1.1633385808695655,
  "dvars_vstd": 0.9869141041304345,
  "efc": 0.5052017139697847,
  "fber": 808.9443969726562,
  "fd_mean": 0.14232222119141835,
  "fd_num": 22,
  "fd_perc": 11.891891891891891,
  "fwhm_avg": 3.1555345454545454,
  "fwhm_x": 3.14528,
  "fwhm_y": 3.288523636363636,
  "fwhm_z": 3.0328,
  "gcor": 0.016055,
  "gsr_x": -0.027055025100708008,
  "gsr_y": 0.09355371445417404,
  "provenance": {
    "md5sum": "1ac7da0800ab74faea79211f5afd0336",
    "settings": {
      "fd_thres": 0.2,
      "testing": false
    },
    "software": "mriqc",
    "version": "22.0.1",
    "webapi_port": null,
    "webapi_url": "https://mriqc.nimh.nih.gov/api/v1"
  },
  "size_t": 185,
  "size_x": 64,
  "size_y": 64,
  "size_z": 32,
  "snr": 1.985368743110428,
  "spacing_tr": 2.0,
  "spacing_x": 3.4375,
  "spacing_y": 3.4375,
  "spacing_z": 4.0,
  "summary_bg_k": 30.090172776584495,
  "summary_bg_mad": 10.161834920874488,
  "summary_bg_mean": 48.237030029296875,
  "summary_bg_median": 20.935134887695312,
  "summary_bg_n": 77234.0,
  "summary_bg_p05": 13.437838554382324,
  "summary_bg_p95": 182.35540542602516,
  "summary_bg_stdv": 79.37161254882812,
  "summary_fg_k": 3.8611853156989993,
  "summary_fg_mad": 205.7410781598147,
  "summary_fg_mean": 680.5897216796875,
  "summary_fg_median": 601.194580078125,
  "summary_fg_n": 23764.0,
  "summary_fg_p05": 361.9729919433594,
  "summary_fg_p95": 1326.416564941405,
  "summary_fg_stdv": 302.8061828613281,
  "tsnr": 93.64343780302443
}