{
  "aor": 0.003223541666666667,
  "aqi": 0.003970891833333334,
  "bids_meta": {
    "AcquisitionNumber": 1,
    "AcquisitionTime": "18:31:2.552500",
    "BandwidthPerPixelPhaseEncode": 29.481,
    "ConversionSoftware": "dcm2niix",
    "ConversionSoftwareVersion": "v1.0.20170724 GCC4.4.7",
    "DeviceSerialNumber": "35414",
    "EchoTime": 0.025,
    "EffectiveEchoSpacing": 0.000530002,
    "FlipAngle": 90,
    "ImageType": [
      "ORIGINAL",
      "PRIMARY",
      "M",
      "ND",
      "MOSAIC"
    ],
    "InstitutionAddress": "Mikeletegi_69_San_Sebastian_District_ES_20009",
    "InstitutionName": "BCBL",
    "MagneticFieldStrength": 3,
    "Manufacturer": "Siemens",
    "ManufacturersModelName": "TrioTim",
    "PhaseEncodingDirection": "j-",
    "PhaseEncodingLines": 64,
    "ProcedureStepDescription": "CRANEO_FUNCIONAL",
    "ProtocolName": "ep2d_Didak_VF_L2_Run1",
    "RepetitionTime": 3,
    "ScanningSequence": "EP",
    "SequenceName": "_epfid2d1_64",
    "SequenceVariant": "SK",
    "SeriesDescription": "ep2d_Didak_VF_L2_Run1",
    "SliceTiming": [
      2.9225,
      2.8525,
      2.7825,
      2.715,
      2.645,
      2.575,
      2.505,
      2.435,
      2.365,
      2.2975,
      2.2275,
      2.1575,
      2.0875,
      2.0175,
      1.9475,
      1.88,
      1.81,
      1.74,
      1.67,
      1.6,
      1.5325,
      1.4625,
      1.3925,
      1.3225,
      1.2525,
      1.1825,
      1.115,
      1.045,
      0.975,
      0.905,
      0.835,
      0.765,
      0.6975,
      0.6275,
      0.5575,
      0.4875,
      0.4175,
      0.3475,
      0.28,
      0.21,
      0.14,
      0.07,
      0
    ],
    "SoftwareVersions": "syngo_MR_B17",
    "TaskName": "prodLn",
    "TotalReadoutTime": 0.0333901,
    "dataset": "ds003542",
    "modality": "bold",
    "run_id": 1,
    "subject_id": "25",
    "task_id": "prodLn"
  },
  "dummy_trs": 0,
  "dvars_nstd": 20.40799726690376,
  "dvars_std": 1.1644192562343096,
  "dvars_vstd": 0.9982560975732216,
  "efc": 0.5768273862439752,
  "fber": 315.4548645019531,
  "fd_mean": 0.11004231696523058,
  "fd_num": 29,
  "fd_perc": 12.083333333333334,
  "fwhm_avg": 3.291872440087517,
  "fwhm_x": 3.259403333333333,
  "fwhm_y": 3.3264866666666664,
  "fwhm_z": 3.289727320262552,
  "gcor": 0.0285539,
  "gsr_x": -0.01063451636582613,
  "gsr_y": 0.16096535325050354,
  "provenance": {
    "md5sum": "342732551315ac23017aa224504c87e1",
    "settings": {
      "fd_thres": 0.2,
      "testing": false
    },
    "software": "mriqc",
    "version": "22.0.1",
    "webapi_port": null,
    "webapi_url": "https://mriqc.nimh.nih.gov/api/v1"
  },
  "size_t": 240,
  "size_x": 64,
  "size_y": 64,
  "size_z": 43,
  "snr": 1.8340101129935538,
  "spacing_tr": 3.0,
  "spacing_x": 3.0,
  "spacing_y": 3.0,
  "spacing_z": 3.299999952316284,
  "summary_bg_k": 19.809642921985432,
  "summary_bg_mad": 20.91704950430109,
  "summary_bg_mean": 97.36592102050781,
  "summary_bg_median": 41.31666946411133,
  "summary_bg_n": 94591.0,
  "summary_bg_p05": 26.041667938232422,
  "summary_bg_p95": 376.15419006347656,
  "summary_bg_stdv": 147.21043395996094,
  "summary_fg_k": 4.213819617544449,
  "summary_fg_mad": 280.9778244110628,
  "summary_fg_mean": 866.2503662109375,
  "summary_fg_median": 755.9500122070312,
  "summary_fg_n": 41625.0,
  "summary_fg_p05": 440.7258666992187,
  "summary_fg_p95": 1758.525903320312,
  "summary_fg_stdv": 412.17926025390625,
  "tsnr": 70.76427970547229
}