{
  "aor": 0.0038483243243243245,
  "aqi": 0.0019014323351351351,
  "bids_meta": {
    "AcquisitionNumber": 1,
    "AcquisitionTime": "18:05:55.282500",
    "BandwidthPerPixelPhaseEncode": 28.409,
    "ConversionSoftware": "dcm2niix",
    "ConversionSoftwareVersion": "v1.0.20170724 GCC4.4.7",
    "DeviceSerialNumber": "35414",
    "EchoTime": 0.03,
    "EffectiveEchoSpacing": 0.000550002,
    "FlipAngle": 80,
    "ImageType": [
      "ORIGINAL",
      "PRIMARY",
      "FMRI",
      "NONE",
      "ND",
      "MOSAIC"
    ],
    "InstitutionAddress": "Mikeletegi_69_San_Sebastian_District_ES_20009",
    "InstitutionName": "BCBL",
    "MagneticFieldStrength": 3,
    "Manufacturer": "Siemens",
    "ManufacturersModelName": "TrioTim",
    "PhaseEncodingDirection": "j-",
    "PhaseEncodingLines": 64,
    "ProcedureStepDescription": "CRANEO_FUNCIONAL",
    "ProtocolName": "ep2d_PiN_L2_Run1",
    "RepetitionTime": 2,
    "ScanningSequence": "EP",
    "SequenceName": "_epfid2d1_64",
    "SequenceVariant": "SK",
    "SeriesDescription": "ep2d_PiN_L2_Run1",
    "SliceTiming": [
      1.925,
      1.865,
      1.8025,
      1.74,
      1.6775,
      1.615,
      1.5525,
      1.4925,
      1.43,
      1.3675,
      1.305,
      1.2425,
      1.18,
      1.1175,
      1.0575,
      0.995,
      0.9325,
      0.87,
      0.8075,
      0.745,
      0.685,
      0.6225,
      0.56,
      0.4975,
      0.435,
      0.3725,
      0.31,
      0.25,
      0.1875,
      0.125,
      0.0625,
      0
    ],
    "SoftwareVersions": "syngo_MR_B17",
    "TaskName": "compLn",
    "TotalReadoutTime": 0.0346501,
    "dataset": "ds003542",
    "modality": "bold",
    "run_id": 1,
    "subject_id": "25",
    "task_id": "compLn"
  },
  "dummy_trs": 1,
  "dvars_nstd": 16.266186118315215,
  "dvars_std": 1.1884265571195651,
  "dvars_vstd": 1.0175802126086957,
  "efc": 0.5069517548250202,
  "fber": 782.6277465820312,
  "fd_mean": 0.11573396713835092,
  "fd_num": 9,
  "fd_perc": 4.864864864864865,
  "fwhm_avg": 3.213174090909091,
  "fwhm_x": 3.2110545454545454,
  "fwhm_y": 3.3739927272727273,
  "fwhm_z": 3.054475,
  "gcor": 0.0779625,
  "gsr_x": -0.0298919714987278,
  "gsr_y": 0.10324057936668396,
  "provenance": {
    "md5sum": "e121759e973a84efc4bcd9e5bcc0b4db",
    "settings": {
      "fd_thres": 0.2,
      "testing": false
    },
    "software": "mriqc",
    "version": "22.0.1",
    "webapi_port": null,
    "webapi_url": "https://mriqc.nimh.nih.gov/api/v1"
  },
  "size_t": 185,
  "size_x": 64,
  "size_y": 64,
  "size_z": 32,
  "snr": 1.9289755843627152,
  "spacing_tr": 2.0,
  "spacing_x": 3.4375,
  "spacing_y": 3.4375,
  "spacing_z": 4.0,
  "summary_bg_k": 28.45800003296894,
  "summary_bg_mad": 10.12977853440564,
  "summary_bg_mean": 49.831031799316406,
  "summary_bg_median": 21.027027130126953,
  "summary_bg_n": 77181.0,
  "summary_bg_p05": 13.713513374328613,
  "summary_bg_p95": 192.42703247070312,
  "summary_bg_stdv": 81.64567565917969,
  "summary_fg_k": 3.8623726128889064,
  "summary_fg_mad": 206.20993391815406,
  "summary_fg_mean": 675.9225463867188,
  "summary_fg_median": 593.3351440429688,
  "summary_fg_n": 23845.0,
  "summary_fg_p05": 354.623779296875,
  "summary_fg_p95": 1346.938427734375,
  "summary_fg_stdv": 307.5843505859375,
  "tsnr": 95.66829770244658
}