{
  "aor": 0.004194032258064516,
  "aqi": 0.004796566021505376,
  "bids_meta": {
    "AcquisitionNumber": 1,
    "AcquisitionTime": "18:11:4.452500",
    "BandwidthPerPixelPhaseEncode": 28.409,
    "ConversionSoftware": "dcm2niix",
    "ConversionSoftwareVersion": "v1.0.20170724 GCC4.4.7",
    "DeviceSerialNumber": "35414",
    "EchoTime": 0.03,
    "EffectiveEchoSpacing": 0.000550002,
    "FlipAngle": 80,
    "ImageType": [
      "ORIGINAL",
      "PRIMARY",
      "FMRI",
      "NONE",
      "ND",
      "MOSAIC"
    ],
    "InstitutionAddress": "Mikeletegi_69_San_Sebastian_District_ES_20009",
    "InstitutionName": "BCBL",
    "MagneticFieldStrength": 3,
    "Manufacturer": "Siemens",
    "ManufacturersModelName": "TrioTim",
    "PhaseEncodingDirection": "j-",
    "PhaseEncodingLines": 64,
    "ProcedureStepDescription": "CRANEO_FUNCIONAL",
    "ProtocolName": "ep2d_PiN_L2_Run1",
    "RepetitionTime": 2,
    "ScanningSequence": "EP",
    "SequenceName": "_epfid2d1_64",
    "SequenceVariant": "SK",
    "SeriesDescription": "ep2d_PiN_L2_Run1",
    "SliceTiming": [
      1.925,
      1.8625,
      1.8,
      1.7375,
      1.675,
      1.6125,
      1.5525,
      1.49,
      1.4275,
      1.365,
      1.3025,
      1.24,
      1.18,
      1.1175,
      1.055,
      0.9925,
      0.93,
      0.8675,
      0.805,
      0.745,
      0.6825,
      0.62,
      0.5575,
      0.495,
      0.4325,
      0.3725,
      0.31,
      0.2475,
      0.185,
      0.1225,
      0.06,
      0
    ],
    "SoftwareVersions": "syngo_MR_B17",
    "TaskName": "compLn",
    "TotalReadoutTime": 0.0346501,
    "dataset": "ds003542",
    "modality": "bold",
    "run_id": 1,
    "subject_id": "23",
    "task_id": "compLn"
  },
  "dummy_trs": 0,
  "dvars_nstd": 22.383292656810806,
  "dvars_std": 1.1363374148648655,
  "dvars_vstd": 0.9837248494594594,
  "efc": 0.5162827117041712,
  "fber": 643.9119873046875,
  "fd_mean": 0.17847720126598782,
  "fd_num": 39,
  "fd_perc": 20.967741935483872,
  "fwhm_avg": 2.5735977121212117,
  "fwhm_x": 2.513373090909091,
  "fwhm_y": 2.7803025454545454,
  "fwhm_z": 2.4271175,
  "gcor": 0.0439882,
  "gsr_x": -0.021764002740383148,
  "gsr_y": 0.0639372244477272,
  "provenance": {
    "md5sum": "bfa2ee4106ae841cc09070fb154ca02a",
    "settings": {
      "fd_thres": 0.2,
      "testing": false
    },
    "software": "mriqc",
    "version": "22.0.1",
    "webapi_port": null,
    "webapi_url": "https://mriqc.nimh.nih.gov/api/v1"
  },
  "size_t": 186,
  "size_x": 64,
  "size_y": 64,
  "size_z": 32,
  "snr": 2.66064619980202,
  "spacing_tr": 2.0,
  "spacing_x": 3.4375,
  "spacing_y": 3.4375,
  "spacing_z": 4.0,
  "summary_bg_k": 37.19520910754484,
  "summary_bg_mad": 8.257935545620303,
  "summary_bg_mean": 44.40077209472656,
  "summary_bg_median": 20.591398239135742,
  "summary_bg_n": 81184.0,
  "summary_bg_p05": 14.473924350738526,
  "summary_bg_p95": 164.58978652954093,
  "summary_bg_stdv": 67.19380187988281,
  "summary_fg_k": 3.407766888894523,
  "summary_fg_mad": 158.52686215210764,
  "summary_fg_mean": 574.814208984375,
  "summary_fg_median": 530.2607421875,
  "summary_fg_n": 20872.0,
  "summary_fg_p05": 341.80053863525393,
  "summary_fg_p95": 961.490594482422,
  "summary_fg_stdv": 199.29295349121094,
  "tsnr": 65.44909403659403
}