{
  "aor": 0.002307513513513514,
  "aqi": 0.0035406148648648647,
  "bids_meta": {
    "AcquisitionNumber": 1,
    "AcquisitionTime": "18:27:0.847500",
    "BandwidthPerPixelPhaseEncode": 28.409,
    "ConversionSoftware": "dcm2niix",
    "ConversionSoftwareVersion": "v1.0.20170724 GCC4.4.7",
    "DeviceSerialNumber": "35414",
    "EchoTime": 0.03,
    "EffectiveEchoSpacing": 0.000550002,
    "FlipAngle": 80,
    "ImageType": [
      "ORIGINAL",
      "PRIMARY",
      "FMRI",
      "NONE",
      "ND",
      "MOSAIC"
    ],
    "InstitutionAddress": "Mikeletegi_69_San_Sebastian_District_ES_20009",
    "InstitutionName": "BCBL",
    "MagneticFieldStrength": 3,
    "Manufacturer": "Siemens",
    "ManufacturersModelName": "TrioTim",
    "PhaseEncodingDirection": "j-",
    "PhaseEncodingLines": 64,
    "ProcedureStepDescription": "CRANEO_FUNCIONAL",
    "ProtocolName": "ep2d_PiN_L2_Run3",
    "RepetitionTime": 2,
    "ScanningSequence": "EP",
    "SequenceName": "_epfid2d1_64",
    "SequenceVariant": "SK",
    "SeriesDescription": "ep2d_PiN_L2_Run3",
    "SliceTiming": [
      1.9275,
      1.865,
      1.8025,
      1.74,
      1.6775,
      1.615,
      1.5525,
      1.4925,
      1.43,
      1.3675,
      1.305,
      1.2425,
      1.18,
      1.12,
      1.0575,
      0.995,
      0.9325,
      0.87,
      0.8075,
      0.7475,
      0.685,
      0.6225,
      0.56,
      0.4975,
      0.435,
      0.3725,
      0.3125,
      0.25,
      0.1875,
      0.125,
      0.0625,
      0
    ],
    "SoftwareVersions": "syngo_MR_B17",
    "TaskName": "compLn",
    "TotalReadoutTime": 0.0346501,
    "dataset": "ds003542",
    "modality": "bold",
    "run_id": 3,
    "subject_id": "23",
    "task_id": "compLn"
  },
  "dummy_trs": 1,
  "dvars_nstd": 20.15728671657608,
  "dvars_std": 1.141622901847826,
  "dvars_vstd": 0.9590046914130437,
  "efc": 0.5161746074799873,
  "fber": 689.39306640625,
  "fd_mean": 0.13444830258377424,
  "fd_num": 18,
  "fd_perc": 9.72972972972973,
  "fwhm_avg": 2.529897893939394,
  "fwhm_x": 2.4828218181818182,
  "fwhm_y": 2.7076043636363636,
  "fwhm_z": 2.3992675,
  "gcor": 0.0187016,
  "gsr_x": -0.019457340240478516,
  "gsr_y": 0.06177687644958496,
  "provenance": {
    "md5sum": "163d52f35c10990fdc6253f2085e5a8c",
    "settings": {
      "fd_thres": 0.2,
      "testing": false
    },
    "software": "mriqc",
    "version": "22.0.1",
    "webapi_port": null,
    "webapi_url": "https://mriqc.nimh.nih.gov/api/v1"
  },
  "size_t": 185,
  "size_x": 64,
  "size_y": 64,
  "size_z": 32,
  "snr": 2.7963301167692927,
  "spacing_tr": 2.0,
  "spacing_x": 3.4375,
  "spacing_y": 3.4375,
  "spacing_z": 4.0,
  "summary_bg_k": 30.181949608986223,
  "summary_bg_mad": 7.965982345195984,
  "summary_bg_mean": 44.06032180786133,
  "summary_bg_median": 19.762163162231445,
  "summary_bg_n": 81512.0,
  "summary_bg_p05": 13.989189147949219,
  "summary_bg_p95": 166.62297668457023,
  "summary_bg_stdv": 67.40335083007812,
  "summary_fg_k": 3.4060705785810663,
  "summary_fg_mad": 153.62967789544953,
  "summary_fg_mean": 567.0217895507812,
  "summary_fg_median": 527.0162353515625,
  "summary_fg_n": 20721.0,
  "summary_fg_p05": 341.70269775390625,
  "summary_fg_p95": 922.4054565429688,
  "summary_fg_stdv": 188.46255493164062,
  "tsnr": 81.33066735975444
}