{
  "aor": 0.004272250000000001,
  "aqi": 0.009990723541666666,
  "bids_meta": {
    "AcquisitionNumber": 1,
    "AcquisitionTime": "16:06:59.497500",
    "BandwidthPerPixelPhaseEncode": 29.481,
    "ConversionSoftware": "dcm2niix",
    "ConversionSoftwareVersion": "v1.0.20170724 GCC4.4.7",
    "DeviceSerialNumber": "35414",
    "EchoTime": 0.025,
    "EffectiveEchoSpacing": 0.000530002,
    "FlipAngle": 90,
    "ImageType": [
      "ORIGINAL",
      "PRIMARY",
      "M",
      "ND",
      "MOSAIC"
    ],
    "InstitutionAddress": "Mikeletegi_69_San_Sebastian_District_ES_20009",
    "InstitutionName": "BCBL",
    "MagneticFieldStrength": 3,
    "Manufacturer": "Siemens",
    "ManufacturersModelName": "TrioTim",
    "PhaseEncodingDirection": "j-",
    "PhaseEncodingLines": 64,
    "ProcedureStepDescription": "CRANEO_FUNCIONAL",
    "ProtocolName": "ep2d_Didak_VF_L1_Run2",
    "RepetitionTime": 3,
    "ScanningSequence": "EP",
    "SequenceName": "_epfid2d1_64",
    "SequenceVariant": "SK",
    "SeriesDescription": "ep2d_Didak_VF_L1_Run2",
    "SliceTiming": [
      2.92,
      2.8525,
      2.7825,
      2.7125,
      2.6425,
      2.5725,
      2.5025,
      2.435,
      2.365,
      2.295,
      2.225,
      2.155,
      2.0875,
      2.0175,
      1.9475,
      1.8775,
      1.8075,
      1.7375,
      1.67,
      1.6,
      1.53,
      1.46,
      1.39,
      1.32,
      1.2525,
      1.1825,
      1.1125,
      1.0425,
      0.9725,
      0.9025,
      0.835,
      0.765,
      0.695,
      0.625,
      0.555,
      0.485,
      0.4175,
      0.3475,
      0.2775,
      0.2075,
      0.1375,
      0.07,
      0
    ],
    "SoftwareVersions": "syngo_MR_B17",
    "TaskName": "prodL1",
    "TotalReadoutTime": 0.0333901,
    "dataset": "ds003542",
    "modality": "bold",
    "run_id": 2,
    "subject_id": "23",
    "task_id": "prodL1"
  },
  "dummy_trs": 0,
  "dvars_nstd": 25.100166392761505,
  "dvars_std": 1.1015314153974889,
  "dvars_vstd": 0.9488498022594147,
  "efc": 0.5799356532126639,
  "fber": 325.1629638671875,
  "fd_mean": 0.1809585032088115,
  "fd_num": 81,
  "fd_perc": 33.75,
  "fwhm_avg": 2.684285467286815,
  "fwhm_x": 2.59502,
  "fwhm_y": 2.8125,
  "fwhm_z": 2.645336401860445,
  "gcor": 0.0145004,
  "gsr_x": -0.004394281655550003,
  "gsr_y": 0.11040699481964111,
  "provenance": {
    "md5sum": "539decb044f9ad15e2b88396df8df71e",
    "settings": {
      "fd_thres": 0.2,
      "testing": false
    },
    "software": "mriqc",
    "version": "22.0.1",
    "webapi_port": null,
    "webapi_url": "https://mriqc.nimh.nih.gov/api/v1"
  },
  "size_t": 240,
  "size_x": 64,
  "size_y": 64,
  "size_z": 43,
  "snr": 2.4931501211112224,
  "spacing_tr": 3.0,
  "spacing_x": 3.0,
  "spacing_y": 3.0,
  "spacing_z": 3.299999952316284,
  "summary_bg_k": 18.357580871190866,
  "summary_bg_mad": 19.514755094487164,
  "summary_bg_mean": 86.7559585571289,
  "summary_bg_median": 37.87916946411133,
  "summary_bg_n": 101864.0,
  "summary_bg_p05": 23.045833587646484,
  "summary_bg_p95": 325.20084533691363,
  "summary_bg_stdv": 122.55497741699219,
  "summary_fg_k": 4.140637455580898,
  "summary_fg_mad": 216.4846279060691,
  "summary_fg_mean": 748.1663818359375,
  "summary_fg_median": 683.5875244140625,
  "summary_fg_n": 36056.0,
  "summary_fg_p05": 435.8521041870117,
  "summary_fg_p95": 1271.3980102539062,
  "summary_fg_stdv": 274.1824645996094,
  "tsnr": 39.207595511339605
}