{
  "aor": 0.007980666666666667,
  "aqi": 0.009984890166666668,
  "bids_meta": {
    "AcquisitionNumber": 1,
    "AcquisitionTime": "17:42:38.487500",
    "BandwidthPerPixelPhaseEncode": 29.481,
    "ConversionSoftware": "dcm2niix",
    "ConversionSoftwareVersion": "v1.0.20170724 GCC4.4.7",
    "DeviceSerialNumber": "35414",
    "EchoTime": 0.025,
    "EffectiveEchoSpacing": 0.000530002,
    "FlipAngle": 90,
    "ImageType": [
      "ORIGINAL",
      "PRIMARY",
      "M",
      "ND",
      "MOSAIC"
    ],
    "InstitutionAddress": "Mikeletegi_69_San_Sebastian_District_ES_20009",
    "InstitutionName": "BCBL",
    "MagneticFieldStrength": 3,
    "Manufacturer": "Siemens",
    "ManufacturersModelName": "TrioTim",
    "PhaseEncodingDirection": "j-",
    "PhaseEncodingLines": 64,
    "ProcedureStepDescription": "CRANEO_FUNCIONAL",
    "ProtocolName": "ep2d_Didak_VF_L2_Run1",
    "RepetitionTime": 3,
    "ScanningSequence": "EP",
    "SequenceName": "_epfid2d1_64",
    "SequenceVariant": "SK",
    "SeriesDescription": "ep2d_Didak_VF_L2_Run1",
    "SliceTiming": [
      2.9225,
      2.8525,
      2.7825,
      2.7125,
      2.645,
      2.575,
      2.505,
      2.435,
      2.365,
      2.2975,
      2.2275,
      2.1575,
      2.0875,
      2.0175,
      1.9475,
      1.88,
      1.81,
      1.74,
      1.67,
      1.6,
      1.53,
      1.4625,
      1.3925,
      1.3225,
      1.2525,
      1.1825,
      1.1125,
      1.045,
      0.975,
      0.905,
      0.835,
      0.765,
      0.695,
      0.6275,
      0.5575,
      0.4875,
      0.4175,
      0.3475,
      0.28,
      0.21,
      0.14,
      0.07,
      0
    ],
    "SoftwareVersions": "syngo_MR_B17",
    "TaskName": "prodLn",
    "TotalReadoutTime": 0.0333901,
    "dataset": "ds003542",
    "modality": "bold",
    "run_id": 1,
    "subject_id": "23",
    "task_id": "prodLn"
  },
  "dummy_trs": 0,
  "dvars_nstd": 28.285774222845205,
  "dvars_std": 1.1177937012552308,
  "dvars_vstd": 1.0132438101255234,
  "efc": 0.5903397435835239,
  "fber": 236.02767944335938,
  "fd_mean": 0.24295119676616803,
  "fd_num": 101,
  "fd_perc": 42.083333333333336,
  "fwhm_avg": 2.7645799119253662,
  "fwhm_x": 2.6677466666666665,
  "fwhm_y": 2.9403566666666667,
  "fwhm_z": 2.6856364024427646,
  "gcor": 0.0190834,
  "gsr_x": -0.016016580164432526,
  "gsr_y": 0.10957860201597214,
  "provenance": {
    "md5sum": "6ceeda6ebf033dae9d246c6b14172318",
    "settings": {
      "fd_thres": 0.2,
      "testing": false
    },
    "software": "mriqc",
    "version": "22.0.1",
    "webapi_port": null,
    "webapi_url": "https://mriqc.nimh.nih.gov/api/v1"
  },
  "size_t": 240,
  "size_x": 64,
  "size_y": 64,
  "size_z": 43,
  "snr": 2.354531051876656,
  "spacing_tr": 3.0,
  "spacing_x": 3.0,
  "spacing_y": 3.0,
  "spacing_z": 3.299999952316284,
  "summary_bg_k": 18.64783469694405,
  "summary_bg_mad": 22.66527915313294,
  "summary_bg_mean": 88.23299407958984,
  "summary_bg_median": 43.32917022705078,
  "summary_bg_n": 99315.0,
  "summary_bg_p05": 25.877917861938478,
  "summary_bg_p95": 306.71376953124997,
  "summary_bg_stdv": 111.58827209472656,
  "summary_fg_k": 4.575791566264035,
  "summary_fg_mad": 220.07385730028335,
  "summary_fg_mean": 743.0369262695312,
  "summary_fg_median": 673.8125610351562,
  "summary_fg_n": 36649.0,
  "summary_fg_p05": 423.1483642578125,
  "summary_fg_p95": 1298.5476074218748,
  "summary_fg_stdv": 286.1730651855469,
  "tsnr": 38.06411203974858
}