{
  "aor": 0.0037728108108108106,
  "aqi": 0.0026641224054054055,
  "bids_meta": {
    "AcquisitionNumber": 1,
    "AcquisitionTime": "16:38:29.080000",
    "BandwidthPerPixelPhaseEncode": 28.409,
    "ConversionSoftware": "dcm2niix",
    "ConversionSoftwareVersion": "v1.0.20170724 GCC4.4.7",
    "DeviceSerialNumber": "35414",
    "EchoTime": 0.03,
    "EffectiveEchoSpacing": 0.000550002,
    "FlipAngle": 80,
    "ImageType": [
      "ORIGINAL",
      "PRIMARY",
      "FMRI",
      "NONE",
      "ND",
      "MOSAIC"
    ],
    "InstitutionAddress": "Mikeletegi_69_San_Sebastian_District_ES_20009",
    "InstitutionName": "BCBL",
    "MagneticFieldStrength": 3,
    "Manufacturer": "Siemens",
    "ManufacturersModelName": "TrioTim",
    "PhaseEncodingDirection": "j-",
    "PhaseEncodingLines": 64,
    "ProcedureStepDescription": "CRANEO_FUNCIONAL",
    "ProtocolName": "ep2d_PiN_L1_Run3",
    "RepetitionTime": 2,
    "ScanningSequence": "EP",
    "SequenceName": "_epfid2d1_64",
    "SequenceVariant": "SK",
    "SeriesDescription": "ep2d_PiN_L1_Run3",
    "SliceTiming": [
      1.925,
      1.865,
      1.8025,
      1.74,
      1.6775,
      1.615,
      1.5525,
      1.4925,
      1.43,
      1.3675,
      1.305,
      1.2425,
      1.18,
      1.12,
      1.0575,
      0.995,
      0.9325,
      0.87,
      0.8075,
      0.745,
      0.685,
      0.6225,
      0.56,
      0.4975,
      0.435,
      0.3725,
      0.3125,
      0.25,
      0.1875,
      0.125,
      0.0625,
      0
    ],
    "SoftwareVersions": "syngo_MR_B17",
    "TaskName": "compL1",
    "TotalReadoutTime": 0.0346501,
    "dataset": "ds003542",
    "modality": "bold",
    "run_id": 3,
    "subject_id": "23",
    "task_id": "compL1"
  },
  "dummy_trs": 1,
  "dvars_nstd": 19.900060767554354,
  "dvars_std": 1.2181330418478258,
  "dvars_vstd": 0.9887822334239129,
  "efc": 0.5068766713193934,
  "fber": 827.6723022460938,
  "fd_mean": 0.16722481697143493,
  "fd_num": 51,
  "fd_perc": 27.56756756756757,
  "fwhm_avg": 2.5046697727272726,
  "fwhm_x": 2.4859141818181816,
  "fwhm_y": 2.6852276363636363,
  "fwhm_z": 2.3428675,
  "gcor": 0.0267795,
  "gsr_x": -0.016861706972122192,
  "gsr_y": 0.059627361595630646,
  "provenance": {
    "md5sum": "1dee5b6b3a646590ef15857727b20862",
    "settings": {
      "fd_thres": 0.2,
      "testing": false
    },
    "software": "mriqc",
    "version": "22.0.1",
    "webapi_port": null,
    "webapi_url": "https://mriqc.nimh.nih.gov/api/v1"
  },
  "size_t": 185,
  "size_x": 64,
  "size_y": 64,
  "size_z": 32,
  "snr": 2.704622072104426,
  "spacing_tr": 2.0,
  "spacing_x": 3.4375,
  "spacing_y": 3.4375,
  "spacing_z": 4.0,
  "summary_bg_k": 32.347391250381534,
  "summary_bg_mad": 8.070165601219742,
  "summary_bg_mean": 42.72114181518555,
  "summary_bg_median": 18.302703857421875,
  "summary_bg_n": 81877.0,
  "summary_bg_p05": 12.470270156860352,
  "summary_bg_p95": 163.263784790039,
  "summary_bg_stdv": 70.48151397705078,
  "summary_fg_k": 3.4277166123601877,
  "summary_fg_mad": 158.93900276515595,
  "summary_fg_mean": 574.0132446289062,
  "summary_fg_median": 531.072998046875,
  "summary_fg_n": 20674.0,
  "summary_fg_p05": 343.6756896972656,
  "summary_fg_p95": 948.4310791015619,
  "summary_fg_stdv": 196.35281372070312,
  "tsnr": 82.04209119733423
}