{
  "aor": 0.008982416666666665,
  "aqi": 0.008099100625,
  "bids_meta": {
    "AcquisitionNumber": 1,
    "AcquisitionTime": "15:44:17.085000",
    "BandwidthPerPixelPhaseEncode": 29.481,
    "ConversionSoftware": "dcm2niix",
    "ConversionSoftwareVersion": "v1.0.20170724 GCC4.4.7",
    "DeviceSerialNumber": "35414",
    "EchoTime": 0.025,
    "EffectiveEchoSpacing": 0.000530002,
    "FlipAngle": 90,
    "ImageType": [
      "ORIGINAL",
      "PRIMARY",
      "M",
      "ND",
      "MOSAIC"
    ],
    "InstitutionAddress": "Mikeletegi_69_San_Sebastian_District_ES_20009",
    "InstitutionName": "BCBL",
    "MagneticFieldStrength": 3,
    "Manufacturer": "Siemens",
    "ManufacturersModelName": "TrioTim",
    "PhaseEncodingDirection": "j-",
    "PhaseEncodingLines": 64,
    "ProcedureStepDescription": "CRANEO_FUNCIONAL",
    "ProtocolName": "ep2d_Didak_VF_L1_Run1",
    "RepetitionTime": 3,
    "ScanningSequence": "EP",
    "SequenceName": "_epfid2d1_64",
    "SequenceVariant": "SK",
    "SeriesDescription": "ep2d_Didak_VF_L1_Run1",
    "SliceTiming": [
      2.92,
      2.8525,
      2.7825,
      2.7125,
      2.6425,
      2.5725,
      2.5025,
      2.435,
      2.365,
      2.295,
      2.225,
      2.155,
      2.085,
      2.0175,
      1.9475,
      1.8775,
      1.8075,
      1.7375,
      1.6675,
      1.6,
      1.53,
      1.46,
      1.39,
      1.32,
      1.2525,
      1.1825,
      1.1125,
      1.0425,
      0.9725,
      0.9025,
      0.835,
      0.765,
      0.695,
      0.625,
      0.555,
      0.485,
      0.4175,
      0.3475,
      0.2775,
      0.2075,
      0.1375,
      0.0675,
      0
    ],
    "SoftwareVersions": "syngo_MR_B17",
    "TaskName": "prodL1",
    "TotalReadoutTime": 0.0333901,
    "dataset": "ds003542",
    "modality": "bold",
    "run_id": 1,
    "subject_id": "23",
    "task_id": "prodL1"
  },
  "dummy_trs": 0,
  "dvars_nstd": 29.187179070627614,
  "dvars_std": 1.1719859219665267,
  "dvars_vstd": 1.0116774936820083,
  "efc": 0.577489119275937,
  "fber": 322.0882568359375,
  "fd_mean": 0.2547329503169365,
  "fd_num": 116,
  "fd_perc": 48.333333333333336,
  "fwhm_avg": 2.70968455826684,
  "fwhm_x": 2.6318633333333334,
  "fwhm_y": 2.837126666666667,
  "fwhm_z": 2.6600636748005213,
  "gcor": 0.0246569,
  "gsr_x": -0.0026158245746046305,
  "gsr_y": 0.10172911733388901,
  "provenance": {
    "md5sum": "6a7b170fa76b7a0d3753e7e874041b0d",
    "settings": {
      "fd_thres": 0.2,
      "testing": false
    },
    "software": "mriqc",
    "version": "22.0.1",
    "webapi_port": null,
    "webapi_url": "https://mriqc.nimh.nih.gov/api/v1"
  },
  "size_t": 240,
  "size_x": 64,
  "size_y": 64,
  "size_z": 43,
  "snr": 2.3909970848919375,
  "spacing_tr": 3.0,
  "spacing_x": 3.0,
  "spacing_y": 3.0,
  "spacing_z": 3.299999952316284,
  "summary_bg_k": 20.549142974741393,
  "summary_bg_mad": 19.428268456893367,
  "summary_bg_mean": 82.41970825195312,
  "summary_bg_median": 37.712501525878906,
  "summary_bg_n": 100197.0,
  "summary_bg_p05": 22.679168701171875,
  "summary_bg_p95": 302.8983581542968,
  "summary_bg_stdv": 114.47928619384766,
  "summary_fg_k": 4.236789738677551,
  "summary_fg_mad": 222.56638274020202,
  "summary_fg_mean": 753.2230224609375,
  "summary_fg_median": 684.8292236328125,
  "summary_fg_n": 36280.0,
  "summary_fg_p05": 429.41149444580077,
  "summary_fg_p95": 1308.9163452148434,
  "summary_fg_stdv": 286.4159851074219,
  "tsnr": 41.258393898024224
}