{
  "aor": 0.002823405405405405,
  "aqi": 0.0024042235135135134,
  "bids_meta": {
    "AcquisitionNumber": 1,
    "AcquisitionTime": "16:31:11.912500",
    "BandwidthPerPixelPhaseEncode": 28.409,
    "ConversionSoftware": "dcm2niix",
    "ConversionSoftwareVersion": "v1.0.20170724 GCC4.4.7",
    "DeviceSerialNumber": "35414",
    "EchoTime": 0.03,
    "EffectiveEchoSpacing": 0.000550002,
    "FlipAngle": 80,
    "ImageType": [
      "ORIGINAL",
      "PRIMARY",
      "FMRI",
      "NONE",
      "ND",
      "MOSAIC"
    ],
    "InstitutionAddress": "Mikeletegi_69_San_Sebastian_District_ES_20009",
    "InstitutionName": "BCBL",
    "MagneticFieldStrength": 3,
    "Manufacturer": "Siemens",
    "ManufacturersModelName": "TrioTim",
    "PhaseEncodingDirection": "j-",
    "PhaseEncodingLines": 64,
    "ProcedureStepDescription": "CRANEO_FUNCIONAL",
    "ProtocolName": "ep2d_PiN_L1_Run2",
    "RepetitionTime": 2,
    "ScanningSequence": "EP",
    "SequenceName": "_epfid2d1_64",
    "SequenceVariant": "SK",
    "SeriesDescription": "ep2d_PiN_L1_Run2",
    "SliceTiming": [
      1.9275,
      1.865,
      1.8025,
      1.74,
      1.6775,
      1.615,
      1.555,
      1.4925,
      1.43,
      1.3675,
      1.305,
      1.2425,
      1.18,
      1.12,
      1.0575,
      0.995,
      0.9325,
      0.87,
      0.8075,
      0.7475,
      0.685,
      0.6225,
      0.56,
      0.4975,
      0.435,
      0.3725,
      0.3125,
      0.25,
      0.1875,
      0.125,
      0.0625,
      0
    ],
    "SoftwareVersions": "syngo_MR_B17",
    "TaskName": "compL1",
    "TotalReadoutTime": 0.0346501,
    "dataset": "ds003542",
    "modality": "bold",
    "run_id": 2,
    "subject_id": "23",
    "task_id": "compL1"
  },
  "dummy_trs": 1,
  "dvars_nstd": 19.466148646250005,
  "dvars_std": 1.2266166379891303,
  "dvars_vstd": 0.9975111130978257,
  "efc": 0.5057815509202506,
  "fber": 834.6339721679688,
  "fd_mean": 0.15550740818674522,
  "fd_num": 44,
  "fd_perc": 23.783783783783782,
  "fwhm_avg": 2.5811854848484845,
  "fwhm_x": 2.542565818181818,
  "fwhm_y": 2.758795636363636,
  "fwhm_z": 2.442195,
  "gcor": 0.0201336,
  "gsr_x": -0.0166205782443285,
  "gsr_y": 0.06094039976596832,
  "provenance": {
    "md5sum": "6c08a0619b7ac17dac648bff438c273a",
    "settings": {
      "fd_thres": 0.2,
      "testing": false
    },
    "software": "mriqc",
    "version": "22.0.1",
    "webapi_port": null,
    "webapi_url": "https://mriqc.nimh.nih.gov/api/v1"
  },
  "size_t": 185,
  "size_x": 64,
  "size_y": 64,
  "size_z": 32,
  "snr": 2.7119383537316875,
  "spacing_tr": 2.0,
  "spacing_x": 3.4375,
  "spacing_y": 3.4375,
  "spacing_z": 4.0,
  "summary_bg_k": 33.11327728396652,
  "summary_bg_mad": 8.110236084305802,
  "summary_bg_mean": 42.681785583496094,
  "summary_bg_median": 18.324325561523438,
  "summary_bg_n": 81968.0,
  "summary_bg_p05": 12.383784294128418,
  "summary_bg_p95": 162.51135330200182,
  "summary_bg_stdv": 70.6452865600586,
  "summary_fg_k": 3.3944833792704348,
  "summary_fg_mad": 159.3396736619448,
  "summary_fg_mean": 575.2906494140625,
  "summary_fg_median": 533.0108642578125,
  "summary_fg_n": 20542.0,
  "summary_fg_p05": 343.34838409423827,
  "summary_fg_p95": 949.6632934570313,
  "summary_fg_stdv": 196.53761291503906,
  "tsnr": 96.66151487547904
}