{
  "aor": 0.0028238918918918918,
  "aqi": 0.004319407081081081,
  "bids_meta": {
    "AcquisitionNumber": 1,
    "AcquisitionTime": "16:23:10.572500",
    "BandwidthPerPixelPhaseEncode": 28.409,
    "ConversionSoftware": "dcm2niix",
    "ConversionSoftwareVersion": "v1.0.20170724 GCC4.4.7",
    "DeviceSerialNumber": "35414",
    "EchoTime": 0.03,
    "EffectiveEchoSpacing": 0.000550002,
    "FlipAngle": 80,
    "ImageType": [
      "ORIGINAL",
      "PRIMARY",
      "FMRI",
      "NONE",
      "ND",
      "MOSAIC"
    ],
    "InstitutionAddress": "Mikeletegi_69_San_Sebastian_District_ES_20009",
    "InstitutionName": "BCBL",
    "MagneticFieldStrength": 3,
    "Manufacturer": "Siemens",
    "ManufacturersModelName": "TrioTim",
    "PhaseEncodingDirection": "j-",
    "PhaseEncodingLines": 64,
    "ProcedureStepDescription": "CRANEO_FUNCIONAL",
    "ProtocolName": "ep2d_PiN_L1_Run1",
    "RepetitionTime": 2,
    "ScanningSequence": "EP",
    "SequenceName": "_epfid2d1_64",
    "SequenceVariant": "SK",
    "SeriesDescription": "ep2d_PiN_L1_Run1",
    "SliceTiming": [
      1.925,
      1.865,
      1.8025,
      1.74,
      1.6775,
      1.615,
      1.5525,
      1.4925,
      1.43,
      1.3675,
      1.305,
      1.2425,
      1.18,
      1.12,
      1.0575,
      0.995,
      0.9325,
      0.87,
      0.8075,
      0.745,
      0.685,
      0.6225,
      0.56,
      0.4975,
      0.435,
      0.3725,
      0.3125,
      0.25,
      0.1875,
      0.125,
      0.0625,
      0
    ],
    "SoftwareVersions": "syngo_MR_B17",
    "TaskName": "compL1",
    "TotalReadoutTime": 0.0346501,
    "dataset": "ds003542",
    "modality": "bold",
    "run_id": 1,
    "subject_id": "23",
    "task_id": "compL1"
  },
  "dummy_trs": 1,
  "dvars_nstd": 19.179695015434792,
  "dvars_std": 1.1572135996195652,
  "dvars_vstd": 0.969608251956522,
  "efc": 0.5078050857338631,
  "fber": 815.349853515625,
  "fd_mean": 0.1737548294124593,
  "fd_num": 54,
  "fd_perc": 29.18918918918919,
  "fwhm_avg": 2.5026944393939394,
  "fwhm_x": 2.484509090909091,
  "fwhm_y": 2.674856727272727,
  "fwhm_z": 2.3487175,
  "gcor": 0.0153453,
  "gsr_x": -0.016231995075941086,
  "gsr_y": 0.060602620244026184,
  "provenance": {
    "md5sum": "1d2a05d374b5eddcf3bba300608e2c48",
    "settings": {
      "fd_thres": 0.2,
      "testing": false
    },
    "software": "mriqc",
    "version": "22.0.1",
    "webapi_port": null,
    "webapi_url": "https://mriqc.nimh.nih.gov/api/v1"
  },
  "size_t": 185,
  "size_x": 64,
  "size_y": 64,
  "size_z": 32,
  "snr": 2.7445468852903088,
  "spacing_tr": 2.0,
  "spacing_x": 3.4375,
  "spacing_y": 3.4375,
  "spacing_z": 4.0,
  "summary_bg_k": 34.60259075171447,
  "summary_bg_mad": 8.494909894092666,
  "summary_bg_mean": 42.89010238647461,
  "summary_bg_median": 18.6162166595459,
  "summary_bg_n": 81714.0,
  "summary_bg_p05": 12.383784294128418,
  "summary_bg_p95": 163.56595077514638,
  "summary_bg_stdv": 71.22728729248047,
  "summary_fg_k": 3.2784416307330977,
  "summary_fg_mad": 157.909171554969,
  "summary_fg_mean": 577.9806518554688,
  "summary_fg_median": 536.0648803710938,
  "summary_fg_n": 20773.0,
  "summary_fg_p05": 346.6897338867187,
  "summary_fg_p95": 950.927575683593,
  "summary_fg_stdv": 195.31529235839844,
  "tsnr": 75.62603856623173
}