{
  "aor": 0.002105760869565217,
  "aqi": 0.0034972545652173915,
  "bids_meta": {
    "AcquisitionNumber": 1,
    "AcquisitionTime": "18:19:6.280000",
    "BandwidthPerPixelPhaseEncode": 28.409,
    "ConversionSoftware": "dcm2niix",
    "ConversionSoftwareVersion": "v1.0.20170724 GCC4.4.7",
    "DeviceSerialNumber": "35414",
    "EchoTime": 0.03,
    "EffectiveEchoSpacing": 0.000550002,
    "FlipAngle": 80,
    "ImageType": [
      "ORIGINAL",
      "PRIMARY",
      "FMRI",
      "NONE",
      "ND",
      "MOSAIC"
    ],
    "InstitutionAddress": "Mikeletegi_69_San_Sebastian_District_ES_20009",
    "InstitutionName": "BCBL",
    "MagneticFieldStrength": 3,
    "Manufacturer": "Siemens",
    "ManufacturersModelName": "TrioTim",
    "PhaseEncodingDirection": "j-",
    "PhaseEncodingLines": 64,
    "ProcedureStepDescription": "CRANEO_FUNCIONAL",
    "ProtocolName": "ep2d_PiN_L2_Run2",
    "RepetitionTime": 2,
    "ScanningSequence": "EP",
    "SequenceName": "_epfid2d1_64",
    "SequenceVariant": "SK",
    "SeriesDescription": "ep2d_PiN_L2_Run2",
    "SliceTiming": [
      1.925,
      1.8625,
      1.8,
      1.7375,
      1.675,
      1.615,
      1.5525,
      1.49,
      1.4275,
      1.365,
      1.3025,
      1.2425,
      1.18,
      1.1175,
      1.055,
      0.9925,
      0.93,
      0.87,
      0.8075,
      0.745,
      0.6825,
      0.62,
      0.5575,
      0.495,
      0.435,
      0.3725,
      0.31,
      0.2475,
      0.185,
      0.1225,
      0.0625,
      0
    ],
    "SoftwareVersions": "syngo_MR_B17",
    "TaskName": "compLn",
    "TotalReadoutTime": 0.0346501,
    "dataset": "ds003542",
    "modality": "bold",
    "run_id": 2,
    "subject_id": "23",
    "task_id": "compLn"
  },
  "dummy_trs": 2,
  "dvars_nstd": 20.356711997158474,
  "dvars_std": 1.1376505426775956,
  "dvars_vstd": 0.9538811413661208,
  "efc": 0.5165018387949067,
  "fber": 641.5208740234375,
  "fd_mean": 0.14735451571139996,
  "fd_num": 26,
  "fd_perc": 14.130434782608695,
  "fwhm_avg": 2.5779592121212125,
  "fwhm_x": 2.5144290909090907,
  "fwhm_y": 2.7797585454545453,
  "fwhm_z": 2.43969,
  "gcor": 0.0197586,
  "gsr_x": -0.021786795929074287,
  "gsr_y": 0.06245256960391998,
  "provenance": {
    "md5sum": "7782d67ee5b821b1ee3afeb405688c32",
    "settings": {
      "fd_thres": 0.2,
      "testing": false
    },
    "software": "mriqc",
    "version": "22.0.1",
    "webapi_port": null,
    "webapi_url": "https://mriqc.nimh.nih.gov/api/v1"
  },
  "size_t": 184,
  "size_x": 64,
  "size_y": 64,
  "size_z": 32,
  "snr": 2.6678665025608357,
  "spacing_tr": 2.0,
  "spacing_x": 3.4375,
  "spacing_y": 3.4375,
  "spacing_z": 4.0,
  "summary_bg_k": 34.2301166635799,
  "summary_bg_mad": 8.017333079307472,
  "summary_bg_mean": 44.194923400878906,
  "summary_bg_median": 20.538043975830078,
  "summary_bg_n": 81215.0,
  "summary_bg_p05": 14.672282791137697,
  "summary_bg_p95": 163.4375045776368,
  "summary_bg_stdv": 66.25531005859375,
  "summary_fg_k": 3.320213895734204,
  "summary_fg_mad": 158.05020155726032,
  "summary_fg_mean": 571.3112182617188,
  "summary_fg_median": 527.4945678710938,
  "summary_fg_n": 20883.0,
  "summary_fg_p05": 339.12608642578124,
  "summary_fg_p95": 955.4880432128903,
  "summary_fg_stdv": 197.71676635742188,
  "tsnr": 76.2307629454881
}