{
  "aor": 0.0062329583333333325,
  "aqi": 0.0075428384583333345,
  "bids_meta": {
    "AcquisitionNumber": 1,
    "AcquisitionTime": "17:55:52.647500",
    "BandwidthPerPixelPhaseEncode": 29.481,
    "ConversionSoftware": "dcm2niix",
    "ConversionSoftwareVersion": "v1.0.20170724 GCC4.4.7",
    "DeviceSerialNumber": "35414",
    "EchoTime": 0.025,
    "EffectiveEchoSpacing": 0.000530002,
    "FlipAngle": 90,
    "ImageType": [
      "ORIGINAL",
      "PRIMARY",
      "M",
      "ND",
      "MOSAIC"
    ],
    "InstitutionAddress": "Mikeletegi_69_San_Sebastian_District_ES_20009",
    "InstitutionName": "BCBL",
    "MagneticFieldStrength": 3,
    "Manufacturer": "Siemens",
    "ManufacturersModelName": "TrioTim",
    "PhaseEncodingDirection": "j-",
    "PhaseEncodingLines": 64,
    "ProcedureStepDescription": "CRANEO_FUNCIONAL",
    "ProtocolName": "ep2d_Didak_VF_L2_Run2",
    "RepetitionTime": 3,
    "ScanningSequence": "EP",
    "SequenceName": "_epfid2d1_64",
    "SequenceVariant": "SK",
    "SeriesDescription": "ep2d_Didak_VF_L2_Run2",
    "SliceTiming": [
      2.92,
      2.85,
      2.7825,
      2.7125,
      2.6425,
      2.5725,
      2.5025,
      2.4325,
      2.365,
      2.295,
      2.225,
      2.155,
      2.085,
      2.0175,
      1.9475,
      1.8775,
      1.8075,
      1.7375,
      1.6675,
      1.6,
      1.53,
      1.46,
      1.39,
      1.32,
      1.25,
      1.1825,
      1.1125,
      1.0425,
      0.9725,
      0.9025,
      0.8325,
      0.765,
      0.695,
      0.625,
      0.555,
      0.485,
      0.4175,
      0.3475,
      0.2775,
      0.2075,
      0.1375,
      0.0675,
      0
    ],
    "SoftwareVersions": "syngo_MR_B17",
    "TaskName": "prodLn",
    "TotalReadoutTime": 0.0333901,
    "dataset": "ds003542",
    "modality": "bold",
    "run_id": 2,
    "subject_id": "23",
    "task_id": "prodLn"
  },
  "dummy_trs": 0,
  "dvars_nstd": 27.423445549958164,
  "dvars_std": 1.145140354895397,
  "dvars_vstd": 1.0012943645188281,
  "efc": 0.5927676873491928,
  "fber": 237.6870574951172,
  "fd_mean": 0.21708718960620088,
  "fd_num": 101,
  "fd_perc": 42.083333333333336,
  "fwhm_avg": 2.7390150633802084,
  "fwhm_x": 2.6562966666666665,
  "fwhm_y": 2.8876333333333335,
  "fwhm_z": 2.6731151901406256,
  "gcor": 0.0159007,
  "gsr_x": -0.017474962398409843,
  "gsr_y": 0.11191409826278687,
  "provenance": {
    "md5sum": "a52c8e75cf301a1bf3d11aff7f5dcdf0",
    "settings": {
      "fd_thres": 0.2,
      "testing": false
    },
    "software": "mriqc",
    "version": "22.0.1",
    "webapi_port": null,
    "webapi_url": "https://mriqc.nimh.nih.gov/api/v1"
  },
  "size_t": 240,
  "size_x": 64,
  "size_y": 64,
  "size_z": 43,
  "snr": 2.4069855035396217,
  "spacing_tr": 3.0,
  "spacing_x": 3.0,
  "spacing_y": 3.0,
  "spacing_z": 3.299999952316284,
  "summary_bg_k": 18.028154164976712,
  "summary_bg_mad": 20.95411399419587,
  "summary_bg_mean": 88.76759338378906,
  "summary_bg_median": 42.2833366394043,
  "summary_bg_n": 99598.0,
  "summary_bg_p05": 26.741668701171875,
  "summary_bg_p95": 313.79313201904273,
  "summary_bg_stdv": 113.74490356445312,
  "summary_fg_k": 4.3324181427995025,
  "summary_fg_mad": 217.59042619160002,
  "summary_fg_mean": 735.609375,
  "summary_fg_median": 669.1333618164062,
  "summary_fg_n": 36493.0,
  "summary_fg_p05": 421.4133544921875,
  "summary_fg_p95": 1273.1450439453124,
  "summary_fg_stdv": 277.99261474609375,
  "tsnr": 45.960725247859955
}