{
  "aor": 0.0035607027027027022,
  "aqi": 0.0014161357243243243,
  "bids_meta": {
    "AcquisitionNumber": 1,
    "AcquisitionTime": "15:07:27.015000",
    "BandwidthPerPixelPhaseEncode": 28.409,
    "ConversionSoftware": "dcm2niix",
    "ConversionSoftwareVersion": "v1.0.20170724 GCC4.4.7",
    "DeviceSerialNumber": "35414",
    "EchoTime": 0.03,
    "EffectiveEchoSpacing": 0.000550002,
    "FlipAngle": 80,
    "ImageType": [
      "ORIGINAL",
      "PRIMARY",
      "FMRI",
      "NONE",
      "ND",
      "MOSAIC"
    ],
    "InstitutionAddress": "Mikeletegi_69_San_Sebastian_District_ES_20009",
    "InstitutionName": "BCBL",
    "MagneticFieldStrength": 3,
    "Manufacturer": "Siemens",
    "ManufacturersModelName": "TrioTim",
    "PhaseEncodingDirection": "j-",
    "PhaseEncodingLines": 64,
    "ProcedureStepDescription": "CRANEO_FUNCIONAL",
    "ProtocolName": "ep2d_PiN_L2_Run1",
    "RepetitionTime": 2,
    "ScanningSequence": "EP",
    "SequenceName": "_epfid2d1_64",
    "SequenceVariant": "SK",
    "SeriesDescription": "ep2d_PiN_L2_Run1",
    "SliceTiming": [
      1.925,
      1.8625,
      1.8,
      1.7375,
      1.675,
      1.615,
      1.5525,
      1.49,
      1.4275,
      1.365,
      1.3025,
      1.24,
      1.18,
      1.1175,
      1.055,
      0.9925,
      0.93,
      0.8675,
      0.8075,
      0.745,
      0.6825,
      0.62,
      0.5575,
      0.495,
      0.4325,
      0.3725,
      0.31,
      0.2475,
      0.185,
      0.1225,
      0.06,
      0
    ],
    "SoftwareVersions": "syngo_MR_B17",
    "TaskName": "compLn",
    "TotalReadoutTime": 0.0346501,
    "dataset": "ds003542",
    "modality": "bold",
    "run_id": 1,
    "subject_id": "10",
    "task_id": "compLn"
  },
  "dummy_trs": 1,
  "dvars_nstd": 17.40401642695653,
  "dvars_std": 1.1984582210326082,
  "dvars_vstd": 1.0023038217934783,
  "efc": 0.46132413224385665,
  "fber": 1292.1617431640625,
  "fd_mean": 0.14201294898976502,
  "fd_num": 29,
  "fd_perc": 15.675675675675675,
  "fwhm_avg": 3.001045606060606,
  "fwhm_x": 3.0369745454545454,
  "fwhm_y": 3.172887272727273,
  "fwhm_z": 2.793275,
  "gcor": 0.0556219,
  "gsr_x": -0.0175982303917408,
  "gsr_y": 0.05481928959488869,
  "provenance": {
    "md5sum": "f4df805e687e5efd866e888511163cbd",
    "settings": {
      "fd_thres": 0.2,
      "testing": false
    },
    "software": "mriqc",
    "version": "22.0.1",
    "webapi_port": null,
    "webapi_url": "https://mriqc.nimh.nih.gov/api/v1"
  },
  "size_t": 185,
  "size_x": 64,
  "size_y": 64,
  "size_z": 32,
  "snr": 2.16494848399515,
  "spacing_tr": 2.0,
  "spacing_x": 3.4375,
  "spacing_y": 3.4375,
  "spacing_z": 4.0,
  "summary_bg_k": 54.97330909441632,
  "summary_bg_mad": 6.6116056725657755,
  "summary_bg_mean": 34.99173355102539,
  "summary_bg_median": 17.24864959716797,
  "summary_bg_n": 82162.0,
  "summary_bg_p05": 12.443243980407715,
  "summary_bg_p95": 110.45378570556639,
  "summary_bg_stdv": 57.399627685546875,
  "summary_fg_k": 2.0792136137280153,
  "summary_fg_mad": 221.91344595384783,
  "summary_fg_mean": 699.9063720703125,
  "summary_fg_median": 622.4675903320312,
  "summary_fg_n": 19994.0,
  "summary_fg_p05": 379.2483856201172,
  "summary_fg_p95": 1297.9829772949217,
  "summary_fg_stdv": 287.5135498046875,
  "tsnr": 96.08811908680946
}