{
  "aor": 0.0015211250000000001,
  "aqi": 0.004829593583333333,
  "bids_meta": {
    "AcquisitionNumber": 1,
    "AcquisitionTime": "14:35:50.540000",
    "BandwidthPerPixelPhaseEncode": 29.481,
    "ConversionSoftware": "dcm2niix",
    "ConversionSoftwareVersion": "v1.0.20170724 GCC4.4.7",
    "DeviceSerialNumber": "35414",
    "EchoTime": 0.025,
    "EffectiveEchoSpacing": 0.000530002,
    "FlipAngle": 90,
    "ImageType": [
      "ORIGINAL",
      "PRIMARY",
      "M",
      "ND",
      "MOSAIC"
    ],
    "InstitutionAddress": "Mikeletegi_69_San_Sebastian_District_ES_20009",
    "InstitutionName": "BCBL",
    "MagneticFieldStrength": 3,
    "Manufacturer": "Siemens",
    "ManufacturersModelName": "TrioTim",
    "PhaseEncodingDirection": "j-",
    "PhaseEncodingLines": 64,
    "ProcedureStepDescription": "CRANEO_FUNCIONAL",
    "ProtocolName": "ep2d_Didak_VF_L1_Run1",
    "RepetitionTime": 3,
    "ScanningSequence": "EP",
    "SequenceName": "_epfid2d1_64",
    "SequenceVariant": "SK",
    "SeriesDescription": "ep2d_Didak_VF_L1_Run1",
    "SliceTiming": [
      2.9225,
      2.8525,
      2.7825,
      2.715,
      2.645,
      2.575,
      2.505,
      2.435,
      2.3675,
      2.2975,
      2.2275,
      2.1575,
      2.0875,
      2.0175,
      1.95,
      1.88,
      1.81,
      1.74,
      1.67,
      1.6,
      1.5325,
      1.4625,
      1.3925,
      1.3225,
      1.2525,
      1.1825,
      1.115,
      1.045,
      0.975,
      0.905,
      0.835,
      0.765,
      0.6975,
      0.6275,
      0.5575,
      0.4875,
      0.4175,
      0.35,
      0.28,
      0.21,
      0.14,
      0.07,
      0
    ],
    "SoftwareVersions": "syngo_MR_B17",
    "TaskName": "prodL1",
    "TotalReadoutTime": 0.0333901,
    "dataset": "ds003542",
    "modality": "bold",
    "run_id": 1,
    "subject_id": "10",
    "task_id": "prodL1"
  },
  "dummy_trs": 0,
  "dvars_nstd": 33.92430710108786,
  "dvars_std": 1.1756925364853554,
  "dvars_vstd": 0.9729570969456065,
  "efc": 0.5235949130299702,
  "fber": 538.711669921875,
  "fd_mean": 0.34650410364940004,
  "fd_num": 183,
  "fd_perc": 76.25,
  "fwhm_avg": 3.143367691075696,
  "fwhm_x": 3.157743333333333,
  "fwhm_y": 3.3017566666666665,
  "fwhm_z": 2.9706030732270885,
  "gcor": 0.0305237,
  "gsr_x": -0.007577340118587017,
  "gsr_y": 0.0974436029791832,
  "provenance": {
    "md5sum": "f9e9c97b05b4fa5a5c7235e18be8c8d8",
    "settings": {
      "fd_thres": 0.2,
      "testing": false
    },
    "software": "mriqc",
    "version": "22.0.1",
    "webapi_port": null,
    "webapi_url": "https://mriqc.nimh.nih.gov/api/v1"
  },
  "size_t": 240,
  "size_x": 64,
  "size_y": 64,
  "size_z": 43,
  "snr": 2.0088874781502115,
  "spacing_tr": 3.0,
  "spacing_x": 3.0,
  "spacing_y": 3.0,
  "spacing_z": 3.299999952316284,
  "summary_bg_k": 34.7138407534689,
  "summary_bg_mad": 12.94188375093136,
  "summary_bg_mean": 67.30443572998047,
  "summary_bg_median": 33.054168701171875,
  "summary_bg_n": 103935.0,
  "summary_bg_p05": 23.52083396911621,
  "summary_bg_p95": 220.38959503173803,
  "summary_bg_stdv": 96.13247680664062,
  "summary_fg_k": 3.023320469309146,
  "summary_fg_mad": 281.10758830152525,
  "summary_fg_mean": 877.2567749023438,
  "summary_fg_median": 771.2875366210938,
  "summary_fg_n": 34773.0,
  "summary_fg_p05": 463.9341979980469,
  "summary_fg_p95": 1684.3550537109377,
  "summary_fg_stdv": 383.93212890625,
  "tsnr": 49.697551533579826
}