{
  "aor": 0.0016843749999999999,
  "aqi": 0.0032910146666666673,
  "bids_meta": {
    "AcquisitionNumber": 1,
    "AcquisitionTime": "14:50:5.782500",
    "BandwidthPerPixelPhaseEncode": 29.481,
    "ConversionSoftware": "dcm2niix",
    "ConversionSoftwareVersion": "v1.0.20170724 GCC4.4.7",
    "DeviceSerialNumber": "35414",
    "EchoTime": 0.025,
    "EffectiveEchoSpacing": 0.000530002,
    "FlipAngle": 90,
    "ImageType": [
      "ORIGINAL",
      "PRIMARY",
      "M",
      "ND",
      "MOSAIC"
    ],
    "InstitutionAddress": "Mikeletegi_69_San_Sebastian_District_ES_20009",
    "InstitutionName": "BCBL",
    "MagneticFieldStrength": 3,
    "Manufacturer": "Siemens",
    "ManufacturersModelName": "TrioTim",
    "PhaseEncodingDirection": "j-",
    "PhaseEncodingLines": 64,
    "ProcedureStepDescription": "CRANEO_FUNCIONAL",
    "ProtocolName": "ep2d_Didak_VF_L1_Run2",
    "RepetitionTime": 3,
    "ScanningSequence": "EP",
    "SequenceName": "_epfid2d1_64",
    "SequenceVariant": "SK",
    "SeriesDescription": "ep2d_Didak_VF_L1_Run2",
    "SliceTiming": [
      2.9225,
      2.8525,
      2.7825,
      2.7125,
      2.6425,
      2.5725,
      2.505,
      2.435,
      2.365,
      2.295,
      2.225,
      2.155,
      2.0875,
      2.0175,
      1.9475,
      1.8775,
      1.8075,
      1.7375,
      1.67,
      1.6,
      1.53,
      1.46,
      1.39,
      1.32,
      1.2525,
      1.1825,
      1.1125,
      1.0425,
      0.9725,
      0.905,
      0.835,
      0.765,
      0.695,
      0.625,
      0.555,
      0.4875,
      0.4175,
      0.3475,
      0.2775,
      0.2075,
      0.1375,
      0.07,
      0
    ],
    "SoftwareVersions": "syngo_MR_B17",
    "TaskName": "prodL1",
    "TotalReadoutTime": 0.0333901,
    "dataset": "ds003542",
    "modality": "bold",
    "run_id": 2,
    "subject_id": "10",
    "task_id": "prodL1"
  },
  "dummy_trs": 0,
  "dvars_nstd": 32.089895998619234,
  "dvars_std": 1.2223331397071129,
  "dvars_vstd": 0.9929810844351469,
  "efc": 0.5240150701603076,
  "fber": 532.1891479492188,
  "fd_mean": 0.32476466713802943,
  "fd_num": 169,
  "fd_perc": 70.41666666666667,
  "fwhm_avg": 3.15988375190485,
  "fwhm_x": 3.1649700000000003,
  "fwhm_y": 3.2977600000000002,
  "fwhm_z": 3.0169212557145504,
  "gcor": 0.0519266,
  "gsr_x": -0.008839042857289314,
  "gsr_y": 0.09775835275650024,
  "provenance": {
    "md5sum": "48338de8aca128eeb17497f1ae0e351c",
    "settings": {
      "fd_thres": 0.2,
      "testing": false
    },
    "software": "mriqc",
    "version": "22.0.1",
    "webapi_port": null,
    "webapi_url": "https://mriqc.nimh.nih.gov/api/v1"
  },
  "size_t": 240,
  "size_x": 64,
  "size_y": 64,
  "size_z": 43,
  "snr": 1.9986593518769236,
  "spacing_tr": 3.0,
  "spacing_x": 3.0,
  "spacing_y": 3.0,
  "spacing_z": 3.299999952316284,
  "summary_bg_k": 34.54734517646472,
  "summary_bg_mad": 12.793622963512936,
  "summary_bg_mean": 67.77997589111328,
  "summary_bg_median": 33.145835876464844,
  "summary_bg_n": 103845.0,
  "summary_bg_p05": 23.95833396911621,
  "summary_bg_p95": 225.22335205078068,
  "summary_bg_stdv": 96.91390991210938,
  "summary_fg_k": 3.1172367883281975,
  "summary_fg_mad": 283.06893240461363,
  "summary_fg_mean": 880.0586547851562,
  "summary_fg_median": 773.2896728515625,
  "summary_fg_n": 34750.0,
  "summary_fg_p05": 465.01272735595705,
  "summary_fg_p95": 1693.4740600585938,
  "summary_fg_stdv": 386.89862060546875,
  "tsnr": 61.14846610277891
}