{
  "aor": 0.001213945945945946,
  "aqi": 0.0015367397189189188,
  "bids_meta": {
    "AcquisitionNumber": 1,
    "AcquisitionTime": "12:51:47.675000",
    "BandwidthPerPixelPhaseEncode": 28.409,
    "ConversionSoftware": "dcm2niix",
    "ConversionSoftwareVersion": "v1.0.20170724 GCC4.4.7",
    "DeviceSerialNumber": "35414",
    "EchoTime": 0.03,
    "EffectiveEchoSpacing": 0.000550002,
    "FlipAngle": 80,
    "ImageType": [
      "ORIGINAL",
      "PRIMARY",
      "FMRI",
      "NONE",
      "ND",
      "MOSAIC"
    ],
    "InstitutionAddress": "Mikeletegi_69_San_Sebastian_District_ES_20009",
    "InstitutionName": "BCBL",
    "MagneticFieldStrength": 3,
    "Manufacturer": "Siemens",
    "ManufacturersModelName": "TrioTim",
    "PhaseEncodingDirection": "j-",
    "PhaseEncodingLines": 64,
    "ProcedureStepDescription": "CRANEO_FUNCIONAL",
    "ProtocolName": "ep2d_PiN_L1_Run2",
    "RepetitionTime": 2,
    "ScanningSequence": "EP",
    "SequenceName": "_epfid2d1_64",
    "SequenceVariant": "SK",
    "SeriesDescription": "ep2d_PiN_L1_Run2",
    "SliceTiming": [
      1.925,
      1.8625,
      1.8,
      1.7375,
      1.675,
      1.6125,
      1.5525,
      1.49,
      1.4275,
      1.365,
      1.3025,
      1.24,
      1.18,
      1.1175,
      1.055,
      0.9925,
      0.93,
      0.8675,
      0.805,
      0.745,
      0.6825,
      0.62,
      0.5575,
      0.495,
      0.4325,
      0.3725,
      0.31,
      0.2475,
      0.185,
      0.1225,
      0.06,
      0
    ],
    "SoftwareVersions": "syngo_MR_B17",
    "TaskName": "compL1",
    "TotalReadoutTime": 0.0346501,
    "dataset": "ds003542",
    "modality": "bold",
    "run_id": 2,
    "subject_id": "10",
    "task_id": "compL1"
  },
  "dummy_trs": 1,
  "dvars_nstd": 16.220831705380427,
  "dvars_std": 1.16296492375,
  "dvars_vstd": 0.9773632881521742,
  "efc": 0.4700626619505616,
  "fber": 1395.460205078125,
  "fd_mean": 0.1424473259463806,
  "fd_num": 27,
  "fd_perc": 14.594594594594595,
  "fwhm_avg": 2.6959263939393945,
  "fwhm_x": 2.729954909090909,
  "fwhm_y": 2.717399272727273,
  "fwhm_z": 2.640425,
  "gcor": 0.0377401,
  "gsr_x": -0.016411805525422096,
  "gsr_y": 0.047674257308244705,
  "provenance": {
    "md5sum": "f1e10f3f14a769554a0abcc92cad8cf4",
    "settings": {
      "fd_thres": 0.2,
      "testing": false
    },
    "software": "mriqc",
    "version": "22.0.1",
    "webapi_port": null,
    "webapi_url": "https://mriqc.nimh.nih.gov/api/v1"
  },
  "size_t": 185,
  "size_x": 64,
  "size_y": 64,
  "size_z": 32,
  "snr": 2.5797720418372667,
  "spacing_tr": 2.0,
  "spacing_x": 3.4375,
  "spacing_y": 3.4375,
  "spacing_z": 4.0,
  "summary_bg_k": 71.82802718404709,
  "summary_bg_mad": 5.730057872511764,
  "summary_bg_mean": 30.993919372558594,
  "summary_bg_median": 15.908108711242676,
  "summary_bg_n": 81746.0,
  "summary_bg_p05": 11.708107948303223,
  "summary_bg_p95": 92.89594650268555,
  "summary_bg_stdv": 50.11314010620117,
  "summary_fg_k": 2.664823101009379,
  "summary_fg_mad": 182.79280015944673,
  "summary_fg_mean": 652.5458374023438,
  "summary_fg_median": 597.648681640625,
  "summary_fg_n": 20267.0,
  "summary_fg_p05": 381.1540740966797,
  "summary_fg_p95": 1118.4740722656252,
  "summary_fg_stdv": 231.66152954101562,
  "tsnr": 96.6579332780093
}