{
  "aor": 0.0019925,
  "aqi": 0.0035910556250000002,
  "bids_meta": {
    "AcquisitionNumber": 1,
    "AcquisitionTime": "15:32:59.387500",
    "BandwidthPerPixelPhaseEncode": 29.481,
    "ConversionSoftware": "dcm2niix",
    "ConversionSoftwareVersion": "v1.0.20170724 GCC4.4.7",
    "DeviceSerialNumber": "35414",
    "EchoTime": 0.025,
    "EffectiveEchoSpacing": 0.000530002,
    "FlipAngle": 90,
    "ImageType": [
      "ORIGINAL",
      "PRIMARY",
      "M",
      "ND",
      "MOSAIC"
    ],
    "InstitutionAddress": "Mikeletegi_69_San_Sebastian_District_ES_20009",
    "InstitutionName": "BCBL",
    "MagneticFieldStrength": 3,
    "Manufacturer": "Siemens",
    "ManufacturersModelName": "TrioTim",
    "PhaseEncodingDirection": "j-",
    "PhaseEncodingLines": 64,
    "ProcedureStepDescription": "CRANEO_FUNCIONAL",
    "ProtocolName": "ep2d_Didak_VF_L2_Run1",
    "RepetitionTime": 3,
    "ScanningSequence": "EP",
    "SequenceName": "_epfid2d1_64",
    "SequenceVariant": "SK",
    "SeriesDescription": "ep2d_Didak_VF_L2_Run1",
    "SliceTiming": [
      2.9225,
      2.8525,
      2.7825,
      2.7125,
      2.6425,
      2.575,
      2.505,
      2.435,
      2.365,
      2.295,
      2.225,
      2.1575,
      2.0875,
      2.0175,
      1.9475,
      1.8775,
      1.81,
      1.74,
      1.67,
      1.6,
      1.53,
      1.46,
      1.3925,
      1.3225,
      1.2525,
      1.1825,
      1.1125,
      1.0425,
      0.975,
      0.905,
      0.835,
      0.765,
      0.695,
      0.625,
      0.5575,
      0.4875,
      0.4175,
      0.3475,
      0.2775,
      0.2075,
      0.14,
      0.07,
      0
    ],
    "SoftwareVersions": "syngo_MR_B17",
    "TaskName": "prodLn",
    "TotalReadoutTime": 0.0333901,
    "dataset": "ds003542",
    "modality": "bold",
    "run_id": 1,
    "subject_id": "10",
    "task_id": "prodLn"
  },
  "dummy_trs": 0,
  "dvars_nstd": 31.8574078290795,
  "dvars_std": 1.225976175271967,
  "dvars_vstd": 1.0023928180753143,
  "efc": 0.5252472710062132,
  "fber": 517.4887084960938,
  "fd_mean": 0.32357635545810376,
  "fd_num": 158,
  "fd_perc": 65.83333333333333,
  "fwhm_avg": 3.082460216293338,
  "fwhm_x": 3.1057966666666665,
  "fwhm_y": 3.1782233333333334,
  "fwhm_z": 2.9633606488800144,
  "gcor": 0.0447454,
  "gsr_x": -0.009567397646605968,
  "gsr_y": 0.09837734699249268,
  "provenance": {
    "md5sum": "226be6e40e799560ee08614247d88b05",
    "settings": {
      "fd_thres": 0.2,
      "testing": false
    },
    "software": "mriqc",
    "version": "22.0.1",
    "webapi_port": null,
    "webapi_url": "https://mriqc.nimh.nih.gov/api/v1"
  },
  "size_t": 240,
  "size_x": 64,
  "size_y": 64,
  "size_z": 43,
  "snr": 2.0084145629367134,
  "spacing_tr": 3.0,
  "spacing_x": 3.0,
  "spacing_y": 3.0,
  "spacing_z": 3.299999952316284,
  "summary_bg_k": 33.37445044206252,
  "summary_bg_mad": 13.559630904856276,
  "summary_bg_mean": 69.10420227050781,
  "summary_bg_median": 33.75416946411133,
  "summary_bg_n": 103872.0,
  "summary_bg_p05": 23.662500381469727,
  "summary_bg_p95": 231.8116821289062,
  "summary_bg_stdv": 98.79125213623047,
  "summary_fg_k": 3.1160571081643695,
  "summary_fg_mad": 282.38631461681473,
  "summary_fg_mean": 881.8450927734375,
  "summary_fg_median": 775.6542358398438,
  "summary_fg_n": 34665.0,
  "summary_fg_p05": 465.8225341796875,
  "summary_fg_p95": 1695.6050781249992,
  "summary_fg_stdv": 386.1966857910156,
  "tsnr": 58.48632519331295
}