{
  "aor": 0.002143043478260869,
  "aqi": 0.001488421934782609,
  "bids_meta": {
    "AcquisitionNumber": 1,
    "AcquisitionTime": "13:00:30.762500",
    "BandwidthPerPixelPhaseEncode": 28.409,
    "ConversionSoftware": "dcm2niix",
    "ConversionSoftwareVersion": "v1.0.20170724 GCC4.4.7",
    "DeviceSerialNumber": "35414",
    "EchoTime": 0.03,
    "EffectiveEchoSpacing": 0.000550002,
    "FlipAngle": 80,
    "ImageType": [
      "ORIGINAL",
      "PRIMARY",
      "FMRI",
      "NONE",
      "ND",
      "MOSAIC"
    ],
    "InstitutionAddress": "Mikeletegi_69_San_Sebastian_District_ES_20009",
    "InstitutionName": "BCBL",
    "MagneticFieldStrength": 3,
    "Manufacturer": "Siemens",
    "ManufacturersModelName": "TrioTim",
    "PhaseEncodingDirection": "j-",
    "PhaseEncodingLines": 64,
    "ProcedureStepDescription": "CRANEO_FUNCIONAL",
    "ProtocolName": "ep2d_PiN_L1_Run3",
    "RepetitionTime": 2,
    "ScanningSequence": "EP",
    "SequenceName": "_epfid2d1_64",
    "SequenceVariant": "SK",
    "SeriesDescription": "ep2d_PiN_L1_Run3",
    "SliceTiming": [
      1.925,
      1.8625,
      1.8,
      1.7375,
      1.6775,
      1.615,
      1.5525,
      1.49,
      1.4275,
      1.365,
      1.305,
      1.2425,
      1.18,
      1.1175,
      1.055,
      0.9925,
      0.9325,
      0.87,
      0.8075,
      0.745,
      0.6825,
      0.62,
      0.5575,
      0.4975,
      0.435,
      0.3725,
      0.31,
      0.2475,
      0.185,
      0.125,
      0.0625,
      0
    ],
    "SoftwareVersions": "syngo_MR_B17",
    "TaskName": "compL1",
    "TotalReadoutTime": 0.0346501,
    "dataset": "ds003542",
    "modality": "bold",
    "run_id": 3,
    "subject_id": "10",
    "task_id": "compL1"
  },
  "dummy_trs": 2,
  "dvars_nstd": 17.003095184098363,
  "dvars_std": 1.1803895102732247,
  "dvars_vstd": 0.9949842651912569,
  "efc": 0.4721872905238463,
  "fber": 1429.424560546875,
  "fd_mean": 0.17515040580246677,
  "fd_num": 50,
  "fd_perc": 27.17391304347826,
  "fwhm_avg": 2.615060303030303,
  "fwhm_x": 2.640442181818182,
  "fwhm_y": 2.642088727272727,
  "fwhm_z": 2.56265,
  "gcor": 0.039493,
  "gsr_x": -0.015218062326312065,
  "gsr_y": 0.04975004121661186,
  "provenance": {
    "md5sum": "522466dc2964c542426be213627bf073",
    "settings": {
      "fd_thres": 0.2,
      "testing": false
    },
    "software": "mriqc",
    "version": "22.0.1",
    "webapi_port": null,
    "webapi_url": "https://mriqc.nimh.nih.gov/api/v1"
  },
  "size_t": 184,
  "size_x": 64,
  "size_y": 64,
  "size_z": 32,
  "snr": 2.7478652133508237,
  "spacing_tr": 2.0,
  "spacing_x": 3.4375,
  "spacing_y": 3.4375,
  "spacing_z": 4.0,
  "summary_bg_k": 83.71436220690511,
  "summary_bg_mad": 5.172993322436091,
  "summary_bg_mean": 29.947242736816406,
  "summary_bg_median": 15.418478965759277,
  "summary_bg_n": 81780.0,
  "summary_bg_p05": 11.641304969787598,
  "summary_bg_p95": 89.15815162658694,
  "summary_bg_stdv": 48.87712860107422,
  "summary_fg_k": 2.566696998424688,
  "summary_fg_mad": 173.27913428784223,
  "summary_fg_mean": 633.35107421875,
  "summary_fg_median": 586.75,
  "summary_fg_n": 20369.0,
  "summary_fg_p05": 376.0847839355469,
  "summary_fg_p95": 1058.7674560546873,
  "summary_fg_stdv": 213.52415466308594,
  "tsnr": 96.29365538712591
}