{
  "aor": 0.0032842934782608695,
  "aqi": 0.0012599106793478258,
  "bids_meta": {
    "AcquisitionNumber": 1,
    "AcquisitionTime": "12:42:9.232500",
    "BandwidthPerPixelPhaseEncode": 28.409,
    "ConversionSoftware": "dcm2niix",
    "ConversionSoftwareVersion": "v1.0.20170724 GCC4.4.7",
    "DeviceSerialNumber": "35414",
    "EchoTime": 0.03,
    "EffectiveEchoSpacing": 0.000550002,
    "FlipAngle": 80,
    "ImageType": [
      "ORIGINAL",
      "PRIMARY",
      "FMRI",
      "NONE",
      "ND",
      "MOSAIC"
    ],
    "InstitutionAddress": "Mikeletegi_69_San_Sebastian_District_ES_20009",
    "InstitutionName": "BCBL",
    "MagneticFieldStrength": 3,
    "Manufacturer": "Siemens",
    "ManufacturersModelName": "TrioTim",
    "PhaseEncodingDirection": "j-",
    "PhaseEncodingLines": 64,
    "ProcedureStepDescription": "CRANEO_FUNCIONAL",
    "ProtocolName": "ep2d_PiN_L1_Run1",
    "RepetitionTime": 2,
    "ScanningSequence": "EP",
    "SequenceName": "_epfid2d1_64",
    "SequenceVariant": "SK",
    "SeriesDescription": "ep2d_PiN_L1_Run1",
    "SliceTiming": [
      1.925,
      1.8625,
      1.8,
      1.7375,
      1.675,
      1.6125,
      1.5525,
      1.49,
      1.4275,
      1.365,
      1.3025,
      1.24,
      1.18,
      1.1175,
      1.055,
      0.9925,
      0.93,
      0.8675,
      0.8075,
      0.745,
      0.6825,
      0.62,
      0.5575,
      0.495,
      0.4325,
      0.3725,
      0.31,
      0.2475,
      0.185,
      0.1225,
      0.06,
      0
    ],
    "SoftwareVersions": "syngo_MR_B17",
    "TaskName": "compL1",
    "TotalReadoutTime": 0.0346501,
    "dataset": "ds003542",
    "modality": "bold",
    "run_id": 1,
    "subject_id": "10",
    "task_id": "compL1"
  },
  "dummy_trs": 2,
  "dvars_nstd": 15.722448177213115,
  "dvars_std": 1.1660738536065574,
  "dvars_vstd": 1.006475055519126,
  "efc": 0.4676760136893863,
  "fber": 1395.04638671875,
  "fd_mean": 0.17408103744085707,
  "fd_num": 56,
  "fd_perc": 30.434782608695652,
  "fwhm_avg": 2.754004363636364,
  "fwhm_x": 2.7778327272727275,
  "fwhm_y": 2.7769803636363637,
  "fwhm_z": 2.7072,
  "gcor": 0.0377628,
  "gsr_x": -0.016470203176140785,
  "gsr_y": 0.044131577014923096,
  "provenance": {
    "md5sum": "9ee82f0613e6416b652f235ca4ff7519",
    "settings": {
      "fd_thres": 0.2,
      "testing": false
    },
    "software": "mriqc",
    "version": "22.0.1",
    "webapi_port": null,
    "webapi_url": "https://mriqc.nimh.nih.gov/api/v1"
  },
  "size_t": 184,
  "size_x": 64,
  "size_y": 64,
  "size_z": 32,
  "snr": 2.505756503073495,
  "spacing_tr": 2.0,
  "spacing_x": 3.4375,
  "spacing_y": 3.4375,
  "spacing_z": 4.0,
  "summary_bg_k": 67.20964124229891,
  "summary_bg_mad": 5.970697100735682,
  "summary_bg_mean": 31.199722290039062,
  "summary_bg_median": 16.15217399597168,
  "summary_bg_n": 81810.0,
  "summary_bg_p05": 11.717391967773438,
  "summary_bg_p95": 93.95706748962405,
  "summary_bg_stdv": 49.48728942871094,
  "summary_fg_k": 2.7218694226637767,
  "summary_fg_mad": 190.26865715289955,
  "summary_fg_mean": 665.9080200195312,
  "summary_fg_median": 607.771728515625,
  "summary_fg_n": 20194.0,
  "summary_fg_p05": 383.768489074707,
  "summary_fg_p95": 1154.9288452148428,
  "summary_fg_stdv": 242.544189453125,
  "tsnr": 101.02293120138347
}