{
  "aor": 0.006408625,
  "aqi": 0.011160760541666667,
  "bids_meta": {
    "AcquisitionNumber": 1,
    "AcquisitionTime": "17:43:27.607500",
    "BandwidthPerPixelPhaseEncode": 29.481,
    "ConversionSoftware": "dcm2niix",
    "ConversionSoftwareVersion": "v1.0.20170724 GCC4.4.7",
    "DeviceSerialNumber": "35414",
    "EchoTime": 0.025,
    "EffectiveEchoSpacing": 0.000530002,
    "FlipAngle": 90,
    "ImageType": [
      "ORIGINAL",
      "PRIMARY",
      "M",
      "ND",
      "MOSAIC"
    ],
    "InstitutionAddress": "Mikeletegi_69_San_Sebastian_District_ES_20009",
    "InstitutionName": "BCBL",
    "MagneticFieldStrength": 3,
    "Manufacturer": "Siemens",
    "ManufacturersModelName": "TrioTim",
    "PhaseEncodingDirection": "j-",
    "PhaseEncodingLines": 64,
    "ProcedureStepDescription": "CRANEO_FUNCIONAL",
    "ProtocolName": "ep2d_Didak_VF_L2_Run1",
    "RepetitionTime": 3,
    "ScanningSequence": "EP",
    "SequenceName": "_epfid2d1_64",
    "SequenceVariant": "SK",
    "SeriesDescription": "ep2d_Didak_VF_L2_Run1",
    "SliceTiming": [
      2.9225,
      2.8525,
      2.7825,
      2.715,
      2.645,
      2.575,
      2.505,
      2.435,
      2.3675,
      2.2975,
      2.2275,
      2.1575,
      2.0875,
      2.0175,
      1.95,
      1.88,
      1.81,
      1.74,
      1.67,
      1.6,
      1.5325,
      1.4625,
      1.3925,
      1.3225,
      1.2525,
      1.1825,
      1.115,
      1.045,
      0.975,
      0.905,
      0.835,
      0.765,
      0.6975,
      0.6275,
      0.5575,
      0.4875,
      0.4175,
      0.35,
      0.28,
      0.21,
      0.14,
      0.07,
      0
    ],
    "SoftwareVersions": "syngo_MR_B17",
    "TaskName": "prodLn",
    "TotalReadoutTime": 0.0333901,
    "dataset": "ds003542",
    "modality": "bold",
    "run_id": 1,
    "subject_id": "26",
    "task_id": "prodLn"
  },
  "dummy_trs": 0,
  "dvars_nstd": 45.27919445284516,
  "dvars_std": 1.2370021681589962,
  "dvars_vstd": 0.9953626723849377,
  "efc": 0.6083020388382236,
  "fber": 261.4908142089844,
  "fd_mean": 0.5218768871649889,
  "fd_num": 191,
  "fd_perc": 79.58333333333333,
  "fwhm_avg": 2.9170470850741004,
  "fwhm_x": 2.6849933333333333,
  "fwhm_y": 3.083293333333333,
  "fwhm_z": 2.9828545885556337,
  "gcor": 0.0319968,
  "gsr_x": -0.014895745553076267,
  "gsr_y": 0.1516232043504715,
  "provenance": {
    "md5sum": "9f756a8c10439d8d262dbd70cbc30547",
    "settings": {
      "fd_thres": 0.2,
      "testing": false
    },
    "software": "mriqc",
    "version": "22.0.1",
    "webapi_port": null,
    "webapi_url": "https://mriqc.nimh.nih.gov/api/v1"
  },
  "size_t": 240,
  "size_x": 64,
  "size_y": 64,
  "size_z": 43,
  "snr": 2.6197473768596002,
  "spacing_tr": 3.0,
  "spacing_x": 3.0,
  "spacing_y": 3.0,
  "spacing_z": 3.299999952316284,
  "summary_bg_k": 34.733751484721836,
  "summary_bg_mad": 20.015129949825628,
  "summary_bg_mean": 93.75403594970703,
  "summary_bg_median": 40.77916717529297,
  "summary_bg_n": 95464.0,
  "summary_bg_p05": 25.729167938232422,
  "summary_bg_p95": 333.90772857666013,
  "summary_bg_stdv": 140.55677795410156,
  "summary_fg_k": 2.898019403948622,
  "summary_fg_mad": 202.5852321075791,
  "summary_fg_mean": 731.82373046875,
  "summary_fg_median": 675.8333740234375,
  "summary_fg_n": 39729.0,
  "summary_fg_p05": 420.60585327148436,
  "summary_fg_p95": 1243.1008544921872,
  "summary_fg_stdv": 257.9732971191406,
  "tsnr": 37.30386159429327
}