{
  "aor": 0.006156612903225806,
  "aqi": 0.00611978935483871,
  "bids_meta": {
    "AcquisitionNumber": 1,
    "AcquisitionTime": "15:13:0.700000",
    "BandwidthPerPixelPhaseEncode": 28.409,
    "ConversionSoftware": "dcm2niix",
    "ConversionSoftwareVersion": "v1.0.20170724 GCC4.4.7",
    "DeviceSerialNumber": "35414",
    "EchoTime": 0.03,
    "EffectiveEchoSpacing": 0.000550002,
    "FlipAngle": 80,
    "ImageType": [
      "ORIGINAL",
      "PRIMARY",
      "FMRI",
      "NONE",
      "ND",
      "MOSAIC"
    ],
    "InstitutionAddress": "Mikeletegi_69_San_Sebastian_District_ES_20009",
    "InstitutionName": "BCBL",
    "MagneticFieldStrength": 3,
    "Manufacturer": "Siemens",
    "ManufacturersModelName": "TrioTim",
    "PhaseEncodingDirection": "j-",
    "PhaseEncodingLines": 64,
    "ProcedureStepDescription": "CRANEO_FUNCIONAL",
    "ProtocolName": "ep2d_PiN_L1_Run2",
    "RepetitionTime": 2,
    "ScanningSequence": "EP",
    "SequenceName": "_epfid2d1_64",
    "SequenceVariant": "SK",
    "SeriesDescription": "ep2d_PiN_L1_Run2",
    "SliceTiming": [
      1.925,
      1.865,
      1.8025,
      1.74,
      1.6775,
      1.615,
      1.5525,
      1.4925,
      1.43,
      1.3675,
      1.305,
      1.2425,
      1.18,
      1.12,
      1.0575,
      0.995,
      0.9325,
      0.87,
      0.8075,
      0.745,
      0.685,
      0.6225,
      0.56,
      0.4975,
      0.435,
      0.3725,
      0.3125,
      0.25,
      0.1875,
      0.125,
      0.0625,
      0
    ],
    "SoftwareVersions": "syngo_MR_B17",
    "TaskName": "compL1",
    "TotalReadoutTime": 0.0346501,
    "dataset": "ds003542",
    "modality": "bold",
    "run_id": 2,
    "subject_id": "26",
    "task_id": "compL1"
  },
  "dummy_trs": 0,
  "dvars_nstd": 24.629155545567567,
  "dvars_std": 1.0865665214054048,
  "dvars_vstd": 0.9705967803243241,
  "efc": 0.5281337731974866,
  "fber": 732.3116455078125,
  "fd_mean": 0.3422045859346907,
  "fd_num": 110,
  "fd_perc": 59.13978494623656,
  "fwhm_avg": 2.837550393939394,
  "fwhm_x": 2.6570734545454546,
  "fwhm_y": 3.0981527272727276,
  "fwhm_z": 2.757425,
  "gcor": 0.0390085,
  "gsr_x": -0.0200484711676836,
  "gsr_y": 0.10382706671953201,
  "provenance": {
    "md5sum": "3ac6d5e9e8f0eed40b27be269af3dd60",
    "settings": {
      "fd_thres": 0.2,
      "testing": false
    },
    "software": "mriqc",
    "version": "22.0.1",
    "webapi_port": null,
    "webapi_url": "https://mriqc.nimh.nih.gov/api/v1"
  },
  "size_t": 186,
  "size_x": 64,
  "size_y": 64,
  "size_z": 32,
  "snr": 2.738673116260442,
  "spacing_tr": 2.0,
  "spacing_x": 3.4375,
  "spacing_y": 3.4375,
  "spacing_z": 4.0,
  "summary_bg_k": 63.08563276153197,
  "summary_bg_mad": 8.528947182001302,
  "summary_bg_mean": 48.501155853271484,
  "summary_bg_median": 20.231182098388672,
  "summary_bg_n": 78174.0,
  "summary_bg_p05": 13.908601760864258,
  "summary_bg_p95": 174.11289978027344,
  "summary_bg_stdv": 85.751953125,
  "summary_fg_k": 2.5053253202888692,
  "summary_fg_mad": 154.23044670213037,
  "summary_fg_mean": 602.8577270507812,
  "summary_fg_median": 556.01611328125,
  "summary_fg_n": 22347.0,
  "summary_fg_p05": 356.61936645507814,
  "summary_fg_p95": 1018.5833129882812,
  "summary_fg_stdv": 203.0193634033203,
  "tsnr": 57.77617903333157
}