{
  "aor": 0.012279516129032256,
  "aqi": 0.004280650177419355,
  "bids_meta": {
    "AcquisitionNumber": 1,
    "AcquisitionTime": "17:33:38.322500",
    "BandwidthPerPixelPhaseEncode": 28.409,
    "ConversionSoftware": "dcm2niix",
    "ConversionSoftwareVersion": "v1.0.20170724 GCC4.4.7",
    "DeviceSerialNumber": "35414",
    "EchoTime": 0.03,
    "EffectiveEchoSpacing": 0.000550002,
    "FlipAngle": 80,
    "ImageType": [
      "ORIGINAL",
      "PRIMARY",
      "FMRI",
      "NONE",
      "ND",
      "MOSAIC"
    ],
    "InstitutionAddress": "Mikeletegi_69_San_Sebastian_District_ES_20009",
    "InstitutionName": "BCBL",
    "MagneticFieldStrength": 3,
    "Manufacturer": "Siemens",
    "ManufacturersModelName": "TrioTim",
    "PhaseEncodingDirection": "j-",
    "PhaseEncodingLines": 64,
    "ProcedureStepDescription": "CRANEO_FUNCIONAL",
    "ProtocolName": "ep2d_PiN_L2_Run3",
    "RepetitionTime": 2,
    "ScanningSequence": "EP",
    "SequenceName": "_epfid2d1_64",
    "SequenceVariant": "SK",
    "SeriesDescription": "ep2d_PiN_L2_Run3",
    "SliceTiming": [
      1.925,
      1.8625,
      1.8,
      1.7375,
      1.675,
      1.615,
      1.5525,
      1.49,
      1.4275,
      1.365,
      1.3025,
      1.2425,
      1.18,
      1.1175,
      1.055,
      0.9925,
      0.93,
      0.8675,
      0.8075,
      0.745,
      0.6825,
      0.62,
      0.5575,
      0.495,
      0.435,
      0.3725,
      0.31,
      0.2475,
      0.185,
      0.1225,
      0.0625,
      0
    ],
    "SoftwareVersions": "syngo_MR_B17",
    "TaskName": "compLn",
    "TotalReadoutTime": 0.0346501,
    "dataset": "ds003542",
    "modality": "bold",
    "run_id": 3,
    "subject_id": "26",
    "task_id": "compLn"
  },
  "dummy_trs": 0,
  "dvars_nstd": 23.251673945783786,
  "dvars_std": 1.2428803963243233,
  "dvars_vstd": 1.0688598589729732,
  "efc": 0.5362613909967474,
  "fber": 654.4839477539062,
  "fd_mean": 0.29503498996016,
  "fd_num": 99,
  "fd_perc": 53.225806451612904,
  "fwhm_avg": 2.885821333333334,
  "fwhm_x": 2.6561512727272727,
  "fwhm_y": 3.1407127272727275,
  "fwhm_z": 2.8606,
  "gcor": 0.029774,
  "gsr_x": -0.023533999919891357,
  "gsr_y": 0.09848980605602264,
  "provenance": {
    "md5sum": "539077b87e7843c1bd136342fdfb92e3",
    "settings": {
      "fd_thres": 0.2,
      "testing": false
    },
    "software": "mriqc",
    "version": "22.0.1",
    "webapi_port": null,
    "webapi_url": "https://mriqc.nimh.nih.gov/api/v1"
  },
  "size_t": 186,
  "size_x": 64,
  "size_y": 64,
  "size_z": 32,
  "snr": 2.806126047343749,
  "spacing_tr": 2.0,
  "spacing_x": 3.4375,
  "spacing_y": 3.4375,
  "spacing_z": 4.0,
  "summary_bg_k": 53.90089374442503,
  "summary_bg_mad": 9.182568305469601,
  "summary_bg_mean": 48.95061111450195,
  "summary_bg_median": 20.650537490844727,
  "summary_bg_n": 77858.0,
  "summary_bg_p05": 13.967741966247559,
  "summary_bg_p95": 175.08762741088862,
  "summary_bg_stdv": 83.81277465820312,
  "summary_fg_k": 2.523123997074661,
  "summary_fg_mad": 149.94606653627548,
  "summary_fg_mean": 585.5474243164062,
  "summary_fg_median": 543.5,
  "summary_fg_n": 22706.0,
  "summary_fg_p05": 349.1034851074219,
  "summary_fg_p95": 977.8441009521484,
  "summary_fg_stdv": 193.6791229248047,
  "tsnr": 67.51438995078206
}