{
  "aor": 0.010083375,
  "aqi": 0.010361411333333332,
  "bids_meta": {
    "AcquisitionNumber": 1,
    "AcquisitionTime": "17:56:50.967500",
    "BandwidthPerPixelPhaseEncode": 29.481,
    "ConversionSoftware": "dcm2niix",
    "ConversionSoftwareVersion": "v1.0.20170724 GCC4.4.7",
    "DeviceSerialNumber": "35414",
    "EchoTime": 0.025,
    "EffectiveEchoSpacing": 0.000530002,
    "FlipAngle": 90,
    "ImageType": [
      "ORIGINAL",
      "PRIMARY",
      "M",
      "ND",
      "MOSAIC"
    ],
    "InstitutionAddress": "Mikeletegi_69_San_Sebastian_District_ES_20009",
    "InstitutionName": "BCBL",
    "MagneticFieldStrength": 3,
    "Manufacturer": "Siemens",
    "ManufacturersModelName": "TrioTim",
    "PhaseEncodingDirection": "j-",
    "PhaseEncodingLines": 64,
    "ProcedureStepDescription": "CRANEO_FUNCIONAL",
    "ProtocolName": "ep2d_Didak_VF_L2_Run2",
    "RepetitionTime": 3,
    "ScanningSequence": "EP",
    "SequenceName": "_epfid2d1_64",
    "SequenceVariant": "SK",
    "SeriesDescription": "ep2d_Didak_VF_L2_Run2",
    "SliceTiming": [
      2.92,
      2.8525,
      2.7825,
      2.7125,
      2.6425,
      2.5725,
      2.5025,
      2.435,
      2.365,
      2.295,
      2.225,
      2.155,
      2.085,
      2.0175,
      1.9475,
      1.8775,
      1.8075,
      1.7375,
      1.6675,
      1.6,
      1.53,
      1.46,
      1.39,
      1.32,
      1.2525,
      1.1825,
      1.1125,
      1.0425,
      0.9725,
      0.9025,
      0.835,
      0.765,
      0.695,
      0.625,
      0.555,
      0.485,
      0.4175,
      0.3475,
      0.2775,
      0.2075,
      0.1375,
      0.0675,
      0
    ],
    "SoftwareVersions": "syngo_MR_B17",
    "TaskName": "prodLn",
    "TotalReadoutTime": 0.0333901,
    "dataset": "ds003542",
    "modality": "bold",
    "run_id": 2,
    "subject_id": "26",
    "task_id": "prodLn"
  },
  "dummy_trs": 0,
  "dvars_nstd": 43.04683084393307,
  "dvars_std": 1.3091604713389122,
  "dvars_vstd": 1.0526685051046019,
  "efc": 0.6073308709641692,
  "fber": 259.7219543457031,
  "fd_mean": 0.43508772456829437,
  "fd_num": 187,
  "fd_perc": 77.91666666666667,
  "fwhm_avg": 2.9037084991473967,
  "fwhm_x": 2.6129966666666666,
  "fwhm_y": 3.1294166666666663,
  "fwhm_z": 2.9687121641088567,
  "gcor": 0.0371935,
  "gsr_x": -0.016652636229991913,
  "gsr_y": 0.15616324543952942,
  "provenance": {
    "md5sum": "1239c76cb4ef59ec8a0fe354e8dc2e58",
    "settings": {
      "fd_thres": 0.2,
      "testing": false
    },
    "software": "mriqc",
    "version": "22.0.1",
    "webapi_port": null,
    "webapi_url": "https://mriqc.nimh.nih.gov/api/v1"
  },
  "size_t": 240,
  "size_x": 64,
  "size_y": 64,
  "size_z": 43,
  "snr": 2.594873127060172,
  "spacing_tr": 3.0,
  "spacing_x": 3.0,
  "spacing_y": 3.0,
  "spacing_z": 3.299999952316284,
  "summary_bg_k": 36.138510893881886,
  "summary_bg_mad": 21.0653074638802,
  "summary_bg_mean": 92.73710632324219,
  "summary_bg_median": 40.616668701171875,
  "summary_bg_n": 95568.0,
  "summary_bg_p05": 23.290417671203617,
  "summary_bg_p95": 333.6493896484373,
  "summary_bg_stdv": 139.6040802001953,
  "summary_fg_k": 2.750461793887151,
  "summary_fg_mad": 203.1597585654216,
  "summary_fg_mean": 726.848876953125,
  "summary_fg_median": 669.9813232421875,
  "summary_fg_n": 39828.0,
  "summary_fg_p05": 415.6004333496094,
  "summary_fg_p95": 1242.23173828125,
  "summary_fg_stdv": 258.1910095214844,
  "tsnr": 37.52154850226361
}