{
  "aor": 0.0031222083333333336,
  "aqi": 0.008797258249999999,
  "bids_meta": {
    "AcquisitionNumber": 1,
    "AcquisitionTime": "16:05:2.835000",
    "BandwidthPerPixelPhaseEncode": 29.481,
    "ConversionSoftware": "dcm2niix",
    "ConversionSoftwareVersion": "v1.0.20170724 GCC4.4.7",
    "DeviceSerialNumber": "35414",
    "EchoTime": 0.025,
    "EffectiveEchoSpacing": 0.000530002,
    "FlipAngle": 90,
    "ImageType": [
      "ORIGINAL",
      "PRIMARY",
      "M",
      "ND",
      "MOSAIC"
    ],
    "InstitutionAddress": "Mikeletegi_69_San_Sebastian_District_ES_20009",
    "InstitutionName": "BCBL",
    "MagneticFieldStrength": 3,
    "Manufacturer": "Siemens",
    "ManufacturersModelName": "TrioTim",
    "PhaseEncodingDirection": "j-",
    "PhaseEncodingLines": 64,
    "ProcedureStepDescription": "CRANEO_FUNCIONAL",
    "ProtocolName": "ep2d_Didak_VF_L1_Run2",
    "RepetitionTime": 3,
    "ScanningSequence": "EP",
    "SequenceName": "_epfid2d1_64",
    "SequenceVariant": "SK",
    "SeriesDescription": "ep2d_Didak_VF_L1_Run2",
    "SliceTiming": [
      2.9225,
      2.8525,
      2.7825,
      2.7125,
      2.6425,
      2.575,
      2.505,
      2.435,
      2.365,
      2.295,
      2.2275,
      2.1575,
      2.0875,
      2.0175,
      1.9475,
      1.8775,
      1.81,
      1.74,
      1.67,
      1.6,
      1.53,
      1.46,
      1.3925,
      1.3225,
      1.2525,
      1.1825,
      1.1125,
      1.0425,
      0.975,
      0.905,
      0.835,
      0.765,
      0.695,
      0.625,
      0.5575,
      0.4875,
      0.4175,
      0.3475,
      0.2775,
      0.21,
      0.14,
      0.07,
      0
    ],
    "SoftwareVersions": "syngo_MR_B17",
    "TaskName": "prodL1",
    "TotalReadoutTime": 0.0333901,
    "dataset": "ds003542",
    "modality": "bold",
    "run_id": 2,
    "subject_id": "26",
    "task_id": "prodL1"
  },
  "dummy_trs": 0,
  "dvars_nstd": 39.71670841104599,
  "dvars_std": 1.2485754578661095,
  "dvars_vstd": 0.9752439444351468,
  "efc": 0.6116809709917469,
  "fber": 246.10142517089844,
  "fd_mean": 0.3585600989186143,
  "fd_num": 170,
  "fd_perc": 70.83333333333333,
  "fwhm_avg": 2.830191428089901,
  "fwhm_x": 2.5823300000000002,
  "fwhm_y": 3.012286666666667,
  "fwhm_z": 2.895957617603037,
  "gcor": 0.0296964,
  "gsr_x": -0.019560234621167183,
  "gsr_y": 0.15377238392829895,
  "provenance": {
    "md5sum": "d8417b7081eca82ae0c40e45faf3caf4",
    "settings": {
      "fd_thres": 0.2,
      "testing": false
    },
    "software": "mriqc",
    "version": "22.0.1",
    "webapi_port": null,
    "webapi_url": "https://mriqc.nimh.nih.gov/api/v1"
  },
  "size_t": 240,
  "size_x": 64,
  "size_y": 64,
  "size_z": 43,
  "snr": 2.757743221183572,
  "spacing_tr": 3.0,
  "spacing_x": 3.0,
  "spacing_y": 3.0,
  "spacing_z": 3.299999952316284,
  "summary_bg_k": 38.93163592464664,
  "summary_bg_mad": 21.503910997233348,
  "summary_bg_mean": 90.07223510742188,
  "summary_bg_median": 40.25416946411133,
  "summary_bg_n": 95022.0,
  "summary_bg_p05": 24.52083396911621,
  "summary_bg_p95": 321.022523498535,
  "summary_bg_stdv": 134.14669799804688,
  "summary_fg_k": 2.5055658064424504,
  "summary_fg_mad": 193.2510096075137,
  "summary_fg_mean": 701.5308227539062,
  "summary_fg_median": 652.5916748046875,
  "summary_fg_n": 39795.0,
  "summary_fg_p05": 405.26959838867185,
  "summary_fg_p95": 1161.9046630859373,
  "summary_fg_stdv": 236.63677978515625,
  "tsnr": 43.63354023685679
}