{
  "aor": 0.009534354838709678,
  "aqi": 0.006460703655913977,
  "bids_meta": {
    "AcquisitionNumber": 1,
    "AcquisitionTime": "16:58:36.772500",
    "BandwidthPerPixelPhaseEncode": 28.409,
    "ConversionSoftware": "dcm2niix",
    "ConversionSoftwareVersion": "v1.0.20170724 GCC4.4.7",
    "DeviceSerialNumber": "35414",
    "EchoTime": 0.03,
    "EffectiveEchoSpacing": 0.000550002,
    "FlipAngle": 80,
    "ImageType": [
      "ORIGINAL",
      "PRIMARY",
      "FMRI",
      "NONE",
      "ND",
      "MOSAIC"
    ],
    "InstitutionAddress": "Mikeletegi_69_San_Sebastian_District_ES_20009",
    "InstitutionName": "BCBL",
    "MagneticFieldStrength": 3,
    "Manufacturer": "Siemens",
    "ManufacturersModelName": "TrioTim",
    "PhaseEncodingDirection": "j-",
    "PhaseEncodingLines": 64,
    "ProcedureStepDescription": "CRANEO_FUNCIONAL",
    "ProtocolName": "ep2d_PiN_L2_Run1",
    "RepetitionTime": 2,
    "ScanningSequence": "EP",
    "SequenceName": "_epfid2d1_64",
    "SequenceVariant": "SK",
    "SeriesDescription": "ep2d_PiN_L2_Run1",
    "SliceTiming": [
      1.925,
      1.8625,
      1.8,
      1.7375,
      1.675,
      1.615,
      1.5525,
      1.49,
      1.4275,
      1.365,
      1.3025,
      1.2425,
      1.18,
      1.1175,
      1.055,
      0.9925,
      0.93,
      0.87,
      0.8075,
      0.745,
      0.6825,
      0.62,
      0.5575,
      0.495,
      0.435,
      0.3725,
      0.31,
      0.2475,
      0.185,
      0.1225,
      0.0625,
      0
    ],
    "SoftwareVersions": "syngo_MR_B17",
    "TaskName": "compLn",
    "TotalReadoutTime": 0.0346501,
    "dataset": "ds003542",
    "modality": "bold",
    "run_id": 1,
    "subject_id": "26",
    "task_id": "compLn"
  },
  "dummy_trs": 0,
  "dvars_nstd": 25.90221599881081,
  "dvars_std": 1.1347324059459456,
  "dvars_vstd": 1.0067928212972965,
  "efc": 0.5378290453181165,
  "fber": 704.379638671875,
  "fd_mean": 0.3887895044235983,
  "fd_num": 120,
  "fd_perc": 64.51612903225806,
  "fwhm_avg": 2.7012025757575757,
  "fwhm_x": 2.493309090909091,
  "fwhm_y": 2.9445236363636367,
  "fwhm_z": 2.665775,
  "gcor": 0.0404134,
  "gsr_x": -0.022422414273023605,
  "gsr_y": 0.10585737228393555,
  "provenance": {
    "md5sum": "210436d3b967c9754998e8702b2c9589",
    "settings": {
      "fd_thres": 0.2,
      "testing": false
    },
    "software": "mriqc",
    "version": "22.0.1",
    "webapi_port": null,
    "webapi_url": "https://mriqc.nimh.nih.gov/api/v1"
  },
  "size_t": 186,
  "size_x": 64,
  "size_y": 64,
  "size_z": 32,
  "snr": 3.0830042922136887,
  "spacing_tr": 2.0,
  "spacing_x": 3.4375,
  "spacing_y": 3.4375,
  "spacing_z": 4.0,
  "summary_bg_k": 69.89840647527085,
  "summary_bg_mad": 8.991263561925951,
  "summary_bg_mean": 45.73534393310547,
  "summary_bg_median": 18.989246368408203,
  "summary_bg_n": 77740.0,
  "summary_bg_p05": 12.306451797485352,
  "summary_bg_p95": 164.7042999267578,
  "summary_bg_stdv": 82.09651184082031,
  "summary_fg_k": 1.8660600414276587,
  "summary_fg_mad": 139.2888903140423,
  "summary_fg_mean": 550.5056762695312,
  "summary_fg_median": 518.8575439453125,
  "summary_fg_n": 22784.0,
  "summary_fg_p05": 328.9685485839844,
  "summary_fg_p95": 873.0029541015625,
  "summary_fg_stdv": 168.29238891601562,
  "tsnr": 54.137976127676666
}