{
  "aor": 0.006292125,
  "aqi": 0.007576418166666667,
  "bids_meta": {
    "AcquisitionNumber": 1,
    "AcquisitionTime": "15:48:43.805000",
    "BandwidthPerPixelPhaseEncode": 29.481,
    "ConversionSoftware": "dcm2niix",
    "ConversionSoftwareVersion": "v1.0.20170724 GCC4.4.7",
    "DeviceSerialNumber": "35414",
    "EchoTime": 0.025,
    "EffectiveEchoSpacing": 0.000530002,
    "FlipAngle": 90,
    "ImageType": [
      "ORIGINAL",
      "PRIMARY",
      "M",
      "ND",
      "MOSAIC"
    ],
    "InstitutionAddress": "Mikeletegi_69_San_Sebastian_District_ES_20009",
    "InstitutionName": "BCBL",
    "MagneticFieldStrength": 3,
    "Manufacturer": "Siemens",
    "ManufacturersModelName": "TrioTim",
    "PhaseEncodingDirection": "j-",
    "PhaseEncodingLines": 64,
    "ProcedureStepDescription": "CRANEO_FUNCIONAL",
    "ProtocolName": "ep2d_Didak_VF_L1_Run1",
    "RepetitionTime": 3,
    "ScanningSequence": "EP",
    "SequenceName": "_epfid2d1_64",
    "SequenceVariant": "SK",
    "SeriesDescription": "ep2d_Didak_VF_L1_Run1",
    "SliceTiming": [
      2.9225,
      2.8525,
      2.7825,
      2.7125,
      2.645,
      2.575,
      2.505,
      2.435,
      2.365,
      2.295,
      2.2275,
      2.1575,
      2.0875,
      2.0175,
      1.9475,
      1.88,
      1.81,
      1.74,
      1.67,
      1.6,
      1.53,
      1.4625,
      1.3925,
      1.3225,
      1.2525,
      1.1825,
      1.1125,
      1.045,
      0.975,
      0.905,
      0.835,
      0.765,
      0.695,
      0.6275,
      0.5575,
      0.4875,
      0.4175,
      0.3475,
      0.2775,
      0.21,
      0.14,
      0.07,
      0
    ],
    "SoftwareVersions": "syngo_MR_B17",
    "TaskName": "prodL1",
    "TotalReadoutTime": 0.0333901,
    "dataset": "ds003542",
    "modality": "bold",
    "run_id": 1,
    "subject_id": "26",
    "task_id": "prodL1"
  },
  "dummy_trs": 0,
  "dvars_nstd": 40.65285906133891,
  "dvars_std": 1.3283852703347276,
  "dvars_vstd": 1.0170977350209207,
  "efc": 0.6105120056240776,
  "fber": 248.80636596679688,
  "fd_mean": 0.3578970742013835,
  "fd_num": 148,
  "fd_perc": 61.666666666666664,
  "fwhm_avg": 2.8105455693912185,
  "fwhm_x": 2.5715066666666666,
  "fwhm_y": 2.9875966666666667,
  "fwhm_z": 2.8725333748403226,
  "gcor": 0.0272049,
  "gsr_x": -0.019764717668294907,
  "gsr_y": 0.1547335684299469,
  "provenance": {
    "md5sum": "5770e1d46ff1b78fb5a4e05b6667eb27",
    "settings": {
      "fd_thres": 0.2,
      "testing": false
    },
    "software": "mriqc",
    "version": "22.0.1",
    "webapi_port": null,
    "webapi_url": "https://mriqc.nimh.nih.gov/api/v1"
  },
  "size_t": 240,
  "size_x": 64,
  "size_y": 64,
  "size_z": 43,
  "snr": 2.7363117124862453,
  "spacing_tr": 3.0,
  "spacing_x": 3.0,
  "spacing_y": 3.0,
  "spacing_z": 3.299999952316284,
  "summary_bg_k": 41.1491501986625,
  "summary_bg_mad": 21.670705443518816,
  "summary_bg_mean": 90.13471984863281,
  "summary_bg_median": 40.0958366394043,
  "summary_bg_n": 95168.0,
  "summary_bg_p05": 24.00833511352539,
  "summary_bg_p95": 321.7620956420897,
  "summary_bg_stdv": 136.21270751953125,
  "summary_fg_k": 2.55596638574504,
  "summary_fg_mad": 193.97068340168943,
  "summary_fg_mean": 703.0900268554688,
  "summary_fg_median": 653.0916748046875,
  "summary_fg_n": 39676.0,
  "summary_fg_p05": 405.3812713623047,
  "summary_fg_p95": 1166.2750854492188,
  "summary_fg_stdv": 238.6728973388672,
  "tsnr": 47.74525176361203
}