{
  "bids_meta": {
    "AccelFactPE": 2,
    "AcquisitionNumber": 1,
    "AcquisitionTime": "14:56:12.130000",
    "ConversionSoftware": "dcm2niix",
    "ConversionSoftwareVersion": "v1.0.20170724 GCC4.4.7",
    "DeviceSerialNumber": "35414",
    "EchoTime": 0.0035,
    "FlipAngle": 7,
    "ImageType": [
      "ORIGINAL",
      "PRIMARY",
      "M",
      "ND",
      "NORM"
    ],
    "InstitutionAddress": "Mikeletegi_69_San_Sebastian_District_ES_20009",
    "InstitutionName": "BCBL",
    "InversionTime": 1.1,
    "MagneticFieldStrength": 3,
    "Manufacturer": "Siemens",
    "ManufacturersModelName": "TrioTim",
    "PhaseEncodingDirection": "i-",
    "PhaseEncodingLines": 256,
    "ProcedureStepDescription": "CRANEO_FUNCIONAL",
    "ProtocolName": "t1_mpr_sag_p2_1mm_iso_MGH",
    "RepetitionTime": 2.53,
    "ScanningSequence": "GR_IR",
    "SequenceName": "_tfl3d1_ns",
    "SequenceVariant": "SP_MP",
    "SeriesDescription": "t1_mpr_sag_p2_1mm_iso_MGH",
    "SoftwareVersions": "syngo_MR_B17",
    "dataset": "ds003542",
    "modality": "T1w",
    "subject_id": "13"
  },
  "cjv": 0.4040741571920654,
  "cnr": 3.2848238434148334,
  "efc": 0.5399987074062477,
  "fber": 5296.0147050988335,
  "fwhm_avg": 3.574813333333333,
  "fwhm_x": 3.63727,
  "fwhm_y": 3.80856,
  "fwhm_z": 3.27861,
  "icvs_csf": 0.21379360117086285,
  "icvs_gm": 0.40418119873384856,
  "icvs_wm": 0.38202520009528856,
  "inu_med": 0.602196991443634,
  "inu_range": 0.2255603343248367,
  "provenance": {
    "md5sum": "c08c67fa5fa3ec1e850267739e53d602",
    "settings": {
      "testing": false
    },
    "software": "mriqc",
    "version": "22.0.1",
    "warnings": {
      "large_rot_frame": true,
      "small_air_mask": false
    },
    "webapi_port": null,
    "webapi_url": "https://mriqc.nimh.nih.gov/api/v1"
  },
  "qi_1": 0.0,
  "qi_2": 0.0064659229902503165,
  "rpve_csf": 24.398483844788988,
  "rpve_gm": 12.964040974920524,
  "rpve_wm": 16.38184953789438,
  "size_x": 176,
  "size_y": 256,
  "size_z": 256,
  "snr_csf": 1.7465929377339144,
  "snr_gm": 8.366050719136476,
  "snr_total": 10.094270197268505,
  "snr_wm": 20.170166934935125,
  "snrd_csf": 17.99529555819329,
  "snrd_gm": 65.3224657561174,
  "snrd_total": 59.617606605408184,
  "snrd_wm": 95.53505850191388,
  "spacing_x": 1.0,
  "spacing_y": 1.0,
  "spacing_z": 1.0,
  "summary_bg_k": 5.564399811333692,
  "summary_bg_mad": 6.857549883158653,
  "summary_bg_mean": 8.07126310838326,
  "summary_bg_median": 4.6253471076488495,
  "summary_bg_n": 2912644.0,
  "summary_bg_p05": 0.0,
  "summary_bg_p95": 31.579956114292145,
  "summary_bg_stdv": 11.468556172328725,
  "summary_csf_k": 1.7129096822575978,
  "summary_csf_mad": 83.80398891694576,
  "summary_csf_mean": 208.53127059175,
  "summary_csf_median": 188.36327359080315,
  "summary_csf_n": 34453.0,
  "summary_csf_p05": 66.84743033647538,
  "summary_csf_p95": 431.6948101878164,
  "summary_csf_stdv": 107.84455603534337,
  "summary_gm_k": 0.038157508401208684,
  "summary_gm_mad": 81.01367551621223,
  "summary_gm_mean": 683.8722234947105,
  "summary_gm_median": 683.7538982927799,
  "summary_gm_n": 17693.0,
  "summary_gm_p05": 549.5933130145073,
  "summary_gm_p95": 821.3404303252695,
  "summary_gm_stdv": 81.7272806788207,
  "summary_wm_k": 0.6475197094895067,
  "summary_wm_mad": 46.77321954788902,
  "summary_wm_mean": 998.8766022928777,
  "summary_wm_median": 1000.0000446736813,
  "summary_wm_n": 210614.0,
  "summary_wm_p05": 915.9463230967522,
  "summary_wm_p95": 1077.610179245472,
  "summary_wm_stdv": 49.578056239461134,
  "tpm_overlap_csf": 0.1796422552638556,
  "tpm_overlap_gm": 0.45263969842659046,
  "tpm_overlap_wm": 0.521247499341295,
  "wm2max": 0.5716135149426544
}