{
  "bids_meta": {
    "AccelFactPE": 2,
    "AcquisitionNumber": 1,
    "AcquisitionTime": "12:29:56.272500",
    "ConversionSoftware": "dcm2niix",
    "ConversionSoftwareVersion": "v1.0.20170724 GCC4.4.7",
    "DeviceSerialNumber": "35414",
    "EchoTime": 0.0035,
    "FlipAngle": 7,
    "ImageType": [
      "ORIGINAL",
      "PRIMARY",
      "M",
      "ND",
      "NORM"
    ],
    "InstitutionAddress": "Mikeletegi_69_San_Sebastian_District_ES_20009",
    "InstitutionName": "BCBL",
    "InversionTime": 1.1,
    "MagneticFieldStrength": 3,
    "Manufacturer": "Siemens",
    "ManufacturersModelName": "TrioTim",
    "PhaseEncodingDirection": "i-",
    "PhaseEncodingLines": 256,
    "ProcedureStepDescription": "CRANEO_FUNCIONAL",
    "ProtocolName": "t1_mpr_sag_p2_1mm_iso_MGH",
    "RepetitionTime": 2.53,
    "ScanningSequence": "GR_IR",
    "SequenceName": "_tfl3d1_ns",
    "SequenceVariant": "SP_MP",
    "SeriesDescription": "t1_mpr_sag_p2_1mm_iso_MGH",
    "SoftwareVersions": "syngo_MR_B17",
    "dataset": "ds003542",
    "modality": "T1w",
    "subject_id": "10"
  },
  "cjv": 0.3710359263820944,
  "cnr": 3.583088915533561,
  "efc": 0.5173717134767082,
  "fber": 13059.257511975611,
  "fwhm_avg": 3.8978,
  "fwhm_x": 3.97486,
  "fwhm_y": 4.09452,
  "fwhm_z": 3.62402,
  "icvs_csf": 0.2436005149478106,
  "icvs_gm": 0.41729400518380916,
  "icvs_wm": 0.33910547986838024,
  "inu_med": 0.5791787505149841,
  "inu_range": 0.2061057895421981,
  "provenance": {
    "md5sum": "ff4203de1a83e0e2b897314f1bc7129f",
    "settings": {
      "testing": false
    },
    "software": "mriqc",
    "version": "22.0.1",
    "warnings": {
      "large_rot_frame": true,
      "small_air_mask": false
    },
    "webapi_port": null,
    "webapi_url": "https://mriqc.nimh.nih.gov/api/v1"
  },
  "qi_1": 0.0,
  "qi_2": 0.028291739567995723,
  "rpve_csf": 25.011333965906488,
  "rpve_gm": 14.390488631415536,
  "rpve_wm": 20.310566563006937,
  "size_x": 176,
  "size_y": 256,
  "size_z": 256,
  "snr_csf": 1.8034598236665984,
  "snr_gm": 9.824932544320768,
  "snr_total": 11.437891015838417,
  "snr_wm": 22.68528067952788,
  "snrd_csf": 14.895524011113848,
  "snrd_gm": 70.09639923344906,
  "snrd_total": 61.74345653109501,
  "snrd_wm": 100.23844634872215,
  "spacing_x": 1.0,
  "spacing_y": 1.0,
  "spacing_z": 1.0,
  "summary_bg_k": 7.594129021955418,
  "summary_bg_mad": 6.535779668846366,
  "summary_bg_mean": 4.587075554443567,
  "summary_bg_median": 4.408316396176815,
  "summary_bg_n": 3113854.0,
  "summary_bg_p05": 0.0,
  "summary_bg_p95": 15.726121611893177,
  "summary_bg_stdv": 5.8403837081256516,
  "summary_csf_k": 4.108024035666405,
  "summary_csf_mad": 57.98766216827521,
  "summary_csf_mean": 165.1167067115437,
  "summary_csf_median": 148.6009066030383,
  "summary_csf_n": 58061.0,
  "summary_csf_p05": 69.65765199065208,
  "summary_csf_p95": 334.56307628005743,
  "summary_csf_stdv": 82.39697106143502,
  "summary_gm_k": 0.05069562065965316,
  "summary_gm_mad": 70.17851360732907,
  "summary_gm_mean": 698.9160439479523,
  "summary_gm_median": 699.2965449169278,
  "summary_gm_n": 26708.0,
  "summary_gm_p05": 580.3454741600901,
  "summary_gm_p95": 816.0700324326754,
  "summary_gm_stdv": 71.1743770373502,
  "summary_wm_k": 0.5716054603783349,
  "summary_wm_mad": 41.39327123602698,
  "summary_wm_mean": 998.9851659805219,
  "summary_wm_median": 999.9999995157123,
  "summary_wm_n": 168523.0,
  "summary_wm_p05": 925.0586207807064,
  "summary_wm_p95": 1069.251210987568,
  "summary_wm_stdv": 44.081316280987636,
  "tpm_overlap_csf": 0.15980096837068258,
  "tpm_overlap_gm": 0.46124494135212457,
  "tpm_overlap_wm": 0.5221128514683004,
  "wm2max": 0.6236412685176802
}