{
  "aor": 0.004656458333333334,
  "aqi": 0.010399017416666666,
  "bids_meta": {
    "AcquisitionNumber": 1,
    "AcquisitionTime": "10:57:30.425000",
    "BandwidthPerPixelPhaseEncode": 29.481,
    "ConversionSoftware": "dcm2niix",
    "ConversionSoftwareVersion": "v1.0.20170724 GCC4.4.7",
    "DeviceSerialNumber": "35414",
    "EchoTime": 0.025,
    "EffectiveEchoSpacing": 0.000530002,
    "FlipAngle": 90,
    "ImageType": [
      "ORIGINAL",
      "PRIMARY",
      "M",
      "ND",
      "MOSAIC"
    ],
    "InstitutionAddress": "Mikeletegi_69_San_Sebastian_District_ES_20009",
    "InstitutionName": "BCBL",
    "MagneticFieldStrength": 3,
    "Manufacturer": "Siemens",
    "ManufacturersModelName": "TrioTim",
    "PhaseEncodingDirection": "j-",
    "PhaseEncodingLines": 64,
    "ProcedureStepDescription": "CRANEO_FUNCIONAL",
    "ProtocolName": "ep2d_Didak_VF_L1_Run1",
    "RepetitionTime": 3,
    "ScanningSequence": "EP",
    "SequenceName": "_epfid2d1_64",
    "SequenceVariant": "SK",
    "SeriesDescription": "ep2d_Didak_VF_L1_Run1",
    "SliceTiming": [
      2.9225,
      2.8525,
      2.7825,
      2.7125,
      2.645,
      2.575,
      2.505,
      2.435,
      2.365,
      2.2975,
      2.2275,
      2.1575,
      2.0875,
      2.0175,
      1.9475,
      1.88,
      1.81,
      1.74,
      1.67,
      1.6,
      1.53,
      1.4625,
      1.3925,
      1.3225,
      1.2525,
      1.1825,
      1.1125,
      1.045,
      0.975,
      0.905,
      0.835,
      0.765,
      0.695,
      0.6275,
      0.5575,
      0.4875,
      0.4175,
      0.3475,
      0.28,
      0.21,
      0.14,
      0.07,
      0
    ],
    "SoftwareVersions": "syngo_MR_B17",
    "TaskName": "prodL1",
    "TotalReadoutTime": 0.0333901,
    "dataset": "ds003542",
    "modality": "bold",
    "run_id": 1,
    "subject_id": "21",
    "task_id": "prodL1"
  },
  "dummy_trs": 0,
  "dvars_nstd": 38.39511568050208,
  "dvars_std": 1.1273151095815903,
  "dvars_vstd": 0.9754500864435143,
  "efc": 0.593835032869887,
  "fber": 289.06463623046875,
  "fd_mean": 0.3732431431493719,
  "fd_num": 131,
  "fd_perc": 54.583333333333336,
  "fwhm_avg": 2.699832372631745,
  "fwhm_x": 2.5566666666666666,
  "fwhm_y": 2.8640033333333332,
  "fwhm_z": 2.6788271178952354,
  "gcor": 0.0207998,
  "gsr_x": -0.02517753094434738,
  "gsr_y": 0.13240784406661987,
  "provenance": {
    "md5sum": "03265142b3c77fa631378d7d057b5f94",
    "settings": {
      "fd_thres": 0.2,
      "testing": false
    },
    "software": "mriqc",
    "version": "22.0.1",
    "webapi_port": null,
    "webapi_url": "https://mriqc.nimh.nih.gov/api/v1"
  },
  "size_t": 240,
  "size_x": 64,
  "size_y": 64,
  "size_z": 43,
  "snr": 2.5510903037381376,
  "spacing_tr": 3.0,
  "spacing_x": 3.0,
  "spacing_y": 3.0,
  "spacing_z": 3.3000001907348633,
  "summary_bg_k": 23.25531039459278,
  "summary_bg_mad": 16.611324807300587,
  "summary_bg_mean": 90.31110382080078,
  "summary_bg_median": 39.125003814697266,
  "summary_bg_n": 100670.0,
  "summary_bg_p05": 26.08333396911621,
  "summary_bg_p95": 336.26106262207014,
  "summary_bg_stdv": 123.44660186767578,
  "summary_fg_k": 3.9842357604216625,
  "summary_fg_mad": 215.6475422235565,
  "summary_fg_mean": 736.8895263671875,
  "summary_fg_median": 679.9500122070312,
  "summary_fg_n": 36486.0,
  "summary_fg_p05": 417.49481201171875,
  "summary_fg_p95": 1245.3376159667969,
  "summary_fg_stdv": 266.5294494628906,
  "tsnr": 37.864027936710045
}