{
  "aor": 0.002530702702702702,
  "aqi": 0.002239378513513513,
  "bids_meta": {
    "AcquisitionNumber": 1,
    "AcquisitionTime": "10:48:6.715000",
    "BandwidthPerPixelPhaseEncode": 28.409,
    "ConversionSoftware": "dcm2niix",
    "ConversionSoftwareVersion": "v1.0.20170724 GCC4.4.7",
    "DeviceSerialNumber": "35414",
    "EchoTime": 0.03,
    "EffectiveEchoSpacing": 0.000550002,
    "FlipAngle": 80,
    "ImageType": [
      "ORIGINAL",
      "PRIMARY",
      "FMRI",
      "NONE",
      "ND",
      "MOSAIC"
    ],
    "InstitutionAddress": "Mikeletegi_69_San_Sebastian_District_ES_20009",
    "InstitutionName": "BCBL",
    "MagneticFieldStrength": 3,
    "Manufacturer": "Siemens",
    "ManufacturersModelName": "TrioTim",
    "PhaseEncodingDirection": "j-",
    "PhaseEncodingLines": 64,
    "ProcedureStepDescription": "CRANEO_FUNCIONAL",
    "ProtocolName": "ep2d_PiN_L1_Run3",
    "RepetitionTime": 2,
    "ScanningSequence": "EP",
    "SequenceName": "_epfid2d1_64",
    "SequenceVariant": "SK",
    "SeriesDescription": "ep2d_PiN_L1_Run3",
    "SliceTiming": [
      1.925,
      1.8625,
      1.8,
      1.7375,
      1.675,
      1.615,
      1.5525,
      1.49,
      1.4275,
      1.365,
      1.3025,
      1.2425,
      1.18,
      1.1175,
      1.055,
      0.9925,
      0.93,
      0.8675,
      0.8075,
      0.745,
      0.6825,
      0.62,
      0.5575,
      0.495,
      0.435,
      0.3725,
      0.31,
      0.2475,
      0.185,
      0.1225,
      0.0625,
      0
    ],
    "SoftwareVersions": "syngo_MR_B17",
    "TaskName": "compL1",
    "TotalReadoutTime": 0.0346501,
    "dataset": "ds003542",
    "modality": "bold",
    "run_id": 3,
    "subject_id": "21",
    "task_id": "compL1"
  },
  "dummy_trs": 1,
  "dvars_nstd": 21.710717118749987,
  "dvars_std": 1.1808987061956515,
  "dvars_vstd": 1.0072474565217384,
  "efc": 0.5133429521000968,
  "fber": 789.7308349609375,
  "fd_mean": 0.2247974034400321,
  "fd_num": 103,
  "fd_perc": 55.67567567567568,
  "fwhm_avg": 2.599969,
  "fwhm_x": 2.516090181818182,
  "fwhm_y": 2.7655418181818185,
  "fwhm_z": 2.518275,
  "gcor": 0.0361872,
  "gsr_x": -0.03190293535590172,
  "gsr_y": 0.08345706760883331,
  "provenance": {
    "md5sum": "e9288115858e7998463e76913a192eeb",
    "settings": {
      "fd_thres": 0.2,
      "testing": false
    },
    "software": "mriqc",
    "version": "22.0.1",
    "webapi_port": null,
    "webapi_url": "https://mriqc.nimh.nih.gov/api/v1"
  },
  "size_t": 185,
  "size_x": 64,
  "size_y": 64,
  "size_z": 32,
  "snr": 2.8156608623188877,
  "spacing_tr": 2.0,
  "spacing_x": 3.4375,
  "spacing_y": 3.4375,
  "spacing_z": 4.0,
  "summary_bg_k": 45.548880967200574,
  "summary_bg_mad": 6.5514985340170275,
  "summary_bg_mean": 45.398643493652344,
  "summary_bg_median": 19.067567825317383,
  "summary_bg_n": 81698.0,
  "summary_bg_p05": 14.31891918182373,
  "summary_bg_p95": 182.10135879516585,
  "summary_bg_stdv": 73.60537719726562,
  "summary_fg_k": 3.0179074354161335,
  "summary_fg_mad": 157.2239521550008,
  "summary_fg_mean": 581.5516967773438,
  "summary_fg_median": 541.6702880859375,
  "summary_fg_n": 20384.0,
  "summary_fg_p05": 342.6613494873047,
  "summary_fg_p95": 950.7389343261713,
  "summary_fg_stdv": 192.37295532226562,
  "tsnr": 82.65921479417011
}