{
  "aor": 0.001569516129032258,
  "aqi": 0.0018895100967741938,
  "bids_meta": {
    "AcquisitionNumber": 1,
    "AcquisitionTime": "10:32:56.650000",
    "BandwidthPerPixelPhaseEncode": 28.409,
    "ConversionSoftware": "dcm2niix",
    "ConversionSoftwareVersion": "v1.0.20170724 GCC4.4.7",
    "DeviceSerialNumber": "35414",
    "EchoTime": 0.03,
    "EffectiveEchoSpacing": 0.000550002,
    "FlipAngle": 80,
    "ImageType": [
      "ORIGINAL",
      "PRIMARY",
      "FMRI",
      "NONE",
      "ND",
      "MOSAIC"
    ],
    "InstitutionAddress": "Mikeletegi_69_San_Sebastian_District_ES_20009",
    "InstitutionName": "BCBL",
    "MagneticFieldStrength": 3,
    "Manufacturer": "Siemens",
    "ManufacturersModelName": "TrioTim",
    "PhaseEncodingDirection": "j-",
    "PhaseEncodingLines": 64,
    "ProcedureStepDescription": "CRANEO_FUNCIONAL",
    "ProtocolName": "ep2d_PiN_L1_Run1",
    "RepetitionTime": 2,
    "ScanningSequence": "EP",
    "SequenceName": "_epfid2d1_64",
    "SequenceVariant": "SK",
    "SeriesDescription": "ep2d_PiN_L1_Run1",
    "SliceTiming": [
      1.9275,
      1.865,
      1.8025,
      1.74,
      1.6775,
      1.615,
      1.5525,
      1.4925,
      1.43,
      1.3675,
      1.305,
      1.2425,
      1.18,
      1.12,
      1.0575,
      0.995,
      0.9325,
      0.87,
      0.8075,
      0.745,
      0.685,
      0.6225,
      0.56,
      0.4975,
      0.435,
      0.3725,
      0.3125,
      0.25,
      0.1875,
      0.125,
      0.0625,
      0
    ],
    "SoftwareVersions": "syngo_MR_B17",
    "TaskName": "compL1",
    "TotalReadoutTime": 0.0346501,
    "dataset": "ds003542",
    "modality": "bold",
    "run_id": 1,
    "subject_id": "21",
    "task_id": "compL1"
  },
  "dummy_trs": 0,
  "dvars_nstd": 21.244704354972978,
  "dvars_std": 1.1775241625405406,
  "dvars_vstd": 1.001379878864865,
  "efc": 0.5120351714060536,
  "fber": 770.077880859375,
  "fd_mean": 0.21444620886580595,
  "fd_num": 95,
  "fd_perc": 51.075268817204304,
  "fwhm_avg": 2.5580302272727273,
  "fwhm_x": 2.4796334545454544,
  "fwhm_y": 2.7065047272727276,
  "fwhm_z": 2.4879525,
  "gcor": 0.024191,
  "gsr_x": -0.028005002066493034,
  "gsr_y": 0.07968645542860031,
  "provenance": {
    "md5sum": "aa940ed8f2734ff1d9ed67a0a2ce3983",
    "settings": {
      "fd_thres": 0.2,
      "testing": false
    },
    "software": "mriqc",
    "version": "22.0.1",
    "webapi_port": null,
    "webapi_url": "https://mriqc.nimh.nih.gov/api/v1"
  },
  "size_t": 186,
  "size_x": 64,
  "size_y": 64,
  "size_z": 32,
  "snr": 2.855255250653986,
  "spacing_tr": 2.0,
  "spacing_x": 3.4375,
  "spacing_y": 3.4375,
  "spacing_z": 4.0,
  "summary_bg_k": 50.28075847174912,
  "summary_bg_mad": 5.8985249857517426,
  "summary_bg_mean": 43.4156494140625,
  "summary_bg_median": 19.24193572998047,
  "summary_bg_n": 81575.0,
  "summary_bg_p05": 14.849462509155273,
  "summary_bg_p95": 169.26344299316406,
  "summary_bg_stdv": 68.78020477294922,
  "summary_fg_k": 3.108146021685556,
  "summary_fg_mad": 155.3066092316456,
  "summary_fg_mean": 579.7181396484375,
  "summary_fg_median": 541.8521728515625,
  "summary_fg_n": 20252.0,
  "summary_fg_p05": 343.86318359375,
  "summary_fg_p95": 943.5628967285157,
  "summary_fg_stdv": 189.76895141601562,
  "tsnr": 83.516301529482
}