{
  "aor": 0.0008155135135135135,
  "aqi": 0.001423365118918919,
  "bids_meta": {
    "AcquisitionNumber": 1,
    "AcquisitionTime": "10:40:50.927500",
    "BandwidthPerPixelPhaseEncode": 28.409,
    "ConversionSoftware": "dcm2niix",
    "ConversionSoftwareVersion": "v1.0.20170724 GCC4.4.7",
    "DeviceSerialNumber": "35414",
    "EchoTime": 0.03,
    "EffectiveEchoSpacing": 0.000550002,
    "FlipAngle": 80,
    "ImageType": [
      "ORIGINAL",
      "PRIMARY",
      "FMRI",
      "NONE",
      "ND",
      "MOSAIC"
    ],
    "InstitutionAddress": "Mikeletegi_69_San_Sebastian_District_ES_20009",
    "InstitutionName": "BCBL",
    "MagneticFieldStrength": 3,
    "Manufacturer": "Siemens",
    "ManufacturersModelName": "TrioTim",
    "PhaseEncodingDirection": "j-",
    "PhaseEncodingLines": 64,
    "ProcedureStepDescription": "CRANEO_FUNCIONAL",
    "ProtocolName": "ep2d_PiN_L1_Run2",
    "RepetitionTime": 2,
    "ScanningSequence": "EP",
    "SequenceName": "_epfid2d1_64",
    "SequenceVariant": "SK",
    "SeriesDescription": "ep2d_PiN_L1_Run2",
    "SliceTiming": [
      1.925,
      1.8625,
      1.8,
      1.74,
      1.6775,
      1.615,
      1.5525,
      1.49,
      1.4275,
      1.3675,
      1.305,
      1.2425,
      1.18,
      1.1175,
      1.055,
      0.9925,
      0.9325,
      0.87,
      0.8075,
      0.745,
      0.6825,
      0.62,
      0.56,
      0.4975,
      0.435,
      0.3725,
      0.31,
      0.2475,
      0.1875,
      0.125,
      0.0625,
      0
    ],
    "SoftwareVersions": "syngo_MR_B17",
    "TaskName": "compL1",
    "TotalReadoutTime": 0.0346501,
    "dataset": "ds003542",
    "modality": "bold",
    "run_id": 2,
    "subject_id": "21",
    "task_id": "compL1"
  },
  "dummy_trs": 1,
  "dvars_nstd": 20.391807908967383,
  "dvars_std": 1.1721952447282602,
  "dvars_vstd": 1.0040783084239129,
  "efc": 0.5121194686650387,
  "fber": 805.3170776367188,
  "fd_mean": 0.1823835550041782,
  "fd_num": 71,
  "fd_perc": 38.37837837837838,
  "fwhm_avg": 2.5891561515151515,
  "fwhm_x": 2.514333090909091,
  "fwhm_y": 2.7310603636363635,
  "fwhm_z": 2.522075,
  "gcor": 0.0369062,
  "gsr_x": -0.03136714920401573,
  "gsr_y": 0.08126384019851685,
  "provenance": {
    "md5sum": "0e491d3a12b615db74d94335644d7e71",
    "settings": {
      "fd_thres": 0.2,
      "testing": false
    },
    "software": "mriqc",
    "version": "22.0.1",
    "webapi_port": null,
    "webapi_url": "https://mriqc.nimh.nih.gov/api/v1"
  },
  "size_t": 185,
  "size_x": 64,
  "size_y": 64,
  "size_z": 32,
  "snr": 2.8155854608667856,
  "spacing_tr": 2.0,
  "spacing_x": 3.4375,
  "spacing_y": 3.4375,
  "spacing_z": 4.0,
  "summary_bg_k": 46.68407814120575,
  "summary_bg_mad": 6.323096780426484,
  "summary_bg_mean": 44.90840148925781,
  "summary_bg_median": 18.90810775756836,
  "summary_bg_n": 81764.0,
  "summary_bg_p05": 14.31891918182373,
  "summary_bg_p95": 179.74028015136685,
  "summary_bg_stdv": 73.33061981201172,
  "summary_fg_k": 3.018038850927123,
  "summary_fg_mad": 156.86735030608867,
  "summary_fg_mean": 580.8892822265625,
  "summary_fg_median": 541.618896484375,
  "summary_fg_n": 20354.0,
  "summary_fg_p05": 342.3781173706055,
  "summary_fg_p95": 949.1254150390617,
  "summary_fg_stdv": 192.35984802246094,
  "tsnr": 93.57096808310598
}