{
  "aor": 0.0040062903225806445,
  "aqi": 0.006653046021505377,
  "bids_meta": {
    "AcquisitionNumber": 1,
    "AcquisitionTime": "16:38:51.035000",
    "BandwidthPerPixelPhaseEncode": 28.409,
    "ConversionSoftware": "dcm2niix",
    "ConversionSoftwareVersion": "v1.0.20170724 GCC4.4.7",
    "DeviceSerialNumber": "35414",
    "EchoTime": 0.03,
    "EffectiveEchoSpacing": 0.000550002,
    "FlipAngle": 80,
    "ImageType": [
      "ORIGINAL",
      "PRIMARY",
      "FMRI",
      "NONE",
      "ND",
      "MOSAIC"
    ],
    "InstitutionAddress": "Mikeletegi_69_San_Sebastian_District_ES_20009",
    "InstitutionName": "BCBL",
    "MagneticFieldStrength": 3,
    "Manufacturer": "Siemens",
    "ManufacturersModelName": "TrioTim",
    "PhaseEncodingDirection": "j-",
    "PhaseEncodingLines": 64,
    "ProcedureStepDescription": "CRANEO_FUNCIONAL",
    "ProtocolName": "ep2d_PiN_L2_Run1",
    "RepetitionTime": 2,
    "ScanningSequence": "EP",
    "SequenceName": "_epfid2d1_64",
    "SequenceVariant": "SK",
    "SeriesDescription": "ep2d_PiN_L2_Run1",
    "SliceTiming": [
      1.925,
      1.865,
      1.8025,
      1.74,
      1.6775,
      1.615,
      1.5525,
      1.4925,
      1.43,
      1.3675,
      1.305,
      1.2425,
      1.18,
      1.12,
      1.0575,
      0.995,
      0.9325,
      0.87,
      0.8075,
      0.745,
      0.685,
      0.6225,
      0.56,
      0.4975,
      0.435,
      0.3725,
      0.3125,
      0.25,
      0.1875,
      0.125,
      0.0625,
      0
    ],
    "SoftwareVersions": "syngo_MR_B17",
    "TaskName": "compLn",
    "TotalReadoutTime": 0.0346501,
    "dataset": "ds003542",
    "modality": "bold",
    "run_id": 1,
    "subject_id": "27",
    "task_id": "compLn"
  },
  "dummy_trs": 0,
  "dvars_nstd": 24.041567725189182,
  "dvars_std": 1.1653388069729733,
  "dvars_vstd": 0.958622115891892,
  "efc": 0.49421674529213755,
  "fber": 1036.007080078125,
  "fd_mean": 0.20808444343500174,
  "fd_num": 67,
  "fd_perc": 36.02150537634409,
  "fwhm_avg": 2.169752712121212,
  "fwhm_x": 2.0922443636363637,
  "fwhm_y": 2.2481512727272728,
  "fwhm_z": 2.1688625,
  "gcor": 0.0437651,
  "gsr_x": -0.011053341440856457,
  "gsr_y": 0.05028628930449486,
  "provenance": {
    "md5sum": "d27c14c195955209fa661576fe34498b",
    "settings": {
      "fd_thres": 0.2,
      "testing": false
    },
    "software": "mriqc",
    "version": "22.0.1",
    "webapi_port": null,
    "webapi_url": "https://mriqc.nimh.nih.gov/api/v1"
  },
  "size_t": 186,
  "size_x": 64,
  "size_y": 64,
  "size_z": 32,
  "snr": 3.5013239738617905,
  "spacing_tr": 2.0,
  "spacing_x": 3.4375,
  "spacing_y": 3.4375,
  "spacing_z": 4.0,
  "summary_bg_k": 63.430186818761086,
  "summary_bg_mad": 4.224619437622147,
  "summary_bg_mean": 29.239383697509766,
  "summary_bg_median": 15.360215187072754,
  "summary_bg_n": 82207.0,
  "summary_bg_p05": 12.28494644165039,
  "summary_bg_p95": 89.18279418945296,
  "summary_bg_stdv": 46.13520431518555,
  "summary_fg_k": 1.681615219735173,
  "summary_fg_mad": 122.93644571246362,
  "summary_fg_mean": 526.3214111328125,
  "summary_fg_median": 498.19085693359375,
  "summary_fg_n": 20194.0,
  "summary_fg_p05": 345.31531982421876,
  "summary_fg_p95": 795.8000122070312,
  "summary_fg_stdv": 142.28289794921875,
  "tsnr": 57.146195501089096
}