{
  "aor": 0.0014503763440860214,
  "aqi": 0.0027092802688172043,
  "bids_meta": {
    "AcquisitionNumber": 1,
    "AcquisitionTime": "15:07:52.357500",
    "BandwidthPerPixelPhaseEncode": 28.409,
    "ConversionSoftware": "dcm2niix",
    "ConversionSoftwareVersion": "v1.0.20170724 GCC4.4.7",
    "DeviceSerialNumber": "35414",
    "EchoTime": 0.03,
    "EffectiveEchoSpacing": 0.000550002,
    "FlipAngle": 80,
    "ImageType": [
      "ORIGINAL",
      "PRIMARY",
      "FMRI",
      "NONE",
      "ND",
      "MOSAIC"
    ],
    "InstitutionAddress": "Mikeletegi_69_San_Sebastian_District_ES_20009",
    "InstitutionName": "BCBL",
    "MagneticFieldStrength": 3,
    "Manufacturer": "Siemens",
    "ManufacturersModelName": "TrioTim",
    "PhaseEncodingDirection": "j-",
    "PhaseEncodingLines": 64,
    "ProcedureStepDescription": "CRANEO_FUNCIONAL",
    "ProtocolName": "ep2d_PiN_L1_Run3",
    "RepetitionTime": 2,
    "ScanningSequence": "EP",
    "SequenceName": "_epfid2d1_64",
    "SequenceVariant": "SK",
    "SeriesDescription": "ep2d_PiN_L1_Run3",
    "SliceTiming": [
      1.925,
      1.8625,
      1.8,
      1.74,
      1.6775,
      1.615,
      1.5525,
      1.49,
      1.4275,
      1.3675,
      1.305,
      1.2425,
      1.18,
      1.1175,
      1.055,
      0.995,
      0.9325,
      0.87,
      0.8075,
      0.745,
      0.6825,
      0.62,
      0.56,
      0.4975,
      0.435,
      0.3725,
      0.31,
      0.2475,
      0.1875,
      0.125,
      0.0625,
      0
    ],
    "SoftwareVersions": "syngo_MR_B17",
    "TaskName": "compL1",
    "TotalReadoutTime": 0.0346501,
    "dataset": "ds003542",
    "modality": "bold",
    "run_id": 3,
    "subject_id": "27",
    "task_id": "compL1"
  },
  "dummy_trs": 0,
  "dvars_nstd": 23.26594205324324,
  "dvars_std": 1.3020061434054058,
  "dvars_vstd": 0.9919677135135132,
  "efc": 0.48486152362153406,
  "fber": 1157.0152587890625,
  "fd_mean": 0.17237082096007017,
  "fd_num": 63,
  "fd_perc": 33.87096774193548,
  "fwhm_avg": 2.2854228936800727,
  "fwhm_x": 2.224992,
  "fwhm_y": 2.356526545454545,
  "fwhm_z": 2.274750135585674,
  "gcor": 0.0751273,
  "gsr_x": -0.01057105790823698,
  "gsr_y": 0.05226966738700867,
  "provenance": {
    "md5sum": "9a74bca9308653e959d7ddf05348c531",
    "settings": {
      "fd_thres": 0.2,
      "testing": false
    },
    "software": "mriqc",
    "version": "22.0.1",
    "webapi_port": null,
    "webapi_url": "https://mriqc.nimh.nih.gov/api/v1"
  },
  "size_t": 186,
  "size_x": 64,
  "size_y": 64,
  "size_z": 32,
  "snr": 3.1637578733546117,
  "spacing_tr": 2.0,
  "spacing_x": 3.4375,
  "spacing_y": 3.4375,
  "spacing_z": 3.999999761581421,
  "summary_bg_k": 62.93921731106015,
  "summary_bg_mad": 4.224619437622147,
  "summary_bg_mean": 30.48807144165039,
  "summary_bg_median": 15.51075267791748,
  "summary_bg_n": 82680.0,
  "summary_bg_p05": 12.4408597946167,
  "summary_bg_p95": 91.06451416015625,
  "summary_bg_stdv": 51.47793197631836,
  "summary_fg_k": 2.8160344861201274,
  "summary_fg_mad": 134.3947148784148,
  "summary_fg_mean": 562.9855346679688,
  "summary_fg_median": 528.4892578125,
  "summary_fg_n": 20190.0,
  "summary_fg_p05": 361.14139251708986,
  "summary_fg_p95": 884.0164001464841,
  "summary_fg_stdv": 167.0406494140625,
  "tsnr": 94.50179426628165
}