{
  "aor": 0.0023743010752688173,
  "aqi": 0.0022302810752688174,
  "bids_meta": {
    "AcquisitionNumber": 1,
    "AcquisitionTime": "14:59:30.965000",
    "BandwidthPerPixelPhaseEncode": 28.409,
    "ConversionSoftware": "dcm2niix",
    "ConversionSoftwareVersion": "v1.0.20170724 GCC4.4.7",
    "DeviceSerialNumber": "35414",
    "EchoTime": 0.03,
    "EffectiveEchoSpacing": 0.000550002,
    "FlipAngle": 80,
    "ImageType": [
      "ORIGINAL",
      "PRIMARY",
      "FMRI",
      "NONE",
      "ND",
      "MOSAIC"
    ],
    "InstitutionAddress": "Mikeletegi_69_San_Sebastian_District_ES_20009",
    "InstitutionName": "BCBL",
    "MagneticFieldStrength": 3,
    "Manufacturer": "Siemens",
    "ManufacturersModelName": "TrioTim",
    "PhaseEncodingDirection": "j-",
    "PhaseEncodingLines": 64,
    "ProcedureStepDescription": "CRANEO_FUNCIONAL",
    "ProtocolName": "ep2d_PiN_L1_Run2",
    "RepetitionTime": 2,
    "ScanningSequence": "EP",
    "SequenceName": "_epfid2d1_64",
    "SequenceVariant": "SK",
    "SeriesDescription": "ep2d_PiN_L1_Run2",
    "SliceTiming": [
      1.925,
      1.865,
      1.8025,
      1.74,
      1.6775,
      1.615,
      1.5525,
      1.49,
      1.43,
      1.3675,
      1.305,
      1.2425,
      1.18,
      1.1175,
      1.0575,
      0.995,
      0.9325,
      0.87,
      0.8075,
      0.745,
      0.6825,
      0.6225,
      0.56,
      0.4975,
      0.435,
      0.3725,
      0.31,
      0.25,
      0.1875,
      0.125,
      0.0625,
      0
    ],
    "SoftwareVersions": "syngo_MR_B17",
    "TaskName": "compL1",
    "TotalReadoutTime": 0.0346501,
    "dataset": "ds003542",
    "modality": "bold",
    "run_id": 2,
    "subject_id": "27",
    "task_id": "compL1"
  },
  "dummy_trs": 0,
  "dvars_nstd": 22.269756018378377,
  "dvars_std": 1.358899904972973,
  "dvars_vstd": 1.0226555173513514,
  "efc": 0.48514640600797493,
  "fber": 1160.6544189453125,
  "fd_mean": 0.14310811097042853,
  "fd_num": 30,
  "fd_perc": 16.129032258064516,
  "fwhm_avg": 2.2847585906674532,
  "fwhm_x": 2.211988363636364,
  "fwhm_y": 2.366647272727273,
  "fwhm_z": 2.275640135638722,
  "gcor": 0.056978,
  "gsr_x": -0.010068310424685478,
  "gsr_y": 0.0521102100610733,
  "provenance": {
    "md5sum": "4968c000c4d05908ff3a923f743fe45b",
    "settings": {
      "fd_thres": 0.2,
      "testing": false
    },
    "software": "mriqc",
    "version": "22.0.1",
    "webapi_port": null,
    "webapi_url": "https://mriqc.nimh.nih.gov/api/v1"
  },
  "size_t": 186,
  "size_x": 64,
  "size_y": 64,
  "size_z": 32,
  "snr": 3.181793415803914,
  "spacing_tr": 2.0,
  "spacing_x": 3.4375,
  "spacing_y": 3.4375,
  "spacing_z": 3.999999761581421,
  "summary_bg_k": 72.47193063009692,
  "summary_bg_mad": 4.224619437622147,
  "summary_bg_mean": 29.686141967773438,
  "summary_bg_median": 15.48924732208252,
  "summary_bg_n": 82312.0,
  "summary_bg_p05": 12.387096405029297,
  "summary_bg_p95": 87.54838562011719,
  "summary_bg_stdv": 48.9764404296875,
  "summary_fg_k": 2.721121409754585,
  "summary_fg_mad": 134.55013292713815,
  "summary_fg_mean": 564.3114013671875,
  "summary_fg_median": 530.2957153320312,
  "summary_fg_n": 20226.0,
  "summary_fg_p05": 361.50403594970703,
  "summary_fg_p95": 884.7097015380859,
  "summary_fg_stdv": 166.6615447998047,
  "tsnr": 104.07704407721758
}