{
  "aor": 0.004688833333333333,
  "aqi": 0.009668096041666666,
  "bids_meta": {
    "AcquisitionNumber": 1,
    "AcquisitionTime": "15:18:49.570000",
    "BandwidthPerPixelPhaseEncode": 29.481,
    "ConversionSoftware": "dcm2niix",
    "ConversionSoftwareVersion": "v1.0.20170724 GCC4.4.7",
    "DeviceSerialNumber": "35414",
    "EchoTime": 0.025,
    "EffectiveEchoSpacing": 0.000530002,
    "FlipAngle": 90,
    "ImageType": [
      "ORIGINAL",
      "PRIMARY",
      "M",
      "ND",
      "MOSAIC"
    ],
    "InstitutionAddress": "Mikeletegi_69_San_Sebastian_District_ES_20009",
    "InstitutionName": "BCBL",
    "MagneticFieldStrength": 3,
    "Manufacturer": "Siemens",
    "ManufacturersModelName": "TrioTim",
    "PhaseEncodingDirection": "j-",
    "PhaseEncodingLines": 64,
    "ProcedureStepDescription": "CRANEO_FUNCIONAL",
    "ProtocolName": "ep2d_Didak_VF_L1_Run1",
    "RepetitionTime": 3,
    "ScanningSequence": "EP",
    "SequenceName": "_epfid2d1_64",
    "SequenceVariant": "SK",
    "SeriesDescription": "ep2d_Didak_VF_L1_Run1",
    "SliceTiming": [
      2.9225,
      2.8525,
      2.785,
      2.715,
      2.645,
      2.575,
      2.505,
      2.435,
      2.3675,
      2.2975,
      2.2275,
      2.1575,
      2.0875,
      2.0175,
      1.95,
      1.88,
      1.81,
      1.74,
      1.67,
      1.6,
      1.5325,
      1.4625,
      1.3925,
      1.3225,
      1.2525,
      1.185,
      1.115,
      1.045,
      0.975,
      0.905,
      0.835,
      0.7675,
      0.6975,
      0.6275,
      0.5575,
      0.4875,
      0.4175,
      0.35,
      0.28,
      0.21,
      0.14,
      0.07,
      0
    ],
    "SoftwareVersions": "syngo_MR_B17",
    "TaskName": "prodL1",
    "TotalReadoutTime": 0.0333901,
    "dataset": "ds003542",
    "modality": "bold",
    "run_id": 1,
    "subject_id": "27",
    "task_id": "prodL1"
  },
  "dummy_trs": 0,
  "dvars_nstd": 44.94673230167365,
  "dvars_std": 1.2119992515899587,
  "dvars_vstd": 0.9909930957322169,
  "efc": 0.5637153436760179,
  "fber": 412.1991882324219,
  "fd_mean": 0.41129941338868614,
  "fd_num": 174,
  "fd_perc": 72.5,
  "fwhm_avg": 2.4088114258704407,
  "fwhm_x": 2.3026566666666666,
  "fwhm_y": 2.48862,
  "fwhm_z": 2.435157610944656,
  "gcor": 0.0306298,
  "gsr_x": -0.010142241604626179,
  "gsr_y": 0.08897843956947327,
  "provenance": {
    "md5sum": "8f326f8c1c9f26754af8fe582ebc7247",
    "settings": {
      "fd_thres": 0.2,
      "testing": false
    },
    "software": "mriqc",
    "version": "22.0.1",
    "webapi_port": null,
    "webapi_url": "https://mriqc.nimh.nih.gov/api/v1"
  },
  "size_t": 240,
  "size_x": 64,
  "size_y": 64,
  "size_z": 43,
  "snr": 2.9122127126766753,
  "spacing_tr": 3.0,
  "spacing_x": 3.0,
  "spacing_y": 3.0,
  "spacing_z": 3.299999952316284,
  "summary_bg_k": 32.781770681583815,
  "summary_bg_mad": 10.798288231864632,
  "summary_bg_mean": 62.649131774902344,
  "summary_bg_median": 32.1583366394043,
  "summary_bg_n": 102690.0,
  "summary_bg_p05": 24.125001907348633,
  "summary_bg_p95": 205.7693855285643,
  "summary_bg_stdv": 83.7885971069336,
  "summary_fg_k": 2.89771211378815,
  "summary_fg_mad": 184.3245389138806,
  "summary_fg_mean": 709.7664794921875,
  "summary_fg_median": 659.2583618164062,
  "summary_fg_n": 35202.0,
  "summary_fg_p05": 439.91939544677734,
  "summary_fg_p95": 1148.6100463867185,
  "summary_fg_stdv": 226.37391662597656,
  "tsnr": 40.81341022043489
}