{
  "aor": 0.016051397849462367,
  "aqi": 0.006172379731182796,
  "bids_meta": {
    "AcquisitionNumber": 1,
    "AcquisitionTime": "16:53:57.045000",
    "BandwidthPerPixelPhaseEncode": 28.409,
    "ConversionSoftware": "dcm2niix",
    "ConversionSoftwareVersion": "v1.0.20170724 GCC4.4.7",
    "DeviceSerialNumber": "35414",
    "EchoTime": 0.03,
    "EffectiveEchoSpacing": 0.000550002,
    "FlipAngle": 80,
    "ImageType": [
      "ORIGINAL",
      "PRIMARY",
      "FMRI",
      "NONE",
      "ND",
      "MOSAIC"
    ],
    "InstitutionAddress": "Mikeletegi_69_San_Sebastian_District_ES_20009",
    "InstitutionName": "BCBL",
    "MagneticFieldStrength": 3,
    "Manufacturer": "Siemens",
    "ManufacturersModelName": "TrioTim",
    "PhaseEncodingDirection": "j-",
    "PhaseEncodingLines": 64,
    "ProcedureStepDescription": "CRANEO_FUNCIONAL",
    "ProtocolName": "ep2d_PiN_L2_Run3",
    "RepetitionTime": 2,
    "ScanningSequence": "EP",
    "SequenceName": "_epfid2d1_64",
    "SequenceVariant": "SK",
    "SeriesDescription": "ep2d_PiN_L2_Run3",
    "SliceTiming": [
      1.925,
      1.8625,
      1.8025,
      1.74,
      1.6775,
      1.615,
      1.5525,
      1.49,
      1.43,
      1.3675,
      1.305,
      1.2425,
      1.18,
      1.1175,
      1.055,
      0.995,
      0.9325,
      0.87,
      0.8075,
      0.745,
      0.6825,
      0.6225,
      0.56,
      0.4975,
      0.435,
      0.3725,
      0.31,
      0.25,
      0.1875,
      0.125,
      0.0625,
      0
    ],
    "SoftwareVersions": "syngo_MR_B17",
    "TaskName": "compLn",
    "TotalReadoutTime": 0.0346501,
    "dataset": "ds003542",
    "modality": "bold",
    "run_id": 3,
    "subject_id": "27",
    "task_id": "compLn"
  },
  "dummy_trs": 0,
  "dvars_nstd": 23.401626411729726,
  "dvars_std": 1.3162000685945945,
  "dvars_vstd": 1.1076305474594592,
  "efc": 0.49496128523741595,
  "fber": 1046.854736328125,
  "fd_mean": 0.19754154694552015,
  "fd_num": 65,
  "fd_perc": 34.946236559139784,
  "fwhm_avg": 2.167569681818182,
  "fwhm_x": 2.1020858181818185,
  "fwhm_y": 2.241960727272727,
  "fwhm_z": 2.1586625,
  "gcor": 0.0369284,
  "gsr_x": -0.011225376278162003,
  "gsr_y": 0.05059792101383209,
  "provenance": {
    "md5sum": "268f4d5e8d0538968de5f2216c12f25d",
    "settings": {
      "fd_thres": 0.2,
      "testing": false
    },
    "software": "mriqc",
    "version": "22.0.1",
    "webapi_port": null,
    "webapi_url": "https://mriqc.nimh.nih.gov/api/v1"
  },
  "size_t": 186,
  "size_x": 64,
  "size_y": 64,
  "size_z": 32,
  "snr": 3.49743452323855,
  "spacing_tr": 2.0,
  "spacing_x": 3.4375,
  "spacing_y": 3.4375,
  "spacing_z": 4.0,
  "summary_bg_k": 62.38824279567909,
  "summary_bg_mad": 4.280415535135983,
  "summary_bg_mean": 29.33796501159668,
  "summary_bg_median": 15.290322303771973,
  "summary_bg_n": 82106.0,
  "summary_bg_p05": 11.9408597946167,
  "summary_bg_p95": 90.2567195892334,
  "summary_bg_stdv": 46.303871154785156,
  "summary_fg_k": 1.7441286546885726,
  "summary_fg_mad": 123.78927680427918,
  "summary_fg_mean": 525.9766235351562,
  "summary_fg_median": 498.4570007324219,
  "summary_fg_n": 20213.0,
  "summary_fg_p05": 345.0860107421875,
  "summary_fg_p95": 796.647314453125,
  "summary_fg_stdv": 142.51722717285156,
  "tsnr": 55.03404167084955
}