{
  "aor": 0.003618548387096774,
  "aqi": 0.004905655860215055,
  "bids_meta": {
    "AcquisitionNumber": 1,
    "AcquisitionTime": "16:46:44.310000",
    "BandwidthPerPixelPhaseEncode": 28.409,
    "ConversionSoftware": "dcm2niix",
    "ConversionSoftwareVersion": "v1.0.20170724 GCC4.4.7",
    "DeviceSerialNumber": "35414",
    "EchoTime": 0.03,
    "EffectiveEchoSpacing": 0.000550002,
    "FlipAngle": 80,
    "ImageType": [
      "ORIGINAL",
      "PRIMARY",
      "FMRI",
      "NONE",
      "ND",
      "MOSAIC"
    ],
    "InstitutionAddress": "Mikeletegi_69_San_Sebastian_District_ES_20009",
    "InstitutionName": "BCBL",
    "MagneticFieldStrength": 3,
    "Manufacturer": "Siemens",
    "ManufacturersModelName": "TrioTim",
    "PhaseEncodingDirection": "j-",
    "PhaseEncodingLines": 64,
    "ProcedureStepDescription": "CRANEO_FUNCIONAL",
    "ProtocolName": "ep2d_PiN_L2_Run2",
    "RepetitionTime": 2,
    "ScanningSequence": "EP",
    "SequenceName": "_epfid2d1_64",
    "SequenceVariant": "SK",
    "SeriesDescription": "ep2d_PiN_L2_Run2",
    "SliceTiming": [
      1.925,
      1.865,
      1.8025,
      1.74,
      1.6775,
      1.615,
      1.5525,
      1.49,
      1.43,
      1.3675,
      1.305,
      1.2425,
      1.18,
      1.1175,
      1.0575,
      0.995,
      0.9325,
      0.87,
      0.8075,
      0.745,
      0.6825,
      0.6225,
      0.56,
      0.4975,
      0.435,
      0.3725,
      0.31,
      0.25,
      0.1875,
      0.125,
      0.0625,
      0
    ],
    "SoftwareVersions": "syngo_MR_B17",
    "TaskName": "compLn",
    "TotalReadoutTime": 0.0346501,
    "dataset": "ds003542",
    "modality": "bold",
    "run_id": 2,
    "subject_id": "27",
    "task_id": "compLn"
  },
  "dummy_trs": 0,
  "dvars_nstd": 25.21916304913512,
  "dvars_std": 1.1739868648108105,
  "dvars_vstd": 0.9641844939459462,
  "efc": 0.4947461068981195,
  "fber": 1049.0782470703125,
  "fd_mean": 0.23273571743902308,
  "fd_num": 94,
  "fd_perc": 50.53763440860215,
  "fwhm_avg": 2.1790820454545456,
  "fwhm_x": 2.111822545454545,
  "fwhm_y": 2.250941090909091,
  "fwhm_z": 2.1744825,
  "gcor": 0.034151,
  "gsr_x": -0.009990112856030464,
  "gsr_y": 0.05055006593465805,
  "provenance": {
    "md5sum": "553d010f9dc60f2d25e9655dc3e6702a",
    "settings": {
      "fd_thres": 0.2,
      "testing": false
    },
    "software": "mriqc",
    "version": "22.0.1",
    "webapi_port": null,
    "webapi_url": "https://mriqc.nimh.nih.gov/api/v1"
  },
  "size_t": 186,
  "size_x": 64,
  "size_y": 64,
  "size_z": 32,
  "snr": 3.4721131883217007,
  "spacing_tr": 2.0,
  "spacing_x": 3.4375,
  "spacing_y": 3.4375,
  "spacing_z": 4.0,
  "summary_bg_k": 61.727747085219576,
  "summary_bg_mad": 4.152881395972979,
  "summary_bg_mean": 29.059904098510742,
  "summary_bg_median": 15.220430374145508,
  "summary_bg_n": 82052.0,
  "summary_bg_p05": 11.994623184204102,
  "summary_bg_p95": 89.23602333068844,
  "summary_bg_stdv": 45.43018341064453,
  "summary_fg_k": 1.576224083362317,
  "summary_fg_mad": 123.89293408219044,
  "summary_fg_mean": 522.8330078125,
  "summary_fg_median": 495.8978271484375,
  "summary_fg_n": 20348.0,
  "summary_fg_p05": 340.1274169921875,
  "summary_fg_p95": 792.8236450195311,
  "summary_fg_stdv": 142.81954956054688,
  "tsnr": 63.51754997193348
}