{
  "aor": 0.003977473118279571,
  "aqi": 0.0022181298387096778,
  "bids_meta": {
    "AcquisitionNumber": 1,
    "AcquisitionTime": "14:49:40.860000",
    "BandwidthPerPixelPhaseEncode": 28.409,
    "ConversionSoftware": "dcm2niix",
    "ConversionSoftwareVersion": "v1.0.20170724 GCC4.4.7",
    "DeviceSerialNumber": "35414",
    "EchoTime": 0.03,
    "EffectiveEchoSpacing": 0.000550002,
    "FlipAngle": 80,
    "ImageType": [
      "ORIGINAL",
      "PRIMARY",
      "FMRI",
      "NONE",
      "ND",
      "MOSAIC"
    ],
    "InstitutionAddress": "Mikeletegi_69_San_Sebastian_District_ES_20009",
    "InstitutionName": "BCBL",
    "MagneticFieldStrength": 3,
    "Manufacturer": "Siemens",
    "ManufacturersModelName": "TrioTim",
    "PhaseEncodingDirection": "j-",
    "PhaseEncodingLines": 64,
    "ProcedureStepDescription": "CRANEO_FUNCIONAL",
    "ProtocolName": "ep2d_PiN_L1_Run1",
    "RepetitionTime": 2,
    "ScanningSequence": "EP",
    "SequenceName": "_epfid2d1_64",
    "SequenceVariant": "SK",
    "SeriesDescription": "ep2d_PiN_L1_Run1",
    "SliceTiming": [
      1.9275,
      1.865,
      1.8025,
      1.74,
      1.6775,
      1.615,
      1.555,
      1.4925,
      1.43,
      1.3675,
      1.305,
      1.2425,
      1.18,
      1.12,
      1.0575,
      0.995,
      0.9325,
      0.87,
      0.8075,
      0.7475,
      0.685,
      0.6225,
      0.56,
      0.4975,
      0.435,
      0.3725,
      0.3125,
      0.25,
      0.1875,
      0.125,
      0.0625,
      0
    ],
    "SoftwareVersions": "syngo_MR_B17",
    "TaskName": "compL1",
    "TotalReadoutTime": 0.0346501,
    "dataset": "ds003542",
    "modality": "bold",
    "run_id": 1,
    "subject_id": "27",
    "task_id": "compL1"
  },
  "dummy_trs": 0,
  "dvars_nstd": 22.679291256108097,
  "dvars_std": 1.3510199103243243,
  "dvars_vstd": 1.045419129081081,
  "efc": 0.4852018029846874,
  "fber": 1150.182861328125,
  "fd_mean": 0.1676038878065835,
  "fd_num": 51,
  "fd_perc": 27.419354838709676,
  "fwhm_avg": 2.307067106339018,
  "fwhm_x": 2.256896,
  "fwhm_y": 2.3624901818181816,
  "fwhm_z": 2.3018151371988735,
  "gcor": 0.0667302,
  "gsr_x": -0.012409365735948086,
  "gsr_y": 0.050805047154426575,
  "provenance": {
    "md5sum": "a85a8eda714a06a46c3e02ac1c77f037",
    "settings": {
      "fd_thres": 0.2,
      "testing": false
    },
    "software": "mriqc",
    "version": "22.0.1",
    "webapi_port": null,
    "webapi_url": "https://mriqc.nimh.nih.gov/api/v1"
  },
  "size_t": 186,
  "size_x": 64,
  "size_y": 64,
  "size_z": 32,
  "snr": 3.1453027496884363,
  "spacing_tr": 2.0,
  "spacing_x": 3.4375,
  "spacing_y": 3.4375,
  "spacing_z": 3.999999761581421,
  "summary_bg_k": 63.313411026525685,
  "summary_bg_mad": 4.296357479271316,
  "summary_bg_mean": 30.716854095458984,
  "summary_bg_median": 15.639784812927246,
  "summary_bg_n": 82537.0,
  "summary_bg_p05": 12.494623184204102,
  "summary_bg_p95": 91.02795410156249,
  "summary_bg_stdv": 52.32497787475586,
  "summary_fg_k": 3.121087358811245,
  "summary_fg_mad": 136.51500617369098,
  "summary_fg_mean": 568.4658203125,
  "summary_fg_median": 532.704345703125,
  "summary_fg_n": 20132.0,
  "summary_fg_p05": 366.1077850341797,
  "summary_fg_p95": 892.0618225097658,
  "summary_fg_stdv": 169.36083984375,
  "tsnr": 101.19678681716323
}