{
  "aor": 0.008989833333333334,
  "aqi": 0.013668465916666666,
  "bids_meta": {
    "AcquisitionNumber": 1,
    "AcquisitionTime": "17:04:22.380000",
    "BandwidthPerPixelPhaseEncode": 29.481,
    "ConversionSoftware": "dcm2niix",
    "ConversionSoftwareVersion": "v1.0.20170724 GCC4.4.7",
    "DeviceSerialNumber": "35414",
    "EchoTime": 0.025,
    "EffectiveEchoSpacing": 0.000530002,
    "FlipAngle": 90,
    "ImageType": [
      "ORIGINAL",
      "PRIMARY",
      "M",
      "ND",
      "MOSAIC"
    ],
    "InstitutionAddress": "Mikeletegi_69_San_Sebastian_District_ES_20009",
    "InstitutionName": "BCBL",
    "MagneticFieldStrength": 3,
    "Manufacturer": "Siemens",
    "ManufacturersModelName": "TrioTim",
    "PhaseEncodingDirection": "j-",
    "PhaseEncodingLines": 64,
    "ProcedureStepDescription": "CRANEO_FUNCIONAL",
    "ProtocolName": "ep2d_Didak_VF_L2_Run1",
    "RepetitionTime": 3,
    "ScanningSequence": "EP",
    "SequenceName": "_epfid2d1_64",
    "SequenceVariant": "SK",
    "SeriesDescription": "ep2d_Didak_VF_L2_Run1",
    "SliceTiming": [
      2.9225,
      2.8525,
      2.785,
      2.715,
      2.645,
      2.575,
      2.505,
      2.435,
      2.3675,
      2.2975,
      2.2275,
      2.1575,
      2.0875,
      2.0175,
      1.95,
      1.88,
      1.81,
      1.74,
      1.67,
      1.6,
      1.5325,
      1.4625,
      1.3925,
      1.3225,
      1.2525,
      1.1825,
      1.115,
      1.045,
      0.975,
      0.905,
      0.835,
      0.7675,
      0.6975,
      0.6275,
      0.5575,
      0.4875,
      0.4175,
      0.35,
      0.28,
      0.21,
      0.14,
      0.07,
      0
    ],
    "SoftwareVersions": "syngo_MR_B17",
    "TaskName": "prodLn",
    "TotalReadoutTime": 0.0333901,
    "dataset": "ds003542",
    "modality": "bold",
    "run_id": 1,
    "subject_id": "27",
    "task_id": "prodLn"
  },
  "dummy_trs": 0,
  "dvars_nstd": 54.9799228974059,
  "dvars_std": 1.2556858646025102,
  "dvars_vstd": 1.0298689673221757,
  "efc": 0.5719386047052989,
  "fber": 388.6711120605469,
  "fd_mean": 0.5821594190388839,
  "fd_num": 197,
  "fd_perc": 82.08333333333333,
  "fwhm_avg": 2.261169809046463,
  "fwhm_x": 2.14322,
  "fwhm_y": 2.34265,
  "fwhm_z": 2.2976394271393894,
  "gcor": 0.0220553,
  "gsr_x": -0.0014931884361431003,
  "gsr_y": 0.06822305172681808,
  "provenance": {
    "md5sum": "f935489ed471ab89504477ca089d9a25",
    "settings": {
      "fd_thres": 0.2,
      "testing": false
    },
    "software": "mriqc",
    "version": "22.0.1",
    "webapi_port": null,
    "webapi_url": "https://mriqc.nimh.nih.gov/api/v1"
  },
  "size_t": 240,
  "size_x": 64,
  "size_y": 64,
  "size_z": 43,
  "snr": 3.1982459051146463,
  "spacing_tr": 3.0,
  "spacing_x": 3.0,
  "spacing_y": 3.0,
  "spacing_z": 3.299999952316284,
  "summary_bg_k": 23.282715131099213,
  "summary_bg_mad": 10.619136127774922,
  "summary_bg_mean": 56.323219299316406,
  "summary_bg_median": 31.179168701171875,
  "summary_bg_n": 101085.0,
  "summary_bg_p05": 22.500001907348633,
  "summary_bg_p95": 179.54083862304682,
  "summary_bg_stdv": 63.69199752807617,
  "summary_fg_k": 1.809420586561271,
  "summary_fg_mad": 169.23283556955133,
  "summary_fg_mean": 660.51708984375,
  "summary_fg_median": 621.4458618164062,
  "summary_fg_n": 35659.0,
  "summary_fg_p05": 414.8037811279297,
  "summary_fg_p95": 1030.2413085937499,
  "summary_fg_stdv": 194.3056182861328,
  "tsnr": 32.56745025026612
}