{
  "aor": 0.013685297297297297,
  "aqi": 0.006074197945945946,
  "bids_meta": {
    "AcquisitionNumber": 1,
    "AcquisitionTime": "16:52:26.020000",
    "BandwidthPerPixelPhaseEncode": 28.409,
    "ConversionSoftware": "dcm2niix",
    "ConversionSoftwareVersion": "v1.0.20170724 GCC4.4.7",
    "DeviceSerialNumber": "35414",
    "EchoTime": 0.03,
    "EffectiveEchoSpacing": 0.000550002,
    "FlipAngle": 80,
    "ImageType": [
      "ORIGINAL",
      "PRIMARY",
      "FMRI",
      "NONE",
      "ND",
      "MOSAIC"
    ],
    "InstitutionAddress": "Mikeletegi_69_San_Sebastian_District_ES_20009",
    "InstitutionName": "BCBL",
    "MagneticFieldStrength": 3,
    "Manufacturer": "Siemens",
    "ManufacturersModelName": "TrioTim",
    "PhaseEncodingDirection": "j-",
    "PhaseEncodingLines": 64,
    "ProcedureStepDescription": "CRANEO_FUNCIONAL",
    "ProtocolName": "ep2d_PiN_L2_Run3",
    "RepetitionTime": 2,
    "ScanningSequence": "EP",
    "SequenceName": "_epfid2d1_64",
    "SequenceVariant": "SK",
    "SeriesDescription": "ep2d_PiN_L2_Run3",
    "SliceTiming": [
      1.925,
      1.865,
      1.8025,
      1.74,
      1.6775,
      1.615,
      1.5525,
      1.4925,
      1.43,
      1.3675,
      1.305,
      1.2425,
      1.18,
      1.12,
      1.0575,
      0.995,
      0.9325,
      0.87,
      0.8075,
      0.745,
      0.685,
      0.6225,
      0.56,
      0.4975,
      0.435,
      0.3725,
      0.3125,
      0.25,
      0.1875,
      0.125,
      0.0625,
      0
    ],
    "SoftwareVersions": "syngo_MR_B17",
    "TaskName": "compLn",
    "TotalReadoutTime": 0.0346501,
    "dataset": "ds003542",
    "modality": "bold",
    "run_id": 3,
    "subject_id": "11",
    "task_id": "compLn"
  },
  "dummy_trs": 1,
  "dvars_nstd": 20.51026990641305,
  "dvars_std": 1.2003913750000006,
  "dvars_vstd": 1.084873323532609,
  "efc": 0.5009334570336818,
  "fber": 1087.49658203125,
  "fd_mean": 0.24737888320517007,
  "fd_num": 89,
  "fd_perc": 48.108108108108105,
  "fwhm_avg": 2.2747558636363636,
  "fwhm_x": 2.2097076363636363,
  "fwhm_y": 2.4100974545454545,
  "fwhm_z": 2.2044625,
  "gcor": 0.0129501,
  "gsr_x": -0.024434519931674004,
  "gsr_y": 0.06270596385002136,
  "provenance": {
    "md5sum": "d22aca3f59d0b2ba9b3ac6ff7a40adab",
    "settings": {
      "fd_thres": 0.2,
      "testing": false
    },
    "software": "mriqc",
    "version": "22.0.1",
    "webapi_port": null,
    "webapi_url": "https://mriqc.nimh.nih.gov/api/v1"
  },
  "size_t": 185,
  "size_x": 64,
  "size_y": 64,
  "size_z": 32,
  "snr": 3.3899187249542173,
  "spacing_tr": 2.0,
  "spacing_x": 3.4375,
  "spacing_y": 3.4375,
  "spacing_z": 4.0,
  "summary_bg_k": 177.0745273341209,
  "summary_bg_mad": 4.640143560410238,
  "summary_bg_mean": 30.373065948486328,
  "summary_bg_median": 15.735135078430176,
  "summary_bg_n": 80215.0,
  "summary_bg_p05": 11.94594669342041,
  "summary_bg_p95": 86.13297348022463,
  "summary_bg_stdv": 57.90099334716797,
  "summary_fg_k": 1.497610631213325,
  "summary_fg_mad": 141.91710679562658,
  "summary_fg_mean": 545.1420288085938,
  "summary_fg_median": 523.8324584960938,
  "summary_fg_n": 21898.0,
  "summary_fg_p05": 332.39188690185546,
  "summary_fg_p95": 824.032470703125,
  "summary_fg_stdv": 154.5230255126953,
  "tsnr": 56.91091905697249
}