{
  "bids_meta": {
    "AccelFactPE": 2,
    "AcquisitionNumber": 1,
    "AcquisitionTime": "14:51:39.500000",
    "ConversionSoftware": "dcm2niix",
    "ConversionSoftwareVersion": "v1.0.20170724 GCC4.4.7",
    "DeviceSerialNumber": "35414",
    "EchoTime": 0.0035,
    "FlipAngle": 7,
    "ImageType": [
      "ORIGINAL",
      "PRIMARY",
      "M",
      "ND",
      "NORM"
    ],
    "InstitutionAddress": "Mikeletegi_69_San_Sebastian_District_ES_20009",
    "InstitutionName": "BCBL",
    "InversionTime": 1.1,
    "MagneticFieldStrength": 3,
    "Manufacturer": "Siemens",
    "ManufacturersModelName": "TrioTim",
    "PhaseEncodingDirection": "i-",
    "PhaseEncodingLines": 256,
    "ProcedureStepDescription": "CRANEO_FUNCIONAL",
    "ProtocolName": "t1_mpr_sag_p2_1mm_iso_MGH",
    "RepetitionTime": 2.53,
    "ScanningSequence": "GR_IR",
    "SequenceName": "_tfl3d1_ns",
    "SequenceVariant": "SP_MP",
    "SeriesDescription": "t1_mpr_sag_p2_1mm_iso_MGH",
    "SoftwareVersions": "syngo_MR_B17",
    "dataset": "ds003542",
    "modality": "T1w",
    "subject_id": "22"
  },
  "cjv": 0.38362076718638616,
  "cnr": 3.4606388065257128,
  "efc": 0.5166122334339958,
  "fber": 14745.656305055392,
  "fwhm_avg": 3.69556,
  "fwhm_x": 3.79931,
  "fwhm_y": 3.95609,
  "fwhm_z": 3.33128,
  "icvs_csf": 0.24986265386491546,
  "icvs_gm": 0.3889592547962819,
  "icvs_wm": 0.36117809133880263,
  "inu_med": 0.5837964415550232,
  "inu_range": 0.2046034812927245,
  "provenance": {
    "md5sum": "430426c92dacad52524b05b8cd880810",
    "settings": {
      "testing": false
    },
    "software": "mriqc",
    "version": "22.0.1",
    "warnings": {
      "large_rot_frame": true,
      "small_air_mask": false
    },
    "webapi_port": null,
    "webapi_url": "https://mriqc.nimh.nih.gov/api/v1"
  },
  "qi_1": 0.0,
  "qi_2": 0.014330901979486938,
  "rpve_csf": 21.91706616265768,
  "rpve_gm": 13.401315099980806,
  "rpve_wm": 17.16133893369444,
  "size_x": 176,
  "size_y": 256,
  "size_z": 256,
  "snr_csf": 1.8353452964667027,
  "snr_gm": 9.687391642722345,
  "snr_total": 10.928854419972142,
  "snr_wm": 21.26382632072738,
  "snrd_csf": 22.793282652348584,
  "snrd_gm": 84.65838609881402,
  "snrd_total": 76.10220364519704,
  "snrd_wm": 120.85494218442852,
  "spacing_x": 1.0,
  "spacing_y": 1.0,
  "spacing_z": 1.0,
  "summary_bg_k": 7.803447709164578,
  "summary_bg_mad": 5.420848914911234,
  "summary_bg_mean": 5.045191725122774,
  "summary_bg_median": 3.656307030469179,
  "summary_bg_n": 3539867.0,
  "summary_bg_p05": 0.0,
  "summary_bg_p95": 19.809170281514525,
  "summary_bg_stdv": 7.0853362684498125,
  "summary_csf_k": 1.72240259025358,
  "summary_csf_mad": 85.39693496093041,
  "summary_csf_mean": 205.06504422819253,
  "summary_csf_median": 188.6003304552287,
  "summary_csf_n": 48172.0,
  "summary_csf_p05": 64.81179859489202,
  "summary_csf_p95": 407.48915774608025,
  "summary_csf_stdv": 102.7590684085472,
  "summary_gm_k": 0.20053683047926896,
  "summary_gm_mad": 70.97227877296456,
  "summary_gm_mean": 698.1463665052197,
  "summary_gm_median": 700.4958363203332,
  "summary_gm_n": 13272.0,
  "summary_gm_p05": 577.4623569049872,
  "summary_gm_p95": 812.7745139943436,
  "summary_gm_stdv": 72.30733221791827,
  "summary_wm_k": 0.6301190746269181,
  "summary_wm_mad": 43.92372785164377,
  "summary_wm_mean": 999.0884344968762,
  "summary_wm_median": 999.9999728333205,
  "summary_wm_n": 193288.0,
  "summary_wm_p05": 920.4627733211964,
  "summary_wm_p95": 1074.3782733846456,
  "summary_wm_stdv": 47.028101665870736,
  "tpm_overlap_csf": 0.17291003108088135,
  "tpm_overlap_gm": 0.43983522765350896,
  "tpm_overlap_wm": 0.5079538361104837,
  "wm2max": 0.7060706274857499
}