{
  "bids_meta": {
    "AccelFactPE": 2,
    "AcquisitionNumber": 1,
    "AcquisitionTime": "15:39:37.182500",
    "ConversionSoftware": "dcm2niix",
    "ConversionSoftwareVersion": "v1.0.20170724 GCC4.4.7",
    "DeviceSerialNumber": "35414",
    "EchoTime": 0.0035,
    "FlipAngle": 7,
    "ImageType": [
      "ORIGINAL",
      "PRIMARY",
      "M",
      "ND",
      "NORM"
    ],
    "InstitutionAddress": "Mikeletegi_69_San_Sebastian_District_ES_20009",
    "InstitutionName": "BCBL",
    "InversionTime": 1.1,
    "MagneticFieldStrength": 3,
    "Manufacturer": "Siemens",
    "ManufacturersModelName": "TrioTim",
    "PhaseEncodingDirection": "i-",
    "PhaseEncodingLines": 256,
    "ProcedureStepDescription": "CRANEO_FUNCIONAL",
    "ProtocolName": "t1_mpr_sag_p2_1mm_iso_MGH",
    "RepetitionTime": 2.53,
    "ScanningSequence": "GR_IR",
    "SequenceName": "_tfl3d1_ns",
    "SequenceVariant": "SP_MP",
    "SeriesDescription": "t1_mpr_sag_p2_1mm_iso_MGH",
    "SoftwareVersions": "syngo_MR_B17",
    "dataset": "ds003542",
    "modality": "T1w",
    "subject_id": "32"
  },
  "cjv": 0.37367932388313746,
  "cnr": 3.644497455846855,
  "efc": 0.5043049588088734,
  "fber": 11058.859290123457,
  "fwhm_avg": 3.627936666666667,
  "fwhm_x": 3.67646,
  "fwhm_y": 3.86272,
  "fwhm_z": 3.34463,
  "icvs_csf": 0.2160778061167264,
  "icvs_gm": 0.43876303682685697,
  "icvs_wm": 0.3451591570564167,
  "inu_med": 0.5918736755847931,
  "inu_range": 0.22007238268852236,
  "provenance": {
    "md5sum": "3f4556e9e5b164a32c519a786ca6c0b8",
    "settings": {
      "testing": false
    },
    "software": "mriqc",
    "version": "22.0.1",
    "warnings": {
      "large_rot_frame": true,
      "small_air_mask": false
    },
    "webapi_port": null,
    "webapi_url": "https://mriqc.nimh.nih.gov/api/v1"
  },
  "qi_1": 0.0,
  "qi_2": 0.032778375523650795,
  "rpve_csf": 31.75309530067647,
  "rpve_gm": 16.135247928861954,
  "rpve_wm": 22.980367061047986,
  "size_x": 176,
  "size_y": 256,
  "size_z": 256,
  "snr_csf": 1.7738161243479662,
  "snr_gm": 10.200788208854949,
  "snr_total": 11.176230323223423,
  "snr_wm": 21.554086636467357,
  "snrd_csf": 16.09262018261547,
  "snrd_gm": 62.833999406493575,
  "snrd_total": 56.32513334675062,
  "snrd_wm": 90.04878045114282,
  "spacing_x": 1.0,
  "spacing_y": 1.0,
  "spacing_z": 1.0,
  "summary_bg_k": 6.678902374646713,
  "summary_bg_mad": 7.275583823800811,
  "summary_bg_mean": 5.77143987704201,
  "summary_bg_median": 4.907306715846062,
  "summary_bg_n": 3080376.0,
  "summary_bg_p05": 0.0,
  "summary_bg_p95": 19.629226863384247,
  "summary_bg_stdv": 6.729146687184121,
  "summary_csf_k": 2.643140638652125,
  "summary_csf_mad": 76.03698388403592,
  "summary_csf_mean": 199.05901914663994,
  "summary_csf_median": 178.71577137708664,
  "summary_csf_n": 27592.0,
  "summary_csf_p05": 74.07627598419786,
  "summary_csf_p95": 406.29131847694487,
  "summary_csf_stdv": 100.750314731846,
  "summary_gm_k": -0.041829423880130445,
  "summary_gm_mad": 69.33203408563125,
  "summary_gm_mean": 697.4492919475116,
  "summary_gm_median": 697.7997706532478,
  "summary_gm_n": 21848.0,
  "summary_gm_p05": 585.0600117892027,
  "summary_gm_p95": 808.4226521104574,
  "summary_gm_stdv": 68.40489055982148,
  "summary_wm_k": 0.5000421788893994,
  "summary_wm_mad": 43.605950107355184,
  "summary_wm_mean": 999.4484150939197,
  "summary_wm_median": 1000.0321313291788,
  "summary_wm_n": 130319.0,
  "summary_wm_p05": 922.4774408787489,
  "summary_wm_p95": 1074.7963924705982,
  "summary_wm_stdv": 46.396226911675875,
  "tpm_overlap_csf": 0.16270548214447098,
  "tpm_overlap_gm": 0.45710437252957625,
  "tpm_overlap_wm": 0.5131032159617355,
  "wm2max": 0.6247670574090772
}