{
  "aor": 0.00296820652173913,
  "aqi": 0.005931371576086956,
  "bids_meta": {
    "AcquisitionNumber": 1,
    "AcquisitionTime": "16:32:56.985000",
    "BandwidthPerPixelPhaseEncode": 28.409,
    "ConversionSoftware": "dcm2niix",
    "ConversionSoftwareVersion": "v1.0.20170724 GCC4.4.7",
    "DeviceSerialNumber": "35414",
    "EchoTime": 0.03,
    "EffectiveEchoSpacing": 0.000550002,
    "FlipAngle": 80,
    "ImageType": [
      "ORIGINAL",
      "PRIMARY",
      "FMRI",
      "NONE",
      "ND",
      "MOSAIC"
    ],
    "InstitutionAddress": "Mikeletegi_69_San_Sebastian_District_ES_20009",
    "InstitutionName": "BCBL",
    "MagneticFieldStrength": 3,
    "Manufacturer": "Siemens",
    "ManufacturersModelName": "TrioTim",
    "PhaseEncodingDirection": "j-",
    "PhaseEncodingLines": 64,
    "ProcedureStepDescription": "CRANEO_FUNCIONAL",
    "ProtocolName": "ep2d_PiN_L2_Run1",
    "RepetitionTime": 2,
    "ScanningSequence": "EP",
    "SequenceName": "_epfid2d1_64",
    "SequenceVariant": "SK",
    "SeriesDescription": "ep2d_PiN_L2_Run1",
    "SliceTiming": [
      1.925,
      1.8625,
      1.8025,
      1.74,
      1.6775,
      1.615,
      1.5525,
      1.49,
      1.4275,
      1.3675,
      1.305,
      1.2425,
      1.18,
      1.1175,
      1.055,
      0.995,
      0.9325,
      0.87,
      0.8075,
      0.745,
      0.6825,
      0.62,
      0.56,
      0.4975,
      0.435,
      0.3725,
      0.31,
      0.2475,
      0.1875,
      0.125,
      0.0625,
      0
    ],
    "SoftwareVersions": "syngo_MR_B17",
    "TaskName": "compLn",
    "TotalReadoutTime": 0.0346501,
    "dataset": "ds003542",
    "modality": "bold",
    "run_id": 1,
    "subject_id": "11",
    "task_id": "compLn"
  },
  "dummy_trs": 2,
  "dvars_nstd": 18.252779512677595,
  "dvars_std": 1.0468179323497269,
  "dvars_vstd": 0.9335104767759562,
  "efc": 0.5028160385893988,
  "fber": 1078.320556640625,
  "fd_mean": 0.198367777598398,
  "fd_num": 57,
  "fd_perc": 30.97826086956522,
  "fwhm_avg": 2.294267393939394,
  "fwhm_x": 2.2504203636363638,
  "fwhm_y": 2.433861818181818,
  "fwhm_z": 2.19852,
  "gcor": 0.0105823,
  "gsr_x": -0.028291750699281693,
  "gsr_y": 0.06714773178100586,
  "provenance": {
    "md5sum": "5c7d4eb1d38653ca4919bceb1da3b9b4",
    "settings": {
      "fd_thres": 0.2,
      "testing": false
    },
    "software": "mriqc",
    "version": "22.0.1",
    "webapi_port": null,
    "webapi_url": "https://mriqc.nimh.nih.gov/api/v1"
  },
  "size_t": 184,
  "size_x": 64,
  "size_y": 64,
  "size_z": 32,
  "snr": 3.296350841585692,
  "spacing_tr": 2.0,
  "spacing_x": 3.4375,
  "spacing_y": 3.4375,
  "spacing_z": 4.0,
  "summary_bg_k": 164.80984776887416,
  "summary_bg_mad": 5.019896929789922,
  "summary_bg_mean": 32.24068832397461,
  "summary_bg_median": 16.14130401611328,
  "summary_bg_n": 79832.0,
  "summary_bg_p05": 12.266304969787598,
  "summary_bg_p95": 92.4100559234619,
  "summary_bg_stdv": 62.795291900634766,
  "summary_fg_k": 1.4061906306322252,
  "summary_fg_mad": 149.76703037359766,
  "summary_fg_mean": 560.6434936523438,
  "summary_fg_median": 538.4619750976562,
  "summary_fg_n": 22161.0,
  "summary_fg_p05": 333.5543518066406,
  "summary_fg_p95": 854.8424072265625,
  "summary_fg_stdv": 163.3472442626953,
  "tsnr": 61.23683758545667
}