{
  "aor": 0.005521875,
  "aqi": 0.009381130791666666,
  "bids_meta": {
    "AcquisitionNumber": 1,
    "AcquisitionTime": "17:01:45.285000",
    "BandwidthPerPixelPhaseEncode": 29.481,
    "ConversionSoftware": "dcm2niix",
    "ConversionSoftwareVersion": "v1.0.20170724 GCC4.4.7",
    "DeviceSerialNumber": "35414",
    "EchoTime": 0.025,
    "EffectiveEchoSpacing": 0.000530002,
    "FlipAngle": 90,
    "ImageType": [
      "ORIGINAL",
      "PRIMARY",
      "M",
      "ND",
      "MOSAIC"
    ],
    "InstitutionAddress": "Mikeletegi_69_San_Sebastian_District_ES_20009",
    "InstitutionName": "BCBL",
    "MagneticFieldStrength": 3,
    "Manufacturer": "Siemens",
    "ManufacturersModelName": "TrioTim",
    "PhaseEncodingDirection": "j-",
    "PhaseEncodingLines": 64,
    "ProcedureStepDescription": "CRANEO_FUNCIONAL",
    "ProtocolName": "ep2d_Didak_VF_L2_Run1",
    "RepetitionTime": 3,
    "ScanningSequence": "EP",
    "SequenceName": "_epfid2d1_64",
    "SequenceVariant": "SK",
    "SeriesDescription": "ep2d_Didak_VF_L2_Run1",
    "SliceTiming": [
      2.9225,
      2.8525,
      2.7825,
      2.715,
      2.645,
      2.575,
      2.505,
      2.435,
      2.365,
      2.2975,
      2.2275,
      2.1575,
      2.0875,
      2.0175,
      1.95,
      1.88,
      1.81,
      1.74,
      1.67,
      1.6,
      1.5325,
      1.4625,
      1.3925,
      1.3225,
      1.2525,
      1.1825,
      1.115,
      1.045,
      0.975,
      0.905,
      0.835,
      0.765,
      0.6975,
      0.6275,
      0.5575,
      0.4875,
      0.4175,
      0.3475,
      0.28,
      0.21,
      0.14,
      0.07,
      0
    ],
    "SoftwareVersions": "syngo_MR_B17",
    "TaskName": "prodLn",
    "TotalReadoutTime": 0.0333901,
    "dataset": "ds003542",
    "modality": "bold",
    "run_id": 1,
    "subject_id": "11",
    "task_id": "prodLn"
  },
  "dummy_trs": 0,
  "dvars_nstd": 39.61713891456068,
  "dvars_std": 1.163923149330544,
  "dvars_vstd": 0.9825199268619241,
  "efc": 0.5738907653106512,
  "fber": 403.61346435546875,
  "fd_mean": 0.4945844006350763,
  "fd_num": 183,
  "fd_perc": 76.25,
  "fwhm_avg": 2.4229101554245007,
  "fwhm_x": 2.3268733333333333,
  "fwhm_y": 2.52333,
  "fwhm_z": 2.418527132940169,
  "gcor": 0.0203391,
  "gsr_x": -0.02874428778886795,
  "gsr_y": 0.11016851663589478,
  "provenance": {
    "md5sum": "2aa8f3ad3d7aec3cad27abf39a535682",
    "settings": {
      "fd_thres": 0.2,
      "testing": false
    },
    "software": "mriqc",
    "version": "22.0.1",
    "webapi_port": null,
    "webapi_url": "https://mriqc.nimh.nih.gov/api/v1"
  },
  "size_t": 240,
  "size_x": 64,
  "size_y": 64,
  "size_z": 43,
  "snr": 3.06369479594613,
  "spacing_tr": 3.0,
  "spacing_x": 3.0,
  "spacing_y": 3.0,
  "spacing_z": 3.3000001907348633,
  "summary_bg_k": 110.87082745247066,
  "summary_bg_mad": 11.428393043593786,
  "summary_bg_mean": 63.810333251953125,
  "summary_bg_median": 32.462501525878906,
  "summary_bg_n": 100165.0,
  "summary_bg_p05": 23.512500762939453,
  "summary_bg_p95": 190.77750854492177,
  "summary_bg_stdv": 103.52413940429688,
  "summary_fg_k": 1.7232157146589246,
  "summary_fg_mad": 197.3838175861129,
  "summary_fg_mean": 699.5062866210938,
  "summary_fg_median": 663.9083862304688,
  "summary_fg_n": 37843.0,
  "summary_fg_p05": 408.0833465576172,
  "summary_fg_p95": 1091.6276000976563,
  "summary_fg_stdv": 216.69900512695312,
  "tsnr": 39.73562374524772
}