{
  "aor": 0.00262575,
  "aqi": 0.006892293416666666,
  "bids_meta": {
    "AcquisitionNumber": 1,
    "AcquisitionTime": "15:26:9.197500",
    "BandwidthPerPixelPhaseEncode": 29.481,
    "ConversionSoftware": "dcm2niix",
    "ConversionSoftwareVersion": "v1.0.20170724 GCC4.4.7",
    "DeviceSerialNumber": "35414",
    "EchoTime": 0.025,
    "EffectiveEchoSpacing": 0.000530002,
    "FlipAngle": 90,
    "ImageType": [
      "ORIGINAL",
      "PRIMARY",
      "M",
      "ND",
      "MOSAIC"
    ],
    "InstitutionAddress": "Mikeletegi_69_San_Sebastian_District_ES_20009",
    "InstitutionName": "BCBL",
    "MagneticFieldStrength": 3,
    "Manufacturer": "Siemens",
    "ManufacturersModelName": "TrioTim",
    "PhaseEncodingDirection": "j-",
    "PhaseEncodingLines": 64,
    "ProcedureStepDescription": "CRANEO_FUNCIONAL",
    "ProtocolName": "ep2d_Didak_VF_L1_Run2",
    "RepetitionTime": 3,
    "ScanningSequence": "EP",
    "SequenceName": "_epfid2d1_64",
    "SequenceVariant": "SK",
    "SeriesDescription": "ep2d_Didak_VF_L1_Run2",
    "SliceTiming": [
      2.92,
      2.8525,
      2.7825,
      2.7125,
      2.6425,
      2.5725,
      2.5025,
      2.435,
      2.365,
      2.295,
      2.225,
      2.155,
      2.085,
      2.0175,
      1.9475,
      1.8775,
      1.8075,
      1.7375,
      1.6675,
      1.6,
      1.53,
      1.46,
      1.39,
      1.32,
      1.25,
      1.1825,
      1.1125,
      1.0425,
      0.9725,
      0.9025,
      0.835,
      0.765,
      0.695,
      0.625,
      0.555,
      0.485,
      0.4175,
      0.3475,
      0.2775,
      0.2075,
      0.1375,
      0.0675,
      0
    ],
    "SoftwareVersions": "syngo_MR_B17",
    "TaskName": "prodL1",
    "TotalReadoutTime": 0.0333901,
    "dataset": "ds003542",
    "modality": "bold",
    "run_id": 2,
    "subject_id": "11",
    "task_id": "prodL1"
  },
  "dummy_trs": 0,
  "dvars_nstd": 33.66083915669458,
  "dvars_std": 1.1807424445188288,
  "dvars_vstd": 0.9676929948953978,
  "efc": 0.5650962177293228,
  "fber": 380.0477600097656,
  "fd_mean": 0.3109367831064679,
  "fd_num": 147,
  "fd_perc": 61.25,
  "fwhm_avg": 2.6808900503716617,
  "fwhm_x": 2.6197033333333333,
  "fwhm_y": 2.7946033333333333,
  "fwhm_z": 2.628363484448318,
  "gcor": 0.0246903,
  "gsr_x": -0.04253053665161133,
  "gsr_y": 0.13292476534843445,
  "provenance": {
    "md5sum": "21486ee84788679e1b3702da4e435cd9",
    "settings": {
      "fd_thres": 0.2,
      "testing": false
    },
    "software": "mriqc",
    "version": "22.0.1",
    "webapi_port": null,
    "webapi_url": "https://mriqc.nimh.nih.gov/api/v1"
  },
  "size_t": 240,
  "size_x": 64,
  "size_y": 64,
  "size_z": 43,
  "snr": 2.531919249413896,
  "spacing_tr": 3.0,
  "spacing_x": 3.0,
  "spacing_y": 3.0,
  "spacing_z": 3.3000001907348633,
  "summary_bg_k": 102.3040292826982,
  "summary_bg_mad": 15.338754698198724,
  "summary_bg_mean": 74.01506042480469,
  "summary_bg_median": 35.837501525878906,
  "summary_bg_n": 99958.0,
  "summary_bg_p05": 24.42854356765747,
  "summary_bg_p95": 221.76064224243075,
  "summary_bg_stdv": 132.03431701660156,
  "summary_fg_k": 1.9897266596154246,
  "summary_fg_mad": 245.08960255753317,
  "summary_fg_mean": 780.388916015625,
  "summary_fg_median": 721.8333740234375,
  "summary_fg_n": 37876.0,
  "summary_fg_p05": 431.50626373291016,
  "summary_fg_p95": 1347.8385925292969,
  "summary_fg_stdv": 285.089599609375,
  "tsnr": 48.07890774565749
}