{
  "aor": 0.002461783783783784,
  "aqi": 0.007882864,
  "bids_meta": {
    "AcquisitionNumber": 1,
    "AcquisitionTime": "14:45:53.260000",
    "BandwidthPerPixelPhaseEncode": 28.409,
    "ConversionSoftware": "dcm2niix",
    "ConversionSoftwareVersion": "v1.0.20170724 GCC4.4.7",
    "DeviceSerialNumber": "35414",
    "EchoTime": 0.03,
    "EffectiveEchoSpacing": 0.000550002,
    "FlipAngle": 80,
    "ImageType": [
      "ORIGINAL",
      "PRIMARY",
      "FMRI",
      "NONE",
      "ND",
      "MOSAIC"
    ],
    "InstitutionAddress": "Mikeletegi_69_San_Sebastian_District_ES_20009",
    "InstitutionName": "BCBL",
    "MagneticFieldStrength": 3,
    "Manufacturer": "Siemens",
    "ManufacturersModelName": "TrioTim",
    "PhaseEncodingDirection": "j-",
    "PhaseEncodingLines": 64,
    "ProcedureStepDescription": "CRANEO_FUNCIONAL",
    "ProtocolName": "ep2d_PiN_L1_Run1",
    "RepetitionTime": 2,
    "ScanningSequence": "EP",
    "SequenceName": "_epfid2d1_64",
    "SequenceVariant": "SK",
    "SeriesDescription": "ep2d_PiN_L1_Run1",
    "SliceTiming": [
      1.925,
      1.8625,
      1.8,
      1.74,
      1.6775,
      1.615,
      1.5525,
      1.49,
      1.4275,
      1.365,
      1.305,
      1.2425,
      1.18,
      1.1175,
      1.055,
      0.9925,
      0.9325,
      0.87,
      0.8075,
      0.745,
      0.6825,
      0.62,
      0.56,
      0.4975,
      0.435,
      0.3725,
      0.31,
      0.2475,
      0.185,
      0.125,
      0.0625,
      0
    ],
    "SoftwareVersions": "syngo_MR_B17",
    "TaskName": "compL1",
    "TotalReadoutTime": 0.0346501,
    "dataset": "ds003542",
    "modality": "bold",
    "run_id": 1,
    "subject_id": "11",
    "task_id": "compL1"
  },
  "dummy_trs": 1,
  "dvars_nstd": 22.884628155815225,
  "dvars_std": 1.1337800848369566,
  "dvars_vstd": 0.9164273525000002,
  "efc": 0.49427815123843144,
  "fber": 1074.3343505859375,
  "fd_mean": 0.20300790889473272,
  "fd_num": 80,
  "fd_perc": 43.24324324324324,
  "fwhm_avg": 2.573467831084755,
  "fwhm_x": 2.5427665454545454,
  "fwhm_y": 2.718699447799721,
  "fwhm_z": 2.4589375,
  "gcor": 0.0261185,
  "gsr_x": -0.033506687730550766,
  "gsr_y": 0.08093585073947906,
  "provenance": {
    "md5sum": "d7c7861618d75de77b32f0b4c402236b",
    "settings": {
      "fd_thres": 0.2,
      "testing": false
    },
    "software": "mriqc",
    "version": "22.0.1",
    "webapi_port": null,
    "webapi_url": "https://mriqc.nimh.nih.gov/api/v1"
  },
  "size_t": 185,
  "size_x": 64,
  "size_y": 64,
  "size_z": 32,
  "snr": 2.74108412263414,
  "spacing_tr": 2.0,
  "spacing_x": 3.4375,
  "spacing_y": 3.437500238418579,
  "spacing_z": 4.0,
  "summary_bg_k": 145.92302774353607,
  "summary_bg_mad": 6.058634419897801,
  "summary_bg_mean": 35.581443786621094,
  "summary_bg_median": 17.135135650634766,
  "summary_bg_n": 80112.0,
  "summary_bg_p05": 12.572973251342773,
  "summary_bg_p95": 99.19702949523924,
  "summary_bg_stdv": 74.2004165649414,
  "summary_fg_k": 1.567204408965666,
  "summary_fg_mad": 181.72695358775064,
  "summary_fg_mean": 615.05322265625,
  "summary_fg_median": 574.6513671875,
  "summary_fg_n": 21956.0,
  "summary_fg_p05": 352.30810546875,
  "summary_fg_p95": 1024.7351379394531,
  "summary_fg_stdv": 209.63905334472656,
  "tsnr": 55.002901391126215
}