{
  "aor": 0.007326505376344086,
  "aqi": 0.012567515967741935,
  "bids_meta": {
    "AcquisitionNumber": 1,
    "AcquisitionTime": "16:44:49.110000",
    "BandwidthPerPixelPhaseEncode": 28.409,
    "ConversionSoftware": "dcm2niix",
    "ConversionSoftwareVersion": "v1.0.20170724 GCC4.4.7",
    "DeviceSerialNumber": "35414",
    "EchoTime": 0.03,
    "EffectiveEchoSpacing": 0.000550002,
    "FlipAngle": 80,
    "ImageType": [
      "ORIGINAL",
      "PRIMARY",
      "FMRI",
      "NONE",
      "ND",
      "MOSAIC"
    ],
    "InstitutionAddress": "Mikeletegi_69_San_Sebastian_District_ES_20009",
    "InstitutionName": "BCBL",
    "MagneticFieldStrength": 3,
    "Manufacturer": "Siemens",
    "ManufacturersModelName": "TrioTim",
    "PhaseEncodingDirection": "j-",
    "PhaseEncodingLines": 64,
    "ProcedureStepDescription": "CRANEO_FUNCIONAL",
    "ProtocolName": "ep2d_PiN_L2_Run2",
    "RepetitionTime": 2,
    "ScanningSequence": "EP",
    "SequenceName": "_epfid2d1_64",
    "SequenceVariant": "SK",
    "SeriesDescription": "ep2d_PiN_L2_Run2",
    "SliceTiming": [
      1.925,
      1.8625,
      1.8025,
      1.74,
      1.6775,
      1.615,
      1.5525,
      1.49,
      1.43,
      1.3675,
      1.305,
      1.2425,
      1.18,
      1.1175,
      1.0575,
      0.995,
      0.9325,
      0.87,
      0.8075,
      0.745,
      0.6825,
      0.6225,
      0.56,
      0.4975,
      0.435,
      0.3725,
      0.31,
      0.25,
      0.1875,
      0.125,
      0.0625,
      0
    ],
    "SoftwareVersions": "syngo_MR_B17",
    "TaskName": "compLn",
    "TotalReadoutTime": 0.0346501,
    "dataset": "ds003542",
    "modality": "bold",
    "run_id": 2,
    "subject_id": "11",
    "task_id": "compLn"
  },
  "dummy_trs": 0,
  "dvars_nstd": 23.39577590837838,
  "dvars_std": 0.9850551627027029,
  "dvars_vstd": 0.9172191504324323,
  "efc": 0.5024206483909416,
  "fber": 1074.842529296875,
  "fd_mean": 0.32212519767865616,
  "fd_num": 95,
  "fd_perc": 51.075268817204304,
  "fwhm_avg": 2.248423,
  "fwhm_x": 2.1917352727272728,
  "fwhm_y": 2.384168727272727,
  "fwhm_z": 2.169365,
  "gcor": 0.0190938,
  "gsr_x": -0.024126151576638222,
  "gsr_y": 0.061075497418642044,
  "provenance": {
    "md5sum": "5ba43e606c2c5505418c008c2aaba35e",
    "settings": {
      "fd_thres": 0.2,
      "testing": false
    },
    "software": "mriqc",
    "version": "22.0.1",
    "webapi_port": null,
    "webapi_url": "https://mriqc.nimh.nih.gov/api/v1"
  },
  "size_t": 186,
  "size_x": 64,
  "size_y": 64,
  "size_z": 32,
  "snr": 3.38984151989396,
  "spacing_tr": 2.0,
  "spacing_x": 3.4375,
  "spacing_y": 3.4375,
  "spacing_z": 4.0,
  "summary_bg_k": 163.83994374295935,
  "summary_bg_mad": 5.1173683092007805,
  "summary_bg_mean": 30.51893424987793,
  "summary_bg_median": 15.887096405029297,
  "summary_bg_n": 79925.0,
  "summary_bg_p05": 11.483870506286621,
  "summary_bg_p95": 87.63333282470705,
  "summary_bg_stdv": 56.103759765625,
  "summary_fg_k": 1.4549442003282795,
  "summary_fg_mad": 142.5131474549736,
  "summary_fg_mean": 546.302978515625,
  "summary_fg_median": 526.0645141601562,
  "summary_fg_n": 22077.0,
  "summary_fg_p05": 331.36022338867184,
  "summary_fg_p95": 823.3129272460939,
  "summary_fg_stdv": 155.1850128173828,
  "tsnr": 36.20529974810779
}