{
  "aor": 0.003536125,
  "aqi": 0.011945914458333333,
  "bids_meta": {
    "AcquisitionNumber": 1,
    "AcquisitionTime": "17:14:45.767500",
    "BandwidthPerPixelPhaseEncode": 29.481,
    "ConversionSoftware": "dcm2niix",
    "ConversionSoftwareVersion": "v1.0.20170724 GCC4.4.7",
    "DeviceSerialNumber": "35414",
    "EchoTime": 0.025,
    "EffectiveEchoSpacing": 0.000530002,
    "FlipAngle": 90,
    "ImageType": [
      "ORIGINAL",
      "PRIMARY",
      "M",
      "ND",
      "MOSAIC"
    ],
    "InstitutionAddress": "Mikeletegi_69_San_Sebastian_District_ES_20009",
    "InstitutionName": "BCBL",
    "MagneticFieldStrength": 3,
    "Manufacturer": "Siemens",
    "ManufacturersModelName": "TrioTim",
    "PhaseEncodingDirection": "j-",
    "PhaseEncodingLines": 64,
    "ProcedureStepDescription": "CRANEO_FUNCIONAL",
    "ProtocolName": "ep2d_Didak_VF_L2_Run2",
    "RepetitionTime": 3,
    "ScanningSequence": "EP",
    "SequenceName": "_epfid2d1_64",
    "SequenceVariant": "SK",
    "SeriesDescription": "ep2d_Didak_VF_L2_Run2",
    "SliceTiming": [
      2.9225,
      2.8525,
      2.7825,
      2.7125,
      2.6425,
      2.5725,
      2.505,
      2.435,
      2.365,
      2.295,
      2.225,
      2.155,
      2.0875,
      2.0175,
      1.9475,
      1.8775,
      1.8075,
      1.7375,
      1.67,
      1.6,
      1.53,
      1.46,
      1.39,
      1.32,
      1.2525,
      1.1825,
      1.1125,
      1.0425,
      0.9725,
      0.905,
      0.835,
      0.765,
      0.695,
      0.625,
      0.555,
      0.4875,
      0.4175,
      0.3475,
      0.2775,
      0.2075,
      0.1375,
      0.07,
      0
    ],
    "SoftwareVersions": "syngo_MR_B17",
    "TaskName": "prodLn",
    "TotalReadoutTime": 0.0333901,
    "dataset": "ds003542",
    "modality": "bold",
    "run_id": 2,
    "subject_id": "11",
    "task_id": "prodLn"
  },
  "dummy_trs": 0,
  "dvars_nstd": 37.115341298451874,
  "dvars_std": 1.0955277769874472,
  "dvars_vstd": 0.9331165368200843,
  "efc": 0.5741642238372509,
  "fber": 399.1141662597656,
  "fd_mean": 0.3892243912882258,
  "fd_num": 169,
  "fd_perc": 70.41666666666667,
  "fwhm_avg": 2.446885306451343,
  "fwhm_x": 2.3583766666666666,
  "fwhm_y": 2.5384066666666665,
  "fwhm_z": 2.4438725860206962,
  "gcor": 0.0144367,
  "gsr_x": -0.029878389090299606,
  "gsr_y": 0.10857345908880234,
  "provenance": {
    "md5sum": "6191784c353390bf0a78ac4b10b7f189",
    "settings": {
      "fd_thres": 0.2,
      "testing": false
    },
    "software": "mriqc",
    "version": "22.0.1",
    "webapi_port": null,
    "webapi_url": "https://mriqc.nimh.nih.gov/api/v1"
  },
  "size_t": 240,
  "size_x": 64,
  "size_y": 64,
  "size_z": 43,
  "snr": 3.011651515625617,
  "spacing_tr": 3.0,
  "spacing_x": 3.0,
  "spacing_y": 3.0,
  "spacing_z": 3.3000001907348633,
  "summary_bg_k": 101.89883228990257,
  "summary_bg_mad": 11.860817748044816,
  "summary_bg_mean": 64.85125732421875,
  "summary_bg_median": 32.93333435058594,
  "summary_bg_n": 100349.0,
  "summary_bg_p05": 23.920835494995117,
  "summary_bg_p95": 196.25000915527272,
  "summary_bg_stdv": 103.03392791748047,
  "summary_fg_k": 1.8890962589581521,
  "summary_fg_mad": 201.62150446920722,
  "summary_fg_mean": 707.2243041992188,
  "summary_fg_median": 669.1541748046875,
  "summary_fg_n": 37901.0,
  "summary_fg_p05": 411.0458679199219,
  "summary_fg_p95": 1114.675048828125,
  "summary_fg_stdv": 222.18551635742188,
  "tsnr": 36.298990532406606
}