{
  "aor": 0.0030288333333333335,
  "aqi": 0.005620796583333333,
  "bids_meta": {
    "AcquisitionNumber": 1,
    "AcquisitionTime": "15:12:47.315000",
    "BandwidthPerPixelPhaseEncode": 29.481,
    "ConversionSoftware": "dcm2niix",
    "ConversionSoftwareVersion": "v1.0.20170724 GCC4.4.7",
    "DeviceSerialNumber": "35414",
    "EchoTime": 0.025,
    "EffectiveEchoSpacing": 0.000530002,
    "FlipAngle": 90,
    "ImageType": [
      "ORIGINAL",
      "PRIMARY",
      "M",
      "ND",
      "MOSAIC"
    ],
    "InstitutionAddress": "Mikeletegi_69_San_Sebastian_District_ES_20009",
    "InstitutionName": "BCBL",
    "MagneticFieldStrength": 3,
    "Manufacturer": "Siemens",
    "ManufacturersModelName": "TrioTim",
    "PhaseEncodingDirection": "j-",
    "PhaseEncodingLines": 64,
    "ProcedureStepDescription": "CRANEO_FUNCIONAL",
    "ProtocolName": "ep2d_Didak_VF_L1_Run1",
    "RepetitionTime": 3,
    "ScanningSequence": "EP",
    "SequenceName": "_epfid2d1_64",
    "SequenceVariant": "SK",
    "SeriesDescription": "ep2d_Didak_VF_L1_Run1",
    "SliceTiming": [
      2.9225,
      2.8525,
      2.7825,
      2.7125,
      2.645,
      2.575,
      2.505,
      2.435,
      2.365,
      2.295,
      2.2275,
      2.1575,
      2.0875,
      2.0175,
      1.9475,
      1.8775,
      1.81,
      1.74,
      1.67,
      1.6,
      1.53,
      1.4625,
      1.3925,
      1.3225,
      1.2525,
      1.1825,
      1.1125,
      1.045,
      0.975,
      0.905,
      0.835,
      0.765,
      0.695,
      0.6275,
      0.5575,
      0.4875,
      0.4175,
      0.3475,
      0.2775,
      0.21,
      0.14,
      0.07,
      0
    ],
    "SoftwareVersions": "syngo_MR_B17",
    "TaskName": "prodL1",
    "TotalReadoutTime": 0.0333901,
    "dataset": "ds003542",
    "modality": "bold",
    "run_id": 1,
    "subject_id": "11",
    "task_id": "prodL1"
  },
  "dummy_trs": 0,
  "dvars_nstd": 32.5128764551046,
  "dvars_std": 1.2244005768619246,
  "dvars_vstd": 0.9964566304184104,
  "efc": 0.5649320366590203,
  "fber": 376.238525390625,
  "fd_mean": 0.27733955838673613,
  "fd_num": 126,
  "fd_perc": 52.5,
  "fwhm_avg": 2.6740174244979777,
  "fwhm_x": 2.6095200000000003,
  "fwhm_y": 2.8043566666666666,
  "fwhm_z": 2.6081756068272672,
  "gcor": 0.0201131,
  "gsr_x": -0.0429745651781559,
  "gsr_y": 0.1348791867494583,
  "provenance": {
    "md5sum": "bc5bb62efd13be17e3577cfbe438e8d6",
    "settings": {
      "fd_thres": 0.2,
      "testing": false
    },
    "software": "mriqc",
    "version": "22.0.1",
    "webapi_port": null,
    "webapi_url": "https://mriqc.nimh.nih.gov/api/v1"
  },
  "size_t": 240,
  "size_x": 64,
  "size_y": 64,
  "size_z": 43,
  "snr": 2.5259652275799733,
  "spacing_tr": 3.0,
  "spacing_x": 3.0,
  "spacing_y": 3.0,
  "spacing_z": 3.3000001907348633,
  "summary_bg_k": 100.30085461551309,
  "summary_bg_mad": 15.777358231551872,
  "summary_bg_mean": 73.81493377685547,
  "summary_bg_median": 35.93333435058594,
  "summary_bg_n": 99910.0,
  "summary_bg_p05": 23.76666831970215,
  "summary_bg_p95": 221.10251388549747,
  "summary_bg_stdv": 132.57554626464844,
  "summary_fg_k": 1.8985453035792572,
  "summary_fg_mad": 243.58844971312465,
  "summary_fg_mean": 774.9279174804688,
  "summary_fg_median": 716.30419921875,
  "summary_fg_n": 37950.0,
  "summary_fg_p05": 427.5572998046875,
  "summary_fg_p95": 1336.8603149414052,
  "summary_fg_stdv": 283.57269287109375,
  "tsnr": 55.271033443976194
}