{
  "aor": 0.004715513513513514,
  "aqi": 0.004877083675675676,
  "bids_meta": {
    "AcquisitionNumber": 1,
    "AcquisitionTime": "15:01:25.910000",
    "BandwidthPerPixelPhaseEncode": 28.409,
    "ConversionSoftware": "dcm2niix",
    "ConversionSoftwareVersion": "v1.0.20170724 GCC4.4.7",
    "DeviceSerialNumber": "35414",
    "EchoTime": 0.03,
    "EffectiveEchoSpacing": 0.000550002,
    "FlipAngle": 80,
    "ImageType": [
      "ORIGINAL",
      "PRIMARY",
      "FMRI",
      "NONE",
      "ND",
      "MOSAIC"
    ],
    "InstitutionAddress": "Mikeletegi_69_San_Sebastian_District_ES_20009",
    "InstitutionName": "BCBL",
    "MagneticFieldStrength": 3,
    "Manufacturer": "Siemens",
    "ManufacturersModelName": "TrioTim",
    "PhaseEncodingDirection": "j-",
    "PhaseEncodingLines": 64,
    "ProcedureStepDescription": "CRANEO_FUNCIONAL",
    "ProtocolName": "ep2d_PiN_L1_Run3",
    "RepetitionTime": 2,
    "ScanningSequence": "EP",
    "SequenceName": "_epfid2d1_64",
    "SequenceVariant": "SK",
    "SeriesDescription": "ep2d_PiN_L1_Run3",
    "SliceTiming": [
      1.925,
      1.8625,
      1.8,
      1.7375,
      1.6775,
      1.615,
      1.5525,
      1.49,
      1.4275,
      1.365,
      1.305,
      1.2425,
      1.18,
      1.1175,
      1.055,
      0.9925,
      0.93,
      0.87,
      0.8075,
      0.745,
      0.6825,
      0.62,
      0.5575,
      0.4975,
      0.435,
      0.3725,
      0.31,
      0.2475,
      0.185,
      0.1225,
      0.0625,
      0
    ],
    "SoftwareVersions": "syngo_MR_B17",
    "TaskName": "compL1",
    "TotalReadoutTime": 0.0346501,
    "dataset": "ds003542",
    "modality": "bold",
    "run_id": 3,
    "subject_id": "11",
    "task_id": "compL1"
  },
  "dummy_trs": 1,
  "dvars_nstd": 20.35045955478262,
  "dvars_std": 1.204612577445651,
  "dvars_vstd": 1.004195322282609,
  "efc": 0.4936465799212837,
  "fber": 1068.1021728515625,
  "fd_mean": 0.19987804550700763,
  "fd_num": 93,
  "fd_perc": 50.270270270270274,
  "fwhm_avg": 2.561565043384197,
  "fwhm_x": 2.518327272727273,
  "fwhm_y": 2.710990357425318,
  "fwhm_z": 2.4553775,
  "gcor": 0.0081421,
  "gsr_x": -0.0338875949382782,
  "gsr_y": 0.08205515891313553,
  "provenance": {
    "md5sum": "1fc78d56c2b590f23542b1dd024ec238",
    "settings": {
      "fd_thres": 0.2,
      "testing": false
    },
    "software": "mriqc",
    "version": "22.0.1",
    "webapi_port": null,
    "webapi_url": "https://mriqc.nimh.nih.gov/api/v1"
  },
  "size_t": 185,
  "size_x": 64,
  "size_y": 64,
  "size_z": 32,
  "snr": 2.7487535603400675,
  "spacing_tr": 2.0,
  "spacing_x": 3.4375,
  "spacing_y": 3.437500238418579,
  "spacing_z": 4.0,
  "summary_bg_k": 177.48714007438764,
  "summary_bg_mad": 5.970479357108468,
  "summary_bg_mean": 35.21969223022461,
  "summary_bg_median": 16.99459457397461,
  "summary_bg_n": 80136.0,
  "summary_bg_p05": 12.475675582885742,
  "summary_bg_p95": 98.70270538330078,
  "summary_bg_stdv": 75.99514770507812,
  "summary_fg_k": 1.580388371359466,
  "summary_fg_mad": 180.5248730292406,
  "summary_fg_mean": 609.6780395507812,
  "summary_fg_median": 569.5513916015625,
  "summary_fg_n": 21947.0,
  "summary_fg_p05": 350.06434020996096,
  "summary_fg_p95": 1013.8989562988284,
  "summary_fg_stdv": 207.19879150390625,
  "tsnr": 70.90419159643352
}