{
  "aor": 0.002206918918918919,
  "aqi": 0.006363859999999999,
  "bids_meta": {
    "AcquisitionNumber": 1,
    "AcquisitionTime": "14:53:30.480000",
    "BandwidthPerPixelPhaseEncode": 28.409,
    "ConversionSoftware": "dcm2niix",
    "ConversionSoftwareVersion": "v1.0.20170724 GCC4.4.7",
    "DeviceSerialNumber": "35414",
    "EchoTime": 0.03,
    "EffectiveEchoSpacing": 0.000550002,
    "FlipAngle": 80,
    "ImageType": [
      "ORIGINAL",
      "PRIMARY",
      "FMRI",
      "NONE",
      "ND",
      "MOSAIC"
    ],
    "InstitutionAddress": "Mikeletegi_69_San_Sebastian_District_ES_20009",
    "InstitutionName": "BCBL",
    "MagneticFieldStrength": 3,
    "Manufacturer": "Siemens",
    "ManufacturersModelName": "TrioTim",
    "PhaseEncodingDirection": "j-",
    "PhaseEncodingLines": 64,
    "ProcedureStepDescription": "CRANEO_FUNCIONAL",
    "ProtocolName": "ep2d_PiN_L1_Run2",
    "RepetitionTime": 2,
    "ScanningSequence": "EP",
    "SequenceName": "_epfid2d1_64",
    "SequenceVariant": "SK",
    "SeriesDescription": "ep2d_PiN_L1_Run2",
    "SliceTiming": [
      1.925,
      1.8625,
      1.8,
      1.74,
      1.6775,
      1.615,
      1.5525,
      1.49,
      1.4275,
      1.365,
      1.305,
      1.2425,
      1.18,
      1.1175,
      1.055,
      0.9925,
      0.9325,
      0.87,
      0.8075,
      0.745,
      0.6825,
      0.62,
      0.5575,
      0.4975,
      0.435,
      0.3725,
      0.31,
      0.2475,
      0.185,
      0.125,
      0.0625,
      0
    ],
    "SoftwareVersions": "syngo_MR_B17",
    "TaskName": "compL1",
    "TotalReadoutTime": 0.0346501,
    "dataset": "ds003542",
    "modality": "bold",
    "run_id": 2,
    "subject_id": "11",
    "task_id": "compL1"
  },
  "dummy_trs": 1,
  "dvars_nstd": 20.246651468206533,
  "dvars_std": 1.1079294385326086,
  "dvars_vstd": 0.9370272979891302,
  "efc": 0.4946530537120301,
  "fber": 1076.0789794921875,
  "fd_mean": 0.17948462226024353,
  "fd_num": 62,
  "fd_perc": 33.513513513513516,
  "fwhm_avg": 2.5816132705423867,
  "fwhm_x": 2.538775272727273,
  "fwhm_y": 2.7159445388998873,
  "fwhm_z": 2.49012,
  "gcor": 0.0110421,
  "gsr_x": -0.03341052681207657,
  "gsr_y": 0.08119332790374756,
  "provenance": {
    "md5sum": "3d3775276a1b4b1351b7d1d8b10a1c76",
    "settings": {
      "fd_thres": 0.2,
      "testing": false
    },
    "software": "mriqc",
    "version": "22.0.1",
    "webapi_port": null,
    "webapi_url": "https://mriqc.nimh.nih.gov/api/v1"
  },
  "size_t": 185,
  "size_x": 64,
  "size_y": 64,
  "size_z": 32,
  "snr": 2.7751886246177335,
  "spacing_tr": 2.0,
  "spacing_x": 3.4375,
  "spacing_y": 3.437500238418579,
  "spacing_z": 4.0,
  "summary_bg_k": 149.99390230841098,
  "summary_bg_mad": 5.874310197701924,
  "summary_bg_mean": 35.36040496826172,
  "summary_bg_median": 17.01081085205078,
  "summary_bg_n": 80188.0,
  "summary_bg_p05": 12.63973026275635,
  "summary_bg_p95": 99.61216697692855,
  "summary_bg_stdv": 73.7708511352539,
  "summary_fg_k": 1.5430676905235945,
  "summary_fg_mad": 180.07606099596222,
  "summary_fg_mean": 610.5545043945312,
  "summary_fg_median": 571.5865478515625,
  "summary_fg_n": 21914.0,
  "summary_fg_p05": 352.0897476196289,
  "summary_fg_p95": 1011.176507568359,
  "summary_fg_stdv": 205.95843505859375,
  "tsnr": 66.63058379420545
}