{
  "aor": 0.0016232065217391303,
  "aqi": 0.003761962663043478,
  "bids_meta": {
    "AcquisitionNumber": 1,
    "AcquisitionTime": "17:17:51.482500",
    "BandwidthPerPixelPhaseEncode": 28.409,
    "ConversionSoftware": "dcm2niix",
    "ConversionSoftwareVersion": "v1.0.20170724 GCC4.4.7",
    "DeviceSerialNumber": "35414",
    "EchoTime": 0.03,
    "EffectiveEchoSpacing": 0.000550002,
    "FlipAngle": 80,
    "ImageType": [
      "ORIGINAL",
      "PRIMARY",
      "FMRI",
      "NONE",
      "ND",
      "MOSAIC"
    ],
    "InstitutionAddress": "Mikeletegi_69_San_Sebastian_District_ES_20009",
    "InstitutionName": "BCBL",
    "MagneticFieldStrength": 3,
    "Manufacturer": "Siemens",
    "ManufacturersModelName": "TrioTim",
    "PhaseEncodingDirection": "j-",
    "PhaseEncodingLines": 64,
    "ProcedureStepDescription": "CRANEO_FUNCIONAL",
    "ProtocolName": "ep2d_PiN_L2_Run3",
    "RepetitionTime": 2,
    "ScanningSequence": "EP",
    "SequenceName": "_epfid2d1_64",
    "SequenceVariant": "SK",
    "SeriesDescription": "ep2d_PiN_L2_Run3",
    "SliceTiming": [
      1.925,
      1.8625,
      1.8,
      1.7375,
      1.6775,
      1.615,
      1.5525,
      1.49,
      1.4275,
      1.365,
      1.305,
      1.2425,
      1.18,
      1.1175,
      1.055,
      0.9925,
      0.93,
      0.87,
      0.8075,
      0.745,
      0.6825,
      0.62,
      0.5575,
      0.4975,
      0.435,
      0.3725,
      0.31,
      0.2475,
      0.185,
      0.125,
      0.0625,
      0
    ],
    "SoftwareVersions": "syngo_MR_B17",
    "TaskName": "compLn",
    "TotalReadoutTime": 0.0346501,
    "dataset": "ds003542",
    "modality": "bold",
    "run_id": 3,
    "subject_id": "07",
    "task_id": "compLn"
  },
  "dummy_trs": 2,
  "dvars_nstd": 20.682046285846987,
  "dvars_std": 1.189932446174864,
  "dvars_vstd": 0.9321305138797814,
  "efc": 0.49593662684290246,
  "fber": 1034.3709716796875,
  "fd_mean": 0.16166445453720177,
  "fd_num": 54,
  "fd_perc": 29.347826086956523,
  "fwhm_avg": 2.4928080606060607,
  "fwhm_x": 2.4153599999999997,
  "fwhm_y": 2.668954181818182,
  "fwhm_z": 2.39411,
  "gcor": 0.0296152,
  "gsr_x": -0.014218504540622234,
  "gsr_y": 0.05644448101520538,
  "provenance": {
    "md5sum": "5b05641cb1076bbb966a93833662b639",
    "settings": {
      "fd_thres": 0.2,
      "testing": false
    },
    "software": "mriqc",
    "version": "22.0.1",
    "webapi_port": null,
    "webapi_url": "https://mriqc.nimh.nih.gov/api/v1"
  },
  "size_t": 184,
  "size_x": 64,
  "size_y": 64,
  "size_z": 32,
  "snr": 2.9641835139229724,
  "spacing_tr": 2.0,
  "spacing_x": 3.4375,
  "spacing_y": 3.4375,
  "spacing_z": 4.0,
  "summary_bg_k": 38.0239180687993,
  "summary_bg_mad": 6.196310604762157,
  "summary_bg_mean": 34.71730422973633,
  "summary_bg_median": 16.6141300201416,
  "summary_bg_n": 81584.0,
  "summary_bg_p05": 11.84782600402832,
  "summary_bg_p95": 122.2429370880126,
  "summary_bg_stdv": 56.0672607421875,
  "summary_fg_k": 1.8586068441504278,
  "summary_fg_mad": 156.23328086364063,
  "summary_fg_mean": 573.019775390625,
  "summary_fg_median": 535.309814453125,
  "summary_fg_n": 20822.0,
  "summary_fg_p05": 350.0385986328125,
  "summary_fg_p95": 920.2263671875002,
  "summary_fg_stdv": 180.5883331298828,
  "tsnr": 71.2617467334494
}