{
  "aor": 0.011723916666666667,
  "aqi": 0.005047493416666667,
  "bids_meta": {
    "AcquisitionNumber": 1,
    "AcquisitionTime": "15:10:19.020000",
    "BandwidthPerPixelPhaseEncode": 29.481,
    "ConversionSoftware": "dcm2niix",
    "ConversionSoftwareVersion": "v1.0.20170724 GCC4.4.7",
    "DeviceSerialNumber": "35414",
    "EchoTime": 0.025,
    "EffectiveEchoSpacing": 0.000530002,
    "FlipAngle": 90,
    "ImageType": [
      "ORIGINAL",
      "PRIMARY",
      "M",
      "ND",
      "MOSAIC"
    ],
    "InstitutionAddress": "Mikeletegi_69_San_Sebastian_District_ES_20009",
    "InstitutionName": "BCBL",
    "MagneticFieldStrength": 3,
    "Manufacturer": "Siemens",
    "ManufacturersModelName": "TrioTim",
    "PhaseEncodingDirection": "j-",
    "PhaseEncodingLines": 64,
    "ProcedureStepDescription": "CRANEO_FUNCIONAL",
    "ProtocolName": "ep2d_Didak_VF_L1_Run1",
    "RepetitionTime": 3,
    "ScanningSequence": "EP",
    "SequenceName": "_epfid2d1_64",
    "SequenceVariant": "SK",
    "SeriesDescription": "ep2d_Didak_VF_L1_Run1",
    "SliceTiming": [
      2.9225,
      2.8525,
      2.7825,
      2.715,
      2.645,
      2.575,
      2.505,
      2.435,
      2.365,
      2.2975,
      2.2275,
      2.1575,
      2.0875,
      2.0175,
      1.95,
      1.88,
      1.81,
      1.74,
      1.67,
      1.6,
      1.5325,
      1.4625,
      1.3925,
      1.3225,
      1.2525,
      1.1825,
      1.115,
      1.045,
      0.975,
      0.905,
      0.835,
      0.765,
      0.6975,
      0.6275,
      0.5575,
      0.4875,
      0.4175,
      0.3475,
      0.28,
      0.21,
      0.14,
      0.07,
      0
    ],
    "SoftwareVersions": "syngo_MR_B17",
    "TaskName": "prodL1",
    "TotalReadoutTime": 0.0333901,
    "dataset": "ds003542",
    "modality": "bold",
    "run_id": 1,
    "subject_id": "07",
    "task_id": "prodL1"
  },
  "dummy_trs": 0,
  "dvars_nstd": 30.925668034058578,
  "dvars_std": 1.2951665276569044,
  "dvars_vstd": 1.0826086646443525,
  "efc": 0.5477818332809536,
  "fber": 436.510498046875,
  "fd_mean": 0.24988461559972205,
  "fd_num": 115,
  "fd_perc": 47.916666666666664,
  "fwhm_avg": 2.9147353671265264,
  "fwhm_x": 2.8769033333333334,
  "fwhm_y": 3.04553,
  "fwhm_z": 2.8217727680462454,
  "gcor": 0.0284534,
  "gsr_x": -0.007916775532066822,
  "gsr_y": 0.08747079968452454,
  "provenance": {
    "md5sum": "7279bb8c2fd6925cb5f0562c0adf4b4d",
    "settings": {
      "fd_thres": 0.2,
      "testing": false
    },
    "software": "mriqc",
    "version": "22.0.1",
    "webapi_port": null,
    "webapi_url": "https://mriqc.nimh.nih.gov/api/v1"
  },
  "size_t": 240,
  "size_x": 64,
  "size_y": 64,
  "size_z": 43,
  "snr": 2.1469885488615605,
  "spacing_tr": 3.0,
  "spacing_x": 3.0,
  "spacing_y": 3.0,
  "spacing_z": 3.299999952316284,
  "summary_bg_k": 23.342818044433834,
  "summary_bg_mad": 15.425244163631833,
  "summary_bg_mean": 72.30249786376953,
  "summary_bg_median": 35.0958366394043,
  "summary_bg_n": 102002.0,
  "summary_bg_p05": 23.21666717529297,
  "summary_bg_p95": 260.52688293457015,
  "summary_bg_stdv": 96.82066345214844,
  "summary_fg_k": 3.942611453352039,
  "summary_fg_mad": 250.14586974266618,
  "summary_fg_mean": 822.4273071289062,
  "summary_fg_median": 731.8333740234375,
  "summary_fg_n": 35757.0,
  "summary_fg_p05": 453.18418579101564,
  "summary_fg_p95": 1520.6592773437478,
  "summary_fg_stdv": 340.86029052734375,
  "tsnr": 50.47914456948638
}