{
  "aor": 0.007539945652173913,
  "aqi": 0.00523003304347826,
  "bids_meta": {
    "AcquisitionNumber": 1,
    "AcquisitionTime": "15:55:51.735000",
    "BandwidthPerPixelPhaseEncode": 28.409,
    "ConversionSoftware": "dcm2niix",
    "ConversionSoftwareVersion": "v1.0.20170724 GCC4.4.7",
    "DeviceSerialNumber": "35414",
    "EchoTime": 0.03,
    "EffectiveEchoSpacing": 0.000550002,
    "FlipAngle": 80,
    "ImageType": [
      "ORIGINAL",
      "PRIMARY",
      "FMRI",
      "NONE",
      "ND",
      "MOSAIC"
    ],
    "InstitutionAddress": "Mikeletegi_69_San_Sebastian_District_ES_20009",
    "InstitutionName": "BCBL",
    "MagneticFieldStrength": 3,
    "Manufacturer": "Siemens",
    "ManufacturersModelName": "TrioTim",
    "PhaseEncodingDirection": "j-",
    "PhaseEncodingLines": 64,
    "ProcedureStepDescription": "CRANEO_FUNCIONAL",
    "ProtocolName": "ep2d_PiN_L1_Run3",
    "RepetitionTime": 2,
    "ScanningSequence": "EP",
    "SequenceName": "_epfid2d1_64",
    "SequenceVariant": "SK",
    "SeriesDescription": "ep2d_PiN_L1_Run3",
    "SliceTiming": [
      1.925,
      1.8625,
      1.8025,
      1.74,
      1.6775,
      1.615,
      1.5525,
      1.49,
      1.4275,
      1.3675,
      1.305,
      1.2425,
      1.18,
      1.1175,
      1.055,
      0.995,
      0.9325,
      0.87,
      0.8075,
      0.745,
      0.6825,
      0.6225,
      0.56,
      0.4975,
      0.435,
      0.3725,
      0.31,
      0.2475,
      0.1875,
      0.125,
      0.0625,
      0
    ],
    "SoftwareVersions": "syngo_MR_B17",
    "TaskName": "compL1",
    "TotalReadoutTime": 0.0346501,
    "dataset": "ds003542",
    "modality": "bold",
    "run_id": 3,
    "subject_id": "07",
    "task_id": "compL1"
  },
  "dummy_trs": 2,
  "dvars_nstd": 16.71935796486339,
  "dvars_std": 0.9688838642622946,
  "dvars_vstd": 0.9182435959016391,
  "efc": 0.49757976526787046,
  "fber": 1010.9105224609375,
  "fd_mean": 0.1929835984520082,
  "fd_num": 29,
  "fd_perc": 15.76086956521739,
  "fwhm_avg": 2.3891305151515154,
  "fwhm_x": 2.298653090909091,
  "fwhm_y": 2.5452334545454547,
  "fwhm_z": 2.323505,
  "gcor": 0.0101364,
  "gsr_x": -0.01180310919880867,
  "gsr_y": 0.052465103566646576,
  "provenance": {
    "md5sum": "a65c7287b48662a582612a109779cb4f",
    "settings": {
      "fd_thres": 0.2,
      "testing": false
    },
    "software": "mriqc",
    "version": "22.0.1",
    "webapi_port": null,
    "webapi_url": "https://mriqc.nimh.nih.gov/api/v1"
  },
  "size_t": 184,
  "size_x": 64,
  "size_y": 64,
  "size_z": 32,
  "snr": 3.111112591745128,
  "spacing_tr": 2.0,
  "spacing_x": 3.4375,
  "spacing_y": 3.4375,
  "spacing_z": 4.0,
  "summary_bg_k": 44.59943919985502,
  "summary_bg_mad": 5.914293017769235,
  "summary_bg_mean": 32.113346099853516,
  "summary_bg_median": 16.190217971801758,
  "summary_bg_n": 81349.0,
  "summary_bg_p05": 11.85326099395752,
  "summary_bg_p95": 110.45652160644508,
  "summary_bg_stdv": 48.52275466918945,
  "summary_fg_k": 1.4213403179809987,
  "summary_fg_mad": 146.06047958190464,
  "summary_fg_mean": 550.3978271484375,
  "summary_fg_median": 517.540771484375,
  "summary_fg_n": 20798.0,
  "summary_fg_p05": 340.3733703613281,
  "summary_fg_p95": 867.6859008789062,
  "summary_fg_stdv": 166.3483123779297,
  "tsnr": 63.56297885393724
}