{
  "bids_meta": {
    "AccelFactPE": 2,
    "AcquisitionNumber": 1,
    "AcquisitionTime": "15:05:39.632500",
    "ConversionSoftware": "dcm2niix",
    "ConversionSoftwareVersion": "v1.0.20170724 GCC4.4.7",
    "DeviceSerialNumber": "35414",
    "EchoTime": 0.0035,
    "FlipAngle": 7,
    "ImageType": [
      "ORIGINAL",
      "PRIMARY",
      "M",
      "ND",
      "NORM"
    ],
    "InstitutionAddress": "Mikeletegi_69_San_Sebastian_District_ES_20009",
    "InstitutionName": "BCBL",
    "InversionTime": 1.1,
    "MagneticFieldStrength": 3,
    "Manufacturer": "Siemens",
    "ManufacturersModelName": "TrioTim",
    "PhaseEncodingDirection": "i-",
    "PhaseEncodingLines": 256,
    "ProcedureStepDescription": "CRANEO_FUNCIONAL",
    "ProtocolName": "t1_mpr_sag_p2_1mm_iso_MGH",
    "RepetitionTime": 2.53,
    "ScanningSequence": "GR_IR",
    "SequenceName": "_tfl3d1_ns",
    "SequenceVariant": "SP_MP",
    "SeriesDescription": "t1_mpr_sag_p2_1mm_iso_MGH",
    "SoftwareVersions": "syngo_MR_B17",
    "dataset": "ds003542",
    "modality": "T1w",
    "subject_id": "01"
  },
  "cjv": 0.42763243445781635,
  "cnr": 3.0842563412508763,
  "efc": 0.6104514752445629,
  "fber": 3274.572510581421,
  "fwhm_avg": 4.03453,
  "fwhm_x": 4.02006,
  "fwhm_y": 4.2608,
  "fwhm_z": 3.82273,
  "icvs_csf": 0.20403768105432474,
  "icvs_gm": 0.383487076092493,
  "icvs_wm": 0.4124752428531823,
  "inu_med": 0.6114261150360107,
  "inu_range": 0.26697508990764623,
  "provenance": {
    "md5sum": "95e2309201ba184602502f77d52479df",
    "settings": {
      "testing": false
    },
    "software": "mriqc",
    "version": "22.0.1",
    "warnings": {
      "large_rot_frame": true,
      "small_air_mask": false
    },
    "webapi_port": null,
    "webapi_url": "https://mriqc.nimh.nih.gov/api/v1"
  },
  "qi_1": 7.066030406629913e-05,
  "qi_2": 0.004714368561402831,
  "rpve_csf": 25.461292350898397,
  "rpve_gm": 13.04370831276476,
  "rpve_wm": 14.436082224359799,
  "size_x": 176,
  "size_y": 256,
  "size_z": 256,
  "snr_csf": 1.919797250961038,
  "snr_gm": 9.566767672736946,
  "snr_total": 8.670084737707255,
  "snr_wm": 14.52368928942378,
  "snrd_csf": 22.668337310540515,
  "snrd_gm": 63.933199359651105,
  "snrd_total": 59.94876473986887,
  "snrd_wm": 93.244757549415,
  "spacing_x": 1.0,
  "spacing_y": 1.0,
  "spacing_z": 1.0,
  "summary_bg_k": 11.812275656135427,
  "summary_bg_mad": 7.026174667771347,
  "summary_bg_mean": 13.900919278078963,
  "summary_bg_median": 4.739082796499133,
  "summary_bg_n": 2514353.0,
  "summary_bg_p05": 0.0,
  "summary_bg_p95": 60.93871437758207,
  "summary_bg_stdv": 22.602865288275584,
  "summary_csf_k": 0.030830567389958485,
  "summary_csf_mad": 130.12316701104223,
  "summary_csf_mean": 255.50923671536134,
  "summary_csf_median": 243.1122700124979,
  "summary_csf_n": 37481.0,
  "summary_csf_p05": 67.01652112789452,
  "summary_csf_p95": 480.012860879302,
  "summary_csf_stdv": 126.63265703138309,
  "summary_gm_k": 0.05829177008335851,
  "summary_gm_mad": 70.5793138943359,
  "summary_gm_mean": 687.2225430404776,
  "summary_gm_median": 685.6676346641034,
  "summary_gm_n": 20600.0,
  "summary_gm_p05": 570.6444725524634,
  "summary_gm_p95": 806.6655217816121,
  "summary_gm_stdv": 71.67007870356835,
  "summary_wm_k": 0.8326674190853849,
  "summary_wm_mad": 63.85085849214809,
  "summary_wm_mean": 1005.0362948138647,
  "summary_wm_median": 1000.0267934985459,
  "summary_wm_n": 234646.0,
  "summary_wm_p05": 901.8180042468011,
  "summary_wm_p95": 1127.0716967154294,
  "summary_wm_stdv": 68.8547271042162,
  "tpm_overlap_csf": 0.14407414805855676,
  "tpm_overlap_gm": 0.42980288667695005,
  "tpm_overlap_wm": 0.5030312636022335,
  "wm2max": 0.7595683496104563
}