{
  "bids_meta": {
    "AccelFactPE": 2,
    "AcquisitionNumber": 1,
    "AcquisitionTime": "10:15:27.905000",
    "ConversionSoftware": "dcm2niix",
    "ConversionSoftwareVersion": "v1.0.20170724 GCC4.4.7",
    "DeviceSerialNumber": "35414",
    "EchoTime": 0.0035,
    "FlipAngle": 7,
    "ImageType": [
      "ORIGINAL",
      "PRIMARY",
      "M",
      "ND",
      "NORM"
    ],
    "InstitutionAddress": "Mikeletegi_69_San_Sebastian_District_ES_20009",
    "InstitutionName": "BCBL",
    "InversionTime": 1.1,
    "MagneticFieldStrength": 3,
    "Manufacturer": "Siemens",
    "ManufacturersModelName": "TrioTim",
    "PhaseEncodingDirection": "i-",
    "PhaseEncodingLines": 256,
    "ProcedureStepDescription": "CRANEO_FUNCIONAL",
    "ProtocolName": "t1_mpr_sag_p2_1mm_iso_MGH",
    "RepetitionTime": 2.53,
    "ScanningSequence": "GR_IR",
    "SequenceName": "_tfl3d1_ns",
    "SequenceVariant": "SP_MP",
    "SeriesDescription": "t1_mpr_sag_p2_1mm_iso_MGH",
    "SoftwareVersions": "syngo_MR_B17",
    "dataset": "ds003542",
    "modality": "T1w",
    "subject_id": "20"
  },
  "cjv": 0.36367594741568865,
  "cnr": 3.393029873828303,
  "efc": 0.5390930183017514,
  "fber": 5033.4295111111105,
  "fwhm_avg": 3.9055133333333334,
  "fwhm_x": 3.86082,
  "fwhm_y": 4.20322,
  "fwhm_z": 3.6525,
  "icvs_csf": 0.2586884594065969,
  "icvs_gm": 0.4338287217188823,
  "icvs_wm": 0.3074828188745208,
  "inu_med": 0.6735454201698303,
  "inu_range": 0.33717266917228694,
  "provenance": {
    "md5sum": "9bc2c71e06443d7c186d27e78d407989",
    "settings": {
      "testing": false
    },
    "software": "mriqc",
    "version": "22.0.1",
    "warnings": {
      "large_rot_frame": true,
      "small_air_mask": false
    },
    "webapi_port": null,
    "webapi_url": "https://mriqc.nimh.nih.gov/api/v1"
  },
  "qi_1": 0.003875559758446012,
  "qi_2": 0.002705891230804334,
  "rpve_csf": 23.522423966479415,
  "rpve_gm": 13.6271668597014,
  "rpve_wm": 20.736855435571147,
  "size_x": 176,
  "size_y": 256,
  "size_z": 256,
  "snr_csf": 2.5177990576581584,
  "snr_gm": 11.319948273151532,
  "snr_total": 11.288794978832966,
  "snr_wm": 20.028637605689205,
  "snrd_csf": 10.477040874562341,
  "snrd_gm": 39.24361029396379,
  "snrd_total": 35.134100376906446,
  "snrd_wm": 55.68164996219319,
  "spacing_x": 1.0,
  "spacing_y": 1.0,
  "spacing_z": 1.0,
  "summary_bg_k": 25.27310801289369,
  "summary_bg_mad": 11.765750164606226,
  "summary_bg_mean": 19.87748594807868,
  "summary_bg_median": 7.93587788939476,
  "summary_bg_n": 3184014.0,
  "summary_bg_p05": 0.0,
  "summary_bg_p95": 83.12832089141011,
  "summary_bg_stdv": 34.655561788558295,
  "summary_csf_k": 4.747108581031379,
  "summary_csf_mad": 50.239753202868584,
  "summary_csf_mean": 200.01002648020307,
  "summary_csf_median": 188.15966475754976,
  "summary_csf_n": 86979.0,
  "summary_csf_p05": 108.40409196913242,
  "summary_csf_p95": 347.6350988838818,
  "summary_csf_stdv": 74.73137403227923,
  "summary_gm_k": 0.15997704091666565,
  "summary_gm_mad": 60.475955846076,
  "summary_gm_mean": 704.2759513656482,
  "summary_gm_median": 704.7853153571486,
  "summary_gm_n": 29385.0,
  "summary_gm_p05": 600.5872386693954,
  "summary_gm_p95": 806.0788607373834,
  "summary_gm_stdv": 62.25941196775332,
  "summary_wm_k": 0.5136724071938583,
  "summary_wm_mad": 46.88651440595581,
  "summary_wm_mean": 999.7173331382942,
  "summary_wm_median": 999.9999728426337,
  "summary_wm_n": 136953.0,
  "summary_wm_p05": 917.4509710371494,
  "summary_wm_p95": 1080.9856067039073,
  "summary_wm_stdv": 49.928324713633295,
  "tpm_overlap_csf": 0.128537125633026,
  "tpm_overlap_gm": 0.42662845392310234,
  "tpm_overlap_wm": 0.4154601570617865,
  "wm2max": 0.5119444218737303
}