{
  "bids_meta": {
    "AccelFactPE": 2,
    "AcquisitionNumber": 1,
    "AcquisitionTime": "15:22:43.000000",
    "ConversionSoftware": "dcm2niix",
    "ConversionSoftwareVersion": "v1.0.20170724 GCC4.4.7",
    "DeviceSerialNumber": "35414",
    "EchoTime": 0.0035,
    "FlipAngle": 7,
    "ImageType": [
      "ORIGINAL",
      "PRIMARY",
      "M",
      "ND",
      "NORM"
    ],
    "InstitutionAddress": "Mikeletegi_69_San_Sebastian_District_ES_20009",
    "InstitutionName": "BCBL",
    "InversionTime": 1.1,
    "MagneticFieldStrength": 3,
    "Manufacturer": "Siemens",
    "ManufacturersModelName": "TrioTim",
    "PhaseEncodingDirection": "i-",
    "PhaseEncodingLines": 256,
    "ProcedureStepDescription": "CRANEO_FUNCIONAL",
    "ProtocolName": "t1_mpr_sag_p2_1mm_iso_MGH",
    "RepetitionTime": 2.53,
    "ScanningSequence": "GR_IR",
    "SequenceName": "_tfl3d1_ns",
    "SequenceVariant": "SP_MP",
    "SeriesDescription": "t1_mpr_sag_p2_1mm_iso_MGH",
    "SoftwareVersions": "syngo_MR_B17",
    "dataset": "ds003542",
    "modality": "T1w",
    "subject_id": "14"
  },
  "cjv": 0.39168012922726686,
  "cnr": 3.32754940780217,
  "efc": 0.4871386175058686,
  "fber": 20087.156684027777,
  "fwhm_avg": 4.255311321159699,
  "fwhm_x": 4.219833963479094,
  "fwhm_y": 4.45013,
  "fwhm_z": 4.09597,
  "icvs_csf": 0.2537260496126539,
  "icvs_gm": 0.38741956541366696,
  "icvs_wm": 0.35885438497367916,
  "inu_med": 0.5679383277893066,
  "inu_range": 0.1873382866382599,
  "provenance": {
    "md5sum": "87774785f75a1e2f6008f27734cf2938",
    "settings": {
      "testing": false
    },
    "software": "mriqc",
    "version": "22.0.1",
    "warnings": {
      "large_rot_frame": true,
      "small_air_mask": false
    },
    "webapi_port": null,
    "webapi_url": "https://mriqc.nimh.nih.gov/api/v1"
  },
  "qi_1": 2.82891339850057e-05,
  "qi_2": 0.01840838031460213,
  "rpve_csf": 26.064656044023458,
  "rpve_gm": 16.085857133188956,
  "rpve_wm": 20.615144212192934,
  "size_x": 176,
  "size_y": 256,
  "size_z": 256,
  "snr_csf": 1.6649624054410792,
  "snr_gm": 9.266284972419362,
  "snr_total": 12.061259763804715,
  "snr_wm": 25.252531913553703,
  "snrd_csf": 20.649300373075793,
  "snrd_gm": 83.96393140082378,
  "snrd_total": 74.18955045382113,
  "snrd_wm": 117.9554195875638,
  "spacing_x": 1.0000014305114746,
  "spacing_y": 1.0,
  "spacing_z": 1.0,
  "summary_bg_k": 17.437137065299265,
  "summary_bg_mad": 0.0,
  "summary_bg_mean": 3.078090985422885,
  "summary_bg_median": 0.0,
  "summary_bg_n": 3552851.0,
  "summary_bg_p05": 0.0,
  "summary_bg_p95": 13.646945860236883,
  "summary_bg_stdv": 5.553953259076774,
  "summary_csf_k": 0.8324116640747405,
  "summary_csf_mad": 89.18385585110377,
  "summary_csf_mean": 196.2598172686121,
  "summary_csf_median": 175.0555290542543,
  "summary_csf_n": 55997.0,
  "summary_csf_p05": 57.79882952570915,
  "summary_csf_p95": 407.27303016073995,
  "summary_csf_stdv": 105.1398910844292,
  "summary_gm_k": -0.04200523952415436,
  "summary_gm_mad": 76.21093731760246,
  "summary_gm_mean": 711.3038705999274,
  "summary_gm_median": 711.808640839532,
  "summary_gm_n": 21735.0,
  "summary_gm_p05": 584.64318826776,
  "summary_gm_p95": 838.7225614679977,
  "summary_gm_stdv": 76.81527905302534,
  "summary_wm_k": 0.8131677429911335,
  "summary_wm_mad": 36.65742117723304,
  "summary_wm_mean": 1000.3491474959507,
  "summary_wm_median": 999.9732682295144,
  "summary_wm_n": 179126.0,
  "summary_wm_p05": 936.4748319033533,
  "summary_wm_p95": 1065.1039863154292,
  "summary_wm_stdv": 39.598820442724936,
  "tpm_overlap_csf": 0.13901542801804875,
  "tpm_overlap_gm": 0.45816688407888934,
  "tpm_overlap_wm": 0.52052584102148,
  "wm2max": 0.6666072065643953
}