{
  "bids_meta": {
    "AccelFactPE": 2,
    "AcquisitionNumber": 1,
    "AcquisitionTime": "14:30:20.615000",
    "ConversionSoftware": "dcm2niix",
    "ConversionSoftwareVersion": "v1.0.20170724 GCC4.4.7",
    "DeviceSerialNumber": "35414",
    "EchoTime": 0.0035,
    "FlipAngle": 7,
    "ImageType": [
      "ORIGINAL",
      "PRIMARY",
      "M",
      "ND",
      "NORM"
    ],
    "InstitutionAddress": "Mikeletegi_69_San_Sebastian_District_ES_20009",
    "InstitutionName": "BCBL",
    "InversionTime": 1.1,
    "MagneticFieldStrength": 3,
    "Manufacturer": "Siemens",
    "ManufacturersModelName": "TrioTim",
    "PhaseEncodingDirection": "i-",
    "PhaseEncodingLines": 256,
    "ProcedureStepDescription": "CRANEO_FUNCIONAL",
    "ProtocolName": "t1_mpr_sag_p2_1mm_iso_MGH",
    "RepetitionTime": 2.53,
    "ScanningSequence": "GR_IR",
    "SequenceName": "_tfl3d1_ns",
    "SequenceVariant": "SP_MP",
    "SeriesDescription": "t1_mpr_sag_p2_1mm_iso_MGH",
    "SoftwareVersions": "syngo_MR_B17",
    "dataset": "ds003542",
    "modality": "T1w",
    "subject_id": "07"
  },
  "cjv": 0.3635756278223704,
  "cnr": 3.5110362773658434,
  "efc": 0.498345384998931,
  "fber": 22731.053725713784,
  "fwhm_avg": 3.633453333333333,
  "fwhm_x": 3.74255,
  "fwhm_y": 3.80372,
  "fwhm_z": 3.35409,
  "icvs_csf": 0.23936015814537484,
  "icvs_gm": 0.41406050585694165,
  "icvs_wm": 0.3465793359976835,
  "inu_med": 0.4900422990322113,
  "inu_range": 0.145770651102066,
  "provenance": {
    "md5sum": "e64088091093cfa8c85e5d5119b2a186",
    "settings": {
      "testing": false
    },
    "software": "mriqc",
    "version": "22.0.1",
    "warnings": {
      "large_rot_frame": true,
      "small_air_mask": false
    },
    "webapi_port": null,
    "webapi_url": "https://mriqc.nimh.nih.gov/api/v1"
  },
  "qi_1": 0.0,
  "qi_2": 0.01934550316267599,
  "rpve_csf": 24.27228475684927,
  "rpve_gm": 13.826764515275597,
  "rpve_wm": 19.558534343229336,
  "size_x": 176,
  "size_y": 256,
  "size_z": 256,
  "snr_csf": 1.8568583807269121,
  "snr_gm": 8.381673025781188,
  "snr_total": 10.558023889097258,
  "snr_wm": 21.435540260783675,
  "snrd_csf": 25.91326913904827,
  "snrd_gm": 111.64247515646298,
  "snrd_total": 101.11751104157243,
  "snrd_wm": 165.79678882920606,
  "spacing_x": 1.0,
  "spacing_y": 1.0,
  "spacing_z": 1.0,
  "summary_bg_k": 8.660818483596746,
  "summary_bg_mad": 3.951442162361145,
  "summary_bg_mean": 3.4640801443520117,
  "summary_bg_median": 2.6652072370052338,
  "summary_bg_n": 3228525.0,
  "summary_bg_p05": 0.0,
  "summary_bg_p95": 12.826309828087687,
  "summary_bg_stdv": 4.928477093925554,
  "summary_csf_k": 3.693353652940429,
  "summary_csf_mad": 58.88354436589957,
  "summary_csf_mean": 173.25739114283522,
  "summary_csf_median": 156.29536725580692,
  "summary_csf_n": 43769.0,
  "summary_csf_p05": 72.07957786507905,
  "summary_csf_p95": 349.1469073463231,
  "summary_csf_stdv": 84.17097577848328,
  "summary_gm_k": 0.1787903242090314,
  "summary_gm_mad": 76.98256069885731,
  "summary_gm_mean": 670.8542364807042,
  "summary_gm_median": 673.3693677280098,
  "summary_gm_n": 18109.0,
  "summary_gm_p05": 532.2038108408451,
  "summary_gm_p95": 799.3289654683321,
  "summary_gm_stdv": 80.33608246004398,
  "summary_wm_k": 1.1137604747306504,
  "summary_wm_mad": 41.772388573532105,
  "summary_wm_mean": 996.4537699107077,
  "summary_wm_median": 1000.0000332202762,
  "summary_wm_n": 176293.0,
  "summary_wm_p05": 912.3480302132666,
  "summary_wm_p95": 1064.583715731278,
  "summary_wm_stdv": 46.651364269935,
  "tpm_overlap_csf": 0.1508135413144854,
  "tpm_overlap_gm": 0.44381264495005773,
  "tpm_overlap_wm": 0.5040673793716202,
  "wm2max": 0.7582778469477977
}