{
  "aor": 0.004836774193548387,
  "aqi": 0.005448971290322581,
  "bids_meta": {
    "AcquisitionNumber": 1,
    "AcquisitionTime": "17:42:6.375000",
    "BandwidthPerPixelPhaseEncode": 28.409,
    "ConversionSoftware": "dcm2niix",
    "ConversionSoftwareVersion": "v1.0.20170724 GCC4.4.7",
    "DeviceSerialNumber": "35414",
    "EchoTime": 0.03,
    "EffectiveEchoSpacing": 0.000550002,
    "FlipAngle": 80,
    "ImageType": [
      "ORIGINAL",
      "PRIMARY",
      "FMRI",
      "NONE",
      "ND",
      "MOSAIC"
    ],
    "InstitutionAddress": "Mikeletegi_69_San_Sebastian_District_ES_20009",
    "InstitutionName": "BCBL",
    "MagneticFieldStrength": 3,
    "Manufacturer": "Siemens",
    "ManufacturersModelName": "TrioTim",
    "PhaseEncodingDirection": "j-",
    "PhaseEncodingLines": 64,
    "ProcedureStepDescription": "CRANEO_FUNCIONAL",
    "ProtocolName": "ep2d_PiN_L2_Run3",
    "RepetitionTime": 2,
    "ScanningSequence": "EP",
    "SequenceName": "_epfid2d1_64",
    "SequenceVariant": "SK",
    "SeriesDescription": "ep2d_PiN_L2_Run3",
    "SliceTiming": [
      1.925,
      1.8625,
      1.8,
      1.74,
      1.6775,
      1.615,
      1.5525,
      1.49,
      1.4275,
      1.365,
      1.305,
      1.2425,
      1.18,
      1.1175,
      1.055,
      0.9925,
      0.9325,
      0.87,
      0.8075,
      0.745,
      0.6825,
      0.62,
      0.56,
      0.4975,
      0.435,
      0.3725,
      0.31,
      0.2475,
      0.185,
      0.125,
      0.0625,
      0
    ],
    "SoftwareVersions": "syngo_MR_B17",
    "TaskName": "compLn",
    "TotalReadoutTime": 0.0346501,
    "dataset": "ds003542",
    "modality": "bold",
    "run_id": 3,
    "subject_id": "22",
    "task_id": "compLn"
  },
  "dummy_trs": 0,
  "dvars_nstd": 32.71113161637839,
  "dvars_std": 1.2161258598918916,
  "dvars_vstd": 0.9791316190270271,
  "efc": 0.5234887824827696,
  "fber": 568.7362060546875,
  "fd_mean": 0.3475452515698483,
  "fd_num": 123,
  "fd_perc": 66.12903225806451,
  "fwhm_avg": 2.567275090909091,
  "fwhm_x": 2.4823447272727277,
  "fwhm_y": 2.7959505454545455,
  "fwhm_z": 2.42353,
  "gcor": 0.0324799,
  "gsr_x": -0.01970537006855011,
  "gsr_y": 0.09588256478309631,
  "provenance": {
    "md5sum": "c740a1918842919274556043815509df",
    "settings": {
      "fd_thres": 0.2,
      "testing": false
    },
    "software": "mriqc",
    "version": "22.0.1",
    "webapi_port": null,
    "webapi_url": "https://mriqc.nimh.nih.gov/api/v1"
  },
  "size_t": 186,
  "size_x": 64,
  "size_y": 64,
  "size_z": 32,
  "snr": 2.6226845707387647,
  "spacing_tr": 2.0,
  "spacing_x": 3.4375,
  "spacing_y": 3.4375,
  "spacing_z": 4.0,
  "summary_bg_k": 156.57808775473106,
  "summary_bg_mad": 9.724594406070914,
  "summary_bg_mean": 45.06123352050781,
  "summary_bg_median": 22.010751724243164,
  "summary_bg_n": 78372.0,
  "summary_bg_p05": 14.766397809982301,
  "summary_bg_p95": 151.81316986083976,
  "summary_bg_stdv": 77.01268768310547,
  "summary_fg_k": 3.0930226572808444,
  "summary_fg_mad": 172.82677048838485,
  "summary_fg_mean": 575.4755249023438,
  "summary_fg_median": 536.5645141601562,
  "summary_fg_n": 21604.0,
  "summary_fg_p05": 322.78736419677733,
  "summary_fg_p95": 956.2537414550778,
  "summary_fg_stdv": 204.5812530517578,
  "tsnr": 51.28968813735992
}