{
  "bids_meta": {
    "AccelFactPE": 2,
    "AcquisitionNumber": 1,
    "AcquisitionTime": "15:34:3.735000",
    "ConversionSoftware": "dcm2niix",
    "ConversionSoftwareVersion": "v1.0.20170724 GCC4.4.7",
    "DeviceSerialNumber": "35414",
    "EchoTime": 0.0035,
    "FlipAngle": 7,
    "ImageType": [
      "ORIGINAL",
      "PRIMARY",
      "M",
      "ND",
      "NORM"
    ],
    "InstitutionAddress": "Mikeletegi_69_San_Sebastian_District_ES_20009",
    "InstitutionName": "BCBL",
    "InversionTime": 1.1,
    "MagneticFieldStrength": 3,
    "Manufacturer": "Siemens",
    "ManufacturersModelName": "TrioTim",
    "PhaseEncodingDirection": "i-",
    "PhaseEncodingLines": 256,
    "ProcedureStepDescription": "CRANEO_FUNCIONAL",
    "ProtocolName": "t1_mpr_sag_p2_1mm_iso_MGH",
    "RepetitionTime": 2.53,
    "ScanningSequence": "GR_IR",
    "SequenceName": "_tfl3d1_ns",
    "SequenceVariant": "SP_MP",
    "SeriesDescription": "t1_mpr_sag_p2_1mm_iso_MGH",
    "SoftwareVersions": "syngo_MR_B17",
    "dataset": "ds003542",
    "modality": "T1w",
    "subject_id": "04"
  },
  "cjv": 0.33077923706840173,
  "cnr": 4.0823310721377934,
  "efc": 0.5180114867308386,
  "fber": 12456.387435450222,
  "fwhm_avg": 3.8166700000000002,
  "fwhm_x": 3.87051,
  "fwhm_y": 4.00185,
  "fwhm_z": 3.57765,
  "icvs_csf": 0.22324336187981803,
  "icvs_gm": 0.45434530529379713,
  "icvs_wm": 0.32241133282638484,
  "inu_med": 0.5601227879524231,
  "inu_range": 0.2068171352148056,
  "provenance": {
    "md5sum": "5919280bc7731c648a8c00f2551b59c3",
    "settings": {
      "testing": false
    },
    "software": "mriqc",
    "version": "22.0.1",
    "warnings": {
      "large_rot_frame": true,
      "small_air_mask": false
    },
    "webapi_port": null,
    "webapi_url": "https://mriqc.nimh.nih.gov/api/v1"
  },
  "qi_1": 0.0,
  "qi_2": 0.016911094693695432,
  "rpve_csf": 26.665799029083306,
  "rpve_gm": 13.688962797091966,
  "rpve_wm": 21.662975777239748,
  "size_x": 176,
  "size_y": 256,
  "size_z": 256,
  "snr_csf": 1.857439103086974,
  "snr_gm": 9.696679109266162,
  "snr_total": 11.94562517288963,
  "snr_wm": 24.28275730631575,
  "snrd_csf": 19.321778841135753,
  "snrd_gm": 67.28422077338486,
  "snrd_total": 62.31657044894081,
  "snrd_wm": 100.3437117323018,
  "spacing_x": 1.0,
  "spacing_y": 1.0,
  "spacing_z": 1.0,
  "summary_bg_k": 6.733346664980349,
  "summary_bg_mad": 6.528726557084315,
  "summary_bg_mean": 4.948334397947041,
  "summary_bg_median": 4.403559144586325,
  "summary_bg_n": 3054491.0,
  "summary_bg_p05": 0.0,
  "summary_bg_p95": 16.95068657025695,
  "summary_bg_stdv": 5.9619064353074895,
  "summary_csf_k": 1.541742122564706,
  "summary_csf_mad": 87.37761433248461,
  "summary_csf_mean": 212.41343460826056,
  "summary_csf_median": 192.55014780163765,
  "summary_csf_n": 39534.0,
  "summary_csf_p05": 77.24325321428478,
  "summary_csf_p95": 416.46811416745186,
  "summary_csf_stdv": 103.66300150500336,
  "summary_gm_k": -0.06419428689997897,
  "summary_gm_mad": 70.16145183606363,
  "summary_gm_mean": 671.6680531572857,
  "summary_gm_median": 670.517283173278,
  "summary_gm_n": 37203.0,
  "summary_gm_p05": 559.0107204504311,
  "summary_gm_p95": 786.4877277687192,
  "summary_gm_stdv": 69.14823765485326,
  "summary_wm_k": 0.5904375670356559,
  "summary_wm_mad": 38.814620901021826,
  "summary_wm_mean": 999.059525565174,
  "summary_wm_median": 999.9698621891439,
  "summary_wm_n": 153806.0,
  "summary_wm_p05": 930.2066272478551,
  "summary_wm_p95": 1064.696149341762,
  "summary_wm_stdv": 41.18010977168885,
  "tpm_overlap_csf": 0.1471024618830053,
  "tpm_overlap_gm": 0.4791781990513825,
  "tpm_overlap_wm": 0.5023831825466459,
  "wm2max": 0.629841201329825
}