{
  "bids_meta": {
    "AccelFactPE": 2,
    "AcquisitionNumber": 1,
    "AcquisitionTime": "14:50:24.062500",
    "ConversionSoftware": "dcm2niix",
    "ConversionSoftwareVersion": "v1.0.20170724 GCC4.4.7",
    "DeviceSerialNumber": "35414",
    "EchoTime": 0.0035,
    "FlipAngle": 7,
    "ImageType": [
      "ORIGINAL",
      "PRIMARY",
      "M",
      "ND",
      "NORM"
    ],
    "InstitutionAddress": "Mikeletegi_69_San_Sebastian_District_ES_20009",
    "InstitutionName": "bcbl",
    "InversionTime": 1.1,
    "MagneticFieldStrength": 3,
    "Manufacturer": "Siemens",
    "ManufacturersModelName": "TrioTim",
    "PhaseEncodingDirection": "i-",
    "PhaseEncodingLines": 256,
    "ProcedureStepDescription": "CRANEO_FUNCIONAL",
    "ProtocolName": "t1_mpr_sag_p2_1mm_iso_MGH",
    "RepetitionTime": 2.53,
    "ScanningSequence": "GR_IR",
    "SequenceName": "_tfl3d1_ns",
    "SequenceVariant": "SP_MP",
    "SeriesDescription": "t1_mpr_sag_p2_1mm_iso_MGH",
    "SoftwareVersions": "syngo_MR_B17",
    "dataset": "ds003542",
    "modality": "T1w",
    "subject_id": "02"
  },
  "cjv": 0.33562204067269674,
  "cnr": 3.9135897380317175,
  "efc": 0.5223144196793393,
  "fber": 11578.481352017727,
  "fwhm_avg": 3.8792033333333333,
  "fwhm_x": 3.91213,
  "fwhm_y": 4.12625,
  "fwhm_z": 3.59923,
  "icvs_csf": 0.2163385679868807,
  "icvs_gm": 0.43136256575860216,
  "icvs_wm": 0.3522988662545172,
  "inu_med": 0.5506625175476074,
  "inu_range": 0.22396367192268363,
  "provenance": {
    "md5sum": "08b897296c77190ee81cdb776fa05299",
    "settings": {
      "testing": false
    },
    "software": "mriqc",
    "version": "22.0.1",
    "warnings": {
      "large_rot_frame": true,
      "small_air_mask": false
    },
    "webapi_port": null,
    "webapi_url": "https://mriqc.nimh.nih.gov/api/v1"
  },
  "qi_1": 0.0,
  "qi_2": 0.009044300090231437,
  "rpve_csf": 26.882157929288194,
  "rpve_gm": 13.855508057919296,
  "rpve_wm": 19.439875295402068,
  "size_x": 176,
  "size_y": 256,
  "size_z": 256,
  "snr_csf": 1.609192592841084,
  "snr_gm": 9.818843178381588,
  "snr_total": 11.979161087316214,
  "snr_wm": 24.509447490725968,
  "snrd_csf": 19.38363519945977,
  "snrd_gm": 76.24451625843949,
  "snrd_total": 69.06374929032027,
  "snrd_wm": 111.56309641306154,
  "spacing_x": 1.0,
  "spacing_y": 1.0,
  "spacing_z": 1.0,
  "summary_bg_k": 7.273449194899381,
  "summary_bg_mad": 0.0,
  "summary_bg_mean": 4.26520847497016,
  "summary_bg_median": 0.0,
  "summary_bg_n": 3228944.0,
  "summary_bg_p05": 0.0,
  "summary_bg_p95": 15.37289273738861,
  "summary_bg_stdv": 5.872145413057848,
  "summary_csf_k": 1.684446528475453,
  "summary_csf_mad": 88.02383125026597,
  "summary_csf_mean": 196.62550524706572,
  "summary_csf_median": 173.74019291996956,
  "summary_csf_n": 35377.0,
  "summary_csf_p05": 61.650600874423986,
  "summary_csf_p95": 419.94502160549155,
  "summary_csf_stdv": 107.96578241945164,
  "summary_gm_k": 0.16158508102013336,
  "summary_gm_mad": 67.68796845026033,
  "summary_gm_mean": 682.8643455291824,
  "summary_gm_median": 683.397970892489,
  "summary_gm_n": 29188.0,
  "summary_gm_p05": 567.74842771627,
  "summary_gm_p95": 797.0049734711647,
  "summary_gm_stdv": 69.59946824140856,
  "summary_wm_k": 0.569300167375467,
  "summary_wm_mad": 38.55954661353727,
  "summary_wm_mean": 999.6095016442478,
  "summary_wm_median": 999.9669150859118,
  "summary_wm_n": 180828.0,
  "summary_wm_p05": 932.3129345476627,
  "summary_wm_p95": 1065.533627860248,
  "summary_wm_stdv": 40.79913064108992,
  "tpm_overlap_csf": 0.14896955821943259,
  "tpm_overlap_gm": 0.4680981903435605,
  "tpm_overlap_wm": 0.5177203985325819,
  "wm2max": 0.6034851155450782
}