{
  "aor": 0.004708791666666667,
  "aqi": 0.006822987708333334,
  "bids_meta": {
    "AcquisitionNumber": 1,
    "AcquisitionTime": "16:46:17.247500",
    "BandwidthPerPixelPhaseEncode": 29.481,
    "ConversionSoftware": "dcm2niix",
    "ConversionSoftwareVersion": "v1.0.20170724 GCC4.4.7",
    "DeviceSerialNumber": "35414",
    "EchoTime": 0.025,
    "EffectiveEchoSpacing": 0.000530002,
    "FlipAngle": 90,
    "ImageType": [
      "ORIGINAL",
      "PRIMARY",
      "M",
      "ND",
      "MOSAIC"
    ],
    "InstitutionAddress": "Mikeletegi_69_San_Sebastian_District_ES_20009",
    "InstitutionName": "BCBL",
    "MagneticFieldStrength": 3,
    "Manufacturer": "Siemens",
    "ManufacturersModelName": "TrioTim",
    "PhaseEncodingDirection": "j-",
    "PhaseEncodingLines": 64,
    "ProcedureStepDescription": "CRANEO_FUNCIONAL",
    "ProtocolName": "ep2d_Didak_VF_L2_Run2",
    "RepetitionTime": 3,
    "ScanningSequence": "EP",
    "SequenceName": "_epfid2d1_64",
    "SequenceVariant": "SK",
    "SeriesDescription": "ep2d_Didak_VF_L2_Run2",
    "SliceTiming": [
      2.9225,
      2.8525,
      2.7825,
      2.7125,
      2.6425,
      2.5725,
      2.505,
      2.435,
      2.365,
      2.295,
      2.225,
      2.1575,
      2.0875,
      2.0175,
      1.9475,
      1.8775,
      1.8075,
      1.74,
      1.67,
      1.6,
      1.53,
      1.46,
      1.39,
      1.3225,
      1.2525,
      1.1825,
      1.1125,
      1.0425,
      0.9725,
      0.905,
      0.835,
      0.765,
      0.695,
      0.625,
      0.555,
      0.4875,
      0.4175,
      0.3475,
      0.2775,
      0.2075,
      0.14,
      0.07,
      0
    ],
    "SoftwareVersions": "syngo_MR_B17",
    "TaskName": "prodLn",
    "TotalReadoutTime": 0.0333901,
    "dataset": "ds003542",
    "modality": "bold",
    "run_id": 2,
    "subject_id": "07",
    "task_id": "prodLn"
  },
  "dummy_trs": 0,
  "dvars_nstd": 34.445828142510464,
  "dvars_std": 1.1786842181589956,
  "dvars_vstd": 0.9694030971966525,
  "efc": 0.5614070319956033,
  "fber": 394.2347412109375,
  "fd_mean": 0.3444935551982747,
  "fd_num": 133,
  "fd_perc": 55.416666666666664,
  "fwhm_avg": 2.822421023621526,
  "fwhm_x": 2.709846666666667,
  "fwhm_y": 2.9503133333333333,
  "fwhm_z": 2.807103070864577,
  "gcor": 0.0377858,
  "gsr_x": -0.00959655549377203,
  "gsr_y": 0.0894852802157402,
  "provenance": {
    "md5sum": "6384e95cb217ea0aded988c3252f783c",
    "settings": {
      "fd_thres": 0.2,
      "testing": false
    },
    "software": "mriqc",
    "version": "22.0.1",
    "webapi_port": null,
    "webapi_url": "https://mriqc.nimh.nih.gov/api/v1"
  },
  "size_t": 240,
  "size_x": 64,
  "size_y": 64,
  "size_z": 43,
  "snr": 2.4410008153584024,
  "spacing_tr": 3.0,
  "spacing_x": 3.0,
  "spacing_y": 3.0,
  "spacing_z": 3.299999952316284,
  "summary_bg_k": 19.093539493201877,
  "summary_bg_mad": 15.517901146609804,
  "summary_bg_mean": 73.0000991821289,
  "summary_bg_median": 35.483333587646484,
  "summary_bg_n": 102143.0,
  "summary_bg_p05": 23.933334350585938,
  "summary_bg_p95": 259.6125030517576,
  "summary_bg_stdv": 94.50235748291016,
  "summary_fg_k": 3.0095080921842188,
  "summary_fg_mad": 232.8489041873395,
  "summary_fg_mean": 778.4371337890625,
  "summary_fg_median": 710.6625366210938,
  "summary_fg_n": 35767.0,
  "summary_fg_p05": 440.961264038086,
  "summary_fg_p95": 1358.9951049804688,
  "summary_fg_stdv": 291.13165283203125,
  "tsnr": 44.029565596953034
}