{
  "aor": 0.009935027027027027,
  "aqi": 0.0021637999027027026,
  "bids_meta": {
    "AcquisitionNumber": 1,
    "AcquisitionTime": "17:01:48.487500",
    "BandwidthPerPixelPhaseEncode": 28.409,
    "ConversionSoftware": "dcm2niix",
    "ConversionSoftwareVersion": "v1.0.20170724 GCC4.4.7",
    "DeviceSerialNumber": "35414",
    "EchoTime": 0.03,
    "EffectiveEchoSpacing": 0.000550002,
    "FlipAngle": 80,
    "ImageType": [
      "ORIGINAL",
      "PRIMARY",
      "FMRI",
      "NONE",
      "ND",
      "MOSAIC"
    ],
    "InstitutionAddress": "Mikeletegi_69_San_Sebastian_District_ES_20009",
    "InstitutionName": "BCBL",
    "MagneticFieldStrength": 3,
    "Manufacturer": "Siemens",
    "ManufacturersModelName": "TrioTim",
    "PhaseEncodingDirection": "j-",
    "PhaseEncodingLines": 64,
    "ProcedureStepDescription": "CRANEO_FUNCIONAL",
    "ProtocolName": "ep2d_PiN_L2_Run1",
    "RepetitionTime": 2,
    "ScanningSequence": "EP",
    "SequenceName": "_epfid2d1_64",
    "SequenceVariant": "SK",
    "SeriesDescription": "ep2d_PiN_L2_Run1",
    "SliceTiming": [
      1.925,
      1.865,
      1.8025,
      1.74,
      1.6775,
      1.615,
      1.5525,
      1.49,
      1.43,
      1.3675,
      1.305,
      1.2425,
      1.18,
      1.1175,
      1.0575,
      0.995,
      0.9325,
      0.87,
      0.8075,
      0.745,
      0.685,
      0.6225,
      0.56,
      0.4975,
      0.435,
      0.3725,
      0.31,
      0.25,
      0.1875,
      0.125,
      0.0625,
      0
    ],
    "SoftwareVersions": "syngo_MR_B17",
    "TaskName": "compLn",
    "TotalReadoutTime": 0.0346501,
    "dataset": "ds003542",
    "modality": "bold",
    "run_id": 1,
    "subject_id": "07",
    "task_id": "compLn"
  },
  "dummy_trs": 1,
  "dvars_nstd": 20.73116534690217,
  "dvars_std": 1.3854445303804337,
  "dvars_vstd": 1.0816744185326086,
  "efc": 0.4917086586171359,
  "fber": 1025.104248046875,
  "fd_mean": 0.13825315471907168,
  "fd_num": 17,
  "fd_perc": 9.18918918918919,
  "fwhm_avg": 2.6315681212121214,
  "fwhm_x": 2.5571200000000003,
  "fwhm_y": 2.8120843636363633,
  "fwhm_z": 2.5255,
  "gcor": 0.0313053,
  "gsr_x": -0.015671256929636,
  "gsr_y": 0.053628820925951004,
  "provenance": {
    "md5sum": "d9627b8160a99d620b1a52babe20724a",
    "settings": {
      "fd_thres": 0.2,
      "testing": false
    },
    "software": "mriqc",
    "version": "22.0.1",
    "webapi_port": null,
    "webapi_url": "https://mriqc.nimh.nih.gov/api/v1"
  },
  "size_t": 185,
  "size_x": 64,
  "size_y": 64,
  "size_z": 32,
  "snr": 2.6774610817374036,
  "spacing_tr": 2.0,
  "spacing_x": 3.4375,
  "spacing_y": 3.4375,
  "spacing_z": 4.0,
  "summary_bg_k": 36.25868061176218,
  "summary_bg_mad": 6.95620899926658,
  "summary_bg_mean": 36.59231948852539,
  "summary_bg_median": 17.53513526916504,
  "summary_bg_n": 81455.0,
  "summary_bg_p05": 12.437838554382324,
  "summary_bg_p95": 128.71460113525396,
  "summary_bg_stdv": 57.90646743774414,
  "summary_fg_k": 2.5732009610039013,
  "summary_fg_mad": 169.4093379882034,
  "summary_fg_mean": 611.4375,
  "summary_fg_median": 563.3486328125,
  "summary_fg_n": 20750.0,
  "summary_fg_p05": 363.39108123779295,
  "summary_fg_p95": 1032.621398925781,
  "summary_fg_stdv": 210.3989715576172,
  "tsnr": 87.38192059309222
}