{
  "aor": 0.025141729729729733,
  "aqi": 0.0033625878594594595,
  "bids_meta": {
    "AcquisitionNumber": 1,
    "AcquisitionTime": "15:40:11.977500",
    "BandwidthPerPixelPhaseEncode": 28.409,
    "ConversionSoftware": "dcm2niix",
    "ConversionSoftwareVersion": "v1.0.20170724 GCC4.4.7",
    "DeviceSerialNumber": "35414",
    "EchoTime": 0.03,
    "EffectiveEchoSpacing": 0.000550002,
    "FlipAngle": 80,
    "ImageType": [
      "ORIGINAL",
      "PRIMARY",
      "FMRI",
      "NONE",
      "ND",
      "MOSAIC"
    ],
    "InstitutionAddress": "Mikeletegi_69_San_Sebastian_District_ES_20009",
    "InstitutionName": "BCBL",
    "MagneticFieldStrength": 3,
    "Manufacturer": "Siemens",
    "ManufacturersModelName": "TrioTim",
    "PhaseEncodingDirection": "j-",
    "PhaseEncodingLines": 64,
    "ProcedureStepDescription": "CRANEO_FUNCIONAL",
    "ProtocolName": "ep2d_PiN_L1_Run1",
    "RepetitionTime": 2,
    "ScanningSequence": "EP",
    "SequenceName": "_epfid2d1_64",
    "SequenceVariant": "SK",
    "SeriesDescription": "ep2d_PiN_L1_Run1",
    "SliceTiming": [
      1.925,
      1.865,
      1.8025,
      1.74,
      1.6775,
      1.615,
      1.5525,
      1.4925,
      1.43,
      1.3675,
      1.305,
      1.2425,
      1.18,
      1.1175,
      1.0575,
      0.995,
      0.9325,
      0.87,
      0.8075,
      0.745,
      0.685,
      0.6225,
      0.56,
      0.4975,
      0.435,
      0.3725,
      0.3125,
      0.25,
      0.1875,
      0.125,
      0.0625,
      0
    ],
    "SoftwareVersions": "syngo_MR_B17",
    "TaskName": "compL1",
    "TotalReadoutTime": 0.0346501,
    "dataset": "ds003542",
    "modality": "bold",
    "run_id": 1,
    "subject_id": "07",
    "task_id": "compL1"
  },
  "dummy_trs": 1,
  "dvars_nstd": 15.12625883440217,
  "dvars_std": 1.249031157228261,
  "dvars_vstd": 1.1807005215760873,
  "efc": 0.49678703910937727,
  "fber": 1025.913818359375,
  "fd_mean": 0.18669715002147463,
  "fd_num": 63,
  "fd_perc": 34.054054054054056,
  "fwhm_avg": 2.3776725151515152,
  "fwhm_x": 2.284709818181818,
  "fwhm_y": 2.5387927272727273,
  "fwhm_z": 2.309515,
  "gcor": 0.0136897,
  "gsr_x": -0.011325609870254993,
  "gsr_y": 0.051822882145643234,
  "provenance": {
    "md5sum": "53ce4908eb402712342fdacebdb87801",
    "settings": {
      "fd_thres": 0.2,
      "testing": false
    },
    "software": "mriqc",
    "version": "22.0.1",
    "webapi_port": null,
    "webapi_url": "https://mriqc.nimh.nih.gov/api/v1"
  },
  "size_t": 185,
  "size_x": 64,
  "size_y": 64,
  "size_z": 32,
  "snr": 3.1193862310860205,
  "spacing_tr": 2.0,
  "spacing_x": 3.4375,
  "spacing_y": 3.4375,
  "spacing_z": 4.0,
  "summary_bg_k": 44.30193468422046,
  "summary_bg_mad": 5.858282004467499,
  "summary_bg_mean": 31.639677047729492,
  "summary_bg_median": 16.064865112304688,
  "summary_bg_n": 81250.0,
  "summary_bg_p05": 11.621622085571289,
  "summary_bg_p95": 108.17351799011233,
  "summary_bg_stdv": 47.74065017700195,
  "summary_fg_k": 1.3792476475561308,
  "summary_fg_mad": 146.16852566643195,
  "summary_fg_mean": 549.9971923828125,
  "summary_fg_median": 516.9135131835938,
  "summary_fg_n": 20885.0,
  "summary_fg_p05": 340.63352661132814,
  "summary_fg_p95": 864.9924316406249,
  "summary_fg_stdv": 165.70603942871094,
  "tsnr": 76.12548511195928
}