{
  "aor": 0.0031351250000000003,
  "aqi": 0.007658790083333334,
  "bids_meta": {
    "AcquisitionNumber": 1,
    "AcquisitionTime": "15:23:45.515000",
    "BandwidthPerPixelPhaseEncode": 29.481,
    "ConversionSoftware": "dcm2niix",
    "ConversionSoftwareVersion": "v1.0.20170724 GCC4.4.7",
    "DeviceSerialNumber": "35414",
    "EchoTime": 0.025,
    "EffectiveEchoSpacing": 0.000530002,
    "FlipAngle": 90,
    "ImageType": [
      "ORIGINAL",
      "PRIMARY",
      "M",
      "ND",
      "MOSAIC"
    ],
    "InstitutionAddress": "Mikeletegi_69_San_Sebastian_District_ES_20009",
    "InstitutionName": "BCBL",
    "MagneticFieldStrength": 3,
    "Manufacturer": "Siemens",
    "ManufacturersModelName": "TrioTim",
    "PhaseEncodingDirection": "j-",
    "PhaseEncodingLines": 64,
    "ProcedureStepDescription": "CRANEO_FUNCIONAL",
    "ProtocolName": "ep2d_Didak_VF_L1_Run2",
    "RepetitionTime": 3,
    "ScanningSequence": "EP",
    "SequenceName": "_epfid2d1_64",
    "SequenceVariant": "SK",
    "SeriesDescription": "ep2d_Didak_VF_L1_Run2",
    "SliceTiming": [
      2.9225,
      2.8525,
      2.7825,
      2.7125,
      2.6425,
      2.575,
      2.505,
      2.435,
      2.365,
      2.295,
      2.225,
      2.1575,
      2.0875,
      2.0175,
      1.9475,
      1.8775,
      1.8075,
      1.74,
      1.67,
      1.6,
      1.53,
      1.46,
      1.3925,
      1.3225,
      1.2525,
      1.1825,
      1.1125,
      1.0425,
      0.975,
      0.905,
      0.835,
      0.765,
      0.695,
      0.625,
      0.5575,
      0.4875,
      0.4175,
      0.3475,
      0.2775,
      0.2075,
      0.14,
      0.07,
      0
    ],
    "SoftwareVersions": "syngo_MR_B17",
    "TaskName": "prodL1",
    "TotalReadoutTime": 0.0333901,
    "dataset": "ds003542",
    "modality": "bold",
    "run_id": 2,
    "subject_id": "07",
    "task_id": "prodL1"
  },
  "dummy_trs": 0,
  "dvars_nstd": 31.821754874393307,
  "dvars_std": 1.1020881507949782,
  "dvars_vstd": 0.9119892202928881,
  "efc": 0.5493005924631164,
  "fber": 434.5915222167969,
  "fd_mean": 0.28868036668531083,
  "fd_num": 120,
  "fd_perc": 50.0,
  "fwhm_avg": 2.9442250644575076,
  "fwhm_x": 2.888446666666667,
  "fwhm_y": 3.047446666666667,
  "fwhm_z": 2.896781860039189,
  "gcor": 0.0137399,
  "gsr_x": -0.0073298001661896706,
  "gsr_y": 0.08711577951908112,
  "provenance": {
    "md5sum": "91802433ec00fd7f277186ac23557e8e",
    "settings": {
      "fd_thres": 0.2,
      "testing": false
    },
    "software": "mriqc",
    "version": "22.0.1",
    "webapi_port": null,
    "webapi_url": "https://mriqc.nimh.nih.gov/api/v1"
  },
  "size_t": 240,
  "size_x": 64,
  "size_y": 64,
  "size_z": 43,
  "snr": 2.2249011636270124,
  "spacing_tr": 3.0,
  "spacing_x": 3.0,
  "spacing_y": 3.0,
  "spacing_z": 3.299999952316284,
  "summary_bg_k": 22.06697802722591,
  "summary_bg_mad": 14.94957331254459,
  "summary_bg_mean": 71.86917877197266,
  "summary_bg_median": 34.87083435058594,
  "summary_bg_n": 102299.0,
  "summary_bg_p05": 23.733335494995117,
  "summary_bg_p95": 256.63251342773407,
  "summary_bg_stdv": 95.82657623291016,
  "summary_fg_k": 3.4947001518545013,
  "summary_fg_mad": 243.1777117083763,
  "summary_fg_mean": 810.4451904296875,
  "summary_fg_median": 726.4083862304688,
  "summary_fg_n": 35593.0,
  "summary_fg_p05": 450.8391845703125,
  "summary_fg_p95": 1481.7400634765627,
  "summary_fg_stdv": 326.485595703125,
  "tsnr": 40.97677529230714
}