{
  "aor": 0.012696182795698924,
  "aqi": 0.003389658333333333,
  "bids_meta": {
    "AcquisitionNumber": 1,
    "AcquisitionTime": "17:09:2.837500",
    "BandwidthPerPixelPhaseEncode": 28.409,
    "ConversionSoftware": "dcm2niix",
    "ConversionSoftwareVersion": "v1.0.20170724 GCC4.4.7",
    "DeviceSerialNumber": "35414",
    "EchoTime": 0.03,
    "EffectiveEchoSpacing": 0.000550002,
    "FlipAngle": 80,
    "ImageType": [
      "ORIGINAL",
      "PRIMARY",
      "FMRI",
      "NONE",
      "ND",
      "MOSAIC"
    ],
    "InstitutionAddress": "Mikeletegi_69_San_Sebastian_District_ES_20009",
    "InstitutionName": "BCBL",
    "MagneticFieldStrength": 3,
    "Manufacturer": "Siemens",
    "ManufacturersModelName": "TrioTim",
    "PhaseEncodingDirection": "j-",
    "PhaseEncodingLines": 64,
    "ProcedureStepDescription": "CRANEO_FUNCIONAL",
    "ProtocolName": "ep2d_PiN_L2_Run2",
    "RepetitionTime": 2,
    "ScanningSequence": "EP",
    "SequenceName": "_epfid2d1_64",
    "SequenceVariant": "SK",
    "SeriesDescription": "ep2d_PiN_L2_Run2",
    "SliceTiming": [
      1.925,
      1.8625,
      1.8,
      1.74,
      1.6775,
      1.615,
      1.5525,
      1.49,
      1.4275,
      1.365,
      1.305,
      1.2425,
      1.18,
      1.1175,
      1.055,
      0.9925,
      0.9325,
      0.87,
      0.8075,
      0.745,
      0.6825,
      0.62,
      0.56,
      0.4975,
      0.435,
      0.3725,
      0.31,
      0.2475,
      0.185,
      0.125,
      0.0625,
      0
    ],
    "SoftwareVersions": "syngo_MR_B17",
    "TaskName": "compLn",
    "TotalReadoutTime": 0.0346501,
    "dataset": "ds003542",
    "modality": "bold",
    "run_id": 2,
    "subject_id": "07",
    "task_id": "compLn"
  },
  "dummy_trs": 0,
  "dvars_nstd": 21.438896405945947,
  "dvars_std": 1.276612704108108,
  "dvars_vstd": 1.0494039504864865,
  "efc": 0.49362803795800386,
  "fber": 990.3843994140625,
  "fd_mean": 0.1782105687484003,
  "fd_num": 44,
  "fd_perc": 23.655913978494624,
  "fwhm_avg": 2.6093474999999997,
  "fwhm_x": 2.559973818181818,
  "fwhm_y": 2.8313861818181816,
  "fwhm_z": 2.4366825,
  "gcor": 0.0236025,
  "gsr_x": -0.014993378892540932,
  "gsr_y": 0.053372252732515335,
  "provenance": {
    "md5sum": "f00f6df452bde24eb0a09aa551afe2ab",
    "settings": {
      "fd_thres": 0.2,
      "testing": false
    },
    "software": "mriqc",
    "version": "22.0.1",
    "webapi_port": null,
    "webapi_url": "https://mriqc.nimh.nih.gov/api/v1"
  },
  "size_t": 186,
  "size_x": 64,
  "size_y": 64,
  "size_z": 32,
  "snr": 2.6867328818220404,
  "spacing_tr": 2.0,
  "spacing_x": 3.4375,
  "spacing_y": 3.4375,
  "spacing_z": 4.0,
  "summary_bg_k": 38.3939384197852,
  "summary_bg_mad": 6.9108391453052,
  "summary_bg_mean": 35.73797607421875,
  "summary_bg_median": 17.80645179748535,
  "summary_bg_n": 81055.0,
  "summary_bg_p05": 12.521505355834961,
  "summary_bg_p95": 124.97096786499027,
  "summary_bg_stdv": 53.00613784790039,
  "summary_fg_k": 2.5584608881379003,
  "summary_fg_mad": 169.77388040991053,
  "summary_fg_mean": 607.0282592773438,
  "summary_fg_median": 560.6075439453125,
  "summary_fg_n": 20845.0,
  "summary_fg_p05": 359.2150573730469,
  "summary_fg_p95": 1022.2720458984373,
  "summary_fg_stdv": 208.6527099609375,
  "tsnr": 65.92763806460425
}