{
  "aor": 0.004586833333333334,
  "aqi": 0.007157578083333334,
  "bids_meta": {
    "AcquisitionNumber": 1,
    "AcquisitionTime": "16:33:7.027500",
    "BandwidthPerPixelPhaseEncode": 29.481,
    "ConversionSoftware": "dcm2niix",
    "ConversionSoftwareVersion": "v1.0.20170724 GCC4.4.7",
    "DeviceSerialNumber": "35414",
    "EchoTime": 0.025,
    "EffectiveEchoSpacing": 0.000530002,
    "FlipAngle": 90,
    "ImageType": [
      "ORIGINAL",
      "PRIMARY",
      "M",
      "ND",
      "MOSAIC"
    ],
    "InstitutionAddress": "Mikeletegi_69_San_Sebastian_District_ES_20009",
    "InstitutionName": "BCBL",
    "MagneticFieldStrength": 3,
    "Manufacturer": "Siemens",
    "ManufacturersModelName": "TrioTim",
    "PhaseEncodingDirection": "j-",
    "PhaseEncodingLines": 64,
    "ProcedureStepDescription": "CRANEO_FUNCIONAL",
    "ProtocolName": "ep2d_Didak_VF_L2_Run1",
    "RepetitionTime": 3,
    "ScanningSequence": "EP",
    "SequenceName": "_epfid2d1_64",
    "SequenceVariant": "SK",
    "SeriesDescription": "ep2d_Didak_VF_L2_Run1",
    "SliceTiming": [
      2.9225,
      2.8525,
      2.7825,
      2.715,
      2.645,
      2.575,
      2.505,
      2.435,
      2.365,
      2.2975,
      2.2275,
      2.1575,
      2.0875,
      2.0175,
      1.95,
      1.88,
      1.81,
      1.74,
      1.67,
      1.6,
      1.5325,
      1.4625,
      1.3925,
      1.3225,
      1.2525,
      1.1825,
      1.115,
      1.045,
      0.975,
      0.905,
      0.835,
      0.765,
      0.6975,
      0.6275,
      0.5575,
      0.4875,
      0.4175,
      0.3475,
      0.28,
      0.21,
      0.14,
      0.07,
      0
    ],
    "SoftwareVersions": "syngo_MR_B17",
    "TaskName": "prodLn",
    "TotalReadoutTime": 0.0333901,
    "dataset": "ds003542",
    "modality": "bold",
    "run_id": 1,
    "subject_id": "07",
    "task_id": "prodLn"
  },
  "dummy_trs": 0,
  "dvars_nstd": 30.486539030460264,
  "dvars_std": 1.1324967002092055,
  "dvars_vstd": 0.9620353400000006,
  "efc": 0.5616719178526476,
  "fber": 391.9715881347656,
  "fd_mean": 0.2994712089303859,
  "fd_num": 139,
  "fd_perc": 57.916666666666664,
  "fwhm_avg": 2.8077556699281607,
  "fwhm_x": 2.7003866666666667,
  "fwhm_y": 2.9485833333333336,
  "fwhm_z": 2.774297009784482,
  "gcor": 0.0324134,
  "gsr_x": -0.010487733408808708,
  "gsr_y": 0.08979897201061249,
  "provenance": {
    "md5sum": "736c7beca0dd5e7ecadcb32f502c51b9",
    "settings": {
      "fd_thres": 0.2,
      "testing": false
    },
    "software": "mriqc",
    "version": "22.0.1",
    "webapi_port": null,
    "webapi_url": "https://mriqc.nimh.nih.gov/api/v1"
  },
  "size_t": 240,
  "size_x": 64,
  "size_y": 64,
  "size_z": 43,
  "snr": 2.4412818721043608,
  "spacing_tr": 3.0,
  "spacing_x": 3.0,
  "spacing_y": 3.0,
  "spacing_z": 3.299999952316284,
  "summary_bg_k": 19.826663917272874,
  "summary_bg_mad": 15.83295355247438,
  "summary_bg_mean": 73.46192169189453,
  "summary_bg_median": 35.670833587646484,
  "summary_bg_n": 102084.0,
  "summary_bg_p05": 23.933334350585938,
  "summary_bg_p95": 261.0481262207023,
  "summary_bg_stdv": 95.8929443359375,
  "summary_fg_k": 3.007841931721541,
  "summary_fg_mad": 234.39326641647318,
  "summary_fg_mean": 781.0347900390625,
  "summary_fg_median": 712.7000732421875,
  "summary_fg_n": 35746.0,
  "summary_fg_p05": 443.7958450317383,
  "summary_fg_p95": 1367.3573913574219,
  "summary_fg_stdv": 291.9327392578125,
  "tsnr": 42.92904607474338
}