{
  "aor": 0.003749081081081082,
  "aqi": 0.0015700858972972972,
  "bids_meta": {
    "AcquisitionNumber": 1,
    "AcquisitionTime": "15:48:15.617500",
    "BandwidthPerPixelPhaseEncode": 28.409,
    "ConversionSoftware": "dcm2niix",
    "ConversionSoftwareVersion": "v1.0.20170724 GCC4.4.7",
    "DeviceSerialNumber": "35414",
    "EchoTime": 0.03,
    "EffectiveEchoSpacing": 0.000550002,
    "FlipAngle": 80,
    "ImageType": [
      "ORIGINAL",
      "PRIMARY",
      "FMRI",
      "NONE",
      "ND",
      "MOSAIC"
    ],
    "InstitutionAddress": "Mikeletegi_69_San_Sebastian_District_ES_20009",
    "InstitutionName": "BCBL",
    "MagneticFieldStrength": 3,
    "Manufacturer": "Siemens",
    "ManufacturersModelName": "TrioTim",
    "PhaseEncodingDirection": "j-",
    "PhaseEncodingLines": 64,
    "ProcedureStepDescription": "CRANEO_FUNCIONAL",
    "ProtocolName": "ep2d_PiN_L1_Run2",
    "RepetitionTime": 2,
    "ScanningSequence": "EP",
    "SequenceName": "_epfid2d1_64",
    "SequenceVariant": "SK",
    "SeriesDescription": "ep2d_PiN_L1_Run2",
    "SliceTiming": [
      1.925,
      1.8625,
      1.8025,
      1.74,
      1.6775,
      1.615,
      1.5525,
      1.49,
      1.43,
      1.3675,
      1.305,
      1.2425,
      1.18,
      1.1175,
      1.055,
      0.995,
      0.9325,
      0.87,
      0.8075,
      0.745,
      0.6825,
      0.6225,
      0.56,
      0.4975,
      0.435,
      0.3725,
      0.31,
      0.25,
      0.1875,
      0.125,
      0.0625,
      0
    ],
    "SoftwareVersions": "syngo_MR_B17",
    "TaskName": "compL1",
    "TotalReadoutTime": 0.0346501,
    "dataset": "ds003542",
    "modality": "bold",
    "run_id": 2,
    "subject_id": "07",
    "task_id": "compL1"
  },
  "dummy_trs": 1,
  "dvars_nstd": 14.740999009456518,
  "dvars_std": 1.1679669384239133,
  "dvars_vstd": 1.028196421413044,
  "efc": 0.49679115954566166,
  "fber": 1028.81689453125,
  "fd_mean": 0.15602005078625422,
  "fd_num": 34,
  "fd_perc": 18.37837837837838,
  "fwhm_avg": 2.3901417424242424,
  "fwhm_x": 2.2979083636363637,
  "fwhm_y": 2.5519243636363638,
  "fwhm_z": 2.3205925,
  "gcor": 0.0379662,
  "gsr_x": -0.01147407665848732,
  "gsr_y": 0.05291455239057541,
  "provenance": {
    "md5sum": "e96682fec421868c7ea489d8d6398a58",
    "settings": {
      "fd_thres": 0.2,
      "testing": false
    },
    "software": "mriqc",
    "version": "22.0.1",
    "webapi_port": null,
    "webapi_url": "https://mriqc.nimh.nih.gov/api/v1"
  },
  "size_t": 185,
  "size_x": 64,
  "size_y": 64,
  "size_z": 32,
  "snr": 3.122856105900213,
  "spacing_tr": 2.0,
  "spacing_x": 3.4375,
  "spacing_y": 3.4375,
  "spacing_z": 4.0,
  "summary_bg_k": 44.29465781872757,
  "summary_bg_mad": 5.7540987484437425,
  "summary_bg_mean": 31.806236267089844,
  "summary_bg_median": 16.021621704101562,
  "summary_bg_n": 81421.0,
  "summary_bg_p05": 11.810811042785645,
  "summary_bg_p95": 109.69189453125,
  "summary_bg_stdv": 48.014034271240234,
  "summary_fg_k": 1.4082878873441524,
  "summary_fg_mad": 145.91605617243596,
  "summary_fg_mean": 548.04931640625,
  "summary_fg_median": 514.951416015625,
  "summary_fg_n": 20716.0,
  "summary_fg_p05": 339.7202682495117,
  "summary_fg_p95": 862.3743438720703,
  "summary_fg_stdv": 164.8936004638672,
  "tsnr": 108.79174231691286
}