{
  "bids_meta": {
    "AccelFactPE": 2,
    "AcquisitionNumber": 1,
    "AcquisitionTime": "10:19:58.915000",
    "ConversionSoftware": "dcm2niix",
    "ConversionSoftwareVersion": "v1.0.20170724 GCC4.4.7",
    "DeviceSerialNumber": "35414",
    "EchoTime": 0.0035,
    "FlipAngle": 7,
    "ImageType": [
      "ORIGINAL",
      "PRIMARY",
      "M",
      "ND",
      "NORM"
    ],
    "InstitutionAddress": "Mikeletegi_69_San_Sebastian_District_ES_20009",
    "InstitutionName": "BCBL",
    "InversionTime": 1.1,
    "MagneticFieldStrength": 3,
    "Manufacturer": "Siemens",
    "ManufacturersModelName": "TrioTim",
    "PhaseEncodingDirection": "i-",
    "PhaseEncodingLines": 256,
    "ProcedureStepDescription": "CRANEO_FUNCIONAL",
    "ProtocolName": "t1_mpr_sag_p2_1mm_iso_MGH",
    "RepetitionTime": 2.53,
    "ScanningSequence": "GR_IR",
    "SequenceName": "_tfl3d1_ns",
    "SequenceVariant": "SP_MP",
    "SeriesDescription": "t1_mpr_sag_p2_1mm_iso_MGH",
    "SoftwareVersions": "syngo_MR_B17",
    "dataset": "ds003542",
    "modality": "T1w",
    "subject_id": "17"
  },
  "cjv": 0.3842193269098865,
  "cnr": 3.4467688961884404,
  "efc": 0.5094181364542667,
  "fber": 14536.618808108518,
  "fwhm_avg": 3.6988133333333337,
  "fwhm_x": 3.71148,
  "fwhm_y": 3.99609,
  "fwhm_z": 3.38887,
  "icvs_csf": 0.24794745103442276,
  "icvs_gm": 0.3968283308712998,
  "icvs_wm": 0.3552242180942774,
  "inu_med": 0.5264281034469604,
  "inu_range": 0.1765722930431366,
  "provenance": {
    "md5sum": "ce7cd98cd484c1389f81e539baa0a97f",
    "settings": {
      "testing": false
    },
    "software": "mriqc",
    "version": "22.0.1",
    "warnings": {
      "large_rot_frame": true,
      "small_air_mask": false
    },
    "webapi_port": null,
    "webapi_url": "https://mriqc.nimh.nih.gov/api/v1"
  },
  "qi_1": 0.0,
  "qi_2": 0.016005168208432046,
  "rpve_csf": 25.176683169947196,
  "rpve_gm": 15.17293383124753,
  "rpve_wm": 20.017581059785027,
  "size_x": 176,
  "size_y": 256,
  "size_z": 256,
  "snr_csf": 1.8392472308514336,
  "snr_gm": 9.077550911084964,
  "snr_total": 11.327656773658367,
  "snr_wm": 23.0661721790387,
  "snrd_csf": 21.68986359792109,
  "snrd_gm": 79.20200516955073,
  "snrd_total": 71.57404273676069,
  "snrd_wm": 113.83025944281025,
  "spacing_x": 1.0,
  "spacing_y": 1.0,
  "spacing_z": 1.0,
  "summary_bg_k": 7.095057065355643,
  "summary_bg_mad": 5.7552214641675095,
  "summary_bg_mean": 4.409011595570536,
  "summary_bg_median": 3.8818378876894712,
  "summary_bg_n": 3614298.0,
  "summary_bg_p05": 0.0,
  "summary_bg_p95": 17.206728225573897,
  "summary_bg_stdv": 5.945173167514975,
  "summary_csf_k": 1.0912753438095573,
  "summary_csf_mad": 84.69563502232329,
  "summary_csf_mean": 208.9264015638168,
  "summary_csf_median": 190.5404256787151,
  "summary_csf_n": 49986.0,
  "summary_csf_p05": 67.72568229585886,
  "summary_csf_p95": 414.0007637985982,
  "summary_csf_stdv": 103.59592584138795,
  "summary_gm_k": -0.006065652114354503,
  "summary_gm_mad": 75.89953413205308,
  "summary_gm_mean": 692.7643926814154,
  "summary_gm_median": 695.7712625293061,
  "summary_gm_n": 18926.0,
  "summary_gm_p05": 562.5636552982032,
  "summary_gm_p95": 816.8859811634757,
  "summary_gm_stdv": 76.64543969411983,
  "summary_wm_k": 0.5245683105898533,
  "summary_wm_mad": 40.980442198753046,
  "summary_wm_mean": 999.0139891835794,
  "summary_wm_median": 999.9724521748722,
  "summary_wm_n": 178742.0,
  "summary_wm_p05": 926.4102476648986,
  "summary_wm_p95": 1067.9183805920184,
  "summary_wm_stdv": 43.352214973438315,
  "tpm_overlap_csf": 0.15652269586402012,
  "tpm_overlap_gm": 0.46165484774916804,
  "tpm_overlap_wm": 0.5202223911428023,
  "wm2max": 0.7197344857037478
}