{
  "bids_meta": {
    "AccelFactPE": 2,
    "AcquisitionNumber": 1,
    "AcquisitionTime": "15:11:31.170000",
    "ConversionSoftware": "dcm2niix",
    "ConversionSoftwareVersion": "v1.0.20170724 GCC4.4.7",
    "DeviceSerialNumber": "35414",
    "EchoTime": 0.0035,
    "FlipAngle": 7,
    "ImageType": [
      "ORIGINAL",
      "PRIMARY",
      "M",
      "ND",
      "NORM"
    ],
    "InstitutionAddress": "Mikeletegi_69_San_Sebastian_District_ES_20009",
    "InstitutionName": "BCBL",
    "InversionTime": 1.1,
    "MagneticFieldStrength": 3,
    "Manufacturer": "Siemens",
    "ManufacturersModelName": "TrioTim",
    "PhaseEncodingDirection": "i-",
    "PhaseEncodingLines": 256,
    "ProcedureStepDescription": "CRANEO_FUNCIONAL",
    "ProtocolName": "t1_mpr_sag_p2_1mm_iso_MGH",
    "RepetitionTime": 2.53,
    "ScanningSequence": "GR_IR",
    "SequenceName": "_tfl3d1_ns",
    "SequenceVariant": "SP_MP",
    "SeriesDescription": "t1_mpr_sag_p2_1mm_iso_MGH",
    "SoftwareVersions": "syngo_MR_B17",
    "dataset": "ds003542",
    "modality": "T1w",
    "subject_id": "31"
  },
  "cjv": 0.3740967028499388,
  "cnr": 3.5756735765703476,
  "efc": 0.5558754921257577,
  "fber": 15714.083668937483,
  "fwhm_avg": 4.12788,
  "fwhm_x": 4.16261,
  "fwhm_y": 4.33684,
  "fwhm_z": 3.88419,
  "icvs_csf": 0.22179216179973485,
  "icvs_gm": 0.4023196380304231,
  "icvs_wm": 0.3758882001698421,
  "inu_med": 0.5454037487506866,
  "inu_range": 0.23696293085813525,
  "provenance": {
    "md5sum": "1722a4e9ef45cd4d2f53f42aa11c7555",
    "settings": {
      "testing": false
    },
    "software": "mriqc",
    "version": "22.0.1",
    "warnings": {
      "large_rot_frame": true,
      "small_air_mask": false
    },
    "webapi_port": null,
    "webapi_url": "https://mriqc.nimh.nih.gov/api/v1"
  },
  "qi_1": 0.0004528691988368245,
  "qi_2": 0.022029913309738372,
  "rpve_csf": 19.500666296312705,
  "rpve_gm": 10.637794493449245,
  "rpve_wm": 13.436022235164815,
  "size_x": 176,
  "size_y": 256,
  "size_z": 256,
  "snr_csf": 1.8032170677467407,
  "snr_gm": 9.376924074429585,
  "snr_total": 11.303594075533454,
  "snr_wm": 22.73064108442404,
  "snrd_csf": 19.93558961078877,
  "snrd_gm": 80.24941099345341,
  "snrd_total": 72.05497552541378,
  "snrd_wm": 115.97992597199915,
  "spacing_x": 1.0,
  "spacing_y": 1.0,
  "spacing_z": 1.0,
  "summary_bg_k": 11.182687556107973,
  "summary_bg_mad": 5.648705116439031,
  "summary_bg_mean": 4.628766405839372,
  "summary_bg_median": 3.809993702918291,
  "summary_bg_n": 3518705.0,
  "summary_bg_p05": 0.0,
  "summary_bg_p95": 18.227667715400457,
  "summary_bg_stdv": 6.563235437776782,
  "summary_csf_k": 2.2768606242028673,
  "summary_csf_mad": 68.8004155549013,
  "summary_csf_mean": 194.24081001501648,
  "summary_csf_median": 171.8882770575583,
  "summary_csf_n": 74113.0,
  "summary_csf_p05": 79.87281762808561,
  "summary_csf_p95": 397.45635028630477,
  "summary_csf_stdv": 95.32247697275382,
  "summary_gm_k": -0.0329430994996307,
  "summary_gm_mad": 74.04273900828716,
  "summary_gm_mean": 693.5062997443582,
  "summary_gm_median": 691.9250074792653,
  "summary_gm_n": 29482.0,
  "summary_gm_p05": 574.1043784698471,
  "summary_gm_p95": 817.091523628123,
  "summary_gm_stdv": 73.78893837520907,
  "summary_wm_k": 0.7083572854799658,
  "summary_wm_mad": 41.20710063359121,
  "summary_wm_mean": 999.7860657225965,
  "summary_wm_median": 1000.0000018961728,
  "summary_wm_n": 272857.0,
  "summary_wm_p05": 927.8842218071222,
  "summary_wm_p95": 1070.7452806532383,
  "summary_wm_stdv": 43.993399293873736,
  "tpm_overlap_csf": 0.1462726337837865,
  "tpm_overlap_gm": 0.4155249936669998,
  "tpm_overlap_wm": 0.48277459111440746,
  "wm2max": 0.6297881889899705
}