{
  "bids_meta": {
    "AccelFactPE": 2,
    "AcquisitionNumber": 1,
    "AcquisitionTime": "14:48:59.247500",
    "ConversionSoftware": "dcm2niix",
    "ConversionSoftwareVersion": "v1.0.20170724 GCC4.4.7",
    "DeviceSerialNumber": "35414",
    "EchoTime": 0.0035,
    "FlipAngle": 7,
    "ImageType": [
      "ORIGINAL",
      "PRIMARY",
      "M",
      "ND",
      "NORM"
    ],
    "InstitutionAddress": "Mikeletegi_69_San_Sebastian_District_ES_20009",
    "InstitutionName": "BCBL",
    "InversionTime": 1.1,
    "MagneticFieldStrength": 3,
    "Manufacturer": "Siemens",
    "ManufacturersModelName": "TrioTim",
    "PhaseEncodingDirection": "i-",
    "PhaseEncodingLines": 256,
    "ProcedureStepDescription": "CRANEO_FUNCIONAL",
    "ProtocolName": "t1_mpr_sag_p2_1mm_iso_MGH",
    "RepetitionTime": 2.53,
    "ScanningSequence": "GR_IR",
    "SequenceName": "_tfl3d1_ns",
    "SequenceVariant": "SP_MP",
    "SeriesDescription": "t1_mpr_sag_p2_1mm_iso_MGH",
    "SoftwareVersions": "syngo_MR_B17",
    "dataset": "ds003542",
    "modality": "T1w",
    "subject_id": "09"
  },
  "cjv": 0.36864458307578274,
  "cnr": 3.5205555963231108,
  "efc": 0.542744043233033,
  "fber": 19024.838155864196,
  "fwhm_avg": 3.622473333333333,
  "fwhm_x": 3.65542,
  "fwhm_y": 3.87121,
  "fwhm_z": 3.34079,
  "icvs_csf": 0.2424052308658603,
  "icvs_gm": 0.41195931993458823,
  "icvs_wm": 0.34563544919955147,
  "inu_med": 0.5395196080207825,
  "inu_range": 0.18867343664169306,
  "provenance": {
    "md5sum": "8527e478f48de253441d180240c19b86",
    "settings": {
      "testing": false
    },
    "software": "mriqc",
    "version": "22.0.1",
    "warnings": {
      "large_rot_frame": true,
      "small_air_mask": false
    },
    "webapi_port": null,
    "webapi_url": "https://mriqc.nimh.nih.gov/api/v1"
  },
  "qi_1": 0.0,
  "qi_2": 0.02586406044011039,
  "rpve_csf": 20.79308158965417,
  "rpve_gm": 12.12924437239018,
  "rpve_wm": 17.072074380904134,
  "size_x": 176,
  "size_y": 256,
  "size_z": 256,
  "snr_csf": 1.9513014826059385,
  "snr_gm": 10.072779816973275,
  "snr_total": 11.606385871277581,
  "snr_wm": 22.795076314253528,
  "snrd_csf": 28.46134836474318,
  "snrd_gm": 93.68395550803228,
  "snrd_total": 84.83256040292231,
  "snrd_wm": 132.3523773359915,
  "spacing_x": 1.0,
  "spacing_y": 1.0,
  "spacing_z": 1.0,
  "summary_bg_k": 6.899040483834879,
  "summary_bg_mad": 0.0,
  "summary_bg_mean": 3.225021867657297,
  "summary_bg_median": 0.0,
  "summary_bg_n": 3004813.0,
  "summary_bg_p05": 0.0,
  "summary_bg_p95": 13.2756560575217,
  "summary_bg_stdv": 4.949792783216915,
  "summary_csf_k": 0.9870766562288891,
  "summary_csf_mad": 91.24726477471225,
  "summary_csf_mean": 237.99759076967337,
  "summary_csf_median": 215.03579519689083,
  "summary_csf_n": 42686.0,
  "summary_csf_p05": 92.75805302662775,
  "summary_csf_p95": 456.16049201693386,
  "summary_csf_stdv": 110.19992466032208,
  "summary_gm_k": 0.18997262137838034,
  "summary_gm_mad": 67.45132272488424,
  "summary_gm_mean": 706.3486943915995,
  "summary_gm_median": 707.8162148781121,
  "summary_gm_n": 20890.0,
  "summary_gm_p05": 587.228508473374,
  "summary_gm_p95": 820.6607830137946,
  "summary_gm_stdv": 70.26851435533408,
  "summary_wm_k": 0.9632348363201699,
  "summary_wm_mad": 40.24964175714403,
  "summary_wm_mean": 998.5359882865679,
  "summary_wm_median": 999.9701469484717,
  "summary_wm_n": 195358.0,
  "summary_wm_p05": 925.2088119369,
  "summary_wm_p95": 1067.0942506100982,
  "summary_wm_stdv": 43.86770080662427,
  "tpm_overlap_csf": 0.15630336175577722,
  "tpm_overlap_gm": 0.4405092192819971,
  "tpm_overlap_wm": 0.49869601808137415,
  "wm2max": 0.6193935942868314
}