{
  "aor": 0.005898416666666666,
  "aqi": 0.007163597833333333,
  "bids_meta": {
    "AcquisitionNumber": 1,
    "AcquisitionTime": "16:17:56.197500",
    "BandwidthPerPixelPhaseEncode": 29.481,
    "ConversionSoftware": "dcm2niix",
    "ConversionSoftwareVersion": "v1.0.20170724 GCC4.4.7",
    "DeviceSerialNumber": "35414",
    "EchoTime": 0.025,
    "EffectiveEchoSpacing": 0.000530002,
    "FlipAngle": 90,
    "ImageType": [
      "ORIGINAL",
      "PRIMARY",
      "M",
      "ND",
      "MOSAIC"
    ],
    "InstitutionAddress": "Mikeletegi_69_San_Sebastian_District_ES_20009",
    "InstitutionName": "BCBL",
    "MagneticFieldStrength": 3,
    "Manufacturer": "Siemens",
    "ManufacturersModelName": "TrioTim",
    "PhaseEncodingDirection": "j-",
    "PhaseEncodingLines": 64,
    "ProcedureStepDescription": "CRANEO_FUNCIONAL",
    "ProtocolName": "ep2d_Didak_VF_L1_Run2",
    "RepetitionTime": 3,
    "ScanningSequence": "EP",
    "SequenceName": "_epfid2d1_64",
    "SequenceVariant": "SK",
    "SeriesDescription": "ep2d_Didak_VF_L1_Run2",
    "SliceTiming": [
      2.9225,
      2.8525,
      2.7825,
      2.7125,
      2.6425,
      2.575,
      2.505,
      2.435,
      2.365,
      2.295,
      2.225,
      2.1575,
      2.0875,
      2.0175,
      1.9475,
      1.8775,
      1.8075,
      1.74,
      1.67,
      1.6,
      1.53,
      1.46,
      1.39,
      1.3225,
      1.2525,
      1.1825,
      1.1125,
      1.0425,
      0.9725,
      0.905,
      0.835,
      0.765,
      0.695,
      0.625,
      0.5575,
      0.4875,
      0.4175,
      0.3475,
      0.2775,
      0.2075,
      0.14,
      0.07,
      0
    ],
    "SoftwareVersions": "syngo_MR_B17",
    "TaskName": "prodL1",
    "TotalReadoutTime": 0.0333901,
    "dataset": "ds003542",
    "modality": "bold",
    "run_id": 2,
    "subject_id": "12",
    "task_id": "prodL1"
  },
  "dummy_trs": 0,
  "dvars_nstd": 51.028120790962305,
  "dvars_std": 1.3811528848117152,
  "dvars_vstd": 1.0357070839330547,
  "efc": 0.5963400343394234,
  "fber": 262.7483215332031,
  "fd_mean": 0.5412197033673564,
  "fd_num": 207,
  "fd_perc": 86.25,
  "fwhm_avg": 3.326444179001255,
  "fwhm_x": 3.2499266666666666,
  "fwhm_y": 3.437466666666667,
  "fwhm_z": 3.2919392036704322,
  "gcor": 0.0425947,
  "gsr_x": -0.014638610184192657,
  "gsr_y": 0.11779316514730453,
  "provenance": {
    "md5sum": "590f927a6cb66b33ce423ea2528f8cca",
    "settings": {
      "fd_thres": 0.2,
      "testing": false
    },
    "software": "mriqc",
    "version": "22.0.1",
    "webapi_port": null,
    "webapi_url": "https://mriqc.nimh.nih.gov/api/v1"
  },
  "size_t": 240,
  "size_x": 64,
  "size_y": 64,
  "size_z": 43,
  "snr": 2.025909846243093,
  "spacing_tr": 3.0,
  "spacing_x": 3.0,
  "spacing_y": 3.0,
  "spacing_z": 3.3000001907348633,
  "summary_bg_k": 17.663000485022657,
  "summary_bg_mad": 26.64668461483534,
  "summary_bg_mean": 104.00313568115234,
  "summary_bg_median": 48.15208435058594,
  "summary_bg_n": 91180.0,
  "summary_bg_p05": 29.02083396911621,
  "summary_bg_p95": 381.62938995361327,
  "summary_bg_stdv": 141.65524291992188,
  "summary_fg_k": 3.582055981410968,
  "summary_fg_mad": 286.4078188399963,
  "summary_fg_mean": 905.985595703125,
  "summary_fg_median": 802.9542236328125,
  "summary_fg_n": 44829.0,
  "summary_fg_p05": 482.76836547851565,
  "summary_fg_p95": 1741.7484130859373,
  "summary_fg_stdv": 396.3381042480469,
  "tsnr": 45.29984437394887
}