{
  "aor": 0.015110324324324322,
  "aqi": 0.005377065783783784,
  "bids_meta": {
    "AcquisitionNumber": 1,
    "AcquisitionTime": "17:31:37.417500",
    "BandwidthPerPixelPhaseEncode": 28.409,
    "ConversionSoftware": "dcm2niix",
    "ConversionSoftwareVersion": "v1.0.20170724 GCC4.4.7",
    "DeviceSerialNumber": "35414",
    "EchoTime": 0.03,
    "EffectiveEchoSpacing": 0.000550002,
    "FlipAngle": 80,
    "ImageType": [
      "ORIGINAL",
      "PRIMARY",
      "FMRI",
      "NONE",
      "ND",
      "MOSAIC"
    ],
    "InstitutionAddress": "Mikeletegi_69_San_Sebastian_District_ES_20009",
    "InstitutionName": "BCBL",
    "MagneticFieldStrength": 3,
    "Manufacturer": "Siemens",
    "ManufacturersModelName": "TrioTim",
    "PhaseEncodingDirection": "j-",
    "PhaseEncodingLines": 64,
    "ProcedureStepDescription": "CRANEO_FUNCIONAL",
    "ProtocolName": "ep2d_PiN_L2_Run3",
    "RepetitionTime": 2,
    "ScanningSequence": "EP",
    "SequenceName": "_epfid2d1_64",
    "SequenceVariant": "SK",
    "SeriesDescription": "ep2d_PiN_L2_Run3",
    "SliceTiming": [
      1.9275,
      1.865,
      1.8025,
      1.74,
      1.6775,
      1.615,
      1.5525,
      1.4925,
      1.43,
      1.3675,
      1.305,
      1.2425,
      1.18,
      1.12,
      1.0575,
      0.995,
      0.9325,
      0.87,
      0.8075,
      0.7475,
      0.685,
      0.6225,
      0.56,
      0.4975,
      0.435,
      0.3725,
      0.3125,
      0.25,
      0.1875,
      0.125,
      0.0625,
      0
    ],
    "SoftwareVersions": "syngo_MR_B17",
    "TaskName": "compLn",
    "TotalReadoutTime": 0.0346501,
    "dataset": "ds003542",
    "modality": "bold",
    "run_id": 3,
    "subject_id": "12",
    "task_id": "compLn"
  },
  "dummy_trs": 1,
  "dvars_nstd": 37.21979769978262,
  "dvars_std": 1.3264485947826083,
  "dvars_vstd": 1.063438043369565,
  "efc": 0.5231322502876056,
  "fber": 729.2647705078125,
  "fd_mean": 0.477409613264126,
  "fd_num": 137,
  "fd_perc": 74.05405405405405,
  "fwhm_avg": 3.1856299999999997,
  "fwhm_x": 3.1195636363636363,
  "fwhm_y": 3.3754763636363636,
  "fwhm_z": 3.06185,
  "gcor": 0.0491504,
  "gsr_x": -0.01665227860212326,
  "gsr_y": 0.0837751030921936,
  "provenance": {
    "md5sum": "c183b6411147b161f6b8ae0f22401de8",
    "settings": {
      "fd_thres": 0.2,
      "testing": false
    },
    "software": "mriqc",
    "version": "22.0.1",
    "webapi_port": null,
    "webapi_url": "https://mriqc.nimh.nih.gov/api/v1"
  },
  "size_t": 185,
  "size_x": 64,
  "size_y": 64,
  "size_z": 32,
  "snr": 2.0604762609013956,
  "spacing_tr": 2.0,
  "spacing_x": 3.4375,
  "spacing_y": 3.4375,
  "spacing_z": 4.0,
  "summary_bg_k": 27.049115862086097,
  "summary_bg_mad": 11.62039626344811,
  "summary_bg_mean": 54.323097229003906,
  "summary_bg_median": 23.745946884155273,
  "summary_bg_n": 75286.0,
  "summary_bg_p05": 15.40000057220459,
  "summary_bg_p95": 202.60811233520508,
  "summary_bg_stdv": 84.19145965576172,
  "summary_fg_k": 3.149467528710047,
  "summary_fg_mad": 227.751735134362,
  "summary_fg_mean": 739.8367309570312,
  "summary_fg_median": 655.456787109375,
  "summary_fg_n": 25732.0,
  "summary_fg_p05": 399.48460693359374,
  "summary_fg_p95": 1420.5262207031244,
  "summary_fg_stdv": 318.1031799316406,
  "tsnr": 49.98286405950785
}