{
  "aor": 0.01308864864864865,
  "aqi": 0.005945252054054054,
  "bids_meta": {
    "AcquisitionNumber": 1,
    "AcquisitionTime": "15:54:45.120000",
    "BandwidthPerPixelPhaseEncode": 28.409,
    "ConversionSoftware": "dcm2niix",
    "ConversionSoftwareVersion": "v1.0.20170724 GCC4.4.7",
    "DeviceSerialNumber": "35414",
    "EchoTime": 0.03,
    "EffectiveEchoSpacing": 0.000550002,
    "FlipAngle": 80,
    "ImageType": [
      "ORIGINAL",
      "PRIMARY",
      "FMRI",
      "NONE",
      "ND",
      "MOSAIC"
    ],
    "InstitutionAddress": "Mikeletegi_69_San_Sebastian_District_ES_20009",
    "InstitutionName": "BCBL",
    "MagneticFieldStrength": 3,
    "Manufacturer": "Siemens",
    "ManufacturersModelName": "TrioTim",
    "PhaseEncodingDirection": "j-",
    "PhaseEncodingLines": 64,
    "ProcedureStepDescription": "CRANEO_FUNCIONAL",
    "ProtocolName": "ep2d_PiN_L1_Run3",
    "RepetitionTime": 2,
    "ScanningSequence": "EP",
    "SequenceName": "_epfid2d1_64",
    "SequenceVariant": "SK",
    "SeriesDescription": "ep2d_PiN_L1_Run3",
    "SliceTiming": [
      1.9275,
      1.865,
      1.8025,
      1.74,
      1.6775,
      1.615,
      1.5525,
      1.4925,
      1.43,
      1.3675,
      1.305,
      1.2425,
      1.18,
      1.12,
      1.0575,
      0.995,
      0.9325,
      0.87,
      0.8075,
      0.745,
      0.685,
      0.6225,
      0.56,
      0.4975,
      0.435,
      0.3725,
      0.3125,
      0.25,
      0.1875,
      0.125,
      0.0625,
      0
    ],
    "SoftwareVersions": "syngo_MR_B17",
    "TaskName": "compL1",
    "TotalReadoutTime": 0.0346501,
    "dataset": "ds003542",
    "modality": "bold",
    "run_id": 3,
    "subject_id": "12",
    "task_id": "compL1"
  },
  "dummy_trs": 1,
  "dvars_nstd": 36.42526336380434,
  "dvars_std": 1.2816359887499997,
  "dvars_vstd": 1.0454292807065217,
  "efc": 0.519575741491351,
  "fber": 805.300537109375,
  "fd_mean": 0.5045300408257286,
  "fd_num": 153,
  "fd_perc": 82.70270270270271,
  "fwhm_avg": 3.1866765151515146,
  "fwhm_x": 3.096407272727273,
  "fwhm_y": 3.3690472727272724,
  "fwhm_z": 3.094575,
  "gcor": 0.0493627,
  "gsr_x": -0.013321097940206528,
  "gsr_y": 0.07754486054182053,
  "provenance": {
    "md5sum": "9fcb410376e5049d25354ba144d97269",
    "settings": {
      "fd_thres": 0.2,
      "testing": false
    },
    "software": "mriqc",
    "version": "22.0.1",
    "webapi_port": null,
    "webapi_url": "https://mriqc.nimh.nih.gov/api/v1"
  },
  "size_t": 185,
  "size_x": 64,
  "size_y": 64,
  "size_z": 32,
  "snr": 2.1690610127177226,
  "spacing_tr": 2.0,
  "spacing_x": 3.4375,
  "spacing_y": 3.4375,
  "spacing_z": 4.0,
  "summary_bg_k": 35.54161118302404,
  "summary_bg_mad": 10.081695368622025,
  "summary_bg_mean": 48.24156188964844,
  "summary_bg_median": 22.129730224609375,
  "summary_bg_n": 75516.0,
  "summary_bg_p05": 14.729729652404785,
  "summary_bg_p95": 171.22027587890625,
  "summary_bg_stdv": 75.67912292480469,
  "summary_fg_k": 3.0073732348816034,
  "summary_fg_mad": 212.34068955192814,
  "summary_fg_mean": 717.06591796875,
  "summary_fg_median": 640.2594604492188,
  "summary_fg_n": 25687.0,
  "summary_fg_p05": 397.8248748779297,
  "summary_fg_p95": 1344.8146118164047,
  "summary_fg_stdv": 295.17242431640625,
  "tsnr": 48.5112867038697
}