{
  "aor": 0.006339891891891891,
  "aqi": 0.0019098057243243244,
  "bids_meta": {
    "AcquisitionNumber": 1,
    "AcquisitionTime": "15:38:6.822500",
    "BandwidthPerPixelPhaseEncode": 28.409,
    "ConversionSoftware": "dcm2niix",
    "ConversionSoftwareVersion": "v1.0.20170724 GCC4.4.7",
    "DeviceSerialNumber": "35414",
    "EchoTime": 0.03,
    "EffectiveEchoSpacing": 0.000550002,
    "FlipAngle": 80,
    "ImageType": [
      "ORIGINAL",
      "PRIMARY",
      "FMRI",
      "NONE",
      "ND",
      "MOSAIC"
    ],
    "InstitutionAddress": "Mikeletegi_69_San_Sebastian_District_ES_20009",
    "InstitutionName": "BCBL",
    "MagneticFieldStrength": 3,
    "Manufacturer": "Siemens",
    "ManufacturersModelName": "TrioTim",
    "PhaseEncodingDirection": "j-",
    "PhaseEncodingLines": 64,
    "ProcedureStepDescription": "CRANEO_FUNCIONAL",
    "ProtocolName": "ep2d_PiN_L1_Run1",
    "RepetitionTime": 2,
    "ScanningSequence": "EP",
    "SequenceName": "_epfid2d1_64",
    "SequenceVariant": "SK",
    "SeriesDescription": "ep2d_PiN_L1_Run1",
    "SliceTiming": [
      1.925,
      1.8625,
      1.8,
      1.7375,
      1.6775,
      1.615,
      1.5525,
      1.49,
      1.4275,
      1.365,
      1.305,
      1.2425,
      1.18,
      1.1175,
      1.055,
      0.9925,
      0.93,
      0.87,
      0.8075,
      0.745,
      0.6825,
      0.62,
      0.5575,
      0.4975,
      0.435,
      0.3725,
      0.31,
      0.2475,
      0.185,
      0.125,
      0.0625,
      0
    ],
    "SoftwareVersions": "syngo_MR_B17",
    "TaskName": "compL1",
    "TotalReadoutTime": 0.0346501,
    "dataset": "ds003542",
    "modality": "bold",
    "run_id": 1,
    "subject_id": "12",
    "task_id": "compL1"
  },
  "dummy_trs": 1,
  "dvars_nstd": 21.064961428369564,
  "dvars_std": 1.247133056956521,
  "dvars_vstd": 1.0516090909239124,
  "efc": 0.5179255067594487,
  "fber": 803.839111328125,
  "fd_mean": 0.2786541522627726,
  "fd_num": 123,
  "fd_perc": 66.48648648648648,
  "fwhm_avg": 3.21611393939394,
  "fwhm_x": 3.1425163636363638,
  "fwhm_y": 3.4062254545454547,
  "fwhm_z": 3.0996,
  "gcor": 0.0436135,
  "gsr_x": -0.013949605636298656,
  "gsr_y": 0.07541725039482117,
  "provenance": {
    "md5sum": "ab67f3d1785633844e0d941130355546",
    "settings": {
      "fd_thres": 0.2,
      "testing": false
    },
    "software": "mriqc",
    "version": "22.0.1",
    "webapi_port": null,
    "webapi_url": "https://mriqc.nimh.nih.gov/api/v1"
  },
  "size_t": 185,
  "size_x": 64,
  "size_y": 64,
  "size_z": 32,
  "snr": 2.1554445158547737,
  "spacing_tr": 2.0,
  "spacing_x": 3.4375,
  "spacing_y": 3.4375,
  "spacing_z": 4.0,
  "summary_bg_k": 35.36359004988868,
  "summary_bg_mad": 10.249991397583479,
  "summary_bg_mean": 47.98216247558594,
  "summary_bg_median": 22.232433319091797,
  "summary_bg_n": 75451.0,
  "summary_bg_p05": 14.762162208557129,
  "summary_bg_p95": 170.09730529785156,
  "summary_bg_stdv": 75.19285583496094,
  "summary_fg_k": 3.0791887392970185,
  "summary_fg_mad": 213.1902177274244,
  "summary_fg_mean": 720.0392456054688,
  "summary_fg_median": 641.2162475585938,
  "summary_fg_n": 25681.0,
  "summary_fg_p05": 400.23785400390625,
  "summary_fg_p95": 1352.4541015625,
  "summary_fg_stdv": 297.4809875488281,
  "tsnr": 83.22110507334583
}