{
  "aor": 0.005309958333333333,
  "aqi": 0.007385287083333332,
  "bids_meta": {
    "AcquisitionNumber": 1,
    "AcquisitionTime": "17:44:31.665000",
    "BandwidthPerPixelPhaseEncode": 29.481,
    "ConversionSoftware": "dcm2niix",
    "ConversionSoftwareVersion": "v1.0.20170724 GCC4.4.7",
    "DeviceSerialNumber": "35414",
    "EchoTime": 0.025,
    "EffectiveEchoSpacing": 0.000530002,
    "FlipAngle": 90,
    "ImageType": [
      "ORIGINAL",
      "PRIMARY",
      "M",
      "ND",
      "MOSAIC"
    ],
    "InstitutionAddress": "Mikeletegi_69_San_Sebastian_District_ES_20009",
    "InstitutionName": "BCBL",
    "MagneticFieldStrength": 3,
    "Manufacturer": "Siemens",
    "ManufacturersModelName": "TrioTim",
    "PhaseEncodingDirection": "j-",
    "PhaseEncodingLines": 64,
    "ProcedureStepDescription": "CRANEO_FUNCIONAL",
    "ProtocolName": "ep2d_Didak_VF_L2_Run1",
    "RepetitionTime": 3,
    "ScanningSequence": "EP",
    "SequenceName": "_epfid2d1_64",
    "SequenceVariant": "SK",
    "SeriesDescription": "ep2d_Didak_VF_L2_Run1",
    "SliceTiming": [
      2.92,
      2.8525,
      2.7825,
      2.7125,
      2.6425,
      2.5725,
      2.505,
      2.435,
      2.365,
      2.295,
      2.225,
      2.155,
      2.0875,
      2.0175,
      1.9475,
      1.8775,
      1.8075,
      1.7375,
      1.67,
      1.6,
      1.53,
      1.46,
      1.39,
      1.32,
      1.2525,
      1.1825,
      1.1125,
      1.0425,
      0.9725,
      0.9025,
      0.835,
      0.765,
      0.695,
      0.625,
      0.555,
      0.4875,
      0.4175,
      0.3475,
      0.2775,
      0.2075,
      0.1375,
      0.07,
      0
    ],
    "SoftwareVersions": "syngo_MR_B17",
    "TaskName": "prodLn",
    "TotalReadoutTime": 0.0333901,
    "dataset": "ds003542",
    "modality": "bold",
    "run_id": 1,
    "subject_id": "12",
    "task_id": "prodLn"
  },
  "dummy_trs": 0,
  "dvars_nstd": 47.4014459713389,
  "dvars_std": 1.311574737447699,
  "dvars_vstd": 1.0202700481171547,
  "efc": 0.5968830021852994,
  "fber": 258.17034912109375,
  "fd_mean": 0.5072199197315526,
  "fd_num": 195,
  "fd_perc": 81.25,
  "fwhm_avg": 3.3770773896490227,
  "fwhm_x": 3.3043533333333333,
  "fwhm_y": 3.5233333333333334,
  "fwhm_z": 3.3035455022804014,
  "gcor": 0.0214405,
  "gsr_x": -0.009493382647633553,
  "gsr_y": 0.12205034494400024,
  "provenance": {
    "md5sum": "d640ac587e624cc72564d372e76e0eaa",
    "settings": {
      "fd_thres": 0.2,
      "testing": false
    },
    "software": "mriqc",
    "version": "22.0.1",
    "webapi_port": null,
    "webapi_url": "https://mriqc.nimh.nih.gov/api/v1"
  },
  "size_t": 240,
  "size_x": 64,
  "size_y": 64,
  "size_z": 43,
  "snr": 1.9587442747996018,
  "spacing_tr": 3.0,
  "spacing_x": 3.0,
  "spacing_y": 3.0,
  "spacing_z": 3.299999952316284,
  "summary_bg_k": 14.033839677652743,
  "summary_bg_mad": 27.366364064689694,
  "summary_bg_mean": 109.32018280029297,
  "summary_bg_median": 49.01250076293945,
  "summary_bg_n": 91495.0,
  "summary_bg_p05": 29.125001907348633,
  "summary_bg_p95": 412.196273803711,
  "summary_bg_stdv": 146.66725158691406,
  "summary_fg_k": 3.5840667175837844,
  "summary_fg_mad": 295.45174666739535,
  "summary_fg_mean": 919.4883422851562,
  "summary_fg_median": 809.6625366210938,
  "summary_fg_n": 44965.0,
  "summary_fg_p05": 480.98170166015626,
  "summary_fg_p95": 1789.1684570312498,
  "summary_fg_stdv": 413.3533630371094,
  "tsnr": 45.664936353452504
}