{
  "aor": 0.00783175,
  "aqi": 0.006767283375,
  "bids_meta": {
    "AcquisitionNumber": 1,
    "AcquisitionTime": "17:58:4.565000",
    "BandwidthPerPixelPhaseEncode": 29.481,
    "ConversionSoftware": "dcm2niix",
    "ConversionSoftwareVersion": "v1.0.20170724 GCC4.4.7",
    "DeviceSerialNumber": "35414",
    "EchoTime": 0.025,
    "EffectiveEchoSpacing": 0.000530002,
    "FlipAngle": 90,
    "ImageType": [
      "ORIGINAL",
      "PRIMARY",
      "M",
      "ND",
      "MOSAIC"
    ],
    "InstitutionAddress": "Mikeletegi_69_San_Sebastian_District_ES_20009",
    "InstitutionName": "BCBL",
    "MagneticFieldStrength": 3,
    "Manufacturer": "Siemens",
    "ManufacturersModelName": "TrioTim",
    "PhaseEncodingDirection": "j-",
    "PhaseEncodingLines": 64,
    "ProcedureStepDescription": "CRANEO_FUNCIONAL",
    "ProtocolName": "ep2d_Didak_VF_L2_Run2",
    "RepetitionTime": 3,
    "ScanningSequence": "EP",
    "SequenceName": "_epfid2d1_64",
    "SequenceVariant": "SK",
    "SeriesDescription": "ep2d_Didak_VF_L2_Run2",
    "SliceTiming": [
      2.92,
      2.8525,
      2.7825,
      2.7125,
      2.6425,
      2.5725,
      2.5025,
      2.435,
      2.365,
      2.295,
      2.225,
      2.155,
      2.085,
      2.0175,
      1.9475,
      1.8775,
      1.8075,
      1.7375,
      1.6675,
      1.6,
      1.53,
      1.46,
      1.39,
      1.32,
      1.2525,
      1.1825,
      1.1125,
      1.0425,
      0.9725,
      0.9025,
      0.835,
      0.765,
      0.695,
      0.625,
      0.555,
      0.485,
      0.4175,
      0.3475,
      0.2775,
      0.2075,
      0.1375,
      0.0675,
      0
    ],
    "SoftwareVersions": "syngo_MR_B17",
    "TaskName": "prodLn",
    "TotalReadoutTime": 0.0333901,
    "dataset": "ds003542",
    "modality": "bold",
    "run_id": 2,
    "subject_id": "12",
    "task_id": "prodLn"
  },
  "dummy_trs": 0,
  "dvars_nstd": 47.87181499112972,
  "dvars_std": 1.3852861974058568,
  "dvars_vstd": 1.0608004948953975,
  "efc": 0.5980602512561346,
  "fber": 260.1582946777344,
  "fd_mean": 0.5516197276817967,
  "fd_num": 201,
  "fd_perc": 83.75,
  "fwhm_avg": 3.3582463794165065,
  "fwhm_x": 3.2584633333333333,
  "fwhm_y": 3.5400333333333336,
  "fwhm_z": 3.276242471582853,
  "gcor": 0.0432246,
  "gsr_x": -0.009854424744844437,
  "gsr_y": 0.12329209595918655,
  "provenance": {
    "md5sum": "6f1bbea366eb54dd787b8cb856b59d09",
    "settings": {
      "fd_thres": 0.2,
      "testing": false
    },
    "software": "mriqc",
    "version": "22.0.1",
    "webapi_port": null,
    "webapi_url": "https://mriqc.nimh.nih.gov/api/v1"
  },
  "size_t": 240,
  "size_x": 64,
  "size_y": 64,
  "size_z": 43,
  "snr": 1.9836229965118963,
  "spacing_tr": 3.0,
  "spacing_x": 3.0,
  "spacing_y": 3.0,
  "spacing_z": 3.299999952316284,
  "summary_bg_k": 14.715450633090278,
  "summary_bg_mad": 27.292237912739452,
  "summary_bg_mean": 109.26065063476562,
  "summary_bg_median": 48.73750305175781,
  "summary_bg_n": 91314.0,
  "summary_bg_p05": 28.525001525878906,
  "summary_bg_p95": 409.9000244140625,
  "summary_bg_stdv": 148.2047882080078,
  "summary_fg_k": 3.526853272588279,
  "summary_fg_mad": 293.9290117533387,
  "summary_fg_mean": 916.0949096679688,
  "summary_fg_median": 808.55419921875,
  "summary_fg_n": 44956.0,
  "summary_fg_p05": 480.8250274658203,
  "summary_fg_p95": 1773.8490905761719,
  "summary_fg_stdv": 407.6103210449219,
  "tsnr": 46.306919468566775
}