{
  "bids_meta": {
    "AccelFactPE": 2,
    "AcquisitionNumber": 1,
    "AcquisitionTime": "10:08:36.332500",
    "ConversionSoftware": "dcm2niix",
    "ConversionSoftwareVersion": "v1.0.20170724 GCC4.4.7",
    "DeviceSerialNumber": "35414",
    "EchoTime": 0.0035,
    "FlipAngle": 7,
    "ImageType": [
      "ORIGINAL",
      "PRIMARY",
      "M",
      "ND",
      "NORM"
    ],
    "InstitutionAddress": "Mikeletegi_69_San_Sebastian_District_ES_20009",
    "InstitutionName": "BCBL",
    "InversionTime": 1.1,
    "MagneticFieldStrength": 3,
    "Manufacturer": "Siemens",
    "ManufacturersModelName": "TrioTim",
    "PhaseEncodingDirection": "i-",
    "PhaseEncodingLines": 256,
    "ProcedureStepDescription": "CRANEO_FUNCIONAL",
    "ProtocolName": "t1_mpr_sag_p2_1mm_iso_MGH",
    "RepetitionTime": 2.53,
    "ScanningSequence": "GR_IR",
    "SequenceName": "_tfl3d1_ns",
    "SequenceVariant": "SP_MP",
    "SeriesDescription": "t1_mpr_sag_p2_1mm_iso_MGH",
    "SoftwareVersions": "syngo_MR_B17",
    "dataset": "ds003542",
    "modality": "T1w",
    "subject_id": "18"
  },
  "cjv": 0.4343986707092437,
  "cnr": 3.029595459063095,
  "efc": 0.5582229980817206,
  "fber": 1803.6549467150328,
  "fwhm_avg": 3.5873633333333337,
  "fwhm_x": 3.57044,
  "fwhm_y": 3.86883,
  "fwhm_z": 3.32282,
  "icvs_csf": 0.22249096421818804,
  "icvs_gm": 0.39441158359280637,
  "icvs_wm": 0.3830974521890056,
  "inu_med": 0.5671606063842773,
  "inu_range": 0.20754399001598361,
  "provenance": {
    "md5sum": "5b110ac5be4b704fdecd6f68ebe4c362",
    "settings": {
      "testing": false
    },
    "software": "mriqc",
    "version": "22.0.1",
    "warnings": {
      "large_rot_frame": true,
      "small_air_mask": false
    },
    "webapi_port": null,
    "webapi_url": "https://mriqc.nimh.nih.gov/api/v1"
  },
  "qi_1": 0.0,
  "qi_2": 0.006912065245930319,
  "rpve_csf": 23.845473129381983,
  "rpve_gm": 13.08450164545601,
  "rpve_wm": 16.062997240495,
  "size_x": 176,
  "size_y": 256,
  "size_z": 256,
  "snr_csf": 1.6788983767350845,
  "snr_gm": 8.083618981057269,
  "snr_total": 8.984911592714361,
  "snr_wm": 17.19221742035073,
  "snrd_csf": 16.052088891847813,
  "snrd_gm": 57.06458384777544,
  "snrd_total": 52.24335070942786,
  "snrd_wm": 83.61337938866032,
  "spacing_x": 1.0,
  "spacing_y": 1.0,
  "spacing_z": 1.0,
  "summary_bg_k": 6.131351633985679,
  "summary_bg_mad": 7.835678784797472,
  "summary_bg_mean": 15.667737128960434,
  "summary_bg_median": 5.285085026174784,
  "summary_bg_n": 3072840.0,
  "summary_bg_p05": 0.0,
  "summary_bg_p95": 60.34995739348233,
  "summary_bg_stdv": 21.760597152001335,
  "summary_csf_k": 0.927520369116146,
  "summary_csf_mad": 106.87583495660695,
  "summary_csf_mean": 208.41942414878088,
  "summary_csf_median": 191.9890459170565,
  "summary_csf_n": 30478.0,
  "summary_csf_p05": 50.97964448221029,
  "summary_csf_p95": 425.71478919284414,
  "summary_csf_stdv": 114.35230322355561,
  "summary_gm_k": 0.06793512484686381,
  "summary_gm_mad": 82.55699404342921,
  "summary_gm_mean": 681.9749348006582,
  "summary_gm_median": 682.513975745067,
  "summary_gm_n": 12769.0,
  "summary_gm_p05": 539.7024079296738,
  "summary_gm_p95": 819.6166994646188,
  "summary_gm_stdv": 84.42842882541598,
  "summary_wm_k": 0.42949549110644547,
  "summary_wm_mad": 55.379189249311864,
  "summary_wm_mean": 999.2918718356887,
  "summary_wm_median": 1000.0475977230817,
  "summary_wm_n": 204627.0,
  "summary_wm_p05": 904.1613952009008,
  "summary_wm_p95": 1094.488734204322,
  "summary_wm_stdv": 58.16847993963289,
  "tpm_overlap_csf": 0.15509522645127571,
  "tpm_overlap_gm": 0.44137591676018423,
  "tpm_overlap_wm": 0.5121840978012644,
  "wm2max": 0.7560133653487443
}