{
  "bids_meta": {
    "AccelFactPE": 2,
    "AcquisitionNumber": 1,
    "AcquisitionTime": "15:48:41.437500",
    "ConversionSoftware": "dcm2niix",
    "ConversionSoftwareVersion": "v1.0.20170724 GCC4.4.7",
    "DeviceSerialNumber": "35414",
    "EchoTime": 0.0035,
    "FlipAngle": 7,
    "ImageType": [
      "ORIGINAL",
      "PRIMARY",
      "M",
      "ND",
      "NORM"
    ],
    "InstitutionAddress": "Mikeletegi_69_San_Sebastian_District_ES_20009",
    "InstitutionName": "BCBL",
    "InversionTime": 1.1,
    "MagneticFieldStrength": 3,
    "Manufacturer": "Siemens",
    "ManufacturersModelName": "TrioTim",
    "PhaseEncodingDirection": "i-",
    "PhaseEncodingLines": 256,
    "ProcedureStepDescription": "CRANEO_FUNCIONAL",
    "ProtocolName": "t1_mpr_sag_p2_1mm_iso_MGH",
    "RepetitionTime": 2.53,
    "ScanningSequence": "GR_IR",
    "SequenceName": "_tfl3d1_ns",
    "SequenceVariant": "SP_MP",
    "SeriesDescription": "t1_mpr_sag_p2_1mm_iso_MGH",
    "SoftwareVersions": "syngo_MR_B17",
    "dataset": "ds003542",
    "modality": "T1w",
    "subject_id": "25"
  },
  "cjv": 0.35002288462847503,
  "cnr": 3.7016002233666847,
  "efc": 0.5452425340126953,
  "fber": 24562.374749387393,
  "fwhm_avg": 3.8290666666666673,
  "fwhm_x": 3.91764,
  "fwhm_y": 4.03355,
  "fwhm_z": 3.53601,
  "icvs_csf": 0.22545482072594109,
  "icvs_gm": 0.4333847492432077,
  "icvs_wm": 0.3411604300308513,
  "inu_med": 0.5209639072418213,
  "inu_range": 0.18522352576255796,
  "provenance": {
    "md5sum": "eac9ec5583e75fa07cd463f8189a454e",
    "settings": {
      "testing": false
    },
    "software": "mriqc",
    "version": "22.0.1",
    "warnings": {
      "large_rot_frame": true,
      "small_air_mask": false
    },
    "webapi_port": null,
    "webapi_url": "https://mriqc.nimh.nih.gov/api/v1"
  },
  "qi_1": 0.0,
  "qi_2": 0.016104013062975465,
  "rpve_csf": 22.30559109008246,
  "rpve_gm": 11.727172091354925,
  "rpve_wm": 16.995561179907217,
  "size_x": 176,
  "size_y": 256,
  "size_z": 256,
  "snr_csf": 1.6481944529715757,
  "snr_gm": 9.092949244340383,
  "snr_total": 10.838905617395085,
  "snr_wm": 21.775573154873296,
  "snrd_csf": 21.90364449316886,
  "snrd_gm": 85.55077094598688,
  "snrd_total": 78.00394602249825,
  "snrd_wm": 126.55742262833898,
  "spacing_x": 1.0,
  "spacing_y": 1.0,
  "spacing_z": 1.0,
  "summary_bg_k": 12.36298932117882,
  "summary_bg_mad": 0.0,
  "summary_bg_mean": 2.75476152684562,
  "summary_bg_median": 0.0,
  "summary_bg_n": 2646966.0,
  "summary_bg_p05": 0.0,
  "summary_bg_p95": 13.207191154360771,
  "summary_bg_stdv": 5.176454504954501,
  "summary_csf_k": 1.665068781212173,
  "summary_csf_mad": 80.88156341449402,
  "summary_csf_mean": 193.98719304291635,
  "summary_csf_median": 173.06811102479696,
  "summary_csf_n": 44875.0,
  "summary_csf_p05": 57.62647895514965,
  "summary_csf_p95": 410.77868438735595,
  "summary_csf_stdv": 105.00349783760605,
  "summary_gm_k": 0.17388897618962984,
  "summary_gm_mad": 72.4497403510265,
  "summary_gm_mean": 673.2479719396623,
  "summary_gm_median": 675.9656060412526,
  "summary_gm_n": 34740.0,
  "summary_gm_p05": 545.8599487725645,
  "summary_gm_p95": 790.787308730185,
  "summary_gm_stdv": 74.3384636693588,
  "summary_wm_k": 1.1535930060195811,
  "summary_wm_mad": 40.9602779149488,
  "summary_wm_mean": 997.0427388263727,
  "summary_wm_median": 999.9730445444584,
  "summary_wm_n": 203026.0,
  "summary_wm_p05": 916.5858044754714,
  "summary_wm_p95": 1065.928139962256,
  "summary_wm_stdv": 45.92166528784376,
  "tpm_overlap_csf": 0.14988080189240463,
  "tpm_overlap_gm": 0.46712826833136434,
  "tpm_overlap_wm": 0.5126795826146294,
  "wm2max": 0.670821419924557
}