{
  "aor": 0.0052915,
  "aqi": 0.004536343833333334,
  "bids_meta": {
    "AcquisitionNumber": 1,
    "AcquisitionTime": "16:00:44.885000",
    "BandwidthPerPixelPhaseEncode": 29.481,
    "ConversionSoftware": "dcm2niix",
    "ConversionSoftwareVersion": "v1.0.20170724 GCC4.4.7",
    "DeviceSerialNumber": "35414",
    "EchoTime": 0.025,
    "EffectiveEchoSpacing": 0.000530002,
    "FlipAngle": 90,
    "ImageType": [
      "ORIGINAL",
      "PRIMARY",
      "M",
      "ND",
      "MOSAIC"
    ],
    "InstitutionAddress": "Mikeletegi_69_San_Sebastian_District_ES_20009",
    "InstitutionName": "BCBL",
    "MagneticFieldStrength": 3,
    "Manufacturer": "Siemens",
    "ManufacturersModelName": "TrioTim",
    "PhaseEncodingDirection": "j-",
    "PhaseEncodingLines": 64,
    "ProcedureStepDescription": "CRANEO_FUNCIONAL",
    "ProtocolName": "ep2d_Didak_VF_L1_Run1",
    "RepetitionTime": 3,
    "ScanningSequence": "EP",
    "SequenceName": "_epfid2d1_64",
    "SequenceVariant": "SK",
    "SeriesDescription": "ep2d_Didak_VF_L1_Run1",
    "SliceTiming": [
      2.92,
      2.85,
      2.7825,
      2.7125,
      2.6425,
      2.5725,
      2.5025,
      2.435,
      2.365,
      2.295,
      2.225,
      2.155,
      2.085,
      2.0175,
      1.9475,
      1.8775,
      1.8075,
      1.7375,
      1.6675,
      1.6,
      1.53,
      1.46,
      1.39,
      1.32,
      1.25,
      1.1825,
      1.1125,
      1.0425,
      0.9725,
      0.9025,
      0.8325,
      0.765,
      0.695,
      0.625,
      0.555,
      0.485,
      0.4175,
      0.3475,
      0.2775,
      0.2075,
      0.1375,
      0.0675,
      0
    ],
    "SoftwareVersions": "syngo_MR_B17",
    "TaskName": "prodL1",
    "TotalReadoutTime": 0.0333901,
    "dataset": "ds003542",
    "modality": "bold",
    "run_id": 1,
    "subject_id": "30",
    "task_id": "prodL1"
  },
  "dummy_trs": 0,
  "dvars_nstd": 23.7767332069456,
  "dvars_std": 1.2035281677405858,
  "dvars_vstd": 1.0126011480334727,
  "efc": 0.5618268519984861,
  "fber": 456.2325744628906,
  "fd_mean": 0.170902542387358,
  "fd_num": 53,
  "fd_perc": 22.083333333333332,
  "fwhm_avg": 2.530554355567054,
  "fwhm_x": 2.465203333333333,
  "fwhm_y": 2.60749,
  "fwhm_z": 2.5189697333678294,
  "gcor": 0.0327692,
  "gsr_x": 0.0066535999067127705,
  "gsr_y": 0.07068270444869995,
  "provenance": {
    "md5sum": "3622a144f5ca2d70865af550f8311267",
    "settings": {
      "fd_thres": 0.2,
      "testing": false
    },
    "software": "mriqc",
    "version": "22.0.1",
    "webapi_port": null,
    "webapi_url": "https://mriqc.nimh.nih.gov/api/v1"
  },
  "size_t": 240,
  "size_x": 64,
  "size_y": 64,
  "size_z": 43,
  "snr": 3.24546851340906,
  "spacing_tr": 3.0,
  "spacing_x": 3.0,
  "spacing_y": 3.0,
  "spacing_z": 3.299999952316284,
  "summary_bg_k": 25.898318478524203,
  "summary_bg_mad": 13.046901219552886,
  "summary_bg_mean": 65.66726684570312,
  "summary_bg_median": 33.25416946411133,
  "summary_bg_n": 104574.0,
  "summary_bg_p05": 23.500001907348633,
  "summary_bg_p95": 225.0058471679686,
  "summary_bg_stdv": 89.48527526855469,
  "summary_fg_k": 1.3204081120744986,
  "summary_fg_mad": 203.34508384273482,
  "summary_fg_mean": 755.524169921875,
  "summary_fg_median": 718.2958984375,
  "summary_fg_n": 34151.0,
  "summary_fg_p05": 457.36460876464844,
  "summary_fg_p95": 1163.0021362304688,
  "summary_fg_stdv": 221.31947326660156,
  "tsnr": 60.778869359521195
}