{
  "aor": 0.0007317837837837838,
  "aqi": 0.0015533804216216218,
  "bids_meta": {
    "AcquisitionNumber": 1,
    "AcquisitionTime": "15:31:4.322500",
    "BandwidthPerPixelPhaseEncode": 28.409,
    "ConversionSoftware": "dcm2niix",
    "ConversionSoftwareVersion": "v1.0.20170724 GCC4.4.7",
    "DeviceSerialNumber": "35414",
    "EchoTime": 0.03,
    "EffectiveEchoSpacing": 0.000550002,
    "FlipAngle": 80,
    "ImageType": [
      "ORIGINAL",
      "PRIMARY",
      "FMRI",
      "NONE",
      "ND",
      "MOSAIC"
    ],
    "InstitutionAddress": "Mikeletegi_69_San_Sebastian_District_ES_20009",
    "InstitutionName": "BCBL",
    "MagneticFieldStrength": 3,
    "Manufacturer": "Siemens",
    "ManufacturersModelName": "TrioTim",
    "PhaseEncodingDirection": "j-",
    "PhaseEncodingLines": 64,
    "ProcedureStepDescription": "CRANEO_FUNCIONAL",
    "ProtocolName": "ep2d_PiN_L1_Run1",
    "RepetitionTime": 2,
    "ScanningSequence": "EP",
    "SequenceName": "_epfid2d1_64",
    "SequenceVariant": "SK",
    "SeriesDescription": "ep2d_PiN_L1_Run1",
    "SliceTiming": [
      1.925,
      1.865,
      1.8025,
      1.74,
      1.6775,
      1.615,
      1.5525,
      1.4925,
      1.43,
      1.3675,
      1.305,
      1.2425,
      1.18,
      1.12,
      1.0575,
      0.995,
      0.9325,
      0.87,
      0.8075,
      0.745,
      0.685,
      0.6225,
      0.56,
      0.4975,
      0.435,
      0.3725,
      0.3125,
      0.25,
      0.1875,
      0.125,
      0.0625,
      0
    ],
    "SoftwareVersions": "syngo_MR_B17",
    "TaskName": "compL1",
    "TotalReadoutTime": 0.0346501,
    "dataset": "ds003542",
    "modality": "bold",
    "run_id": 1,
    "subject_id": "30",
    "task_id": "compL1"
  },
  "dummy_trs": 1,
  "dvars_nstd": 16.771863642173916,
  "dvars_std": 1.2310744002717389,
  "dvars_vstd": 0.9745839173369566,
  "efc": 0.4889805864271727,
  "fber": 1070.0699462890625,
  "fd_mean": 0.0983380669462182,
  "fd_num": 2,
  "fd_perc": 1.0810810810810811,
  "fwhm_avg": 2.605899878787879,
  "fwhm_x": 2.5507607272727273,
  "fwhm_y": 2.741538909090909,
  "fwhm_z": 2.5254,
  "gcor": 0.0370725,
  "gsr_x": -0.011678921990096569,
  "gsr_y": 0.03914656117558479,
  "provenance": {
    "md5sum": "ed9975df6a9feb220bcb2f3af529a020",
    "settings": {
      "fd_thres": 0.2,
      "testing": false
    },
    "software": "mriqc",
    "version": "22.0.1",
    "webapi_port": null,
    "webapi_url": "https://mriqc.nimh.nih.gov/api/v1"
  },
  "size_t": 185,
  "size_x": 64,
  "size_y": 64,
  "size_z": 32,
  "snr": 3.276166282458772,
  "spacing_tr": 2.0,
  "spacing_x": 3.4375,
  "spacing_y": 3.4375,
  "spacing_z": 4.0,
  "summary_bg_k": 45.29151624542762,
  "summary_bg_mad": 7.340884222973101,
  "summary_bg_mean": 35.67501449584961,
  "summary_bg_median": 17.962162017822266,
  "summary_bg_n": 82901.0,
  "summary_bg_p05": 12.567567825317383,
  "summary_bg_p95": 115.29730224609375,
  "summary_bg_stdv": 57.905155181884766,
  "summary_fg_k": 1.344265916408908,
  "summary_fg_mad": 162.32892604448625,
  "summary_fg_mean": 625.6414184570312,
  "summary_fg_median": 595.9405517578125,
  "summary_fg_n": 19446.0,
  "summary_fg_p05": 380.68109130859375,
  "summary_fg_p95": 971.2743377685547,
  "summary_fg_stdv": 181.89712524414062,
  "tsnr": 108.74223224446177
}