{
  "aor": 0.002149243243243243,
  "aqi": 0.00198734667027027,
  "bids_meta": {
    "AcquisitionNumber": 1,
    "AcquisitionTime": "17:21:37.630000",
    "BandwidthPerPixelPhaseEncode": 28.409,
    "ConversionSoftware": "dcm2niix",
    "ConversionSoftwareVersion": "v1.0.20170724 GCC4.4.7",
    "DeviceSerialNumber": "35414",
    "EchoTime": 0.03,
    "EffectiveEchoSpacing": 0.000550002,
    "FlipAngle": 80,
    "ImageType": [
      "ORIGINAL",
      "PRIMARY",
      "FMRI",
      "NONE",
      "ND",
      "MOSAIC"
    ],
    "InstitutionAddress": "Mikeletegi_69_San_Sebastian_District_ES_20009",
    "InstitutionName": "BCBL",
    "MagneticFieldStrength": 3,
    "Manufacturer": "Siemens",
    "ManufacturersModelName": "TrioTim",
    "PhaseEncodingDirection": "j-",
    "PhaseEncodingLines": 64,
    "ProcedureStepDescription": "CRANEO_FUNCIONAL",
    "ProtocolName": "ep2d_PiN_L2_Run1",
    "RepetitionTime": 2,
    "ScanningSequence": "EP",
    "SequenceName": "_epfid2d1_64",
    "SequenceVariant": "SK",
    "SeriesDescription": "ep2d_PiN_L2_Run1",
    "SliceTiming": [
      1.925,
      1.8625,
      1.8025,
      1.74,
      1.6775,
      1.615,
      1.5525,
      1.49,
      1.43,
      1.3675,
      1.305,
      1.2425,
      1.18,
      1.1175,
      1.055,
      0.995,
      0.9325,
      0.87,
      0.8075,
      0.745,
      0.6825,
      0.6225,
      0.56,
      0.4975,
      0.435,
      0.3725,
      0.31,
      0.25,
      0.1875,
      0.125,
      0.0625,
      0
    ],
    "SoftwareVersions": "syngo_MR_B17",
    "TaskName": "compLn",
    "TotalReadoutTime": 0.0346501,
    "dataset": "ds003542",
    "modality": "bold",
    "run_id": 1,
    "subject_id": "30",
    "task_id": "compLn"
  },
  "dummy_trs": 1,
  "dvars_nstd": 15.435036021358687,
  "dvars_std": 1.2151877332608705,
  "dvars_vstd": 1.0048360058695653,
  "efc": 0.49293826547833897,
  "fber": 1076.1103515625,
  "fd_mean": 0.07803861995970587,
  "fd_num": 1,
  "fd_perc": 0.5405405405405406,
  "fwhm_avg": 2.4840519875860863,
  "fwhm_x": 2.4322618181818183,
  "fwhm_y": 2.594304,
  "fwhm_z": 2.425590144576439,
  "gcor": 0.0322154,
  "gsr_x": -0.008943277411162853,
  "gsr_y": 0.04221676290035248,
  "provenance": {
    "md5sum": "d28f0452ca49b8c2cdc1951dfcfc9ae9",
    "settings": {
      "fd_thres": 0.2,
      "testing": false
    },
    "software": "mriqc",
    "version": "22.0.1",
    "webapi_port": null,
    "webapi_url": "https://mriqc.nimh.nih.gov/api/v1"
  },
  "size_t": 185,
  "size_x": 64,
  "size_y": 64,
  "size_z": 32,
  "snr": 3.5054808916635456,
  "spacing_tr": 2.0,
  "spacing_x": 3.4375,
  "spacing_y": 3.4375,
  "spacing_z": 3.999999761581421,
  "summary_bg_k": 38.97239717525408,
  "summary_bg_mad": 6.475366030073171,
  "summary_bg_mean": 34.81816482543945,
  "summary_bg_median": 17.24864959716797,
  "summary_bg_n": 82826.0,
  "summary_bg_p05": 12.481081008911133,
  "summary_bg_p95": 115.87432479858398,
  "summary_bg_stdv": 54.96558380126953,
  "summary_fg_k": 0.9826009047853081,
  "summary_fg_mad": 149.47840978180545,
  "summary_fg_mean": 594.0551147460938,
  "summary_fg_median": 570.3351440429688,
  "summary_fg_n": 19467.0,
  "summary_fg_p05": 367.12919921875,
  "summary_fg_p95": 898.636767578125,
  "summary_fg_stdv": 162.69393920898438,
  "tsnr": 100.68034788966179
}