{
  "aor": 0.0016075135135135137,
  "aqi": 0.0019268659405405405,
  "bids_meta": {
    "AcquisitionNumber": 1,
    "AcquisitionTime": "17:30:34.985000",
    "BandwidthPerPixelPhaseEncode": 28.409,
    "ConversionSoftware": "dcm2niix",
    "ConversionSoftwareVersion": "v1.0.20170724 GCC4.4.7",
    "DeviceSerialNumber": "35414",
    "EchoTime": 0.03,
    "EffectiveEchoSpacing": 0.000550002,
    "FlipAngle": 80,
    "ImageType": [
      "ORIGINAL",
      "PRIMARY",
      "FMRI",
      "NONE",
      "ND",
      "MOSAIC"
    ],
    "InstitutionAddress": "Mikeletegi_69_San_Sebastian_District_ES_20009",
    "InstitutionName": "BCBL",
    "MagneticFieldStrength": 3,
    "Manufacturer": "Siemens",
    "ManufacturersModelName": "TrioTim",
    "PhaseEncodingDirection": "j-",
    "PhaseEncodingLines": 64,
    "ProcedureStepDescription": "CRANEO_FUNCIONAL",
    "ProtocolName": "ep2d_PiN_L2_Run2",
    "RepetitionTime": 2,
    "ScanningSequence": "EP",
    "SequenceName": "_epfid2d1_64",
    "SequenceVariant": "SK",
    "SeriesDescription": "ep2d_PiN_L2_Run2",
    "SliceTiming": [
      1.9275,
      1.865,
      1.8025,
      1.74,
      1.6775,
      1.615,
      1.5525,
      1.4925,
      1.43,
      1.3675,
      1.305,
      1.2425,
      1.18,
      1.12,
      1.0575,
      0.995,
      0.9325,
      0.87,
      0.8075,
      0.7475,
      0.685,
      0.6225,
      0.56,
      0.4975,
      0.435,
      0.3725,
      0.3125,
      0.25,
      0.1875,
      0.125,
      0.0625,
      0
    ],
    "SoftwareVersions": "syngo_MR_B17",
    "TaskName": "compLn",
    "TotalReadoutTime": 0.0346501,
    "dataset": "ds003542",
    "modality": "bold",
    "run_id": 2,
    "subject_id": "30",
    "task_id": "compLn"
  },
  "dummy_trs": 1,
  "dvars_nstd": 17.228692765000005,
  "dvars_std": 1.2534811316304346,
  "dvars_vstd": 1.0078215545108709,
  "efc": 0.49320403361868276,
  "fber": 1070.3255615234375,
  "fd_mean": 0.09008237945397565,
  "fd_num": 6,
  "fd_perc": 3.2432432432432434,
  "fwhm_avg": 2.4955445789406716,
  "fwhm_x": 2.438594909090909,
  "fwhm_y": 2.600026181818182,
  "fwhm_z": 2.448012645912924,
  "gcor": 0.0458771,
  "gsr_x": -0.008921628817915916,
  "gsr_y": 0.04226095601916313,
  "provenance": {
    "md5sum": "85be5873bfe4fa88b5f6738392967ca1",
    "settings": {
      "fd_thres": 0.2,
      "testing": false
    },
    "software": "mriqc",
    "version": "22.0.1",
    "webapi_port": null,
    "webapi_url": "https://mriqc.nimh.nih.gov/api/v1"
  },
  "size_t": 185,
  "size_x": 64,
  "size_y": 64,
  "size_z": 32,
  "snr": 3.4988222134887885,
  "spacing_tr": 2.0,
  "spacing_x": 3.4375,
  "spacing_y": 3.4375,
  "spacing_z": 3.999999761581421,
  "summary_bg_k": 37.79053713546888,
  "summary_bg_mad": 6.419268767672343,
  "summary_bg_mean": 34.78629684448242,
  "summary_bg_median": 17.291893005371094,
  "summary_bg_n": 82834.0,
  "summary_bg_p05": 12.594594955444336,
  "summary_bg_p95": 115.60189666748042,
  "summary_bg_stdv": 54.295536041259766,
  "summary_fg_k": 0.9709744019076876,
  "summary_fg_mad": 150.33585590738224,
  "summary_fg_mean": 594.0094604492188,
  "summary_fg_median": 569.9541015625,
  "summary_fg_n": 19426.0,
  "summary_fg_p05": 367.1810836791992,
  "summary_fg_p95": 898.072998046875,
  "summary_fg_stdv": 162.8946533203125,
  "tsnr": 109.02976356167346
}