{
  "aor": 0.001680537634408602,
  "aqi": 0.0016912774301075266,
  "bids_meta": {
    "AcquisitionNumber": 1,
    "AcquisitionTime": "15:47:32.540000",
    "BandwidthPerPixelPhaseEncode": 28.409,
    "ConversionSoftware": "dcm2niix",
    "ConversionSoftwareVersion": "v1.0.20170724 GCC4.4.7",
    "DeviceSerialNumber": "35414",
    "EchoTime": 0.03,
    "EffectiveEchoSpacing": 0.000550002,
    "FlipAngle": 80,
    "ImageType": [
      "ORIGINAL",
      "PRIMARY",
      "FMRI",
      "NONE",
      "ND",
      "MOSAIC"
    ],
    "InstitutionAddress": "Mikeletegi_69_San_Sebastian_District_ES_20009",
    "InstitutionName": "BCBL",
    "MagneticFieldStrength": 3,
    "Manufacturer": "Siemens",
    "ManufacturersModelName": "TrioTim",
    "PhaseEncodingDirection": "j-",
    "PhaseEncodingLines": 64,
    "ProcedureStepDescription": "CRANEO_FUNCIONAL",
    "ProtocolName": "ep2d_PiN_L1_Run3",
    "RepetitionTime": 2,
    "ScanningSequence": "EP",
    "SequenceName": "_epfid2d1_64",
    "SequenceVariant": "SK",
    "SeriesDescription": "ep2d_PiN_L1_Run3",
    "SliceTiming": [
      1.925,
      1.8625,
      1.8,
      1.7375,
      1.6775,
      1.615,
      1.5525,
      1.49,
      1.4275,
      1.365,
      1.305,
      1.2425,
      1.18,
      1.1175,
      1.055,
      0.9925,
      0.93,
      0.87,
      0.8075,
      0.745,
      0.6825,
      0.62,
      0.5575,
      0.4975,
      0.435,
      0.3725,
      0.31,
      0.2475,
      0.185,
      0.125,
      0.0625,
      0
    ],
    "SoftwareVersions": "syngo_MR_B17",
    "TaskName": "compL1",
    "TotalReadoutTime": 0.0346501,
    "dataset": "ds003542",
    "modality": "bold",
    "run_id": 3,
    "subject_id": "30",
    "task_id": "compL1"
  },
  "dummy_trs": 0,
  "dvars_nstd": 17.696685399027032,
  "dvars_std": 1.3091084866486489,
  "dvars_vstd": 1.0226180158378384,
  "efc": 0.48812988801928925,
  "fber": 1130.975341796875,
  "fd_mean": 0.0871215796947915,
  "fd_num": 3,
  "fd_perc": 1.6129032258064515,
  "fwhm_avg": 2.481338090909091,
  "fwhm_x": 2.427226181818182,
  "fwhm_y": 2.606173090909091,
  "fwhm_z": 2.410615,
  "gcor": 0.0481329,
  "gsr_x": -0.009800828993320465,
  "gsr_y": 0.04028559848666191,
  "provenance": {
    "md5sum": "67cbd0775f17f44030dce4d25f83eb79",
    "settings": {
      "fd_thres": 0.2,
      "testing": false
    },
    "software": "mriqc",
    "version": "22.0.1",
    "webapi_port": null,
    "webapi_url": "https://mriqc.nimh.nih.gov/api/v1"
  },
  "size_t": 186,
  "size_x": 64,
  "size_y": 64,
  "size_z": 32,
  "snr": 3.4971397982942456,
  "spacing_tr": 2.0,
  "spacing_x": 3.4375,
  "spacing_y": 3.4375,
  "spacing_z": 4.0,
  "summary_bg_k": 47.34805495954435,
  "summary_bg_mad": 6.607943620653535,
  "summary_bg_mean": 34.600650787353516,
  "summary_bg_median": 17.204301834106445,
  "summary_bg_n": 83251.0,
  "summary_bg_p05": 12.387096405029297,
  "summary_bg_p95": 112.37903213500977,
  "summary_bg_stdv": 56.974525451660156,
  "summary_fg_k": 1.2791179310934275,
  "summary_fg_mad": 151.5602198396903,
  "summary_fg_mean": 609.5653076171875,
  "summary_fg_median": 584.3843994140625,
  "summary_fg_n": 19292.0,
  "summary_fg_p05": 380.2895248413086,
  "summary_fg_p95": 919.767724609375,
  "summary_fg_stdv": 167.0991973876953,
  "tsnr": 118.99230778031051
}