{
  "aor": 0.00709875,
  "aqi": 0.0193787525,
  "bids_meta": {
    "AcquisitionNumber": 1,
    "AcquisitionTime": "17:18:29.220000",
    "BandwidthPerPixelPhaseEncode": 29.481,
    "ConversionSoftware": "dcm2niix",
    "ConversionSoftwareVersion": "v1.0.20170724 GCC4.4.7",
    "DeviceSerialNumber": "35414",
    "EchoTime": 0.025,
    "EffectiveEchoSpacing": 0.000530002,
    "FlipAngle": 90,
    "ImageType": [
      "ORIGINAL",
      "PRIMARY",
      "M",
      "ND",
      "MOSAIC"
    ],
    "InstitutionAddress": "Mikeletegi_69_San_Sebastian_District_ES_20009",
    "InstitutionName": "BCBL",
    "MagneticFieldStrength": 3,
    "Manufacturer": "Siemens",
    "ManufacturersModelName": "TrioTim",
    "PhaseEncodingDirection": "j-",
    "PhaseEncodingLines": 64,
    "ProcedureStepDescription": "CRANEO_FUNCIONAL",
    "ProtocolName": "ep2d_Didak_VF_L2_Run2",
    "RepetitionTime": 3,
    "ScanningSequence": "EP",
    "SequenceName": "_epfid2d1_64",
    "SequenceVariant": "SK",
    "SeriesDescription": "ep2d_Didak_VF_L2_Run2",
    "SliceTiming": [
      2.9225,
      2.8525,
      2.7825,
      2.7125,
      2.6425,
      2.575,
      2.505,
      2.435,
      2.365,
      2.295,
      2.225,
      2.1575,
      2.0875,
      2.0175,
      1.9475,
      1.8775,
      1.81,
      1.74,
      1.67,
      1.6,
      1.53,
      1.46,
      1.3925,
      1.3225,
      1.2525,
      1.1825,
      1.1125,
      1.0425,
      0.975,
      0.905,
      0.835,
      0.765,
      0.695,
      0.625,
      0.5575,
      0.4875,
      0.4175,
      0.3475,
      0.2775,
      0.2075,
      0.14,
      0.07,
      0
    ],
    "SoftwareVersions": "syngo_MR_B17",
    "TaskName": "prodLn",
    "TotalReadoutTime": 0.0333901,
    "dataset": "ds003542",
    "modality": "bold",
    "run_id": 2,
    "subject_id": "27",
    "task_id": "prodLn"
  },
  "dummy_trs": 0,
  "dvars_nstd": 59.13907007184099,
  "dvars_std": 1.1632247590376565,
  "dvars_vstd": 0.9642790111297069,
  "efc": 0.5712737412041174,
  "fber": 394.96270751953125,
  "fd_mean": 0.7299704715599916,
  "fd_num": 198,
  "fd_perc": 82.5,
  "fwhm_avg": 2.2649504152334963,
  "fwhm_x": 2.1312166666666665,
  "fwhm_y": 2.3397466666666666,
  "fwhm_z": 2.3238879123671548,
  "gcor": 0.0166619,
  "gsr_x": -0.0020416597835719585,
  "gsr_y": 0.08118320256471634,
  "provenance": {
    "md5sum": "049e5da96ecb985bd23dc8d87c2c2e3f",
    "settings": {
      "fd_thres": 0.2,
      "testing": false
    },
    "software": "mriqc",
    "version": "22.0.1",
    "webapi_port": null,
    "webapi_url": "https://mriqc.nimh.nih.gov/api/v1"
  },
  "size_t": 240,
  "size_x": 64,
  "size_y": 64,
  "size_z": 43,
  "snr": 3.268583107429346,
  "spacing_tr": 3.0,
  "spacing_x": 3.0,
  "spacing_y": 3.0,
  "spacing_z": 3.299999952316284,
  "summary_bg_k": 33.4869203956018,
  "summary_bg_mad": 9.21066571689819,
  "summary_bg_mean": 56.770084381103516,
  "summary_bg_median": 30.575000762939453,
  "summary_bg_n": 102386.0,
  "summary_bg_p05": 23.750001907348633,
  "summary_bg_p95": 178.5552215576172,
  "summary_bg_stdv": 69.67650604248047,
  "summary_fg_k": 1.7495985731278267,
  "summary_fg_mad": 164.75417153143502,
  "summary_fg_mean": 650.8801879882812,
  "summary_fg_median": 613.870849609375,
  "summary_fg_n": 35329.0,
  "summary_fg_p05": 413.567529296875,
  "summary_fg_p95": 1008.7475585937495,
  "summary_fg_stdv": 187.8068084716797,
  "tsnr": 27.683094639331102
}