{
  "aor": 0.006230875,
  "aqi": 0.009968388291666666,
  "bids_meta": {
    "AcquisitionNumber": 1,
    "AcquisitionTime": "15:34:42.152500",
    "BandwidthPerPixelPhaseEncode": 29.481,
    "ConversionSoftware": "dcm2niix",
    "ConversionSoftwareVersion": "v1.0.20170724 GCC4.4.7",
    "DeviceSerialNumber": "35414",
    "EchoTime": 0.025,
    "EffectiveEchoSpacing": 0.000530002,
    "FlipAngle": 90,
    "ImageType": [
      "ORIGINAL",
      "PRIMARY",
      "M",
      "ND",
      "MOSAIC"
    ],
    "InstitutionAddress": "Mikeletegi_69_San_Sebastian_District_ES_20009",
    "InstitutionName": "BCBL",
    "MagneticFieldStrength": 3,
    "Manufacturer": "Siemens",
    "ManufacturersModelName": "TrioTim",
    "PhaseEncodingDirection": "j-",
    "PhaseEncodingLines": 64,
    "ProcedureStepDescription": "CRANEO_FUNCIONAL",
    "ProtocolName": "ep2d_Didak_VF_L1_Run2",
    "RepetitionTime": 3,
    "ScanningSequence": "EP",
    "SequenceName": "_epfid2d1_64",
    "SequenceVariant": "SK",
    "SeriesDescription": "ep2d_Didak_VF_L1_Run2",
    "SliceTiming": [
      2.92,
      2.8525,
      2.7825,
      2.7125,
      2.6425,
      2.5725,
      2.5025,
      2.435,
      2.365,
      2.295,
      2.225,
      2.155,
      2.085,
      2.0175,
      1.9475,
      1.8775,
      1.8075,
      1.7375,
      1.6675,
      1.6,
      1.53,
      1.46,
      1.39,
      1.32,
      1.25,
      1.1825,
      1.1125,
      1.0425,
      0.9725,
      0.9025,
      0.835,
      0.765,
      0.695,
      0.625,
      0.555,
      0.485,
      0.4175,
      0.3475,
      0.2775,
      0.2075,
      0.1375,
      0.0675,
      0
    ],
    "SoftwareVersions": "syngo_MR_B17",
    "TaskName": "prodL1",
    "TotalReadoutTime": 0.0333901,
    "dataset": "ds003542",
    "modality": "bold",
    "run_id": 2,
    "subject_id": "27",
    "task_id": "prodL1"
  },
  "dummy_trs": 0,
  "dvars_nstd": 46.89529463619247,
  "dvars_std": 1.2339598553974895,
  "dvars_vstd": 1.018077327280335,
  "efc": 0.5643811222374328,
  "fber": 407.09185791015625,
  "fd_mean": 0.49795090613494897,
  "fd_num": 176,
  "fd_perc": 73.33333333333333,
  "fwhm_avg": 2.422999405776924,
  "fwhm_x": 2.3168933333333332,
  "fwhm_y": 2.49442,
  "fwhm_z": 2.457684883997439,
  "gcor": 0.0300098,
  "gsr_x": -0.009755331091582775,
  "gsr_y": 0.08887578547000885,
  "provenance": {
    "md5sum": "3e133d38a97ef09b212511fe5802908d",
    "settings": {
      "fd_thres": 0.2,
      "testing": false
    },
    "software": "mriqc",
    "version": "22.0.1",
    "webapi_port": null,
    "webapi_url": "https://mriqc.nimh.nih.gov/api/v1"
  },
  "size_t": 240,
  "size_x": 64,
  "size_y": 64,
  "size_z": 43,
  "snr": 2.8855327272289375,
  "spacing_tr": 3.0,
  "spacing_x": 3.0,
  "spacing_y": 3.0,
  "spacing_z": 3.299999952316284,
  "summary_bg_k": 32.53752949060933,
  "summary_bg_mad": 10.60060529674719,
  "summary_bg_mean": 62.56928634643555,
  "summary_bg_median": 32.10416793823242,
  "summary_bg_n": 102561.0,
  "summary_bg_p05": 24.225000381469727,
  "summary_bg_p95": 203.69168090820312,
  "summary_bg_stdv": 82.9663314819336,
  "summary_fg_k": 2.9957407604615582,
  "summary_fg_mad": 184.11450963231616,
  "summary_fg_mean": 707.626708984375,
  "summary_fg_median": 656.9583740234375,
  "summary_fg_n": 35247.0,
  "summary_fg_p05": 437.2175231933594,
  "summary_fg_p95": 1149.5075195312497,
  "summary_fg_stdv": 227.66993713378906,
  "tsnr": 39.43474052706733
}