{
  "aor": 0.00997175,
  "aqi": 0.010124760416666666,
  "bids_meta": {
    "AcquisitionNumber": 1,
    "AcquisitionTime": "18:55:45.677500",
    "BandwidthPerPixelPhaseEncode": 29.481,
    "ConversionSoftware": "dcm2niix",
    "ConversionSoftwareVersion": "v1.0.20170724 GCC4.4.7",
    "DeviceSerialNumber": "35414",
    "EchoTime": 0.025,
    "EffectiveEchoSpacing": 0.000530002,
    "FlipAngle": 90,
    "ImageType": [
      "ORIGINAL",
      "PRIMARY",
      "M",
      "ND",
      "MOSAIC"
    ],
    "InstitutionAddress": "Mikeletegi_69_San_Sebastian_District_ES_20009",
    "InstitutionName": "BCBL",
    "MagneticFieldStrength": 3,
    "Manufacturer": "Siemens",
    "ManufacturersModelName": "TrioTim",
    "PhaseEncodingDirection": "j-",
    "PhaseEncodingLines": 64,
    "ProcedureStepDescription": "CRANEO_FUNCIONAL",
    "ProtocolName": "ep2d_Didak_VF_L2_Run2",
    "RepetitionTime": 3,
    "ScanningSequence": "EP",
    "SequenceName": "_epfid2d1_64",
    "SequenceVariant": "SK",
    "SeriesDescription": "ep2d_Didak_VF_L2_Run2",
    "SliceTiming": [
      2.9225,
      2.8525,
      2.7825,
      2.7125,
      2.6425,
      2.575,
      2.505,
      2.435,
      2.365,
      2.295,
      2.225,
      2.1575,
      2.0875,
      2.0175,
      1.9475,
      1.8775,
      1.8075,
      1.74,
      1.67,
      1.6,
      1.53,
      1.46,
      1.3925,
      1.3225,
      1.2525,
      1.1825,
      1.1125,
      1.0425,
      0.975,
      0.905,
      0.835,
      0.765,
      0.695,
      0.625,
      0.5575,
      0.4875,
      0.4175,
      0.3475,
      0.2775,
      0.2075,
      0.14,
      0.07,
      0
    ],
    "SoftwareVersions": "syngo_MR_B17",
    "TaskName": "prodLn",
    "TotalReadoutTime": 0.0333901,
    "dataset": "ds003542",
    "modality": "bold",
    "run_id": 2,
    "subject_id": "29",
    "task_id": "prodLn"
  },
  "dummy_trs": 0,
  "dvars_nstd": 44.85790150527197,
  "dvars_std": 1.2363247328870295,
  "dvars_vstd": 1.0270093048117155,
  "efc": 0.5717981670400004,
  "fber": 385.8695373535156,
  "fd_mean": 0.484252620661431,
  "fd_num": 203,
  "fd_perc": 84.58333333333333,
  "fwhm_avg": 2.9416925684509336,
  "fwhm_x": 2.8546633333333333,
  "fwhm_y": 2.9697266666666664,
  "fwhm_z": 3.0006877053528003,
  "gcor": 0.0248168,
  "gsr_x": 0.0058719138614833355,
  "gsr_y": 0.11491595208644867,
  "provenance": {
    "md5sum": "772b92a5b8eee34fbf764aa8f29102d4",
    "settings": {
      "fd_thres": 0.2,
      "testing": false
    },
    "software": "mriqc",
    "version": "22.0.1",
    "webapi_port": null,
    "webapi_url": "https://mriqc.nimh.nih.gov/api/v1"
  },
  "size_t": 240,
  "size_x": 64,
  "size_y": 64,
  "size_z": 43,
  "snr": 2.2455198917662074,
  "spacing_tr": 3.0,
  "spacing_x": 3.0,
  "spacing_y": 3.0,
  "spacing_z": 3.3000001907348633,
  "summary_bg_k": 27.279320637785613,
  "summary_bg_mad": 19.341784647138887,
  "summary_bg_mean": 87.4620590209961,
  "summary_bg_median": 39.1583366394043,
  "summary_bg_n": 97497.0,
  "summary_bg_p05": 24.65416717529297,
  "summary_bg_p95": 313.67001953125,
  "summary_bg_stdv": 129.70474243164062,
  "summary_fg_k": 3.096668071433056,
  "summary_fg_mad": 281.2311083227814,
  "summary_fg_mean": 863.9263916015625,
  "summary_fg_median": 785.2250366210938,
  "summary_fg_n": 38423.0,
  "summary_fg_p05": 457.6354461669922,
  "summary_fg_p95": 1555.0301147460941,
  "summary_fg_stdv": 349.6806335449219,
  "tsnr": 34.60692995565478
}