{
  "aor": 0.0077701666666666665,
  "aqi": 0.006208092791666666,
  "bids_meta": {
    "AcquisitionNumber": 1,
    "AcquisitionTime": "18:40:54.905000",
    "BandwidthPerPixelPhaseEncode": 29.481,
    "ConversionSoftware": "dcm2niix",
    "ConversionSoftwareVersion": "v1.0.20170724 GCC4.4.7",
    "DeviceSerialNumber": "35414",
    "EchoTime": 0.025,
    "EffectiveEchoSpacing": 0.000530002,
    "FlipAngle": 90,
    "ImageType": [
      "ORIGINAL",
      "PRIMARY",
      "M",
      "ND",
      "MOSAIC"
    ],
    "InstitutionAddress": "Mikeletegi_69_San_Sebastian_District_ES_20009",
    "InstitutionName": "BCBL",
    "MagneticFieldStrength": 3,
    "Manufacturer": "Siemens",
    "ManufacturersModelName": "TrioTim",
    "PhaseEncodingDirection": "j-",
    "PhaseEncodingLines": 64,
    "ProcedureStepDescription": "CRANEO_FUNCIONAL",
    "ProtocolName": "ep2d_Didak_VF_L2_Run1",
    "RepetitionTime": 3,
    "ScanningSequence": "EP",
    "SequenceName": "_epfid2d1_64",
    "SequenceVariant": "SK",
    "SeriesDescription": "ep2d_Didak_VF_L2_Run1",
    "SliceTiming": [
      2.9225,
      2.8525,
      2.7825,
      2.7125,
      2.6425,
      2.5725,
      2.505,
      2.435,
      2.365,
      2.295,
      2.225,
      2.155,
      2.0875,
      2.0175,
      1.9475,
      1.8775,
      1.8075,
      1.7375,
      1.67,
      1.6,
      1.53,
      1.46,
      1.39,
      1.3225,
      1.2525,
      1.1825,
      1.1125,
      1.0425,
      0.9725,
      0.905,
      0.835,
      0.765,
      0.695,
      0.625,
      0.555,
      0.4875,
      0.4175,
      0.3475,
      0.2775,
      0.2075,
      0.1375,
      0.07,
      0
    ],
    "SoftwareVersions": "syngo_MR_B17",
    "TaskName": "prodLn",
    "TotalReadoutTime": 0.0333901,
    "dataset": "ds003542",
    "modality": "bold",
    "run_id": 1,
    "subject_id": "29",
    "task_id": "prodLn"
  },
  "dummy_trs": 0,
  "dvars_nstd": 38.041391021380754,
  "dvars_std": 1.2915204905439333,
  "dvars_vstd": 1.0348072597907951,
  "efc": 0.5704835626120216,
  "fber": 391.16192626953125,
  "fd_mean": 0.38976539443963465,
  "fd_num": 188,
  "fd_perc": 78.33333333333333,
  "fwhm_avg": 2.9529963059366477,
  "fwhm_x": 2.86413,
  "fwhm_y": 2.9999833333333332,
  "fwhm_z": 2.99487558447661,
  "gcor": 0.0323488,
  "gsr_x": 0.004316787235438824,
  "gsr_y": 0.11505589634180069,
  "provenance": {
    "md5sum": "a39aa6bef5c51b36d123d46394c066ed",
    "settings": {
      "fd_thres": 0.2,
      "testing": false
    },
    "software": "mriqc",
    "version": "22.0.1",
    "webapi_port": null,
    "webapi_url": "https://mriqc.nimh.nih.gov/api/v1"
  },
  "size_t": 240,
  "size_x": 64,
  "size_y": 64,
  "size_z": 43,
  "snr": 2.2294037987300768,
  "spacing_tr": 3.0,
  "spacing_x": 3.0,
  "spacing_y": 3.0,
  "spacing_z": 3.3000001907348633,
  "summary_bg_k": 27.163512860018987,
  "summary_bg_mad": 20.16956956614617,
  "summary_bg_mean": 86.87229919433594,
  "summary_bg_median": 39.020835876464844,
  "summary_bg_n": 97540.0,
  "summary_bg_p05": 22.30396032333374,
  "summary_bg_p95": 313.38001403808596,
  "summary_bg_stdv": 129.8484649658203,
  "summary_fg_k": 3.1088242485750657,
  "summary_fg_mad": 281.6326162600073,
  "summary_fg_mean": 864.6597900390625,
  "summary_fg_median": 784.9041748046875,
  "summary_fg_n": 38440.0,
  "summary_fg_p05": 457.43648834228514,
  "summary_fg_p95": 1570.78169555664,
  "summary_fg_stdv": 352.06451416015625,
  "tsnr": 45.72032599966042
}