{
  "aor": 0.008439791666666667,
  "aqi": 0.008688976333333332,
  "bids_meta": {
    "AcquisitionNumber": 1,
    "AcquisitionTime": "18:04:56.872500",
    "BandwidthPerPixelPhaseEncode": 29.481,
    "ConversionSoftware": "dcm2niix",
    "ConversionSoftwareVersion": "v1.0.20170724 GCC4.4.7",
    "DeviceSerialNumber": "35414",
    "EchoTime": 0.025,
    "EffectiveEchoSpacing": 0.000530002,
    "FlipAngle": 90,
    "ImageType": [
      "ORIGINAL",
      "PRIMARY",
      "M",
      "ND",
      "MOSAIC"
    ],
    "InstitutionAddress": "Mikeletegi_69_San_Sebastian_District_ES_20009",
    "InstitutionName": "BCBL",
    "MagneticFieldStrength": 3,
    "Manufacturer": "Siemens",
    "ManufacturersModelName": "TrioTim",
    "PhaseEncodingDirection": "j-",
    "PhaseEncodingLines": 64,
    "ProcedureStepDescription": "CRANEO_FUNCIONAL",
    "ProtocolName": "ep2d_Didak_VF_L2_Run1",
    "RepetitionTime": 3,
    "ScanningSequence": "EP",
    "SequenceName": "_epfid2d1_64",
    "SequenceVariant": "SK",
    "SeriesDescription": "ep2d_Didak_VF_L2_Run1",
    "SliceTiming": [
      2.9225,
      2.8525,
      2.7825,
      2.7125,
      2.6425,
      2.5725,
      2.505,
      2.435,
      2.365,
      2.295,
      2.225,
      2.1575,
      2.0875,
      2.0175,
      1.9475,
      1.8775,
      1.8075,
      1.74,
      1.67,
      1.6,
      1.53,
      1.46,
      1.39,
      1.3225,
      1.2525,
      1.1825,
      1.1125,
      1.0425,
      0.9725,
      0.905,
      0.835,
      0.765,
      0.695,
      0.625,
      0.555,
      0.4875,
      0.4175,
      0.3475,
      0.2775,
      0.2075,
      0.14,
      0.07,
      0
    ],
    "SoftwareVersions": "syngo_MR_B17",
    "TaskName": "prodLn",
    "TotalReadoutTime": 0.0333901,
    "dataset": "ds003542",
    "modality": "bold",
    "run_id": 1,
    "subject_id": "32",
    "task_id": "prodLn"
  },
  "dummy_trs": 0,
  "dvars_nstd": 38.51392801426778,
  "dvars_std": 1.239011153012553,
  "dvars_vstd": 0.9978839107531375,
  "efc": 0.5303633727712984,
  "fber": 468.0211486816406,
  "fd_mean": 0.3781559540254716,
  "fd_num": 160,
  "fd_perc": 66.66666666666667,
  "fwhm_avg": 2.7216475885676665,
  "fwhm_x": 2.62769,
  "fwhm_y": 2.8776466666666667,
  "fwhm_z": 2.659606099036334,
  "gcor": 0.0193289,
  "gsr_x": -0.008959885686635971,
  "gsr_y": 0.08209806680679321,
  "provenance": {
    "md5sum": "1bbb8e189b0a2c607f4c3fa817c6ab53",
    "settings": {
      "fd_thres": 0.2,
      "testing": false
    },
    "software": "mriqc",
    "version": "22.0.1",
    "webapi_port": null,
    "webapi_url": "https://mriqc.nimh.nih.gov/api/v1"
  },
  "size_t": 240,
  "size_x": 64,
  "size_y": 64,
  "size_z": 43,
  "snr": 2.9562101106023464,
  "spacing_tr": 3.0,
  "spacing_x": 3.0,
  "spacing_y": 3.0,
  "spacing_z": 3.299999952316284,
  "summary_bg_k": 41.744597032306295,
  "summary_bg_mad": 10.279376889819808,
  "summary_bg_mean": 60.372032165527344,
  "summary_bg_median": 31.558334350585938,
  "summary_bg_n": 111197.0,
  "summary_bg_p05": 23.94583511352539,
  "summary_bg_p95": 187.66750793457018,
  "summary_bg_stdv": 83.80131530761719,
  "summary_fg_k": 2.58362363374645,
  "summary_fg_mad": 195.24330158405962,
  "summary_fg_mean": 732.1827392578125,
  "summary_fg_median": 693.0458984375,
  "summary_fg_n": 28296.0,
  "summary_fg_p05": 422.0833511352539,
  "summary_fg_p95": 1183.4750366210938,
  "summary_fg_stdv": 234.4331512451172,
  "tsnr": 42.14268364070449
}