{
  "aor": 0.002899837837837838,
  "aqi": 0.0022254567297297296,
  "bids_meta": {
    "AcquisitionNumber": 1,
    "AcquisitionTime": "17:55:18.425000",
    "BandwidthPerPixelPhaseEncode": 28.409,
    "ConversionSoftware": "dcm2niix",
    "ConversionSoftwareVersion": "v1.0.20170724 GCC4.4.7",
    "DeviceSerialNumber": "35414",
    "EchoTime": 0.03,
    "EffectiveEchoSpacing": 0.000550002,
    "FlipAngle": 80,
    "ImageType": [
      "ORIGINAL",
      "PRIMARY",
      "FMRI",
      "NONE",
      "ND",
      "MOSAIC"
    ],
    "InstitutionAddress": "Mikeletegi_69_San_Sebastian_District_ES_20009",
    "InstitutionName": "BCBL",
    "MagneticFieldStrength": 3,
    "Manufacturer": "Siemens",
    "ManufacturersModelName": "TrioTim",
    "PhaseEncodingDirection": "j-",
    "PhaseEncodingLines": 64,
    "ProcedureStepDescription": "CRANEO_FUNCIONAL",
    "ProtocolName": "ep2d_PiN_L2_Run3",
    "RepetitionTime": 2,
    "ScanningSequence": "EP",
    "SequenceName": "_epfid2d1_64",
    "SequenceVariant": "SK",
    "SeriesDescription": "ep2d_PiN_L2_Run3",
    "SliceTiming": [
      1.925,
      1.8625,
      1.8,
      1.7375,
      1.6775,
      1.615,
      1.5525,
      1.49,
      1.4275,
      1.365,
      1.3025,
      1.2425,
      1.18,
      1.1175,
      1.055,
      0.9925,
      0.93,
      0.87,
      0.8075,
      0.745,
      0.6825,
      0.62,
      0.5575,
      0.4975,
      0.435,
      0.3725,
      0.31,
      0.2475,
      0.185,
      0.1225,
      0.0625,
      0
    ],
    "SoftwareVersions": "syngo_MR_B17",
    "TaskName": "compLn",
    "TotalReadoutTime": 0.0346501,
    "dataset": "ds003542",
    "modality": "bold",
    "run_id": 3,
    "subject_id": "32",
    "task_id": "compLn"
  },
  "dummy_trs": 1,
  "dvars_nstd": 19.506729747989137,
  "dvars_std": 1.28745673451087,
  "dvars_vstd": 1.0359869191304347,
  "efc": 0.4604159194128368,
  "fber": 1198.843505859375,
  "fd_mean": 0.17630424547438997,
  "fd_num": 56,
  "fd_perc": 30.27027027027027,
  "fwhm_avg": 2.6053828787878786,
  "fwhm_x": 2.5352378181818183,
  "fwhm_y": 2.830725818181818,
  "fwhm_z": 2.450185,
  "gcor": 0.0235319,
  "gsr_x": -0.01694454811513424,
  "gsr_y": 0.04953482374548912,
  "provenance": {
    "md5sum": "e763047ca96eae64b25b39a399754499",
    "settings": {
      "fd_thres": 0.2,
      "testing": false
    },
    "software": "mriqc",
    "version": "22.0.1",
    "webapi_port": null,
    "webapi_url": "https://mriqc.nimh.nih.gov/api/v1"
  },
  "size_t": 185,
  "size_x": 64,
  "size_y": 64,
  "size_z": 32,
  "snr": 3.2603690801212775,
  "spacing_tr": 2.0,
  "spacing_x": 3.4375,
  "spacing_y": 3.4375,
  "spacing_z": 4.0,
  "summary_bg_k": 62.40595013562981,
  "summary_bg_mad": 4.816453685988903,
  "summary_bg_mean": 31.512678146362305,
  "summary_bg_median": 15.848649024963379,
  "summary_bg_n": 87122.0,
  "summary_bg_p05": 12.356757164001465,
  "summary_bg_p95": 94.63189048767087,
  "summary_bg_stdv": 52.618953704833984,
  "summary_fg_k": 2.1071371974428175,
  "summary_fg_mad": 139.75729361809135,
  "summary_fg_mean": 579.2560424804688,
  "summary_fg_median": 553.7189331054688,
  "summary_fg_n": 16039.0,
  "summary_fg_p05": 346.99351501464844,
  "summary_fg_p95": 903.7221862792967,
  "summary_fg_stdv": 169.82791137695312,
  "tsnr": 105.01999551104382
}