{
  "aor": 0.002841451612903226,
  "aqi": 0.0018269198494623654,
  "bids_meta": {
    "AcquisitionNumber": 1,
    "AcquisitionTime": "15:54:6.105000",
    "BandwidthPerPixelPhaseEncode": 28.409,
    "ConversionSoftware": "dcm2niix",
    "ConversionSoftwareVersion": "v1.0.20170724 GCC4.4.7",
    "DeviceSerialNumber": "35414",
    "EchoTime": 0.03,
    "EffectiveEchoSpacing": 0.000550002,
    "FlipAngle": 80,
    "ImageType": [
      "ORIGINAL",
      "PRIMARY",
      "FMRI",
      "NONE",
      "ND",
      "MOSAIC"
    ],
    "InstitutionAddress": "Mikeletegi_69_San_Sebastian_District_ES_20009",
    "InstitutionName": "BCBL",
    "MagneticFieldStrength": 3,
    "Manufacturer": "Siemens",
    "ManufacturersModelName": "TrioTim",
    "PhaseEncodingDirection": "j-",
    "PhaseEncodingLines": 64,
    "ProcedureStepDescription": "CRANEO_FUNCIONAL",
    "ProtocolName": "ep2d_PiN_L1_Run1",
    "RepetitionTime": 2,
    "ScanningSequence": "EP",
    "SequenceName": "_epfid2d1_64",
    "SequenceVariant": "SK",
    "SeriesDescription": "ep2d_PiN_L1_Run1",
    "SliceTiming": [
      1.925,
      1.8625,
      1.8,
      1.7375,
      1.6775,
      1.615,
      1.5525,
      1.49,
      1.4275,
      1.365,
      1.305,
      1.2425,
      1.18,
      1.1175,
      1.055,
      0.9925,
      0.93,
      0.87,
      0.8075,
      0.745,
      0.6825,
      0.62,
      0.5575,
      0.4975,
      0.435,
      0.3725,
      0.31,
      0.2475,
      0.185,
      0.1225,
      0.0625,
      0
    ],
    "SoftwareVersions": "syngo_MR_B17",
    "TaskName": "compL1",
    "TotalReadoutTime": 0.0346501,
    "dataset": "ds003542",
    "modality": "bold",
    "run_id": 1,
    "subject_id": "32",
    "task_id": "compL1"
  },
  "dummy_trs": 0,
  "dvars_nstd": 17.994816321243256,
  "dvars_std": 1.2844224416756758,
  "dvars_vstd": 1.0275214264864867,
  "efc": 0.4579767928173171,
  "fber": 1383.67333984375,
  "fd_mean": 0.17066423427939129,
  "fd_num": 45,
  "fd_perc": 24.193548387096776,
  "fwhm_avg": 2.404139590909091,
  "fwhm_x": 2.3155869090909094,
  "fwhm_y": 2.5784843636363637,
  "fwhm_z": 2.3183475,
  "gcor": 0.0390857,
  "gsr_x": -0.015555917285382748,
  "gsr_y": 0.04590792953968048,
  "provenance": {
    "md5sum": "59c7743ef872546ab82253d3540aef59",
    "settings": {
      "fd_thres": 0.2,
      "testing": false
    },
    "software": "mriqc",
    "version": "22.0.1",
    "webapi_port": null,
    "webapi_url": "https://mriqc.nimh.nih.gov/api/v1"
  },
  "size_t": 186,
  "size_x": 64,
  "size_y": 64,
  "size_z": 32,
  "snr": 3.573693358085298,
  "spacing_tr": 2.0,
  "spacing_x": 3.4375,
  "spacing_y": 3.4375,
  "spacing_z": 4.0,
  "summary_bg_k": 70.76042421259892,
  "summary_bg_mad": 4.376068613867637,
  "summary_bg_mean": 30.29438018798828,
  "summary_bg_median": 15.188172340393066,
  "summary_bg_n": 87225.0,
  "summary_bg_p05": 12.005375862121582,
  "summary_bg_p95": 92.0548416137696,
  "summary_bg_stdv": 51.80268478393555,
  "summary_fg_k": 1.297663324068302,
  "summary_fg_mad": 142.27798433758215,
  "summary_fg_mean": 587.3525390625,
  "summary_fg_median": 569.1962280273438,
  "summary_fg_n": 16206.0,
  "summary_fg_p05": 358.4583282470703,
  "summary_fg_p95": 875.9072570800781,
  "summary_fg_stdv": 159.26902770996094,
  "tsnr": 110.59350490919314
}