{
  "aor": 0.0008347027027027027,
  "aqi": 0.0019322307081081082,
  "bids_meta": {
    "AcquisitionNumber": 1,
    "AcquisitionTime": "16:08:55.000000",
    "BandwidthPerPixelPhaseEncode": 28.409,
    "ConversionSoftware": "dcm2niix",
    "ConversionSoftwareVersion": "v1.0.20170724 GCC4.4.7",
    "DeviceSerialNumber": "35414",
    "EchoTime": 0.03,
    "EffectiveEchoSpacing": 0.000550002,
    "FlipAngle": 80,
    "ImageType": [
      "ORIGINAL",
      "PRIMARY",
      "FMRI",
      "NONE",
      "ND",
      "MOSAIC"
    ],
    "InstitutionAddress": "Mikeletegi_69_San_Sebastian_District_ES_20009",
    "InstitutionName": "BCBL",
    "MagneticFieldStrength": 3,
    "Manufacturer": "Siemens",
    "ManufacturersModelName": "TrioTim",
    "PhaseEncodingDirection": "j-",
    "PhaseEncodingLines": 64,
    "ProcedureStepDescription": "CRANEO_FUNCIONAL",
    "ProtocolName": "ep2d_PiN_L1_Run3",
    "RepetitionTime": 2,
    "ScanningSequence": "EP",
    "SequenceName": "_epfid2d1_64",
    "SequenceVariant": "SK",
    "SeriesDescription": "ep2d_PiN_L1_Run3",
    "SliceTiming": [
      1.925,
      1.8625,
      1.8025,
      1.74,
      1.6775,
      1.615,
      1.5525,
      1.49,
      1.43,
      1.3675,
      1.305,
      1.2425,
      1.18,
      1.1175,
      1.0575,
      0.995,
      0.9325,
      0.87,
      0.8075,
      0.745,
      0.6825,
      0.6225,
      0.56,
      0.4975,
      0.435,
      0.3725,
      0.31,
      0.25,
      0.1875,
      0.125,
      0.0625,
      0
    ],
    "SoftwareVersions": "syngo_MR_B17",
    "TaskName": "compL1",
    "TotalReadoutTime": 0.0346501,
    "dataset": "ds003542",
    "modality": "bold",
    "run_id": 3,
    "subject_id": "32",
    "task_id": "compL1"
  },
  "dummy_trs": 1,
  "dvars_nstd": 16.593340738749994,
  "dvars_std": 1.2128254010326085,
  "dvars_vstd": 0.9939507907065217,
  "efc": 0.4581921142273179,
  "fber": 1384.451171875,
  "fd_mean": 0.14995714487999573,
  "fd_num": 41,
  "fd_perc": 22.16216216216216,
  "fwhm_avg": 2.3952563939393943,
  "fwhm_x": 2.3014574545454547,
  "fwhm_y": 2.559816727272727,
  "fwhm_z": 2.324495,
  "gcor": 0.0366128,
  "gsr_x": -0.015745380893349648,
  "gsr_y": 0.04636984318494797,
  "provenance": {
    "md5sum": "2523b1357ef80ec5454474eca669918f",
    "settings": {
      "fd_thres": 0.2,
      "testing": false
    },
    "software": "mriqc",
    "version": "22.0.1",
    "webapi_port": null,
    "webapi_url": "https://mriqc.nimh.nih.gov/api/v1"
  },
  "size_t": 185,
  "size_x": 64,
  "size_y": 64,
  "size_z": 32,
  "snr": 3.596905400246285,
  "spacing_tr": 2.0,
  "spacing_x": 3.4375,
  "spacing_y": 3.4375,
  "spacing_z": 4.0,
  "summary_bg_k": 72.25770520007507,
  "summary_bg_mad": 4.307559964715595,
  "summary_bg_mean": 30.267200469970703,
  "summary_bg_median": 15.051351547241211,
  "summary_bg_n": 87298.0,
  "summary_bg_p05": 11.924324989318848,
  "summary_bg_p95": 92.55757293701168,
  "summary_bg_stdv": 52.215675354003906,
  "summary_fg_k": 1.293560163294778,
  "summary_fg_mad": 141.0795912815382,
  "summary_fg_mean": 583.1015014648438,
  "summary_fg_median": 565.7567749023438,
  "summary_fg_n": 16118.0,
  "summary_fg_p05": 357.06352081298826,
  "summary_fg_p95": 867.5538238525389,
  "summary_fg_stdv": 157.2849884033203,
  "tsnr": 110.12783054355532
}