{
  "aor": 0.0010496756756756755,
  "aqi": 0.0018994495945945946,
  "bids_meta": {
    "AcquisitionNumber": 1,
    "AcquisitionTime": "16:01:36.212500",
    "BandwidthPerPixelPhaseEncode": 28.409,
    "ConversionSoftware": "dcm2niix",
    "ConversionSoftwareVersion": "v1.0.20170724 GCC4.4.7",
    "DeviceSerialNumber": "35414",
    "EchoTime": 0.03,
    "EffectiveEchoSpacing": 0.000550002,
    "FlipAngle": 80,
    "ImageType": [
      "ORIGINAL",
      "PRIMARY",
      "FMRI",
      "NONE",
      "ND",
      "MOSAIC"
    ],
    "InstitutionAddress": "Mikeletegi_69_San_Sebastian_District_ES_20009",
    "InstitutionName": "BCBL",
    "MagneticFieldStrength": 3,
    "Manufacturer": "Siemens",
    "ManufacturersModelName": "TrioTim",
    "PhaseEncodingDirection": "j-",
    "PhaseEncodingLines": 64,
    "ProcedureStepDescription": "CRANEO_FUNCIONAL",
    "ProtocolName": "ep2d_PiN_L1_Run2",
    "RepetitionTime": 2,
    "ScanningSequence": "EP",
    "SequenceName": "_epfid2d1_64",
    "SequenceVariant": "SK",
    "SeriesDescription": "ep2d_PiN_L1_Run2",
    "SliceTiming": [
      1.925,
      1.8625,
      1.8,
      1.7375,
      1.675,
      1.615,
      1.5525,
      1.49,
      1.4275,
      1.365,
      1.3025,
      1.24,
      1.18,
      1.1175,
      1.055,
      0.9925,
      0.93,
      0.8675,
      0.8075,
      0.745,
      0.6825,
      0.62,
      0.5575,
      0.495,
      0.435,
      0.3725,
      0.31,
      0.2475,
      0.185,
      0.1225,
      0.06,
      0
    ],
    "SoftwareVersions": "syngo_MR_B17",
    "TaskName": "compL1",
    "TotalReadoutTime": 0.0346501,
    "dataset": "ds003542",
    "modality": "bold",
    "run_id": 2,
    "subject_id": "32",
    "task_id": "compL1"
  },
  "dummy_trs": 1,
  "dvars_nstd": 17.395470857391306,
  "dvars_std": 1.2495340546195657,
  "dvars_vstd": 1.0012834407065216,
  "efc": 0.4579910712736082,
  "fber": 1385.0081787109375,
  "fd_mean": 0.1554625718728809,
  "fd_num": 41,
  "fd_perc": 22.16216216216216,
  "fwhm_avg": 2.4169786666666666,
  "fwhm_x": 2.3230167272727273,
  "fwhm_y": 2.5981992727272725,
  "fwhm_z": 2.32972,
  "gcor": 0.0396028,
  "gsr_x": -0.015969838947057724,
  "gsr_y": 0.046408575028181076,
  "provenance": {
    "md5sum": "4ebe84a246026684b499c6c8ab542134",
    "settings": {
      "fd_thres": 0.2,
      "testing": false
    },
    "software": "mriqc",
    "version": "22.0.1",
    "webapi_port": null,
    "webapi_url": "https://mriqc.nimh.nih.gov/api/v1"
  },
  "size_t": 185,
  "size_x": 64,
  "size_y": 64,
  "size_z": 32,
  "snr": 3.6118252440022216,
  "spacing_tr": 2.0,
  "spacing_x": 3.4375,
  "spacing_y": 3.4375,
  "spacing_z": 4.0,
  "summary_bg_k": 72.65476915805473,
  "summary_bg_mad": 4.303552916406988,
  "summary_bg_mean": 30.226787567138672,
  "summary_bg_median": 15.097297668457031,
  "summary_bg_n": 87236.0,
  "summary_bg_p05": 12.0,
  "summary_bg_p95": 92.02162551879883,
  "summary_bg_stdv": 51.963348388671875,
  "summary_fg_k": 1.286913295324724,
  "summary_fg_mad": 140.48257784546698,
  "summary_fg_mean": 585.5776977539062,
  "summary_fg_median": 567.608154296875,
  "summary_fg_n": 16066.0,
  "summary_fg_p05": 360.09595489501953,
  "summary_fg_p95": 870.5108337402344,
  "summary_fg_stdv": 157.1478271484375,
  "tsnr": 114.0609347994905
}