{
  "aor": 0.0030987567567567578,
  "aqi": 0.0023767270540540537,
  "bids_meta": {
    "AcquisitionNumber": 1,
    "AcquisitionTime": "17:48:1.025000",
    "BandwidthPerPixelPhaseEncode": 28.409,
    "ConversionSoftware": "dcm2niix",
    "ConversionSoftwareVersion": "v1.0.20170724 GCC4.4.7",
    "DeviceSerialNumber": "35414",
    "EchoTime": 0.03,
    "EffectiveEchoSpacing": 0.000550002,
    "FlipAngle": 80,
    "ImageType": [
      "ORIGINAL",
      "PRIMARY",
      "FMRI",
      "NONE",
      "ND",
      "MOSAIC"
    ],
    "InstitutionAddress": "Mikeletegi_69_San_Sebastian_District_ES_20009",
    "InstitutionName": "BCBL",
    "MagneticFieldStrength": 3,
    "Manufacturer": "Siemens",
    "ManufacturersModelName": "TrioTim",
    "PhaseEncodingDirection": "j-",
    "PhaseEncodingLines": 64,
    "ProcedureStepDescription": "CRANEO_FUNCIONAL",
    "ProtocolName": "ep2d_PiN_L2_Run2",
    "RepetitionTime": 2,
    "ScanningSequence": "EP",
    "SequenceName": "_epfid2d1_64",
    "SequenceVariant": "SK",
    "SeriesDescription": "ep2d_PiN_L2_Run2",
    "SliceTiming": [
      1.925,
      1.865,
      1.8025,
      1.74,
      1.6775,
      1.615,
      1.5525,
      1.4925,
      1.43,
      1.3675,
      1.305,
      1.2425,
      1.18,
      1.1175,
      1.0575,
      0.995,
      0.9325,
      0.87,
      0.8075,
      0.745,
      0.685,
      0.6225,
      0.56,
      0.4975,
      0.435,
      0.3725,
      0.3125,
      0.25,
      0.1875,
      0.125,
      0.0625,
      0
    ],
    "SoftwareVersions": "syngo_MR_B17",
    "TaskName": "compLn",
    "TotalReadoutTime": 0.0346501,
    "dataset": "ds003542",
    "modality": "bold",
    "run_id": 2,
    "subject_id": "32",
    "task_id": "compLn"
  },
  "dummy_trs": 1,
  "dvars_nstd": 19.51375236211956,
  "dvars_std": 1.2494751464130427,
  "dvars_vstd": 1.024113347336957,
  "efc": 0.46029430931416526,
  "fber": 1200.5494384765625,
  "fd_mean": 0.190660767267132,
  "fd_num": 74,
  "fd_perc": 40.0,
  "fwhm_avg": 2.6213768333333336,
  "fwhm_x": 2.568256,
  "fwhm_y": 2.8107520000000004,
  "fwhm_z": 2.4851225,
  "gcor": 0.0498999,
  "gsr_x": -0.017210448160767555,
  "gsr_y": 0.049368809908628464,
  "provenance": {
    "md5sum": "1f73fe761b2278f23dd26a996172e936",
    "settings": {
      "fd_thres": 0.2,
      "testing": false
    },
    "software": "mriqc",
    "version": "22.0.1",
    "webapi_port": null,
    "webapi_url": "https://mriqc.nimh.nih.gov/api/v1"
  },
  "size_t": 185,
  "size_x": 64,
  "size_y": 64,
  "size_z": 32,
  "snr": 3.261644765699999,
  "spacing_tr": 2.0,
  "spacing_x": 3.4375,
  "spacing_y": 3.4375,
  "spacing_z": 4.0,
  "summary_bg_k": 63.45791478600138,
  "summary_bg_mad": 4.896594652161024,
  "summary_bg_mean": 31.518596649169922,
  "summary_bg_median": 15.891892433166504,
  "summary_bg_n": 87099.0,
  "summary_bg_p05": 12.31351375579834,
  "summary_bg_p95": 94.28162307739252,
  "summary_bg_stdv": 52.61007308959961,
  "summary_fg_k": 2.0141887246458747,
  "summary_fg_mad": 139.6450397086641,
  "summary_fg_mean": 581.7286987304688,
  "summary_fg_median": 555.7351684570312,
  "summary_fg_n": 16005.0,
  "summary_fg_p05": 350.10162353515625,
  "summary_fg_p95": 908.7135253906248,
  "summary_fg_stdv": 170.37962341308594,
  "tsnr": 99.63687681499869
}