{
  "aor": 0.003046505376344086,
  "aqi": 0.002472935338709678,
  "bids_meta": {
    "AcquisitionNumber": 1,
    "AcquisitionTime": "17:40:51.410000",
    "BandwidthPerPixelPhaseEncode": 28.409,
    "ConversionSoftware": "dcm2niix",
    "ConversionSoftwareVersion": "v1.0.20170724 GCC4.4.7",
    "DeviceSerialNumber": "35414",
    "EchoTime": 0.03,
    "EffectiveEchoSpacing": 0.000550002,
    "FlipAngle": 80,
    "ImageType": [
      "ORIGINAL",
      "PRIMARY",
      "FMRI",
      "NONE",
      "ND",
      "MOSAIC"
    ],
    "InstitutionAddress": "Mikeletegi_69_San_Sebastian_District_ES_20009",
    "InstitutionName": "BCBL",
    "MagneticFieldStrength": 3,
    "Manufacturer": "Siemens",
    "ManufacturersModelName": "TrioTim",
    "PhaseEncodingDirection": "j-",
    "PhaseEncodingLines": 64,
    "ProcedureStepDescription": "CRANEO_FUNCIONAL",
    "ProtocolName": "ep2d_PiN_L2_Run1",
    "RepetitionTime": 2,
    "ScanningSequence": "EP",
    "SequenceName": "_epfid2d1_64",
    "SequenceVariant": "SK",
    "SeriesDescription": "ep2d_PiN_L2_Run1",
    "SliceTiming": [
      1.925,
      1.8625,
      1.8,
      1.7375,
      1.675,
      1.615,
      1.5525,
      1.49,
      1.4275,
      1.365,
      1.3025,
      1.24,
      1.18,
      1.1175,
      1.055,
      0.9925,
      0.93,
      0.8675,
      0.8075,
      0.745,
      0.6825,
      0.62,
      0.5575,
      0.495,
      0.4325,
      0.3725,
      0.31,
      0.2475,
      0.185,
      0.1225,
      0.06,
      0
    ],
    "SoftwareVersions": "syngo_MR_B17",
    "TaskName": "compLn",
    "TotalReadoutTime": 0.0346501,
    "dataset": "ds003542",
    "modality": "bold",
    "run_id": 1,
    "subject_id": "32",
    "task_id": "compLn"
  },
  "dummy_trs": 0,
  "dvars_nstd": 19.048356216000002,
  "dvars_std": 1.229038048864865,
  "dvars_vstd": 1.0080860054594596,
  "efc": 0.459572231469465,
  "fber": 1222.470458984375,
  "fd_mean": 0.17813720465665286,
  "fd_num": 63,
  "fd_perc": 33.87096774193548,
  "fwhm_avg": 2.616779090909091,
  "fwhm_x": 2.5740887272727275,
  "fwhm_y": 2.8002385454545453,
  "fwhm_z": 2.47601,
  "gcor": 0.0279372,
  "gsr_x": -0.01716354303061962,
  "gsr_y": 0.04891306906938553,
  "provenance": {
    "md5sum": "a0a1454d4fc550714dbfeef69e918ffe",
    "settings": {
      "fd_thres": 0.2,
      "testing": false
    },
    "software": "mriqc",
    "version": "22.0.1",
    "webapi_port": null,
    "webapi_url": "https://mriqc.nimh.nih.gov/api/v1"
  },
  "size_t": 186,
  "size_x": 64,
  "size_y": 64,
  "size_z": 32,
  "snr": 3.279524162003392,
  "spacing_tr": 2.0,
  "spacing_x": 3.4375,
  "spacing_y": 3.4375,
  "spacing_z": 4.0,
  "summary_bg_k": 62.59766873451362,
  "summary_bg_mad": 4.726791384844957,
  "summary_bg_mean": 31.266460418701172,
  "summary_bg_median": 15.77419376373291,
  "summary_bg_n": 87118.0,
  "summary_bg_p05": 12.381720542907715,
  "summary_bg_p95": 93.05860290527325,
  "summary_bg_stdv": 52.14882278442383,
  "summary_fg_k": 2.1030022770845997,
  "summary_fg_mad": 139.45224893556068,
  "summary_fg_mean": 582.0437622070312,
  "summary_fg_median": 556.4515991210938,
  "summary_fg_n": 15951.0,
  "summary_fg_p05": 350.2903289794922,
  "summary_fg_p95": 905.4220581054688,
  "summary_fg_stdv": 169.66917419433594,
  "tsnr": 99.1395305339247
}