{
  "aor": 0.0039789583333333335,
  "aqi": 0.005856425208333333,
  "bids_meta": {
    "AcquisitionNumber": 1,
    "AcquisitionTime": "16:34:34.487500",
    "BandwidthPerPixelPhaseEncode": 29.481,
    "ConversionSoftware": "dcm2niix",
    "ConversionSoftwareVersion": "v1.0.20170724 GCC4.4.7",
    "DeviceSerialNumber": "35414",
    "EchoTime": 0.025,
    "EffectiveEchoSpacing": 0.000530002,
    "FlipAngle": 90,
    "ImageType": [
      "ORIGINAL",
      "PRIMARY",
      "M",
      "ND",
      "MOSAIC"
    ],
    "InstitutionAddress": "Mikeletegi_69_San_Sebastian_District_ES_20009",
    "InstitutionName": "BCBL",
    "MagneticFieldStrength": 3,
    "Manufacturer": "Siemens",
    "ManufacturersModelName": "TrioTim",
    "PhaseEncodingDirection": "j-",
    "PhaseEncodingLines": 64,
    "ProcedureStepDescription": "CRANEO_FUNCIONAL",
    "ProtocolName": "ep2d_Didak_VF_L1_Run2",
    "RepetitionTime": 3,
    "ScanningSequence": "EP",
    "SequenceName": "_epfid2d1_64",
    "SequenceVariant": "SK",
    "SeriesDescription": "ep2d_Didak_VF_L1_Run2",
    "SliceTiming": [
      2.9225,
      2.8525,
      2.7825,
      2.715,
      2.645,
      2.575,
      2.505,
      2.435,
      2.365,
      2.2975,
      2.2275,
      2.1575,
      2.0875,
      2.0175,
      1.9475,
      1.88,
      1.81,
      1.74,
      1.67,
      1.6,
      1.53,
      1.4625,
      1.3925,
      1.3225,
      1.2525,
      1.1825,
      1.115,
      1.045,
      0.975,
      0.905,
      0.835,
      0.765,
      0.6975,
      0.6275,
      0.5575,
      0.4875,
      0.4175,
      0.3475,
      0.28,
      0.21,
      0.14,
      0.07,
      0
    ],
    "SoftwareVersions": "syngo_MR_B17",
    "TaskName": "prodL1",
    "TotalReadoutTime": 0.0333901,
    "dataset": "ds003542",
    "modality": "bold",
    "run_id": 2,
    "subject_id": "32",
    "task_id": "prodL1"
  },
  "dummy_trs": 0,
  "dvars_nstd": 38.57269123899583,
  "dvars_std": 1.3601891058158995,
  "dvars_vstd": 1.0101962843096233,
  "efc": 0.527636252470364,
  "fber": 564.8335571289062,
  "fd_mean": 0.3486954918208183,
  "fd_num": 162,
  "fd_perc": 67.5,
  "fwhm_avg": 2.5435602140725933,
  "fwhm_x": 2.45513,
  "fwhm_y": 2.6732566666666666,
  "fwhm_z": 2.5022939755511135,
  "gcor": 0.0465757,
  "gsr_x": -0.0032101147808134556,
  "gsr_y": 0.07104363292455673,
  "provenance": {
    "md5sum": "f7f7d53ea124180b4f96ff7454784081",
    "settings": {
      "fd_thres": 0.2,
      "testing": false
    },
    "software": "mriqc",
    "version": "22.0.1",
    "webapi_port": null,
    "webapi_url": "https://mriqc.nimh.nih.gov/api/v1"
  },
  "size_t": 240,
  "size_x": 64,
  "size_y": 64,
  "size_z": 43,
  "snr": 3.257717575354473,
  "spacing_tr": 3.0,
  "spacing_x": 3.0,
  "spacing_y": 3.0,
  "spacing_z": 3.299999952316284,
  "summary_bg_k": 38.98986306668268,
  "summary_bg_mad": 8.883258481068687,
  "summary_bg_mean": 58.58198547363281,
  "summary_bg_median": 29.625001907348633,
  "summary_bg_n": 111278.0,
  "summary_bg_p05": 23.000001907348633,
  "summary_bg_p95": 189.00126495361323,
  "summary_bg_stdv": 81.57818603515625,
  "summary_fg_k": 1.6243403096206421,
  "summary_fg_mad": 196.0988474016171,
  "summary_fg_mean": 743.7919921875,
  "summary_fg_median": 713.0042114257812,
  "summary_fg_n": 28553.0,
  "summary_fg_p05": 440.13002319335936,
  "summary_fg_p95": 1147.5666992187498,
  "summary_fg_stdv": 218.8623504638672,
  "tsnr": 56.64218216156587
}