{
  "aor": 0.004502162162162162,
  "aqi": 0.0029737074054054045,
  "bids_meta": {
    "AcquisitionNumber": 1,
    "AcquisitionTime": "15:58:10.110000",
    "BandwidthPerPixelPhaseEncode": 28.409,
    "ConversionSoftware": "dcm2niix",
    "ConversionSoftwareVersion": "v1.0.20170724 GCC4.4.7",
    "DeviceSerialNumber": "35414",
    "EchoTime": 0.03,
    "EffectiveEchoSpacing": 0.000550002,
    "FlipAngle": 80,
    "ImageType": [
      "ORIGINAL",
      "PRIMARY",
      "FMRI",
      "NONE",
      "ND",
      "MOSAIC"
    ],
    "InstitutionAddress": "Mikeletegi_69_San_Sebastian_District_ES_20009",
    "InstitutionName": "BCBL",
    "MagneticFieldStrength": 3,
    "Manufacturer": "Siemens",
    "ManufacturersModelName": "TrioTim",
    "PhaseEncodingDirection": "j-",
    "PhaseEncodingLines": 64,
    "ProcedureStepDescription": "CRANEO_FUNCIONAL",
    "ProtocolName": "ep2d_PiN_L1_Run3",
    "RepetitionTime": 2,
    "ScanningSequence": "EP",
    "SequenceName": "_epfid2d1_64",
    "SequenceVariant": "SK",
    "SeriesDescription": "ep2d_PiN_L1_Run3",
    "SliceTiming": [
      1.925,
      1.8625,
      1.8,
      1.74,
      1.6775,
      1.615,
      1.5525,
      1.49,
      1.4275,
      1.365,
      1.305,
      1.2425,
      1.18,
      1.1175,
      1.055,
      0.9925,
      0.9325,
      0.87,
      0.8075,
      0.745,
      0.6825,
      0.62,
      0.56,
      0.4975,
      0.435,
      0.3725,
      0.31,
      0.2475,
      0.185,
      0.125,
      0.0625,
      0
    ],
    "SoftwareVersions": "syngo_MR_B17",
    "TaskName": "compL1",
    "TotalReadoutTime": 0.0346501,
    "dataset": "ds003542",
    "modality": "bold",
    "run_id": 3,
    "subject_id": "05",
    "task_id": "compL1"
  },
  "dummy_trs": 1,
  "dvars_nstd": 26.222665563749977,
  "dvars_std": 1.3219897000543488,
  "dvars_vstd": 1.0206826875000006,
  "efc": 0.48666306993032454,
  "fber": 892.3040771484375,
  "fd_mean": 0.22709529684697416,
  "fd_num": 86,
  "fd_perc": 46.486486486486484,
  "fwhm_avg": 2.836617909090909,
  "fwhm_x": 2.850874181818182,
  "fwhm_y": 2.9870545454545456,
  "fwhm_z": 2.671925,
  "gcor": 0.044453,
  "gsr_x": -0.02118828147649765,
  "gsr_y": 0.039766501635313034,
  "provenance": {
    "md5sum": "236c28f3ea3e7f5b71c6e084307adedf",
    "settings": {
      "fd_thres": 0.2,
      "testing": false
    },
    "software": "mriqc",
    "version": "22.0.1",
    "webapi_port": null,
    "webapi_url": "https://mriqc.nimh.nih.gov/api/v1"
  },
  "size_t": 185,
  "size_x": 64,
  "size_y": 64,
  "size_z": 32,
  "snr": 2.4897544497765596,
  "spacing_tr": 2.0,
  "spacing_x": 3.4375,
  "spacing_y": 3.4375,
  "spacing_z": 4.0,
  "summary_bg_k": 26.89740136075294,
  "summary_bg_mad": 9.28028994865979,
  "summary_bg_mean": 40.32344055175781,
  "summary_bg_median": 19.79459571838379,
  "summary_bg_n": 82629.0,
  "summary_bg_p05": 12.870270729064941,
  "summary_bg_p95": 144.5546020507812,
  "summary_bg_stdv": 58.44374084472656,
  "summary_fg_k": 2.835625242462865,
  "summary_fg_mad": 191.13551432771487,
  "summary_fg_mean": 660.0599365234375,
  "summary_fg_median": 606.6594848632812,
  "summary_fg_n": 19595.0,
  "summary_fg_p05": 370.9243469238281,
  "summary_fg_p95": 1147.4210937499997,
  "summary_fg_stdv": 243.65615844726562,
  "tsnr": 73.97063678386621
}