{
  "aor": 0.0032103783783783784,
  "aqi": 0.002750123189189189,
  "bids_meta": {
    "AcquisitionNumber": 1,
    "AcquisitionTime": "17:43:59.980000",
    "BandwidthPerPixelPhaseEncode": 28.409,
    "ConversionSoftware": "dcm2niix",
    "ConversionSoftwareVersion": "v1.0.20170724 GCC4.4.7",
    "DeviceSerialNumber": "35414",
    "EchoTime": 0.03,
    "EffectiveEchoSpacing": 0.000550002,
    "FlipAngle": 80,
    "ImageType": [
      "ORIGINAL",
      "PRIMARY",
      "FMRI",
      "NONE",
      "ND",
      "MOSAIC"
    ],
    "InstitutionAddress": "Mikeletegi_69_San_Sebastian_District_ES_20009",
    "InstitutionName": "BCBL",
    "MagneticFieldStrength": 3,
    "Manufacturer": "Siemens",
    "ManufacturersModelName": "TrioTim",
    "PhaseEncodingDirection": "j-",
    "PhaseEncodingLines": 64,
    "ProcedureStepDescription": "CRANEO_FUNCIONAL",
    "ProtocolName": "ep2d_PiN_L2_Run3",
    "RepetitionTime": 2,
    "ScanningSequence": "EP",
    "SequenceName": "_epfid2d1_64",
    "SequenceVariant": "SK",
    "SeriesDescription": "ep2d_PiN_L2_Run3",
    "SliceTiming": [
      1.925,
      1.8625,
      1.8,
      1.7375,
      1.675,
      1.615,
      1.5525,
      1.49,
      1.4275,
      1.365,
      1.3025,
      1.2425,
      1.18,
      1.1175,
      1.055,
      0.9925,
      0.93,
      0.8675,
      0.8075,
      0.745,
      0.6825,
      0.62,
      0.5575,
      0.495,
      0.435,
      0.3725,
      0.31,
      0.2475,
      0.185,
      0.1225,
      0.06,
      0
    ],
    "SoftwareVersions": "syngo_MR_B17",
    "TaskName": "compLn",
    "TotalReadoutTime": 0.0346501,
    "dataset": "ds003542",
    "modality": "bold",
    "run_id": 3,
    "subject_id": "05",
    "task_id": "compLn"
  },
  "dummy_trs": 1,
  "dvars_nstd": 26.432214042282613,
  "dvars_std": 1.2842804703804347,
  "dvars_vstd": 1.019288185706521,
  "efc": 0.500068108185676,
  "fber": 822.3193359375,
  "fd_mean": 0.2217286868515613,
  "fd_num": 89,
  "fd_perc": 48.108108108108105,
  "fwhm_avg": 2.6775679999999995,
  "fwhm_x": 2.6642152727272723,
  "fwhm_y": 2.8044887272727275,
  "fwhm_z": 2.564,
  "gcor": 0.0358982,
  "gsr_x": -0.01602252386510372,
  "gsr_y": 0.038522664457559586,
  "provenance": {
    "md5sum": "ba989113cefb96014870db90061ebe73",
    "settings": {
      "fd_thres": 0.2,
      "testing": false
    },
    "software": "mriqc",
    "version": "22.0.1",
    "webapi_port": null,
    "webapi_url": "https://mriqc.nimh.nih.gov/api/v1"
  },
  "size_t": 185,
  "size_x": 64,
  "size_y": 64,
  "size_z": 32,
  "snr": 2.8210691191364137,
  "spacing_tr": 2.0,
  "spacing_x": 3.4375,
  "spacing_y": 3.4375,
  "spacing_z": 4.0,
  "summary_bg_k": 24.48498371211803,
  "summary_bg_mad": 8.318601182433659,
  "summary_bg_mean": 40.58489227294922,
  "summary_bg_median": 19.27027130126953,
  "summary_bg_n": 82562.0,
  "summary_bg_p05": 13.140541076660156,
  "summary_bg_p95": 150.50757675170894,
  "summary_bg_stdv": 59.52326202392578,
  "summary_fg_k": 2.7521814279605996,
  "summary_fg_mad": 161.11476495642478,
  "summary_fg_mean": 604.5557250976562,
  "summary_fg_median": 566.232421875,
  "summary_fg_n": 19759.0,
  "summary_fg_p05": 352.81028137207034,
  "summary_fg_p95": 993.0600219726562,
  "summary_fg_stdv": 200.71046447753906,
  "tsnr": 73.6324687320739
}