{
  "aor": 0.0027347083333333333,
  "aqi": 0.010445465458333332,
  "bids_meta": {
    "AcquisitionNumber": 1,
    "AcquisitionTime": "15:13:40.245000",
    "BandwidthPerPixelPhaseEncode": 29.481,
    "ConversionSoftware": "dcm2niix",
    "ConversionSoftwareVersion": "v1.0.20170724 GCC4.4.7",
    "DeviceSerialNumber": "35414",
    "EchoTime": 0.025,
    "EffectiveEchoSpacing": 0.000530002,
    "FlipAngle": 90,
    "ImageType": [
      "ORIGINAL",
      "PRIMARY",
      "M",
      "ND",
      "MOSAIC"
    ],
    "InstitutionAddress": "Mikeletegi_69_San_Sebastian_District_ES_20009",
    "InstitutionName": "BCBL",
    "MagneticFieldStrength": 3,
    "Manufacturer": "Siemens",
    "ManufacturersModelName": "TrioTim",
    "PhaseEncodingDirection": "j-",
    "PhaseEncodingLines": 64,
    "ProcedureStepDescription": "CRANEO_FUNCIONAL",
    "ProtocolName": "ep2d_Didak_VF_L1_Run1",
    "RepetitionTime": 3,
    "ScanningSequence": "EP",
    "SequenceName": "_epfid2d1_64",
    "SequenceVariant": "SK",
    "SeriesDescription": "ep2d_Didak_VF_L1_Run1",
    "SliceTiming": [
      2.9225,
      2.8525,
      2.7825,
      2.7125,
      2.645,
      2.575,
      2.505,
      2.435,
      2.365,
      2.295,
      2.2275,
      2.1575,
      2.0875,
      2.0175,
      1.9475,
      1.8775,
      1.81,
      1.74,
      1.67,
      1.6,
      1.53,
      1.4625,
      1.3925,
      1.3225,
      1.2525,
      1.1825,
      1.1125,
      1.045,
      0.975,
      0.905,
      0.835,
      0.765,
      0.695,
      0.6275,
      0.5575,
      0.4875,
      0.4175,
      0.3475,
      0.2775,
      0.21,
      0.14,
      0.07,
      0
    ],
    "SoftwareVersions": "syngo_MR_B17",
    "TaskName": "prodL1",
    "TotalReadoutTime": 0.0333901,
    "dataset": "ds003542",
    "modality": "bold",
    "run_id": 1,
    "subject_id": "05",
    "task_id": "prodL1"
  },
  "dummy_trs": 0,
  "dvars_nstd": 54.518129492594134,
  "dvars_std": 1.2603197987866115,
  "dvars_vstd": 0.9608758813389127,
  "efc": 0.5562818759503135,
  "fber": 310.5821533203125,
  "fd_mean": 0.5538786578378981,
  "fd_num": 193,
  "fd_perc": 80.41666666666667,
  "fwhm_avg": 3.0967781961216327,
  "fwhm_x": 3.0974833333333334,
  "fwhm_y": 3.2231966666666665,
  "fwhm_z": 2.969654588364899,
  "gcor": 0.0399316,
  "gsr_x": -0.007737682666629553,
  "gsr_y": 0.07773850113153458,
  "provenance": {
    "md5sum": "f655a40d2486ad29a7cc14fd74d61b78",
    "settings": {
      "fd_thres": 0.2,
      "testing": false
    },
    "software": "mriqc",
    "version": "22.0.1",
    "webapi_port": null,
    "webapi_url": "https://mriqc.nimh.nih.gov/api/v1"
  },
  "size_t": 240,
  "size_x": 64,
  "size_y": 64,
  "size_z": 43,
  "snr": 2.126552776659802,
  "spacing_tr": 3.0,
  "spacing_x": 3.0,
  "spacing_y": 3.0,
  "spacing_z": 3.299999952316284,
  "summary_bg_k": 16.605926302672867,
  "summary_bg_mad": 24.27761132802923,
  "summary_bg_mean": 87.6013412475586,
  "summary_bg_median": 43.46666717529297,
  "summary_bg_n": 103429.0,
  "summary_bg_p05": 25.187501907348633,
  "summary_bg_p95": 312.1075195312497,
  "summary_bg_stdv": 112.77447509765625,
  "summary_fg_k": 3.62118138464733,
  "summary_fg_mad": 273.78108646930554,
  "summary_fg_mean": 867.959716796875,
  "summary_fg_median": 778.9417114257812,
  "summary_fg_n": 34317.0,
  "summary_fg_p05": 460.49501953125,
  "summary_fg_p95": 1613.4592285156245,
  "summary_fg_stdv": 366.2878112792969,
  "tsnr": 34.469513786025345
}