{
  "aor": 0.006227791666666665,
  "aqi": 0.013807884125000001,
  "bids_meta": {
    "AcquisitionNumber": 1,
    "AcquisitionTime": "16:54:22.722500",
    "BandwidthPerPixelPhaseEncode": 29.481,
    "ConversionSoftware": "dcm2niix",
    "ConversionSoftwareVersion": "v1.0.20170724 GCC4.4.7",
    "DeviceSerialNumber": "35414",
    "EchoTime": 0.025,
    "EffectiveEchoSpacing": 0.000530002,
    "FlipAngle": 90,
    "ImageType": [
      "ORIGINAL",
      "PRIMARY",
      "M",
      "ND",
      "MOSAIC"
    ],
    "InstitutionAddress": "Mikeletegi_69_San_Sebastian_District_ES_20009",
    "InstitutionName": "BCBL",
    "MagneticFieldStrength": 3,
    "Manufacturer": "Siemens",
    "ManufacturersModelName": "TrioTim",
    "PhaseEncodingDirection": "j-",
    "PhaseEncodingLines": 64,
    "ProcedureStepDescription": "CRANEO_FUNCIONAL",
    "ProtocolName": "ep2d_Didak_VF_L2_Run1",
    "RepetitionTime": 3,
    "ScanningSequence": "EP",
    "SequenceName": "_epfid2d1_64",
    "SequenceVariant": "SK",
    "SeriesDescription": "ep2d_Didak_VF_L2_Run1",
    "SliceTiming": [
      2.9225,
      2.8525,
      2.7825,
      2.715,
      2.645,
      2.575,
      2.505,
      2.435,
      2.365,
      2.2975,
      2.2275,
      2.1575,
      2.0875,
      2.0175,
      1.95,
      1.88,
      1.81,
      1.74,
      1.67,
      1.6,
      1.5325,
      1.4625,
      1.3925,
      1.3225,
      1.2525,
      1.1825,
      1.115,
      1.045,
      0.975,
      0.905,
      0.835,
      0.765,
      0.6975,
      0.6275,
      0.5575,
      0.4875,
      0.4175,
      0.35,
      0.28,
      0.21,
      0.14,
      0.07,
      0
    ],
    "SoftwareVersions": "syngo_MR_B17",
    "TaskName": "prodLn",
    "TotalReadoutTime": 0.0333901,
    "dataset": "ds003542",
    "modality": "bold",
    "run_id": 1,
    "subject_id": "05",
    "task_id": "prodLn"
  },
  "dummy_trs": 0,
  "dvars_nstd": 65.97862532924685,
  "dvars_std": 1.2798172455648535,
  "dvars_vstd": 1.0130474452719667,
  "efc": 0.5705708304616515,
  "fber": 295.87335205078125,
  "fd_mean": 0.8268298646238313,
  "fd_num": 216,
  "fd_perc": 90.0,
  "fwhm_avg": 2.893973649807029,
  "fwhm_x": 2.859916666666667,
  "fwhm_y": 3.030913333333333,
  "fwhm_z": 2.791090949421087,
  "gcor": 0.022017,
  "gsr_x": -0.007603793870657682,
  "gsr_y": 0.08087268471717834,
  "provenance": {
    "md5sum": "d6cbfbf415f84f66dbdb40b3f8ebffab",
    "settings": {
      "fd_thres": 0.2,
      "testing": false
    },
    "software": "mriqc",
    "version": "22.0.1",
    "webapi_port": null,
    "webapi_url": "https://mriqc.nimh.nih.gov/api/v1"
  },
  "size_t": 240,
  "size_x": 64,
  "size_y": 64,
  "size_z": 43,
  "snr": 2.502204863658464,
  "spacing_tr": 3.0,
  "spacing_x": 3.0,
  "spacing_y": 3.0,
  "spacing_z": 3.299999952316284,
  "summary_bg_k": 14.44675522324679,
  "summary_bg_mad": 20.29312069363474,
  "summary_bg_mean": 81.10934448242188,
  "summary_bg_median": 41.083335876464844,
  "summary_bg_n": 103303.0,
  "summary_bg_p05": 25.683334350585938,
  "summary_bg_p95": 282.66667175292946,
  "summary_bg_stdv": 99.48661804199219,
  "summary_fg_k": 3.6679797520084954,
  "summary_fg_mad": 222.71469725656743,
  "summary_fg_mean": 781.0422973632812,
  "summary_fg_median": 719.5562744140625,
  "summary_fg_n": 34548.0,
  "summary_fg_p05": 442.4344116210938,
  "summary_fg_p95": 1341.0103271484377,
  "summary_fg_stdv": 287.5647277832031,
  "tsnr": 30.99234666506527
}