{
  "aor": 0.001576216216216216,
  "aqi": 0.0035110938378378376,
  "bids_meta": {
    "AcquisitionNumber": 1,
    "AcquisitionTime": "15:50:52.780000",
    "BandwidthPerPixelPhaseEncode": 28.409,
    "ConversionSoftware": "dcm2niix",
    "ConversionSoftwareVersion": "v1.0.20170724 GCC4.4.7",
    "DeviceSerialNumber": "35414",
    "EchoTime": 0.03,
    "EffectiveEchoSpacing": 0.000550002,
    "FlipAngle": 80,
    "ImageType": [
      "ORIGINAL",
      "PRIMARY",
      "FMRI",
      "NONE",
      "ND",
      "MOSAIC"
    ],
    "InstitutionAddress": "Mikeletegi_69_San_Sebastian_District_ES_20009",
    "InstitutionName": "BCBL",
    "MagneticFieldStrength": 3,
    "Manufacturer": "Siemens",
    "ManufacturersModelName": "TrioTim",
    "PhaseEncodingDirection": "j-",
    "PhaseEncodingLines": 64,
    "ProcedureStepDescription": "CRANEO_FUNCIONAL",
    "ProtocolName": "ep2d_PiN_L1_Run2",
    "RepetitionTime": 2,
    "ScanningSequence": "EP",
    "SequenceName": "_epfid2d1_64",
    "SequenceVariant": "SK",
    "SeriesDescription": "ep2d_PiN_L1_Run2",
    "SliceTiming": [
      1.925,
      1.8625,
      1.8,
      1.7375,
      1.675,
      1.6125,
      1.5525,
      1.49,
      1.4275,
      1.365,
      1.3025,
      1.24,
      1.18,
      1.1175,
      1.055,
      0.9925,
      0.93,
      0.8675,
      0.805,
      0.745,
      0.6825,
      0.62,
      0.5575,
      0.495,
      0.4325,
      0.3725,
      0.31,
      0.2475,
      0.185,
      0.1225,
      0.06,
      0
    ],
    "SoftwareVersions": "syngo_MR_B17",
    "TaskName": "compL1",
    "TotalReadoutTime": 0.0346501,
    "dataset": "ds003542",
    "modality": "bold",
    "run_id": 2,
    "subject_id": "05",
    "task_id": "compL1"
  },
  "dummy_trs": 1,
  "dvars_nstd": 24.169813254402175,
  "dvars_std": 1.214318389728261,
  "dvars_vstd": 0.9592007614130438,
  "efc": 0.48702589723647866,
  "fber": 884.7216796875,
  "fd_mean": 0.18667086097192068,
  "fd_num": 68,
  "fd_perc": 36.75675675675676,
  "fwhm_avg": 2.8386301515151513,
  "fwhm_x": 2.86032,
  "fwhm_y": 2.9729454545454543,
  "fwhm_z": 2.682625,
  "gcor": 0.0384328,
  "gsr_x": -0.021136574447155,
  "gsr_y": 0.0405646413564682,
  "provenance": {
    "md5sum": "b6da9e902514c7a3f4d01686dfef8ee4",
    "settings": {
      "fd_thres": 0.2,
      "testing": false
    },
    "software": "mriqc",
    "version": "22.0.1",
    "webapi_port": null,
    "webapi_url": "https://mriqc.nimh.nih.gov/api/v1"
  },
  "size_t": 185,
  "size_x": 64,
  "size_y": 64,
  "size_z": 32,
  "snr": 2.4651342891923766,
  "spacing_tr": 2.0,
  "spacing_x": 3.4375,
  "spacing_y": 3.4375,
  "spacing_z": 4.0,
  "summary_bg_k": 27.19961415778096,
  "summary_bg_mad": 9.095964312544256,
  "summary_bg_mean": 40.659080505371094,
  "summary_bg_median": 19.978378295898438,
  "summary_bg_n": 82536.0,
  "summary_bg_p05": 13.324324607849121,
  "summary_bg_p95": 144.44865798950195,
  "summary_bg_stdv": 58.928585052490234,
  "summary_fg_k": 2.940344561621866,
  "summary_fg_mad": 192.50590788222226,
  "summary_fg_mean": 666.6983032226562,
  "summary_fg_median": 610.6216430664062,
  "summary_fg_n": 19621.0,
  "summary_fg_p05": 375.08648681640625,
  "summary_fg_p95": 1162.3243408203125,
  "summary_fg_stdv": 247.69688415527344,
  "tsnr": 71.11088965041563
}