{
  "aor": 0.008725791666666666,
  "aqi": 0.007986817458333333,
  "bids_meta": {
    "AcquisitionNumber": 1,
    "AcquisitionTime": "15:22:2.482500",
    "BandwidthPerPixelPhaseEncode": 29.481,
    "ConversionSoftware": "dcm2niix",
    "ConversionSoftwareVersion": "v1.0.20170724 GCC4.4.7",
    "DeviceSerialNumber": "35414",
    "EchoTime": 0.025,
    "EffectiveEchoSpacing": 0.000530002,
    "FlipAngle": 90,
    "ImageType": [
      "ORIGINAL",
      "PRIMARY",
      "M",
      "ND",
      "MOSAIC"
    ],
    "InstitutionAddress": "Mikeletegi_69_San_Sebastian_District_ES_20009",
    "InstitutionName": "BCBL",
    "MagneticFieldStrength": 3,
    "Manufacturer": "Siemens",
    "ManufacturersModelName": "TrioTim",
    "PhaseEncodingDirection": "j-",
    "PhaseEncodingLines": 64,
    "ProcedureStepDescription": "CRANEO_FUNCIONAL",
    "ProtocolName": "ep2d_Didak_VF_L1_Run1",
    "RepetitionTime": 3,
    "ScanningSequence": "EP",
    "SequenceName": "_epfid2d1_64",
    "SequenceVariant": "SK",
    "SeriesDescription": "ep2d_Didak_VF_L1_Run1",
    "SliceTiming": [
      2.92,
      2.8525,
      2.7825,
      2.7125,
      2.6425,
      2.5725,
      2.5025,
      2.435,
      2.365,
      2.295,
      2.225,
      2.155,
      2.085,
      2.0175,
      1.9475,
      1.8775,
      1.8075,
      1.7375,
      1.6675,
      1.6,
      1.53,
      1.46,
      1.39,
      1.32,
      1.2525,
      1.1825,
      1.1125,
      1.0425,
      0.9725,
      0.9025,
      0.835,
      0.765,
      0.695,
      0.625,
      0.555,
      0.485,
      0.4175,
      0.3475,
      0.2775,
      0.2075,
      0.1375,
      0.0675,
      0
    ],
    "SoftwareVersions": "syngo_MR_B17",
    "TaskName": "prodL1",
    "TotalReadoutTime": 0.0333901,
    "dataset": "ds003542",
    "modality": "bold",
    "run_id": 1,
    "subject_id": "34",
    "task_id": "prodL1"
  },
  "dummy_trs": 0,
  "dvars_nstd": 29.92254498677824,
  "dvars_std": 1.098805230669457,
  "dvars_vstd": 0.9581021556066952,
  "efc": 0.5576475311071046,
  "fber": 379.15203857421875,
  "fd_mean": 0.27034541580550947,
  "fd_num": 127,
  "fd_perc": 52.916666666666664,
  "fwhm_avg": 2.8066220337318626,
  "fwhm_x": 2.67333,
  "fwhm_y": 2.9374966666666666,
  "fwhm_z": 2.8090394345289207,
  "gcor": 0.032577,
  "gsr_x": 0.0035528596490621567,
  "gsr_y": 0.09442906826734543,
  "provenance": {
    "md5sum": "ac69238b4f959cf0890675378d05afd9",
    "settings": {
      "fd_thres": 0.2,
      "testing": false
    },
    "software": "mriqc",
    "version": "22.0.1",
    "webapi_port": null,
    "webapi_url": "https://mriqc.nimh.nih.gov/api/v1"
  },
  "size_t": 240,
  "size_x": 64,
  "size_y": 64,
  "size_z": 43,
  "snr": 2.740815045608619,
  "spacing_tr": 3.0,
  "spacing_x": 3.0,
  "spacing_y": 3.0,
  "spacing_z": 3.299999952316284,
  "summary_bg_k": 24.52694104927086,
  "summary_bg_mad": 13.590519393688247,
  "summary_bg_mean": 69.6871566772461,
  "summary_bg_median": 33.38750076293945,
  "summary_bg_n": 106684.0,
  "summary_bg_p05": 23.312501907348633,
  "summary_bg_p95": 244.51979980468695,
  "summary_bg_stdv": 94.7371597290039,
  "summary_fg_k": 2.475293377184478,
  "summary_fg_mad": 200.38603278407192,
  "summary_fg_mean": 701.054931640625,
  "summary_fg_median": 652.2916870117188,
  "summary_fg_n": 32235.0,
  "summary_fg_p05": 411.45293884277345,
  "summary_fg_p95": 1169.8137817382812,
  "summary_fg_stdv": 237.98817443847656,
  "tsnr": 41.11517576035112
}