{
  "aor": 0.012011208333333334,
  "aqi": 0.005507735625,
  "bids_meta": {
    "AcquisitionNumber": 1,
    "AcquisitionTime": "15:36:51.002500",
    "BandwidthPerPixelPhaseEncode": 29.481,
    "ConversionSoftware": "dcm2niix",
    "ConversionSoftwareVersion": "v1.0.20170724 GCC4.4.7",
    "DeviceSerialNumber": "35414",
    "EchoTime": 0.025,
    "EffectiveEchoSpacing": 0.000530002,
    "FlipAngle": 90,
    "ImageType": [
      "ORIGINAL",
      "PRIMARY",
      "M",
      "ND",
      "MOSAIC"
    ],
    "InstitutionAddress": "Mikeletegi_69_San_Sebastian_District_ES_20009",
    "InstitutionName": "BCBL",
    "MagneticFieldStrength": 3,
    "Manufacturer": "Siemens",
    "ManufacturersModelName": "TrioTim",
    "PhaseEncodingDirection": "j-",
    "PhaseEncodingLines": 64,
    "ProcedureStepDescription": "CRANEO_FUNCIONAL",
    "ProtocolName": "ep2d_Didak_VF_L1_Run2",
    "RepetitionTime": 3,
    "ScanningSequence": "EP",
    "SequenceName": "_epfid2d1_64",
    "SequenceVariant": "SK",
    "SeriesDescription": "ep2d_Didak_VF_L1_Run2",
    "SliceTiming": [
      2.9225,
      2.8525,
      2.7825,
      2.7125,
      2.6425,
      2.575,
      2.505,
      2.435,
      2.365,
      2.295,
      2.225,
      2.1575,
      2.0875,
      2.0175,
      1.9475,
      1.8775,
      1.8075,
      1.74,
      1.67,
      1.6,
      1.53,
      1.46,
      1.3925,
      1.3225,
      1.2525,
      1.1825,
      1.1125,
      1.0425,
      0.975,
      0.905,
      0.835,
      0.765,
      0.695,
      0.625,
      0.5575,
      0.4875,
      0.4175,
      0.3475,
      0.2775,
      0.2075,
      0.14,
      0.07,
      0
    ],
    "SoftwareVersions": "syngo_MR_B17",
    "TaskName": "prodL1",
    "TotalReadoutTime": 0.0333901,
    "dataset": "ds003542",
    "modality": "bold",
    "run_id": 2,
    "subject_id": "34",
    "task_id": "prodL1"
  },
  "dummy_trs": 0,
  "dvars_nstd": 29.05333570853557,
  "dvars_std": 1.2306929743933055,
  "dvars_vstd": 1.0673522359832637,
  "efc": 0.5573784070763474,
  "fber": 384.8774719238281,
  "fd_mean": 0.3024147165839064,
  "fd_num": 121,
  "fd_perc": 50.416666666666664,
  "fwhm_avg": 2.787386276091913,
  "fwhm_x": 2.651073333333333,
  "fwhm_y": 2.915373333333333,
  "fwhm_z": 2.7957121616090737,
  "gcor": 0.031847,
  "gsr_x": 0.006380497012287378,
  "gsr_y": 0.09516981989145279,
  "provenance": {
    "md5sum": "dd66acb56111cb06b90f680055b76ddd",
    "settings": {
      "fd_thres": 0.2,
      "testing": false
    },
    "software": "mriqc",
    "version": "22.0.1",
    "webapi_port": null,
    "webapi_url": "https://mriqc.nimh.nih.gov/api/v1"
  },
  "size_t": 240,
  "size_x": 64,
  "size_y": 64,
  "size_z": 43,
  "snr": 2.7836953752310722,
  "spacing_tr": 3.0,
  "spacing_x": 3.0,
  "spacing_y": 3.0,
  "spacing_z": 3.299999952316284,
  "summary_bg_k": 25.005046939923023,
  "summary_bg_mad": 13.009836729658108,
  "summary_bg_mean": 68.66806030273438,
  "summary_bg_median": 32.72500228881836,
  "summary_bg_n": 106861.0,
  "summary_bg_p05": 22.629167556762695,
  "summary_bg_p95": 243.56251525878906,
  "summary_bg_stdv": 93.84001159667969,
  "summary_fg_k": 2.33718026961081,
  "summary_fg_mad": 196.0926940232688,
  "summary_fg_mean": 692.7601928710938,
  "summary_fg_median": 644.933349609375,
  "summary_fg_n": 32211.0,
  "summary_fg_p05": 407.2687683105469,
  "summary_fg_p95": 1145.5062866210938,
  "summary_fg_stdv": 231.67884826660156,
  "tsnr": 49.420602632453665
}