{
  "aor": 0.002092741935483871,
  "aqi": 0.0020462311827956986,
  "bids_meta": {
    "AcquisitionNumber": 1,
    "AcquisitionTime": "15:43:42.182500",
    "BandwidthPerPixelPhaseEncode": 28.409,
    "ConversionSoftware": "dcm2niix",
    "ConversionSoftwareVersion": "v1.0.20170724 GCC4.4.7",
    "DeviceSerialNumber": "35414",
    "EchoTime": 0.03,
    "EffectiveEchoSpacing": 0.000550002,
    "FlipAngle": 80,
    "ImageType": [
      "ORIGINAL",
      "PRIMARY",
      "FMRI",
      "NONE",
      "ND",
      "MOSAIC"
    ],
    "InstitutionAddress": "Mikeletegi_69_San_Sebastian_District_ES_20009",
    "InstitutionName": "BCBL",
    "MagneticFieldStrength": 3,
    "Manufacturer": "Siemens",
    "ManufacturersModelName": "TrioTim",
    "PhaseEncodingDirection": "j-",
    "PhaseEncodingLines": 64,
    "ProcedureStepDescription": "CRANEO_FUNCIONAL",
    "ProtocolName": "ep2d_PiN_L1_Run1",
    "RepetitionTime": 2,
    "ScanningSequence": "EP",
    "SequenceName": "_epfid2d1_64",
    "SequenceVariant": "SK",
    "SeriesDescription": "ep2d_PiN_L1_Run1",
    "SliceTiming": [
      1.925,
      1.8625,
      1.8,
      1.74,
      1.6775,
      1.615,
      1.5525,
      1.49,
      1.4275,
      1.365,
      1.305,
      1.2425,
      1.18,
      1.1175,
      1.055,
      0.9925,
      0.9325,
      0.87,
      0.8075,
      0.745,
      0.6825,
      0.62,
      0.5575,
      0.4975,
      0.435,
      0.3725,
      0.31,
      0.2475,
      0.185,
      0.125,
      0.0625,
      0
    ],
    "SoftwareVersions": "syngo_MR_B17",
    "TaskName": "compL1",
    "TotalReadoutTime": 0.0346501,
    "dataset": "ds003542",
    "modality": "bold",
    "run_id": 1,
    "subject_id": "05",
    "task_id": "compL1"
  },
  "dummy_trs": 0,
  "dvars_nstd": 23.173960252594608,
  "dvars_std": 1.3446298475675675,
  "dvars_vstd": 1.0132116807567568,
  "efc": 0.48686273940527275,
  "fber": 896.0929565429688,
  "fd_mean": 0.1704003105575264,
  "fd_num": 52,
  "fd_perc": 27.956989247311828,
  "fwhm_avg": 2.835553090909091,
  "fwhm_x": 2.8362065454545453,
  "fwhm_y": 2.9829527272727274,
  "fwhm_z": 2.6875,
  "gcor": 0.0514036,
  "gsr_x": -0.02107277698814869,
  "gsr_y": 0.04146207123994827,
  "provenance": {
    "md5sum": "101bf601b4397f8cebd2225949694a01",
    "settings": {
      "fd_thres": 0.2,
      "testing": false
    },
    "software": "mriqc",
    "version": "22.0.1",
    "webapi_port": null,
    "webapi_url": "https://mriqc.nimh.nih.gov/api/v1"
  },
  "size_t": 186,
  "size_x": 64,
  "size_y": 64,
  "size_z": 32,
  "snr": 2.4915869869105007,
  "spacing_tr": 2.0,
  "spacing_x": 3.4375,
  "spacing_y": 3.4375,
  "spacing_z": 4.0,
  "summary_bg_k": 27.90443742231038,
  "summary_bg_mad": 8.915541094682691,
  "summary_bg_mean": 40.545780181884766,
  "summary_bg_median": 19.857526779174805,
  "summary_bg_n": 82582.0,
  "summary_bg_p05": 13.33360185623169,
  "summary_bg_p95": 144.748653411865,
  "summary_bg_stdv": 58.90403366088867,
  "summary_fg_k": 2.7700619797422803,
  "summary_fg_mad": 191.45494705667755,
  "summary_fg_mean": 664.122314453125,
  "summary_fg_median": 609.3171997070312,
  "summary_fg_n": 19577.0,
  "summary_fg_p05": 375.38818359375,
  "summary_fg_p95": 1155.8386962890627,
  "summary_fg_stdv": 244.54359436035156,
  "tsnr": 88.33661570213735
}