{
  "aor": 0.004317583333333333,
  "aqi": 0.007623519666666667,
  "bids_meta": {
    "AcquisitionNumber": 1,
    "AcquisitionTime": "15:27:35.782500",
    "BandwidthPerPixelPhaseEncode": 29.481,
    "ConversionSoftware": "dcm2niix",
    "ConversionSoftwareVersion": "v1.0.20170724 GCC4.4.7",
    "DeviceSerialNumber": "35414",
    "EchoTime": 0.025,
    "EffectiveEchoSpacing": 0.000530002,
    "FlipAngle": 90,
    "ImageType": [
      "ORIGINAL",
      "PRIMARY",
      "M",
      "ND",
      "MOSAIC"
    ],
    "InstitutionAddress": "Mikeletegi_69_San_Sebastian_District_ES_20009",
    "InstitutionName": "BCBL",
    "MagneticFieldStrength": 3,
    "Manufacturer": "Siemens",
    "ManufacturersModelName": "TrioTim",
    "PhaseEncodingDirection": "j-",
    "PhaseEncodingLines": 64,
    "ProcedureStepDescription": "CRANEO_FUNCIONAL",
    "ProtocolName": "ep2d_Didak_VF_L1_Run2",
    "RepetitionTime": 3,
    "ScanningSequence": "EP",
    "SequenceName": "_epfid2d1_64",
    "SequenceVariant": "SK",
    "SeriesDescription": "ep2d_Didak_VF_L1_Run2",
    "SliceTiming": [
      2.92,
      2.8525,
      2.7825,
      2.7125,
      2.6425,
      2.5725,
      2.5025,
      2.435,
      2.365,
      2.295,
      2.225,
      2.155,
      2.085,
      2.0175,
      1.9475,
      1.8775,
      1.8075,
      1.7375,
      1.67,
      1.6,
      1.53,
      1.46,
      1.39,
      1.32,
      1.2525,
      1.1825,
      1.1125,
      1.0425,
      0.9725,
      0.9025,
      0.835,
      0.765,
      0.695,
      0.625,
      0.555,
      0.485,
      0.4175,
      0.3475,
      0.2775,
      0.2075,
      0.1375,
      0.0675,
      0
    ],
    "SoftwareVersions": "syngo_MR_B17",
    "TaskName": "prodL1",
    "TotalReadoutTime": 0.0333901,
    "dataset": "ds003542",
    "modality": "bold",
    "run_id": 2,
    "subject_id": "05",
    "task_id": "prodL1"
  },
  "dummy_trs": 0,
  "dvars_nstd": 50.996290622175735,
  "dvars_std": 1.3360826743514647,
  "dvars_vstd": 1.00998228497908,
  "efc": 0.5568945810181897,
  "fber": 320.68768310546875,
  "fd_mean": 0.5176034833127264,
  "fd_num": 195,
  "fd_perc": 81.25,
  "fwhm_avg": 3.0429782968541264,
  "fwhm_x": 3.0335033333333334,
  "fwhm_y": 3.1834133333333337,
  "fwhm_z": 2.912018223895712,
  "gcor": 0.0347287,
  "gsr_x": -0.009097465313971043,
  "gsr_y": 0.07662513107061386,
  "provenance": {
    "md5sum": "8344363dc2244b4d4897f7c9cc785dc9",
    "settings": {
      "fd_thres": 0.2,
      "testing": false
    },
    "software": "mriqc",
    "version": "22.0.1",
    "webapi_port": null,
    "webapi_url": "https://mriqc.nimh.nih.gov/api/v1"
  },
  "size_t": 240,
  "size_x": 64,
  "size_y": 64,
  "size_z": 43,
  "snr": 2.178212060355927,
  "spacing_tr": 3.0,
  "spacing_x": 3.0,
  "spacing_y": 3.0,
  "spacing_z": 3.299999952316284,
  "summary_bg_k": 16.543125829056358,
  "summary_bg_mad": 23.23361264287678,
  "summary_bg_mean": 85.86905670166016,
  "summary_bg_median": 42.63750076293945,
  "summary_bg_n": 103243.0,
  "summary_bg_p05": 25.166667938232422,
  "summary_bg_p95": 307.7621063232414,
  "summary_bg_stdv": 109.53108215332031,
  "summary_fg_k": 3.514088181922432,
  "summary_fg_mad": 267.8506775952832,
  "summary_fg_mean": 863.9884643554688,
  "summary_fg_median": 778.7250366210938,
  "summary_fg_n": 34255.0,
  "summary_fg_p05": 463.5071075439453,
  "summary_fg_p95": 1591.3621704101563,
  "summary_fg_stdv": 357.5013122558594,
  "tsnr": 42.72762137185782
}