{
  "aor": 0.00704016129032258,
  "aqi": 0.003940556290322581,
  "bids_meta": {
    "AcquisitionNumber": 1,
    "AcquisitionTime": "17:36:46.025000",
    "BandwidthPerPixelPhaseEncode": 28.409,
    "ConversionSoftware": "dcm2niix",
    "ConversionSoftwareVersion": "v1.0.20170724 GCC4.4.7",
    "DeviceSerialNumber": "35414",
    "EchoTime": 0.03,
    "EffectiveEchoSpacing": 0.000550002,
    "FlipAngle": 80,
    "ImageType": [
      "ORIGINAL",
      "PRIMARY",
      "FMRI",
      "NONE",
      "ND",
      "MOSAIC"
    ],
    "InstitutionAddress": "Mikeletegi_69_San_Sebastian_District_ES_20009",
    "InstitutionName": "BCBL",
    "MagneticFieldStrength": 3,
    "Manufacturer": "Siemens",
    "ManufacturersModelName": "TrioTim",
    "PhaseEncodingDirection": "j-",
    "PhaseEncodingLines": 64,
    "ProcedureStepDescription": "CRANEO_FUNCIONAL",
    "ProtocolName": "ep2d_PiN_L2_Run2",
    "RepetitionTime": 2,
    "ScanningSequence": "EP",
    "SequenceName": "_epfid2d1_64",
    "SequenceVariant": "SK",
    "SeriesDescription": "ep2d_PiN_L2_Run2",
    "SliceTiming": [
      1.925,
      1.865,
      1.8025,
      1.74,
      1.6775,
      1.615,
      1.5525,
      1.4925,
      1.43,
      1.3675,
      1.305,
      1.2425,
      1.18,
      1.1175,
      1.0575,
      0.995,
      0.9325,
      0.87,
      0.8075,
      0.745,
      0.685,
      0.6225,
      0.56,
      0.4975,
      0.435,
      0.3725,
      0.31,
      0.25,
      0.1875,
      0.125,
      0.0625,
      0
    ],
    "SoftwareVersions": "syngo_MR_B17",
    "TaskName": "compLn",
    "TotalReadoutTime": 0.0346501,
    "dataset": "ds003542",
    "modality": "bold",
    "run_id": 2,
    "subject_id": "05",
    "task_id": "compLn"
  },
  "dummy_trs": 0,
  "dvars_nstd": 25.25283386632432,
  "dvars_std": 1.226127263837838,
  "dvars_vstd": 1.0181278056216214,
  "efc": 0.5014683697829914,
  "fber": 790.2005615234375,
  "fd_mean": 0.2536698630153197,
  "fd_num": 86,
  "fd_perc": 46.236559139784944,
  "fwhm_avg": 2.635520696969697,
  "fwhm_x": 2.6126080000000003,
  "fwhm_y": 2.7720290909090908,
  "fwhm_z": 2.521925,
  "gcor": 0.0345626,
  "gsr_x": -0.016237547621130943,
  "gsr_y": 0.038658078759908676,
  "provenance": {
    "md5sum": "23e7893639b3ed683312e86103d5e891",
    "settings": {
      "fd_thres": 0.2,
      "testing": false
    },
    "software": "mriqc",
    "version": "22.0.1",
    "webapi_port": null,
    "webapi_url": "https://mriqc.nimh.nih.gov/api/v1"
  },
  "size_t": 186,
  "size_x": 64,
  "size_y": 64,
  "size_z": 32,
  "snr": 2.847942363551145,
  "spacing_tr": 2.0,
  "spacing_x": 3.4375,
  "spacing_y": 3.4375,
  "spacing_z": 4.0,
  "summary_bg_k": 25.037900986886,
  "summary_bg_mad": 8.194166355159314,
  "summary_bg_mean": 40.05093002319336,
  "summary_bg_median": 19.607526779174805,
  "summary_bg_n": 82420.0,
  "summary_bg_p05": 13.306451797485352,
  "summary_bg_p95": 144.83925170898442,
  "summary_bg_stdv": 57.33538055419922,
  "summary_fg_k": 2.617432981267145,
  "summary_fg_mad": 160.75074285715152,
  "summary_fg_mean": 602.0624389648438,
  "summary_fg_median": 564.4381713867188,
  "summary_fg_n": 19812.0,
  "summary_fg_p05": 351.2225799560547,
  "summary_fg_p95": 989.7478668212893,
  "summary_fg_stdv": 198.1865692138672,
  "tsnr": 63.853619469329715
}