{
  "aor": 0.018532795698924732,
  "aqi": 0.0033372457903225804,
  "bids_meta": {
    "AcquisitionNumber": 1,
    "AcquisitionTime": "17:29:27.315000",
    "BandwidthPerPixelPhaseEncode": 28.409,
    "ConversionSoftware": "dcm2niix",
    "ConversionSoftwareVersion": "v1.0.20170724 GCC4.4.7",
    "DeviceSerialNumber": "35414",
    "EchoTime": 0.03,
    "EffectiveEchoSpacing": 0.000550002,
    "FlipAngle": 80,
    "ImageType": [
      "ORIGINAL",
      "PRIMARY",
      "FMRI",
      "NONE",
      "ND",
      "MOSAIC"
    ],
    "InstitutionAddress": "Mikeletegi_69_San_Sebastian_District_ES_20009",
    "InstitutionName": "BCBL",
    "MagneticFieldStrength": 3,
    "Manufacturer": "Siemens",
    "ManufacturersModelName": "TrioTim",
    "PhaseEncodingDirection": "j-",
    "PhaseEncodingLines": 64,
    "ProcedureStepDescription": "CRANEO_FUNCIONAL",
    "ProtocolName": "ep2d_PiN_L2_Run1",
    "RepetitionTime": 2,
    "ScanningSequence": "EP",
    "SequenceName": "_epfid2d1_64",
    "SequenceVariant": "SK",
    "SeriesDescription": "ep2d_PiN_L2_Run1",
    "SliceTiming": [
      1.9275,
      1.865,
      1.8025,
      1.74,
      1.6775,
      1.615,
      1.5525,
      1.4925,
      1.43,
      1.3675,
      1.305,
      1.2425,
      1.18,
      1.12,
      1.0575,
      0.995,
      0.9325,
      0.87,
      0.8075,
      0.7475,
      0.685,
      0.6225,
      0.56,
      0.4975,
      0.435,
      0.3725,
      0.3125,
      0.25,
      0.1875,
      0.125,
      0.0625,
      0
    ],
    "SoftwareVersions": "syngo_MR_B17",
    "TaskName": "compLn",
    "TotalReadoutTime": 0.0346501,
    "dataset": "ds003542",
    "modality": "bold",
    "run_id": 1,
    "subject_id": "05",
    "task_id": "compLn"
  },
  "dummy_trs": 0,
  "dvars_nstd": 25.300753696972986,
  "dvars_std": 1.3687293326486485,
  "dvars_vstd": 1.1753053258918926,
  "efc": 0.5012684141666345,
  "fber": 794.4462280273438,
  "fd_mean": 0.34016006466894533,
  "fd_num": 91,
  "fd_perc": 48.924731182795696,
  "fwhm_avg": 2.646709606060606,
  "fwhm_x": 2.6400116363636363,
  "fwhm_y": 2.7756421818181822,
  "fwhm_z": 2.524475,
  "gcor": 0.0237069,
  "gsr_x": -0.01718170754611492,
  "gsr_y": 0.03994419425725937,
  "provenance": {
    "md5sum": "32663363bcc287e5f38f773902649dbf",
    "settings": {
      "fd_thres": 0.2,
      "testing": false
    },
    "software": "mriqc",
    "version": "22.0.1",
    "webapi_port": null,
    "webapi_url": "https://mriqc.nimh.nih.gov/api/v1"
  },
  "size_t": 186,
  "size_x": 64,
  "size_y": 64,
  "size_z": 32,
  "snr": 2.8921314346911102,
  "spacing_tr": 2.0,
  "spacing_x": 3.4375,
  "spacing_y": 3.4375,
  "spacing_z": 4.0,
  "summary_bg_k": 25.22555086375872,
  "summary_bg_mad": 7.779675807640663,
  "summary_bg_mean": 39.532386779785156,
  "summary_bg_median": 19.456989288330078,
  "summary_bg_n": 82573.0,
  "summary_bg_p05": 13.768816947937012,
  "summary_bg_p95": 141.8924682617186,
  "summary_bg_stdv": 56.23970031738281,
  "summary_fg_k": 2.4053463918524143,
  "summary_fg_mad": 158.28371321649212,
  "summary_fg_mean": 595.4278564453125,
  "summary_fg_median": 559.1989135742188,
  "summary_fg_n": 19694.0,
  "summary_fg_p05": 349.68655853271486,
  "summary_fg_p95": 967.6314514160151,
  "summary_fg_stdv": 193.346923828125,
  "tsnr": 61.59112316835672
}