{
  "aor": 0.005788958333333333,
  "aqi": 0.013924102624999999,
  "bids_meta": {
    "AcquisitionNumber": 1,
    "AcquisitionTime": "17:07:53.652500",
    "BandwidthPerPixelPhaseEncode": 29.481,
    "ConversionSoftware": "dcm2niix",
    "ConversionSoftwareVersion": "v1.0.20170724 GCC4.4.7",
    "DeviceSerialNumber": "35414",
    "EchoTime": 0.025,
    "EffectiveEchoSpacing": 0.000530002,
    "FlipAngle": 90,
    "ImageType": [
      "ORIGINAL",
      "PRIMARY",
      "M",
      "ND",
      "MOSAIC"
    ],
    "InstitutionAddress": "Mikeletegi_69_San_Sebastian_District_ES_20009",
    "InstitutionName": "BCBL",
    "MagneticFieldStrength": 3,
    "Manufacturer": "Siemens",
    "ManufacturersModelName": "TrioTim",
    "PhaseEncodingDirection": "j-",
    "PhaseEncodingLines": 64,
    "ProcedureStepDescription": "CRANEO_FUNCIONAL",
    "ProtocolName": "ep2d_Didak_VF_L2_Run2",
    "RepetitionTime": 3,
    "ScanningSequence": "EP",
    "SequenceName": "_epfid2d1_64",
    "SequenceVariant": "SK",
    "SeriesDescription": "ep2d_Didak_VF_L2_Run2",
    "SliceTiming": [
      2.9225,
      2.8525,
      2.7825,
      2.7125,
      2.645,
      2.575,
      2.505,
      2.435,
      2.365,
      2.295,
      2.2275,
      2.1575,
      2.0875,
      2.0175,
      1.9475,
      1.8775,
      1.81,
      1.74,
      1.67,
      1.6,
      1.53,
      1.46,
      1.3925,
      1.3225,
      1.2525,
      1.1825,
      1.1125,
      1.045,
      0.975,
      0.905,
      0.835,
      0.765,
      0.695,
      0.6275,
      0.5575,
      0.4875,
      0.4175,
      0.3475,
      0.2775,
      0.21,
      0.14,
      0.07,
      0
    ],
    "SoftwareVersions": "syngo_MR_B17",
    "TaskName": "prodLn",
    "TotalReadoutTime": 0.0333901,
    "dataset": "ds003542",
    "modality": "bold",
    "run_id": 2,
    "subject_id": "05",
    "task_id": "prodLn"
  },
  "dummy_trs": 0,
  "dvars_nstd": 62.424536333891254,
  "dvars_std": 1.2600879358577404,
  "dvars_vstd": 0.9918948111297068,
  "efc": 0.5718221030892643,
  "fber": 279.53302001953125,
  "fd_mean": 0.7525738790265899,
  "fd_num": 219,
  "fd_perc": 91.25,
  "fwhm_avg": 2.9210975893291615,
  "fwhm_x": 2.9014633333333335,
  "fwhm_y": 3.0441233333333333,
  "fwhm_z": 2.8177061013208173,
  "gcor": 0.0261771,
  "gsr_x": -0.007499388884752989,
  "gsr_y": 0.07636342942714691,
  "provenance": {
    "md5sum": "be96122c13ba951d4999d4865f050d03",
    "settings": {
      "fd_thres": 0.2,
      "testing": false
    },
    "software": "mriqc",
    "version": "22.0.1",
    "webapi_port": null,
    "webapi_url": "https://mriqc.nimh.nih.gov/api/v1"
  },
  "size_t": 240,
  "size_x": 64,
  "size_y": 64,
  "size_z": 43,
  "snr": 2.4424001489029563,
  "spacing_tr": 3.0,
  "spacing_x": 3.0,
  "spacing_y": 3.0,
  "spacing_z": 3.299999952316284,
  "summary_bg_k": 15.303985193064438,
  "summary_bg_mad": 20.997357312992765,
  "summary_bg_mean": 82.23616027832031,
  "summary_bg_median": 42.19166946411133,
  "summary_bg_n": 102879.0,
  "summary_bg_p05": 26.58333396911621,
  "summary_bg_p95": 282.714190673828,
  "summary_bg_stdv": 99.85045623779297,
  "summary_fg_k": 3.438838686468145,
  "summary_fg_mad": 232.5523656454668,
  "summary_fg_mean": 787.688232421875,
  "summary_fg_median": 723.9979248046875,
  "summary_fg_n": 34610.0,
  "summary_fg_p05": 439.23168487548827,
  "summary_fg_p95": 1369.4465576171872,
  "summary_fg_stdv": 296.4245910644531,
  "tsnr": 30.99754101410508
}