{
  "aor": 0.007871791666666666,
  "aqi": 0.003986862375,
  "bids_meta": {
    "AcquisitionNumber": 1,
    "AcquisitionTime": "16:02:15.662500",
    "BandwidthPerPixelPhaseEncode": 29.481,
    "ConversionSoftware": "dcm2niix",
    "ConversionSoftwareVersion": "v1.0.20170724 GCC4.4.7",
    "DeviceSerialNumber": "35414",
    "EchoTime": 0.025,
    "EffectiveEchoSpacing": 0.000530002,
    "FlipAngle": 90,
    "ImageType": [
      "ORIGINAL",
      "PRIMARY",
      "M",
      "ND",
      "MOSAIC"
    ],
    "InstitutionAddress": "Mikeletegi_69_San_Sebastian_District_ES_20009",
    "InstitutionName": "BCBL",
    "MagneticFieldStrength": 3,
    "Manufacturer": "Siemens",
    "ManufacturersModelName": "TrioTim",
    "PhaseEncodingDirection": "j-",
    "PhaseEncodingLines": 64,
    "ProcedureStepDescription": "CRANEO_FUNCIONAL",
    "ProtocolName": "ep2d_Didak_VF_L1_Run2",
    "RepetitionTime": 3,
    "ScanningSequence": "EP",
    "SequenceName": "_epfid2d1_64",
    "SequenceVariant": "SK",
    "SeriesDescription": "ep2d_Didak_VF_L1_Run2",
    "SliceTiming": [
      2.92,
      2.8525,
      2.7825,
      2.7125,
      2.6425,
      2.5725,
      2.505,
      2.435,
      2.365,
      2.295,
      2.225,
      2.155,
      2.0875,
      2.0175,
      1.9475,
      1.8775,
      1.8075,
      1.7375,
      1.67,
      1.6,
      1.53,
      1.46,
      1.39,
      1.32,
      1.2525,
      1.1825,
      1.1125,
      1.0425,
      0.9725,
      0.9025,
      0.835,
      0.765,
      0.695,
      0.625,
      0.555,
      0.4875,
      0.4175,
      0.3475,
      0.2775,
      0.2075,
      0.1375,
      0.07,
      0
    ],
    "SoftwareVersions": "syngo_MR_B17",
    "TaskName": "prodL1",
    "TotalReadoutTime": 0.0333901,
    "dataset": "ds003542",
    "modality": "bold",
    "run_id": 2,
    "subject_id": "03",
    "task_id": "prodL1"
  },
  "dummy_trs": 0,
  "dvars_nstd": 27.54508364857741,
  "dvars_std": 1.3963320048953973,
  "dvars_vstd": 1.07661401,
  "efc": 0.6014482858509271,
  "fber": 234.40582275390625,
  "fd_mean": 0.2218784364122777,
  "fd_num": 96,
  "fd_perc": 40.0,
  "fwhm_avg": 3.092419082088391,
  "fwhm_x": 3.0347733333333333,
  "fwhm_y": 3.0524533333333337,
  "fwhm_z": 3.190030579598506,
  "gcor": 0.06414,
  "gsr_x": -0.024502240121364594,
  "gsr_y": 0.1429404318332672,
  "provenance": {
    "md5sum": "792b88d72cac418b562d61ab3672fe2f",
    "settings": {
      "fd_thres": 0.2,
      "testing": false
    },
    "software": "mriqc",
    "version": "22.0.1",
    "webapi_port": null,
    "webapi_url": "https://mriqc.nimh.nih.gov/api/v1"
  },
  "size_t": 240,
  "size_x": 64,
  "size_y": 64,
  "size_z": 43,
  "snr": 2.1982560835146416,
  "spacing_tr": 3.0,
  "spacing_x": 3.0,
  "spacing_y": 3.0,
  "spacing_z": 3.299999713897705,
  "summary_bg_k": 22.803704817226333,
  "summary_bg_mad": 31.57325012197079,
  "summary_bg_mean": 109.90069580078125,
  "summary_bg_median": 50.47916793823242,
  "summary_bg_n": 94350.0,
  "summary_bg_p05": 27.66250228881836,
  "summary_bg_p95": 401.13647766113286,
  "summary_bg_stdv": 150.9235382080078,
  "summary_fg_k": 5.494075248987613,
  "summary_fg_mad": 281.7006653852707,
  "summary_fg_mean": 887.8432006835938,
  "summary_fg_median": 810.362548828125,
  "summary_fg_n": 41325.0,
  "summary_fg_p05": 466.3050170898438,
  "summary_fg_p95": 1587.6708740234374,
  "summary_fg_stdv": 368.6343688964844,
  "tsnr": 70.5618969257921
}