{
  "aor": 0.0011602702702702703,
  "aqi": 0.0016074949621621623,
  "bids_meta": {
    "AcquisitionNumber": 1,
    "AcquisitionTime": "15:20:42.522500",
    "BandwidthPerPixelPhaseEncode": 28.409,
    "ConversionSoftware": "dcm2niix",
    "ConversionSoftwareVersion": "v1.0.20170724 GCC4.4.7",
    "DeviceSerialNumber": "35414",
    "EchoTime": 0.03,
    "EffectiveEchoSpacing": 0.000550002,
    "FlipAngle": 80,
    "ImageType": [
      "ORIGINAL",
      "PRIMARY",
      "FMRI",
      "NONE",
      "ND",
      "MOSAIC"
    ],
    "InstitutionAddress": "Mikeletegi_69_San_Sebastian_District_ES_20009",
    "InstitutionName": "BCBL",
    "MagneticFieldStrength": 3,
    "Manufacturer": "Siemens",
    "ManufacturersModelName": "TrioTim",
    "PhaseEncodingDirection": "j-",
    "PhaseEncodingLines": 64,
    "ProcedureStepDescription": "CRANEO_FUNCIONAL",
    "ProtocolName": "ep2d_PiN_L1_Run1",
    "RepetitionTime": 2,
    "ScanningSequence": "EP",
    "SequenceName": "_epfid2d1_64",
    "SequenceVariant": "SK",
    "SeriesDescription": "ep2d_PiN_L1_Run1",
    "SliceTiming": [
      1.925,
      1.865,
      1.8025,
      1.74,
      1.6775,
      1.615,
      1.5525,
      1.49,
      1.43,
      1.3675,
      1.305,
      1.2425,
      1.18,
      1.1175,
      1.0575,
      0.995,
      0.9325,
      0.87,
      0.8075,
      0.745,
      0.685,
      0.6225,
      0.56,
      0.4975,
      0.435,
      0.3725,
      0.31,
      0.25,
      0.1875,
      0.125,
      0.0625,
      0
    ],
    "SoftwareVersions": "syngo_MR_B17",
    "TaskName": "compL1",
    "TotalReadoutTime": 0.0346501,
    "dataset": "ds003542",
    "modality": "bold",
    "run_id": 1,
    "subject_id": "03",
    "task_id": "compL1"
  },
  "dummy_trs": 1,
  "dvars_nstd": 17.378288921793477,
  "dvars_std": 1.2622909876086954,
  "dvars_vstd": 0.9996370087499997,
  "efc": 0.5170981002622285,
  "fber": 820.849365234375,
  "fd_mean": 0.1468666354293063,
  "fd_num": 32,
  "fd_perc": 17.2972972972973,
  "fwhm_avg": 3.1450948484848484,
  "fwhm_x": 3.1157527272727275,
  "fwhm_y": 3.211781818181818,
  "fwhm_z": 3.10775,
  "gcor": 0.0198793,
  "gsr_x": -0.027430862188339233,
  "gsr_y": 0.1069641038775444,
  "provenance": {
    "md5sum": "9adc0d3de519cf5eed8fbd5609d0b906",
    "settings": {
      "fd_thres": 0.2,
      "testing": false
    },
    "software": "mriqc",
    "version": "22.0.1",
    "webapi_port": null,
    "webapi_url": "https://mriqc.nimh.nih.gov/api/v1"
  },
  "size_t": 185,
  "size_x": 64,
  "size_y": 64,
  "size_z": 32,
  "snr": 2.197131662880871,
  "spacing_tr": 2.0,
  "spacing_x": 3.4375,
  "spacing_y": 3.4375,
  "spacing_z": 4.0,
  "summary_bg_k": 39.08829436745963,
  "summary_bg_mad": 11.748621809323504,
  "summary_bg_mean": 57.08474349975586,
  "summary_bg_median": 22.735136032104492,
  "summary_bg_n": 77447.0,
  "summary_bg_p05": 14.31891918182373,
  "summary_bg_p95": 224.3702804565429,
  "summary_bg_stdv": 94.85321044921875,
  "summary_fg_k": 4.865190968243622,
  "summary_fg_mad": 235.35310294794834,
  "summary_fg_mean": 741.720947265625,
  "summary_fg_median": 675.654052734375,
  "summary_fg_n": 23446.0,
  "summary_fg_p05": 394.1229934692383,
  "summary_fg_p95": 1341.8675842285156,
  "summary_fg_stdv": 307.5098571777344,
  "tsnr": 119.7971290256828
}