{
  "aor": 0.0012534594594594594,
  "aqi": 0.002360452227027027,
  "bids_meta": {
    "AcquisitionNumber": 1,
    "AcquisitionTime": "17:08:31.985000",
    "BandwidthPerPixelPhaseEncode": 28.409,
    "ConversionSoftware": "dcm2niix",
    "ConversionSoftwareVersion": "v1.0.20170724 GCC4.4.7",
    "DeviceSerialNumber": "35414",
    "EchoTime": 0.03,
    "EffectiveEchoSpacing": 0.000550002,
    "FlipAngle": 80,
    "ImageType": [
      "ORIGINAL",
      "PRIMARY",
      "FMRI",
      "NONE",
      "ND",
      "MOSAIC"
    ],
    "InstitutionAddress": "Mikeletegi_69_San_Sebastian_District_ES_20009",
    "InstitutionName": "BCBL",
    "MagneticFieldStrength": 3,
    "Manufacturer": "Siemens",
    "ManufacturersModelName": "TrioTim",
    "PhaseEncodingDirection": "j-",
    "PhaseEncodingLines": 64,
    "ProcedureStepDescription": "CRANEO_FUNCIONAL",
    "ProtocolName": "ep2d_PiN_L2_Run1",
    "RepetitionTime": 2,
    "ScanningSequence": "EP",
    "SequenceName": "_epfid2d1_64",
    "SequenceVariant": "SK",
    "SeriesDescription": "ep2d_PiN_L2_Run1",
    "SliceTiming": [
      1.925,
      1.8625,
      1.8025,
      1.74,
      1.6775,
      1.615,
      1.5525,
      1.49,
      1.43,
      1.3675,
      1.305,
      1.2425,
      1.18,
      1.1175,
      1.0575,
      0.995,
      0.9325,
      0.87,
      0.8075,
      0.745,
      0.6825,
      0.6225,
      0.56,
      0.4975,
      0.435,
      0.3725,
      0.31,
      0.25,
      0.1875,
      0.125,
      0.0625,
      0
    ],
    "SoftwareVersions": "syngo_MR_B17",
    "TaskName": "compLn",
    "TotalReadoutTime": 0.0346501,
    "dataset": "ds003542",
    "modality": "bold",
    "run_id": 1,
    "subject_id": "03",
    "task_id": "compLn"
  },
  "dummy_trs": 1,
  "dvars_nstd": 19.353327647663047,
  "dvars_std": 1.245872397663043,
  "dvars_vstd": 0.9850710143478254,
  "efc": 0.523234517227053,
  "fber": 724.1636962890625,
  "fd_mean": 0.17645987991546996,
  "fd_num": 60,
  "fd_perc": 32.432432432432435,
  "fwhm_avg": 3.173362272727273,
  "fwhm_x": 3.144669090909091,
  "fwhm_y": 3.245992727272727,
  "fwhm_z": 3.129425,
  "gcor": 0.0214831,
  "gsr_x": -0.029366571456193924,
  "gsr_y": 0.11377070844173431,
  "provenance": {
    "md5sum": "9bbda17fd1d534507c622362a6677f01",
    "settings": {
      "fd_thres": 0.2,
      "testing": false
    },
    "software": "mriqc",
    "version": "22.0.1",
    "webapi_port": null,
    "webapi_url": "https://mriqc.nimh.nih.gov/api/v1"
  },
  "size_t": 185,
  "size_x": 64,
  "size_y": 64,
  "size_z": 32,
  "snr": 2.135961083927459,
  "spacing_tr": 2.0,
  "spacing_x": 3.4375,
  "spacing_y": 3.4375,
  "spacing_z": 4.0,
  "summary_bg_k": 33.38619305252597,
  "summary_bg_mad": 13.28732270414959,
  "summary_bg_mean": 61.325042724609375,
  "summary_bg_median": 24.243244171142578,
  "summary_bg_n": 77002.0,
  "summary_bg_p05": 14.643243789672852,
  "summary_bg_p95": 241.2337852478025,
  "summary_bg_stdv": 99.08256530761719,
  "summary_fg_k": 4.507324167178886,
  "summary_fg_mad": 243.96425824666065,
  "summary_fg_mean": 747.1396484375,
  "summary_fg_median": 676.6865234375,
  "summary_fg_n": 23813.0,
  "summary_fg_p05": 389.8518920898438,
  "summary_fg_p95": 1369.1395263671864,
  "summary_fg_stdv": 316.7999267578125,
  "tsnr": 99.5247900839895
}