{
  "aor": 0.0059128494623655915,
  "aqi": 0.0032380297473118278,
  "bids_meta": {
    "AcquisitionNumber": 1,
    "AcquisitionTime": "17:23:45.505000",
    "BandwidthPerPixelPhaseEncode": 28.409,
    "ConversionSoftware": "dcm2niix",
    "ConversionSoftwareVersion": "v1.0.20170724 GCC4.4.7",
    "DeviceSerialNumber": "35414",
    "EchoTime": 0.03,
    "EffectiveEchoSpacing": 0.000550002,
    "FlipAngle": 80,
    "ImageType": [
      "ORIGINAL",
      "PRIMARY",
      "FMRI",
      "NONE",
      "ND",
      "MOSAIC"
    ],
    "InstitutionAddress": "Mikeletegi_69_San_Sebastian_District_ES_20009",
    "InstitutionName": "BCBL",
    "MagneticFieldStrength": 3,
    "Manufacturer": "Siemens",
    "ManufacturersModelName": "TrioTim",
    "PhaseEncodingDirection": "j-",
    "PhaseEncodingLines": 64,
    "ProcedureStepDescription": "CRANEO_FUNCIONAL",
    "ProtocolName": "ep2d_PiN_L2_Run3",
    "RepetitionTime": 2,
    "ScanningSequence": "EP",
    "SequenceName": "_epfid2d1_64",
    "SequenceVariant": "SK",
    "SeriesDescription": "ep2d_PiN_L2_Run3",
    "SliceTiming": [
      1.925,
      1.8625,
      1.8,
      1.7375,
      1.6775,
      1.615,
      1.5525,
      1.49,
      1.4275,
      1.365,
      1.305,
      1.2425,
      1.18,
      1.1175,
      1.055,
      0.9925,
      0.93,
      0.87,
      0.8075,
      0.745,
      0.6825,
      0.62,
      0.5575,
      0.4975,
      0.435,
      0.3725,
      0.31,
      0.2475,
      0.185,
      0.125,
      0.0625,
      0
    ],
    "SoftwareVersions": "syngo_MR_B17",
    "TaskName": "compLn",
    "TotalReadoutTime": 0.0346501,
    "dataset": "ds003542",
    "modality": "bold",
    "run_id": 3,
    "subject_id": "03",
    "task_id": "compLn"
  },
  "dummy_trs": 0,
  "dvars_nstd": 21.046409045243248,
  "dvars_std": 1.2525285755135136,
  "dvars_vstd": 1.0244635699459463,
  "efc": 0.5243105233800988,
  "fber": 732.1047973632812,
  "fd_mean": 0.20706998028923942,
  "fd_num": 60,
  "fd_perc": 32.25806451612903,
  "fwhm_avg": 3.1066690909090915,
  "fwhm_x": 3.0793018181818184,
  "fwhm_y": 3.191505454545455,
  "fwhm_z": 3.0492,
  "gcor": 0.0649961,
  "gsr_x": -0.029167328029870987,
  "gsr_y": 0.11433857679367065,
  "provenance": {
    "md5sum": "031b172a230f93e845d5ae2125f4eb48",
    "settings": {
      "fd_thres": 0.2,
      "testing": false
    },
    "software": "mriqc",
    "version": "22.0.1",
    "webapi_port": null,
    "webapi_url": "https://mriqc.nimh.nih.gov/api/v1"
  },
  "size_t": 186,
  "size_x": 64,
  "size_y": 64,
  "size_z": 32,
  "snr": 2.188837037123207,
  "spacing_tr": 2.0,
  "spacing_x": 3.4375,
  "spacing_y": 3.4375,
  "spacing_z": 4.0,
  "summary_bg_k": 36.49326041957268,
  "summary_bg_mad": 13.072405502330104,
  "summary_bg_mean": 60.98818588256836,
  "summary_bg_median": 24.059139251708984,
  "summary_bg_n": 77155.0,
  "summary_bg_p05": 14.623656272888184,
  "summary_bg_p95": 239.64623565673836,
  "summary_bg_stdv": 99.00743865966797,
  "summary_fg_k": 4.328124806559625,
  "summary_fg_mad": 237.64679734998788,
  "summary_fg_mean": 736.0833129882812,
  "summary_fg_median": 670.0,
  "summary_fg_n": 23810.0,
  "summary_fg_p05": 386.38951568603517,
  "summary_fg_p95": 1334.6965026855466,
  "summary_fg_stdv": 306.0921936035156,
  "tsnr": 76.29643142595887
}