{
  "aor": 0.004518486486486487,
  "aqi": 0.002534458351351351,
  "bids_meta": {
    "AcquisitionNumber": 1,
    "AcquisitionTime": "17:16:9.190000",
    "BandwidthPerPixelPhaseEncode": 28.409,
    "ConversionSoftware": "dcm2niix",
    "ConversionSoftwareVersion": "v1.0.20170724 GCC4.4.7",
    "DeviceSerialNumber": "35414",
    "EchoTime": 0.03,
    "EffectiveEchoSpacing": 0.000550002,
    "FlipAngle": 80,
    "ImageType": [
      "ORIGINAL",
      "PRIMARY",
      "FMRI",
      "NONE",
      "ND",
      "MOSAIC"
    ],
    "InstitutionAddress": "Mikeletegi_69_San_Sebastian_District_ES_20009",
    "InstitutionName": "BCBL",
    "MagneticFieldStrength": 3,
    "Manufacturer": "Siemens",
    "ManufacturersModelName": "TrioTim",
    "PhaseEncodingDirection": "j-",
    "PhaseEncodingLines": 64,
    "ProcedureStepDescription": "CRANEO_FUNCIONAL",
    "ProtocolName": "ep2d_PiN_L2_Run2",
    "RepetitionTime": 2,
    "ScanningSequence": "EP",
    "SequenceName": "_epfid2d1_64",
    "SequenceVariant": "SK",
    "SeriesDescription": "ep2d_PiN_L2_Run2",
    "SliceTiming": [
      1.925,
      1.8625,
      1.8,
      1.7375,
      1.6775,
      1.615,
      1.5525,
      1.49,
      1.4275,
      1.365,
      1.305,
      1.2425,
      1.18,
      1.1175,
      1.055,
      0.9925,
      0.93,
      0.87,
      0.8075,
      0.745,
      0.6825,
      0.62,
      0.5575,
      0.4975,
      0.435,
      0.3725,
      0.31,
      0.2475,
      0.185,
      0.1225,
      0.0625,
      0
    ],
    "SoftwareVersions": "syngo_MR_B17",
    "TaskName": "compLn",
    "TotalReadoutTime": 0.0346501,
    "dataset": "ds003542",
    "modality": "bold",
    "run_id": 2,
    "subject_id": "03",
    "task_id": "compLn"
  },
  "dummy_trs": 1,
  "dvars_nstd": 20.00597569233696,
  "dvars_std": 1.292942230706522,
  "dvars_vstd": 1.0261849754891306,
  "efc": 0.5238573898453782,
  "fber": 723.7938842773438,
  "fd_mean": 0.17457554341022646,
  "fd_num": 49,
  "fd_perc": 26.486486486486488,
  "fwhm_avg": 3.0990300000000004,
  "fwhm_x": 3.080698181818182,
  "fwhm_y": 3.166341818181818,
  "fwhm_z": 3.05005,
  "gcor": 0.0580866,
  "gsr_x": -0.029755759984254837,
  "gsr_y": 0.11430209875106812,
  "provenance": {
    "md5sum": "c208815940db322d1d901af89210d9e2",
    "settings": {
      "fd_thres": 0.2,
      "testing": false
    },
    "software": "mriqc",
    "version": "22.0.1",
    "webapi_port": null,
    "webapi_url": "https://mriqc.nimh.nih.gov/api/v1"
  },
  "size_t": 185,
  "size_x": 64,
  "size_y": 64,
  "size_z": 32,
  "snr": 2.1771403234315088,
  "spacing_tr": 2.0,
  "spacing_x": 3.4375,
  "spacing_y": 3.4375,
  "spacing_z": 4.0,
  "summary_bg_k": 35.56812669305879,
  "summary_bg_mad": 13.11902526126848,
  "summary_bg_mean": 60.96894454956055,
  "summary_bg_median": 24.129730224609375,
  "summary_bg_n": 77134.0,
  "summary_bg_p05": 14.675676345825195,
  "summary_bg_p95": 240.2597358703612,
  "summary_bg_stdv": 99.01878356933594,
  "summary_fg_k": 4.46209140335874,
  "summary_fg_mad": 238.92337450739836,
  "summary_fg_mean": 739.90283203125,
  "summary_fg_median": 672.5567626953125,
  "summary_fg_n": 23663.0,
  "summary_fg_p05": 389.80271911621094,
  "summary_fg_p95": 1348.0173828124994,
  "summary_fg_stdv": 308.9109802246094,
  "tsnr": 92.10038690827787
}