{
  "aor": 0.009479708333333333,
  "aqi": 0.006389866375,
  "bids_meta": {
    "AcquisitionNumber": 1,
    "AcquisitionTime": "17:47:44.320000",
    "BandwidthPerPixelPhaseEncode": 29.481,
    "ConversionSoftware": "dcm2niix",
    "ConversionSoftwareVersion": "v1.0.20170724 GCC4.4.7",
    "DeviceSerialNumber": "35414",
    "EchoTime": 0.025,
    "EffectiveEchoSpacing": 0.000530002,
    "FlipAngle": 90,
    "ImageType": [
      "ORIGINAL",
      "PRIMARY",
      "M",
      "ND",
      "MOSAIC"
    ],
    "InstitutionAddress": "Mikeletegi_69_San_Sebastian_District_ES_20009",
    "InstitutionName": "BCBL",
    "MagneticFieldStrength": 3,
    "Manufacturer": "Siemens",
    "ManufacturersModelName": "TrioTim",
    "PhaseEncodingDirection": "j-",
    "PhaseEncodingLines": 64,
    "ProcedureStepDescription": "CRANEO_FUNCIONAL",
    "ProtocolName": "ep2d_Didak_VF_L2_Run2",
    "RepetitionTime": 3,
    "ScanningSequence": "EP",
    "SequenceName": "_epfid2d1_64",
    "SequenceVariant": "SK",
    "SeriesDescription": "ep2d_Didak_VF_L2_Run2",
    "SliceTiming": [
      2.9225,
      2.8525,
      2.7825,
      2.7125,
      2.645,
      2.575,
      2.505,
      2.435,
      2.365,
      2.295,
      2.2275,
      2.1575,
      2.0875,
      2.0175,
      1.9475,
      1.8775,
      1.81,
      1.74,
      1.67,
      1.6,
      1.53,
      1.46,
      1.3925,
      1.3225,
      1.2525,
      1.1825,
      1.1125,
      1.045,
      0.975,
      0.905,
      0.835,
      0.765,
      0.695,
      0.6275,
      0.5575,
      0.4875,
      0.4175,
      0.3475,
      0.2775,
      0.21,
      0.14,
      0.07,
      0
    ],
    "SoftwareVersions": "syngo_MR_B17",
    "TaskName": "prodLn",
    "TotalReadoutTime": 0.0333901,
    "dataset": "ds003542",
    "modality": "bold",
    "run_id": 2,
    "subject_id": "03",
    "task_id": "prodLn"
  },
  "dummy_trs": 0,
  "dvars_nstd": 35.476159059790795,
  "dvars_std": 1.3604032591631796,
  "dvars_vstd": 1.039271249497908,
  "efc": 0.5928584227954967,
  "fber": 270.3705749511719,
  "fd_mean": 0.3250034495266074,
  "fd_num": 137,
  "fd_perc": 57.083333333333336,
  "fwhm_avg": 3.182263023298603,
  "fwhm_x": 3.1304933333333334,
  "fwhm_y": 3.1634166666666665,
  "fwhm_z": 3.2528790698958083,
  "gcor": 0.0340605,
  "gsr_x": -0.019189927726984024,
  "gsr_y": 0.1629328727722168,
  "provenance": {
    "md5sum": "6b08b93ef4968c88bb07355f53c2c3e7",
    "settings": {
      "fd_thres": 0.2,
      "testing": false
    },
    "software": "mriqc",
    "version": "22.0.1",
    "webapi_port": null,
    "webapi_url": "https://mriqc.nimh.nih.gov/api/v1"
  },
  "size_t": 240,
  "size_x": 64,
  "size_y": 64,
  "size_z": 43,
  "snr": 2.0276631632329973,
  "spacing_tr": 3.0,
  "spacing_x": 3.0,
  "spacing_y": 3.0,
  "spacing_z": 3.299999713897705,
  "summary_bg_k": 20.93377766683169,
  "summary_bg_mad": 29.028118387285005,
  "summary_bg_mean": 116.12921905517578,
  "summary_bg_median": 48.958335876464844,
  "summary_bg_n": 94937.0,
  "summary_bg_p05": 28.245834350585938,
  "summary_bg_p95": 444.1308532714839,
  "summary_bg_stdv": 166.49656677246094,
  "summary_fg_k": 5.821586846063724,
  "summary_fg_mad": 310.7349286673861,
  "summary_fg_mean": 928.3209838867188,
  "summary_fg_median": 837.6542358398438,
  "summary_fg_n": 40923.0,
  "summary_fg_p05": 473.04252624511724,
  "summary_fg_p95": 1726.8071777343757,
  "summary_fg_stdv": 413.1080627441406,
  "tsnr": 57.62742850626819
}