{
  "aor": 0.0017773118279569892,
  "aqi": 0.0026457621720430103,
  "bids_meta": {
    "AcquisitionNumber": 1,
    "AcquisitionTime": "15:36:33.862500",
    "BandwidthPerPixelPhaseEncode": 28.409,
    "ConversionSoftware": "dcm2niix",
    "ConversionSoftwareVersion": "v1.0.20170724 GCC4.4.7",
    "DeviceSerialNumber": "35414",
    "EchoTime": 0.03,
    "EffectiveEchoSpacing": 0.000550002,
    "FlipAngle": 80,
    "ImageType": [
      "ORIGINAL",
      "PRIMARY",
      "FMRI",
      "NONE",
      "ND",
      "MOSAIC"
    ],
    "InstitutionAddress": "Mikeletegi_69_San_Sebastian_District_ES_20009",
    "InstitutionName": "BCBL",
    "MagneticFieldStrength": 3,
    "Manufacturer": "Siemens",
    "ManufacturersModelName": "TrioTim",
    "PhaseEncodingDirection": "j-",
    "PhaseEncodingLines": 64,
    "ProcedureStepDescription": "CRANEO_FUNCIONAL",
    "ProtocolName": "ep2d_PiN_L1_Run3",
    "RepetitionTime": 2,
    "ScanningSequence": "EP",
    "SequenceName": "_epfid2d1_64",
    "SequenceVariant": "SK",
    "SeriesDescription": "ep2d_PiN_L1_Run3",
    "SliceTiming": [
      1.925,
      1.8625,
      1.8,
      1.7375,
      1.675,
      1.6125,
      1.5525,
      1.49,
      1.4275,
      1.365,
      1.3025,
      1.24,
      1.18,
      1.1175,
      1.055,
      0.9925,
      0.93,
      0.8675,
      0.8075,
      0.745,
      0.6825,
      0.62,
      0.5575,
      0.495,
      0.4325,
      0.3725,
      0.31,
      0.2475,
      0.185,
      0.1225,
      0.06,
      0
    ],
    "SoftwareVersions": "syngo_MR_B17",
    "TaskName": "compL1",
    "TotalReadoutTime": 0.0346501,
    "dataset": "ds003542",
    "modality": "bold",
    "run_id": 3,
    "subject_id": "03",
    "task_id": "compL1"
  },
  "dummy_trs": 0,
  "dvars_nstd": 17.67103791627028,
  "dvars_std": 1.2329735564324324,
  "dvars_vstd": 1.0009349894594597,
  "efc": 0.5181320436282043,
  "fber": 880.3487548828125,
  "fd_mean": 0.1512449004201578,
  "fd_num": 40,
  "fd_perc": 21.50537634408602,
  "fwhm_avg": 2.9719972727272723,
  "fwhm_x": 2.937541818181818,
  "fwhm_y": 3.0656,
  "fwhm_z": 2.91285,
  "gcor": 0.0546385,
  "gsr_x": -0.02263621799647808,
  "gsr_y": 0.10789542645215988,
  "provenance": {
    "md5sum": "59c70fa4d57061b32948806f40c8e91f",
    "settings": {
      "fd_thres": 0.2,
      "testing": false
    },
    "software": "mriqc",
    "version": "22.0.1",
    "webapi_port": null,
    "webapi_url": "https://mriqc.nimh.nih.gov/api/v1"
  },
  "size_t": 186,
  "size_x": 64,
  "size_y": 64,
  "size_z": 32,
  "snr": 2.347759234189276,
  "spacing_tr": 2.0,
  "spacing_x": 3.4375,
  "spacing_y": 3.4375,
  "spacing_z": 4.0,
  "summary_bg_k": 46.26828034065394,
  "summary_bg_mad": 10.697054412245869,
  "summary_bg_mean": 53.54111862182617,
  "summary_bg_median": 21.537633895874023,
  "summary_bg_n": 77867.0,
  "summary_bg_p05": 13.682795524597168,
  "summary_bg_p95": 207.41613006591794,
  "summary_bg_stdv": 88.7419204711914,
  "summary_fg_k": 4.2932557954597055,
  "summary_fg_mad": 216.4160810810863,
  "summary_fg_mean": 713.1488647460938,
  "summary_fg_median": 655.3037719726562,
  "summary_fg_n": 23418.0,
  "summary_fg_p05": 388.8317276000977,
  "summary_fg_p95": 1252.486859130859,
  "summary_fg_stdv": 279.11285400390625,
  "tsnr": 100.09806968551129
}