{
  "aor": 0.0032761666666666664,
  "aqi": 0.00530541825,
  "bids_meta": {
    "AcquisitionNumber": 1,
    "AcquisitionTime": "15:48:13.440000",
    "BandwidthPerPixelPhaseEncode": 29.481,
    "ConversionSoftware": "dcm2niix",
    "ConversionSoftwareVersion": "v1.0.20170724 GCC4.4.7",
    "DeviceSerialNumber": "35414",
    "EchoTime": 0.025,
    "EffectiveEchoSpacing": 0.000530002,
    "FlipAngle": 90,
    "ImageType": [
      "ORIGINAL",
      "PRIMARY",
      "M",
      "ND",
      "MOSAIC"
    ],
    "InstitutionAddress": "Mikeletegi_69_San_Sebastian_District_ES_20009",
    "InstitutionName": "BCBL",
    "MagneticFieldStrength": 3,
    "Manufacturer": "Siemens",
    "ManufacturersModelName": "TrioTim",
    "PhaseEncodingDirection": "j-",
    "PhaseEncodingLines": 64,
    "ProcedureStepDescription": "CRANEO_FUNCIONAL",
    "ProtocolName": "ep2d_Didak_VF_L1_Run1",
    "RepetitionTime": 3,
    "ScanningSequence": "EP",
    "SequenceName": "_epfid2d1_64",
    "SequenceVariant": "SK",
    "SeriesDescription": "ep2d_Didak_VF_L1_Run1",
    "SliceTiming": [
      2.9225,
      2.8525,
      2.7825,
      2.7125,
      2.645,
      2.575,
      2.505,
      2.435,
      2.365,
      2.2975,
      2.2275,
      2.1575,
      2.0875,
      2.0175,
      1.9475,
      1.88,
      1.81,
      1.74,
      1.67,
      1.6,
      1.53,
      1.4625,
      1.3925,
      1.3225,
      1.2525,
      1.1825,
      1.1125,
      1.045,
      0.975,
      0.905,
      0.835,
      0.765,
      0.695,
      0.6275,
      0.5575,
      0.4875,
      0.4175,
      0.3475,
      0.28,
      0.21,
      0.14,
      0.07,
      0
    ],
    "SoftwareVersions": "syngo_MR_B17",
    "TaskName": "prodL1",
    "TotalReadoutTime": 0.0333901,
    "dataset": "ds003542",
    "modality": "bold",
    "run_id": 1,
    "subject_id": "03",
    "task_id": "prodL1"
  },
  "dummy_trs": 0,
  "dvars_nstd": 26.466781528242674,
  "dvars_std": 1.23175266209205,
  "dvars_vstd": 1.0026732291631797,
  "efc": 0.6003926434690079,
  "fber": 242.07559204101562,
  "fd_mean": 0.22000391099540725,
  "fd_num": 112,
  "fd_perc": 46.666666666666664,
  "fwhm_avg": 3.0908661527507992,
  "fwhm_x": 3.0334800000000004,
  "fwhm_y": 3.0506333333333333,
  "fwhm_z": 3.188485124919064,
  "gcor": 0.0437797,
  "gsr_x": -0.024813376367092133,
  "gsr_y": 0.1399540901184082,
  "provenance": {
    "md5sum": "6b02345bfb5813931e4546ffd87cabb2",
    "settings": {
      "fd_thres": 0.2,
      "testing": false
    },
    "software": "mriqc",
    "version": "22.0.1",
    "webapi_port": null,
    "webapi_url": "https://mriqc.nimh.nih.gov/api/v1"
  },
  "size_t": 240,
  "size_x": 64,
  "size_y": 64,
  "size_z": 43,
  "snr": 2.2044372267522463,
  "spacing_tr": 3.0,
  "spacing_x": 3.0,
  "spacing_y": 3.0,
  "spacing_z": 3.299999713897705,
  "summary_bg_k": 23.27586406895966,
  "summary_bg_mad": 30.952412139675157,
  "summary_bg_mean": 107.61491394042969,
  "summary_bg_median": 49.710418701171875,
  "summary_bg_n": 94108.0,
  "summary_bg_p05": 27.187501907348633,
  "summary_bg_p95": 390.0302261352533,
  "summary_bg_stdv": 147.74722290039062,
  "summary_fg_k": 5.526370222324907,
  "summary_fg_mad": 280.95312040681154,
  "summary_fg_mean": 888.11865234375,
  "summary_fg_median": 811.1104736328125,
  "summary_fg_n": 41236.0,
  "summary_fg_p05": 467.51564025878906,
  "summary_fg_p95": 1588.5927734375,
  "summary_fg_stdv": 367.94000244140625,
  "tsnr": 64.82780434773304
}