{
  "aor": 0.0017609729729729728,
  "aqi": 0.0022600835513513513,
  "bids_meta": {
    "AcquisitionNumber": 1,
    "AcquisitionTime": "15:28:43.587500",
    "BandwidthPerPixelPhaseEncode": 28.409,
    "ConversionSoftware": "dcm2niix",
    "ConversionSoftwareVersion": "v1.0.20170724 GCC4.4.7",
    "DeviceSerialNumber": "35414",
    "EchoTime": 0.03,
    "EffectiveEchoSpacing": 0.000550002,
    "FlipAngle": 80,
    "ImageType": [
      "ORIGINAL",
      "PRIMARY",
      "FMRI",
      "NONE",
      "ND",
      "MOSAIC"
    ],
    "InstitutionAddress": "Mikeletegi_69_San_Sebastian_District_ES_20009",
    "InstitutionName": "BCBL",
    "MagneticFieldStrength": 3,
    "Manufacturer": "Siemens",
    "ManufacturersModelName": "TrioTim",
    "PhaseEncodingDirection": "j-",
    "PhaseEncodingLines": 64,
    "ProcedureStepDescription": "CRANEO_FUNCIONAL",
    "ProtocolName": "ep2d_PiN_L1_Run2",
    "RepetitionTime": 2,
    "ScanningSequence": "EP",
    "SequenceName": "_epfid2d1_64",
    "SequenceVariant": "SK",
    "SeriesDescription": "ep2d_PiN_L1_Run2",
    "SliceTiming": [
      1.925,
      1.865,
      1.8025,
      1.74,
      1.6775,
      1.615,
      1.5525,
      1.4925,
      1.43,
      1.3675,
      1.305,
      1.2425,
      1.18,
      1.12,
      1.0575,
      0.995,
      0.9325,
      0.87,
      0.8075,
      0.745,
      0.685,
      0.6225,
      0.56,
      0.4975,
      0.435,
      0.3725,
      0.3125,
      0.25,
      0.1875,
      0.125,
      0.0625,
      0
    ],
    "SoftwareVersions": "syngo_MR_B17",
    "TaskName": "compL1",
    "TotalReadoutTime": 0.0346501,
    "dataset": "ds003542",
    "modality": "bold",
    "run_id": 2,
    "subject_id": "03",
    "task_id": "compL1"
  },
  "dummy_trs": 1,
  "dvars_nstd": 17.976579593641294,
  "dvars_std": 1.2583229486956515,
  "dvars_vstd": 1.004123736195652,
  "efc": 0.5181492693410044,
  "fber": 857.5977172851562,
  "fd_mean": 0.1489430083558177,
  "fd_num": 34,
  "fd_perc": 18.37837837837838,
  "fwhm_avg": 3.0146554545454545,
  "fwhm_x": 2.9742545454545457,
  "fwhm_y": 3.094661818181818,
  "fwhm_z": 2.97505,
  "gcor": 0.0537413,
  "gsr_x": -0.026768097653985023,
  "gsr_y": 0.10964905470609665,
  "provenance": {
    "md5sum": "0c7a9c6334795899ce5e83334b962bef",
    "settings": {
      "fd_thres": 0.2,
      "testing": false
    },
    "software": "mriqc",
    "version": "22.0.1",
    "webapi_port": null,
    "webapi_url": "https://mriqc.nimh.nih.gov/api/v1"
  },
  "size_t": 185,
  "size_x": 64,
  "size_y": 64,
  "size_z": 32,
  "snr": 2.310710135155285,
  "spacing_tr": 2.0,
  "spacing_x": 3.4375,
  "spacing_y": 3.4375,
  "spacing_z": 4.0,
  "summary_bg_k": 43.10307908592304,
  "summary_bg_mad": 11.00331223784244,
  "summary_bg_mean": 55.362266540527344,
  "summary_bg_median": 21.945945739746094,
  "summary_bg_n": 77788.0,
  "summary_bg_p05": 14.054054260253906,
  "summary_bg_p95": 214.9600074768065,
  "summary_bg_stdv": 92.68973541259766,
  "summary_fg_k": 4.459145459177851,
  "summary_fg_mad": 221.92548123797022,
  "summary_fg_mean": 722.3994750976562,
  "summary_fg_median": 662.421630859375,
  "summary_fg_n": 23435.0,
  "summary_fg_p05": 392.5281036376953,
  "summary_fg_p95": 1274.2681030273434,
  "summary_fg_stdv": 286.6683654785156,
  "tsnr": 108.0850899964571
}