{
  "aor": 0.006592249999999999,
  "aqi": 0.00774716075,
  "bids_meta": {
    "AcquisitionNumber": 1,
    "AcquisitionTime": "17:33:59.312500",
    "BandwidthPerPixelPhaseEncode": 29.481,
    "ConversionSoftware": "dcm2niix",
    "ConversionSoftwareVersion": "v1.0.20170724 GCC4.4.7",
    "DeviceSerialNumber": "35414",
    "EchoTime": 0.025,
    "EffectiveEchoSpacing": 0.000530002,
    "FlipAngle": 90,
    "ImageType": [
      "ORIGINAL",
      "PRIMARY",
      "M",
      "ND",
      "MOSAIC"
    ],
    "InstitutionAddress": "Mikeletegi_69_San_Sebastian_District_ES_20009",
    "InstitutionName": "BCBL",
    "MagneticFieldStrength": 3,
    "Manufacturer": "Siemens",
    "ManufacturersModelName": "TrioTim",
    "PhaseEncodingDirection": "j-",
    "PhaseEncodingLines": 64,
    "ProcedureStepDescription": "CRANEO_FUNCIONAL",
    "ProtocolName": "ep2d_Didak_VF_L2_Run1",
    "RepetitionTime": 3,
    "ScanningSequence": "EP",
    "SequenceName": "_epfid2d1_64",
    "SequenceVariant": "SK",
    "SeriesDescription": "ep2d_Didak_VF_L2_Run1",
    "SliceTiming": [
      2.92,
      2.8525,
      2.7825,
      2.7125,
      2.6425,
      2.5725,
      2.5025,
      2.435,
      2.365,
      2.295,
      2.225,
      2.155,
      2.085,
      2.0175,
      1.9475,
      1.8775,
      1.8075,
      1.7375,
      1.67,
      1.6,
      1.53,
      1.46,
      1.39,
      1.32,
      1.2525,
      1.1825,
      1.1125,
      1.0425,
      0.9725,
      0.9025,
      0.835,
      0.765,
      0.695,
      0.625,
      0.555,
      0.485,
      0.4175,
      0.3475,
      0.2775,
      0.2075,
      0.1375,
      0.0675,
      0
    ],
    "SoftwareVersions": "syngo_MR_B17",
    "TaskName": "prodLn",
    "TotalReadoutTime": 0.0333901,
    "dataset": "ds003542",
    "modality": "bold",
    "run_id": 1,
    "subject_id": "03",
    "task_id": "prodLn"
  },
  "dummy_trs": 0,
  "dvars_nstd": 38.21946579389123,
  "dvars_std": 1.2900143635983263,
  "dvars_vstd": 0.997742010669456,
  "efc": 0.5925134932485601,
  "fber": 270.0753479003906,
  "fd_mean": 0.3511472239764847,
  "fd_num": 155,
  "fd_perc": 64.58333333333333,
  "fwhm_avg": 3.1851757508069025,
  "fwhm_x": 3.137166666666667,
  "fwhm_y": 3.15733,
  "fwhm_z": 3.2610305857540407,
  "gcor": 0.0329467,
  "gsr_x": -0.018752727657556534,
  "gsr_y": 0.16217948496341705,
  "provenance": {
    "md5sum": "2eadc370de42fe4703bc30e8432a25cd",
    "settings": {
      "fd_thres": 0.2,
      "testing": false
    },
    "software": "mriqc",
    "version": "22.0.1",
    "webapi_port": null,
    "webapi_url": "https://mriqc.nimh.nih.gov/api/v1"
  },
  "size_t": 240,
  "size_x": 64,
  "size_y": 64,
  "size_z": 43,
  "snr": 2.0147261339065357,
  "spacing_tr": 3.0,
  "spacing_x": 3.0,
  "spacing_y": 3.0,
  "spacing_z": 3.299999713897705,
  "summary_bg_k": 20.715058208833327,
  "summary_bg_mad": 29.500695582162212,
  "summary_bg_mean": 116.18913269042969,
  "summary_bg_median": 49.25625228881836,
  "summary_bg_n": 94860.0,
  "summary_bg_p05": 28.095834732055664,
  "summary_bg_p95": 441.14105377197285,
  "summary_bg_stdv": 165.71728515625,
  "summary_fg_k": 5.823808689321405,
  "summary_fg_mad": 313.43445194512407,
  "summary_fg_mean": 932.0067138671875,
  "summary_fg_median": 839.5042114257812,
  "summary_fg_n": 41027.0,
  "summary_fg_p05": 473.2066925048828,
  "summary_fg_p95": 1739.0125854492185,
  "summary_fg_stdv": 416.678955078125,
  "tsnr": 52.15617109998129
}