{
  "aor": 0.002699583333333333,
  "aqi": 0.006393400166666666,
  "bids_meta": {
    "AcquisitionNumber": 1,
    "AcquisitionTime": "17:59:8.595000",
    "BandwidthPerPixelPhaseEncode": 29.481,
    "ConversionSoftware": "dcm2niix",
    "ConversionSoftwareVersion": "v1.0.20170724 GCC4.4.7",
    "DeviceSerialNumber": "35414",
    "EchoTime": 0.025,
    "EffectiveEchoSpacing": 0.000530002,
    "FlipAngle": 90,
    "ImageType": [
      "ORIGINAL",
      "PRIMARY",
      "M",
      "ND",
      "MOSAIC"
    ],
    "InstitutionAddress": "Mikeletegi_69_San_Sebastian_District_ES_20009",
    "InstitutionName": "BCBL",
    "MagneticFieldStrength": 3,
    "Manufacturer": "Siemens",
    "ManufacturersModelName": "TrioTim",
    "PhaseEncodingDirection": "j-",
    "PhaseEncodingLines": 64,
    "ProcedureStepDescription": "CRANEO_FUNCIONAL",
    "ProtocolName": "ep2d_Didak_VF_L2_Run2",
    "RepetitionTime": 3,
    "ScanningSequence": "EP",
    "SequenceName": "_epfid2d1_64",
    "SequenceVariant": "SK",
    "SeriesDescription": "ep2d_Didak_VF_L2_Run2",
    "SliceTiming": [
      2.9225,
      2.8525,
      2.7825,
      2.715,
      2.645,
      2.575,
      2.505,
      2.435,
      2.365,
      2.2975,
      2.2275,
      2.1575,
      2.0875,
      2.0175,
      1.9475,
      1.88,
      1.81,
      1.74,
      1.67,
      1.6,
      1.53,
      1.4625,
      1.3925,
      1.3225,
      1.2525,
      1.1825,
      1.115,
      1.045,
      0.975,
      0.905,
      0.835,
      0.765,
      0.6975,
      0.6275,
      0.5575,
      0.4875,
      0.4175,
      0.3475,
      0.28,
      0.21,
      0.14,
      0.07,
      0
    ],
    "SoftwareVersions": "syngo_MR_B17",
    "TaskName": "prodLn",
    "TotalReadoutTime": 0.0333901,
    "dataset": "ds003542",
    "modality": "bold",
    "run_id": 2,
    "subject_id": "31",
    "task_id": "prodLn"
  },
  "dummy_trs": 0,
  "dvars_nstd": 37.77866929355646,
  "dvars_std": 1.2191231832217577,
  "dvars_vstd": 0.998337176861925,
  "efc": 0.6468764511393655,
  "fber": 188.64495849609375,
  "fd_mean": 0.36055721933884394,
  "fd_num": 161,
  "fd_perc": 67.08333333333333,
  "fwhm_avg": 2.7108483974421236,
  "fwhm_x": 2.6057266666666665,
  "fwhm_y": 2.702436666666667,
  "fwhm_z": 2.824381858993037,
  "gcor": 0.0239737,
  "gsr_x": 0.009587233886122704,
  "gsr_y": 0.11698288470506668,
  "provenance": {
    "md5sum": "59bb6446815d5c0e2cc6c792cdc65908",
    "settings": {
      "fd_thres": 0.2,
      "testing": false
    },
    "software": "mriqc",
    "version": "22.0.1",
    "webapi_port": null,
    "webapi_url": "https://mriqc.nimh.nih.gov/api/v1"
  },
  "size_t": 240,
  "size_x": 64,
  "size_y": 64,
  "size_z": 43,
  "snr": 2.389321790210102,
  "spacing_tr": 3.0,
  "spacing_x": 3.0,
  "spacing_y": 3.0,
  "spacing_z": 3.299999952316284,
  "summary_bg_k": 33.18773336161295,
  "summary_bg_mad": 29.287569816548444,
  "summary_bg_mean": 105.25656127929688,
  "summary_bg_median": 46.67083740234375,
  "summary_bg_n": 82577.0,
  "summary_bg_p05": 25.187501907348633,
  "summary_bg_p95": 392.4316955566406,
  "summary_bg_stdv": 154.5680694580078,
  "summary_fg_k": 2.718236618550943,
  "summary_fg_mad": 231.15310550723729,
  "summary_fg_mean": 718.9341430664062,
  "summary_fg_median": 663.52294921875,
  "summary_fg_n": 51548.0,
  "summary_fg_p05": 381.54210357666017,
  "summary_fg_p95": 1251.3776000976552,
  "summary_fg_stdv": 277.7007751464844,
  "tsnr": 52.781515954993665
}