{
  "aor": 0.003253291666666667,
  "aqi": 0.005643677666666667,
  "bids_meta": {
    "AcquisitionNumber": 1,
    "AcquisitionTime": "16:17:6.532500",
    "BandwidthPerPixelPhaseEncode": 29.481,
    "ConversionSoftware": "dcm2niix",
    "ConversionSoftwareVersion": "v1.0.20170724 GCC4.4.7",
    "DeviceSerialNumber": "35414",
    "EchoTime": 0.025,
    "EffectiveEchoSpacing": 0.000530002,
    "FlipAngle": 90,
    "ImageType": [
      "ORIGINAL",
      "PRIMARY",
      "M",
      "ND",
      "MOSAIC"
    ],
    "InstitutionAddress": "Mikeletegi_69_San_Sebastian_District_ES_20009",
    "InstitutionName": "BCBL",
    "MagneticFieldStrength": 3,
    "Manufacturer": "Siemens",
    "ManufacturersModelName": "TrioTim",
    "PhaseEncodingDirection": "j-",
    "PhaseEncodingLines": 64,
    "ProcedureStepDescription": "CRANEO_FUNCIONAL",
    "ProtocolName": "ep2d_Didak_VF_L1_Run2",
    "RepetitionTime": 3,
    "ScanningSequence": "EP",
    "SequenceName": "_epfid2d1_64",
    "SequenceVariant": "SK",
    "SeriesDescription": "ep2d_Didak_VF_L1_Run2",
    "SliceTiming": [
      2.9225,
      2.8525,
      2.7825,
      2.7125,
      2.645,
      2.575,
      2.505,
      2.435,
      2.365,
      2.295,
      2.2275,
      2.1575,
      2.0875,
      2.0175,
      1.9475,
      1.8775,
      1.81,
      1.74,
      1.67,
      1.6,
      1.53,
      1.46,
      1.3925,
      1.3225,
      1.2525,
      1.1825,
      1.1125,
      1.045,
      0.975,
      0.905,
      0.835,
      0.765,
      0.695,
      0.6275,
      0.5575,
      0.4875,
      0.4175,
      0.3475,
      0.2775,
      0.21,
      0.14,
      0.07,
      0
    ],
    "SoftwareVersions": "syngo_MR_B17",
    "TaskName": "prodL1",
    "TotalReadoutTime": 0.0333901,
    "dataset": "ds003542",
    "modality": "bold",
    "run_id": 2,
    "subject_id": "31",
    "task_id": "prodL1"
  },
  "dummy_trs": 0,
  "dvars_nstd": 38.88607254209206,
  "dvars_std": 1.2583471374058584,
  "dvars_vstd": 1.0116768807949792,
  "efc": 0.6455313607572941,
  "fber": 179.64892578125,
  "fd_mean": 0.3580798195282863,
  "fd_num": 167,
  "fd_perc": 69.58333333333333,
  "fwhm_avg": 2.670602235564511,
  "fwhm_x": 2.5582933333333333,
  "fwhm_y": 2.6834133333333337,
  "fwhm_z": 2.7701000400268674,
  "gcor": 0.033863,
  "gsr_x": -0.00245086383074522,
  "gsr_y": 0.1190846636891365,
  "provenance": {
    "md5sum": "1d0ec85631f9989a1454b27be02dad87",
    "settings": {
      "fd_thres": 0.2,
      "testing": false
    },
    "software": "mriqc",
    "version": "22.0.1",
    "webapi_port": null,
    "webapi_url": "https://mriqc.nimh.nih.gov/api/v1"
  },
  "size_t": 240,
  "size_x": 64,
  "size_y": 64,
  "size_z": 43,
  "snr": 2.409460904528045,
  "spacing_tr": 3.0,
  "spacing_x": 3.0,
  "spacing_y": 3.0,
  "spacing_z": 3.299999952316284,
  "summary_bg_k": 42.3412496870977,
  "summary_bg_mad": 30.62191690331425,
  "summary_bg_mean": 102.79983520507812,
  "summary_bg_median": 47.70417022705078,
  "summary_bg_n": 82486.0,
  "summary_bg_p05": 25.000001907348633,
  "summary_bg_p95": 366.152099609375,
  "summary_bg_stdv": 153.60816955566406,
  "summary_fg_k": 2.8091318133098095,
  "summary_fg_mad": 226.65285939947293,
  "summary_fg_mean": 712.5455932617188,
  "summary_fg_median": 658.166748046875,
  "summary_fg_n": 51312.0,
  "summary_fg_p05": 377.10938720703126,
  "summary_fg_p95": 1230.826721191406,
  "summary_fg_stdv": 273.15667724609375,
  "tsnr": 54.25256496097427
}