{
  "aor": 0.0014739999999999998,
  "aqi": 0.00286060787027027,
  "bids_meta": {
    "AcquisitionNumber": 1,
    "AcquisitionTime": "17:19:4.280000",
    "BandwidthPerPixelPhaseEncode": 28.409,
    "ConversionSoftware": "dcm2niix",
    "ConversionSoftwareVersion": "v1.0.20170724 GCC4.4.7",
    "DeviceSerialNumber": "35414",
    "EchoTime": 0.03,
    "EffectiveEchoSpacing": 0.000550002,
    "FlipAngle": 80,
    "ImageType": [
      "ORIGINAL",
      "PRIMARY",
      "FMRI",
      "NONE",
      "ND",
      "MOSAIC"
    ],
    "InstitutionAddress": "Mikeletegi_69_San_Sebastian_District_ES_20009",
    "InstitutionName": "BCBL",
    "MagneticFieldStrength": 3,
    "Manufacturer": "Siemens",
    "ManufacturersModelName": "TrioTim",
    "PhaseEncodingDirection": "j-",
    "PhaseEncodingLines": 64,
    "ProcedureStepDescription": "CRANEO_FUNCIONAL",
    "ProtocolName": "ep2d_PiN_L2_Run1",
    "RepetitionTime": 2,
    "ScanningSequence": "EP",
    "SequenceName": "_epfid2d1_64",
    "SequenceVariant": "SK",
    "SeriesDescription": "ep2d_PiN_L2_Run1",
    "SliceTiming": [
      1.925,
      1.8625,
      1.8,
      1.7375,
      1.6775,
      1.615,
      1.5525,
      1.49,
      1.4275,
      1.365,
      1.3025,
      1.2425,
      1.18,
      1.1175,
      1.055,
      0.9925,
      0.93,
      0.87,
      0.8075,
      0.745,
      0.6825,
      0.62,
      0.5575,
      0.495,
      0.435,
      0.3725,
      0.31,
      0.2475,
      0.185,
      0.1225,
      0.0625,
      0
    ],
    "SoftwareVersions": "syngo_MR_B17",
    "TaskName": "compLn",
    "TotalReadoutTime": 0.0346501,
    "dataset": "ds003542",
    "modality": "bold",
    "run_id": 1,
    "subject_id": "31",
    "task_id": "compLn"
  },
  "dummy_trs": 1,
  "dvars_nstd": 22.16175001043479,
  "dvars_std": 1.1313746523913053,
  "dvars_vstd": 0.9670647552717392,
  "efc": 0.5709228443908113,
  "fber": 561.5153198242188,
  "fd_mean": 0.22879326527082486,
  "fd_num": 103,
  "fd_perc": 55.67567567567568,
  "fwhm_avg": 2.585628575757575,
  "fwhm_x": 2.524058181818182,
  "fwhm_y": 2.649102545454545,
  "fwhm_z": 2.583725,
  "gcor": 0.0313123,
  "gsr_x": -0.007897334173321724,
  "gsr_y": 0.08679364621639252,
  "provenance": {
    "md5sum": "60b8aa87d51b66de3363f6bce019e2f6",
    "settings": {
      "fd_thres": 0.2,
      "testing": false
    },
    "software": "mriqc",
    "version": "22.0.1",
    "webapi_port": null,
    "webapi_url": "https://mriqc.nimh.nih.gov/api/v1"
  },
  "size_t": 185,
  "size_x": 64,
  "size_y": 64,
  "size_z": 32,
  "snr": 2.6946514423509624,
  "spacing_tr": 2.0,
  "spacing_x": 3.4375,
  "spacing_y": 3.4375,
  "spacing_z": 4.0,
  "summary_bg_k": 68.49472972963741,
  "summary_bg_mad": 12.638183705994727,
  "summary_bg_mean": 51.18780517578125,
  "summary_bg_median": 22.291893005371094,
  "summary_bg_n": 70189.0,
  "summary_bg_p05": 12.918919563293457,
  "summary_bg_p95": 197.32108764648396,
  "summary_bg_stdv": 82.29765319824219,
  "summary_fg_k": 2.452576179461137,
  "summary_fg_mad": 169.48951288844728,
  "summary_fg_mean": 577.2301025390625,
  "summary_fg_median": 540.99462890625,
  "summary_fg_n": 29721.0,
  "summary_fg_p05": 326.4270324707031,
  "summary_fg_p95": 958.53515625,
  "summary_fg_stdv": 200.76271057128906,
  "tsnr": 78.20304198306985
}