{
  "aor": 0.003190375,
  "aqi": 0.006567811916666667,
  "bids_meta": {
    "AcquisitionNumber": 1,
    "AcquisitionTime": "16:03:55.642500",
    "BandwidthPerPixelPhaseEncode": 29.481,
    "ConversionSoftware": "dcm2niix",
    "ConversionSoftwareVersion": "v1.0.20170724 GCC4.4.7",
    "DeviceSerialNumber": "35414",
    "EchoTime": 0.025,
    "EffectiveEchoSpacing": 0.000530002,
    "FlipAngle": 90,
    "ImageType": [
      "ORIGINAL",
      "PRIMARY",
      "M",
      "ND",
      "MOSAIC"
    ],
    "InstitutionAddress": "Mikeletegi_69_San_Sebastian_District_ES_20009",
    "InstitutionName": "BCBL",
    "MagneticFieldStrength": 3,
    "Manufacturer": "Siemens",
    "ManufacturersModelName": "TrioTim",
    "PhaseEncodingDirection": "j-",
    "PhaseEncodingLines": 64,
    "ProcedureStepDescription": "CRANEO_FUNCIONAL",
    "ProtocolName": "ep2d_Didak_VF_L1_Run1",
    "RepetitionTime": 3,
    "ScanningSequence": "EP",
    "SequenceName": "_epfid2d1_64",
    "SequenceVariant": "SK",
    "SeriesDescription": "ep2d_Didak_VF_L1_Run1",
    "SliceTiming": [
      2.9225,
      2.8525,
      2.7825,
      2.7125,
      2.645,
      2.575,
      2.505,
      2.435,
      2.365,
      2.295,
      2.2275,
      2.1575,
      2.0875,
      2.0175,
      1.9475,
      1.88,
      1.81,
      1.74,
      1.67,
      1.6,
      1.53,
      1.4625,
      1.3925,
      1.3225,
      1.2525,
      1.1825,
      1.1125,
      1.045,
      0.975,
      0.905,
      0.835,
      0.765,
      0.695,
      0.6275,
      0.5575,
      0.4875,
      0.4175,
      0.3475,
      0.28,
      0.21,
      0.14,
      0.07,
      0
    ],
    "SoftwareVersions": "syngo_MR_B17",
    "TaskName": "prodL1",
    "TotalReadoutTime": 0.0333901,
    "dataset": "ds003542",
    "modality": "bold",
    "run_id": 1,
    "subject_id": "31",
    "task_id": "prodL1"
  },
  "dummy_trs": 0,
  "dvars_nstd": 41.20384928949792,
  "dvars_std": 1.2941667875313803,
  "dvars_vstd": 1.0092979013389123,
  "efc": 0.6461766708661192,
  "fber": 181.38352966308594,
  "fd_mean": 0.38385241803125153,
  "fd_num": 167,
  "fd_perc": 69.58333333333333,
  "fwhm_avg": 2.7144877912241046,
  "fwhm_x": 2.6002466666666666,
  "fwhm_y": 2.751516666666667,
  "fwhm_z": 2.7917000403389793,
  "gcor": 0.0453614,
  "gsr_x": 0.007928309962153435,
  "gsr_y": 0.10818365216255188,
  "provenance": {
    "md5sum": "140c5e9930c5ea2592e3145a9d73e013",
    "settings": {
      "fd_thres": 0.2,
      "testing": false
    },
    "software": "mriqc",
    "version": "22.0.1",
    "webapi_port": null,
    "webapi_url": "https://mriqc.nimh.nih.gov/api/v1"
  },
  "size_t": 240,
  "size_x": 64,
  "size_y": 64,
  "size_z": 43,
  "snr": 2.3772905055124305,
  "spacing_tr": 3.0,
  "spacing_x": 3.0,
  "spacing_y": 3.0,
  "spacing_z": 3.299999952316284,
  "summary_bg_k": 24.616247285230678,
  "summary_bg_mad": 30.88754857539947,
  "summary_bg_mean": 96.070068359375,
  "summary_bg_median": 47.6270866394043,
  "summary_bg_n": 81374.0,
  "summary_bg_p05": 24.212501525878906,
  "summary_bg_p95": 342.67648162841795,
  "summary_bg_stdv": 126.71661376953125,
  "summary_fg_k": 3.020563283737337,
  "summary_fg_mad": 230.66821024430624,
  "summary_fg_mean": 719.9906616210938,
  "summary_fg_median": 664.1333618164062,
  "summary_fg_n": 51795.0,
  "summary_fg_p05": 379.5533508300781,
  "summary_fg_p95": 1254.5079589843747,
  "summary_fg_stdv": 279.36297607421875,
  "tsnr": 49.17720394395292
}