{
  "aor": 0.0018158378378378378,
  "aqi": 0.0030477369729729723,
  "bids_meta": {
    "AcquisitionNumber": 1,
    "AcquisitionTime": "17:27:11.622500",
    "BandwidthPerPixelPhaseEncode": 28.409,
    "ConversionSoftware": "dcm2niix",
    "ConversionSoftwareVersion": "v1.0.20170724 GCC4.4.7",
    "DeviceSerialNumber": "35414",
    "EchoTime": 0.03,
    "EffectiveEchoSpacing": 0.000550002,
    "FlipAngle": 80,
    "ImageType": [
      "ORIGINAL",
      "PRIMARY",
      "FMRI",
      "NONE",
      "ND",
      "MOSAIC"
    ],
    "InstitutionAddress": "Mikeletegi_69_San_Sebastian_District_ES_20009",
    "InstitutionName": "BCBL",
    "MagneticFieldStrength": 3,
    "Manufacturer": "Siemens",
    "ManufacturersModelName": "TrioTim",
    "PhaseEncodingDirection": "j-",
    "PhaseEncodingLines": 64,
    "ProcedureStepDescription": "CRANEO_FUNCIONAL",
    "ProtocolName": "ep2d_PiN_L2_Run2",
    "RepetitionTime": 2,
    "ScanningSequence": "EP",
    "SequenceName": "_epfid2d1_64",
    "SequenceVariant": "SK",
    "SeriesDescription": "ep2d_PiN_L2_Run2",
    "SliceTiming": [
      1.925,
      1.8625,
      1.8025,
      1.74,
      1.6775,
      1.615,
      1.5525,
      1.49,
      1.4275,
      1.3675,
      1.305,
      1.2425,
      1.18,
      1.1175,
      1.055,
      0.995,
      0.9325,
      0.87,
      0.8075,
      0.745,
      0.6825,
      0.6225,
      0.56,
      0.4975,
      0.435,
      0.3725,
      0.31,
      0.2475,
      0.1875,
      0.125,
      0.0625,
      0
    ],
    "SoftwareVersions": "syngo_MR_B17",
    "TaskName": "compLn",
    "TotalReadoutTime": 0.0346501,
    "dataset": "ds003542",
    "modality": "bold",
    "run_id": 2,
    "subject_id": "31",
    "task_id": "compLn"
  },
  "dummy_trs": 1,
  "dvars_nstd": 22.958295593913032,
  "dvars_std": 1.1673610372282601,
  "dvars_vstd": 0.9901652245108697,
  "efc": 0.5702977970977805,
  "fber": 562.1305541992188,
  "fd_mean": 0.2445468095005612,
  "fd_num": 110,
  "fd_perc": 59.45945945945946,
  "fwhm_avg": 2.5830687575757576,
  "fwhm_x": 2.523642181818182,
  "fwhm_y": 2.651389090909091,
  "fwhm_z": 2.574175,
  "gcor": 0.0212076,
  "gsr_x": -0.006530548445880413,
  "gsr_y": 0.08569297194480896,
  "provenance": {
    "md5sum": "3c4b6fc51106d443f8bffbe2f9eeaa8f",
    "settings": {
      "fd_thres": 0.2,
      "testing": false
    },
    "software": "mriqc",
    "version": "22.0.1",
    "webapi_port": null,
    "webapi_url": "https://mriqc.nimh.nih.gov/api/v1"
  },
  "size_t": 185,
  "size_x": 64,
  "size_y": 64,
  "size_z": 32,
  "snr": 2.651565401889254,
  "spacing_tr": 2.0,
  "spacing_x": 3.4375,
  "spacing_y": 3.4375,
  "spacing_z": 4.0,
  "summary_bg_k": 70.83149433068441,
  "summary_bg_mad": 12.806478321036524,
  "summary_bg_mean": 50.919700622558594,
  "summary_bg_median": 22.216217041015625,
  "summary_bg_n": 70135.0,
  "summary_bg_p05": 12.518918991088867,
  "summary_bg_p95": 196.25351867675786,
  "summary_bg_stdv": 82.58198547363281,
  "summary_fg_k": 2.520401686566541,
  "summary_fg_mad": 170.07453628582513,
  "summary_fg_mean": 573.6807250976562,
  "summary_fg_median": 536.9297485351562,
  "summary_fg_n": 29843.0,
  "summary_fg_p05": 320.1356719970703,
  "summary_fg_p95": 958.8216247558593,
  "summary_fg_stdv": 202.4919891357422,
  "tsnr": 73.66647678008303
}