{
  "aor": 0.04662475675675675,
  "aqi": 0.008134220216216216,
  "bids_meta": {
    "AcquisitionNumber": 1,
    "AcquisitionTime": "15:35:26.797500",
    "BandwidthPerPixelPhaseEncode": 28.409,
    "ConversionSoftware": "dcm2niix",
    "ConversionSoftwareVersion": "v1.0.20170724 GCC4.4.7",
    "DeviceSerialNumber": "35414",
    "EchoTime": 0.03,
    "EffectiveEchoSpacing": 0.000550002,
    "FlipAngle": 80,
    "ImageType": [
      "ORIGINAL",
      "PRIMARY",
      "FMRI",
      "NONE",
      "ND",
      "MOSAIC"
    ],
    "InstitutionAddress": "Mikeletegi_69_San_Sebastian_District_ES_20009",
    "InstitutionName": "BCBL",
    "MagneticFieldStrength": 3,
    "Manufacturer": "Siemens",
    "ManufacturersModelName": "TrioTim",
    "PhaseEncodingDirection": "j-",
    "PhaseEncodingLines": 64,
    "ProcedureStepDescription": "CRANEO_FUNCIONAL",
    "ProtocolName": "ep2d_PiN_L1_Run3",
    "RepetitionTime": 2,
    "ScanningSequence": "EP",
    "SequenceName": "_epfid2d1_64",
    "SequenceVariant": "SK",
    "SeriesDescription": "ep2d_PiN_L1_Run3",
    "SliceTiming": [
      1.925,
      1.8625,
      1.8,
      1.7375,
      1.675,
      1.615,
      1.5525,
      1.49,
      1.4275,
      1.365,
      1.3025,
      1.2425,
      1.18,
      1.1175,
      1.055,
      0.9925,
      0.93,
      0.8675,
      0.8075,
      0.745,
      0.6825,
      0.62,
      0.5575,
      0.495,
      0.435,
      0.3725,
      0.31,
      0.2475,
      0.185,
      0.1225,
      0.0625,
      0
    ],
    "SoftwareVersions": "syngo_MR_B17",
    "TaskName": "compL1",
    "TotalReadoutTime": 0.0346501,
    "dataset": "ds003542",
    "modality": "bold",
    "run_id": 3,
    "subject_id": "24",
    "task_id": "compL1"
  },
  "dummy_trs": 1,
  "dvars_nstd": 19.896959568858694,
  "dvars_std": 1.4250433719565219,
  "dvars_vstd": 1.427507327336956,
  "efc": 0.48100868678249303,
  "fber": 1194.15234375,
  "fd_mean": 0.2126398475751097,
  "fd_num": 77,
  "fd_perc": 41.62162162162162,
  "fwhm_avg": 2.7509686969696965,
  "fwhm_x": 2.699784727272727,
  "fwhm_y": 2.9181963636363637,
  "fwhm_z": 2.634925,
  "gcor": 0.0357539,
  "gsr_x": -0.02552114799618721,
  "gsr_y": 0.07019944489002228,
  "provenance": {
    "md5sum": "d0d0f5c7fffaf942a3ba27f821aa70ad",
    "settings": {
      "fd_thres": 0.2,
      "testing": false
    },
    "software": "mriqc",
    "version": "22.0.1",
    "webapi_port": null,
    "webapi_url": "https://mriqc.nimh.nih.gov/api/v1"
  },
  "size_t": 185,
  "size_x": 64,
  "size_y": 64,
  "size_z": 32,
  "snr": 2.8883121523523565,
  "spacing_tr": 2.0,
  "spacing_x": 3.4375,
  "spacing_y": 3.4375,
  "spacing_z": 4.0,
  "summary_bg_k": 111.06810798619335,
  "summary_bg_mad": 5.096945653671668,
  "summary_bg_mean": 35.48509216308594,
  "summary_bg_median": 16.475675582885742,
  "summary_bg_n": 83036.0,
  "summary_bg_p05": 12.713513374328613,
  "summary_bg_p95": 124.17297744750977,
  "summary_bg_stdv": 65.43004608154297,
  "summary_fg_k": 2.4638626854900565,
  "summary_fg_mad": 157.06767444312584,
  "summary_fg_mean": 613.033447265625,
  "summary_fg_median": 570.267578125,
  "summary_fg_n": 19470.0,
  "summary_fg_p05": 372.7891845703125,
  "summary_fg_p95": 1009.1992218017577,
  "summary_fg_stdv": 197.43466186523438,
  "tsnr": 52.696114246267825
}