{
  "aor": 0.003514054054054054,
  "aqi": 0.007842331243243244,
  "bids_meta": {
    "AcquisitionNumber": 1,
    "AcquisitionTime": "15:20:18.470000",
    "BandwidthPerPixelPhaseEncode": 28.409,
    "ConversionSoftware": "dcm2niix",
    "ConversionSoftwareVersion": "v1.0.20170724 GCC4.4.7",
    "DeviceSerialNumber": "35414",
    "EchoTime": 0.03,
    "EffectiveEchoSpacing": 0.000550002,
    "FlipAngle": 80,
    "ImageType": [
      "ORIGINAL",
      "PRIMARY",
      "FMRI",
      "NONE",
      "ND",
      "MOSAIC"
    ],
    "InstitutionAddress": "Mikeletegi_69_San_Sebastian_District_ES_20009",
    "InstitutionName": "BCBL",
    "MagneticFieldStrength": 3,
    "Manufacturer": "Siemens",
    "ManufacturersModelName": "TrioTim",
    "PhaseEncodingDirection": "j-",
    "PhaseEncodingLines": 64,
    "ProcedureStepDescription": "CRANEO_FUNCIONAL",
    "ProtocolName": "ep2d_PiN_L1_Run1",
    "RepetitionTime": 2,
    "ScanningSequence": "EP",
    "SequenceName": "_epfid2d1_64",
    "SequenceVariant": "SK",
    "SeriesDescription": "ep2d_PiN_L1_Run1",
    "SliceTiming": [
      1.925,
      1.8625,
      1.8,
      1.7375,
      1.675,
      1.615,
      1.5525,
      1.49,
      1.4275,
      1.365,
      1.3025,
      1.2425,
      1.18,
      1.1175,
      1.055,
      0.9925,
      0.93,
      0.8675,
      0.8075,
      0.745,
      0.6825,
      0.62,
      0.5575,
      0.495,
      0.435,
      0.3725,
      0.31,
      0.2475,
      0.185,
      0.1225,
      0.0625,
      0
    ],
    "SoftwareVersions": "syngo_MR_B17",
    "TaskName": "compL1",
    "TotalReadoutTime": 0.0346501,
    "dataset": "ds003542",
    "modality": "bold",
    "run_id": 1,
    "subject_id": "24",
    "task_id": "compL1"
  },
  "dummy_trs": 1,
  "dvars_nstd": 20.494550881141304,
  "dvars_std": 0.9224188663586957,
  "dvars_vstd": 0.8385610149999997,
  "efc": 0.48277892922117843,
  "fber": 1043.0975341796875,
  "fd_mean": 0.21247885809893266,
  "fd_num": 41,
  "fd_perc": 22.16216216216216,
  "fwhm_avg": 2.8166181212121213,
  "fwhm_x": 2.762658909090909,
  "fwhm_y": 3.000145454545455,
  "fwhm_z": 2.68705,
  "gcor": 0.0291475,
  "gsr_x": -0.024155372753739357,
  "gsr_y": 0.06492391228675842,
  "provenance": {
    "md5sum": "4c239156dc713de8ef20a71887c2a75e",
    "settings": {
      "fd_thres": 0.2,
      "testing": false
    },
    "software": "mriqc",
    "version": "22.0.1",
    "webapi_port": null,
    "webapi_url": "https://mriqc.nimh.nih.gov/api/v1"
  },
  "size_t": 185,
  "size_x": 64,
  "size_y": 64,
  "size_z": 32,
  "snr": 2.8346105242689603,
  "spacing_tr": 2.0,
  "spacing_x": 3.4375,
  "spacing_y": 3.4375,
  "spacing_z": 4.0,
  "summary_bg_k": 107.72610087486201,
  "summary_bg_mad": 5.673959196191279,
  "summary_bg_mean": 35.722652435302734,
  "summary_bg_median": 17.583784103393555,
  "summary_bg_n": 82882.0,
  "summary_bg_p05": 12.77297306060791,
  "summary_bg_p95": 123.06486511230469,
  "summary_bg_stdv": 63.04816818237305,
  "summary_fg_k": 2.394989569711451,
  "summary_fg_mad": 161.26708369325948,
  "summary_fg_mean": 617.5638427734375,
  "summary_fg_median": 573.4459838867188,
  "summary_fg_n": 19634.0,
  "summary_fg_p05": 372.8083801269531,
  "summary_fg_p95": 1028.279241943359,
  "summary_fg_stdv": 202.29635620117188,
  "tsnr": 47.081126793520525
}