{
  "aor": 0.0070245698924731185,
  "aqi": 0.006187252258064516,
  "bids_meta": {
    "AcquisitionNumber": 1,
    "AcquisitionTime": "17:06:55.882500",
    "BandwidthPerPixelPhaseEncode": 28.409,
    "ConversionSoftware": "dcm2niix",
    "ConversionSoftwareVersion": "v1.0.20170724 GCC4.4.7",
    "DeviceSerialNumber": "35414",
    "EchoTime": 0.03,
    "EffectiveEchoSpacing": 0.000550002,
    "FlipAngle": 80,
    "ImageType": [
      "ORIGINAL",
      "PRIMARY",
      "FMRI",
      "NONE",
      "ND",
      "MOSAIC"
    ],
    "InstitutionAddress": "Mikeletegi_69_San_Sebastian_District_ES_20009",
    "InstitutionName": "BCBL",
    "MagneticFieldStrength": 3,
    "Manufacturer": "Siemens",
    "ManufacturersModelName": "TrioTim",
    "PhaseEncodingDirection": "j-",
    "PhaseEncodingLines": 64,
    "ProcedureStepDescription": "CRANEO_FUNCIONAL",
    "ProtocolName": "ep2d_PiN_L2_Run2",
    "RepetitionTime": 2,
    "ScanningSequence": "EP",
    "SequenceName": "_epfid2d1_64",
    "SequenceVariant": "SK",
    "SeriesDescription": "ep2d_PiN_L2_Run2",
    "SliceTiming": [
      1.925,
      1.8625,
      1.8,
      1.74,
      1.6775,
      1.615,
      1.5525,
      1.49,
      1.4275,
      1.3675,
      1.305,
      1.2425,
      1.18,
      1.1175,
      1.055,
      0.9925,
      0.9325,
      0.87,
      0.8075,
      0.745,
      0.6825,
      0.62,
      0.56,
      0.4975,
      0.435,
      0.3725,
      0.31,
      0.2475,
      0.1875,
      0.125,
      0.0625,
      0
    ],
    "SoftwareVersions": "syngo_MR_B17",
    "TaskName": "compLn",
    "TotalReadoutTime": 0.0346501,
    "dataset": "ds003542",
    "modality": "bold",
    "run_id": 2,
    "subject_id": "24",
    "task_id": "compLn"
  },
  "dummy_trs": 0,
  "dvars_nstd": 23.46944436221622,
  "dvars_std": 1.1207128618918918,
  "dvars_vstd": 0.9852092045405407,
  "efc": 0.48180616288836964,
  "fber": 1298.6175537109375,
  "fd_mean": 0.30453355607722826,
  "fd_num": 111,
  "fd_perc": 59.67741935483871,
  "fwhm_avg": 2.5745562272727276,
  "fwhm_x": 2.489248,
  "fwhm_y": 2.7523781818181816,
  "fwhm_z": 2.4820425,
  "gcor": 0.0214225,
  "gsr_x": -0.022613979876041412,
  "gsr_y": 0.06840911507606506,
  "provenance": {
    "md5sum": "4c632d84831a88c506d339eb76431428",
    "settings": {
      "fd_thres": 0.2,
      "testing": false
    },
    "software": "mriqc",
    "version": "22.0.1",
    "webapi_port": null,
    "webapi_url": "https://mriqc.nimh.nih.gov/api/v1"
  },
  "size_t": 186,
  "size_x": 64,
  "size_y": 64,
  "size_z": 32,
  "snr": 3.2181685587577125,
  "spacing_tr": 2.0,
  "spacing_x": 3.4375,
  "spacing_y": 3.4375,
  "spacing_z": 4.0,
  "summary_bg_k": 105.86245593937902,
  "summary_bg_mad": 4.423893032353978,
  "summary_bg_mean": 33.806026458740234,
  "summary_bg_median": 15.768816947937012,
  "summary_bg_n": 83452.0,
  "summary_bg_p05": 12.52688217163086,
  "summary_bg_p95": 120.90591545104965,
  "summary_bg_stdv": 61.404441833496094,
  "summary_fg_k": 1.7474017531707435,
  "summary_fg_mad": 151.75941284100168,
  "summary_fg_mean": 603.0940551757812,
  "summary_fg_median": 570.2957153320312,
  "summary_fg_n": 19399.0,
  "summary_fg_p05": 371.43064575195314,
  "summary_fg_p95": 944.4510681152343,
  "summary_fg_stdv": 177.20669555664062,
  "tsnr": 65.52054590312764
}