{
  "aor": 0.005936702702702703,
  "aqi": 0.003855294972972973,
  "bids_meta": {
    "AcquisitionNumber": 1,
    "AcquisitionTime": "16:59:46.990000",
    "BandwidthPerPixelPhaseEncode": 28.409,
    "ConversionSoftware": "dcm2niix",
    "ConversionSoftwareVersion": "v1.0.20170724 GCC4.4.7",
    "DeviceSerialNumber": "35414",
    "EchoTime": 0.03,
    "EffectiveEchoSpacing": 0.000550002,
    "FlipAngle": 80,
    "ImageType": [
      "ORIGINAL",
      "PRIMARY",
      "FMRI",
      "NONE",
      "ND",
      "MOSAIC"
    ],
    "InstitutionAddress": "Mikeletegi_69_San_Sebastian_District_ES_20009",
    "InstitutionName": "BCBL",
    "MagneticFieldStrength": 3,
    "Manufacturer": "Siemens",
    "ManufacturersModelName": "TrioTim",
    "PhaseEncodingDirection": "j-",
    "PhaseEncodingLines": 64,
    "ProcedureStepDescription": "CRANEO_FUNCIONAL",
    "ProtocolName": "ep2d_PiN_L2_Run1",
    "RepetitionTime": 2,
    "ScanningSequence": "EP",
    "SequenceName": "_epfid2d1_64",
    "SequenceVariant": "SK",
    "SeriesDescription": "ep2d_PiN_L2_Run1",
    "SliceTiming": [
      1.925,
      1.865,
      1.8025,
      1.74,
      1.6775,
      1.615,
      1.5525,
      1.49,
      1.43,
      1.3675,
      1.305,
      1.2425,
      1.18,
      1.1175,
      1.0575,
      0.995,
      0.9325,
      0.87,
      0.8075,
      0.745,
      0.6825,
      0.6225,
      0.56,
      0.4975,
      0.435,
      0.3725,
      0.31,
      0.25,
      0.1875,
      0.125,
      0.0625,
      0
    ],
    "SoftwareVersions": "syngo_MR_B17",
    "TaskName": "compLn",
    "TotalReadoutTime": 0.0346501,
    "dataset": "ds003542",
    "modality": "bold",
    "run_id": 1,
    "subject_id": "24",
    "task_id": "compLn"
  },
  "dummy_trs": 1,
  "dvars_nstd": 18.91763604195652,
  "dvars_std": 1.0998554349999996,
  "dvars_vstd": 0.982892883913044,
  "efc": 0.4817791511393941,
  "fber": 1287.0277099609375,
  "fd_mean": 0.21127142929924733,
  "fd_num": 60,
  "fd_perc": 32.432432432432435,
  "fwhm_avg": 2.630605090909091,
  "fwhm_x": 2.5885265454545454,
  "fwhm_y": 2.7772887272727274,
  "fwhm_z": 2.526,
  "gcor": 0.0376221,
  "gsr_x": -0.02439577691257,
  "gsr_y": 0.06649018079042435,
  "provenance": {
    "md5sum": "b7a94b0026fa82c06284674ebc24f80d",
    "settings": {
      "fd_thres": 0.2,
      "testing": false
    },
    "software": "mriqc",
    "version": "22.0.1",
    "webapi_port": null,
    "webapi_url": "https://mriqc.nimh.nih.gov/api/v1"
  },
  "size_t": 185,
  "size_x": 64,
  "size_y": 64,
  "size_z": 32,
  "snr": 3.0503816458272963,
  "spacing_tr": 2.0,
  "spacing_x": 3.4375,
  "spacing_y": 3.4375,
  "spacing_z": 4.0,
  "summary_bg_k": 101.93192433240071,
  "summary_bg_mad": 4.728298623199571,
  "summary_bg_mean": 34.455440521240234,
  "summary_bg_median": 16.118919372558594,
  "summary_bg_n": 82926.0,
  "summary_bg_p05": 12.621622085571289,
  "summary_bg_p95": 124.27432823181152,
  "summary_bg_stdv": 61.31106185913086,
  "summary_fg_k": 2.0215674562646173,
  "summary_fg_mad": 159.27155666853778,
  "summary_fg_mean": 617.9541015625,
  "summary_fg_median": 581.3837890625,
  "summary_fg_n": 19553.0,
  "summary_fg_p05": 374.41729736328125,
  "summary_fg_p95": 992.1005615234371,
  "summary_fg_stdv": 190.5889129638672,
  "tsnr": 75.35708355135284
}