{
  "aor": 0.0023682702702702706,
  "aqi": 0.004111574378378378,
  "bids_meta": {
    "AcquisitionNumber": 1,
    "AcquisitionTime": "15:27:53.485000",
    "BandwidthPerPixelPhaseEncode": 28.409,
    "ConversionSoftware": "dcm2niix",
    "ConversionSoftwareVersion": "v1.0.20170724 GCC4.4.7",
    "DeviceSerialNumber": "35414",
    "EchoTime": 0.03,
    "EffectiveEchoSpacing": 0.000550002,
    "FlipAngle": 80,
    "ImageType": [
      "ORIGINAL",
      "PRIMARY",
      "FMRI",
      "NONE",
      "ND",
      "MOSAIC"
    ],
    "InstitutionAddress": "Mikeletegi_69_San_Sebastian_District_ES_20009",
    "InstitutionName": "BCBL",
    "MagneticFieldStrength": 3,
    "Manufacturer": "Siemens",
    "ManufacturersModelName": "TrioTim",
    "PhaseEncodingDirection": "j-",
    "PhaseEncodingLines": 64,
    "ProcedureStepDescription": "CRANEO_FUNCIONAL",
    "ProtocolName": "ep2d_PiN_L1_Run2",
    "RepetitionTime": 2,
    "ScanningSequence": "EP",
    "SequenceName": "_epfid2d1_64",
    "SequenceVariant": "SK",
    "SeriesDescription": "ep2d_PiN_L1_Run2",
    "SliceTiming": [
      1.925,
      1.865,
      1.8025,
      1.74,
      1.6775,
      1.615,
      1.5525,
      1.49,
      1.43,
      1.3675,
      1.305,
      1.2425,
      1.18,
      1.1175,
      1.0575,
      0.995,
      0.9325,
      0.87,
      0.8075,
      0.745,
      0.6825,
      0.6225,
      0.56,
      0.4975,
      0.435,
      0.3725,
      0.31,
      0.25,
      0.1875,
      0.125,
      0.0625,
      0
    ],
    "SoftwareVersions": "syngo_MR_B17",
    "TaskName": "compL1",
    "TotalReadoutTime": 0.0346501,
    "dataset": "ds003542",
    "modality": "bold",
    "run_id": 2,
    "subject_id": "24",
    "task_id": "compL1"
  },
  "dummy_trs": 1,
  "dvars_nstd": 19.508340908152178,
  "dvars_std": 1.1981037719021739,
  "dvars_vstd": 0.9996496997826084,
  "efc": 0.48058348064925566,
  "fber": 1206.9061279296875,
  "fd_mean": 0.18746902822367306,
  "fd_num": 67,
  "fd_perc": 36.21621621621622,
  "fwhm_avg": 2.7233398181818185,
  "fwhm_x": 2.6857396363636363,
  "fwhm_y": 2.8914298181818183,
  "fwhm_z": 2.59285,
  "gcor": 0.0339845,
  "gsr_x": -0.025088617578148842,
  "gsr_y": 0.0693058893084526,
  "provenance": {
    "md5sum": "036f30dcaf543d59b75404f7ff5c154f",
    "settings": {
      "fd_thres": 0.2,
      "testing": false
    },
    "software": "mriqc",
    "version": "22.0.1",
    "webapi_port": null,
    "webapi_url": "https://mriqc.nimh.nih.gov/api/v1"
  },
  "size_t": 185,
  "size_x": 64,
  "size_y": 64,
  "size_z": 32,
  "snr": 2.8667451962359998,
  "spacing_tr": 2.0,
  "spacing_x": 3.4375,
  "spacing_y": 3.4375,
  "spacing_z": 4.0,
  "summary_bg_k": 115.55317349277458,
  "summary_bg_mad": 4.8645368517725185,
  "summary_bg_mean": 35.394134521484375,
  "summary_bg_median": 16.427026748657227,
  "summary_bg_n": 83003.0,
  "summary_bg_p05": 12.756756782531738,
  "summary_bg_p95": 124.49729919433594,
  "summary_bg_stdv": 65.11624145507812,
  "summary_fg_k": 2.467337006805832,
  "summary_fg_mad": 158.48618651140828,
  "summary_fg_mean": 614.48681640625,
  "summary_fg_median": 571.6378173828125,
  "summary_fg_n": 19438.0,
  "summary_fg_p05": 371.66136627197267,
  "summary_fg_p95": 1017.0916381835926,
  "summary_fg_stdv": 199.39794921875,
  "tsnr": 86.79588395264
}